{
  "aor": 0.0007502721088435374,
  "aqi": 0.005397251768707483,
  "bids_meta": {
    "AcquisitionMatrixPE": 64,
    "AcquisitionNumber": 1,
    "AcquisitionTime": "21:09:57.172500",
    "BandwidthPerPixelPhaseEncode": 40.064,
    "BaseResolution": 64,
    "BodyPartExamined": "BRAIN",
    "ConsistencyInfo": "N4_VD13A_LATEST_20120616",
    "ConversionSoftware": "dcm2niix",
    "ConversionSoftwareVersion": "v1.0.20180518 GCC4.8.5",
    "DerivedVendorReportedEchoSpacing": 0.000780002,
    "DeviceSerialNumber": "45031",
    "DwellTime": 5.4e-06,
    "EchoTime": 0.028,
    "EchoTrainLength": 32,
    "EffectiveEchoSpacing": 0.000390001,
    "FlipAngle": 64,
    "ImageOrientationPatientDICOM": [
      0.998647,
      -0.0465423,
      -0.0231948,
      0.0424357,
      0.987188,
      -0.153815
    ],
    "ImageType": [
      "ORIGINAL",
      "PRIMARY",
      "M",
      "ND",
      "NORM",
      "MOSAIC"
    ],
    "InPlanePhaseEncodingDirectionDICOM": "COL",
    "InstitutionAddress": "Washington_and_Faculty_Rd._-_Building_25_25_Princeton_NJ_US_085",
    "InstitutionName": "Princeton_University_-_Neuroscience_Institute",
    "InstitutionalDepartmentName": "Department",
    "MRAcquisitionType": "2D",
    "MagneticFieldStrength": 3,
    "Manufacturer": "Siemens",
    "ManufacturersModelName": "Skyra",
    "Modality": "MR",
    "ParallelReductionFactorInPlane": 2,
    "PartialFourier": 1,
    "PatientPosition": "HFS",
    "PercentPhaseFOV": 100,
    "PhaseEncodingDirection": "j-",
    "PhaseEncodingSteps": 64,
    "PhaseResolution": 1,
    "PixelBandwidth": 1445,
    "ProcedureStepDescription": "Turk-BrowneLab_Projects",
    "ProtocolName": "epi_3x3x4_1.5s_148TR",
    "PulseSequenceDetails": "%SiemensSeq%_ep2d_bold",
    "ReceiveCoilActiveElements": "HE1-4",
    "ReceiveCoilName": "HeadNeck_20",
    "ReconMatrixPE": 64,
    "RepetitionTime": 1.5,
    "SAR": 0.0941495,
    "ScanOptions": "FS",
    "ScanningSequence": "EP",
    "SequenceName": "_epfid2d1_64",
    "SequenceVariant": "SK",
    "SeriesDescription": "epi_3x3x4_1.5s_148TR",
    "SeriesNumber": 7,
    "ShimSetting": [
      3389,
      8694,
      9326,
      346,
      271,
      -221,
      102,
      122
    ],
    "SliceThickness": 4,
    "SliceTiming": [
      0.74,
      0,
      0.7975,
      0.0575,
      0.8525,
      0.1125,
      0.91,
      0.17,
      0.9675,
      0.2275,
      1.025,
      0.285,
      1.08,
      0.34,
      1.1375,
      0.3975,
      1.195,
      0.455,
      1.2525,
      0.5125,
      1.3075,
      0.5675,
      1.365,
      0.625,
      1.4225,
      0.6825
    ],
    "SoftwareVersions": "syngo_MR_D13",
    "SpacingBetweenSlices": 4,
    "StationName": "AWP45031",
    "TotalReadoutTime": 0.0245701,
    "TxRefAmp": 375.394,
    "dataset": "ds001430",
    "modality": "bold",
    "run_id": 3,
    "subject_id": "19",
    "task_id": "phase1"
  },
  "dummy_trs": 1,
  "dvars_nstd": 21.377233662054792,
  "dvars_std": 1.1606436152054795,
  "dvars_vstd": 1.0108617035616434,
  "efc": 0.6502188995087759,
  "fber": 1154.5133056640625,
  "fd_mean": 0.1691627777432029,
  "fd_num": 47,
  "fd_perc": 31.972789115646258,
  "fwhm_avg": 1.6641538888888892,
  "fwhm_x": 1.6412366666666667,
  "fwhm_y": 1.79085,
  "fwhm_z": 1.560375,
  "gcor": 0.00993788,
  "gsr_x": 0.0017869067378342152,
  "gsr_y": 0.041357770562171936,
  "provenance": {
    "md5sum": "28de837da0ce80f28a69ac4912942995",
    "settings": {
      "fd_thres": 0.2,
      "testing": false
    },
    "software": "mriqc",
    "version": "23.0.1",
    "webapi_port": null,
    "webapi_url": "https://mriqc.nimh.nih.gov/api/v1"
  },
  "size_t": 147,
  "size_x": 64,
  "size_y": 64,
  "size_z": 26,
  "snr": 7.226695978026066,
  "spacing_tr": 1.5,
  "spacing_x": 3.0,
  "spacing_y": 3.0,
  "spacing_z": 4.0,
  "summary_bg_k": 16.96024154070694,
  "summary_bg_mad": 14.1855773788735,
  "summary_bg_mean": 47.81794738769531,
  "summary_bg_median": 18.200679779052734,
  "summary_bg_n": 46062.0,
  "summary_bg_p05": 6.904761791229248,
  "summary_bg_p95": 194.94421157836905,
  "summary_bg_stdv": 75.18267822265625,
  "summary_fg_k": 3.193376642303444,
  "summary_fg_mad": 79.93953352207215,
  "summary_fg_mean": 658.2780151367188,
  "summary_fg_median": 649.5986328125,
  "summary_fg_n": 32619.0,
  "summary_fg_p05": 539.4333251953125,
  "summary_fg_p95": 810.9965942382811,
  "summary_fg_stdv": 89.88736724853516,
  "tsnr": 82.44620306231081
}