{
  "aor": 0.001034109589041096,
  "aqi": 0.00503730801369863,
  "bids_meta": {
    "AcquisitionMatrixPE": 64,
    "AcquisitionNumber": 1,
    "AcquisitionTime": "21:05:36.177500",
    "BandwidthPerPixelPhaseEncode": 40.064,
    "BaseResolution": 64,
    "BodyPartExamined": "BRAIN",
    "ConsistencyInfo": "N4_VD13A_LATEST_20120616",
    "ConversionSoftware": "dcm2niix",
    "ConversionSoftwareVersion": "v1.0.20180518 GCC4.8.5",
    "DerivedVendorReportedEchoSpacing": 0.000780002,
    "DeviceSerialNumber": "45031",
    "DwellTime": 5.4e-06,
    "EchoTime": 0.028,
    "EchoTrainLength": 32,
    "EffectiveEchoSpacing": 0.000390001,
    "FlipAngle": 64,
    "ImageOrientationPatientDICOM": [
      0.998647,
      -0.0465423,
      -0.0231948,
      0.0424357,
      0.987188,
      -0.153815
    ],
    "ImageType": [
      "ORIGINAL",
      "PRIMARY",
      "M",
      "ND",
      "NORM",
      "MOSAIC"
    ],
    "InPlanePhaseEncodingDirectionDICOM": "COL",
    "InstitutionAddress": "Washington_and_Faculty_Rd._-_Building_25_25_Princeton_NJ_US_085",
    "InstitutionName": "Princeton_University_-_Neuroscience_Institute",
    "InstitutionalDepartmentName": "Department",
    "MRAcquisitionType": "2D",
    "MagneticFieldStrength": 3,
    "Manufacturer": "Siemens",
    "ManufacturersModelName": "Skyra",
    "Modality": "MR",
    "ParallelReductionFactorInPlane": 2,
    "PartialFourier": 1,
    "PatientPosition": "HFS",
    "PercentPhaseFOV": 100,
    "PhaseEncodingDirection": "j-",
    "PhaseEncodingSteps": 64,
    "PhaseResolution": 1,
    "PixelBandwidth": 1445,
    "ProcedureStepDescription": "Turk-BrowneLab_Projects",
    "ProtocolName": "epi_3x3x4_1.5s_148TR",
    "PulseSequenceDetails": "%SiemensSeq%_ep2d_bold",
    "ReceiveCoilActiveElements": "HE1-4",
    "ReceiveCoilName": "HeadNeck_20",
    "ReconMatrixPE": 64,
    "RepetitionTime": 1.5,
    "SAR": 0.0941495,
    "ScanOptions": "FS",
    "ScanningSequence": "EP",
    "SequenceName": "_epfid2d1_64",
    "SequenceVariant": "SK",
    "SeriesDescription": "epi_3x3x4_1.5s_148TR",
    "SeriesNumber": 6,
    "ShimSetting": [
      3389,
      8694,
      9326,
      346,
      271,
      -221,
      102,
      122
    ],
    "SliceThickness": 4,
    "SliceTiming": [
      0.74,
      0,
      0.795,
      0.0575,
      0.8525,
      0.1125,
      0.91,
      0.17,
      0.9675,
      0.2275,
      1.025,
      0.285,
      1.08,
      0.34,
      1.1375,
      0.3975,
      1.195,
      0.455,
      1.2525,
      0.5125,
      1.3075,
      0.5675,
      1.365,
      0.625,
      1.4225,
      0.6825
    ],
    "SoftwareVersions": "syngo_MR_D13",
    "SpacingBetweenSlices": 4,
    "StationName": "AWP45031",
    "TotalReadoutTime": 0.0245701,
    "TxRefAmp": 375.394,
    "dataset": "ds001430",
    "modality": "bold",
    "run_id": 2,
    "subject_id": "19",
    "task_id": "phase1"
  },
  "dummy_trs": 2,
  "dvars_nstd": 21.08059752862069,
  "dvars_std": 1.1681273166206898,
  "dvars_vstd": 1.024289573931034,
  "efc": 0.649460814254786,
  "fber": 1149.99755859375,
  "fd_mean": 0.15047479662841143,
  "fd_num": 25,
  "fd_perc": 17.123287671232877,
  "fwhm_avg": 1.6711544444444444,
  "fwhm_x": 1.6452233333333333,
  "fwhm_y": 1.8003,
  "fwhm_z": 1.56794,
  "gcor": 0.0140565,
  "gsr_x": 0.002204036805778742,
  "gsr_y": 0.04064509645104408,
  "provenance": {
    "md5sum": "daa4600713a02b1457c1d8395c9d6d53",
    "settings": {
      "fd_thres": 0.2,
      "testing": false
    },
    "software": "mriqc",
    "version": "23.0.1",
    "webapi_port": null,
    "webapi_url": "https://mriqc.nimh.nih.gov/api/v1"
  },
  "size_t": 146,
  "size_x": 64,
  "size_y": 64,
  "size_z": 26,
  "snr": 7.196621376063377,
  "spacing_tr": 1.5,
  "spacing_x": 3.0,
  "spacing_y": 3.0,
  "spacing_z": 4.0,
  "summary_bg_k": 16.748725124436298,
  "summary_bg_mad": 14.074564890905295,
  "summary_bg_mean": 47.168922424316406,
  "summary_bg_median": 18.136985778808594,
  "summary_bg_n": 46094.0,
  "summary_bg_p05": 6.883561611175537,
  "summary_bg_p95": 192.98014144897454,
  "summary_bg_stdv": 73.85906219482422,
  "summary_fg_k": 3.166723170600477,
  "summary_fg_mad": 79.9183586612854,
  "summary_fg_mean": 657.4072265625,
  "summary_fg_median": 648.5342407226562,
  "summary_fg_n": 32583.0,
  "summary_fg_p05": 537.9246337890625,
  "summary_fg_p95": 811.6650817871091,
  "summary_fg_stdv": 90.11510467529297,
  "tsnr": 84.96943341917358
}