{
  "aor": 0.001143774834437086,
  "aqi": 0.007865967582781457,
  "bids_meta": {
    "AcquisitionMatrixPE": 64,
    "AcquisitionNumber": 1,
    "AcquisitionTime": "11:01:44.010000",
    "BandwidthPerPixelPhaseEncode": 40.064,
    "BaseResolution": 64,
    "BodyPartExamined": "BRAIN",
    "ConsistencyInfo": "N4_VD13A_LATEST_20120616",
    "ConversionSoftware": "dcm2niix",
    "ConversionSoftwareVersion": "v1.0.20180518 GCC4.8.5",
    "DerivedVendorReportedEchoSpacing": 0.000780002,
    "DeviceSerialNumber": "45031",
    "DwellTime": 5.4e-06,
    "EchoTime": 0.028,
    "EchoTrainLength": 32,
    "EffectiveEchoSpacing": 0.000390001,
    "FlipAngle": 64,
    "ImageOrientationPatientDICOM": [
      0.999355,
      0.0181427,
      0.0309738,
      -0.0176491,
      0.999714,
      -0.016137
    ],
    "ImageType": [
      "ORIGINAL",
      "PRIMARY",
      "M",
      "ND",
      "NORM",
      "MOSAIC"
    ],
    "InPlanePhaseEncodingDirectionDICOM": "COL",
    "InstitutionAddress": "Washington_and_Faculty_Rd._-_Building_25_25_Princeton_NJ_US_085",
    "InstitutionName": "Princeton_University_-_Neuroscience_Institute",
    "InstitutionalDepartmentName": "Department",
    "MRAcquisitionType": "2D",
    "MagneticFieldStrength": 3,
    "Manufacturer": "Siemens",
    "ManufacturersModelName": "Skyra",
    "Modality": "MR",
    "ParallelReductionFactorInPlane": 2,
    "PartialFourier": 1,
    "PatientPosition": "HFS",
    "PercentPhaseFOV": 100,
    "PhaseEncodingDirection": "j-",
    "PhaseEncodingSteps": 64,
    "PhaseResolution": 1,
    "PixelBandwidth": 1445,
    "ProcedureStepDescription": "Turk-BrowneLab_Projects",
    "ProtocolName": "epi_3x3x4_1.5s_302TR",
    "PulseSequenceDetails": "%SiemensSeq%_ep2d_bold",
    "ReceiveCoilActiveElements": "HE1-4",
    "ReceiveCoilName": "HeadNeck_20",
    "ReconMatrixPE": 64,
    "RepetitionTime": 1.5,
    "SAR": 0.0823977,
    "ScanOptions": "FS",
    "ScanningSequence": "EP",
    "SequenceName": "_epfid2d1_64",
    "SequenceVariant": "SK",
    "SeriesDescription": "epi_3x3x4_1.5s_302TR",
    "SeriesNumber": 13,
    "ShimSetting": [
      3413,
      8631,
      9343,
      321,
      45,
      238,
      171,
      138
    ],
    "SliceThickness": 4,
    "SliceTiming": [
      0.74,
      0,
      0.7975,
      0.0575,
      0.8525,
      0.1125,
      0.91,
      0.17,
      0.9675,
      0.2275,
      1.025,
      0.285,
      1.08,
      0.34,
      1.1375,
      0.3975,
      1.195,
      0.455,
      1.2525,
      0.5125,
      1.3075,
      0.5675,
      1.365,
      0.625,
      1.4225,
      0.6825
    ],
    "SoftwareVersions": "syngo_MR_D13",
    "SpacingBetweenSlices": 4,
    "StationName": "AWP45031",
    "TotalReadoutTime": 0.0245701,
    "TxRefAmp": 330.941,
    "dataset": "ds001430",
    "modality": "bold",
    "run_id": 1,
    "subject_id": "15",
    "task_id": "phase2"
  },
  "dummy_trs": 0,
  "dvars_nstd": 23.378617384916957,
  "dvars_std": 1.4217887573754135,
  "dvars_vstd": 1.0121367872093021,
  "efc": 0.6299491991843403,
  "fber": 1896.7374267578125,
  "fd_mean": 0.06763006545660202,
  "fd_num": 2,
  "fd_perc": 0.6622516556291391,
  "fwhm_avg": 1.6788191666666668,
  "fwhm_x": 1.6446100000000001,
  "fwhm_y": 1.853,
  "fwhm_z": 1.5388475,
  "gcor": 0.0159297,
  "gsr_x": -0.006687616463750601,
  "gsr_y": 0.05384470894932747,
  "provenance": {
    "md5sum": "18bd502e64145b1fe0ef13383f4f69e6",
    "settings": {
      "fd_thres": 0.2,
      "testing": false
    },
    "software": "mriqc",
    "version": "23.0.1",
    "webapi_port": null,
    "webapi_url": "https://mriqc.nimh.nih.gov/api/v1"
  },
  "size_t": 302,
  "size_x": 64,
  "size_y": 64,
  "size_z": 26,
  "snr": 7.494103399002676,
  "spacing_tr": 1.5,
  "spacing_x": 3.0,
  "spacing_y": 3.0,
  "spacing_z": 4.0,
  "summary_bg_k": 11.052951860542423,
  "summary_bg_mad": 11.571169236661792,
  "summary_bg_mean": 51.781158447265625,
  "summary_bg_median": 16.0264892578125,
  "summary_bg_n": 48527.0,
  "summary_bg_p05": 6.791390895843506,
  "summary_bg_p95": 233.52847595214837,
  "summary_bg_stdv": 81.36122131347656,
  "summary_fg_k": 3.1956663147233586,
  "summary_fg_mad": 88.07004662818238,
  "summary_fg_mean": 736.9453125,
  "summary_fg_median": 728.6837768554688,
  "summary_fg_n": 30194.0,
  "summary_fg_p05": 608.7844390869141,
  "summary_fg_p95": 896.9288146972656,
  "summary_fg_stdv": 97.23267364501953,
  "tsnr": 82.4576590557117
}