{
  "aor": 0.003220540540540541,
  "aqi": 0.0057472223648648655,
  "bids_meta": {
    "AcquisitionMatrixPE": 64,
    "AcquisitionNumber": 1,
    "AcquisitionTime": "10:50:13.600000",
    "BandwidthPerPixelPhaseEncode": 40.064,
    "BaseResolution": 64,
    "BodyPartExamined": "BRAIN",
    "ConsistencyInfo": "N4_VD13A_LATEST_20120616",
    "ConversionSoftware": "dcm2niix",
    "ConversionSoftwareVersion": "v1.0.20180518 GCC4.8.5",
    "DerivedVendorReportedEchoSpacing": 0.000780002,
    "DeviceSerialNumber": "45031",
    "DwellTime": 5.4e-06,
    "EchoTime": 0.028,
    "EchoTrainLength": 32,
    "EffectiveEchoSpacing": 0.000390001,
    "FlipAngle": 64,
    "ImageOrientationPatientDICOM": [
      0.999355,
      0.0181427,
      0.0309738,
      -0.0176491,
      0.999714,
      -0.016137
    ],
    "ImageType": [
      "ORIGINAL",
      "PRIMARY",
      "M",
      "ND",
      "NORM",
      "MOSAIC"
    ],
    "InPlanePhaseEncodingDirectionDICOM": "COL",
    "InstitutionAddress": "Washington_and_Faculty_Rd._-_Building_25_25_Princeton_NJ_US_085",
    "InstitutionName": "Princeton_University_-_Neuroscience_Institute",
    "InstitutionalDepartmentName": "Department",
    "MRAcquisitionType": "2D",
    "MagneticFieldStrength": 3,
    "Manufacturer": "Siemens",
    "ManufacturersModelName": "Skyra",
    "Modality": "MR",
    "ParallelReductionFactorInPlane": 2,
    "PartialFourier": 1,
    "PatientPosition": "HFS",
    "PercentPhaseFOV": 100,
    "PhaseEncodingDirection": "j-",
    "PhaseEncodingSteps": 64,
    "PhaseResolution": 1,
    "PixelBandwidth": 1445,
    "ProcedureStepDescription": "Turk-BrowneLab_Projects",
    "ProtocolName": "epi_3x3x4_1.5s_148TR",
    "PulseSequenceDetails": "%SiemensSeq%_ep2d_bold",
    "ReceiveCoilActiveElements": "HE1-4",
    "ReceiveCoilName": "HeadNeck_20",
    "ReconMatrixPE": 64,
    "RepetitionTime": 1.5,
    "SAR": 0.0823959,
    "ScanOptions": "FS",
    "ScanningSequence": "EP",
    "SequenceName": "_epfid2d1_64",
    "SequenceVariant": "SK",
    "SeriesDescription": "epi_3x3x4_1.5s_148TR",
    "SeriesNumber": 11,
    "ShimSetting": [
      3413,
      8631,
      9343,
      321,
      45,
      238,
      171,
      138
    ],
    "SliceThickness": 4,
    "SliceTiming": [
      0.74,
      0,
      0.7975,
      0.0575,
      0.855,
      0.115,
      0.9125,
      0.1725,
      0.97,
      0.23,
      1.025,
      0.285,
      1.0825,
      0.3425,
      1.14,
      0.4,
      1.1975,
      0.4575,
      1.2525,
      0.5125,
      1.31,
      0.57,
      1.3675,
      0.6275,
      1.425,
      0.685
    ],
    "SoftwareVersions": "syngo_MR_D13",
    "SpacingBetweenSlices": 4,
    "StationName": "AWP45031",
    "TotalReadoutTime": 0.0245701,
    "TxRefAmp": 330.941,
    "dataset": "ds001430",
    "modality": "bold",
    "run_id": 3,
    "subject_id": "15",
    "task_id": "phase1"
  },
  "dummy_trs": 0,
  "dvars_nstd": 23.204723993809512,
  "dvars_std": 1.435853548163265,
  "dvars_vstd": 1.0351240587755106,
  "efc": 0.6268234708544834,
  "fber": 2001.9920654296875,
  "fd_mean": 0.07333319923805322,
  "fd_num": 1,
  "fd_perc": 0.6756756756756757,
  "fwhm_avg": 1.6861986111111111,
  "fwhm_x": 1.65331,
  "fwhm_y": 1.8701633333333334,
  "fwhm_z": 1.5351225,
  "gcor": 0.0349731,
  "gsr_x": -0.00592351658269763,
  "gsr_y": 0.05336247757077217,
  "provenance": {
    "md5sum": "2b6ae1a06caa002d0fc3bef80c496517",
    "settings": {
      "fd_thres": 0.2,
      "testing": false
    },
    "software": "mriqc",
    "version": "23.0.1",
    "webapi_port": null,
    "webapi_url": "https://mriqc.nimh.nih.gov/api/v1"
  },
  "size_t": 148,
  "size_x": 64,
  "size_y": 64,
  "size_z": 26,
  "snr": 7.436166186831253,
  "spacing_tr": 1.5,
  "spacing_x": 3.0,
  "spacing_y": 3.0,
  "spacing_z": 4.0,
  "summary_bg_k": 12.558479989318133,
  "summary_bg_mad": 10.829007050337735,
  "summary_bg_mean": 49.590911865234375,
  "summary_bg_median": 15.520270347595215,
  "summary_bg_n": 48688.0,
  "summary_bg_p05": 6.817567825317383,
  "summary_bg_p95": 224.4027122497559,
  "summary_bg_stdv": 78.80402374267578,
  "summary_fg_k": 3.0394336028194964,
  "summary_fg_mad": 88.90106942320473,
  "summary_fg_mean": 738.8409423828125,
  "summary_fg_median": 729.6824340820312,
  "summary_fg_n": 30042.0,
  "summary_fg_p05": 609.7841491699219,
  "summary_fg_p95": 901.7959503173828,
  "summary_fg_stdv": 98.12452697753906,
  "tsnr": 90.39189113886096
}