{
  "aor": 0.01797310185185185,
  "aqi": 0.01253913574074074,
  "bids_meta": {
    "AcquisitionMatrixPE": 64,
    "AcquisitionNumber": 1,
    "AcquisitionTime": "11:48:54.752500",
    "BandwidthPerPixelPhaseEncode": 40.064,
    "BaseResolution": 64,
    "BodyPartExamined": "BRAIN",
    "ConsistencyInfo": "N4_VD13A_LATEST_20120616",
    "ConversionSoftware": "dcm2niix",
    "ConversionSoftwareVersion": "v1.0.20180518 GCC4.8.5",
    "DerivedVendorReportedEchoSpacing": 0.000780002,
    "DeviceSerialNumber": "45031",
    "DwellTime": 5.4e-06,
    "EchoTime": 0.028,
    "EchoTrainLength": 32,
    "EffectiveEchoSpacing": 0.000390001,
    "FlipAngle": 64,
    "ImageOrientationPatientDICOM": [
      0.999355,
      0.0181427,
      0.0309738,
      -0.0176491,
      0.999714,
      -0.016137
    ],
    "ImageType": [
      "ORIGINAL",
      "PRIMARY",
      "M",
      "ND",
      "NORM",
      "MOSAIC"
    ],
    "InPlanePhaseEncodingDirectionDICOM": "COL",
    "InstitutionAddress": "Washington_and_Faculty_Rd._-_Building_25_25_Princeton_NJ_US_085",
    "InstitutionName": "Princeton_University_-_Neuroscience_Institute",
    "InstitutionalDepartmentName": "Department",
    "MRAcquisitionType": "2D",
    "MagneticFieldStrength": 3,
    "Manufacturer": "Siemens",
    "ManufacturersModelName": "Skyra",
    "Modality": "MR",
    "ParallelReductionFactorInPlane": 2,
    "PartialFourier": 1,
    "PatientPosition": "HFS",
    "PercentPhaseFOV": 100,
    "PhaseEncodingDirection": "j-",
    "PhaseEncodingSteps": 64,
    "PhaseResolution": 1,
    "PixelBandwidth": 1445,
    "ProcedureStepDescription": "Turk-BrowneLab_Projects",
    "ProtocolName": "epi_3x3x4_1.5s_216TR",
    "PulseSequenceDetails": "%SiemensSeq%_ep2d_bold",
    "ReceiveCoilActiveElements": "HE1-4",
    "ReceiveCoilName": "HeadNeck_20",
    "ReconMatrixPE": 64,
    "RepetitionTime": 1.5,
    "SAR": 0.082397,
    "ScanOptions": "FS",
    "ScanningSequence": "EP",
    "SequenceName": "_epfid2d1_64",
    "SequenceVariant": "SK",
    "SeriesDescription": "epi_3x3x4_1.5s_216TR",
    "SeriesNumber": 18,
    "ShimSetting": [
      3413,
      8631,
      9343,
      321,
      45,
      238,
      171,
      138
    ],
    "SliceThickness": 4,
    "SliceTiming": [
      0.74,
      0,
      0.7975,
      0.0575,
      0.855,
      0.115,
      0.9125,
      0.1725,
      0.9675,
      0.2275,
      1.025,
      0.285,
      1.0825,
      0.3425,
      1.14,
      0.4,
      1.195,
      0.455,
      1.2525,
      0.5125,
      1.31,
      0.57,
      1.3675,
      0.6275,
      1.425,
      0.685
    ],
    "SoftwareVersions": "syngo_MR_D13",
    "SpacingBetweenSlices": 4,
    "StationName": "AWP45031",
    "TotalReadoutTime": 0.0245701,
    "TxRefAmp": 330.941,
    "dataset": "ds001430",
    "modality": "bold",
    "run_id": 3,
    "subject_id": "15",
    "task_id": "loc"
  },
  "dummy_trs": 0,
  "dvars_nstd": 22.43699019674419,
  "dvars_std": 1.4153611033023261,
  "dvars_vstd": 1.1513251932558135,
  "efc": 0.6272140172474809,
  "fber": 2058.154296875,
  "fd_mean": 0.09079029987883022,
  "fd_num": 9,
  "fd_perc": 4.166666666666667,
  "fwhm_avg": 1.7179463888888888,
  "fwhm_x": 1.6951733333333332,
  "fwhm_y": 1.9157633333333333,
  "fwhm_z": 1.5429025,
  "gcor": 0.0237049,
  "gsr_x": -0.002618982456624508,
  "gsr_y": 0.05511654540896416,
  "provenance": {
    "md5sum": "77d3e6adf13650a93ff76ad55552d59b",
    "settings": {
      "fd_thres": 0.2,
      "testing": false
    },
    "software": "mriqc",
    "version": "23.0.1",
    "webapi_port": null,
    "webapi_url": "https://mriqc.nimh.nih.gov/api/v1"
  },
  "size_t": 216,
  "size_x": 64,
  "size_y": 64,
  "size_z": 26,
  "snr": 7.452704695727754,
  "spacing_tr": 1.5,
  "spacing_x": 3.0,
  "spacing_y": 3.0,
  "spacing_z": 4.0,
  "summary_bg_k": 10.694463511970884,
  "summary_bg_mad": 11.023422417127303,
  "summary_bg_mean": 51.65751266479492,
  "summary_bg_median": 15.370370864868164,
  "summary_bg_n": 48849.0,
  "summary_bg_p05": 6.611111164093018,
  "summary_bg_p95": 235.14444580078103,
  "summary_bg_stdv": 81.93061828613281,
  "summary_fg_k": 2.8692011618531463,
  "summary_fg_mad": 86.979360315948,
  "summary_fg_mean": 734.4503173828125,
  "summary_fg_median": 724.763916015625,
  "summary_fg_n": 29962.0,
  "summary_fg_p05": 605.5981536865235,
  "summary_fg_p95": 899.0132202148437,
  "summary_fg_stdv": 97.24681854248047,
  "tsnr": 65.464945953805
}