{
  "bids_meta": {
    "AcquisitionMatrixPE": 256,
    "AcquisitionNumber": 1,
    "AcquisitionTime": "11:51:49.690000",
    "BaseResolution": 256,
    "BodyPartExamined": "BRAIN",
    "ConsistencyInfo": "N4_VD13A_LATEST_20120616",
    "ConversionSoftware": "dcm2niix",
    "ConversionSoftwareVersion": "v1.0.20180518 GCC4.8.5",
    "DeviceSerialNumber": "45031",
    "DwellTime": 8.2e-06,
    "EchoTime": 0.00298,
    "FlipAngle": 9,
    "ImageOrientationPatientDICOM": [
      -0.0673748,
      0.983516,
      0.167798,
      0.0676456,
      0.172296,
      -0.98272
    ],
    "ImageType": [
      "ORIGINAL",
      "PRIMARY",
      "M",
      "ND",
      "NORM"
    ],
    "InPlanePhaseEncodingDirectionDICOM": "ROW",
    "InstitutionAddress": "Washington_and_Faculty_Rd._-_Building_25_25_Princeton_NJ_US_085",
    "InstitutionName": "Princeton_University_-_Neuroscience_Institute",
    "InstitutionalDepartmentName": "Department",
    "InversionTime": 0.9,
    "MRAcquisitionType": "3D",
    "MagneticFieldStrength": 3,
    "Manufacturer": "Siemens",
    "ManufacturersModelName": "Skyra",
    "Modality": "MR",
    "ParallelReductionFactorInPlane": 2,
    "PartialFourier": 1,
    "PatientPosition": "HFS",
    "PercentPhaseFOV": 100,
    "PhaseEncodingSteps": 255,
    "PhaseResolution": 1,
    "PixelBandwidth": 240,
    "ProcedureStepDescription": "Turk-BrowneLab_Projects",
    "ProtocolName": "mprage_1x1x1_medium",
    "PulseSequenceDetails": "%SiemensSeq%_tfl",
    "ReceiveCoilActiveElements": "HE1-4",
    "ReceiveCoilName": "HeadNeck_20",
    "ReconMatrixPE": 256,
    "RepetitionTime": 2.3,
    "SAR": 0.0703762,
    "ScanOptions": "IR",
    "ScanningSequence": "GR_IR",
    "SequenceName": "_tfl3d1_16ns",
    "SequenceVariant": "SK_SP_MP",
    "SeriesDescription": "mprage_1x1x1_medium",
    "SeriesNumber": 15,
    "ShimSetting": [
      3409,
      8662,
      9230,
      167,
      83,
      -463,
      246,
      69
    ],
    "SliceThickness": 1,
    "SoftwareVersions": "syngo_MR_D13",
    "StationName": "AWP45031",
    "TxRefAmp": 358.738,
    "dataset": "ds001430",
    "modality": "T1w",
    "subject_id": "28"
  },
  "cjv": 0.3685695471456534,
  "cnr": 3.6178796013270214,
  "efc": 0.49765888947052145,
  "fber": 26603.85111590234,
  "fwhm_avg": 3.5989758344527605,
  "fwhm_x": 3.5967275033582817,
  "fwhm_y": 3.83093,
  "fwhm_z": 3.36927,
  "icvs_csf": 0.20274929615965867,
  "icvs_gm": 0.4523617424717789,
  "icvs_wm": 0.3448889613685624,
  "inu_med": 0.5695111155509949,
  "inu_range": 0.22278885841369622,
  "provenance": {
    "md5sum": "212ef524a54b69cfd148c1fca8e72903",
    "settings": {
      "testing": false
    },
    "software": "mriqc",
    "version": "23.0.1",
    "warnings": {
      "large_rot_frame": true,
      "small_air_mask": false
    },
    "webapi_port": null,
    "webapi_url": "https://mriqc.nimh.nih.gov/api/v1"
  },
  "qi_1": 0.0,
  "qi_2": 0.012582418102649949,
  "rpve_csf": 25.501891512475414,
  "rpve_gm": 12.346917638358631,
  "rpve_wm": 18.185336170324163,
  "size_x": 192,
  "size_y": 256,
  "size_z": 256,
  "snr_csf": 2.387358722098336,
  "snr_gm": 10.006887149106259,
  "snr_total": 11.371011868989077,
  "snr_wm": 21.71878973576263,
  "snrd_csf": 25.642869537773013,
  "snrd_gm": 70.84969398293107,
  "snrd_total": 66.04622540351556,
  "snrd_wm": 101.6461126898426,
  "spacing_x": 0.9999979138374329,
  "spacing_y": 1.0,
  "spacing_z": 1.0,
  "summary_bg_k": 14.339547537954548,
  "summary_bg_mad": 0.0,
  "summary_bg_mean": 3.621624550337261,
  "summary_bg_median": 0.0,
  "summary_bg_n": 3411606.0,
  "summary_bg_p05": 0.0,
  "summary_bg_p95": 15.025988906621933,
  "summary_bg_stdv": 6.44526787268691,
  "summary_csf_k": 10.627699689166366,
  "summary_csf_mad": 71.90002207459369,
  "summary_csf_mean": 264.75503191326976,
  "summary_csf_median": 252.27595840394497,
  "summary_csf_n": 43422.0,
  "summary_csf_p05": 111.8317887157202,
  "summary_csf_p95": 453.32967516928903,
  "summary_csf_stdv": 105.6703590958394,
  "summary_gm_k": 0.10598778877305426,
  "summary_gm_mad": 67.81346674394936,
  "summary_gm_mean": 697.0715374966449,
  "summary_gm_median": 697.0231793224812,
  "summary_gm_n": 42556.0,
  "summary_gm_p05": 582.4460762813687,
  "summary_gm_p95": 813.4903438612819,
  "summary_gm_stdv": 69.65352755624626,
  "summary_wm_k": 0.5813330150965759,
  "summary_wm_mad": 43.85457663400031,
  "summary_wm_mean": 1000.1066275883609,
  "summary_wm_median": 1000.0000374019146,
  "summary_wm_n": 208866.0,
  "summary_wm_p05": 925.2166041433811,
  "summary_wm_p95": 1075.0354788601398,
  "summary_wm_stdv": 46.0429727294156,
  "tpm_overlap_csf": 0.16412367062601568,
  "tpm_overlap_gm": 0.4734959172171282,
  "tpm_overlap_wm": 0.5052780111249572,
  "wm2max": 0.6096068684767761
}