{
  "bids_meta": {
    "AcquisitionMatrixPE": 256,
    "AcquisitionNumber": 1,
    "AcquisitionTime": "14:46:24.697500",
    "BaseResolution": 256,
    "BodyPartExamined": "BRAIN",
    "ConsistencyInfo": "N4_VD13A_LATEST_20120616",
    "ConversionSoftware": "dcm2niix",
    "ConversionSoftwareVersion": "v1.0.20180518 GCC4.8.5",
    "DeviceSerialNumber": "45031",
    "DwellTime": 8.2e-06,
    "EchoTime": 0.00298,
    "FlipAngle": 9,
    "ImageOrientationPatientDICOM": [
      -0.0917948,
      0.995739,
      0.00880394,
      0.0925817,
      0.0173372,
      -0.995554
    ],
    "ImageType": [
      "ORIGINAL",
      "PRIMARY",
      "M",
      "ND",
      "NORM"
    ],
    "InPlanePhaseEncodingDirectionDICOM": "ROW",
    "InstitutionAddress": "Washington_and_Faculty_Rd._-_Building_25_25_Princeton_NJ_US_085",
    "InstitutionName": "Princeton_University_-_Neuroscience_Institute",
    "InstitutionalDepartmentName": "Department",
    "InversionTime": 0.9,
    "MRAcquisitionType": "3D",
    "MagneticFieldStrength": 3,
    "Manufacturer": "Siemens",
    "ManufacturersModelName": "Skyra",
    "Modality": "MR",
    "ParallelReductionFactorInPlane": 2,
    "PartialFourier": 1,
    "PatientPosition": "HFS",
    "PercentPhaseFOV": 100,
    "PhaseEncodingSteps": 255,
    "PhaseResolution": 1,
    "PixelBandwidth": 240,
    "ProcedureStepDescription": "Turk-BrowneLab_Projects",
    "ProtocolName": "mprage_1x1x1_medium",
    "PulseSequenceDetails": "%SiemensSeq%_tfl",
    "ReceiveCoilActiveElements": "HE1-4",
    "ReceiveCoilName": "HeadNeck_20",
    "ReconMatrixPE": 256,
    "RepetitionTime": 2.3,
    "SAR": 0.0771004,
    "ScanOptions": "IR",
    "ScanningSequence": "GR_IR",
    "SequenceName": "_tfl3d1_16ns",
    "SequenceVariant": "SK_SP_MP",
    "SeriesDescription": "mprage_1x1x1_medium",
    "SeriesNumber": 15,
    "ShimSetting": [
      3373,
      8622,
      9236,
      178,
      61,
      -323,
      151,
      3
    ],
    "SliceThickness": 1,
    "SoftwareVersions": "syngo_MR_D13",
    "StationName": "AWP45031",
    "TxRefAmp": 360.581,
    "dataset": "ds001430",
    "modality": "T1w",
    "subject_id": "30"
  },
  "cjv": 0.32766311070020887,
  "cnr": 4.065305584392759,
  "efc": 0.48235498446912717,
  "fber": 14469.17378328742,
  "fwhm_avg": 3.6627506961535,
  "fwhm_x": 3.7563220884605,
  "fwhm_y": 3.89168,
  "fwhm_z": 3.34025,
  "icvs_csf": 0.20418667674812144,
  "icvs_gm": 0.4742552105676019,
  "icvs_wm": 0.32155811268427664,
  "inu_med": 0.5911540389060974,
  "inu_range": 0.22083543539047235,
  "provenance": {
    "md5sum": "a693a394485234b643f3bcceb11fc9f9",
    "settings": {
      "testing": false
    },
    "software": "mriqc",
    "version": "23.0.1",
    "warnings": {
      "large_rot_frame": true,
      "small_air_mask": false
    },
    "webapi_port": null,
    "webapi_url": "https://mriqc.nimh.nih.gov/api/v1"
  },
  "qi_1": 0.0,
  "qi_2": 0.011483673034744537,
  "rpve_csf": 29.028317557535264,
  "rpve_gm": 13.503633356557296,
  "rpve_wm": 21.483020377607296,
  "size_x": 192,
  "size_y": 256,
  "size_z": 256,
  "snr_csf": 2.0438051687534147,
  "snr_gm": 11.27052457116175,
  "snr_total": 11.167592223258035,
  "snr_wm": 20.188446929858937,
  "snrd_csf": 12.71908354437499,
  "snrd_gm": 35.65748847759181,
  "snrd_total": 33.63238817624683,
  "snrd_wm": 52.52059250677367,
  "spacing_x": 1.000004768371582,
  "spacing_y": 1.0,
  "spacing_z": 1.0,
  "summary_bg_k": 2518.580922326939,
  "summary_bg_mad": 0.0,
  "summary_bg_mean": 4.404339730652062,
  "summary_bg_median": 0.0,
  "summary_bg_n": 3668178.0,
  "summary_bg_p05": 0.0,
  "summary_bg_p95": 19.656851649284363,
  "summary_bg_stdv": 12.473895380535321,
  "summary_csf_k": 0.9030127379513404,
  "summary_csf_mad": 113.0872780199313,
  "summary_csf_mean": 255.54819986598278,
  "summary_csf_median": 242.17325959727168,
  "summary_csf_n": 32152.0,
  "summary_csf_p05": 86.16818158328533,
  "summary_csf_p95": 474.7913405533879,
  "summary_csf_stdv": 118.48952003939726,
  "summary_gm_k": 0.2228940110642994,
  "summary_gm_mad": 58.03534845343878,
  "summary_gm_mean": 678.6313835124314,
  "summary_gm_median": 678.9239321798086,
  "summary_gm_n": 43660.0,
  "summary_gm_p05": 578.4791148081422,
  "summary_gm_p95": 777.5471016615629,
  "summary_gm_stdv": 60.23820388513724,
  "summary_wm_k": 0.3873967472852917,
  "summary_wm_mad": 47.169422823087146,
  "summary_wm_mean": 999.0498084261925,
  "summary_wm_median": 999.9999637529254,
  "summary_wm_n": 167764.0,
  "summary_wm_p05": 915.9499773904681,
  "summary_wm_p95": 1078.5850064456463,
  "summary_wm_stdv": 49.53313084685028,
  "tpm_overlap_csf": 0.1374716813100295,
  "tpm_overlap_gm": 0.4742572906534384,
  "tpm_overlap_wm": 0.49865724769890246,
  "wm2max": 0.47396658468311603
}