{
  "aor": 0.0008168981481481481,
  "aqi": 0.00482147087962963,
  "bids_meta": {
    "AcquisitionMatrixPE": 64,
    "AcquisitionNumber": 1,
    "AcquisitionTime": "15:39:27.990000",
    "BandwidthPerPixelPhaseEncode": 40.064,
    "BaseResolution": 64,
    "BodyPartExamined": "BRAIN",
    "ConsistencyInfo": "N4_VD13A_LATEST_20120616",
    "ConversionSoftware": "dcm2niix",
    "ConversionSoftwareVersion": "v1.0.20180518 GCC4.8.5",
    "DerivedVendorReportedEchoSpacing": 0.000780002,
    "DeviceSerialNumber": "45031",
    "DwellTime": 5.4e-06,
    "EchoTime": 0.028,
    "EchoTrainLength": 32,
    "EffectiveEchoSpacing": 0.000390001,
    "FlipAngle": 64,
    "ImageOrientationPatientDICOM": [
      0.99285,
      -0.00109741,
      0.119366,
      0.021588,
      0.98512,
      -0.170506
    ],
    "ImageType": [
      "ORIGINAL",
      "PRIMARY",
      "M",
      "ND",
      "NORM",
      "MOSAIC"
    ],
    "InPlanePhaseEncodingDirectionDICOM": "COL",
    "InstitutionAddress": "Washington_and_Faculty_Rd._-_Building_25_25_Princeton_NJ_US_085",
    "InstitutionName": "Princeton_University_-_Neuroscience_Institute",
    "InstitutionalDepartmentName": "Department",
    "MRAcquisitionType": "2D",
    "MagneticFieldStrength": 3,
    "Manufacturer": "Siemens",
    "ManufacturersModelName": "Skyra",
    "Modality": "MR",
    "ParallelReductionFactorInPlane": 2,
    "PartialFourier": 1,
    "PatientPosition": "HFS",
    "PercentPhaseFOV": 100,
    "PhaseEncodingDirection": "j-",
    "PhaseEncodingSteps": 64,
    "PhaseResolution": 1,
    "PixelBandwidth": 1445,
    "ProcedureStepDescription": "Turk-BrowneLab_Projects",
    "ProtocolName": "epi_3x3x4_1.5s_216TR",
    "PulseSequenceDetails": "%SiemensSeq%_ep2d_bold",
    "ReceiveCoilActiveElements": "HE1-4",
    "ReceiveCoilName": "HeadNeck_20",
    "ReconMatrixPE": 64,
    "RepetitionTime": 1.5,
    "SAR": 0.0851001,
    "ScanOptions": "FS",
    "ScanningSequence": "EP",
    "SequenceName": "_epfid2d1_64",
    "SequenceVariant": "SK",
    "SeriesDescription": "epi_3x3x4_1.5s_216TR",
    "SeriesNumber": 12,
    "ShimSetting": [
      3397,
      8623,
      9201,
      452,
      55,
      -264,
      532,
      -82
    ],
    "SliceThickness": 4,
    "SliceTiming": [
      0.74,
      0,
      0.7975,
      0.0575,
      0.855,
      0.115,
      0.9125,
      0.1725,
      0.9675,
      0.2275,
      1.025,
      0.285,
      1.0825,
      0.3425,
      1.14,
      0.4,
      1.195,
      0.455,
      1.2525,
      0.5125,
      1.31,
      0.57,
      1.3675,
      0.6275,
      1.4225,
      0.685
    ],
    "SoftwareVersions": "syngo_MR_D13",
    "SpacingBetweenSlices": 4,
    "StationName": "AWP45031",
    "TotalReadoutTime": 0.0245701,
    "TxRefAmp": 354.001,
    "dataset": "ds001430",
    "modality": "bold",
    "run_id": 1,
    "subject_id": "04",
    "task_id": "loc"
  },
  "dummy_trs": 0,
  "dvars_nstd": 21.958891686418607,
  "dvars_std": 1.2692420799069768,
  "dvars_vstd": 1.0095764937674419,
  "efc": 0.6263270639631027,
  "fber": 1341.911865234375,
  "fd_mean": 0.09144518935753526,
  "fd_num": 0,
  "fd_perc": 0.0,
  "fwhm_avg": 1.685566111111111,
  "fwhm_x": 1.6668866666666666,
  "fwhm_y": 1.8161966666666667,
  "fwhm_z": 1.573615,
  "gcor": 0.0326079,
  "gsr_x": 0.00277318456210196,
  "gsr_y": 0.04901508241891861,
  "provenance": {
    "md5sum": "6bbca82ff948cf107243b8e97a78d496",
    "settings": {
      "fd_thres": 0.2,
      "testing": false
    },
    "software": "mriqc",
    "version": "23.0.1",
    "webapi_port": null,
    "webapi_url": "https://mriqc.nimh.nih.gov/api/v1"
  },
  "size_t": 216,
  "size_x": 64,
  "size_y": 64,
  "size_z": 26,
  "snr": 6.75945030838148,
  "spacing_tr": 1.5,
  "spacing_x": 3.0,
  "spacing_y": 3.0,
  "spacing_z": 4.0,
  "summary_bg_k": 16.501793344217496,
  "summary_bg_mad": 15.18294428677049,
  "summary_bg_mean": 54.903499603271484,
  "summary_bg_median": 18.18055534362793,
  "summary_bg_n": 50173.0,
  "summary_bg_p05": 6.81944465637207,
  "summary_bg_p95": 225.11389465331993,
  "summary_bg_stdv": 87.43946075439453,
  "summary_fg_k": 1.5509926234021618,
  "summary_fg_mad": 101.81225980621682,
  "summary_fg_mean": 708.5098876953125,
  "summary_fg_median": 698.763916015625,
  "summary_fg_n": 29163.0,
  "summary_fg_p05": 569.11484375,
  "summary_fg_p95": 881.4486389160155,
  "summary_fg_stdv": 103.37407684326172,
  "tsnr": 85.44387844216544
}