{
  "aor": 0.00029575,
  "aqi": 0.006423417325000001,
  "bids_meta": {
    "AcquisitionMatrixPE": 64,
    "AcquisitionNumber": 1,
    "AcquisitionTime": "15:27:7.207500",
    "BandwidthPerPixelPhaseEncode": 40.064,
    "BaseResolution": 64,
    "BodyPartExamined": "BRAIN",
    "ConsistencyInfo": "N4_VD13A_LATEST_20120616",
    "ConversionSoftware": "dcm2niix",
    "ConversionSoftwareVersion": "v1.0.20180518 GCC4.8.5",
    "DerivedVendorReportedEchoSpacing": 0.000780002,
    "DeviceSerialNumber": "45031",
    "DwellTime": 5.4e-06,
    "EchoTime": 0.028,
    "EchoTrainLength": 32,
    "EffectiveEchoSpacing": 0.000390001,
    "FlipAngle": 64,
    "ImageOrientationPatientDICOM": [
      0.99285,
      -0.00109741,
      0.119366,
      0.021588,
      0.98512,
      -0.170506
    ],
    "ImageType": [
      "ORIGINAL",
      "PRIMARY",
      "M",
      "ND",
      "NORM",
      "MOSAIC"
    ],
    "InPlanePhaseEncodingDirectionDICOM": "COL",
    "InstitutionAddress": "Washington_and_Faculty_Rd._-_Building_25_25_Princeton_NJ_US_085",
    "InstitutionName": "Princeton_University_-_Neuroscience_Institute",
    "InstitutionalDepartmentName": "Department",
    "MRAcquisitionType": "2D",
    "MagneticFieldStrength": 3,
    "Manufacturer": "Siemens",
    "ManufacturersModelName": "Skyra",
    "Modality": "MR",
    "ParallelReductionFactorInPlane": 2,
    "PartialFourier": 1,
    "PatientPosition": "HFS",
    "PercentPhaseFOV": 100,
    "PhaseEncodingDirection": "j-",
    "PhaseEncodingSteps": 64,
    "PhaseResolution": 1,
    "PixelBandwidth": 1445,
    "ProcedureStepDescription": "Turk-BrowneLab_Projects",
    "ProtocolName": "epi_3x3x4_1.5s_400TR",
    "PulseSequenceDetails": "%SiemensSeq%_ep2d_bold",
    "ReceiveCoilActiveElements": "HE1-4",
    "ReceiveCoilName": "HeadNeck_20",
    "ReconMatrixPE": 64,
    "RepetitionTime": 1.5,
    "SAR": 0.0851013,
    "ScanOptions": "FS",
    "ScanningSequence": "EP",
    "SequenceName": "_epfid2d1_64",
    "SequenceVariant": "SK",
    "SeriesDescription": "epi_3x3x4_1.5s_400TR",
    "SeriesNumber": 11,
    "ShimSetting": [
      3397,
      8623,
      9201,
      452,
      55,
      -264,
      532,
      -82
    ],
    "SliceThickness": 4,
    "SliceTiming": [
      0.74,
      0,
      0.7975,
      0.0575,
      0.855,
      0.115,
      0.91,
      0.17,
      0.9675,
      0.2275,
      1.025,
      0.285,
      1.0825,
      0.3425,
      1.1375,
      0.3975,
      1.195,
      0.455,
      1.2525,
      0.5125,
      1.31,
      0.57,
      1.365,
      0.625,
      1.4225,
      0.6825
    ],
    "SoftwareVersions": "syngo_MR_D13",
    "SpacingBetweenSlices": 4,
    "StationName": "AWP45031",
    "TotalReadoutTime": 0.0245701,
    "TxRefAmp": 354.001,
    "dataset": "ds001430",
    "modality": "bold",
    "run_id": 2,
    "subject_id": "04",
    "task_id": "phase3"
  },
  "dummy_trs": 0,
  "dvars_nstd": 21.516464529899725,
  "dvars_std": 1.232691984912282,
  "dvars_vstd": 0.9813833394235592,
  "efc": 0.6253820101976215,
  "fber": 1387.7109375,
  "fd_mean": 0.08751461588120431,
  "fd_num": 0,
  "fd_perc": 0.0,
  "fwhm_avg": 1.6878330555555554,
  "fwhm_x": 1.6640666666666668,
  "fwhm_y": 1.8230199999999999,
  "fwhm_z": 1.5764125,
  "gcor": 0.0156742,
  "gsr_x": 0.002339850412681699,
  "gsr_y": 0.04857921972870827,
  "provenance": {
    "md5sum": "6aa7f9c338e570e2dd72ac0173bcbefe",
    "settings": {
      "fd_thres": 0.2,
      "testing": false
    },
    "software": "mriqc",
    "version": "23.0.1",
    "webapi_port": null,
    "webapi_url": "https://mriqc.nimh.nih.gov/api/v1"
  },
  "size_t": 400,
  "size_x": 64,
  "size_y": 64,
  "size_z": 26,
  "snr": 6.777567670726944,
  "spacing_tr": 1.5,
  "spacing_x": 3.0,
  "spacing_y": 3.0,
  "spacing_z": 4.0,
  "summary_bg_k": 17.228557852428132,
  "summary_bg_mad": 15.020613938322828,
  "summary_bg_mean": 54.30415725708008,
  "summary_bg_median": 18.0049991607666,
  "summary_bg_n": 50192.0,
  "summary_bg_p05": 6.724999904632568,
  "summary_bg_p95": 222.92461853027305,
  "summary_bg_stdv": 87.17312622070312,
  "summary_fg_k": 1.4288389726748694,
  "summary_fg_mad": 103.2335997138137,
  "summary_fg_mean": 712.7410888671875,
  "summary_fg_median": 703.2249755859375,
  "summary_fg_n": 29183.0,
  "summary_fg_p05": 572.1579711914062,
  "summary_fg_p95": 887.2882324218749,
  "summary_fg_stdv": 103.75594329833984,
  "tsnr": 77.48442308593076
}