{
  "aor": 0.0008317567567567567,
  "aqi": 0.0044119911486486495,
  "bids_meta": {
    "AcquisitionMatrixPE": 64,
    "AcquisitionNumber": 1,
    "AcquisitionTime": "14:52:15.832500",
    "BandwidthPerPixelPhaseEncode": 40.064,
    "BaseResolution": 64,
    "BodyPartExamined": "BRAIN",
    "ConsistencyInfo": "N4_VD13A_LATEST_20120616",
    "ConversionSoftware": "dcm2niix",
    "ConversionSoftwareVersion": "v1.0.20180518 GCC4.8.5",
    "DerivedVendorReportedEchoSpacing": 0.000780002,
    "DeviceSerialNumber": "45031",
    "DwellTime": 5.4e-06,
    "EchoTime": 0.028,
    "EchoTrainLength": 32,
    "EffectiveEchoSpacing": 0.000390001,
    "FlipAngle": 64,
    "ImageOrientationPatientDICOM": [
      0.99285,
      -0.00109741,
      0.119366,
      0.021588,
      0.98512,
      -0.170506
    ],
    "ImageType": [
      "ORIGINAL",
      "PRIMARY",
      "M",
      "ND",
      "NORM",
      "MOSAIC"
    ],
    "InPlanePhaseEncodingDirectionDICOM": "COL",
    "InstitutionAddress": "Washington_and_Faculty_Rd._-_Building_25_25_Princeton_NJ_US_085",
    "InstitutionName": "Princeton_University_-_Neuroscience_Institute",
    "InstitutionalDepartmentName": "Department",
    "MRAcquisitionType": "2D",
    "MagneticFieldStrength": 3,
    "Manufacturer": "Siemens",
    "ManufacturersModelName": "Skyra",
    "Modality": "MR",
    "ParallelReductionFactorInPlane": 2,
    "PartialFourier": 1,
    "PatientPosition": "HFS",
    "PercentPhaseFOV": 100,
    "PhaseEncodingDirection": "j-",
    "PhaseEncodingSteps": 64,
    "PhaseResolution": 1,
    "PixelBandwidth": 1445,
    "ProcedureStepDescription": "Turk-BrowneLab_Projects",
    "ProtocolName": "epi_3x3x4_1.5s_148TR",
    "PulseSequenceDetails": "%SiemensSeq%_ep2d_bold",
    "ReceiveCoilActiveElements": "HE1-4",
    "ReceiveCoilName": "HeadNeck_20",
    "ReconMatrixPE": 64,
    "RepetitionTime": 1.5,
    "SAR": 0.085099,
    "ScanOptions": "FS",
    "ScanningSequence": "EP",
    "SequenceName": "_epfid2d1_64",
    "SequenceVariant": "SK",
    "SeriesDescription": "epi_3x3x4_1.5s_148TR",
    "SeriesNumber": 7,
    "ShimSetting": [
      3397,
      8623,
      9201,
      452,
      55,
      -264,
      532,
      -82
    ],
    "SliceThickness": 4,
    "SliceTiming": [
      0.74,
      0,
      0.7975,
      0.0575,
      0.855,
      0.115,
      0.9125,
      0.1725,
      0.9675,
      0.2275,
      1.025,
      0.285,
      1.0825,
      0.3425,
      1.14,
      0.4,
      1.195,
      0.455,
      1.2525,
      0.5125,
      1.31,
      0.57,
      1.3675,
      0.6275,
      1.425,
      0.685
    ],
    "SoftwareVersions": "syngo_MR_D13",
    "SpacingBetweenSlices": 4,
    "StationName": "AWP45031",
    "TotalReadoutTime": 0.0245701,
    "TxRefAmp": 354.001,
    "dataset": "ds001430",
    "modality": "bold",
    "run_id": 3,
    "subject_id": "04",
    "task_id": "phase1"
  },
  "dummy_trs": 0,
  "dvars_nstd": 21.329164297959178,
  "dvars_std": 1.2579906578231288,
  "dvars_vstd": 1.0056562360544212,
  "efc": 0.6217324081193553,
  "fber": 1508.6536865234375,
  "fd_mean": 0.07244161392911462,
  "fd_num": 0,
  "fd_perc": 0.0,
  "fwhm_avg": 1.677232222222222,
  "fwhm_x": 1.6509566666666666,
  "fwhm_y": 1.82046,
  "fwhm_z": 1.56028,
  "gcor": 0.0147125,
  "gsr_x": -0.0004492910229600966,
  "gsr_y": 0.04865777865052223,
  "provenance": {
    "md5sum": "ff8202b7565eba7bfd4c1a09b1d78140",
    "settings": {
      "fd_thres": 0.2,
      "testing": false
    },
    "software": "mriqc",
    "version": "23.0.1",
    "webapi_port": null,
    "webapi_url": "https://mriqc.nimh.nih.gov/api/v1"
  },
  "size_t": 148,
  "size_x": 64,
  "size_y": 64,
  "size_z": 26,
  "snr": 6.715894763374677,
  "spacing_tr": 1.5,
  "spacing_x": 3.0,
  "spacing_y": 3.0,
  "spacing_z": 4.0,
  "summary_bg_k": 19.253628398522327,
  "summary_bg_mad": 13.904404608875776,
  "summary_bg_mean": 51.961421966552734,
  "summary_bg_median": 17.277027130126953,
  "summary_bg_n": 50280.0,
  "summary_bg_p05": 6.709121942520143,
  "summary_bg_p95": 211.08852005004877,
  "summary_bg_stdv": 86.12957763671875,
  "summary_fg_k": 1.6224398525849377,
  "summary_fg_mad": 102.02405365951347,
  "summary_fg_mean": 712.4764404296875,
  "summary_fg_median": 702.1824951171875,
  "summary_fg_n": 28998.0,
  "summary_fg_p05": 573.0743408203125,
  "summary_fg_p95": 888.1132171630859,
  "summary_fg_stdv": 104.55351257324219,
  "tsnr": 88.52641753968783
}