{
  "aor": 0.0012181081081081083,
  "aqi": 0.004966109391891892,
  "bids_meta": {
    "AcquisitionMatrixPE": 64,
    "AcquisitionNumber": 1,
    "AcquisitionTime": "12:41:34.057500",
    "BandwidthPerPixelPhaseEncode": 40.064,
    "BaseResolution": 64,
    "BodyPartExamined": "BRAIN",
    "ConsistencyInfo": "N4_VD13A_LATEST_20120616",
    "ConversionSoftware": "dcm2niix",
    "ConversionSoftwareVersion": "v1.0.20180518 GCC4.8.5",
    "DerivedVendorReportedEchoSpacing": 0.000780002,
    "DeviceSerialNumber": "45031",
    "DwellTime": 5.4e-06,
    "EchoTime": 0.028,
    "EchoTrainLength": 32,
    "EffectiveEchoSpacing": 0.000390001,
    "FlipAngle": 64,
    "ImageOrientationPatientDICOM": [
      0.995538,
      -0.00350788,
      0.0942918,
      0.00611723,
      0.999606,
      -0.0273983
    ],
    "ImageType": [
      "ORIGINAL",
      "PRIMARY",
      "M",
      "ND",
      "NORM",
      "MOSAIC"
    ],
    "InPlanePhaseEncodingDirectionDICOM": "COL",
    "InstitutionAddress": "Washington_and_Faculty_Rd._-_Building_25_25_Princeton_NJ_US_085",
    "InstitutionName": "Princeton_University_-_Neuroscience_Institute",
    "InstitutionalDepartmentName": "Department",
    "MRAcquisitionType": "2D",
    "MagneticFieldStrength": 3,
    "Manufacturer": "Siemens",
    "ManufacturersModelName": "Skyra",
    "Modality": "MR",
    "ParallelReductionFactorInPlane": 2,
    "PartialFourier": 1,
    "PatientPosition": "HFS",
    "PercentPhaseFOV": 100,
    "PhaseEncodingDirection": "j-",
    "PhaseEncodingSteps": 64,
    "PhaseResolution": 1,
    "PixelBandwidth": 1445,
    "ProcedureStepDescription": "Turk-BrowneLab_Projects",
    "ProtocolName": "epi_3x3x4_1.5s_148TR",
    "PulseSequenceDetails": "%SiemensSeq%_ep2d_bold",
    "ReceiveCoilActiveElements": "HE1-4",
    "ReceiveCoilName": "HeadNeck_20",
    "ReconMatrixPE": 64,
    "RepetitionTime": 1.5,
    "SAR": 0.0832542,
    "ScanOptions": "FS",
    "ScanningSequence": "EP",
    "SequenceName": "_epfid2d1_64",
    "SequenceVariant": "SK",
    "SeriesDescription": "epi_3x3x4_1.5s_148TR",
    "SeriesNumber": 8,
    "ShimSetting": [
      3421,
      8655,
      9409,
      657,
      104,
      143,
      155,
      74
    ],
    "SliceThickness": 4,
    "SliceTiming": [
      0.74,
      0,
      0.7975,
      0.0575,
      0.8525,
      0.1125,
      0.91,
      0.17,
      0.9675,
      0.2275,
      1.025,
      0.285,
      1.0825,
      0.3425,
      1.1375,
      0.3975,
      1.195,
      0.455,
      1.2525,
      0.5125,
      1.31,
      0.57,
      1.365,
      0.625,
      1.4225,
      0.6825
    ],
    "SoftwareVersions": "syngo_MR_D13",
    "SpacingBetweenSlices": 4,
    "StationName": "AWP45031",
    "TotalReadoutTime": 0.0245701,
    "TxRefAmp": 332.465,
    "dataset": "ds001430",
    "modality": "bold",
    "run_id": 4,
    "subject_id": "16",
    "task_id": "phase1"
  },
  "dummy_trs": 0,
  "dvars_nstd": 20.324185676190485,
  "dvars_std": 1.253658560952381,
  "dvars_vstd": 1.0074119707482991,
  "efc": 0.5774810394697882,
  "fber": 2065.124755859375,
  "fd_mean": 0.10119498773704035,
  "fd_num": 1,
  "fd_perc": 0.6756756756756757,
  "fwhm_avg": 1.6631967153843281,
  "fwhm_x": 1.64598,
  "fwhm_y": 1.8390301461529848,
  "fwhm_z": 1.50458,
  "gcor": 0.0217861,
  "gsr_x": -0.007432823069393635,
  "gsr_y": 0.03208014369010925,
  "provenance": {
    "md5sum": "107f6e09bb409a3b5a3f75f585d70d01",
    "settings": {
      "fd_thres": 0.2,
      "testing": false
    },
    "software": "mriqc",
    "version": "23.0.1",
    "webapi_port": null,
    "webapi_url": "https://mriqc.nimh.nih.gov/api/v1"
  },
  "size_t": 148,
  "size_x": 64,
  "size_y": 64,
  "size_z": 26,
  "snr": 8.007830728463817,
  "spacing_tr": 1.5,
  "spacing_x": 3.0,
  "spacing_y": 2.999999761581421,
  "spacing_z": 4.0,
  "summary_bg_k": 23.955089479517127,
  "summary_bg_mad": 10.808971808794704,
  "summary_bg_mean": 34.66781234741211,
  "summary_bg_median": 15.466217041015625,
  "summary_bg_n": 53710.0,
  "summary_bg_p05": 6.641891956329346,
  "summary_bg_p95": 122.6543960571287,
  "summary_bg_stdv": 54.11674880981445,
  "summary_fg_k": 3.273111928867804,
  "summary_fg_mad": 84.95915190968961,
  "summary_fg_mean": 739.0148315429688,
  "summary_fg_median": 734.2838134765625,
  "summary_fg_n": 25511.0,
  "summary_fg_p05": 610.79052734375,
  "summary_fg_p95": 886.7635192871094,
  "summary_fg_stdv": 91.69392395019531,
  "tsnr": 90.81476357288193
}