{
  "aor": 0.0011313023255813954,
  "aqi": 0.0051564600930232565,
  "bids_meta": {
    "AcquisitionMatrixPE": 64,
    "AcquisitionNumber": 1,
    "AcquisitionTime": "13:29:51.822500",
    "BandwidthPerPixelPhaseEncode": 40.064,
    "BaseResolution": 64,
    "BodyPartExamined": "BRAIN",
    "ConsistencyInfo": "N4_VD13A_LATEST_20120616",
    "ConversionSoftware": "dcm2niix",
    "ConversionSoftwareVersion": "v1.0.20180518 GCC4.8.5",
    "DerivedVendorReportedEchoSpacing": 0.000780002,
    "DeviceSerialNumber": "45031",
    "DwellTime": 5.4e-06,
    "EchoTime": 0.028,
    "EchoTrainLength": 32,
    "EffectiveEchoSpacing": 0.000390001,
    "FlipAngle": 64,
    "ImageOrientationPatientDICOM": [
      0.995538,
      -0.00350788,
      0.0942918,
      0.00611723,
      0.999606,
      -0.0273983
    ],
    "ImageType": [
      "ORIGINAL",
      "PRIMARY",
      "M",
      "ND",
      "NORM",
      "MOSAIC"
    ],
    "InPlanePhaseEncodingDirectionDICOM": "COL",
    "InstitutionAddress": "Washington_and_Faculty_Rd._-_Building_25_25_Princeton_NJ_US_085",
    "InstitutionName": "Princeton_University_-_Neuroscience_Institute",
    "InstitutionalDepartmentName": "Department",
    "MRAcquisitionType": "2D",
    "MagneticFieldStrength": 3,
    "Manufacturer": "Siemens",
    "ManufacturersModelName": "Skyra",
    "Modality": "MR",
    "ParallelReductionFactorInPlane": 2,
    "PartialFourier": 1,
    "PatientPosition": "HFS",
    "PercentPhaseFOV": 100,
    "PhaseEncodingDirection": "j-",
    "PhaseEncodingSteps": 64,
    "PhaseResolution": 1,
    "PixelBandwidth": 1445,
    "ProcedureStepDescription": "Turk-BrowneLab_Projects",
    "ProtocolName": "epi_3x3x4_1.5s_216TR",
    "PulseSequenceDetails": "%SiemensSeq%_ep2d_bold",
    "ReceiveCoilActiveElements": "HE1-4",
    "ReceiveCoilName": "HeadNeck_20",
    "ReconMatrixPE": 64,
    "RepetitionTime": 1.5,
    "SAR": 0.0832554,
    "ScanOptions": "FS",
    "ScanningSequence": "EP",
    "SequenceName": "_epfid2d1_64",
    "SequenceVariant": "SK",
    "SeriesDescription": "epi_3x3x4_1.5s_216TR",
    "SeriesNumber": 13,
    "ShimSetting": [
      3421,
      8655,
      9409,
      657,
      104,
      143,
      155,
      74
    ],
    "SliceThickness": 4,
    "SliceTiming": [
      0.74,
      0,
      0.7975,
      0.0575,
      0.8525,
      0.1125,
      0.91,
      0.17,
      0.9675,
      0.2275,
      1.025,
      0.285,
      1.08,
      0.34,
      1.1375,
      0.3975,
      1.195,
      0.455,
      1.2525,
      0.5125,
      1.3075,
      0.5675,
      1.365,
      0.625,
      1.4225,
      0.6825
    ],
    "SoftwareVersions": "syngo_MR_D13",
    "SpacingBetweenSlices": 4,
    "StationName": "AWP45031",
    "TotalReadoutTime": 0.0245701,
    "TxRefAmp": 332.465,
    "dataset": "ds001430",
    "modality": "bold",
    "run_id": 2,
    "subject_id": "16",
    "task_id": "loc"
  },
  "dummy_trs": 1,
  "dvars_nstd": 20.592854775934583,
  "dvars_std": 1.2674910803271022,
  "dvars_vstd": 1.0159685701401873,
  "efc": 0.5775592392274461,
  "fber": 2037.69189453125,
  "fd_mean": 0.0979974102272338,
  "fd_num": 13,
  "fd_perc": 6.046511627906977,
  "fwhm_avg": 1.664043937890445,
  "fwhm_x": 1.6458700000000002,
  "fwhm_y": 1.8497468136713358,
  "fwhm_z": 1.496515,
  "gcor": 0.0136281,
  "gsr_x": -0.00714271143078804,
  "gsr_y": 0.0315726213157177,
  "provenance": {
    "md5sum": "73b07847c18487eec2325e24c84c596d",
    "settings": {
      "fd_thres": 0.2,
      "testing": false
    },
    "software": "mriqc",
    "version": "23.0.1",
    "webapi_port": null,
    "webapi_url": "https://mriqc.nimh.nih.gov/api/v1"
  },
  "size_t": 215,
  "size_x": 64,
  "size_y": 64,
  "size_z": 26,
  "snr": 8.018619899508659,
  "spacing_tr": 1.5,
  "spacing_x": 3.0,
  "spacing_y": 2.999999761581421,
  "spacing_z": 4.0,
  "summary_bg_k": 24.14696340080208,
  "summary_bg_mad": 10.75748675231578,
  "summary_bg_mean": 34.394569396972656,
  "summary_bg_median": 15.423255920410156,
  "summary_bg_n": 53687.0,
  "summary_bg_p05": 6.604650974273682,
  "summary_bg_p95": 120.71720809936515,
  "summary_bg_stdv": 53.40690612792969,
  "summary_fg_k": 3.585355669794218,
  "summary_fg_mad": 83.92221716714471,
  "summary_fg_mean": 735.3397827148438,
  "summary_fg_median": 730.7720947265625,
  "summary_fg_n": 25549.0,
  "summary_fg_p05": 608.8455932617187,
  "summary_fg_p95": 881.6493041992187,
  "summary_fg_stdv": 91.13261413574219,
  "tsnr": 89.61937093734741
}