{
  "bids_meta": {
    "AcquisitionMatrixPE": 256,
    "AcquisitionNumber": 1,
    "AcquisitionTime": "13:46:17.687500",
    "BaseResolution": 256,
    "BodyPartExamined": "BRAIN",
    "ConsistencyInfo": "N4_VD13A_LATEST_20120616",
    "ConversionSoftware": "dcm2niix",
    "ConversionSoftwareVersion": "v1.0.20180518 GCC4.8.5",
    "DeviceSerialNumber": "45031",
    "DwellTime": 8.2e-06,
    "EchoTime": 0.00298,
    "FlipAngle": 9,
    "ImageOrientationPatientDICOM": [
      -0.0707949,
      0.995709,
      0.0595986,
      0.078495,
      0.0651243,
      -0.994785
    ],
    "ImageType": [
      "ORIGINAL",
      "PRIMARY",
      "M",
      "ND",
      "NORM"
    ],
    "InPlanePhaseEncodingDirectionDICOM": "ROW",
    "InstitutionAddress": "Washington_and_Faculty_Rd._-_Building_25_25_Princeton_NJ_US_085",
    "InstitutionName": "Princeton_University_-_Neuroscience_Institute",
    "InstitutionalDepartmentName": "Department",
    "InversionTime": 0.9,
    "MRAcquisitionType": "3D",
    "MagneticFieldStrength": 3,
    "Manufacturer": "Siemens",
    "ManufacturersModelName": "Skyra",
    "Modality": "MR",
    "ParallelReductionFactorInPlane": 2,
    "PartialFourier": 1,
    "PatientPosition": "HFS",
    "PercentPhaseFOV": 100,
    "PhaseEncodingSteps": 255,
    "PhaseResolution": 1,
    "PixelBandwidth": 240,
    "ProcedureStepDescription": "Turk-BrowneLab_Projects",
    "ProtocolName": "mprage_1x1x1_medium",
    "PulseSequenceDetails": "%SiemensSeq%_tfl",
    "ReceiveCoilActiveElements": "HE1-4",
    "ReceiveCoilName": "HeadNeck_20",
    "ReconMatrixPE": 256,
    "RepetitionTime": 2.3,
    "SAR": 0.079852,
    "ScanOptions": "IR",
    "ScanningSequence": "GR_IR",
    "SequenceName": "_tfl3d1_16ns",
    "SequenceVariant": "SK_SP_MP",
    "SeriesDescription": "mprage_1x1x1_medium",
    "SeriesNumber": 15,
    "ShimSetting": [
      3355,
      8616,
      9161,
      218,
      56,
      -583,
      221,
      102
    ],
    "SliceThickness": 1,
    "SoftwareVersions": "syngo_MR_D13",
    "StationName": "AWP45031",
    "TxRefAmp": 348.24,
    "dataset": "ds001430",
    "modality": "T1w",
    "subject_id": "11"
  },
  "cjv": 0.3436547407062427,
  "cnr": 3.8794742367442487,
  "efc": 0.4932866664003906,
  "fber": 19763.673611111113,
  "fwhm_avg": 3.772186957377381,
  "fwhm_x": 3.8480908721321443,
  "fwhm_y": 3.95288,
  "fwhm_z": 3.51559,
  "icvs_csf": 0.1988802225017562,
  "icvs_gm": 0.46261960422427034,
  "icvs_wm": 0.33850017327397347,
  "inu_med": 0.6090721487998962,
  "inu_range": 0.2587937280535698,
  "provenance": {
    "md5sum": "eee77441976d2a5cc2a6d6fbdac3f357",
    "settings": {
      "testing": false
    },
    "software": "mriqc",
    "version": "23.0.1",
    "warnings": {
      "large_rot_frame": true,
      "small_air_mask": false
    },
    "webapi_port": null,
    "webapi_url": "https://mriqc.nimh.nih.gov/api/v1"
  },
  "qi_1": 0.0,
  "qi_2": 0.014509367293598712,
  "rpve_csf": 27.385773063591156,
  "rpve_gm": 12.728923769571736,
  "rpve_wm": 19.115343512500747,
  "size_x": 192,
  "size_y": 256,
  "size_z": 256,
  "snr_csf": 2.0450717430964502,
  "snr_gm": 11.149322454960737,
  "snr_total": 11.26861488668019,
  "snr_wm": 20.611450461983384,
  "snrd_csf": 11.67813679793601,
  "snrd_gm": 33.46711090828484,
  "snrd_total": 31.207667284721712,
  "snrd_wm": 48.47775414794429,
  "spacing_x": 0.9999945759773254,
  "spacing_y": 1.0,
  "spacing_z": 1.0,
  "summary_bg_k": 2067.3214670490656,
  "summary_bg_mad": 0.0,
  "summary_bg_mean": 4.643190246758436,
  "summary_bg_median": 0.0,
  "summary_bg_n": 3276432.0,
  "summary_bg_p05": 0.0,
  "summary_bg_p95": 19.7537362575531,
  "summary_bg_stdv": 13.514165316263446,
  "summary_csf_k": 0.8881172254451442,
  "summary_csf_mad": 107.77591417313981,
  "summary_csf_mean": 251.45002200596616,
  "summary_csf_median": 240.89681366086006,
  "summary_csf_n": 30365.0,
  "summary_csf_p05": 78.68571609258652,
  "summary_csf_p95": 471.94968208670605,
  "summary_csf_stdv": 117.79188077671591,
  "summary_gm_k": 0.13339175660200686,
  "summary_gm_mad": 60.52632861172707,
  "summary_gm_mean": 689.7391111000179,
  "summary_gm_median": 690.3601593077183,
  "summary_gm_n": 39734.0,
  "summary_gm_p05": 586.1592005491257,
  "summary_gm_p95": 790.6762166023254,
  "summary_gm_stdv": 61.918692796757696,
  "summary_wm_k": 0.5545988524023282,
  "summary_wm_mad": 45.88286201211568,
  "summary_wm_mean": 999.8342715437486,
  "summary_wm_median": 999.9999751448631,
  "summary_wm_n": 189926.0,
  "summary_wm_p05": 920.2607264518738,
  "summary_wm_p95": 1078.512846045196,
  "summary_wm_stdv": 48.51659248249523,
  "tpm_overlap_csf": 0.1642553824320114,
  "tpm_overlap_gm": 0.47724759557971064,
  "tpm_overlap_wm": 0.5081498044058463,
  "wm2max": 0.6287370397375516
}