{
  "aor": 0.000631025,
  "aqi": 0.010242412175,
  "bids_meta": {
    "AcquisitionMatrixPE": 64,
    "AcquisitionNumber": 1,
    "AcquisitionTime": "13:11:25.725000",
    "BandwidthPerPixelPhaseEncode": 40.064,
    "BaseResolution": 64,
    "BodyPartExamined": "BRAIN",
    "ConsistencyInfo": "N4_VD13A_LATEST_20120616",
    "ConversionSoftware": "dcm2niix",
    "ConversionSoftwareVersion": "v1.0.20180518 GCC4.8.5",
    "DerivedVendorReportedEchoSpacing": 0.000780002,
    "DeviceSerialNumber": "45031",
    "DwellTime": 5.4e-06,
    "EchoTime": 0.028,
    "EchoTrainLength": 32,
    "EffectiveEchoSpacing": 0.000390001,
    "FlipAngle": 64,
    "ImageOrientationPatientDICOM": [
      0.995538,
      -0.00350788,
      0.0942918,
      0.00611723,
      0.999606,
      -0.0273983
    ],
    "ImageType": [
      "ORIGINAL",
      "PRIMARY",
      "M",
      "ND",
      "NORM",
      "MOSAIC"
    ],
    "InPlanePhaseEncodingDirectionDICOM": "COL",
    "InstitutionAddress": "Washington_and_Faculty_Rd._-_Building_25_25_Princeton_NJ_US_085",
    "InstitutionName": "Princeton_University_-_Neuroscience_Institute",
    "InstitutionalDepartmentName": "Department",
    "MRAcquisitionType": "2D",
    "MagneticFieldStrength": 3,
    "Manufacturer": "Siemens",
    "ManufacturersModelName": "Skyra",
    "Modality": "MR",
    "ParallelReductionFactorInPlane": 2,
    "PartialFourier": 1,
    "PatientPosition": "HFS",
    "PercentPhaseFOV": 100,
    "PhaseEncodingDirection": "j-",
    "PhaseEncodingSteps": 64,
    "PhaseResolution": 1,
    "PixelBandwidth": 1445,
    "ProcedureStepDescription": "Turk-BrowneLab_Projects",
    "ProtocolName": "epi_3x3x4_1.5s_400TR",
    "PulseSequenceDetails": "%SiemensSeq%_ep2d_bold",
    "ReceiveCoilActiveElements": "HE1-4",
    "ReceiveCoilName": "HeadNeck_20",
    "ReconMatrixPE": 64,
    "RepetitionTime": 1.5,
    "SAR": 0.0832565,
    "ScanOptions": "FS",
    "ScanningSequence": "EP",
    "SequenceName": "_epfid2d1_64",
    "SequenceVariant": "SK",
    "SeriesDescription": "epi_3x3x4_1.5s_400TR",
    "SeriesNumber": 11,
    "ShimSetting": [
      3421,
      8655,
      9409,
      657,
      104,
      143,
      155,
      74
    ],
    "SliceThickness": 4,
    "SliceTiming": [
      0.74,
      0,
      0.7975,
      0.0575,
      0.855,
      0.115,
      0.9125,
      0.1725,
      0.9675,
      0.2275,
      1.025,
      0.285,
      1.0825,
      0.3425,
      1.14,
      0.4,
      1.195,
      0.455,
      1.2525,
      0.5125,
      1.31,
      0.57,
      1.3675,
      0.6275,
      1.4225,
      0.6825
    ],
    "SoftwareVersions": "syngo_MR_D13",
    "SpacingBetweenSlices": 4,
    "StationName": "AWP45031",
    "TotalReadoutTime": 0.0245701,
    "TxRefAmp": 332.465,
    "dataset": "ds001430",
    "modality": "bold",
    "run_id": 2,
    "subject_id": "16",
    "task_id": "phase3"
  },
  "dummy_trs": 0,
  "dvars_nstd": 19.51678039912279,
  "dvars_std": 1.1661416552631574,
  "dvars_vstd": 0.9577474126817039,
  "efc": 0.5782045487978714,
  "fber": 2069.375732421875,
  "fd_mean": 0.10382534793971916,
  "fd_num": 5,
  "fd_perc": 1.25,
  "fwhm_avg": 1.6710892160837778,
  "fwhm_x": 1.6556666666666666,
  "fwhm_y": 1.8654334815846667,
  "fwhm_z": 1.4921675,
  "gcor": 0.0105746,
  "gsr_x": -0.006900281645357609,
  "gsr_y": 0.03133150935173035,
  "provenance": {
    "md5sum": "ebbe8bbd8bc3aef6f51f68b1e3c39c6f",
    "settings": {
      "fd_thres": 0.2,
      "testing": false
    },
    "software": "mriqc",
    "version": "23.0.1",
    "webapi_port": null,
    "webapi_url": "https://mriqc.nimh.nih.gov/api/v1"
  },
  "size_t": 400,
  "size_x": 64,
  "size_y": 64,
  "size_z": 26,
  "snr": 8.080534528596415,
  "spacing_tr": 1.5,
  "spacing_x": 3.0,
  "spacing_y": 2.999999761581421,
  "spacing_z": 4.0,
  "summary_bg_k": 24.416703782407822,
  "summary_bg_mad": 10.986082212899365,
  "summary_bg_mean": 34.928409576416016,
  "summary_bg_median": 15.505000114440918,
  "summary_bg_n": 53701.0,
  "summary_bg_p05": 6.589999675750732,
  "summary_bg_p95": 121.67749786376953,
  "summary_bg_stdv": 54.47597885131836,
  "summary_fg_k": 2.938169292368534,
  "summary_fg_mad": 85.2070063699244,
  "summary_fg_mean": 735.9526977539062,
  "summary_fg_median": 731.2424926757812,
  "summary_fg_n": 25480.0,
  "summary_fg_p05": 609.1472106933594,
  "summary_fg_p95": 882.9680938720703,
  "summary_fg_stdv": 90.49254608154297,
  "tsnr": 74.04966700659133
}