{
  "aor": 0.001208378378378378,
  "aqi": 0.004661064864864865,
  "bids_meta": {
    "AcquisitionMatrixPE": 64,
    "AcquisitionNumber": 1,
    "AcquisitionTime": "12:37:16.040000",
    "BandwidthPerPixelPhaseEncode": 40.064,
    "BaseResolution": 64,
    "BodyPartExamined": "BRAIN",
    "ConsistencyInfo": "N4_VD13A_LATEST_20120616",
    "ConversionSoftware": "dcm2niix",
    "ConversionSoftwareVersion": "v1.0.20180518 GCC4.8.5",
    "DerivedVendorReportedEchoSpacing": 0.000780002,
    "DeviceSerialNumber": "45031",
    "DwellTime": 5.4e-06,
    "EchoTime": 0.028,
    "EchoTrainLength": 32,
    "EffectiveEchoSpacing": 0.000390001,
    "FlipAngle": 64,
    "ImageOrientationPatientDICOM": [
      0.995538,
      -0.00350788,
      0.0942918,
      0.00611723,
      0.999606,
      -0.0273983
    ],
    "ImageType": [
      "ORIGINAL",
      "PRIMARY",
      "M",
      "ND",
      "NORM",
      "MOSAIC"
    ],
    "InPlanePhaseEncodingDirectionDICOM": "COL",
    "InstitutionAddress": "Washington_and_Faculty_Rd._-_Building_25_25_Princeton_NJ_US_085",
    "InstitutionName": "Princeton_University_-_Neuroscience_Institute",
    "InstitutionalDepartmentName": "Department",
    "MRAcquisitionType": "2D",
    "MagneticFieldStrength": 3,
    "Manufacturer": "Siemens",
    "ManufacturersModelName": "Skyra",
    "Modality": "MR",
    "ParallelReductionFactorInPlane": 2,
    "PartialFourier": 1,
    "PatientPosition": "HFS",
    "PercentPhaseFOV": 100,
    "PhaseEncodingDirection": "j-",
    "PhaseEncodingSteps": 64,
    "PhaseResolution": 1,
    "PixelBandwidth": 1445,
    "ProcedureStepDescription": "Turk-BrowneLab_Projects",
    "ProtocolName": "epi_3x3x4_1.5s_148TR",
    "PulseSequenceDetails": "%SiemensSeq%_ep2d_bold",
    "ReceiveCoilActiveElements": "HE1-4",
    "ReceiveCoilName": "HeadNeck_20",
    "ReconMatrixPE": 64,
    "RepetitionTime": 1.5,
    "SAR": 0.0832542,
    "ScanOptions": "FS",
    "ScanningSequence": "EP",
    "SequenceName": "_epfid2d1_64",
    "SequenceVariant": "SK",
    "SeriesDescription": "epi_3x3x4_1.5s_148TR",
    "SeriesNumber": 7,
    "ShimSetting": [
      3421,
      8655,
      9409,
      657,
      104,
      143,
      155,
      74
    ],
    "SliceThickness": 4,
    "SliceTiming": [
      0.74,
      0,
      0.795,
      0.055,
      0.8525,
      0.1125,
      0.91,
      0.17,
      0.9675,
      0.2275,
      1.025,
      0.285,
      1.08,
      0.34,
      1.1375,
      0.3975,
      1.195,
      0.455,
      1.2525,
      0.5125,
      1.3075,
      0.5675,
      1.365,
      0.625,
      1.4225,
      0.6825
    ],
    "SoftwareVersions": "syngo_MR_D13",
    "SpacingBetweenSlices": 4,
    "StationName": "AWP45031",
    "TotalReadoutTime": 0.0245701,
    "TxRefAmp": 332.465,
    "dataset": "ds001430",
    "modality": "bold",
    "run_id": 3,
    "subject_id": "16",
    "task_id": "phase1"
  },
  "dummy_trs": 0,
  "dvars_nstd": 20.55697713585034,
  "dvars_std": 1.2639704785714287,
  "dvars_vstd": 1.0079540981632653,
  "efc": 0.5768374748526329,
  "fber": 2096.9599609375,
  "fd_mean": 0.1021778340978412,
  "fd_num": 4,
  "fd_perc": 2.7027027027027026,
  "fwhm_avg": 1.660096437683286,
  "fwhm_x": 1.64713,
  "fwhm_y": 1.8419268130498578,
  "fwhm_z": 1.4912325,
  "gcor": 0.0263677,
  "gsr_x": -0.00725602125748992,
  "gsr_y": 0.03194942697882652,
  "provenance": {
    "md5sum": "a720e98f9d5d37c6917be69b85813987",
    "settings": {
      "fd_thres": 0.2,
      "testing": false
    },
    "software": "mriqc",
    "version": "23.0.1",
    "webapi_port": null,
    "webapi_url": "https://mriqc.nimh.nih.gov/api/v1"
  },
  "size_t": 148,
  "size_x": 64,
  "size_y": 64,
  "size_z": 26,
  "snr": 7.992607478288794,
  "spacing_tr": 1.5,
  "spacing_x": 3.0,
  "spacing_y": 2.999999761581421,
  "spacing_z": 4.0,
  "summary_bg_k": 23.764374373658093,
  "summary_bg_mad": 10.748866084165615,
  "summary_bg_mean": 34.298789978027344,
  "summary_bg_median": 15.337838172912598,
  "summary_bg_n": 53685.0,
  "summary_bg_p05": 6.5608110427856445,
  "summary_bg_p95": 120.96486663818357,
  "summary_bg_stdv": 53.20372009277344,
  "summary_fg_k": 3.3878123787135657,
  "summary_fg_mad": 84.42819680000444,
  "summary_fg_mean": 739.360107421875,
  "summary_fg_median": 734.5439453125,
  "summary_fg_n": 25500.0,
  "summary_fg_p05": 611.735498046875,
  "summary_fg_p95": 887.4689483642578,
  "summary_fg_stdv": 91.90111541748047,
  "tsnr": 93.53401478659362
}