{
  "aor": 0.0008497222222222221,
  "aqi": 0.005395674305555555,
  "bids_meta": {
    "AcquisitionMatrixPE": 64,
    "AcquisitionNumber": 1,
    "AcquisitionTime": "13:36:10.142500",
    "BandwidthPerPixelPhaseEncode": 40.064,
    "BaseResolution": 64,
    "BodyPartExamined": "BRAIN",
    "ConsistencyInfo": "N4_VD13A_LATEST_20120616",
    "ConversionSoftware": "dcm2niix",
    "ConversionSoftwareVersion": "v1.0.20180518 GCC4.8.5",
    "DerivedVendorReportedEchoSpacing": 0.000780002,
    "DeviceSerialNumber": "45031",
    "DwellTime": 5.4e-06,
    "EchoTime": 0.028,
    "EchoTrainLength": 32,
    "EffectiveEchoSpacing": 0.000390001,
    "FlipAngle": 64,
    "ImageOrientationPatientDICOM": [
      0.995538,
      -0.00350788,
      0.0942918,
      0.00611723,
      0.999606,
      -0.0273983
    ],
    "ImageType": [
      "ORIGINAL",
      "PRIMARY",
      "M",
      "ND",
      "NORM",
      "MOSAIC"
    ],
    "InPlanePhaseEncodingDirectionDICOM": "COL",
    "InstitutionAddress": "Washington_and_Faculty_Rd._-_Building_25_25_Princeton_NJ_US_085",
    "InstitutionName": "Princeton_University_-_Neuroscience_Institute",
    "InstitutionalDepartmentName": "Department",
    "MRAcquisitionType": "2D",
    "MagneticFieldStrength": 3,
    "Manufacturer": "Siemens",
    "ManufacturersModelName": "Skyra",
    "Modality": "MR",
    "ParallelReductionFactorInPlane": 2,
    "PartialFourier": 1,
    "PatientPosition": "HFS",
    "PercentPhaseFOV": 100,
    "PhaseEncodingDirection": "j-",
    "PhaseEncodingSteps": 64,
    "PhaseResolution": 1,
    "PixelBandwidth": 1445,
    "ProcedureStepDescription": "Turk-BrowneLab_Projects",
    "ProtocolName": "epi_3x3x4_1.5s_216TR",
    "PulseSequenceDetails": "%SiemensSeq%_ep2d_bold",
    "ReceiveCoilActiveElements": "HE1-4",
    "ReceiveCoilName": "HeadNeck_20",
    "ReconMatrixPE": 64,
    "RepetitionTime": 1.5,
    "SAR": 0.0832554,
    "ScanOptions": "FS",
    "ScanningSequence": "EP",
    "SequenceName": "_epfid2d1_64",
    "SequenceVariant": "SK",
    "SeriesDescription": "epi_3x3x4_1.5s_216TR",
    "SeriesNumber": 14,
    "ShimSetting": [
      3421,
      8655,
      9409,
      657,
      104,
      143,
      155,
      74
    ],
    "SliceThickness": 4,
    "SliceTiming": [
      0.74,
      0,
      0.7975,
      0.0575,
      0.8525,
      0.1125,
      0.91,
      0.17,
      0.9675,
      0.2275,
      1.025,
      0.285,
      1.0825,
      0.3425,
      1.1375,
      0.3975,
      1.195,
      0.455,
      1.2525,
      0.5125,
      1.31,
      0.57,
      1.365,
      0.625,
      1.4225,
      0.6825
    ],
    "SoftwareVersions": "syngo_MR_D13",
    "SpacingBetweenSlices": 4,
    "StationName": "AWP45031",
    "TotalReadoutTime": 0.0245701,
    "TxRefAmp": 332.465,
    "dataset": "ds001430",
    "modality": "bold",
    "run_id": 3,
    "subject_id": "16",
    "task_id": "loc"
  },
  "dummy_trs": 0,
  "dvars_nstd": 20.815556371255838,
  "dvars_std": 1.2666125354883724,
  "dvars_vstd": 1.003969731813953,
  "efc": 0.5780626259319072,
  "fber": 2033.153076171875,
  "fd_mean": 0.09823493625334827,
  "fd_num": 10,
  "fd_perc": 4.62962962962963,
  "fwhm_avg": 1.6666236600512085,
  "fwhm_x": 1.6531766666666667,
  "fwhm_y": 1.8474268134869585,
  "fwhm_z": 1.4992675,
  "gcor": 0.020254,
  "gsr_x": -0.007425008807331324,
  "gsr_y": 0.03220910206437111,
  "provenance": {
    "md5sum": "e18941416955221d1777023bee96fa59",
    "settings": {
      "fd_thres": 0.2,
      "testing": false
    },
    "software": "mriqc",
    "version": "23.0.1",
    "webapi_port": null,
    "webapi_url": "https://mriqc.nimh.nih.gov/api/v1"
  },
  "size_t": 216,
  "size_x": 64,
  "size_y": 64,
  "size_z": 26,
  "snr": 8.013998929924064,
  "spacing_tr": 1.5,
  "spacing_x": 3.0,
  "spacing_y": 2.999999761581421,
  "spacing_z": 4.0,
  "summary_bg_k": 23.189494177427054,
  "summary_bg_mad": 10.89300812362251,
  "summary_bg_mean": 34.82341766357422,
  "summary_bg_median": 15.541666984558105,
  "summary_bg_n": 53708.0,
  "summary_bg_p05": 6.592592716217041,
  "summary_bg_p95": 123.01990852355952,
  "summary_bg_stdv": 54.033695220947266,
  "summary_fg_k": 3.5965266558649054,
  "summary_fg_mad": 83.71209739472222,
  "summary_fg_mean": 734.464599609375,
  "summary_fg_median": 730.3472290039062,
  "summary_fg_n": 25561.0,
  "summary_fg_p05": 607.4444580078125,
  "summary_fg_p95": 880.370361328125,
  "summary_fg_stdv": 91.13214874267578,
  "tsnr": 87.76994317024946
}