{
  "aor": 0.00120312925170068,
  "aqi": 0.007358297074829931,
  "bids_meta": {
    "AcquisitionMatrixPE": 64,
    "AcquisitionNumber": 1,
    "AcquisitionTime": "10:35:12.197500",
    "BandwidthPerPixelPhaseEncode": 40.064,
    "BaseResolution": 64,
    "BodyPartExamined": "BRAIN",
    "ConsistencyInfo": "N4_VD13A_LATEST_20120616",
    "ConversionSoftware": "dcm2niix",
    "ConversionSoftwareVersion": "v1.0.20180518 GCC4.8.5",
    "DerivedVendorReportedEchoSpacing": 0.000780002,
    "DeviceSerialNumber": "45031",
    "DwellTime": 5.4e-06,
    "EchoTime": 0.028,
    "EchoTrainLength": 32,
    "EffectiveEchoSpacing": 0.000390001,
    "FlipAngle": 64,
    "ImageOrientationPatientDICOM": [
      0.996836,
      0.0188716,
      0.0772124,
      -0.0111475,
      0.994998,
      -0.0992704
    ],
    "ImageType": [
      "ORIGINAL",
      "PRIMARY",
      "M",
      "ND",
      "NORM",
      "MOSAIC"
    ],
    "InPlanePhaseEncodingDirectionDICOM": "COL",
    "InstitutionAddress": "Washington_and_Faculty_Rd._-_Building_25_25_Princeton_NJ_US_085",
    "InstitutionName": "Princeton_University_-_Neuroscience_Institute",
    "InstitutionalDepartmentName": "Department",
    "MRAcquisitionType": "2D",
    "MagneticFieldStrength": 3,
    "Manufacturer": "Siemens",
    "ManufacturersModelName": "Skyra",
    "Modality": "MR",
    "ParallelReductionFactorInPlane": 2,
    "PartialFourier": 1,
    "PatientPosition": "HFS",
    "PercentPhaseFOV": 100,
    "PhaseEncodingDirection": "j-",
    "PhaseEncodingSteps": 64,
    "PhaseResolution": 1,
    "PixelBandwidth": 1445,
    "ProcedureStepDescription": "Turk-BrowneLab_Projects",
    "ProtocolName": "epi_3x3x4_1.5s_148TR",
    "PulseSequenceDetails": "%SiemensSeq%_ep2d_bold",
    "ReceiveCoilActiveElements": "HE1-4",
    "ReceiveCoilName": "HeadNeck_20",
    "ReconMatrixPE": 64,
    "RepetitionTime": 1.5,
    "SAR": 0.0797059,
    "ScanOptions": "FS",
    "ScanningSequence": "EP",
    "SequenceName": "_epfid2d1_64",
    "SequenceVariant": "SK",
    "SeriesDescription": "epi_3x3x4_1.5s_148TR",
    "SeriesNumber": 5,
    "ShimSetting": [
      3422,
      8649,
      9315,
      394,
      36,
      -200,
      436,
      -11
    ],
    "SliceThickness": 4,
    "SliceTiming": [
      0.74,
      0,
      0.7975,
      0.0575,
      0.855,
      0.115,
      0.9125,
      0.1725,
      0.9675,
      0.2275,
      1.025,
      0.285,
      1.0825,
      0.3425,
      1.14,
      0.4,
      1.195,
      0.455,
      1.2525,
      0.5125,
      1.31,
      0.57,
      1.3675,
      0.6275,
      1.425,
      0.685
    ],
    "SoftwareVersions": "syngo_MR_D13",
    "SpacingBetweenSlices": 4,
    "StationName": "AWP45031",
    "TotalReadoutTime": 0.0245701,
    "TxRefAmp": 358.738,
    "dataset": "ds001430",
    "modality": "bold",
    "run_id": 1,
    "subject_id": "28",
    "task_id": "phase1"
  },
  "dummy_trs": 1,
  "dvars_nstd": 22.828826002671235,
  "dvars_std": 1.3073011751369867,
  "dvars_vstd": 0.9879748858219174,
  "efc": 0.6243206908420357,
  "fber": 1616.9625244140625,
  "fd_mean": 0.0923022217761934,
  "fd_num": 1,
  "fd_perc": 0.6802721088435374,
  "fwhm_avg": 1.865266388888889,
  "fwhm_x": 1.7712633333333334,
  "fwhm_y": 2.1640833333333336,
  "fwhm_z": 1.6604525,
  "gcor": 0.0118302,
  "gsr_x": -0.01305333524942398,
  "gsr_y": 0.056420065462589264,
  "provenance": {
    "md5sum": "3cb6a38da84842b3c82f666ba8f6bc88",
    "settings": {
      "fd_thres": 0.2,
      "testing": false
    },
    "software": "mriqc",
    "version": "23.0.1",
    "webapi_port": null,
    "webapi_url": "https://mriqc.nimh.nih.gov/api/v1"
  },
  "size_t": 147,
  "size_x": 64,
  "size_y": 64,
  "size_z": 26,
  "snr": 6.571592609819025,
  "spacing_tr": 1.5,
  "spacing_x": 3.0,
  "spacing_y": 3.0,
  "spacing_z": 4.0,
  "summary_bg_k": 11.706650794214825,
  "summary_bg_mad": 13.484618225280949,
  "summary_bg_mean": 52.102481842041016,
  "summary_bg_median": 17.530611038208008,
  "summary_bg_n": 49926.0,
  "summary_bg_p05": 7.2040815353393555,
  "summary_bg_p95": 227.03910446166992,
  "summary_bg_stdv": 78.82548522949219,
  "summary_fg_k": 2.8880553611168986,
  "summary_fg_mad": 97.11049055754596,
  "summary_fg_mean": 768.9681396484375,
  "summary_fg_median": 756.6394653320312,
  "summary_fg_n": 29398.0,
  "summary_fg_p05": 619.9054351806641,
  "summary_fg_p95": 966.7333312988277,
  "summary_fg_stdv": 115.13595581054688,
  "tsnr": 76.475247615017
}