{
  "aor": 0.000978564814814815,
  "aqi": 0.011395011759259261,
  "bids_meta": {
    "AcquisitionMatrixPE": 64,
    "AcquisitionNumber": 1,
    "AcquisitionTime": "11:38:36.987500",
    "BandwidthPerPixelPhaseEncode": 40.064,
    "BaseResolution": 64,
    "BodyPartExamined": "BRAIN",
    "ConsistencyInfo": "N4_VD13A_LATEST_20120616",
    "ConversionSoftware": "dcm2niix",
    "ConversionSoftwareVersion": "v1.0.20180518 GCC4.8.5",
    "DerivedVendorReportedEchoSpacing": 0.000780002,
    "DeviceSerialNumber": "45031",
    "DwellTime": 5.4e-06,
    "EchoTime": 0.028,
    "EchoTrainLength": 32,
    "EffectiveEchoSpacing": 0.000390001,
    "FlipAngle": 64,
    "ImageOrientationPatientDICOM": [
      0.996836,
      0.0188716,
      0.0772124,
      -0.0111475,
      0.994998,
      -0.0992704
    ],
    "ImageType": [
      "ORIGINAL",
      "PRIMARY",
      "M",
      "ND",
      "NORM",
      "MOSAIC"
    ],
    "InPlanePhaseEncodingDirectionDICOM": "COL",
    "InstitutionAddress": "Washington_and_Faculty_Rd._-_Building_25_25_Princeton_NJ_US_085",
    "InstitutionName": "Princeton_University_-_Neuroscience_Institute",
    "InstitutionalDepartmentName": "Department",
    "MRAcquisitionType": "2D",
    "MagneticFieldStrength": 3,
    "Manufacturer": "Siemens",
    "ManufacturersModelName": "Skyra",
    "Modality": "MR",
    "ParallelReductionFactorInPlane": 2,
    "PartialFourier": 1,
    "PatientPosition": "HFS",
    "PercentPhaseFOV": 100,
    "PhaseEncodingDirection": "j-",
    "PhaseEncodingSteps": 64,
    "PhaseResolution": 1,
    "PixelBandwidth": 1445,
    "ProcedureStepDescription": "Turk-BrowneLab_Projects",
    "ProtocolName": "epi_3x3x4_1.5s_216TR",
    "PulseSequenceDetails": "%SiemensSeq%_ep2d_bold",
    "ReceiveCoilActiveElements": "HE1-4",
    "ReceiveCoilName": "HeadNeck_20",
    "ReconMatrixPE": 64,
    "RepetitionTime": 1.5,
    "SAR": 0.079707,
    "ScanOptions": "FS",
    "ScanningSequence": "EP",
    "SequenceName": "_epfid2d1_64",
    "SequenceVariant": "SK",
    "SeriesDescription": "epi_3x3x4_1.5s_216TR",
    "SeriesNumber": 13,
    "ShimSetting": [
      3422,
      8649,
      9315,
      394,
      36,
      -200,
      436,
      -11
    ],
    "SliceThickness": 4,
    "SliceTiming": [
      0.74,
      0,
      0.795,
      0.0575,
      0.8525,
      0.1125,
      0.91,
      0.17,
      0.9675,
      0.2275,
      1.025,
      0.285,
      1.08,
      0.34,
      1.1375,
      0.3975,
      1.195,
      0.455,
      1.2525,
      0.5125,
      1.3075,
      0.5675,
      1.365,
      0.625,
      1.4225,
      0.6825
    ],
    "SoftwareVersions": "syngo_MR_D13",
    "SpacingBetweenSlices": 4,
    "StationName": "AWP45031",
    "TotalReadoutTime": 0.0245701,
    "TxRefAmp": 358.738,
    "dataset": "ds001430",
    "modality": "bold",
    "run_id": 2,
    "subject_id": "28",
    "task_id": "loc"
  },
  "dummy_trs": 0,
  "dvars_nstd": 24.342359196883724,
  "dvars_std": 1.2333169376744186,
  "dvars_vstd": 0.9745112717674418,
  "efc": 0.6232981482257843,
  "fber": 1904.3375244140625,
  "fd_mean": 0.17672351741052147,
  "fd_num": 48,
  "fd_perc": 22.22222222222222,
  "fwhm_avg": 1.8681158333333334,
  "fwhm_x": 1.7676966666666667,
  "fwhm_y": 2.1772233333333335,
  "fwhm_z": 1.6594275,
  "gcor": 0.0164264,
  "gsr_x": -0.010486147366464138,
  "gsr_y": 0.059213683009147644,
  "provenance": {
    "md5sum": "ab35b735c4516fe6f5214dfc270009e3",
    "settings": {
      "fd_thres": 0.2,
      "testing": false
    },
    "software": "mriqc",
    "version": "23.0.1",
    "webapi_port": null,
    "webapi_url": "https://mriqc.nimh.nih.gov/api/v1"
  },
  "size_t": 216,
  "size_x": 64,
  "size_y": 64,
  "size_z": 26,
  "snr": 6.654048769653268,
  "spacing_tr": 1.5,
  "spacing_x": 3.0,
  "spacing_y": 3.0,
  "spacing_z": 4.0,
  "summary_bg_k": 11.469057246567022,
  "summary_bg_mad": 11.943185637677082,
  "summary_bg_mean": 51.85462951660156,
  "summary_bg_median": 16.351852416992188,
  "summary_bg_n": 49962.0,
  "summary_bg_p05": 7.222222328186035,
  "summary_bg_p95": 223.40532608032214,
  "summary_bg_stdv": 78.88849639892578,
  "summary_fg_k": 3.0349449534574493,
  "summary_fg_mad": 95.68277104445562,
  "summary_fg_mean": 772.5923461914062,
  "summary_fg_median": 759.3148193359375,
  "summary_fg_n": 29470.0,
  "summary_fg_p05": 626.1152923583984,
  "summary_fg_p95": 969.3053375244141,
  "summary_fg_stdv": 114.11126708984375,
  "tsnr": 62.9912184861023
}