{
  "aor": 0.0044205092592592594,
  "aqi": 0.007847315648148149,
  "bids_meta": {
    "AcquisitionMatrixPE": 64,
    "AcquisitionNumber": 1,
    "AcquisitionTime": "11:32:42.030000",
    "BandwidthPerPixelPhaseEncode": 40.064,
    "BaseResolution": 64,
    "BodyPartExamined": "BRAIN",
    "ConsistencyInfo": "N4_VD13A_LATEST_20120616",
    "ConversionSoftware": "dcm2niix",
    "ConversionSoftwareVersion": "v1.0.20180518 GCC4.8.5",
    "DerivedVendorReportedEchoSpacing": 0.000780002,
    "DeviceSerialNumber": "45031",
    "DwellTime": 5.4e-06,
    "EchoTime": 0.028,
    "EchoTrainLength": 32,
    "EffectiveEchoSpacing": 0.000390001,
    "FlipAngle": 64,
    "ImageOrientationPatientDICOM": [
      0.996836,
      0.0188716,
      0.0772124,
      -0.0111475,
      0.994998,
      -0.0992704
    ],
    "ImageType": [
      "ORIGINAL",
      "PRIMARY",
      "M",
      "ND",
      "NORM",
      "MOSAIC"
    ],
    "InPlanePhaseEncodingDirectionDICOM": "COL",
    "InstitutionAddress": "Washington_and_Faculty_Rd._-_Building_25_25_Princeton_NJ_US_085",
    "InstitutionName": "Princeton_University_-_Neuroscience_Institute",
    "InstitutionalDepartmentName": "Department",
    "MRAcquisitionType": "2D",
    "MagneticFieldStrength": 3,
    "Manufacturer": "Siemens",
    "ManufacturersModelName": "Skyra",
    "Modality": "MR",
    "ParallelReductionFactorInPlane": 2,
    "PartialFourier": 1,
    "PatientPosition": "HFS",
    "PercentPhaseFOV": 100,
    "PhaseEncodingDirection": "j-",
    "PhaseEncodingSteps": 64,
    "PhaseResolution": 1,
    "PixelBandwidth": 1445,
    "ProcedureStepDescription": "Turk-BrowneLab_Projects",
    "ProtocolName": "epi_3x3x4_1.5s_216TR",
    "PulseSequenceDetails": "%SiemensSeq%_ep2d_bold",
    "ReceiveCoilActiveElements": "HE1-4",
    "ReceiveCoilName": "HeadNeck_20",
    "ReconMatrixPE": 64,
    "RepetitionTime": 1.5,
    "SAR": 0.079707,
    "ScanOptions": "FS",
    "ScanningSequence": "EP",
    "SequenceName": "_epfid2d1_64",
    "SequenceVariant": "SK",
    "SeriesDescription": "epi_3x3x4_1.5s_216TR",
    "SeriesNumber": 12,
    "ShimSetting": [
      3422,
      8649,
      9315,
      394,
      36,
      -200,
      436,
      -11
    ],
    "SliceThickness": 4,
    "SliceTiming": [
      0.74,
      0,
      0.7975,
      0.0575,
      0.855,
      0.115,
      0.9125,
      0.1725,
      0.9675,
      0.23,
      1.025,
      0.285,
      1.0825,
      0.3425,
      1.14,
      0.4,
      1.1975,
      0.4575,
      1.2525,
      0.5125,
      1.31,
      0.57,
      1.3675,
      0.6275,
      1.425,
      0.685
    ],
    "SoftwareVersions": "syngo_MR_D13",
    "SpacingBetweenSlices": 4,
    "StationName": "AWP45031",
    "TotalReadoutTime": 0.0245701,
    "TxRefAmp": 358.738,
    "dataset": "ds001430",
    "modality": "bold",
    "run_id": 1,
    "subject_id": "28",
    "task_id": "loc"
  },
  "dummy_trs": 0,
  "dvars_nstd": 24.80323127041861,
  "dvars_std": 1.3494548577209298,
  "dvars_vstd": 1.0360440604651155,
  "efc": 0.6233523064050549,
  "fber": 1937.700439453125,
  "fd_mean": 0.14897233373304222,
  "fd_num": 31,
  "fd_perc": 14.351851851851851,
  "fwhm_avg": 1.8679819444444445,
  "fwhm_x": 1.7725933333333332,
  "fwhm_y": 2.17924,
  "fwhm_z": 1.6521125,
  "gcor": 0.0232661,
  "gsr_x": -0.009587588720023632,
  "gsr_y": 0.05936891958117485,
  "provenance": {
    "md5sum": "84bc2bb5c97fb41ea7677430b4458002",
    "settings": {
      "fd_thres": 0.2,
      "testing": false
    },
    "software": "mriqc",
    "version": "23.0.1",
    "webapi_port": null,
    "webapi_url": "https://mriqc.nimh.nih.gov/api/v1"
  },
  "size_t": 216,
  "size_x": 64,
  "size_y": 64,
  "size_z": 26,
  "snr": 6.501059242292999,
  "spacing_tr": 1.5,
  "spacing_x": 3.0,
  "spacing_y": 3.0,
  "spacing_z": 4.0,
  "summary_bg_k": 11.635185316717793,
  "summary_bg_mad": 11.579396835147246,
  "summary_bg_mean": 52.72422409057617,
  "summary_bg_median": 16.199073791503906,
  "summary_bg_n": 50001.0,
  "summary_bg_p05": 7.25,
  "summary_bg_p95": 231.4583282470703,
  "summary_bg_stdv": 81.98657989501953,
  "summary_fg_k": 2.998959437369824,
  "summary_fg_mad": 97.80713442834463,
  "summary_fg_mean": 773.5514526367188,
  "summary_fg_median": 759.6180419921875,
  "summary_fg_n": 29382.0,
  "summary_fg_p05": 624.7770690917969,
  "summary_fg_p95": 975.4652770996092,
  "summary_fg_stdv": 116.8432846069336,
  "tsnr": 71.62677275831811
}