{
  "aor": 0.0012846621621621624,
  "aqi": 0.005355308851351351,
  "bids_meta": {
    "AcquisitionMatrixPE": 64,
    "AcquisitionNumber": 1,
    "AcquisitionTime": "10:44:40.915000",
    "BandwidthPerPixelPhaseEncode": 40.064,
    "BaseResolution": 64,
    "BodyPartExamined": "BRAIN",
    "ConsistencyInfo": "N4_VD13A_LATEST_20120616",
    "ConversionSoftware": "dcm2niix",
    "ConversionSoftwareVersion": "v1.0.20180518 GCC4.8.5",
    "DerivedVendorReportedEchoSpacing": 0.000780002,
    "DeviceSerialNumber": "45031",
    "DwellTime": 5.4e-06,
    "EchoTime": 0.028,
    "EchoTrainLength": 32,
    "EffectiveEchoSpacing": 0.000390001,
    "FlipAngle": 64,
    "ImageOrientationPatientDICOM": [
      0.996836,
      0.0188716,
      0.0772124,
      -0.0111475,
      0.994998,
      -0.0992704
    ],
    "ImageType": [
      "ORIGINAL",
      "PRIMARY",
      "M",
      "ND",
      "NORM",
      "MOSAIC"
    ],
    "InPlanePhaseEncodingDirectionDICOM": "COL",
    "InstitutionAddress": "Washington_and_Faculty_Rd._-_Building_25_25_Princeton_NJ_US_085",
    "InstitutionName": "Princeton_University_-_Neuroscience_Institute",
    "InstitutionalDepartmentName": "Department",
    "MRAcquisitionType": "2D",
    "MagneticFieldStrength": 3,
    "Manufacturer": "Siemens",
    "ManufacturersModelName": "Skyra",
    "Modality": "MR",
    "ParallelReductionFactorInPlane": 2,
    "PartialFourier": 1,
    "PatientPosition": "HFS",
    "PercentPhaseFOV": 100,
    "PhaseEncodingDirection": "j-",
    "PhaseEncodingSteps": 64,
    "PhaseResolution": 1,
    "PixelBandwidth": 1445,
    "ProcedureStepDescription": "Turk-BrowneLab_Projects",
    "ProtocolName": "epi_3x3x4_1.5s_148TR",
    "PulseSequenceDetails": "%SiemensSeq%_ep2d_bold",
    "ReceiveCoilActiveElements": "HE1-4",
    "ReceiveCoilName": "HeadNeck_20",
    "ReconMatrixPE": 64,
    "RepetitionTime": 1.5,
    "SAR": 0.0797059,
    "ScanOptions": "FS",
    "ScanningSequence": "EP",
    "SequenceName": "_epfid2d1_64",
    "SequenceVariant": "SK",
    "SeriesDescription": "epi_3x3x4_1.5s_148TR",
    "SeriesNumber": 7,
    "ShimSetting": [
      3422,
      8649,
      9315,
      394,
      36,
      -200,
      436,
      -11
    ],
    "SliceThickness": 4,
    "SliceTiming": [
      0.74,
      0,
      0.7975,
      0.0575,
      0.855,
      0.115,
      0.91,
      0.17,
      0.9675,
      0.2275,
      1.025,
      0.285,
      1.0825,
      0.3425,
      1.1375,
      0.3975,
      1.195,
      0.455,
      1.2525,
      0.5125,
      1.31,
      0.57,
      1.365,
      0.625,
      1.4225,
      0.6825
    ],
    "SoftwareVersions": "syngo_MR_D13",
    "SpacingBetweenSlices": 4,
    "StationName": "AWP45031",
    "TotalReadoutTime": 0.0245701,
    "TxRefAmp": 358.738,
    "dataset": "ds001430",
    "modality": "bold",
    "run_id": 3,
    "subject_id": "28",
    "task_id": "phase1"
  },
  "dummy_trs": 0,
  "dvars_nstd": 23.098884621836728,
  "dvars_std": 1.3413725457823127,
  "dvars_vstd": 1.0000540453741495,
  "efc": 0.6248453401252317,
  "fber": 1572.873291015625,
  "fd_mean": 0.0954612997992536,
  "fd_num": 2,
  "fd_perc": 1.3513513513513513,
  "fwhm_avg": 1.8524794444444446,
  "fwhm_x": 1.7479533333333332,
  "fwhm_y": 2.14438,
  "fwhm_z": 1.665105,
  "gcor": 0.0114611,
  "gsr_x": -0.012547892518341541,
  "gsr_y": 0.056349534541368484,
  "provenance": {
    "md5sum": "08fcd1465cecdaeb5e1ee5bd353f86aa",
    "settings": {
      "fd_thres": 0.2,
      "testing": false
    },
    "software": "mriqc",
    "version": "23.0.1",
    "webapi_port": null,
    "webapi_url": "https://mriqc.nimh.nih.gov/api/v1"
  },
  "size_t": 148,
  "size_x": 64,
  "size_y": 64,
  "size_z": 26,
  "snr": 6.554636464699448,
  "spacing_tr": 1.5,
  "spacing_x": 3.0,
  "spacing_y": 3.0,
  "spacing_z": 4.0,
  "summary_bg_k": 11.483147084959848,
  "summary_bg_mad": 13.548780485406647,
  "summary_bg_mean": 52.5201416015625,
  "summary_bg_median": 17.638513565063477,
  "summary_bg_n": 49856.0,
  "summary_bg_p05": 7.297297477722168,
  "summary_bg_p95": 229.58615112304688,
  "summary_bg_stdv": 79.73433685302734,
  "summary_fg_k": 2.8442787987299383,
  "summary_fg_mad": 97.17057648729985,
  "summary_fg_mean": 767.0179443359375,
  "summary_fg_median": 754.4898681640625,
  "summary_fg_n": 29438.0,
  "summary_fg_p05": 617.7635498046875,
  "summary_fg_p95": 967.0726379394531,
  "summary_fg_stdv": 115.1058578491211,
  "tsnr": 84.94401320070028
}