{
  "aor": 0.008861754966887415,
  "aqi": 0.01420664490066225,
  "bids_meta": {
    "AcquisitionMatrixPE": 64,
    "AcquisitionNumber": 1,
    "AcquisitionTime": "12:56:19.640000",
    "BandwidthPerPixelPhaseEncode": 40.064,
    "BaseResolution": 64,
    "BodyPartExamined": "BRAIN",
    "ConsistencyInfo": "N4_VD13A_LATEST_20120616",
    "ConversionSoftware": "dcm2niix",
    "ConversionSoftwareVersion": "v1.0.20180518 GCC4.8.5",
    "DerivedVendorReportedEchoSpacing": 0.000780002,
    "DeviceSerialNumber": "45031",
    "DwellTime": 5.4e-06,
    "EchoTime": 0.028,
    "EchoTrainLength": 32,
    "EffectiveEchoSpacing": 0.000390001,
    "FlipAngle": 64,
    "ImageOrientationPatientDICOM": [
      0.997601,
      0.0174184,
      0.0670045,
      -0.0100742,
      0.994054,
      -0.108422
    ],
    "ImageType": [
      "ORIGINAL",
      "PRIMARY",
      "M",
      "ND",
      "NORM",
      "MOSAIC"
    ],
    "InPlanePhaseEncodingDirectionDICOM": "COL",
    "InstitutionAddress": "Washington_and_Faculty_Rd._-_Building_25_25_Princeton_NJ_US_085",
    "InstitutionName": "Princeton_University_-_Neuroscience_Institute",
    "InstitutionalDepartmentName": "Department",
    "MRAcquisitionType": "2D",
    "MagneticFieldStrength": 3,
    "Manufacturer": "Siemens",
    "ManufacturersModelName": "Skyra",
    "Modality": "MR",
    "ParallelReductionFactorInPlane": 2,
    "PartialFourier": 1,
    "PatientPosition": "HFS",
    "PercentPhaseFOV": 100,
    "PhaseEncodingDirection": "j-",
    "PhaseEncodingSteps": 64,
    "PhaseResolution": 1,
    "PixelBandwidth": 1445,
    "ProcedureStepDescription": "Turk-BrowneLab_Projects",
    "ProtocolName": "epi_3x3x4_1.5s_302TR",
    "PulseSequenceDetails": "%SiemensSeq%_ep2d_bold",
    "ReceiveCoilActiveElements": "HE1-4",
    "ReceiveCoilName": "HeadNeck_20",
    "ReconMatrixPE": 64,
    "RepetitionTime": 1.5,
    "SAR": 0.0840329,
    "ScanOptions": "FS",
    "ScanningSequence": "EP",
    "SequenceName": "_epfid2d1_64",
    "SequenceVariant": "SK",
    "SeriesDescription": "epi_3x3x4_1.5s_302TR",
    "SeriesNumber": 9,
    "ShimSetting": [
      3426,
      8593,
      9354,
      364,
      127,
      -100,
      562,
      18
    ],
    "SliceThickness": 4,
    "SliceTiming": [
      0.74,
      0,
      0.7975,
      0.0575,
      0.855,
      0.115,
      0.9125,
      0.1725,
      0.97,
      0.23,
      1.025,
      0.285,
      1.0825,
      0.3425,
      1.14,
      0.4,
      1.1975,
      0.4575,
      1.2525,
      0.5125,
      1.31,
      0.57,
      1.3675,
      0.6275,
      1.425,
      0.685
    ],
    "SoftwareVersions": "syngo_MR_D13",
    "SpacingBetweenSlices": 4,
    "StationName": "AWP45031",
    "TotalReadoutTime": 0.0245701,
    "TxRefAmp": 357.716,
    "dataset": "ds001430",
    "modality": "bold",
    "run_id": 1,
    "subject_id": "02",
    "task_id": "phase2"
  },
  "dummy_trs": 0,
  "dvars_nstd": 20.094154215315626,
  "dvars_std": 1.1566597241860468,
  "dvars_vstd": 1.0468085880398663,
  "efc": 0.6454193085976455,
  "fber": 1546.8134765625,
  "fd_mean": 0.14513836510441797,
  "fd_num": 31,
  "fd_perc": 10.264900662251655,
  "fwhm_avg": 1.7378044444444445,
  "fwhm_x": 1.6673833333333334,
  "fwhm_y": 1.9007699999999998,
  "fwhm_z": 1.64526,
  "gcor": 0.0194607,
  "gsr_x": 0.0164951141923666,
  "gsr_y": 0.036669373512268066,
  "provenance": {
    "md5sum": "0eea8f632c92306f29ad2adcfacf805c",
    "settings": {
      "fd_thres": 0.2,
      "testing": false
    },
    "software": "mriqc",
    "version": "23.0.1",
    "webapi_port": null,
    "webapi_url": "https://mriqc.nimh.nih.gov/api/v1"
  },
  "size_t": 302,
  "size_x": 64,
  "size_y": 64,
  "size_z": 26,
  "snr": 6.90675128744387,
  "spacing_tr": 1.5,
  "spacing_x": 3.0,
  "spacing_y": 3.0,
  "spacing_z": 4.0,
  "summary_bg_k": 14.95800270877664,
  "summary_bg_mad": 12.248650961305772,
  "summary_bg_mean": 43.85829162597656,
  "summary_bg_median": 15.56291389465332,
  "summary_bg_n": 46218.0,
  "summary_bg_p05": 6.21854305267334,
  "summary_bg_p95": 177.84752120971686,
  "summary_bg_stdv": 67.6817855834961,
  "summary_fg_k": 2.0028290643441142,
  "summary_fg_mad": 90.08278953865057,
  "summary_fg_mean": 650.5035400390625,
  "summary_fg_median": 641.6622314453125,
  "summary_fg_n": 32746.0,
  "summary_fg_p05": 523.6655426025391,
  "summary_fg_p95": 803.3443756103516,
  "summary_fg_stdv": 92.90220642089844,
  "tsnr": 59.044479760341346
}