{
  "aor": 0.012536435185185183,
  "aqi": 0.01150511050925926,
  "bids_meta": {
    "AcquisitionMatrixPE": 64,
    "AcquisitionNumber": 1,
    "AcquisitionTime": "13:48:29.515000",
    "BandwidthPerPixelPhaseEncode": 40.064,
    "BaseResolution": 64,
    "BodyPartExamined": "BRAIN",
    "ConsistencyInfo": "N4_VD13A_LATEST_20120616",
    "ConversionSoftware": "dcm2niix",
    "ConversionSoftwareVersion": "v1.0.20180518 GCC4.8.5",
    "DerivedVendorReportedEchoSpacing": 0.000780002,
    "DeviceSerialNumber": "45031",
    "DwellTime": 5.4e-06,
    "EchoTime": 0.028,
    "EchoTrainLength": 32,
    "EffectiveEchoSpacing": 0.000390001,
    "FlipAngle": 64,
    "ImageOrientationPatientDICOM": [
      0.997601,
      0.0174184,
      0.0670045,
      -0.0100742,
      0.994054,
      -0.108422
    ],
    "ImageType": [
      "ORIGINAL",
      "PRIMARY",
      "M",
      "ND",
      "NORM",
      "MOSAIC"
    ],
    "InPlanePhaseEncodingDirectionDICOM": "COL",
    "InstitutionAddress": "Washington_and_Faculty_Rd._-_Building_25_25_Princeton_NJ_US_085",
    "InstitutionName": "Princeton_University_-_Neuroscience_Institute",
    "InstitutionalDepartmentName": "Department",
    "MRAcquisitionType": "2D",
    "MagneticFieldStrength": 3,
    "Manufacturer": "Siemens",
    "ManufacturersModelName": "Skyra",
    "Modality": "MR",
    "ParallelReductionFactorInPlane": 2,
    "PartialFourier": 1,
    "PatientPosition": "HFS",
    "PercentPhaseFOV": 100,
    "PhaseEncodingDirection": "j-",
    "PhaseEncodingSteps": 64,
    "PhaseResolution": 1,
    "PixelBandwidth": 1445,
    "ProcedureStepDescription": "Turk-BrowneLab_Projects",
    "ProtocolName": "epi_3x3x4_1.5s_216TR",
    "PulseSequenceDetails": "%SiemensSeq%_ep2d_bold",
    "ReceiveCoilActiveElements": "HE1-4",
    "ReceiveCoilName": "HeadNeck_20",
    "ReconMatrixPE": 64,
    "RepetitionTime": 1.5,
    "SAR": 0.0840322,
    "ScanOptions": "FS",
    "ScanningSequence": "EP",
    "SequenceName": "_epfid2d1_64",
    "SequenceVariant": "SK",
    "SeriesDescription": "epi_3x3x4_1.5s_216TR",
    "SeriesNumber": 14,
    "ShimSetting": [
      3426,
      8593,
      9354,
      364,
      127,
      -100,
      562,
      18
    ],
    "SliceThickness": 4,
    "SliceTiming": [
      0.74,
      0,
      0.7975,
      0.0575,
      0.855,
      0.115,
      0.9125,
      0.1725,
      0.9675,
      0.2275,
      1.025,
      0.285,
      1.0825,
      0.3425,
      1.14,
      0.4,
      1.1975,
      0.4575,
      1.2525,
      0.5125,
      1.31,
      0.57,
      1.3675,
      0.6275,
      1.425,
      0.685
    ],
    "SoftwareVersions": "syngo_MR_D13",
    "SpacingBetweenSlices": 4,
    "StationName": "AWP45031",
    "TotalReadoutTime": 0.0245701,
    "TxRefAmp": 357.716,
    "dataset": "ds001430",
    "modality": "bold",
    "run_id": 3,
    "subject_id": "02",
    "task_id": "loc"
  },
  "dummy_trs": 0,
  "dvars_nstd": 21.650528060558138,
  "dvars_std": 1.2898990956279066,
  "dvars_vstd": 1.1383254614418608,
  "efc": 0.6487254133933068,
  "fber": 1462.945068359375,
  "fd_mean": 0.17620077695142447,
  "fd_num": 36,
  "fd_perc": 16.666666666666668,
  "fwhm_avg": 1.7289483333333333,
  "fwhm_x": 1.6595633333333335,
  "fwhm_y": 1.8973766666666665,
  "fwhm_z": 1.629905,
  "gcor": 0.0250926,
  "gsr_x": 0.014631006866693497,
  "gsr_y": 0.038484785705804825,
  "provenance": {
    "md5sum": "26c23da760086b002a35bbfae1615600",
    "settings": {
      "fd_thres": 0.2,
      "testing": false
    },
    "software": "mriqc",
    "version": "23.0.1",
    "webapi_port": null,
    "webapi_url": "https://mriqc.nimh.nih.gov/api/v1"
  },
  "size_t": 216,
  "size_x": 64,
  "size_y": 64,
  "size_z": 26,
  "snr": 6.882447452824181,
  "spacing_tr": 1.5,
  "spacing_x": 3.0,
  "spacing_y": 3.0,
  "spacing_z": 4.0,
  "summary_bg_k": 13.783582237777377,
  "summary_bg_mad": 12.492296889680803,
  "summary_bg_mean": 45.62051010131836,
  "summary_bg_median": 15.81944465637207,
  "summary_bg_n": 45983.0,
  "summary_bg_p05": 6.351851940155029,
  "summary_bg_p95": 188.54815521240238,
  "summary_bg_stdv": 70.05789947509766,
  "summary_fg_k": 1.990637430874198,
  "summary_fg_mad": 89.94456475295921,
  "summary_fg_mean": 648.2068481445312,
  "summary_fg_median": 640.0416870117188,
  "summary_fg_n": 32899.0,
  "summary_fg_p05": 521.5694580078125,
  "summary_fg_p95": 802.3124938964844,
  "summary_fg_stdv": 92.99481964111328,
  "tsnr": 62.126225790940225
}