{
  "aor": 0.0011116891891891892,
  "aqi": 0.005139519121621621,
  "bids_meta": {
    "AcquisitionMatrixPE": 64,
    "AcquisitionNumber": 1,
    "AcquisitionTime": "21:00:56.207500",
    "BandwidthPerPixelPhaseEncode": 40.064,
    "BaseResolution": 64,
    "BodyPartExamined": "BRAIN",
    "ConsistencyInfo": "N4_VD13A_LATEST_20120616",
    "ConversionSoftware": "dcm2niix",
    "ConversionSoftwareVersion": "v1.0.20180518 GCC4.8.5",
    "DerivedVendorReportedEchoSpacing": 0.000780002,
    "DeviceSerialNumber": "45031",
    "DwellTime": 5.4e-06,
    "EchoTime": 0.028,
    "EchoTrainLength": 32,
    "EffectiveEchoSpacing": 0.000390001,
    "FlipAngle": 64,
    "ImageOrientationPatientDICOM": [
      0.998647,
      -0.0465423,
      -0.0231948,
      0.0424357,
      0.987188,
      -0.153815
    ],
    "ImageType": [
      "ORIGINAL",
      "PRIMARY",
      "M",
      "ND",
      "NORM",
      "MOSAIC"
    ],
    "InPlanePhaseEncodingDirectionDICOM": "COL",
    "InstitutionAddress": "Washington_and_Faculty_Rd._-_Building_25_25_Princeton_NJ_US_085",
    "InstitutionName": "Princeton_University_-_Neuroscience_Institute",
    "InstitutionalDepartmentName": "Department",
    "MRAcquisitionType": "2D",
    "MagneticFieldStrength": 3,
    "Manufacturer": "Siemens",
    "ManufacturersModelName": "Skyra",
    "Modality": "MR",
    "ParallelReductionFactorInPlane": 2,
    "PartialFourier": 1,
    "PatientPosition": "HFS",
    "PercentPhaseFOV": 100,
    "PhaseEncodingDirection": "j-",
    "PhaseEncodingSteps": 64,
    "PhaseResolution": 1,
    "PixelBandwidth": 1445,
    "ProcedureStepDescription": "Turk-BrowneLab_Projects",
    "ProtocolName": "epi_3x3x4_1.5s_148TR",
    "PulseSequenceDetails": "%SiemensSeq%_ep2d_bold",
    "ReceiveCoilActiveElements": "HE1-4",
    "ReceiveCoilName": "HeadNeck_20",
    "ReconMatrixPE": 64,
    "RepetitionTime": 1.5,
    "SAR": 0.0941495,
    "ScanOptions": "FS",
    "ScanningSequence": "EP",
    "SequenceName": "_epfid2d1_64",
    "SequenceVariant": "SK",
    "SeriesDescription": "epi_3x3x4_1.5s_148TR",
    "SeriesNumber": 5,
    "ShimSetting": [
      3389,
      8694,
      9326,
      346,
      271,
      -221,
      102,
      122
    ],
    "SliceThickness": 4,
    "SliceTiming": [
      0.74,
      0,
      0.7975,
      0.0575,
      0.855,
      0.115,
      0.91,
      0.17,
      0.9675,
      0.2275,
      1.025,
      0.285,
      1.0825,
      0.3425,
      1.1375,
      0.3975,
      1.195,
      0.455,
      1.2525,
      0.5125,
      1.31,
      0.57,
      1.365,
      0.625,
      1.4225,
      0.6825
    ],
    "SoftwareVersions": "syngo_MR_D13",
    "SpacingBetweenSlices": 4,
    "StationName": "AWP45031",
    "TotalReadoutTime": 0.0245701,
    "TxRefAmp": 375.394,
    "dataset": "ds001430",
    "modality": "bold",
    "run_id": 1,
    "subject_id": "19",
    "task_id": "phase1"
  },
  "dummy_trs": 0,
  "dvars_nstd": 21.42894888884354,
  "dvars_std": 1.1547839900680268,
  "dvars_vstd": 1.009710189319728,
  "efc": 0.6487249609980146,
  "fber": 1190.77392578125,
  "fd_mean": 0.159981973349294,
  "fd_num": 43,
  "fd_perc": 29.054054054054053,
  "fwhm_avg": 1.6738733333333335,
  "fwhm_x": 1.6470099999999999,
  "fwhm_y": 1.79403,
  "fwhm_z": 1.58058,
  "gcor": 0.0125095,
  "gsr_x": 0.0009839015547186136,
  "gsr_y": 0.0416325144469738,
  "provenance": {
    "md5sum": "4b50e1dded31a5aaa35d2cf5b65e5d14",
    "settings": {
      "fd_thres": 0.2,
      "testing": false
    },
    "software": "mriqc",
    "version": "23.0.1",
    "webapi_port": null,
    "webapi_url": "https://mriqc.nimh.nih.gov/api/v1"
  },
  "size_t": 148,
  "size_x": 64,
  "size_y": 64,
  "size_z": 26,
  "snr": 7.203072723666668,
  "spacing_tr": 1.5,
  "spacing_x": 3.0,
  "spacing_y": 3.0,
  "spacing_z": 4.0,
  "summary_bg_k": 17.132732869540405,
  "summary_bg_mad": 13.613894313461667,
  "summary_bg_mean": 46.429901123046875,
  "summary_bg_median": 17.804054260253906,
  "summary_bg_n": 46085.0,
  "summary_bg_p05": 6.925675868988037,
  "summary_bg_p95": 189.8243286132811,
  "summary_bg_stdv": 72.67476654052734,
  "summary_fg_k": 3.1568466749123933,
  "summary_fg_mad": 80.19073614405528,
  "summary_fg_mean": 658.2385864257812,
  "summary_fg_median": 649.8446044921875,
  "summary_fg_n": 32581.0,
  "summary_fg_p05": 538.5135498046875,
  "summary_fg_p95": 812.9053955078125,
  "summary_fg_stdv": 90.21630859375,
  "tsnr": 83.85791158955544
}