{
  "aor": 0.0007231018518518518,
  "aqi": 0.006154893472222222,
  "bids_meta": {
    "AcquisitionMatrixPE": 64,
    "AcquisitionNumber": 1,
    "AcquisitionTime": "22:08:50.205000",
    "BandwidthPerPixelPhaseEncode": 40.064,
    "BaseResolution": 64,
    "BodyPartExamined": "BRAIN",
    "ConsistencyInfo": "N4_VD13A_LATEST_20120616",
    "ConversionSoftware": "dcm2niix",
    "ConversionSoftwareVersion": "v1.0.20180518 GCC4.8.5",
    "DerivedVendorReportedEchoSpacing": 0.000780002,
    "DeviceSerialNumber": "45031",
    "DwellTime": 5.4e-06,
    "EchoTime": 0.028,
    "EchoTrainLength": 32,
    "EffectiveEchoSpacing": 0.000390001,
    "FlipAngle": 64,
    "ImageOrientationPatientDICOM": [
      0.998647,
      -0.0465423,
      -0.0231948,
      0.0424357,
      0.987188,
      -0.153815
    ],
    "ImageType": [
      "ORIGINAL",
      "PRIMARY",
      "M",
      "ND",
      "NORM",
      "MOSAIC"
    ],
    "InPlanePhaseEncodingDirectionDICOM": "COL",
    "InstitutionAddress": "Washington_and_Faculty_Rd._-_Building_25_25_Princeton_NJ_US_085",
    "InstitutionName": "Princeton_University_-_Neuroscience_Institute",
    "InstitutionalDepartmentName": "Department",
    "MRAcquisitionType": "2D",
    "MagneticFieldStrength": 3,
    "Manufacturer": "Siemens",
    "ManufacturersModelName": "Skyra",
    "Modality": "MR",
    "ParallelReductionFactorInPlane": 2,
    "PartialFourier": 1,
    "PatientPosition": "HFS",
    "PercentPhaseFOV": 100,
    "PhaseEncodingDirection": "j-",
    "PhaseEncodingSteps": 64,
    "PhaseResolution": 1,
    "PixelBandwidth": 1445,
    "ProcedureStepDescription": "Turk-BrowneLab_Projects",
    "ProtocolName": "epi_3x3x4_1.5s_216TR",
    "PulseSequenceDetails": "%SiemensSeq%_ep2d_bold",
    "ReceiveCoilActiveElements": "HE1-4",
    "ReceiveCoilName": "HeadNeck_20",
    "ReconMatrixPE": 64,
    "RepetitionTime": 1.5,
    "SAR": 0.0941508,
    "ScanOptions": "FS",
    "ScanningSequence": "EP",
    "SequenceName": "_epfid2d1_64",
    "SequenceVariant": "SK",
    "SeriesDescription": "epi_3x3x4_1.5s_216TR",
    "SeriesNumber": 14,
    "ShimSetting": [
      3389,
      8694,
      9326,
      346,
      271,
      -221,
      102,
      122
    ],
    "SliceThickness": 4,
    "SliceTiming": [
      0.74,
      0,
      0.7975,
      0.0575,
      0.855,
      0.115,
      0.91,
      0.17,
      0.9675,
      0.2275,
      1.025,
      0.285,
      1.0825,
      0.3425,
      1.1375,
      0.3975,
      1.195,
      0.455,
      1.2525,
      0.5125,
      1.31,
      0.57,
      1.365,
      0.625,
      1.4225,
      0.6825
    ],
    "SoftwareVersions": "syngo_MR_D13",
    "SpacingBetweenSlices": 4,
    "StationName": "AWP45031",
    "TotalReadoutTime": 0.0245701,
    "TxRefAmp": 375.394,
    "dataset": "ds001430",
    "modality": "bold",
    "run_id": 3,
    "subject_id": "19",
    "task_id": "loc"
  },
  "dummy_trs": 0,
  "dvars_nstd": 20.633249158465127,
  "dvars_std": 1.1343005058604652,
  "dvars_vstd": 1.0026411655813963,
  "efc": 0.6532522745711177,
  "fber": 1004.632568359375,
  "fd_mean": 0.1494704832896495,
  "fd_num": 45,
  "fd_perc": 20.833333333333332,
  "fwhm_avg": 1.6636608333333334,
  "fwhm_x": 1.6372966666666666,
  "fwhm_y": 1.8059133333333335,
  "fwhm_z": 1.5477725,
  "gcor": 0.0239438,
  "gsr_x": 0.003384706564247608,
  "gsr_y": 0.04150398448109627,
  "provenance": {
    "md5sum": "e32d9e4791601b8cfea30fdc5551803e",
    "settings": {
      "fd_thres": 0.2,
      "testing": false
    },
    "software": "mriqc",
    "version": "23.0.1",
    "webapi_port": null,
    "webapi_url": "https://mriqc.nimh.nih.gov/api/v1"
  },
  "size_t": 216,
  "size_x": 64,
  "size_y": 64,
  "size_z": 26,
  "snr": 7.232102099246637,
  "spacing_tr": 1.5,
  "spacing_x": 3.0,
  "spacing_y": 3.0,
  "spacing_z": 4.0,
  "summary_bg_k": 15.640709788218977,
  "summary_bg_mad": 15.704600753829837,
  "summary_bg_mean": 49.99490737915039,
  "summary_bg_median": 19.324073791503906,
  "summary_bg_n": 46179.0,
  "summary_bg_p05": 7.055555820465088,
  "summary_bg_p95": 201.84583129882807,
  "summary_bg_stdv": 75.7479476928711,
  "summary_fg_k": 3.0935679228929667,
  "summary_fg_mad": 79.1407707179493,
  "summary_fg_mean": 653.2459106445312,
  "summary_fg_median": 645.0879516601562,
  "summary_fg_n": 32571.0,
  "summary_fg_p05": 534.6898193359375,
  "summary_fg_p95": 805.7129821777344,
  "summary_fg_stdv": 89.19647979736328,
  "tsnr": 79.49127798341215
}