{
  "aor": 0.00045668874172185425,
  "aqi": 0.006397742549668874,
  "bids_meta": {
    "AcquisitionMatrixPE": 64,
    "AcquisitionNumber": 1,
    "AcquisitionTime": "21:21:5.245000",
    "BandwidthPerPixelPhaseEncode": 40.064,
    "BaseResolution": 64,
    "BodyPartExamined": "BRAIN",
    "ConsistencyInfo": "N4_VD13A_LATEST_20120616",
    "ConversionSoftware": "dcm2niix",
    "ConversionSoftwareVersion": "v1.0.20180518 GCC4.8.5",
    "DerivedVendorReportedEchoSpacing": 0.000780002,
    "DeviceSerialNumber": "45031",
    "DwellTime": 5.4e-06,
    "EchoTime": 0.028,
    "EchoTrainLength": 32,
    "EffectiveEchoSpacing": 0.000390001,
    "FlipAngle": 64,
    "ImageOrientationPatientDICOM": [
      0.998647,
      -0.0465423,
      -0.0231948,
      0.0424357,
      0.987188,
      -0.153815
    ],
    "ImageType": [
      "ORIGINAL",
      "PRIMARY",
      "M",
      "ND",
      "NORM",
      "MOSAIC"
    ],
    "InPlanePhaseEncodingDirectionDICOM": "COL",
    "InstitutionAddress": "Washington_and_Faculty_Rd._-_Building_25_25_Princeton_NJ_US_085",
    "InstitutionName": "Princeton_University_-_Neuroscience_Institute",
    "InstitutionalDepartmentName": "Department",
    "MRAcquisitionType": "2D",
    "MagneticFieldStrength": 3,
    "Manufacturer": "Siemens",
    "ManufacturersModelName": "Skyra",
    "Modality": "MR",
    "ParallelReductionFactorInPlane": 2,
    "PartialFourier": 1,
    "PatientPosition": "HFS",
    "PercentPhaseFOV": 100,
    "PhaseEncodingDirection": "j-",
    "PhaseEncodingSteps": 64,
    "PhaseResolution": 1,
    "PixelBandwidth": 1445,
    "ProcedureStepDescription": "Turk-BrowneLab_Projects",
    "ProtocolName": "epi_3x3x4_1.5s_302TR",
    "PulseSequenceDetails": "%SiemensSeq%_ep2d_bold",
    "ReceiveCoilActiveElements": "HE1-4",
    "ReceiveCoilName": "HeadNeck_20",
    "ReconMatrixPE": 64,
    "RepetitionTime": 1.5,
    "SAR": 0.0941516,
    "ScanOptions": "FS",
    "ScanningSequence": "EP",
    "SequenceName": "_epfid2d1_64",
    "SequenceVariant": "SK",
    "SeriesDescription": "epi_3x3x4_1.5s_302TR",
    "SeriesNumber": 9,
    "ShimSetting": [
      3389,
      8694,
      9326,
      346,
      271,
      -221,
      102,
      122
    ],
    "SliceThickness": 4,
    "SliceTiming": [
      0.74,
      0,
      0.7975,
      0.0575,
      0.855,
      0.115,
      0.9125,
      0.1725,
      0.9675,
      0.2275,
      1.025,
      0.285,
      1.0825,
      0.3425,
      1.14,
      0.4,
      1.1975,
      0.4575,
      1.2525,
      0.5125,
      1.31,
      0.57,
      1.3675,
      0.6275,
      1.425,
      0.685
    ],
    "SoftwareVersions": "syngo_MR_D13",
    "SpacingBetweenSlices": 4,
    "StationName": "AWP45031",
    "TotalReadoutTime": 0.0245701,
    "TxRefAmp": 375.394,
    "dataset": "ds001430",
    "modality": "bold",
    "run_id": 1,
    "subject_id": "19",
    "task_id": "phase2"
  },
  "dummy_trs": 0,
  "dvars_nstd": 21.312060777508297,
  "dvars_std": 1.1562147021926916,
  "dvars_vstd": 1.004134429202657,
  "efc": 0.6510866583071836,
  "fber": 1099.5550537109375,
  "fd_mean": 0.1607692505034451,
  "fd_num": 79,
  "fd_perc": 26.158940397350992,
  "fwhm_avg": 1.6614161111111112,
  "fwhm_x": 1.6411633333333333,
  "fwhm_y": 1.79071,
  "fwhm_z": 1.552375,
  "gcor": 0.0160887,
  "gsr_x": 0.0013319867430254817,
  "gsr_y": 0.04209655523300171,
  "provenance": {
    "md5sum": "0afdcfca57559637aa5fd3998a1cfa52",
    "settings": {
      "fd_thres": 0.2,
      "testing": false
    },
    "software": "mriqc",
    "version": "23.0.1",
    "webapi_port": null,
    "webapi_url": "https://mriqc.nimh.nih.gov/api/v1"
  },
  "size_t": 302,
  "size_x": 64,
  "size_y": 64,
  "size_z": 26,
  "snr": 7.221935433631897,
  "spacing_tr": 1.5,
  "spacing_x": 3.0,
  "spacing_y": 3.0,
  "spacing_z": 4.0,
  "summary_bg_k": 17.117737625431708,
  "summary_bg_mad": 14.610014851180804,
  "summary_bg_mean": 48.35544967651367,
  "summary_bg_median": 18.53642463684082,
  "summary_bg_n": 46076.0,
  "summary_bg_p05": 6.9693708419799805,
  "summary_bg_p95": 194.83361434936523,
  "summary_bg_stdv": 75.30276489257812,
  "summary_fg_k": 3.1573094557015073,
  "summary_fg_mad": 79.27017264497951,
  "summary_fg_mean": 656.9490356445312,
  "summary_fg_median": 648.3145751953125,
  "summary_fg_n": 32609.0,
  "summary_fg_p05": 539.035791015625,
  "summary_fg_p95": 808.8642578125,
  "summary_fg_stdv": 89.7688217163086,
  "tsnr": 78.39008176000789
}