{
  "aor": 0.0009586754966887418,
  "aqi": 0.011585710629139073,
  "bids_meta": {
    "AcquisitionMatrixPE": 64,
    "AcquisitionNumber": 1,
    "AcquisitionTime": "11:10:32.215000",
    "BandwidthPerPixelPhaseEncode": 40.064,
    "BaseResolution": 64,
    "BodyPartExamined": "BRAIN",
    "ConsistencyInfo": "N4_VD13A_LATEST_20120616",
    "ConversionSoftware": "dcm2niix",
    "ConversionSoftwareVersion": "v1.0.20180518 GCC4.8.5",
    "DerivedVendorReportedEchoSpacing": 0.000780002,
    "DeviceSerialNumber": "45031",
    "DwellTime": 5.4e-06,
    "EchoTime": 0.028,
    "EchoTrainLength": 32,
    "EffectiveEchoSpacing": 0.000390001,
    "FlipAngle": 64,
    "ImageOrientationPatientDICOM": [
      0.997561,
      0.0026856,
      0.0697527,
      0.0101064,
      0.983174,
      -0.18239
    ],
    "ImageType": [
      "ORIGINAL",
      "PRIMARY",
      "M",
      "ND",
      "NORM",
      "MOSAIC"
    ],
    "InPlanePhaseEncodingDirectionDICOM": "COL",
    "InstitutionAddress": "Washington_and_Faculty_Rd._-_Building_25_25_Princeton_NJ_US_085",
    "InstitutionName": "Princeton_University_-_Neuroscience_Institute",
    "InstitutionalDepartmentName": "Department",
    "MRAcquisitionType": "2D",
    "MagneticFieldStrength": 3,
    "Manufacturer": "Siemens",
    "ManufacturersModelName": "Skyra",
    "Modality": "MR",
    "ParallelReductionFactorInPlane": 2,
    "PartialFourier": 1,
    "PatientPosition": "HFS",
    "PercentPhaseFOV": 100,
    "PhaseEncodingDirection": "j-",
    "PhaseEncodingSteps": 64,
    "PhaseResolution": 1,
    "PixelBandwidth": 1445,
    "ProcedureStepDescription": "Turk-BrowneLab_Projects",
    "ProtocolName": "epi_3x3x4_1.5s_302TR",
    "PulseSequenceDetails": "%SiemensSeq%_ep2d_bold",
    "ReceiveCoilActiveElements": "HE1-4",
    "ReceiveCoilName": "HeadNeck_20",
    "ReconMatrixPE": 64,
    "RepetitionTime": 1.5,
    "SAR": 0.0867788,
    "ScanOptions": "FS",
    "ScanningSequence": "EP",
    "SequenceName": "_epfid2d1_64",
    "SequenceVariant": "SK",
    "SeriesDescription": "epi_3x3x4_1.5s_302TR",
    "SeriesNumber": 9,
    "ShimSetting": [
      3402,
      8659,
      9343,
      454,
      224,
      344,
      -46,
      44
    ],
    "SliceThickness": 4,
    "SliceTiming": [
      0.74,
      0,
      0.7975,
      0.0575,
      0.855,
      0.115,
      0.91,
      0.17,
      0.9675,
      0.2275,
      1.025,
      0.285,
      1.0825,
      0.3425,
      1.14,
      0.4,
      1.195,
      0.455,
      1.2525,
      0.5125,
      1.31,
      0.57,
      1.3675,
      0.6275,
      1.4225,
      0.6825
    ],
    "SoftwareVersions": "syngo_MR_D13",
    "SpacingBetweenSlices": 4,
    "StationName": "AWP45031",
    "TotalReadoutTime": 0.0245701,
    "TxRefAmp": 394.081,
    "dataset": "ds001430",
    "modality": "bold",
    "run_id": 1,
    "subject_id": "09",
    "task_id": "phase2"
  },
  "dummy_trs": 0,
  "dvars_nstd": 24.756278085448503,
  "dvars_std": 1.1916521777740867,
  "dvars_vstd": 0.9907352184717605,
  "efc": 0.6266849732671603,
  "fber": 923.04150390625,
  "fd_mean": 0.1535645525527029,
  "fd_num": 68,
  "fd_perc": 22.516556291390728,
  "fwhm_avg": 1.713025,
  "fwhm_x": 1.6377533333333334,
  "fwhm_y": 1.9226366666666665,
  "fwhm_z": 1.578685,
  "gcor": 0.0356647,
  "gsr_x": 0.014422883279621601,
  "gsr_y": 0.03238489851355553,
  "provenance": {
    "md5sum": "bd19e0982fc40d93e9dabdcbe683fe20",
    "settings": {
      "fd_thres": 0.2,
      "testing": false
    },
    "software": "mriqc",
    "version": "23.0.1",
    "webapi_port": null,
    "webapi_url": "https://mriqc.nimh.nih.gov/api/v1"
  },
  "size_t": 302,
  "size_x": 64,
  "size_y": 64,
  "size_z": 26,
  "snr": 7.249234953873334,
  "spacing_tr": 1.5,
  "spacing_x": 3.0,
  "spacing_y": 3.0,
  "spacing_z": 4.0,
  "summary_bg_k": 13.192345744865523,
  "summary_bg_mad": 18.174151413238086,
  "summary_bg_mean": 52.32283401489258,
  "summary_bg_median": 20.794702529907227,
  "summary_bg_n": 50044.0,
  "summary_bg_p05": 7.026490211486816,
  "summary_bg_p95": 223.92400894165033,
  "summary_bg_stdv": 77.96696472167969,
  "summary_fg_k": 2.8399435731754377,
  "summary_fg_mad": 85.13180846687398,
  "summary_fg_mean": 676.9361572265625,
  "summary_fg_median": 667.6986694335938,
  "summary_fg_n": 28325.0,
  "summary_fg_p05": 552.88212890625,
  "summary_fg_p95": 828.54306640625,
  "summary_fg_stdv": 92.10446166992188,
  "tsnr": 59.28188249608502
}