{
  "aor": 0.001073075,
  "aqi": 0.027822843275,
  "bids_meta": {
    "AcquisitionMatrixPE": 64,
    "AcquisitionNumber": 1,
    "AcquisitionTime": "11:38:52.525000",
    "BandwidthPerPixelPhaseEncode": 40.064,
    "BaseResolution": 64,
    "BodyPartExamined": "BRAIN",
    "ConsistencyInfo": "N4_VD13A_LATEST_20120616",
    "ConversionSoftware": "dcm2niix",
    "ConversionSoftwareVersion": "v1.0.20180518 GCC4.8.5",
    "DerivedVendorReportedEchoSpacing": 0.000780002,
    "DeviceSerialNumber": "45031",
    "DwellTime": 5.4e-06,
    "EchoTime": 0.028,
    "EchoTrainLength": 32,
    "EffectiveEchoSpacing": 0.000390001,
    "FlipAngle": 64,
    "ImageOrientationPatientDICOM": [
      0.997561,
      0.0026856,
      0.0697527,
      0.0101064,
      0.983174,
      -0.18239
    ],
    "ImageType": [
      "ORIGINAL",
      "PRIMARY",
      "M",
      "ND",
      "NORM",
      "MOSAIC"
    ],
    "InPlanePhaseEncodingDirectionDICOM": "COL",
    "InstitutionAddress": "Washington_and_Faculty_Rd._-_Building_25_25_Princeton_NJ_US_085",
    "InstitutionName": "Princeton_University_-_Neuroscience_Institute",
    "InstitutionalDepartmentName": "Department",
    "MRAcquisitionType": "2D",
    "MagneticFieldStrength": 3,
    "Manufacturer": "Siemens",
    "ManufacturersModelName": "Skyra",
    "Modality": "MR",
    "ParallelReductionFactorInPlane": 2,
    "PartialFourier": 1,
    "PatientPosition": "HFS",
    "PercentPhaseFOV": 100,
    "PhaseEncodingDirection": "j-",
    "PhaseEncodingSteps": 64,
    "PhaseResolution": 1,
    "PixelBandwidth": 1445,
    "ProcedureStepDescription": "Turk-BrowneLab_Projects",
    "ProtocolName": "epi_3x3x4_1.5s_400TR",
    "PulseSequenceDetails": "%SiemensSeq%_ep2d_bold",
    "ReceiveCoilActiveElements": "HE1-4",
    "ReceiveCoilName": "HeadNeck_20",
    "ReconMatrixPE": 64,
    "RepetitionTime": 1.5,
    "SAR": 0.0867793,
    "ScanOptions": "FS",
    "ScanningSequence": "EP",
    "SequenceName": "_epfid2d1_64",
    "SequenceVariant": "SK",
    "SeriesDescription": "epi_3x3x4_1.5s_400TR",
    "SeriesNumber": 11,
    "ShimSetting": [
      3402,
      8659,
      9343,
      454,
      224,
      344,
      -46,
      44
    ],
    "SliceThickness": 4,
    "SliceTiming": [
      0.74,
      0,
      0.7975,
      0.0575,
      0.855,
      0.115,
      0.9125,
      0.1725,
      0.9675,
      0.2275,
      1.025,
      0.285,
      1.0825,
      0.3425,
      1.14,
      0.4,
      1.195,
      0.455,
      1.2525,
      0.5125,
      1.31,
      0.57,
      1.3675,
      0.6275,
      1.425,
      0.685
    ],
    "SoftwareVersions": "syngo_MR_D13",
    "SpacingBetweenSlices": 4,
    "StationName": "AWP45031",
    "TotalReadoutTime": 0.0245701,
    "TxRefAmp": 394.081,
    "dataset": "ds001430",
    "modality": "bold",
    "run_id": 2,
    "subject_id": "09",
    "task_id": "phase3"
  },
  "dummy_trs": 0,
  "dvars_nstd": 25.913431181929816,
  "dvars_std": 1.0450389503258144,
  "dvars_vstd": 0.9060262984210516,
  "efc": 0.6260330716510482,
  "fber": 953.6619873046875,
  "fd_mean": 0.19772060945362857,
  "fd_num": 165,
  "fd_perc": 41.25,
  "fwhm_avg": 1.7403880555555553,
  "fwhm_x": 1.66791,
  "fwhm_y": 1.9578066666666667,
  "fwhm_z": 1.5954475,
  "gcor": 0.0263529,
  "gsr_x": 0.016647975891828537,
  "gsr_y": 0.029236560687422752,
  "provenance": {
    "md5sum": "faa3c1045b67ca67d4adab02a8a3e276",
    "settings": {
      "fd_thres": 0.2,
      "testing": false
    },
    "software": "mriqc",
    "version": "23.0.1",
    "webapi_port": null,
    "webapi_url": "https://mriqc.nimh.nih.gov/api/v1"
  },
  "size_t": 400,
  "size_x": 64,
  "size_y": 64,
  "size_z": 26,
  "snr": 7.3686106416701875,
  "spacing_tr": 1.5,
  "spacing_x": 3.0,
  "spacing_y": 3.0,
  "spacing_z": 4.0,
  "summary_bg_k": 12.97414469380938,
  "summary_bg_mad": 17.87832972863157,
  "summary_bg_mean": 51.38790512084961,
  "summary_bg_median": 20.53999900817871,
  "summary_bg_n": 50056.0,
  "summary_bg_p05": 7.019999980926514,
  "summary_bg_p95": 217.0243682861328,
  "summary_bg_stdv": 75.94743347167969,
  "summary_fg_k": 3.090206406770455,
  "summary_fg_mad": 83.40379504130128,
  "summary_fg_mean": 674.8505859375,
  "summary_fg_median": 666.114990234375,
  "summary_fg_n": 28352.0,
  "summary_fg_p05": 552.7537536621094,
  "summary_fg_p95": 821.118994140625,
  "summary_fg_stdv": 90.39739990234375,
  "tsnr": 44.567750841379166
}