{
  "aor": 0.001906986301369863,
  "aqi": 0.006733205000000001,
  "bids_meta": {
    "AcquisitionMatrixPE": 64,
    "AcquisitionNumber": 1,
    "AcquisitionTime": "20:38:52.377500",
    "BandwidthPerPixelPhaseEncode": 40.064,
    "BaseResolution": 64,
    "BodyPartExamined": "BRAIN",
    "ConsistencyInfo": "N4_VD13A_LATEST_20120616",
    "ConversionSoftware": "dcm2niix",
    "ConversionSoftwareVersion": "v1.0.20180518 GCC4.8.5",
    "DerivedVendorReportedEchoSpacing": 0.000780002,
    "DeviceSerialNumber": "45031",
    "DwellTime": 5.4e-06,
    "EchoTime": 0.028,
    "EchoTrainLength": 32,
    "EffectiveEchoSpacing": 0.000390001,
    "FlipAngle": 64,
    "ImageOrientationPatientDICOM": [
      0.999051,
      0.0404361,
      0.0161673,
      -0.0353519,
      0.969847,
      -0.241138
    ],
    "ImageType": [
      "ORIGINAL",
      "PRIMARY",
      "M",
      "ND",
      "NORM",
      "MOSAIC"
    ],
    "InPlanePhaseEncodingDirectionDICOM": "COL",
    "InstitutionAddress": "Washington_and_Faculty_Rd._-_Building_25_25_Princeton_NJ_US_085",
    "InstitutionName": "Princeton_University_-_Neuroscience_Institute",
    "InstitutionalDepartmentName": "Department",
    "MRAcquisitionType": "2D",
    "MagneticFieldStrength": 3,
    "Manufacturer": "Siemens",
    "ManufacturersModelName": "Skyra",
    "Modality": "MR",
    "ParallelReductionFactorInPlane": 2,
    "PartialFourier": 1,
    "PatientPosition": "HFS",
    "PercentPhaseFOV": 100,
    "PhaseEncodingDirection": "j-",
    "PhaseEncodingSteps": 64,
    "PhaseResolution": 1,
    "PixelBandwidth": 1445,
    "ProcedureStepDescription": "Turk-BrowneLab_Projects",
    "ProtocolName": "epi_3x3x4_1.5s_148TR",
    "PulseSequenceDetails": "%SiemensSeq%_ep2d_bold",
    "ReceiveCoilActiveElements": "HE1-4",
    "ReceiveCoilName": "HeadNeck_20",
    "ReconMatrixPE": 64,
    "RepetitionTime": 1.5,
    "SAR": 0.0910249,
    "ScanOptions": "FS",
    "ScanningSequence": "EP",
    "SequenceName": "_epfid2d1_64",
    "SequenceVariant": "SK",
    "SeriesDescription": "epi_3x3x4_1.5s_148TR",
    "SeriesNumber": 8,
    "ShimSetting": [
      3406,
      8621,
      9326,
      534,
      249,
      187,
      461,
      37
    ],
    "SliceThickness": 4,
    "SliceTiming": [
      0.74,
      0,
      0.7975,
      0.0575,
      0.8525,
      0.1125,
      0.91,
      0.17,
      0.9675,
      0.2275,
      1.025,
      0.285,
      1.0825,
      0.3425,
      1.1375,
      0.3975,
      1.195,
      0.455,
      1.2525,
      0.5125,
      1.31,
      0.57,
      1.365,
      0.625,
      1.4225,
      0.6825
    ],
    "SoftwareVersions": "syngo_MR_D13",
    "SpacingBetweenSlices": 4,
    "StationName": "AWP45031",
    "TotalReadoutTime": 0.0245701,
    "TxRefAmp": 391.067,
    "dataset": "ds001430",
    "modality": "bold",
    "run_id": 4,
    "subject_id": "20",
    "task_id": "phase1"
  },
  "dummy_trs": 2,
  "dvars_nstd": 25.544592285172417,
  "dvars_std": 1.3525650642068963,
  "dvars_vstd": 1.0374663567586209,
  "efc": 0.6255822920562844,
  "fber": 1151.675537109375,
  "fd_mean": 0.11040474102296736,
  "fd_num": 8,
  "fd_perc": 5.47945205479452,
  "fwhm_avg": 1.6814116666666665,
  "fwhm_x": 1.6688599999999998,
  "fwhm_y": 1.8539,
  "fwhm_z": 1.521475,
  "gcor": 0.0262197,
  "gsr_x": 0.016923319548368454,
  "gsr_y": 0.03154097497463226,
  "provenance": {
    "md5sum": "a8d5122b5f2782d84361728cfec93041",
    "settings": {
      "fd_thres": 0.2,
      "testing": false
    },
    "software": "mriqc",
    "version": "23.0.1",
    "webapi_port": null,
    "webapi_url": "https://mriqc.nimh.nih.gov/api/v1"
  },
  "size_t": 146,
  "size_x": 64,
  "size_y": 64,
  "size_z": 26,
  "snr": 7.852701256348218,
  "spacing_tr": 1.5,
  "spacing_x": 3.0,
  "spacing_y": 3.0,
  "spacing_z": 4.0,
  "summary_bg_k": 15.080673832448742,
  "summary_bg_mad": 14.714318290375425,
  "summary_bg_mean": 50.35480499267578,
  "summary_bg_median": 18.69178009033203,
  "summary_bg_n": 50417.0,
  "summary_bg_p05": 7.431506633758545,
  "summary_bg_p95": 223.69862670898377,
  "summary_bg_stdv": 79.87300109863281,
  "summary_fg_k": 3.5890577100452665,
  "summary_fg_mad": 75.05420356782034,
  "summary_fg_mean": 679.2507934570312,
  "summary_fg_median": 673.24658203125,
  "summary_fg_n": 28599.0,
  "summary_fg_p05": 564.2637084960937,
  "summary_fg_p95": 816.2150390624998,
  "summary_fg_stdv": 85.73289489746094,
  "tsnr": 80.78653389774263
}