{
  "aor": 0.0006281018518518519,
  "aqi": 0.007209950277777778,
  "bids_meta": {
    "AcquisitionMatrixPE": 64,
    "AcquisitionNumber": 1,
    "AcquisitionTime": "21:32:13.265000",
    "BandwidthPerPixelPhaseEncode": 40.064,
    "BaseResolution": 64,
    "BodyPartExamined": "BRAIN",
    "ConsistencyInfo": "N4_VD13A_LATEST_20120616",
    "ConversionSoftware": "dcm2niix",
    "ConversionSoftwareVersion": "v1.0.20180518 GCC4.8.5",
    "DerivedVendorReportedEchoSpacing": 0.000780002,
    "DeviceSerialNumber": "45031",
    "DwellTime": 5.4e-06,
    "EchoTime": 0.028,
    "EchoTrainLength": 32,
    "EffectiveEchoSpacing": 0.000390001,
    "FlipAngle": 64,
    "ImageOrientationPatientDICOM": [
      0.999051,
      0.0404361,
      0.0161673,
      -0.0353519,
      0.969847,
      -0.241138
    ],
    "ImageType": [
      "ORIGINAL",
      "PRIMARY",
      "M",
      "ND",
      "NORM",
      "MOSAIC"
    ],
    "InPlanePhaseEncodingDirectionDICOM": "COL",
    "InstitutionAddress": "Washington_and_Faculty_Rd._-_Building_25_25_Princeton_NJ_US_085",
    "InstitutionName": "Princeton_University_-_Neuroscience_Institute",
    "InstitutionalDepartmentName": "Department",
    "MRAcquisitionType": "2D",
    "MagneticFieldStrength": 3,
    "Manufacturer": "Siemens",
    "ManufacturersModelName": "Skyra",
    "Modality": "MR",
    "ParallelReductionFactorInPlane": 2,
    "PartialFourier": 1,
    "PatientPosition": "HFS",
    "PercentPhaseFOV": 100,
    "PhaseEncodingDirection": "j-",
    "PhaseEncodingSteps": 64,
    "PhaseResolution": 1,
    "PixelBandwidth": 1445,
    "ProcedureStepDescription": "Turk-BrowneLab_Projects",
    "ProtocolName": "epi_3x3x4_1.5s_216TR",
    "PulseSequenceDetails": "%SiemensSeq%_ep2d_bold",
    "ReceiveCoilActiveElements": "HE1-4",
    "ReceiveCoilName": "HeadNeck_20",
    "ReconMatrixPE": 64,
    "RepetitionTime": 1.5,
    "SAR": 0.0910261,
    "ScanOptions": "FS",
    "ScanningSequence": "EP",
    "SequenceName": "_epfid2d1_64",
    "SequenceVariant": "SK",
    "SeriesDescription": "epi_3x3x4_1.5s_216TR",
    "SeriesNumber": 14,
    "ShimSetting": [
      3406,
      8621,
      9326,
      534,
      249,
      187,
      461,
      37
    ],
    "SliceThickness": 4,
    "SliceTiming": [
      0.74,
      0,
      0.7975,
      0.0575,
      0.855,
      0.115,
      0.9125,
      0.1725,
      0.9675,
      0.2275,
      1.025,
      0.285,
      1.0825,
      0.3425,
      1.14,
      0.4,
      1.195,
      0.455,
      1.2525,
      0.5125,
      1.31,
      0.57,
      1.3675,
      0.6275,
      1.425,
      0.685
    ],
    "SoftwareVersions": "syngo_MR_D13",
    "SpacingBetweenSlices": 4,
    "StationName": "AWP45031",
    "TotalReadoutTime": 0.0245701,
    "TxRefAmp": 391.067,
    "dataset": "ds001430",
    "modality": "bold",
    "run_id": 3,
    "subject_id": "20",
    "task_id": "loc"
  },
  "dummy_trs": 0,
  "dvars_nstd": 25.624512446279063,
  "dvars_std": 1.3220168138139534,
  "dvars_vstd": 1.0012243296279069,
  "efc": 0.6286791963432359,
  "fber": 1075.125732421875,
  "fd_mean": 0.12137516255216102,
  "fd_num": 11,
  "fd_perc": 5.092592592592593,
  "fwhm_avg": 1.672227222222222,
  "fwhm_x": 1.6555099999999998,
  "fwhm_y": 1.8543266666666665,
  "fwhm_z": 1.506845,
  "gcor": 0.0283991,
  "gsr_x": 0.01784931682050228,
  "gsr_y": 0.029702695086598396,
  "provenance": {
    "md5sum": "72efcb5b5078bf3614701816b1441c33",
    "settings": {
      "fd_thres": 0.2,
      "testing": false
    },
    "software": "mriqc",
    "version": "23.0.1",
    "webapi_port": null,
    "webapi_url": "https://mriqc.nimh.nih.gov/api/v1"
  },
  "size_t": 216,
  "size_x": 64,
  "size_y": 64,
  "size_z": 26,
  "snr": 7.895282325493035,
  "spacing_tr": 1.5,
  "spacing_x": 3.0,
  "spacing_y": 3.0,
  "spacing_z": 4.0,
  "summary_bg_k": 14.1169037315914,
  "summary_bg_mad": 15.388861183011842,
  "summary_bg_mean": 51.68581008911133,
  "summary_bg_median": 19.129629135131836,
  "summary_bg_n": 50253.0,
  "summary_bg_p05": 7.476851940155029,
  "summary_bg_p95": 228.1296264648432,
  "summary_bg_stdv": 80.72593688964844,
  "summary_fg_k": 3.5044961320318224,
  "summary_fg_mad": 75.0086866662146,
  "summary_fg_mean": 676.6016845703125,
  "summary_fg_median": 670.69677734375,
  "summary_fg_n": 28754.0,
  "summary_fg_p05": 562.3166564941406,
  "summary_fg_p95": 812.7004821777341,
  "summary_fg_stdv": 84.94757843017578,
  "tsnr": 78.912977933418
}