{
  "aor": 0.0015995794392523364,
  "aqi": 0.007554704392523363,
  "bids_meta": {
    "AcquisitionMatrixPE": 64,
    "AcquisitionNumber": 1,
    "AcquisitionTime": "21:20:14.090000",
    "BandwidthPerPixelPhaseEncode": 40.064,
    "BaseResolution": 64,
    "BodyPartExamined": "BRAIN",
    "ConsistencyInfo": "N4_VD13A_LATEST_20120616",
    "ConversionSoftware": "dcm2niix",
    "ConversionSoftwareVersion": "v1.0.20180518 GCC4.8.5",
    "DerivedVendorReportedEchoSpacing": 0.000780002,
    "DeviceSerialNumber": "45031",
    "DwellTime": 5.4e-06,
    "EchoTime": 0.028,
    "EchoTrainLength": 32,
    "EffectiveEchoSpacing": 0.000390001,
    "FlipAngle": 64,
    "ImageOrientationPatientDICOM": [
      0.999051,
      0.0404361,
      0.0161673,
      -0.0353519,
      0.969847,
      -0.241138
    ],
    "ImageType": [
      "ORIGINAL",
      "PRIMARY",
      "M",
      "ND",
      "NORM",
      "MOSAIC"
    ],
    "InPlanePhaseEncodingDirectionDICOM": "COL",
    "InstitutionAddress": "Washington_and_Faculty_Rd._-_Building_25_25_Princeton_NJ_US_085",
    "InstitutionName": "Princeton_University_-_Neuroscience_Institute",
    "InstitutionalDepartmentName": "Department",
    "MRAcquisitionType": "2D",
    "MagneticFieldStrength": 3,
    "Manufacturer": "Siemens",
    "ManufacturersModelName": "Skyra",
    "Modality": "MR",
    "ParallelReductionFactorInPlane": 2,
    "PartialFourier": 1,
    "PatientPosition": "HFS",
    "PercentPhaseFOV": 100,
    "PhaseEncodingDirection": "j-",
    "PhaseEncodingSteps": 64,
    "PhaseResolution": 1,
    "PixelBandwidth": 1445,
    "ProcedureStepDescription": "Turk-BrowneLab_Projects",
    "ProtocolName": "epi_3x3x4_1.5s_216TR",
    "PulseSequenceDetails": "%SiemensSeq%_ep2d_bold",
    "ReceiveCoilActiveElements": "HE1-4",
    "ReceiveCoilName": "HeadNeck_20",
    "ReconMatrixPE": 64,
    "RepetitionTime": 1.5,
    "SAR": 0.0910261,
    "ScanOptions": "FS",
    "ScanningSequence": "EP",
    "SequenceName": "_epfid2d1_64",
    "SequenceVariant": "SK",
    "SeriesDescription": "epi_3x3x4_1.5s_216TR",
    "SeriesNumber": 12,
    "ShimSetting": [
      3406,
      8621,
      9326,
      534,
      249,
      187,
      461,
      37
    ],
    "SliceThickness": 4,
    "SliceTiming": [
      0.74,
      0,
      0.795,
      0.055,
      0.8525,
      0.1125,
      0.91,
      0.17,
      0.9675,
      0.2275,
      1.0225,
      0.2825,
      1.08,
      0.34,
      1.1375,
      0.3975,
      1.195,
      0.455,
      1.25,
      0.51,
      1.3075,
      0.5675,
      1.365,
      0.625,
      1.4225,
      0.6825
    ],
    "SoftwareVersions": "syngo_MR_D13",
    "SpacingBetweenSlices": 4,
    "StationName": "AWP45031",
    "TotalReadoutTime": 0.0245701,
    "TxRefAmp": 391.067,
    "dataset": "ds001430",
    "modality": "bold",
    "run_id": 1,
    "subject_id": "20",
    "task_id": "loc"
  },
  "dummy_trs": 2,
  "dvars_nstd": 25.60098009619717,
  "dvars_std": 1.3577783504694831,
  "dvars_vstd": 1.0320405530046943,
  "efc": 0.6281634010821878,
  "fber": 1113.75244140625,
  "fd_mean": 0.11666140105329348,
  "fd_num": 10,
  "fd_perc": 4.672897196261682,
  "fwhm_avg": 1.6662299999999999,
  "fwhm_x": 1.6554566666666668,
  "fwhm_y": 1.8396533333333334,
  "fwhm_z": 1.50358,
  "gcor": 0.0150727,
  "gsr_x": 0.017638539895415306,
  "gsr_y": 0.029152533039450645,
  "provenance": {
    "md5sum": "99e3d5bb0c59b28308f4ac1d960064da",
    "settings": {
      "fd_thres": 0.2,
      "testing": false
    },
    "software": "mriqc",
    "version": "23.0.1",
    "webapi_port": null,
    "webapi_url": "https://mriqc.nimh.nih.gov/api/v1"
  },
  "size_t": 214,
  "size_x": 64,
  "size_y": 64,
  "size_z": 26,
  "snr": 7.899061944037462,
  "spacing_tr": 1.5,
  "spacing_x": 3.0,
  "spacing_y": 3.0,
  "spacing_z": 4.0,
  "summary_bg_k": 14.262221912695129,
  "summary_bg_mad": 15.567321880389164,
  "summary_bg_mean": 51.650997161865234,
  "summary_bg_median": 19.12149429321289,
  "summary_bg_n": 50314.0,
  "summary_bg_p05": 7.334812808036805,
  "summary_bg_p95": 226.02008361816394,
  "summary_bg_stdv": 80.55728912353516,
  "summary_fg_k": 3.471636687224912,
  "summary_fg_mad": 75.05148884207844,
  "summary_fg_mean": 677.228759765625,
  "summary_fg_median": 671.6962280273438,
  "summary_fg_n": 28704.0,
  "summary_fg_p05": 561.6705261230469,
  "summary_fg_p95": 814.1880828857421,
  "summary_fg_stdv": 85.03345489501953,
  "tsnr": 78.269931415678
}