{
  "aor": 0.0007298130841121496,
  "aqi": 0.004340505700934579,
  "bids_meta": {
    "AcquisitionMatrixPE": 64,
    "AcquisitionNumber": 1,
    "AcquisitionTime": "20:12:41.402500",
    "BandwidthPerPixelPhaseEncode": 40.064,
    "BaseResolution": 64,
    "BodyPartExamined": "BRAIN",
    "ConsistencyInfo": "N4_VD13A_LATEST_20120616",
    "ConversionSoftware": "dcm2niix",
    "ConversionSoftwareVersion": "v1.0.20180518 GCC4.8.5",
    "DerivedVendorReportedEchoSpacing": 0.000780002,
    "DeviceSerialNumber": "45031",
    "DwellTime": 5.4e-06,
    "EchoTime": 0.028,
    "EchoTrainLength": 32,
    "EffectiveEchoSpacing": 0.000390001,
    "FlipAngle": 64,
    "ImageOrientationPatientDICOM": [
      0.998447,
      0.0415917,
      0.0370519,
      -0.0428649,
      0.998493,
      0.0342589
    ],
    "ImageType": [
      "ORIGINAL",
      "PRIMARY",
      "M",
      "ND",
      "NORM",
      "MOSAIC"
    ],
    "InPlanePhaseEncodingDirectionDICOM": "COL",
    "InstitutionAddress": "Washington_and_Faculty_Rd._-_Building_25_25_Princeton_NJ_US_085",
    "InstitutionName": "Princeton_University_-_Neuroscience_Institute",
    "InstitutionalDepartmentName": "Department",
    "MRAcquisitionType": "2D",
    "MagneticFieldStrength": 3,
    "Manufacturer": "Siemens",
    "ManufacturersModelName": "Skyra",
    "Modality": "MR",
    "ParallelReductionFactorInPlane": 2,
    "PartialFourier": 1,
    "PatientPosition": "HFS",
    "PercentPhaseFOV": 100,
    "PhaseEncodingDirection": "j-",
    "PhaseEncodingSteps": 64,
    "PhaseResolution": 1,
    "PixelBandwidth": 1445,
    "ProcedureStepDescription": "Turk-BrowneLab_Projects",
    "ProtocolName": "epi_3x3x4_1.5s_216TR",
    "PulseSequenceDetails": "%SiemensSeq%_ep2d_bold",
    "ReceiveCoilActiveElements": "HE1-4",
    "ReceiveCoilName": "HeadNeck_20",
    "ReconMatrixPE": 64,
    "RepetitionTime": 1.5,
    "SAR": 0.0925594,
    "ScanOptions": "FS",
    "ScanningSequence": "EP",
    "SequenceName": "_epfid2d1_64",
    "SequenceVariant": "SK",
    "SeriesDescription": "epi_3x3x4_1.5s_216TR",
    "SeriesNumber": 14,
    "ShimSetting": [
      3426,
      8591,
      9427,
      527,
      269,
      223,
      388,
      65
    ],
    "SliceThickness": 4,
    "SliceTiming": [
      0.74,
      0,
      0.7975,
      0.0575,
      0.855,
      0.115,
      0.91,
      0.17,
      0.9675,
      0.2275,
      1.025,
      0.285,
      1.0825,
      0.3425,
      1.1375,
      0.3975,
      1.195,
      0.455,
      1.2525,
      0.5125,
      1.31,
      0.57,
      1.3675,
      0.6275,
      1.4225,
      0.6825
    ],
    "SoftwareVersions": "syngo_MR_D13",
    "SpacingBetweenSlices": 4,
    "StationName": "AWP45031",
    "TotalReadoutTime": 0.0245701,
    "TxRefAmp": 327.072,
    "dataset": "ds001430",
    "modality": "bold",
    "run_id": 2,
    "subject_id": "17",
    "task_id": "loc"
  },
  "dummy_trs": 2,
  "dvars_nstd": 17.298130966854465,
  "dvars_std": 1.0982362437558686,
  "dvars_vstd": 1.0151661818309858,
  "efc": 0.5887270047836872,
  "fber": 2199.00244140625,
  "fd_mean": 0.09523382538320654,
  "fd_num": 2,
  "fd_perc": 0.9345794392523364,
  "fwhm_avg": 1.6699802777777777,
  "fwhm_x": 1.61977,
  "fwhm_y": 1.8877633333333332,
  "fwhm_z": 1.5024075,
  "gcor": 0.008108,
  "gsr_x": -0.010823086835443974,
  "gsr_y": 0.053008489310741425,
  "provenance": {
    "md5sum": "ec312662a891094db1450640ad6266b7",
    "settings": {
      "fd_thres": 0.2,
      "testing": false
    },
    "software": "mriqc",
    "version": "23.0.1",
    "webapi_port": null,
    "webapi_url": "https://mriqc.nimh.nih.gov/api/v1"
  },
  "size_t": 214,
  "size_x": 64,
  "size_y": 64,
  "size_z": 26,
  "snr": 7.643634214224046,
  "spacing_tr": 1.5,
  "spacing_x": 3.0,
  "spacing_y": 3.0,
  "spacing_z": 4.0,
  "summary_bg_k": 20.271126832385463,
  "summary_bg_mad": 8.653131745496315,
  "summary_bg_mean": 36.89866256713867,
  "summary_bg_median": 13.990653991699219,
  "summary_bg_n": 52455.0,
  "summary_bg_p05": 6.7149529457092285,
  "summary_bg_p95": 142.2191574096679,
  "summary_bg_stdv": 63.79662322998047,
  "summary_fg_k": 3.6316933455065694,
  "summary_fg_mad": 83.09494974273197,
  "summary_fg_mean": 697.9772338867188,
  "summary_fg_median": 692.2569580078125,
  "summary_fg_n": 26243.0,
  "summary_fg_p05": 575.9766235351562,
  "summary_fg_p95": 842.96728515625,
  "summary_fg_stdv": 90.56474304199219,
  "tsnr": 91.71086644986644
}