{
  "aor": 0.000670139534883721,
  "aqi": 0.004076802558139535,
  "bids_meta": {
    "AcquisitionMatrixPE": 64,
    "AcquisitionNumber": 1,
    "AcquisitionTime": "20:18:48.220000",
    "BandwidthPerPixelPhaseEncode": 40.064,
    "BaseResolution": 64,
    "BodyPartExamined": "BRAIN",
    "ConsistencyInfo": "N4_VD13A_LATEST_20120616",
    "ConversionSoftware": "dcm2niix",
    "ConversionSoftwareVersion": "v1.0.20180518 GCC4.8.5",
    "DerivedVendorReportedEchoSpacing": 0.000780002,
    "DeviceSerialNumber": "45031",
    "DwellTime": 5.4e-06,
    "EchoTime": 0.028,
    "EchoTrainLength": 32,
    "EffectiveEchoSpacing": 0.000390001,
    "FlipAngle": 64,
    "ImageOrientationPatientDICOM": [
      0.998447,
      0.0415917,
      0.0370519,
      -0.0428649,
      0.998493,
      0.0342589
    ],
    "ImageType": [
      "ORIGINAL",
      "PRIMARY",
      "M",
      "ND",
      "NORM",
      "MOSAIC"
    ],
    "InPlanePhaseEncodingDirectionDICOM": "COL",
    "InstitutionAddress": "Washington_and_Faculty_Rd._-_Building_25_25_Princeton_NJ_US_085",
    "InstitutionName": "Princeton_University_-_Neuroscience_Institute",
    "InstitutionalDepartmentName": "Department",
    "MRAcquisitionType": "2D",
    "MagneticFieldStrength": 3,
    "Manufacturer": "Siemens",
    "ManufacturersModelName": "Skyra",
    "Modality": "MR",
    "ParallelReductionFactorInPlane": 2,
    "PartialFourier": 1,
    "PatientPosition": "HFS",
    "PercentPhaseFOV": 100,
    "PhaseEncodingDirection": "j-",
    "PhaseEncodingSteps": 64,
    "PhaseResolution": 1,
    "PixelBandwidth": 1445,
    "ProcedureStepDescription": "Turk-BrowneLab_Projects",
    "ProtocolName": "epi_3x3x4_1.5s_216TR",
    "PulseSequenceDetails": "%SiemensSeq%_ep2d_bold",
    "ReceiveCoilActiveElements": "HE1-4",
    "ReceiveCoilName": "HeadNeck_20",
    "ReconMatrixPE": 64,
    "RepetitionTime": 1.5,
    "SAR": 0.0925594,
    "ScanOptions": "FS",
    "ScanningSequence": "EP",
    "SequenceName": "_epfid2d1_64",
    "SequenceVariant": "SK",
    "SeriesDescription": "epi_3x3x4_1.5s_216TR",
    "SeriesNumber": 15,
    "ShimSetting": [
      3426,
      8591,
      9427,
      527,
      269,
      223,
      388,
      65
    ],
    "SliceThickness": 4,
    "SliceTiming": [
      0.74,
      0,
      0.7975,
      0.0575,
      0.855,
      0.115,
      0.91,
      0.17,
      0.9675,
      0.2275,
      1.025,
      0.285,
      1.0825,
      0.3425,
      1.1375,
      0.3975,
      1.195,
      0.455,
      1.2525,
      0.5125,
      1.31,
      0.57,
      1.3675,
      0.6275,
      1.4225,
      0.6825
    ],
    "SoftwareVersions": "syngo_MR_D13",
    "SpacingBetweenSlices": 4,
    "StationName": "AWP45031",
    "TotalReadoutTime": 0.0245701,
    "TxRefAmp": 327.072,
    "dataset": "ds001430",
    "modality": "bold",
    "run_id": 3,
    "subject_id": "17",
    "task_id": "loc"
  },
  "dummy_trs": 1,
  "dvars_nstd": 17.187430671542046,
  "dvars_std": 1.0880090015420556,
  "dvars_vstd": 1.0094013268691588,
  "efc": 0.5888409437694319,
  "fber": 2225.8359375,
  "fd_mean": 0.10323230252218032,
  "fd_num": 3,
  "fd_perc": 1.3953488372093024,
  "fwhm_avg": 1.670145,
  "fwhm_x": 1.62117,
  "fwhm_y": 1.88737,
  "fwhm_z": 1.501895,
  "gcor": 0.0088121,
  "gsr_x": -0.010816037654876709,
  "gsr_y": 0.05359738692641258,
  "provenance": {
    "md5sum": "44f755b815ccfe6a9a44b45b45b7cb0b",
    "settings": {
      "fd_thres": 0.2,
      "testing": false
    },
    "software": "mriqc",
    "version": "23.0.1",
    "webapi_port": null,
    "webapi_url": "https://mriqc.nimh.nih.gov/api/v1"
  },
  "size_t": 215,
  "size_x": 64,
  "size_y": 64,
  "size_z": 26,
  "snr": 7.64343781730228,
  "spacing_tr": 1.5,
  "spacing_x": 3.0,
  "spacing_y": 3.0,
  "spacing_z": 4.0,
  "summary_bg_k": 20.49725462005938,
  "summary_bg_mad": 8.550821933018396,
  "summary_bg_mean": 36.867698669433594,
  "summary_bg_median": 13.920929908752441,
  "summary_bg_n": 52435.0,
  "summary_bg_p05": 6.706976890563965,
  "summary_bg_p95": 141.82883300781222,
  "summary_bg_stdv": 63.871253967285156,
  "summary_fg_k": 3.4928520345824525,
  "summary_fg_mad": 83.32914008339924,
  "summary_fg_mean": 698.0634155273438,
  "summary_fg_median": 692.5720825195312,
  "summary_fg_n": 26271.0,
  "summary_fg_p05": 575.4232482910156,
  "summary_fg_p95": 843.5372009277344,
  "summary_fg_stdv": 90.6082992553711,
  "tsnr": 94.15563152730465
}