{
  "aor": 0.0004551495016611296,
  "aqi": 0.005164249468438538,
  "bids_meta": {
    "AcquisitionMatrixPE": 64,
    "AcquisitionNumber": 1,
    "AcquisitionTime": "19:21:54.675000",
    "BandwidthPerPixelPhaseEncode": 40.064,
    "BaseResolution": 64,
    "BodyPartExamined": "BRAIN",
    "ConsistencyInfo": "N4_VD13A_LATEST_20120616",
    "ConversionSoftware": "dcm2niix",
    "ConversionSoftwareVersion": "v1.0.20180518 GCC4.8.5",
    "DerivedVendorReportedEchoSpacing": 0.000780002,
    "DeviceSerialNumber": "45031",
    "DwellTime": 5.4e-06,
    "EchoTime": 0.028,
    "EchoTrainLength": 32,
    "EffectiveEchoSpacing": 0.000390001,
    "FlipAngle": 64,
    "ImageOrientationPatientDICOM": [
      0.998447,
      0.0415917,
      0.0370519,
      -0.0428649,
      0.998493,
      0.0342589
    ],
    "ImageType": [
      "ORIGINAL",
      "PRIMARY",
      "M",
      "ND",
      "NORM",
      "MOSAIC"
    ],
    "InPlanePhaseEncodingDirectionDICOM": "COL",
    "InstitutionAddress": "Washington_and_Faculty_Rd._-_Building_25_25_Princeton_NJ_US_085",
    "InstitutionName": "Princeton_University_-_Neuroscience_Institute",
    "InstitutionalDepartmentName": "Department",
    "MRAcquisitionType": "2D",
    "MagneticFieldStrength": 3,
    "Manufacturer": "Siemens",
    "ManufacturersModelName": "Skyra",
    "Modality": "MR",
    "ParallelReductionFactorInPlane": 2,
    "PartialFourier": 1,
    "PatientPosition": "HFS",
    "PercentPhaseFOV": 100,
    "PhaseEncodingDirection": "j-",
    "PhaseEncodingSteps": 64,
    "PhaseResolution": 1,
    "PixelBandwidth": 1445,
    "ProcedureStepDescription": "Turk-BrowneLab_Projects",
    "ProtocolName": "epi_3x3x4_1.5s_302TR",
    "PulseSequenceDetails": "%SiemensSeq%_ep2d_bold",
    "ReceiveCoilActiveElements": "HE1-4",
    "ReceiveCoilName": "HeadNeck_20",
    "ReconMatrixPE": 64,
    "RepetitionTime": 1.5,
    "SAR": 0.0925602,
    "ScanOptions": "FS",
    "ScanningSequence": "EP",
    "SequenceName": "_epfid2d1_64",
    "SequenceVariant": "SK",
    "SeriesDescription": "epi_3x3x4_1.5s_302TR",
    "SeriesNumber": 9,
    "ShimSetting": [
      3426,
      8591,
      9427,
      527,
      269,
      223,
      388,
      65
    ],
    "SliceThickness": 4,
    "SliceTiming": [
      0.74,
      0,
      0.7975,
      0.0575,
      0.8525,
      0.1125,
      0.91,
      0.17,
      0.9675,
      0.2275,
      1.025,
      0.285,
      1.0825,
      0.3425,
      1.1375,
      0.3975,
      1.195,
      0.455,
      1.2525,
      0.5125,
      1.31,
      0.57,
      1.365,
      0.625,
      1.4225,
      0.6825
    ],
    "SoftwareVersions": "syngo_MR_D13",
    "SpacingBetweenSlices": 4,
    "StationName": "AWP45031",
    "TotalReadoutTime": 0.0245701,
    "TxRefAmp": 327.072,
    "dataset": "ds001430",
    "modality": "bold",
    "run_id": 1,
    "subject_id": "17",
    "task_id": "phase2"
  },
  "dummy_trs": 1,
  "dvars_nstd": 18.484351170933337,
  "dvars_std": 1.0924737180000006,
  "dvars_vstd": 1.0019808227333329,
  "efc": 0.5849968763434029,
  "fber": 2480.560302734375,
  "fd_mean": 0.12519109943281578,
  "fd_num": 16,
  "fd_perc": 5.3156146179401995,
  "fwhm_avg": 1.6774491666666664,
  "fwhm_x": 1.6194499999999998,
  "fwhm_y": 1.90388,
  "fwhm_z": 1.5090175,
  "gcor": 0.00834368,
  "gsr_x": -0.011057109571993351,
  "gsr_y": 0.053115710616111755,
  "provenance": {
    "md5sum": "46d41e3a8dfa064e8e63a43003ba3f2e",
    "settings": {
      "fd_thres": 0.2,
      "testing": false
    },
    "software": "mriqc",
    "version": "23.0.1",
    "webapi_port": null,
    "webapi_url": "https://mriqc.nimh.nih.gov/api/v1"
  },
  "size_t": 301,
  "size_x": 64,
  "size_y": 64,
  "size_z": 26,
  "snr": 7.78130858775372,
  "spacing_tr": 1.5,
  "spacing_x": 3.0,
  "spacing_y": 3.0,
  "spacing_z": 4.0,
  "summary_bg_k": 21.783986435578164,
  "summary_bg_mad": 7.9843802677759355,
  "summary_bg_mean": 35.72426223754883,
  "summary_bg_median": 13.435215950012207,
  "summary_bg_n": 52526.0,
  "summary_bg_p05": 6.611295700073242,
  "summary_bg_p95": 138.72674560546875,
  "summary_bg_stdv": 63.89209747314453,
  "summary_fg_k": 3.550156139737094,
  "summary_fg_mad": 83.1685640557663,
  "summary_fg_mean": 706.34912109375,
  "summary_fg_median": 700.3870239257812,
  "summary_fg_n": 26044.0,
  "summary_fg_p05": 585.0730590820312,
  "summary_fg_p95": 850.4308868408203,
  "summary_fg_stdv": 90.00717163085938,
  "tsnr": 87.43350614141673
}