{
  "bids_meta": {
    "AcquisitionMatrixPE": 256,
    "AcquisitionNumber": 1,
    "AcquisitionTime": "10:48:42.720000",
    "BaseResolution": 256,
    "BodyPartExamined": "BRAIN",
    "ConsistencyInfo": "N4_VD13A_LATEST_20120616",
    "ConversionSoftware": "dcm2niix",
    "ConversionSoftwareVersion": "v1.0.20180518 GCC4.8.5",
    "DeviceSerialNumber": "45031",
    "DwellTime": 8.2e-06,
    "EchoTime": 0.00298,
    "FlipAngle": 9,
    "ImageOrientationPatientDICOM": [
      -0.0566044,
      0.997739,
      0.0362248,
      0.0363563,
      0.0383188,
      -0.998604
    ],
    "ImageType": [
      "ORIGINAL",
      "PRIMARY",
      "M",
      "ND",
      "NORM"
    ],
    "InPlanePhaseEncodingDirectionDICOM": "ROW",
    "InstitutionAddress": "Washington_and_Faculty_Rd._-_Building_25_25_Princeton_NJ_US_085",
    "InstitutionName": "Princeton_University_-_Neuroscience_Institute",
    "InstitutionalDepartmentName": "Department",
    "InversionTime": 0.9,
    "MRAcquisitionType": "3D",
    "MagneticFieldStrength": 3,
    "Manufacturer": "Siemens",
    "ManufacturersModelName": "Skyra",
    "Modality": "MR",
    "ParallelReductionFactorInPlane": 2,
    "PartialFourier": 1,
    "PatientPosition": "HFS",
    "PercentPhaseFOV": 100,
    "PhaseEncodingSteps": 255,
    "PhaseResolution": 1,
    "PixelBandwidth": 240,
    "ProcedureStepDescription": "Turk-BrowneLab_Projects",
    "ProtocolName": "mprage_1x1x1_medium",
    "PulseSequenceDetails": "%SiemensSeq%_tfl",
    "ReceiveCoilActiveElements": "HE1-4",
    "ReceiveCoilName": "HeadNeck_20",
    "ReconMatrixPE": 256,
    "RepetitionTime": 2.3,
    "SAR": 0.0733312,
    "ScanOptions": "IR",
    "ScanningSequence": "GR_IR",
    "SequenceName": "_tfl3d1_16ns",
    "SequenceVariant": "SK_SP_MP",
    "SeriesDescription": "mprage_1x1x1_medium",
    "SeriesNumber": 16,
    "ShimSetting": [
      3395,
      8619,
      9154,
      207,
      223,
      -737,
      -109,
      8
    ],
    "SliceThickness": 1,
    "SoftwareVersions": "syngo_MR_D13",
    "StationName": "AWP45031",
    "TxRefAmp": 330.434,
    "dataset": "ds001430",
    "modality": "T1w",
    "subject_id": "10"
  },
  "cjv": 0.35239647889772135,
  "cnr": 3.8049184254154693,
  "efc": 0.4657774842972904,
  "fber": 15792.11111111111,
  "fwhm_avg": 3.5054933333333334,
  "fwhm_x": 3.63256,
  "fwhm_y": 3.62854,
  "fwhm_z": 3.25538,
  "icvs_csf": 0.22127101298763746,
  "icvs_gm": 0.4588047965771886,
  "icvs_wm": 0.31992419043517395,
  "inu_med": 0.608982264995575,
  "inu_range": 0.21650779247283936,
  "provenance": {
    "md5sum": "1ffc812ab39a4ba13edbd22bc495227f",
    "settings": {
      "testing": false
    },
    "software": "mriqc",
    "version": "23.0.1",
    "warnings": {
      "large_rot_frame": true,
      "small_air_mask": false
    },
    "webapi_port": null,
    "webapi_url": "https://mriqc.nimh.nih.gov/api/v1"
  },
  "qi_1": 0.0,
  "qi_2": 0.004889585868554118,
  "rpve_csf": 27.976253026783258,
  "rpve_gm": 14.1106305726056,
  "rpve_wm": 22.101153445321746,
  "size_x": 192,
  "size_y": 256,
  "size_z": 256,
  "snr_csf": 2.2171542177242167,
  "snr_gm": 10.138508955646063,
  "snr_total": 11.015344824480474,
  "snr_wm": 20.690371300071146,
  "snrd_csf": 19.43510351831475,
  "snrd_gm": 51.22942335167431,
  "snrd_total": 48.56293112138943,
  "snrd_wm": 75.02426649417924,
  "spacing_x": 1.0,
  "spacing_y": 1.0,
  "spacing_z": 1.0,
  "summary_bg_k": 11.540379077112686,
  "summary_bg_mad": 0.0,
  "summary_bg_mean": 5.3158787264318015,
  "summary_bg_median": 0.0,
  "summary_bg_n": 3417916.0,
  "summary_bg_p05": 0.0,
  "summary_bg_p95": 22.83407349139452,
  "summary_bg_stdv": 8.732327041922838,
  "summary_csf_k": 4.442073374452888,
  "summary_csf_mad": 99.4518114900742,
  "summary_csf_mean": 273.6386663386626,
  "summary_csf_median": 259.0509091168642,
  "summary_csf_n": 36720.0,
  "summary_csf_p05": 101.42796166297049,
  "summary_csf_p95": 483.6223672617224,
  "summary_csf_stdv": 116.83778225273201,
  "summary_gm_k": 0.09864884575910615,
  "summary_gm_mad": 66.2357895962507,
  "summary_gm_mean": 682.5007849071513,
  "summary_gm_median": 682.8380759730935,
  "summary_gm_n": 30443.0,
  "summary_gm_p05": 569.7961750466377,
  "summary_gm_p95": 792.1107001304626,
  "summary_gm_stdv": 67.34983061534743,
  "summary_wm_k": 0.6483603181125792,
  "summary_wm_mad": 45.53097240394123,
  "summary_wm_mean": 998.9638979068035,
  "summary_wm_median": 1000.0000474825501,
  "summary_wm_n": 150303.0,
  "summary_wm_p05": 918.0290329344571,
  "summary_wm_p95": 1075.9117593403903,
  "summary_wm_stdv": 48.33150195133745,
  "tpm_overlap_csf": 0.15423915074782524,
  "tpm_overlap_gm": 0.47533840429405344,
  "tpm_overlap_wm": 0.49696719168741926,
  "wm2max": 0.5184120112655812
}