{
  "bids_meta": {
    "AcquisitionMatrixPE": 256,
    "AcquisitionNumber": 1,
    "AcquisitionTime": "15:56:36.735000",
    "BaseResolution": 256,
    "BodyPartExamined": "BRAIN",
    "ConsistencyInfo": "N4_VD13A_LATEST_20120616",
    "ConversionSoftware": "dcm2niix",
    "ConversionSoftwareVersion": "v1.0.20180518 GCC4.8.5",
    "DeviceSerialNumber": "45031",
    "DwellTime": 8.2e-06,
    "EchoTime": 0.00298,
    "FlipAngle": 9,
    "ImageOrientationPatientDICOM": [
      -0.0417936,
      0.988557,
      0.144942,
      0.0337199,
      0.146382,
      -0.988653
    ],
    "ImageType": [
      "ORIGINAL",
      "PRIMARY",
      "M",
      "ND",
      "NORM"
    ],
    "InPlanePhaseEncodingDirectionDICOM": "ROW",
    "InstitutionAddress": "Washington_and_Faculty_Rd._-_Building_25_25_Princeton_NJ_US_085",
    "InstitutionName": "Princeton_University_-_Neuroscience_Institute",
    "InstitutionalDepartmentName": "Department",
    "InversionTime": 0.9,
    "MRAcquisitionType": "3D",
    "MagneticFieldStrength": 3,
    "Manufacturer": "Siemens",
    "ManufacturersModelName": "Skyra",
    "Modality": "MR",
    "ParallelReductionFactorInPlane": 2,
    "PartialFourier": 1,
    "PatientPosition": "HFS",
    "PercentPhaseFOV": 100,
    "PhaseEncodingSteps": 255,
    "PhaseResolution": 1,
    "PixelBandwidth": 240,
    "ProcedureStepDescription": "Turk-BrowneLab_Projects",
    "ProtocolName": "mprage_1x1x1_medium",
    "PulseSequenceDetails": "%SiemensSeq%_tfl",
    "ReceiveCoilActiveElements": "HE1-4",
    "ReceiveCoilName": "HeadNeck_20",
    "ReconMatrixPE": 256,
    "RepetitionTime": 2.3,
    "SAR": 0.0768185,
    "ScanOptions": "IR",
    "ScanningSequence": "GR_IR",
    "SequenceName": "_tfl3d1_16ns",
    "SequenceVariant": "SK_SP_MP",
    "SeriesDescription": "mprage_1x1x1_medium",
    "SeriesNumber": 15,
    "ShimSetting": [
      3437,
      8569,
      9033,
      200,
      324,
      -402,
      -400,
      -94
    ],
    "SliceThickness": 1,
    "SoftwareVersions": "syngo_MR_D13",
    "StationName": "AWP45031",
    "TxRefAmp": 331.427,
    "dataset": "ds001430",
    "modality": "T1w",
    "subject_id": "31"
  },
  "cjv": 0.3388165933423317,
  "cnr": 3.891203896564068,
  "efc": 0.46797084455976773,
  "fber": 14945.46730406561,
  "fwhm_avg": 3.906249191399897,
  "fwhm_x": 4.069817574199692,
  "fwhm_y": 4.02012,
  "fwhm_z": 3.62881,
  "icvs_csf": 0.22630936375859964,
  "icvs_gm": 0.44498945803154094,
  "icvs_wm": 0.3287011782098594,
  "inu_med": 0.627870500087738,
  "inu_range": 0.24182330369949345,
  "provenance": {
    "md5sum": "3fd1eae7e2ba2eeb4b93099f3b636e96",
    "settings": {
      "testing": false
    },
    "software": "mriqc",
    "version": "23.0.1",
    "warnings": {
      "large_rot_frame": true,
      "small_air_mask": false
    },
    "webapi_port": null,
    "webapi_url": "https://mriqc.nimh.nih.gov/api/v1"
  },
  "qi_1": 2.893472090225825e-05,
  "qi_2": 0.0037814416362057985,
  "rpve_csf": 27.049706129666095,
  "rpve_gm": 14.069757448487913,
  "rpve_wm": 20.98778820359593,
  "size_x": 192,
  "size_y": 256,
  "size_z": 256,
  "snr_csf": 1.6751875949841517,
  "snr_gm": 10.506900981526305,
  "snr_total": 11.15848322300006,
  "snr_wm": 21.293361092489718,
  "snrd_csf": 9.189061013310317,
  "snrd_gm": 33.58673096359819,
  "snrd_total": 30.63802487925105,
  "snrd_wm": 49.13828266084464,
  "spacing_x": 1.0000005960464478,
  "spacing_y": 1.0,
  "spacing_z": 1.0,
  "summary_bg_k": 1411.8540900956061,
  "summary_bg_mad": 0.0,
  "summary_bg_mean": 5.29893182604118,
  "summary_bg_median": 0.0,
  "summary_bg_n": 3560622.0,
  "summary_bg_p05": 0.0,
  "summary_bg_p95": 21.525124087929726,
  "summary_bg_stdv": 13.332504518240036,
  "summary_csf_k": 0.8683440961221578,
  "summary_csf_mad": 103.69065967067263,
  "summary_csf_mean": 210.04475209846828,
  "summary_csf_median": 187.00410705059767,
  "summary_csf_n": 51585.0,
  "summary_csf_p05": 67.77108181267977,
  "summary_csf_p95": 424.4783855974674,
  "summary_csf_stdv": 111.63065857192429,
  "summary_gm_k": 0.22660745597673948,
  "summary_gm_mad": 62.13815267029279,
  "summary_gm_mean": 683.8222145838521,
  "summary_gm_median": 683.5145205259323,
  "summary_gm_n": 34118.0,
  "summary_gm_p05": 575.5895318929106,
  "summary_gm_p95": 791.5129737462847,
  "summary_gm_stdv": 65.05291186571353,
  "summary_wm_k": 0.43043224921954604,
  "summary_wm_mad": 45.0923667055236,
  "summary_wm_mean": 999.0863413215981,
  "summary_wm_median": 999.999962747097,
  "summary_wm_n": 173631.0,
  "summary_wm_p05": 920.3643500804901,
  "summary_wm_p95": 1073.721676133573,
  "summary_wm_stdv": 46.962857518330324,
  "tpm_overlap_csf": 0.146080791497785,
  "tpm_overlap_gm": 0.46502704106919845,
  "tpm_overlap_wm": 0.5079285073552279,
  "wm2max": 0.5036724574938484
}