{
  "bids_meta": {
    "AcquisitionMatrixPE": 256,
    "AcquisitionNumber": 1,
    "AcquisitionTime": "19:58:18.690000",
    "BaseResolution": 256,
    "BodyPartExamined": "BRAIN",
    "ConsistencyInfo": "N4_VD13A_LATEST_20120616",
    "ConversionSoftware": "dcm2niix",
    "ConversionSoftwareVersion": "v1.0.20180518 GCC4.8.5",
    "DeviceSerialNumber": "45031",
    "DwellTime": 8.2e-06,
    "EchoTime": 0.00298,
    "FlipAngle": 9,
    "ImageOrientationPatientDICOM": [
      -0.0690187,
      0.981631,
      0.177867,
      0.012407,
      0.179123,
      -0.983748
    ],
    "ImageType": [
      "ORIGINAL",
      "PRIMARY",
      "M",
      "ND",
      "NORM"
    ],
    "InPlanePhaseEncodingDirectionDICOM": "ROW",
    "InstitutionAddress": "Washington_and_Faculty_Rd._-_Building_25_25_Princeton_NJ_US_085",
    "InstitutionName": "Princeton_University_-_Neuroscience_Institute",
    "InstitutionalDepartmentName": "Department",
    "InversionTime": 0.9,
    "MRAcquisitionType": "3D",
    "MagneticFieldStrength": 3,
    "Manufacturer": "Siemens",
    "ManufacturersModelName": "Skyra",
    "Modality": "MR",
    "ParallelReductionFactorInPlane": 2,
    "PartialFourier": 1,
    "PatientPosition": "HFS",
    "PercentPhaseFOV": 100,
    "PhaseEncodingSteps": 255,
    "PhaseResolution": 1,
    "PixelBandwidth": 240,
    "ProcedureStepDescription": "Turk-BrowneLab_Projects",
    "ProtocolName": "mprage_1x1x1_medium",
    "PulseSequenceDetails": "%SiemensSeq%_tfl",
    "ReceiveCoilActiveElements": "HE1-4",
    "ReceiveCoilName": "HeadNeck_20",
    "ReconMatrixPE": 256,
    "RepetitionTime": 2.3,
    "SAR": 0.0760006,
    "ScanOptions": "IR",
    "ScanningSequence": "GR_IR",
    "SequenceName": "_tfl3d1_16ns",
    "SequenceVariant": "SK_SP_MP",
    "SeriesDescription": "mprage_1x1x1_medium",
    "SeriesNumber": 15,
    "ShimSetting": [
      3391,
      8581,
      9279,
      244,
      88,
      -248,
      619,
      199
    ],
    "SliceThickness": 1,
    "SoftwareVersions": "syngo_MR_D13",
    "StationName": "AWP45031",
    "TxRefAmp": 344.877,
    "dataset": "ds001430",
    "modality": "T1w",
    "subject_id": "12"
  },
  "cjv": 0.3203141590768645,
  "cnr": 4.085074137082455,
  "efc": 0.5538820259562854,
  "fber": 12205.128020700846,
  "fwhm_avg": 3.721513463148632,
  "fwhm_x": 3.789260389445896,
  "fwhm_y": 3.94851,
  "fwhm_z": 3.42677,
  "icvs_csf": 0.19794240559567097,
  "icvs_gm": 0.4564725983434547,
  "icvs_wm": 0.34558499606087434,
  "inu_med": 0.591531366109848,
  "inu_range": 0.23993665874004355,
  "provenance": {
    "md5sum": "ce572f830269660596ed0abbcfd31114",
    "settings": {
      "testing": false
    },
    "software": "mriqc",
    "version": "23.0.1",
    "warnings": {
      "large_rot_frame": true,
      "small_air_mask": false
    },
    "webapi_port": null,
    "webapi_url": "https://mriqc.nimh.nih.gov/api/v1"
  },
  "qi_1": 0.0,
  "qi_2": 0.008877910501919772,
  "rpve_csf": 24.695168741216026,
  "rpve_gm": 11.528042849112962,
  "rpve_wm": 17.214815682168833,
  "size_x": 192,
  "size_y": 256,
  "size_z": 256,
  "snr_csf": 2.148574798164098,
  "snr_gm": 10.164801772814597,
  "snr_total": 11.552497615946542,
  "snr_wm": 22.344116276860934,
  "snrd_csf": 22.73793206284656,
  "snrd_gm": 58.035931520383855,
  "snrd_total": 55.699337977125744,
  "snrd_wm": 86.32415034814683,
  "spacing_x": 0.9999972581863403,
  "spacing_y": 1.0,
  "spacing_z": 1.0,
  "summary_bg_k": 14.400801596937505,
  "summary_bg_mad": 0.0,
  "summary_bg_mean": 4.5862799375953225,
  "summary_bg_median": 0.0,
  "summary_bg_n": 2657559.0,
  "summary_bg_p05": 0.0,
  "summary_bg_p95": 18.20768141746521,
  "summary_bg_stdv": 7.589259775217732,
  "summary_csf_k": 0.4966485902397286,
  "summary_csf_mad": 117.49946491871748,
  "summary_csf_mean": 274.9253836537467,
  "summary_csf_median": 263.40174836292863,
  "summary_csf_n": 35433.0,
  "summary_csf_p05": 88.64052047207952,
  "summary_csf_p95": 490.9896376520396,
  "summary_csf_stdv": 122.59197662701736,
  "summary_gm_k": 0.316071535587259,
  "summary_gm_mad": 62.726637425838405,
  "summary_gm_mean": 671.7885045994161,
  "summary_gm_median": 672.3023794814944,
  "summary_gm_n": 39019.0,
  "summary_gm_p05": 561.4712472818792,
  "summary_gm_p95": 780.1706992361694,
  "summary_gm_stdv": 66.13938760322203,
  "summary_wm_k": 0.6720102536860919,
  "summary_wm_mad": 42.23955123488254,
  "summary_wm_mean": 999.3405155328652,
  "summary_wm_median": 1000.0000028498471,
  "summary_wm_n": 217932.0,
  "summary_wm_p05": 925.0152434408665,
  "summary_wm_p95": 1070.920547656715,
  "summary_wm_stdv": 44.75440855045814,
  "tpm_overlap_csf": 0.14744844095715626,
  "tpm_overlap_gm": 0.4813672607507867,
  "tpm_overlap_wm": 0.5170641844495124,
  "wm2max": 0.47177096906674415
}