{
  "aor": 0.0005735427135678392,
  "aqi": 0.007628986582914574,
  "bids_meta": {
    "AcquisitionMatrixPE": 64,
    "AcquisitionNumber": 1,
    "AcquisitionTime": "13:56:29.495000",
    "BandwidthPerPixelPhaseEncode": 40.064,
    "BaseResolution": 64,
    "BodyPartExamined": "BRAIN",
    "ConsistencyInfo": "N4_VD13A_LATEST_20120616",
    "ConversionSoftware": "dcm2niix",
    "ConversionSoftwareVersion": "v1.0.20180518 GCC4.8.5",
    "DerivedVendorReportedEchoSpacing": 0.000780002,
    "DeviceSerialNumber": "45031",
    "DwellTime": 5.4e-06,
    "EchoTime": 0.028,
    "EchoTrainLength": 32,
    "EffectiveEchoSpacing": 0.000390001,
    "FlipAngle": 64,
    "ImageOrientationPatientDICOM": [
      0.998402,
      0.044639,
      -0.0346636,
      -0.0463674,
      0.997633,
      -0.0507717
    ],
    "ImageType": [
      "ORIGINAL",
      "PRIMARY",
      "M",
      "ND",
      "NORM",
      "MOSAIC"
    ],
    "InPlanePhaseEncodingDirectionDICOM": "COL",
    "InstitutionAddress": "Washington_and_Faculty_Rd._-_Building_25_25_Princeton_NJ_US_085",
    "InstitutionName": "Princeton_University_-_Neuroscience_Institute",
    "InstitutionalDepartmentName": "Department",
    "MRAcquisitionType": "2D",
    "MagneticFieldStrength": 3,
    "Manufacturer": "Siemens",
    "ManufacturersModelName": "Skyra",
    "Modality": "MR",
    "ParallelReductionFactorInPlane": 2,
    "PartialFourier": 1,
    "PatientPosition": "HFS",
    "PercentPhaseFOV": 100,
    "PhaseEncodingDirection": "j-",
    "PhaseEncodingSteps": 64,
    "PhaseResolution": 1,
    "PixelBandwidth": 1445,
    "ProcedureStepDescription": "Turk-BrowneLab_Projects",
    "ProtocolName": "epi_3x3x4_1.5s_400TR",
    "PulseSequenceDetails": "%SiemensSeq%_ep2d_bold",
    "ReceiveCoilActiveElements": "HE1-4",
    "ReceiveCoilName": "HeadNeck_20",
    "ReconMatrixPE": 64,
    "RepetitionTime": 1.5,
    "SAR": 0.0786139,
    "ScanOptions": "FS",
    "ScanningSequence": "EP",
    "SequenceName": "_epfid2d1_64",
    "SequenceVariant": "SK",
    "SeriesDescription": "epi_3x3x4_1.5s_400TR",
    "SeriesNumber": 11,
    "ShimSetting": [
      3349,
      8666,
      9208,
      315,
      -31,
      110,
      255,
      139
    ],
    "SliceThickness": 4,
    "SliceTiming": [
      0.74,
      0,
      0.7975,
      0.0575,
      0.855,
      0.115,
      0.9125,
      0.1725,
      0.9675,
      0.2275,
      1.025,
      0.285,
      1.0825,
      0.3425,
      1.14,
      0.4,
      1.195,
      0.455,
      1.2525,
      0.5125,
      1.31,
      0.57,
      1.3675,
      0.6275,
      1.425,
      0.685
    ],
    "SoftwareVersions": "syngo_MR_D13",
    "SpacingBetweenSlices": 4,
    "StationName": "AWP45031",
    "TotalReadoutTime": 0.0245701,
    "TxRefAmp": 331.71,
    "dataset": "ds001430",
    "modality": "bold",
    "run_id": 2,
    "subject_id": "26",
    "task_id": "phase3"
  },
  "dummy_trs": 2,
  "dvars_nstd": 18.58348986005038,
  "dvars_std": 1.171320148488665,
  "dvars_vstd": 0.9940517667254406,
  "efc": 0.595231932062851,
  "fber": 1823.96826171875,
  "fd_mean": 0.07688143030895687,
  "fd_num": 3,
  "fd_perc": 0.7537688442211056,
  "fwhm_avg": 1.701833888888889,
  "fwhm_x": 1.6584366666666668,
  "fwhm_y": 1.86703,
  "fwhm_z": 1.580035,
  "gcor": 0.022046,
  "gsr_x": -0.012875869870185852,
  "gsr_y": 0.0508105494081974,
  "provenance": {
    "md5sum": "42aa4b05f06931119304fda612e4e392",
    "settings": {
      "fd_thres": 0.2,
      "testing": false
    },
    "software": "mriqc",
    "version": "23.0.1",
    "webapi_port": null,
    "webapi_url": "https://mriqc.nimh.nih.gov/api/v1"
  },
  "size_t": 398,
  "size_x": 64,
  "size_y": 64,
  "size_z": 26,
  "snr": 7.405493521740613,
  "spacing_tr": 1.5,
  "spacing_x": 3.0,
  "spacing_y": 3.0,
  "spacing_z": 4.0,
  "summary_bg_k": 23.429010239486868,
  "summary_bg_mad": 12.924341956703866,
  "summary_bg_mean": 45.476768493652344,
  "summary_bg_median": 17.211055755615234,
  "summary_bg_n": 52612.0,
  "summary_bg_p05": 7.032663345336914,
  "summary_bg_p95": 179.5327896118159,
  "summary_bg_stdv": 78.51106262207031,
  "summary_fg_k": 2.9073818305543737,
  "summary_fg_mad": 92.55459257207279,
  "summary_fg_mean": 776.8469848632812,
  "summary_fg_median": 766.7738647460938,
  "summary_fg_n": 26999.0,
  "summary_fg_p05": 638.0447265625,
  "summary_fg_p95": 950.580645751953,
  "summary_fg_stdv": 103.539306640625,
  "tsnr": 82.01310796430334
}