{
  "aor": 0.0007995774647887324,
  "aqi": 0.005644966338028169,
  "bids_meta": {
    "AcquisitionMatrixPE": 64,
    "AcquisitionNumber": 1,
    "AcquisitionTime": "14:14:14.642500",
    "BandwidthPerPixelPhaseEncode": 40.064,
    "BaseResolution": 64,
    "BodyPartExamined": "BRAIN",
    "ConsistencyInfo": "N4_VD13A_LATEST_20120616",
    "ConversionSoftware": "dcm2niix",
    "ConversionSoftwareVersion": "v1.0.20180518 GCC4.8.5",
    "DerivedVendorReportedEchoSpacing": 0.000780002,
    "DeviceSerialNumber": "45031",
    "DwellTime": 5.4e-06,
    "EchoTime": 0.028,
    "EchoTrainLength": 32,
    "EffectiveEchoSpacing": 0.000390001,
    "FlipAngle": 64,
    "ImageOrientationPatientDICOM": [
      0.998402,
      0.044639,
      -0.0346636,
      -0.0463674,
      0.997633,
      -0.0507717
    ],
    "ImageType": [
      "ORIGINAL",
      "PRIMARY",
      "M",
      "ND",
      "NORM",
      "MOSAIC"
    ],
    "InPlanePhaseEncodingDirectionDICOM": "COL",
    "InstitutionAddress": "Washington_and_Faculty_Rd._-_Building_25_25_Princeton_NJ_US_085",
    "InstitutionName": "Princeton_University_-_Neuroscience_Institute",
    "InstitutionalDepartmentName": "Department",
    "MRAcquisitionType": "2D",
    "MagneticFieldStrength": 3,
    "Manufacturer": "Siemens",
    "ManufacturersModelName": "Skyra",
    "Modality": "MR",
    "ParallelReductionFactorInPlane": 2,
    "PartialFourier": 1,
    "PatientPosition": "HFS",
    "PercentPhaseFOV": 100,
    "PhaseEncodingDirection": "j-",
    "PhaseEncodingSteps": 64,
    "PhaseResolution": 1,
    "PixelBandwidth": 1445,
    "ProcedureStepDescription": "Turk-BrowneLab_Projects",
    "ProtocolName": "epi_3x3x4_1.5s_216TR",
    "PulseSequenceDetails": "%SiemensSeq%_ep2d_bold",
    "ReceiveCoilActiveElements": "HE1-4",
    "ReceiveCoilName": "HeadNeck_20",
    "ReconMatrixPE": 64,
    "RepetitionTime": 1.5,
    "SAR": 0.0786128,
    "ScanOptions": "FS",
    "ScanningSequence": "EP",
    "SequenceName": "_epfid2d1_64",
    "SequenceVariant": "SK",
    "SeriesDescription": "epi_3x3x4_1.5s_216TR",
    "SeriesNumber": 13,
    "ShimSetting": [
      3349,
      8666,
      9208,
      315,
      -31,
      110,
      255,
      139
    ],
    "SliceThickness": 4,
    "SliceTiming": [
      0.74,
      0,
      0.795,
      0.055,
      0.8525,
      0.1125,
      0.91,
      0.17,
      0.9675,
      0.2275,
      1.0225,
      0.2825,
      1.08,
      0.34,
      1.1375,
      0.3975,
      1.195,
      0.455,
      1.25,
      0.51,
      1.3075,
      0.5675,
      1.365,
      0.625,
      1.4225,
      0.6825
    ],
    "SoftwareVersions": "syngo_MR_D13",
    "SpacingBetweenSlices": 4,
    "StationName": "AWP45031",
    "TotalReadoutTime": 0.0245701,
    "TxRefAmp": 331.71,
    "dataset": "ds001430",
    "modality": "bold",
    "run_id": 2,
    "subject_id": "26",
    "task_id": "loc"
  },
  "dummy_trs": 3,
  "dvars_nstd": 17.904338211650945,
  "dvars_std": 1.1615609150000004,
  "dvars_vstd": 1.009289033207547,
  "efc": 0.5955929435060554,
  "fber": 1789.9766845703125,
  "fd_mean": 0.08019544291524068,
  "fd_num": 1,
  "fd_perc": 0.4694835680751174,
  "fwhm_avg": 1.7040472222222223,
  "fwhm_x": 1.6685433333333333,
  "fwhm_y": 1.8642833333333335,
  "fwhm_z": 1.579315,
  "gcor": 0.0215655,
  "gsr_x": -0.012006672099232674,
  "gsr_y": 0.04954700171947479,
  "provenance": {
    "md5sum": "a0cc24adfababd44560a3a56fa30dbf7",
    "settings": {
      "fd_thres": 0.2,
      "testing": false
    },
    "software": "mriqc",
    "version": "23.0.1",
    "webapi_port": null,
    "webapi_url": "https://mriqc.nimh.nih.gov/api/v1"
  },
  "size_t": 213,
  "size_x": 64,
  "size_y": 64,
  "size_z": 26,
  "snr": 7.395201258350657,
  "spacing_tr": 1.5,
  "spacing_x": 3.0,
  "spacing_y": 3.0,
  "spacing_z": 4.0,
  "summary_bg_k": 22.646397292334232,
  "summary_bg_mad": 12.99539071252013,
  "summary_bg_mean": 45.486392974853516,
  "summary_bg_median": 17.253520965576172,
  "summary_bg_n": 52534.0,
  "summary_bg_p05": 7.004694938659668,
  "summary_bg_p95": 180.82394332885735,
  "summary_bg_stdv": 78.1098861694336,
  "summary_fg_k": 2.8521453468045745,
  "summary_fg_mad": 91.99440891523327,
  "summary_fg_mean": 775.6802978515625,
  "summary_fg_median": 765.4295654296875,
  "summary_fg_n": 27026.0,
  "summary_fg_p05": 637.6138763427734,
  "summary_fg_p95": 948.8720550537109,
  "summary_fg_stdv": 103.50163269042969,
  "tsnr": 91.17245156434365
}