{
  "aor": 0.0005210406091370559,
  "aqi": 0.00659064271573604,
  "bids_meta": {
    "AcquisitionMatrixPE": 64,
    "AcquisitionNumber": 1,
    "AcquisitionTime": "13:43:26.225000",
    "BandwidthPerPixelPhaseEncode": 40.064,
    "BaseResolution": 64,
    "BodyPartExamined": "BRAIN",
    "ConsistencyInfo": "N4_VD13A_LATEST_20120616",
    "ConversionSoftware": "dcm2niix",
    "ConversionSoftwareVersion": "v1.0.20180518 GCC4.8.5",
    "DerivedVendorReportedEchoSpacing": 0.000780002,
    "DeviceSerialNumber": "45031",
    "DwellTime": 5.4e-06,
    "EchoTime": 0.028,
    "EchoTrainLength": 32,
    "EffectiveEchoSpacing": 0.000390001,
    "FlipAngle": 64,
    "ImageOrientationPatientDICOM": [
      0.998402,
      0.044639,
      -0.0346636,
      -0.0463674,
      0.997633,
      -0.0507717
    ],
    "ImageType": [
      "ORIGINAL",
      "PRIMARY",
      "M",
      "ND",
      "NORM",
      "MOSAIC"
    ],
    "InPlanePhaseEncodingDirectionDICOM": "COL",
    "InstitutionAddress": "Washington_and_Faculty_Rd._-_Building_25_25_Princeton_NJ_US_085",
    "InstitutionName": "Princeton_University_-_Neuroscience_Institute",
    "InstitutionalDepartmentName": "Department",
    "MRAcquisitionType": "2D",
    "MagneticFieldStrength": 3,
    "Manufacturer": "Siemens",
    "ManufacturersModelName": "Skyra",
    "Modality": "MR",
    "ParallelReductionFactorInPlane": 2,
    "PartialFourier": 1,
    "PatientPosition": "HFS",
    "PercentPhaseFOV": 100,
    "PhaseEncodingDirection": "j-",
    "PhaseEncodingSteps": 64,
    "PhaseResolution": 1,
    "PixelBandwidth": 1445,
    "ProcedureStepDescription": "Turk-BrowneLab_Projects",
    "ProtocolName": "epi_3x3x4_1.5s_400TR",
    "PulseSequenceDetails": "%SiemensSeq%_ep2d_bold",
    "ReceiveCoilActiveElements": "HE1-4",
    "ReceiveCoilName": "HeadNeck_20",
    "ReconMatrixPE": 64,
    "RepetitionTime": 1.5,
    "SAR": 0.0786139,
    "ScanOptions": "FS",
    "ScanningSequence": "EP",
    "SequenceName": "_epfid2d1_64",
    "SequenceVariant": "SK",
    "SeriesDescription": "epi_3x3x4_1.5s_400TR",
    "SeriesNumber": 10,
    "ShimSetting": [
      3349,
      8666,
      9208,
      315,
      -31,
      110,
      255,
      139
    ],
    "SliceThickness": 4,
    "SliceTiming": [
      0.74,
      0,
      0.795,
      0.055,
      0.8525,
      0.1125,
      0.91,
      0.17,
      0.9675,
      0.2275,
      1.0225,
      0.2825,
      1.08,
      0.34,
      1.1375,
      0.3975,
      1.195,
      0.455,
      1.2525,
      0.5125,
      1.3075,
      0.5675,
      1.365,
      0.625,
      1.4225,
      0.6825
    ],
    "SoftwareVersions": "syngo_MR_D13",
    "SpacingBetweenSlices": 4,
    "StationName": "AWP45031",
    "TotalReadoutTime": 0.0245701,
    "TxRefAmp": 331.71,
    "dataset": "ds001430",
    "modality": "bold",
    "run_id": 1,
    "subject_id": "26",
    "task_id": "phase3"
  },
  "dummy_trs": 6,
  "dvars_nstd": 17.786855411399475,
  "dvars_std": 1.1441420944783718,
  "dvars_vstd": 0.993658495954198,
  "efc": 0.5951931553235165,
  "fber": 1806.434326171875,
  "fd_mean": 0.08102925051159378,
  "fd_num": 3,
  "fd_perc": 0.7614213197969543,
  "fwhm_avg": 1.7083866666666667,
  "fwhm_x": 1.6559833333333334,
  "fwhm_y": 1.8735066666666667,
  "fwhm_z": 1.59567,
  "gcor": 0.0192544,
  "gsr_x": -0.013273242861032486,
  "gsr_y": 0.049700286239385605,
  "provenance": {
    "md5sum": "6b6eb29b6145306469706bc8d8c1631b",
    "settings": {
      "fd_thres": 0.2,
      "testing": false
    },
    "software": "mriqc",
    "version": "23.0.1",
    "webapi_port": null,
    "webapi_url": "https://mriqc.nimh.nih.gov/api/v1"
  },
  "size_t": 394,
  "size_x": 64,
  "size_y": 64,
  "size_z": 26,
  "snr": 7.466225250714566,
  "spacing_tr": 1.5,
  "spacing_x": 3.0,
  "spacing_y": 3.0,
  "spacing_z": 4.0,
  "summary_bg_k": 23.585477901510522,
  "summary_bg_mad": 12.933258841022223,
  "summary_bg_mean": 45.0516471862793,
  "summary_bg_median": 17.20812225341797,
  "summary_bg_n": 52529.0,
  "summary_bg_p05": 7.04822301864624,
  "summary_bg_p95": 178.69796752929682,
  "summary_bg_stdv": 78.08260345458984,
  "summary_fg_k": 2.966680511401802,
  "summary_fg_mad": 91.66923001678356,
  "summary_fg_mean": 778.04736328125,
  "summary_fg_median": 767.8604125976562,
  "summary_fg_n": 27070.0,
  "summary_fg_p05": 639.964697265625,
  "summary_fg_p95": 951.0054412841796,
  "summary_fg_stdv": 102.8426284790039,
  "tsnr": 85.42486548190936
}