{
  "bids_meta": {
    "AcquisitionMatrixPE": 256,
    "AcquisitionNumber": 1,
    "AcquisitionTime": "22:15:52.740000",
    "BaseResolution": 256,
    "BodyPartExamined": "BRAIN",
    "ConsistencyInfo": "N4_VD13A_LATEST_20120616",
    "ConversionSoftware": "dcm2niix",
    "ConversionSoftwareVersion": "v1.0.20180518 GCC4.8.5",
    "DeviceSerialNumber": "45031",
    "DwellTime": 8.2e-06,
    "EchoTime": 0.00298,
    "FlipAngle": 9,
    "ImageOrientationPatientDICOM": [
      0.00892287,
      0.996808,
      -0.0793414,
      -0.0302867,
      -0.0790387,
      -0.996411
    ],
    "ImageType": [
      "ORIGINAL",
      "PRIMARY",
      "M",
      "ND",
      "NORM"
    ],
    "InPlanePhaseEncodingDirectionDICOM": "ROW",
    "InstitutionAddress": "Washington_and_Faculty_Rd._-_Building_25_25_Princeton_NJ_US_085",
    "InstitutionName": "Princeton_University_-_Neuroscience_Institute",
    "InstitutionalDepartmentName": "Department",
    "InversionTime": 0.9,
    "MRAcquisitionType": "3D",
    "MagneticFieldStrength": 3,
    "Manufacturer": "Siemens",
    "ManufacturersModelName": "Skyra",
    "Modality": "MR",
    "ParallelReductionFactorInPlane": 2,
    "PartialFourier": 1,
    "PatientPosition": "HFS",
    "PercentPhaseFOV": 100,
    "PhaseEncodingSteps": 255,
    "PhaseResolution": 1,
    "PixelBandwidth": 240,
    "ProcedureStepDescription": "Turk-BrowneLab_Projects",
    "ProtocolName": "mprage_1x1x1_medium",
    "PulseSequenceDetails": "%SiemensSeq%_tfl",
    "ReceiveCoilActiveElements": "HE1-4",
    "ReceiveCoilName": "HeadNeck_20",
    "ReconMatrixPE": 256,
    "RepetitionTime": 2.3,
    "SAR": 0.0831291,
    "ScanOptions": "IR",
    "ScanningSequence": "GR_IR",
    "SequenceName": "_tfl3d1_16ns",
    "SequenceVariant": "SK_SP_MP",
    "SeriesDescription": "mprage_1x1x1_medium",
    "SeriesNumber": 15,
    "ShimSetting": [
      3394,
      8726,
      9234,
      180,
      271,
      -619,
      -143,
      60
    ],
    "SliceThickness": 1,
    "SoftwareVersions": "syngo_MR_D13",
    "StationName": "AWP45031",
    "TxRefAmp": 375.394,
    "dataset": "ds001430",
    "modality": "T1w",
    "subject_id": "19"
  },
  "cjv": 0.3436949827440755,
  "cnr": 3.8790747581705594,
  "efc": 0.5142309550228821,
  "fber": 13243.811716308692,
  "fwhm_avg": 3.778906446643377,
  "fwhm_x": 3.90927933993013,
  "fwhm_y": 3.86783,
  "fwhm_z": 3.55961,
  "icvs_csf": 0.1840116401929958,
  "icvs_gm": 0.4399051040205513,
  "icvs_wm": 0.3760832557864529,
  "inu_med": 0.490477055311203,
  "inu_range": 0.17392540723085403,
  "provenance": {
    "md5sum": "8becd373fec938f92abe306f066d82c0",
    "settings": {
      "testing": false
    },
    "software": "mriqc",
    "version": "23.0.1",
    "warnings": {
      "large_rot_frame": true,
      "small_air_mask": false
    },
    "webapi_port": null,
    "webapi_url": "https://mriqc.nimh.nih.gov/api/v1"
  },
  "qi_1": 0.0,
  "qi_2": 0.005784421856023329,
  "rpve_csf": 26.807729083323686,
  "rpve_gm": 12.152869102254172,
  "rpve_wm": 16.130903065451534,
  "size_x": 192,
  "size_y": 256,
  "size_z": 256,
  "snr_csf": 1.9996083410298242,
  "snr_gm": 10.392760520693496,
  "snr_total": 11.841853566872388,
  "snr_wm": 23.133191838893843,
  "snrd_csf": 20.753281262272356,
  "snrd_gm": 60.636139735808506,
  "snrd_total": 56.37991482134344,
  "snrd_wm": 87.75032346594946,
  "spacing_x": 0.9999950528144836,
  "spacing_y": 1.0,
  "spacing_z": 1.0,
  "summary_bg_k": 7.574847286647154,
  "summary_bg_mad": 0.0,
  "summary_bg_mean": 4.842030991899538,
  "summary_bg_median": 0.0,
  "summary_bg_n": 2890894.0,
  "summary_bg_p05": 0.0,
  "summary_bg_p95": 20.869100153446198,
  "summary_bg_stdv": 7.465914142610213,
  "summary_csf_k": 4.746492374231098,
  "summary_csf_mad": 101.4194689487877,
  "summary_csf_mean": 257.35871956182774,
  "summary_csf_median": 236.50375109910965,
  "summary_csf_n": 33493.0,
  "summary_csf_p05": 105.49005836248398,
  "summary_csf_p95": 480.5768430948257,
  "summary_csf_stdv": 118.27327160801677,
  "summary_gm_k": 0.09530673810418255,
  "summary_gm_mad": 64.51137999782063,
  "summary_gm_mean": 693.0721643130762,
  "summary_gm_median": 691.0075721740723,
  "summary_gm_n": 42486.0,
  "summary_gm_p05": 586.547615647316,
  "summary_gm_p95": 807.8287507295609,
  "summary_gm_stdv": 66.48853676274503,
  "summary_wm_k": 0.40882855465498347,
  "summary_wm_mad": 41.687757175268565,
  "summary_wm_mean": 999.687977508834,
  "summary_wm_median": 999.999970972538,
  "summary_wm_n": 258802.0,
  "summary_wm_p05": 928.4651212692261,
  "summary_wm_p95": 1069.6653766036034,
  "summary_wm_stdv": 43.22784533825304,
  "tpm_overlap_csf": 0.15787426241257504,
  "tpm_overlap_gm": 0.44927766615815534,
  "tpm_overlap_wm": 0.5034070253841619,
  "wm2max": 0.5180756231099164
}