{
  "bids_meta": {
    "AcquisitionMatrixPE": 256,
    "AcquisitionNumber": 1,
    "AcquisitionTime": "13:48:30.687500",
    "BaseResolution": 256,
    "BodyPartExamined": "BRAIN",
    "ConsistencyInfo": "N4_VD13A_LATEST_20120616",
    "ConversionSoftware": "dcm2niix",
    "ConversionSoftwareVersion": "v1.0.20180518 GCC4.8.5",
    "DeviceSerialNumber": "45031",
    "DwellTime": 8.2e-06,
    "EchoTime": 0.00298,
    "FlipAngle": 9,
    "ImageOrientationPatientDICOM": [
      -0.082153,
      0.952279,
      0.293964,
      -0.016568,
      0.293616,
      -0.95578
    ],
    "ImageType": [
      "ORIGINAL",
      "PRIMARY",
      "M",
      "ND",
      "NORM"
    ],
    "InPlanePhaseEncodingDirectionDICOM": "ROW",
    "InstitutionAddress": "Washington_and_Faculty_Rd._-_Building_25_25_Princeton_NJ_US_085",
    "InstitutionName": "Princeton_University_-_Neuroscience_Institute",
    "InstitutionalDepartmentName": "Department",
    "InversionTime": 0.9,
    "MRAcquisitionType": "3D",
    "MagneticFieldStrength": 3,
    "Manufacturer": "Siemens",
    "ManufacturersModelName": "Skyra",
    "Modality": "MR",
    "ParallelReductionFactorInPlane": 2,
    "PartialFourier": 1,
    "PatientPosition": "HFS",
    "PercentPhaseFOV": 100,
    "PhaseEncodingSteps": 255,
    "PhaseResolution": 1,
    "PixelBandwidth": 240,
    "ProcedureStepDescription": "Turk-BrowneLab_Projects",
    "ProtocolName": "mprage_1x1x1_medium",
    "PulseSequenceDetails": "%SiemensSeq%_tfl",
    "ReceiveCoilActiveElements": "HE1-4",
    "ReceiveCoilName": "HeadNeck_20",
    "ReconMatrixPE": 256,
    "RepetitionTime": 2.3,
    "SAR": 0.0849797,
    "ScanOptions": "IR",
    "ScanningSequence": "GR_IR",
    "SequenceName": "_tfl3d1_16ns",
    "SequenceVariant": "SK_SP_MP",
    "SeriesDescription": "mprage_1x1x1_medium",
    "SeriesNumber": 15,
    "ShimSetting": [
      3378,
      8464,
      9332,
      171,
      -87,
      -410,
      479,
      59
    ],
    "SliceThickness": 1,
    "SoftwareVersions": "syngo_MR_D13",
    "StationName": "AWP45031",
    "TxRefAmp": 323.163,
    "dataset": "ds001430",
    "modality": "T1w",
    "subject_id": "03"
  },
  "cjv": 0.32815274811168915,
  "cnr": 4.057205312807651,
  "efc": 0.4563911507122225,
  "fber": 9228.003906250002,
  "fwhm_avg": 3.7089157580851064,
  "fwhm_x": 3.810867274255318,
  "fwhm_y": 3.88932,
  "fwhm_z": 3.42656,
  "icvs_csf": 0.21294799573319734,
  "icvs_gm": 0.45344444054632815,
  "icvs_wm": 0.33360756372047456,
  "inu_med": 0.5796204805374146,
  "inu_range": 0.2152144253253937,
  "provenance": {
    "md5sum": "c63e1e88b9b5a156df71bf25ede3d988",
    "settings": {
      "testing": false
    },
    "software": "mriqc",
    "version": "23.0.1",
    "warnings": {
      "large_rot_frame": true,
      "small_air_mask": false
    },
    "webapi_port": null,
    "webapi_url": "https://mriqc.nimh.nih.gov/api/v1"
  },
  "qi_1": 0.0,
  "qi_2": 0.017112586986620906,
  "rpve_csf": 27.255252787682757,
  "rpve_gm": 13.581356818879303,
  "rpve_wm": 20.878197491064544,
  "size_x": 192,
  "size_y": 256,
  "size_z": 256,
  "snr_csf": 1.7582437808206255,
  "snr_gm": 9.26360436567432,
  "snr_total": 11.18391225043713,
  "snr_wm": 22.529888604816446,
  "snrd_csf": 18.084491042002867,
  "snrd_gm": 54.02986746102448,
  "snrd_total": 51.389482759431246,
  "snrd_wm": 82.05408977526639,
  "spacing_x": 1.0000007152557373,
  "spacing_y": 1.0,
  "spacing_z": 1.0,
  "summary_bg_k": 8.173598273985341,
  "summary_bg_mad": 0.0,
  "summary_bg_mean": 5.319992090372212,
  "summary_bg_median": 0.0,
  "summary_bg_n": 3289187.0,
  "summary_bg_p05": 0.0,
  "summary_bg_p95": 20.86755210533738,
  "summary_bg_stdv": 7.984201459666528,
  "summary_csf_k": 0.39595936463049775,
  "summary_csf_mad": 124.52795680473615,
  "summary_csf_mean": 229.95790980768828,
  "summary_csf_median": 220.39718717336655,
  "summary_csf_n": 33406.0,
  "summary_csf_p05": 53.94206224009395,
  "summary_csf_p95": 467.52275951206684,
  "summary_csf_stdv": 125.348879823319,
  "summary_gm_k": 0.06827016461654312,
  "summary_gm_mad": 69.90169308639189,
  "summary_gm_mean": 657.6757026314762,
  "summary_gm_median": 658.4664607979357,
  "summary_gm_n": 38533.0,
  "summary_gm_p05": 538.4873687289655,
  "summary_gm_p95": 773.8315467126667,
  "summary_gm_stdv": 71.08009912356427,
  "summary_wm_k": 0.48236604042947917,
  "summary_wm_mad": 42.17346803787064,
  "summary_wm_mean": 998.1731091916147,
  "summary_wm_median": 999.9999745935202,
  "summary_wm_n": 181936.0,
  "summary_wm_p05": 922.1292882040143,
  "summary_wm_p95": 1067.4555500037968,
  "summary_wm_stdv": 44.38536043879417,
  "tpm_overlap_csf": 0.14082114275836355,
  "tpm_overlap_gm": 0.4715870027845358,
  "tpm_overlap_wm": 0.5024336715053299,
  "wm2max": 0.5224276464622826
}