{
  "aor": 0.004542175925925926,
  "aqi": 0.020135151296296297,
  "bids_meta": {
    "AcquisitionMatrixPE": 64,
    "AcquisitionNumber": 1,
    "AcquisitionTime": "12:00:23.157500",
    "BandwidthPerPixelPhaseEncode": 40.064,
    "BaseResolution": 64,
    "BodyPartExamined": "BRAIN",
    "ConsistencyInfo": "N4_VD13A_LATEST_20120616",
    "ConversionSoftware": "dcm2niix",
    "ConversionSoftwareVersion": "v1.0.20180518 GCC4.8.5",
    "DerivedVendorReportedEchoSpacing": 0.000780002,
    "DeviceSerialNumber": "45031",
    "DwellTime": 5.4e-06,
    "EchoTime": 0.028,
    "EchoTrainLength": 32,
    "EffectiveEchoSpacing": 0.000390001,
    "FlipAngle": 64,
    "ImageOrientationPatientDICOM": [
      0.997561,
      0.0026856,
      0.0697527,
      0.0101064,
      0.983174,
      -0.18239
    ],
    "ImageType": [
      "ORIGINAL",
      "PRIMARY",
      "M",
      "ND",
      "NORM",
      "MOSAIC"
    ],
    "InPlanePhaseEncodingDirectionDICOM": "COL",
    "InstitutionAddress": "Washington_and_Faculty_Rd._-_Building_25_25_Princeton_NJ_US_085",
    "InstitutionName": "Princeton_University_-_Neuroscience_Institute",
    "InstitutionalDepartmentName": "Department",
    "MRAcquisitionType": "2D",
    "MagneticFieldStrength": 3,
    "Manufacturer": "Siemens",
    "ManufacturersModelName": "Skyra",
    "Modality": "MR",
    "ParallelReductionFactorInPlane": 2,
    "PartialFourier": 1,
    "PatientPosition": "HFS",
    "PercentPhaseFOV": 100,
    "PhaseEncodingDirection": "j-",
    "PhaseEncodingSteps": 64,
    "PhaseResolution": 1,
    "PixelBandwidth": 1445,
    "ProcedureStepDescription": "Turk-BrowneLab_Projects",
    "ProtocolName": "epi_3x3x4_1.5s_216TR",
    "PulseSequenceDetails": "%SiemensSeq%_ep2d_bold",
    "ReceiveCoilActiveElements": "HE1-4",
    "ReceiveCoilName": "HeadNeck_20",
    "ReconMatrixPE": 64,
    "RepetitionTime": 1.5,
    "SAR": 0.0867781,
    "ScanOptions": "FS",
    "ScanningSequence": "EP",
    "SequenceName": "_epfid2d1_64",
    "SequenceVariant": "SK",
    "SeriesDescription": "epi_3x3x4_1.5s_216TR",
    "SeriesNumber": 13,
    "ShimSetting": [
      3402,
      8659,
      9343,
      454,
      224,
      344,
      -46,
      44
    ],
    "SliceThickness": 4,
    "SliceTiming": [
      0.74,
      0,
      0.795,
      0.055,
      0.8525,
      0.1125,
      0.91,
      0.17,
      0.9675,
      0.2275,
      1.025,
      0.285,
      1.08,
      0.34,
      1.1375,
      0.3975,
      1.195,
      0.455,
      1.2525,
      0.5125,
      1.3075,
      0.5675,
      1.365,
      0.625,
      1.4225,
      0.6825
    ],
    "SoftwareVersions": "syngo_MR_D13",
    "SpacingBetweenSlices": 4,
    "StationName": "AWP45031",
    "TotalReadoutTime": 0.0245701,
    "TxRefAmp": 394.081,
    "dataset": "ds001430",
    "modality": "bold",
    "run_id": 2,
    "subject_id": "09",
    "task_id": "loc"
  },
  "dummy_trs": 0,
  "dvars_nstd": 26.083131062883737,
  "dvars_std": 1.1254061716744186,
  "dvars_vstd": 0.9972571343720928,
  "efc": 0.6253191918798996,
  "fber": 1024.387939453125,
  "fd_mean": 0.2604941566736393,
  "fd_num": 115,
  "fd_perc": 53.24074074074074,
  "fwhm_avg": 1.7139344444444446,
  "fwhm_x": 1.6641199999999998,
  "fwhm_y": 1.9502933333333334,
  "fwhm_z": 1.52739,
  "gcor": 0.0434525,
  "gsr_x": 0.018239429220557213,
  "gsr_y": 0.026418201625347137,
  "provenance": {
    "md5sum": "90f0403f9c354e2b49b85f4699228f65",
    "settings": {
      "fd_thres": 0.2,
      "testing": false
    },
    "software": "mriqc",
    "version": "23.0.1",
    "webapi_port": null,
    "webapi_url": "https://mriqc.nimh.nih.gov/api/v1"
  },
  "size_t": 216,
  "size_x": 64,
  "size_y": 64,
  "size_z": 26,
  "snr": 7.355242191418411,
  "spacing_tr": 1.5,
  "spacing_x": 3.0,
  "spacing_y": 3.0,
  "spacing_z": 4.0,
  "summary_bg_k": 13.229290560357644,
  "summary_bg_mad": 17.997143518308576,
  "summary_bg_mean": 52.15211868286133,
  "summary_bg_median": 20.0,
  "summary_bg_n": 50092.0,
  "summary_bg_p05": 6.421296119689941,
  "summary_bg_p95": 222.99097442626942,
  "summary_bg_stdv": 79.91808319091797,
  "summary_fg_k": 3.181167763615737,
  "summary_fg_mad": 83.29339619446432,
  "summary_fg_mean": 677.352783203125,
  "summary_fg_median": 668.4815063476562,
  "summary_fg_n": 28173.0,
  "summary_fg_p05": 553.4833251953125,
  "summary_fg_p95": 824.6240966796872,
  "summary_fg_stdv": 90.88343048095703,
  "tsnr": 45.985142707359046
}