{
  "aor": 0.009842125,
  "aqi": 0.015549807775,
  "bids_meta": {
    "AcquisitionMatrixPE": 64,
    "AcquisitionNumber": 1,
    "AcquisitionTime": "11:27:53.580000",
    "BandwidthPerPixelPhaseEncode": 40.064,
    "BaseResolution": 64,
    "BodyPartExamined": "BRAIN",
    "ConsistencyInfo": "N4_VD13A_LATEST_20120616",
    "ConversionSoftware": "dcm2niix",
    "ConversionSoftwareVersion": "v1.0.20180518 GCC4.8.5",
    "DerivedVendorReportedEchoSpacing": 0.000780002,
    "DeviceSerialNumber": "45031",
    "DwellTime": 5.4e-06,
    "EchoTime": 0.028,
    "EchoTrainLength": 32,
    "EffectiveEchoSpacing": 0.000390001,
    "FlipAngle": 64,
    "ImageOrientationPatientDICOM": [
      0.997561,
      0.0026856,
      0.0697527,
      0.0101064,
      0.983174,
      -0.18239
    ],
    "ImageType": [
      "ORIGINAL",
      "PRIMARY",
      "M",
      "ND",
      "NORM",
      "MOSAIC"
    ],
    "InPlanePhaseEncodingDirectionDICOM": "COL",
    "InstitutionAddress": "Washington_and_Faculty_Rd._-_Building_25_25_Princeton_NJ_US_085",
    "InstitutionName": "Princeton_University_-_Neuroscience_Institute",
    "InstitutionalDepartmentName": "Department",
    "MRAcquisitionType": "2D",
    "MagneticFieldStrength": 3,
    "Manufacturer": "Siemens",
    "ManufacturersModelName": "Skyra",
    "Modality": "MR",
    "ParallelReductionFactorInPlane": 2,
    "PartialFourier": 1,
    "PatientPosition": "HFS",
    "PercentPhaseFOV": 100,
    "PhaseEncodingDirection": "j-",
    "PhaseEncodingSteps": 64,
    "PhaseResolution": 1,
    "PixelBandwidth": 1445,
    "ProcedureStepDescription": "Turk-BrowneLab_Projects",
    "ProtocolName": "epi_3x3x4_1.5s_400TR",
    "PulseSequenceDetails": "%SiemensSeq%_ep2d_bold",
    "ReceiveCoilActiveElements": "HE1-4",
    "ReceiveCoilName": "HeadNeck_20",
    "ReconMatrixPE": 64,
    "RepetitionTime": 1.5,
    "SAR": 0.0867793,
    "ScanOptions": "FS",
    "ScanningSequence": "EP",
    "SequenceName": "_epfid2d1_64",
    "SequenceVariant": "SK",
    "SeriesDescription": "epi_3x3x4_1.5s_400TR",
    "SeriesNumber": 10,
    "ShimSetting": [
      3402,
      8659,
      9343,
      454,
      224,
      344,
      -46,
      44
    ],
    "SliceThickness": 4,
    "SliceTiming": [
      0.74,
      0,
      0.7975,
      0.0575,
      0.855,
      0.115,
      0.9125,
      0.1725,
      0.9675,
      0.2275,
      1.025,
      0.285,
      1.0825,
      0.3425,
      1.14,
      0.4,
      1.195,
      0.455,
      1.2525,
      0.5125,
      1.31,
      0.57,
      1.3675,
      0.6275,
      1.4225,
      0.6825
    ],
    "SoftwareVersions": "syngo_MR_D13",
    "SpacingBetweenSlices": 4,
    "StationName": "AWP45031",
    "TotalReadoutTime": 0.0245701,
    "TxRefAmp": 394.081,
    "dataset": "ds001430",
    "modality": "bold",
    "run_id": 1,
    "subject_id": "09",
    "task_id": "phase3"
  },
  "dummy_trs": 0,
  "dvars_nstd": 24.80918381869674,
  "dvars_std": 1.3053211713283217,
  "dvars_vstd": 1.1201192120551382,
  "efc": 0.6248278259646323,
  "fber": 1005.2216796875,
  "fd_mean": 0.16950987118610256,
  "fd_num": 95,
  "fd_perc": 23.75,
  "fwhm_avg": 1.716307777777778,
  "fwhm_x": 1.6654833333333334,
  "fwhm_y": 1.9487500000000002,
  "fwhm_z": 1.53469,
  "gcor": 0.0417504,
  "gsr_x": 0.018224768340587616,
  "gsr_y": 0.028768427670001984,
  "provenance": {
    "md5sum": "07e414774542969b798a2bdeeb7faf4d",
    "settings": {
      "fd_thres": 0.2,
      "testing": false
    },
    "software": "mriqc",
    "version": "23.0.1",
    "webapi_port": null,
    "webapi_url": "https://mriqc.nimh.nih.gov/api/v1"
  },
  "size_t": 400,
  "size_x": 64,
  "size_y": 64,
  "size_z": 26,
  "snr": 7.222097663549865,
  "spacing_tr": 1.5,
  "spacing_x": 3.0,
  "spacing_y": 3.0,
  "spacing_z": 4.0,
  "summary_bg_k": 12.87285929259086,
  "summary_bg_mad": 18.232300980021392,
  "summary_bg_mean": 51.15979766845703,
  "summary_bg_median": 20.107500076293945,
  "summary_bg_n": 49970.0,
  "summary_bg_p05": 6.275000095367432,
  "summary_bg_p95": 216.7241203308103,
  "summary_bg_stdv": 76.6346664428711,
  "summary_fg_k": 2.7954803141422504,
  "summary_fg_mad": 85.51463004190985,
  "summary_fg_mean": 677.4632568359375,
  "summary_fg_median": 668.05126953125,
  "summary_fg_n": 28286.0,
  "summary_fg_p05": 551.7780914306641,
  "summary_fg_p95": 829.52685546875,
  "summary_fg_stdv": 92.4993667602539,
  "tsnr": 50.84171376936138
}