{
  "aor": 0.0014538513513513514,
  "aqi": 0.01032645945945946,
  "bids_meta": {
    "AcquisitionMatrixPE": 64,
    "AcquisitionNumber": 1,
    "AcquisitionTime": "11:03:5.550000",
    "BandwidthPerPixelPhaseEncode": 40.064,
    "BaseResolution": 64,
    "BodyPartExamined": "BRAIN",
    "ConsistencyInfo": "N4_VD13A_LATEST_20120616",
    "ConversionSoftware": "dcm2niix",
    "ConversionSoftwareVersion": "v1.0.20180518 GCC4.8.5",
    "DerivedVendorReportedEchoSpacing": 0.000780002,
    "DeviceSerialNumber": "45031",
    "DwellTime": 5.4e-06,
    "EchoTime": 0.028,
    "EchoTrainLength": 32,
    "EffectiveEchoSpacing": 0.000390001,
    "FlipAngle": 64,
    "ImageOrientationPatientDICOM": [
      0.997561,
      0.0026856,
      0.0697527,
      0.0101064,
      0.983174,
      -0.18239
    ],
    "ImageType": [
      "ORIGINAL",
      "PRIMARY",
      "M",
      "ND",
      "NORM",
      "MOSAIC"
    ],
    "InPlanePhaseEncodingDirectionDICOM": "COL",
    "InstitutionAddress": "Washington_and_Faculty_Rd._-_Building_25_25_Princeton_NJ_US_085",
    "InstitutionName": "Princeton_University_-_Neuroscience_Institute",
    "InstitutionalDepartmentName": "Department",
    "MRAcquisitionType": "2D",
    "MagneticFieldStrength": 3,
    "Manufacturer": "Siemens",
    "ManufacturersModelName": "Skyra",
    "Modality": "MR",
    "ParallelReductionFactorInPlane": 2,
    "PartialFourier": 1,
    "PatientPosition": "HFS",
    "PercentPhaseFOV": 100,
    "PhaseEncodingDirection": "j-",
    "PhaseEncodingSteps": 64,
    "PhaseResolution": 1,
    "PixelBandwidth": 1445,
    "ProcedureStepDescription": "Turk-BrowneLab_Projects",
    "ProtocolName": "epi_3x3x4_1.5s_148TR",
    "PulseSequenceDetails": "%SiemensSeq%_ep2d_bold",
    "ReceiveCoilActiveElements": "HE1-4",
    "ReceiveCoilName": "HeadNeck_20",
    "ReconMatrixPE": 64,
    "RepetitionTime": 1.5,
    "SAR": 0.0867769,
    "ScanOptions": "FS",
    "ScanningSequence": "EP",
    "SequenceName": "_epfid2d1_64",
    "SequenceVariant": "SK",
    "SeriesDescription": "epi_3x3x4_1.5s_148TR",
    "SeriesNumber": 8,
    "ShimSetting": [
      3402,
      8659,
      9343,
      454,
      224,
      344,
      -46,
      44
    ],
    "SliceThickness": 4,
    "SliceTiming": [
      0.74,
      0,
      0.7975,
      0.0575,
      0.855,
      0.115,
      0.91,
      0.17,
      0.9675,
      0.2275,
      1.025,
      0.285,
      1.0825,
      0.3425,
      1.1375,
      0.3975,
      1.195,
      0.455,
      1.2525,
      0.5125,
      1.31,
      0.57,
      1.3675,
      0.6275,
      1.4225,
      0.6825
    ],
    "SoftwareVersions": "syngo_MR_D13",
    "SpacingBetweenSlices": 4,
    "StationName": "AWP45031",
    "TotalReadoutTime": 0.0245701,
    "TxRefAmp": 394.081,
    "dataset": "ds001430",
    "modality": "bold",
    "run_id": 4,
    "subject_id": "09",
    "task_id": "phase1"
  },
  "dummy_trs": 0,
  "dvars_nstd": 26.38861663931973,
  "dvars_std": 1.207268678707483,
  "dvars_vstd": 0.995771791428571,
  "efc": 0.6254721014886754,
  "fber": 941.9910278320312,
  "fd_mean": 0.18077736073802705,
  "fd_num": 52,
  "fd_perc": 35.13513513513514,
  "fwhm_avg": 1.7119766666666667,
  "fwhm_x": 1.6385433333333335,
  "fwhm_y": 1.9043366666666666,
  "fwhm_z": 1.59305,
  "gcor": 0.0356566,
  "gsr_x": 0.015181990340352058,
  "gsr_y": 0.030825603753328323,
  "provenance": {
    "md5sum": "f0f2fa1e2bc92c3ddd13ba53e5a3bf02",
    "settings": {
      "fd_thres": 0.2,
      "testing": false
    },
    "software": "mriqc",
    "version": "23.0.1",
    "webapi_port": null,
    "webapi_url": "https://mriqc.nimh.nih.gov/api/v1"
  },
  "size_t": 148,
  "size_x": 64,
  "size_y": 64,
  "size_z": 26,
  "snr": 7.225455517515993,
  "spacing_tr": 1.5,
  "spacing_x": 3.0,
  "spacing_y": 3.0,
  "spacing_z": 4.0,
  "summary_bg_k": 13.60662848972638,
  "summary_bg_mad": 17.640962310494498,
  "summary_bg_mean": 51.17695236206055,
  "summary_bg_median": 20.472972869873047,
  "summary_bg_n": 50090.0,
  "summary_bg_p05": 7.070608377456667,
  "summary_bg_p95": 216.45169067382793,
  "summary_bg_stdv": 76.054931640625,
  "summary_fg_k": 2.958793454064052,
  "summary_fg_mad": 85.94581898058047,
  "summary_fg_mean": 676.748779296875,
  "summary_fg_median": 667.5371704101562,
  "summary_fg_n": 28302.0,
  "summary_fg_p05": 553.6635223388672,
  "summary_fg_p95": 827.7537353515623,
  "summary_fg_stdv": 92.3852310180664,
  "tsnr": 60.55443587433547
}