{
  "aor": 0.0012162837837837838,
  "aqi": 0.005562150945945946,
  "bids_meta": {
    "AcquisitionMatrixPE": 64,
    "AcquisitionNumber": 1,
    "AcquisitionTime": "10:47:49.570000",
    "BandwidthPerPixelPhaseEncode": 40.064,
    "BaseResolution": 64,
    "BodyPartExamined": "BRAIN",
    "ConsistencyInfo": "N4_VD13A_LATEST_20120616",
    "ConversionSoftware": "dcm2niix",
    "ConversionSoftwareVersion": "v1.0.20180518 GCC4.8.5",
    "DerivedVendorReportedEchoSpacing": 0.000780002,
    "DeviceSerialNumber": "45031",
    "DwellTime": 5.4e-06,
    "EchoTime": 0.028,
    "EchoTrainLength": 32,
    "EffectiveEchoSpacing": 0.000390001,
    "FlipAngle": 64,
    "ImageOrientationPatientDICOM": [
      0.998369,
      -0.0144234,
      0.0552423,
      0.024278,
      0.982977,
      -0.182117
    ],
    "ImageType": [
      "ORIGINAL",
      "PRIMARY",
      "M",
      "ND",
      "NORM",
      "MOSAIC"
    ],
    "InPlanePhaseEncodingDirectionDICOM": "COL",
    "InstitutionAddress": "Washington_and_Faculty_Rd._-_Building_25_25_Princeton_NJ_US_085",
    "InstitutionName": "Princeton_University_-_Neuroscience_Institute",
    "InstitutionalDepartmentName": "Department",
    "MRAcquisitionType": "2D",
    "MagneticFieldStrength": 3,
    "Manufacturer": "Siemens",
    "ManufacturersModelName": "Skyra",
    "Modality": "MR",
    "ParallelReductionFactorInPlane": 2,
    "PartialFourier": 1,
    "PatientPosition": "HFS",
    "PercentPhaseFOV": 100,
    "PhaseEncodingDirection": "j-",
    "PhaseEncodingSteps": 64,
    "PhaseResolution": 1,
    "PixelBandwidth": 1445,
    "ProcedureStepDescription": "Turk-BrowneLab_Projects",
    "ProtocolName": "epi_3x3x4_1.5s_148TR",
    "PulseSequenceDetails": "%SiemensSeq%_ep2d_bold",
    "ReceiveCoilActiveElements": "HE1-4",
    "ReceiveCoilName": "HeadNeck_20",
    "ReconMatrixPE": 64,
    "RepetitionTime": 1.5,
    "SAR": 0.0872511,
    "ScanOptions": "FS",
    "ScanningSequence": "EP",
    "SequenceName": "_epfid2d1_64",
    "SequenceVariant": "SK",
    "SeriesDescription": "epi_3x3x4_1.5s_148TR",
    "SeriesNumber": 6,
    "ShimSetting": [
      3406,
      8617,
      9385,
      508,
      -92,
      227,
      332,
      153
    ],
    "SliceThickness": 4,
    "SliceTiming": [
      0.74,
      0,
      0.7975,
      0.0575,
      0.855,
      0.115,
      0.9125,
      0.1725,
      0.9675,
      0.2275,
      1.025,
      0.285,
      1.0825,
      0.3425,
      1.14,
      0.4,
      1.195,
      0.455,
      1.2525,
      0.5125,
      1.31,
      0.57,
      1.3675,
      0.6275,
      1.425,
      0.685
    ],
    "SoftwareVersions": "syngo_MR_D13",
    "SpacingBetweenSlices": 4,
    "StationName": "AWP45031",
    "TotalReadoutTime": 0.0245701,
    "TxRefAmp": 397.183,
    "dataset": "ds001430",
    "modality": "bold",
    "run_id": 2,
    "subject_id": "13",
    "task_id": "phase1"
  },
  "dummy_trs": 0,
  "dvars_nstd": 21.897137375714276,
  "dvars_std": 1.2711953119047614,
  "dvars_vstd": 1.0119648742176868,
  "efc": 0.6356988848370654,
  "fber": 988.9155883789062,
  "fd_mean": 0.09452866757174712,
  "fd_num": 4,
  "fd_perc": 2.7027027027027026,
  "fwhm_avg": 1.693801388888889,
  "fwhm_x": 1.6785733333333335,
  "fwhm_y": 1.8731133333333334,
  "fwhm_z": 1.5297175,
  "gcor": 0.0280363,
  "gsr_x": 0.004523443523794413,
  "gsr_y": 0.03952760249376297,
  "provenance": {
    "md5sum": "456ca44e05e110521d9d749fbbfedf2e",
    "settings": {
      "fd_thres": 0.2,
      "testing": false
    },
    "software": "mriqc",
    "version": "23.0.1",
    "webapi_port": null,
    "webapi_url": "https://mriqc.nimh.nih.gov/api/v1"
  },
  "size_t": 148,
  "size_x": 64,
  "size_y": 64,
  "size_z": 26,
  "snr": 7.612325491999487,
  "spacing_tr": 1.5,
  "spacing_x": 3.0,
  "spacing_y": 3.0,
  "spacing_z": 4.0,
  "summary_bg_k": 10.928572422881546,
  "summary_bg_mad": 18.87312683755154,
  "summary_bg_mean": 57.35858154296875,
  "summary_bg_median": 21.56081199645996,
  "summary_bg_n": 48525.0,
  "summary_bg_p05": 7.472973346710205,
  "summary_bg_p95": 242.3405487060546,
  "summary_bg_stdv": 85.36367797851562,
  "summary_fg_k": 3.776422301485093,
  "summary_fg_mad": 84.38815459531153,
  "summary_fg_mean": 739.3060913085938,
  "summary_fg_median": 729.87841796875,
  "summary_fg_n": 29739.0,
  "summary_fg_p05": 615.0817504882813,
  "summary_fg_p95": 896.8182434082031,
  "summary_fg_stdv": 95.87952423095703,
  "tsnr": 87.44713156297803
}