{
  "aor": 0.0018854054054054056,
  "aqi": 0.005313833175675676,
  "bids_meta": {
    "AcquisitionMatrixPE": 64,
    "AcquisitionNumber": 1,
    "AcquisitionTime": "10:43:17.455000",
    "BandwidthPerPixelPhaseEncode": 40.064,
    "BaseResolution": 64,
    "BodyPartExamined": "BRAIN",
    "ConsistencyInfo": "N4_VD13A_LATEST_20120616",
    "ConversionSoftware": "dcm2niix",
    "ConversionSoftwareVersion": "v1.0.20180518 GCC4.8.5",
    "DerivedVendorReportedEchoSpacing": 0.000780002,
    "DeviceSerialNumber": "45031",
    "DwellTime": 5.4e-06,
    "EchoTime": 0.028,
    "EchoTrainLength": 32,
    "EffectiveEchoSpacing": 0.000390001,
    "FlipAngle": 64,
    "ImageOrientationPatientDICOM": [
      0.998369,
      -0.0144234,
      0.0552423,
      0.024278,
      0.982977,
      -0.182117
    ],
    "ImageType": [
      "ORIGINAL",
      "PRIMARY",
      "M",
      "ND",
      "NORM",
      "MOSAIC"
    ],
    "InPlanePhaseEncodingDirectionDICOM": "COL",
    "InstitutionAddress": "Washington_and_Faculty_Rd._-_Building_25_25_Princeton_NJ_US_085",
    "InstitutionName": "Princeton_University_-_Neuroscience_Institute",
    "InstitutionalDepartmentName": "Department",
    "MRAcquisitionType": "2D",
    "MagneticFieldStrength": 3,
    "Manufacturer": "Siemens",
    "ManufacturersModelName": "Skyra",
    "Modality": "MR",
    "ParallelReductionFactorInPlane": 2,
    "PartialFourier": 1,
    "PatientPosition": "HFS",
    "PercentPhaseFOV": 100,
    "PhaseEncodingDirection": "j-",
    "PhaseEncodingSteps": 64,
    "PhaseResolution": 1,
    "PixelBandwidth": 1445,
    "ProcedureStepDescription": "Turk-BrowneLab_Projects",
    "ProtocolName": "epi_3x3x4_1.5s_148TR",
    "PulseSequenceDetails": "%SiemensSeq%_ep2d_bold",
    "ReceiveCoilActiveElements": "HE1-4",
    "ReceiveCoilName": "HeadNeck_20",
    "ReconMatrixPE": 64,
    "RepetitionTime": 1.5,
    "SAR": 0.0872511,
    "ScanOptions": "FS",
    "ScanningSequence": "EP",
    "SequenceName": "_epfid2d1_64",
    "SequenceVariant": "SK",
    "SeriesDescription": "epi_3x3x4_1.5s_148TR",
    "SeriesNumber": 5,
    "ShimSetting": [
      3406,
      8617,
      9385,
      508,
      -92,
      227,
      332,
      153
    ],
    "SliceThickness": 4,
    "SliceTiming": [
      0.74,
      0,
      0.7975,
      0.0575,
      0.855,
      0.115,
      0.9125,
      0.1725,
      0.9675,
      0.2275,
      1.025,
      0.285,
      1.0825,
      0.3425,
      1.14,
      0.4,
      1.1975,
      0.4575,
      1.2525,
      0.5125,
      1.31,
      0.57,
      1.3675,
      0.6275,
      1.425,
      0.685
    ],
    "SoftwareVersions": "syngo_MR_D13",
    "SpacingBetweenSlices": 4,
    "StationName": "AWP45031",
    "TotalReadoutTime": 0.0245701,
    "TxRefAmp": 397.183,
    "dataset": "ds001430",
    "modality": "bold",
    "run_id": 1,
    "subject_id": "13",
    "task_id": "phase1"
  },
  "dummy_trs": 0,
  "dvars_nstd": 21.394364492925174,
  "dvars_std": 1.251037512312926,
  "dvars_vstd": 1.0194353883673468,
  "efc": 0.6350307616183316,
  "fber": 1021.66845703125,
  "fd_mean": 0.09202092414123475,
  "fd_num": 2,
  "fd_perc": 1.3513513513513513,
  "fwhm_avg": 1.6914388888888887,
  "fwhm_x": 1.6743666666666668,
  "fwhm_y": 1.87489,
  "fwhm_z": 1.52506,
  "gcor": 0.0198685,
  "gsr_x": 0.004082042723894119,
  "gsr_y": 0.03874821588397026,
  "provenance": {
    "md5sum": "afb7c8bdafa7df896ec4c3ab23d030d0",
    "settings": {
      "fd_thres": 0.2,
      "testing": false
    },
    "software": "mriqc",
    "version": "23.0.1",
    "webapi_port": null,
    "webapi_url": "https://mriqc.nimh.nih.gov/api/v1"
  },
  "size_t": 148,
  "size_x": 64,
  "size_y": 64,
  "size_z": 26,
  "snr": 7.614189648676972,
  "spacing_tr": 1.5,
  "spacing_x": 3.0,
  "spacing_y": 3.0,
  "spacing_z": 4.0,
  "summary_bg_k": 10.930911195014657,
  "summary_bg_mad": 18.592633455949116,
  "summary_bg_mean": 56.624855041503906,
  "summary_bg_median": 21.222972869873047,
  "summary_bg_n": 48530.0,
  "summary_bg_p05": 7.3108110427856445,
  "summary_bg_p95": 239.41926651000944,
  "summary_bg_stdv": 84.49272155761719,
  "summary_fg_k": 3.6325544046987632,
  "summary_fg_mad": 84.86893252420072,
  "summary_fg_mean": 740.0005493164062,
  "summary_fg_median": 730.70947265625,
  "summary_fg_n": 29751.0,
  "summary_fg_p05": 615.75341796875,
  "summary_fg_p95": 896.773681640625,
  "summary_fg_stdv": 95.96519470214844,
  "tsnr": 88.41153607098386
}