{
  "aor": 0.0020258904109589043,
  "aqi": 0.0057356188356164385,
  "bids_meta": {
    "AcquisitionMatrixPE": 64,
    "AcquisitionNumber": 1,
    "AcquisitionTime": "10:56:51.085000",
    "BandwidthPerPixelPhaseEncode": 40.064,
    "BaseResolution": 64,
    "BodyPartExamined": "BRAIN",
    "ConsistencyInfo": "N4_VD13A_LATEST_20120616",
    "ConversionSoftware": "dcm2niix",
    "ConversionSoftwareVersion": "v1.0.20180518 GCC4.8.5",
    "DerivedVendorReportedEchoSpacing": 0.000780002,
    "DeviceSerialNumber": "45031",
    "DwellTime": 5.4e-06,
    "EchoTime": 0.028,
    "EchoTrainLength": 32,
    "EffectiveEchoSpacing": 0.000390001,
    "FlipAngle": 64,
    "ImageOrientationPatientDICOM": [
      0.998369,
      -0.0144234,
      0.0552423,
      0.024278,
      0.982977,
      -0.182117
    ],
    "ImageType": [
      "ORIGINAL",
      "PRIMARY",
      "M",
      "ND",
      "NORM",
      "MOSAIC"
    ],
    "InPlanePhaseEncodingDirectionDICOM": "COL",
    "InstitutionAddress": "Washington_and_Faculty_Rd._-_Building_25_25_Princeton_NJ_US_085",
    "InstitutionName": "Princeton_University_-_Neuroscience_Institute",
    "InstitutionalDepartmentName": "Department",
    "MRAcquisitionType": "2D",
    "MagneticFieldStrength": 3,
    "Manufacturer": "Siemens",
    "ManufacturersModelName": "Skyra",
    "Modality": "MR",
    "ParallelReductionFactorInPlane": 2,
    "PartialFourier": 1,
    "PatientPosition": "HFS",
    "PercentPhaseFOV": 100,
    "PhaseEncodingDirection": "j-",
    "PhaseEncodingSteps": 64,
    "PhaseResolution": 1,
    "PixelBandwidth": 1445,
    "ProcedureStepDescription": "Turk-BrowneLab_Projects",
    "ProtocolName": "epi_3x3x4_1.5s_148TR",
    "PulseSequenceDetails": "%SiemensSeq%_ep2d_bold",
    "ReceiveCoilActiveElements": "HE1-4",
    "ReceiveCoilName": "HeadNeck_20",
    "ReconMatrixPE": 64,
    "RepetitionTime": 1.5,
    "SAR": 0.0872511,
    "ScanOptions": "FS",
    "ScanningSequence": "EP",
    "SequenceName": "_epfid2d1_64",
    "SequenceVariant": "SK",
    "SeriesDescription": "epi_3x3x4_1.5s_148TR",
    "SeriesNumber": 8,
    "ShimSetting": [
      3406,
      8617,
      9385,
      508,
      -92,
      227,
      332,
      153
    ],
    "SliceThickness": 4,
    "SliceTiming": [
      0.74,
      0,
      0.7975,
      0.0575,
      0.855,
      0.115,
      0.91,
      0.17,
      0.9675,
      0.2275,
      1.025,
      0.285,
      1.0825,
      0.3425,
      1.1375,
      0.3975,
      1.195,
      0.455,
      1.2525,
      0.5125,
      1.31,
      0.57,
      1.3675,
      0.6275,
      1.4225,
      0.6825
    ],
    "SoftwareVersions": "syngo_MR_D13",
    "SpacingBetweenSlices": 4,
    "StationName": "AWP45031",
    "TotalReadoutTime": 0.0245701,
    "TxRefAmp": 397.183,
    "dataset": "ds001430",
    "modality": "bold",
    "run_id": 4,
    "subject_id": "13",
    "task_id": "phase1"
  },
  "dummy_trs": 2,
  "dvars_nstd": 21.810923253517238,
  "dvars_std": 1.2952412057931033,
  "dvars_vstd": 1.0406363851034481,
  "efc": 0.6357456754358624,
  "fber": 1025.33154296875,
  "fd_mean": 0.09693563799475786,
  "fd_num": 3,
  "fd_perc": 2.0547945205479454,
  "fwhm_avg": 1.6896125,
  "fwhm_x": 1.6661166666666667,
  "fwhm_y": 1.8753933333333332,
  "fwhm_z": 1.5273275,
  "gcor": 0.0125783,
  "gsr_x": 0.006795905530452728,
  "gsr_y": 0.03839709237217903,
  "provenance": {
    "md5sum": "552000fb6719711cd74750285568160c",
    "settings": {
      "fd_thres": 0.2,
      "testing": false
    },
    "software": "mriqc",
    "version": "23.0.1",
    "webapi_port": null,
    "webapi_url": "https://mriqc.nimh.nih.gov/api/v1"
  },
  "size_t": 146,
  "size_x": 64,
  "size_y": 64,
  "size_z": 26,
  "snr": 7.642798398436746,
  "spacing_tr": 1.5,
  "spacing_x": 3.0,
  "spacing_y": 3.0,
  "spacing_z": 4.0,
  "summary_bg_k": 11.02484376885709,
  "summary_bg_mad": 18.197420289037215,
  "summary_bg_mean": 57.803977966308594,
  "summary_bg_median": 20.910959243774414,
  "summary_bg_n": 48542.0,
  "summary_bg_p05": 7.3972601890563965,
  "summary_bg_p95": 244.90307312011672,
  "summary_bg_stdv": 86.98345947265625,
  "summary_fg_k": 3.7200489137380046,
  "summary_fg_mad": 84.25440910709429,
  "summary_fg_mean": 740.4314575195312,
  "summary_fg_median": 730.8390502929688,
  "summary_fg_n": 29676.0,
  "summary_fg_p05": 616.7790985107422,
  "summary_fg_p95": 896.0976104736328,
  "summary_fg_stdv": 95.6229248046875,
  "tsnr": 86.986398906447
}