{
  "aor": 0.0009462790697674418,
  "aqi": 0.01025831362790698,
  "bids_meta": {
    "AcquisitionMatrixPE": 64,
    "AcquisitionNumber": 1,
    "AcquisitionTime": "11:41:53.802500",
    "BandwidthPerPixelPhaseEncode": 40.064,
    "BaseResolution": 64,
    "BodyPartExamined": "BRAIN",
    "ConsistencyInfo": "N4_VD13A_LATEST_20120616",
    "ConversionSoftware": "dcm2niix",
    "ConversionSoftwareVersion": "v1.0.20180518 GCC4.8.5",
    "DerivedVendorReportedEchoSpacing": 0.000780002,
    "DeviceSerialNumber": "45031",
    "DwellTime": 5.4e-06,
    "EchoTime": 0.028,
    "EchoTrainLength": 32,
    "EffectiveEchoSpacing": 0.000390001,
    "FlipAngle": 64,
    "ImageOrientationPatientDICOM": [
      0.998369,
      -0.0144234,
      0.0552423,
      0.024278,
      0.982977,
      -0.182117
    ],
    "ImageType": [
      "ORIGINAL",
      "PRIMARY",
      "M",
      "ND",
      "NORM",
      "MOSAIC"
    ],
    "InPlanePhaseEncodingDirectionDICOM": "COL",
    "InstitutionAddress": "Washington_and_Faculty_Rd._-_Building_25_25_Princeton_NJ_US_085",
    "InstitutionName": "Princeton_University_-_Neuroscience_Institute",
    "InstitutionalDepartmentName": "Department",
    "MRAcquisitionType": "2D",
    "MagneticFieldStrength": 3,
    "Manufacturer": "Siemens",
    "ManufacturersModelName": "Skyra",
    "Modality": "MR",
    "ParallelReductionFactorInPlane": 2,
    "PartialFourier": 1,
    "PatientPosition": "HFS",
    "PercentPhaseFOV": 100,
    "PhaseEncodingDirection": "j-",
    "PhaseEncodingSteps": 64,
    "PhaseResolution": 1,
    "PixelBandwidth": 1445,
    "ProcedureStepDescription": "Turk-BrowneLab_Projects",
    "ProtocolName": "epi_3x3x4_1.5s_216TR",
    "PulseSequenceDetails": "%SiemensSeq%_ep2d_bold",
    "ReceiveCoilActiveElements": "HE1-4",
    "ReceiveCoilName": "HeadNeck_20",
    "ReconMatrixPE": 64,
    "RepetitionTime": 1.5,
    "SAR": 0.0872523,
    "ScanOptions": "FS",
    "ScanningSequence": "EP",
    "SequenceName": "_epfid2d1_64",
    "SequenceVariant": "SK",
    "SeriesDescription": "epi_3x3x4_1.5s_216TR",
    "SeriesNumber": 12,
    "ShimSetting": [
      3406,
      8617,
      9385,
      508,
      -92,
      227,
      332,
      153
    ],
    "SliceThickness": 4,
    "SliceTiming": [
      0.74,
      0,
      0.7975,
      0.0575,
      0.855,
      0.115,
      0.9125,
      0.1725,
      0.9675,
      0.2275,
      1.025,
      0.285,
      1.0825,
      0.3425,
      1.14,
      0.4,
      1.195,
      0.455,
      1.2525,
      0.5125,
      1.31,
      0.57,
      1.3675,
      0.6275,
      1.4225,
      0.6825
    ],
    "SoftwareVersions": "syngo_MR_D13",
    "SpacingBetweenSlices": 4,
    "StationName": "AWP45031",
    "TotalReadoutTime": 0.0245701,
    "TxRefAmp": 397.183,
    "dataset": "ds001430",
    "modality": "bold",
    "run_id": 1,
    "subject_id": "13",
    "task_id": "loc"
  },
  "dummy_trs": 1,
  "dvars_nstd": 22.746416501869152,
  "dvars_std": 1.2062694587850462,
  "dvars_vstd": 0.9811873829906537,
  "efc": 0.6342414610891774,
  "fber": 1155.88134765625,
  "fd_mean": 0.11791392404390405,
  "fd_num": 20,
  "fd_perc": 9.30232558139535,
  "fwhm_avg": 1.702226111111111,
  "fwhm_x": 1.67924,
  "fwhm_y": 1.8939933333333334,
  "fwhm_z": 1.533445,
  "gcor": 0.0213758,
  "gsr_x": 0.00932383257895708,
  "gsr_y": 0.03788727894425392,
  "provenance": {
    "md5sum": "4f9dcebba0855b7d5c18c30125189171",
    "settings": {
      "fd_thres": 0.2,
      "testing": false
    },
    "software": "mriqc",
    "version": "23.0.1",
    "webapi_port": null,
    "webapi_url": "https://mriqc.nimh.nih.gov/api/v1"
  },
  "size_t": 215,
  "size_x": 64,
  "size_y": 64,
  "size_z": 26,
  "snr": 7.597499007380421,
  "spacing_tr": 1.5,
  "spacing_x": 3.0,
  "spacing_y": 3.0,
  "spacing_z": 4.0,
  "summary_bg_k": 11.230426908735085,
  "summary_bg_mad": 17.698132737915167,
  "summary_bg_mean": 57.450111389160156,
  "summary_bg_median": 19.895347595214844,
  "summary_bg_n": 48700.0,
  "summary_bg_p05": 6.860465049743652,
  "summary_bg_p95": 239.0995384216295,
  "summary_bg_stdv": 87.2407455444336,
  "summary_fg_k": 4.018263338522968,
  "summary_fg_mad": 84.54280347174135,
  "summary_fg_mean": 744.117431640625,
  "summary_fg_median": 734.0232543945312,
  "summary_fg_n": 29577.0,
  "summary_fg_p05": 619.489306640625,
  "summary_fg_p95": 901.457666015625,
  "summary_fg_stdv": 96.61216735839844,
  "tsnr": 68.48174638533965
}