{
  "aor": 0.001396435185185185,
  "aqi": 0.007783914537037037,
  "bids_meta": {
    "AcquisitionMatrixPE": 64,
    "AcquisitionNumber": 1,
    "AcquisitionTime": "17:37:16.020000",
    "BandwidthPerPixelPhaseEncode": 40.064,
    "BaseResolution": 64,
    "BodyPartExamined": "BRAIN",
    "ConsistencyInfo": "N4_VD13A_LATEST_20120616",
    "ConversionSoftware": "dcm2niix",
    "ConversionSoftwareVersion": "v1.0.20180518 GCC4.8.5",
    "DerivedVendorReportedEchoSpacing": 0.000780002,
    "DeviceSerialNumber": "45031",
    "DwellTime": 5.4e-06,
    "EchoTime": 0.028,
    "EchoTrainLength": 32,
    "EffectiveEchoSpacing": 0.000390001,
    "FlipAngle": 64,
    "ImageOrientationPatientDICOM": [
      0.999925,
      -0.00263617,
      -0.0119626,
      0.00403341,
      0.992967,
      0.118325
    ],
    "ImageType": [
      "ORIGINAL",
      "PRIMARY",
      "M",
      "ND",
      "NORM",
      "MOSAIC"
    ],
    "InPlanePhaseEncodingDirectionDICOM": "COL",
    "InstitutionAddress": "Washington_and_Faculty_Rd._-_Building_25_25_Princeton_NJ_US_085",
    "InstitutionName": "Princeton_University_-_Neuroscience_Institute",
    "InstitutionalDepartmentName": "Department",
    "MRAcquisitionType": "2D",
    "MagneticFieldStrength": 3,
    "Manufacturer": "Siemens",
    "ManufacturersModelName": "Skyra",
    "Modality": "MR",
    "ParallelReductionFactorInPlane": 2,
    "PartialFourier": 1,
    "PatientPosition": "HFS",
    "PercentPhaseFOV": 100,
    "PhaseEncodingDirection": "j-",
    "PhaseEncodingSteps": 64,
    "PhaseResolution": 1,
    "PixelBandwidth": 1445,
    "ProcedureStepDescription": "Turk-BrowneLab_Projects",
    "ProtocolName": "epi_3x3x4_1.5s_216TR",
    "PulseSequenceDetails": "%SiemensSeq%_ep2d_bold",
    "ReceiveCoilActiveElements": "HE1-4",
    "ReceiveCoilName": "HeadNeck_20",
    "ReconMatrixPE": 64,
    "RepetitionTime": 1.5,
    "SAR": 0.0839937,
    "ScanOptions": "FS",
    "ScanningSequence": "EP",
    "SequenceName": "_epfid2d1_64",
    "SequenceVariant": "SK",
    "SeriesDescription": "epi_3x3x4_1.5s_216TR",
    "SeriesNumber": 13,
    "ShimSetting": [
      3378,
      8563,
      9355,
      608,
      -29,
      303,
      791,
      303
    ],
    "SliceThickness": 4,
    "SliceTiming": [
      0.74,
      0,
      0.795,
      0.055,
      0.8525,
      0.1125,
      0.91,
      0.17,
      0.9675,
      0.2275,
      1.0225,
      0.2825,
      1.08,
      0.34,
      1.1375,
      0.3975,
      1.195,
      0.455,
      1.25,
      0.5125,
      1.3075,
      0.5675,
      1.365,
      0.625,
      1.4225,
      0.6825
    ],
    "SoftwareVersions": "syngo_MR_D13",
    "SpacingBetweenSlices": 4,
    "StationName": "AWP45031",
    "TotalReadoutTime": 0.0245701,
    "TxRefAmp": 329.577,
    "dataset": "ds001430",
    "modality": "bold",
    "run_id": 2,
    "subject_id": "23",
    "task_id": "loc"
  },
  "dummy_trs": 0,
  "dvars_nstd": 21.336121820697663,
  "dvars_std": 1.180754553162791,
  "dvars_vstd": 1.0131180311627905,
  "efc": 0.586263001510574,
  "fber": 2181.066650390625,
  "fd_mean": 0.13316149801106797,
  "fd_num": 24,
  "fd_perc": 11.11111111111111,
  "fwhm_avg": 1.7677144444444444,
  "fwhm_x": 1.7175233333333333,
  "fwhm_y": 1.9776999999999998,
  "fwhm_z": 1.60792,
  "gcor": 0.0407265,
  "gsr_x": 0.008978152647614479,
  "gsr_y": 0.04403029382228851,
  "provenance": {
    "md5sum": "7fe1bb6997763ca54314b71eb6433a01",
    "settings": {
      "fd_thres": 0.2,
      "testing": false
    },
    "software": "mriqc",
    "version": "23.0.1",
    "webapi_port": null,
    "webapi_url": "https://mriqc.nimh.nih.gov/api/v1"
  },
  "size_t": 216,
  "size_x": 64,
  "size_y": 64,
  "size_z": 26,
  "snr": 7.219812165452785,
  "spacing_tr": 1.5,
  "spacing_x": 3.0,
  "spacing_y": 3.0,
  "spacing_z": 4.0,
  "summary_bg_k": 17.299097526677492,
  "summary_bg_mad": 10.275256727938624,
  "summary_bg_mean": 41.89424133300781,
  "summary_bg_median": 15.208333015441895,
  "summary_bg_n": 52944.0,
  "summary_bg_p05": 6.888888835906982,
  "summary_bg_p95": 193.09583663940415,
  "summary_bg_stdv": 74.64639282226562,
  "summary_fg_k": 3.3238895024469226,
  "summary_fg_mad": 94.00452759081762,
  "summary_fg_mean": 750.8438110351562,
  "summary_fg_median": 740.7824096679688,
  "summary_fg_n": 26058.0,
  "summary_fg_p05": 615.8067108154297,
  "summary_fg_p95": 920.3416534423827,
  "summary_fg_stdv": 102.60214233398438,
  "tsnr": 75.2410763069056
}