{
  "aor": 0.00026078282828282827,
  "aqi": 0.004421804292929293,
  "bids_meta": {
    "AcquisitionMatrixPE": 64,
    "AcquisitionNumber": 1,
    "AcquisitionTime": "19:54:13.190000",
    "BandwidthPerPixelPhaseEncode": 40.064,
    "BaseResolution": 64,
    "BodyPartExamined": "BRAIN",
    "ConsistencyInfo": "N4_VD13A_LATEST_20120616",
    "ConversionSoftware": "dcm2niix",
    "ConversionSoftwareVersion": "v1.0.20180518 GCC4.8.5",
    "DerivedVendorReportedEchoSpacing": 0.000780002,
    "DeviceSerialNumber": "45031",
    "DwellTime": 5.4e-06,
    "EchoTime": 0.028,
    "EchoTrainLength": 32,
    "EffectiveEchoSpacing": 0.000390001,
    "FlipAngle": 64,
    "ImageOrientationPatientDICOM": [
      0.998447,
      0.0415917,
      0.0370519,
      -0.0428649,
      0.998493,
      0.0342589
    ],
    "ImageType": [
      "ORIGINAL",
      "PRIMARY",
      "M",
      "ND",
      "NORM",
      "MOSAIC"
    ],
    "InPlanePhaseEncodingDirectionDICOM": "COL",
    "InstitutionAddress": "Washington_and_Faculty_Rd._-_Building_25_25_Princeton_NJ_US_085",
    "InstitutionName": "Princeton_University_-_Neuroscience_Institute",
    "InstitutionalDepartmentName": "Department",
    "MRAcquisitionType": "2D",
    "MagneticFieldStrength": 3,
    "Manufacturer": "Siemens",
    "ManufacturersModelName": "Skyra",
    "Modality": "MR",
    "ParallelReductionFactorInPlane": 2,
    "PartialFourier": 1,
    "PatientPosition": "HFS",
    "PercentPhaseFOV": 100,
    "PhaseEncodingDirection": "j-",
    "PhaseEncodingSteps": 64,
    "PhaseResolution": 1,
    "PixelBandwidth": 1445,
    "ProcedureStepDescription": "Turk-BrowneLab_Projects",
    "ProtocolName": "epi_3x3x4_1.5s_400TR",
    "PulseSequenceDetails": "%SiemensSeq%_ep2d_bold",
    "ReceiveCoilActiveElements": "HE1-4",
    "ReceiveCoilName": "HeadNeck_20",
    "ReconMatrixPE": 64,
    "RepetitionTime": 1.5,
    "SAR": 0.0925606,
    "ScanOptions": "FS",
    "ScanningSequence": "EP",
    "SequenceName": "_epfid2d1_64",
    "SequenceVariant": "SK",
    "SeriesDescription": "epi_3x3x4_1.5s_400TR",
    "SeriesNumber": 12,
    "ShimSetting": [
      3426,
      8591,
      9427,
      527,
      269,
      223,
      388,
      65
    ],
    "SliceThickness": 4,
    "SliceTiming": [
      0.74,
      0,
      0.7975,
      0.0575,
      0.855,
      0.115,
      0.9125,
      0.1725,
      0.9675,
      0.2275,
      1.025,
      0.285,
      1.0825,
      0.3425,
      1.14,
      0.4,
      1.195,
      0.4575,
      1.2525,
      0.5125,
      1.31,
      0.57,
      1.3675,
      0.6275,
      1.425,
      0.685
    ],
    "SoftwareVersions": "syngo_MR_D13",
    "SpacingBetweenSlices": 4,
    "StationName": "AWP45031",
    "TotalReadoutTime": 0.0245701,
    "TxRefAmp": 327.072,
    "dataset": "ds001430",
    "modality": "bold",
    "run_id": 2,
    "subject_id": "17",
    "task_id": "phase3"
  },
  "dummy_trs": 4,
  "dvars_nstd": 16.99569952518989,
  "dvars_std": 1.0676445260253165,
  "dvars_vstd": 0.9906545504810134,
  "efc": 0.588251020308356,
  "fber": 2230.59228515625,
  "fd_mean": 0.10798008716370468,
  "fd_num": 5,
  "fd_perc": 1.2626262626262625,
  "fwhm_avg": 1.6694997222222223,
  "fwhm_x": 1.6212233333333332,
  "fwhm_y": 1.8876333333333333,
  "fwhm_z": 1.4996425,
  "gcor": 0.00643711,
  "gsr_x": -0.011345659382641315,
  "gsr_y": 0.05296158045530319,
  "provenance": {
    "md5sum": "c56599b746632ba9f653af9fab992e01",
    "settings": {
      "fd_thres": 0.2,
      "testing": false
    },
    "software": "mriqc",
    "version": "23.0.1",
    "webapi_port": null,
    "webapi_url": "https://mriqc.nimh.nih.gov/api/v1"
  },
  "size_t": 396,
  "size_x": 64,
  "size_y": 64,
  "size_z": 26,
  "snr": 7.657271461642879,
  "spacing_tr": 1.5,
  "spacing_x": 3.0,
  "spacing_y": 3.0,
  "spacing_z": 4.0,
  "summary_bg_k": 20.59193316457182,
  "summary_bg_mad": 8.547425698001716,
  "summary_bg_mean": 36.521522521972656,
  "summary_bg_median": 13.893939018249512,
  "summary_bg_n": 52466.0,
  "summary_bg_p05": 6.745580673217773,
  "summary_bg_p95": 140.5694465637207,
  "summary_bg_stdv": 63.246856689453125,
  "summary_fg_k": 3.453612193795201,
  "summary_fg_mad": 83.52930586143478,
  "summary_fg_mean": 699.3304443359375,
  "summary_fg_median": 693.4583740234375,
  "summary_fg_n": 26264.0,
  "summary_fg_p05": 576.8045501708984,
  "summary_fg_p95": 844.3046874999999,
  "summary_fg_stdv": 90.56034851074219,
  "tsnr": 90.99909532000311
}