{
  "aor": 0.0009259459459459459,
  "aqi": 0.00415858,
  "bids_meta": {
    "AcquisitionMatrixPE": 64,
    "AcquisitionNumber": 1,
    "AcquisitionTime": "19:01:24.397500",
    "BandwidthPerPixelPhaseEncode": 40.064,
    "BaseResolution": 64,
    "BodyPartExamined": "BRAIN",
    "ConsistencyInfo": "N4_VD13A_LATEST_20120616",
    "ConversionSoftware": "dcm2niix",
    "ConversionSoftwareVersion": "v1.0.20180518 GCC4.8.5",
    "DerivedVendorReportedEchoSpacing": 0.000780002,
    "DeviceSerialNumber": "45031",
    "DwellTime": 5.4e-06,
    "EchoTime": 0.028,
    "EchoTrainLength": 32,
    "EffectiveEchoSpacing": 0.000390001,
    "FlipAngle": 64,
    "ImageOrientationPatientDICOM": [
      0.998447,
      0.0415917,
      0.0370519,
      -0.0428649,
      0.998493,
      0.0342589
    ],
    "ImageType": [
      "ORIGINAL",
      "PRIMARY",
      "M",
      "ND",
      "NORM",
      "MOSAIC"
    ],
    "InPlanePhaseEncodingDirectionDICOM": "COL",
    "InstitutionAddress": "Washington_and_Faculty_Rd._-_Building_25_25_Princeton_NJ_US_085",
    "InstitutionName": "Princeton_University_-_Neuroscience_Institute",
    "InstitutionalDepartmentName": "Department",
    "MRAcquisitionType": "2D",
    "MagneticFieldStrength": 3,
    "Manufacturer": "Siemens",
    "ManufacturersModelName": "Skyra",
    "Modality": "MR",
    "ParallelReductionFactorInPlane": 2,
    "PartialFourier": 1,
    "PatientPosition": "HFS",
    "PercentPhaseFOV": 100,
    "PhaseEncodingDirection": "j-",
    "PhaseEncodingSteps": 64,
    "PhaseResolution": 1,
    "PixelBandwidth": 1445,
    "ProcedureStepDescription": "Turk-BrowneLab_Projects",
    "ProtocolName": "epi_3x3x4_1.5s_148TR",
    "PulseSequenceDetails": "%SiemensSeq%_ep2d_bold",
    "ReceiveCoilActiveElements": "HE1-4",
    "ReceiveCoilName": "HeadNeck_20",
    "ReconMatrixPE": 64,
    "RepetitionTime": 1.5,
    "SAR": 0.0925581,
    "ScanOptions": "FS",
    "ScanningSequence": "EP",
    "SequenceName": "_epfid2d1_64",
    "SequenceVariant": "SK",
    "SeriesDescription": "epi_3x3x4_1.5s_148TR",
    "SeriesNumber": 5,
    "ShimSetting": [
      3426,
      8591,
      9427,
      527,
      269,
      223,
      388,
      65
    ],
    "SliceThickness": 4,
    "SliceTiming": [
      0.74,
      0,
      0.7975,
      0.0575,
      0.8525,
      0.1125,
      0.91,
      0.17,
      0.9675,
      0.2275,
      1.025,
      0.285,
      1.0825,
      0.3425,
      1.1375,
      0.3975,
      1.195,
      0.455,
      1.2525,
      0.5125,
      1.31,
      0.57,
      1.365,
      0.625,
      1.4225,
      0.6825
    ],
    "SoftwareVersions": "syngo_MR_D13",
    "SpacingBetweenSlices": 4,
    "StationName": "AWP45031",
    "TotalReadoutTime": 0.0245701,
    "TxRefAmp": 327.072,
    "dataset": "ds001430",
    "modality": "bold",
    "run_id": 1,
    "subject_id": "17",
    "task_id": "phase1"
  },
  "dummy_trs": 0,
  "dvars_nstd": 18.105409842857135,
  "dvars_std": 1.0964145557142855,
  "dvars_vstd": 1.0041937520408162,
  "efc": 0.5831511035510797,
  "fber": 2561.0166015625,
  "fd_mean": 0.10560821783301773,
  "fd_num": 4,
  "fd_perc": 2.7027027027027026,
  "fwhm_avg": 1.6808386111111109,
  "fwhm_x": 1.6185133333333335,
  "fwhm_y": 1.9136,
  "fwhm_z": 1.5104025,
  "gcor": 0.00945186,
  "gsr_x": -0.010042822919785976,
  "gsr_y": 0.050867289304733276,
  "provenance": {
    "md5sum": "04b7d51845c9f92fc84cbd506fe92b11",
    "settings": {
      "fd_thres": 0.2,
      "testing": false
    },
    "software": "mriqc",
    "version": "23.0.1",
    "webapi_port": null,
    "webapi_url": "https://mriqc.nimh.nih.gov/api/v1"
  },
  "size_t": 148,
  "size_x": 64,
  "size_y": 64,
  "size_z": 26,
  "snr": 7.687410747962728,
  "spacing_tr": 1.5,
  "spacing_x": 3.0,
  "spacing_y": 3.0,
  "spacing_z": 4.0,
  "summary_bg_k": 22.821378072164052,
  "summary_bg_mad": 7.663451611815886,
  "summary_bg_mean": 34.609580993652344,
  "summary_bg_median": 13.182433128356934,
  "summary_bg_n": 52473.0,
  "summary_bg_p05": 6.466216564178467,
  "summary_bg_p95": 134.50270385742184,
  "summary_bg_stdv": 62.82605743408203,
  "summary_fg_k": 3.4126541276398044,
  "summary_fg_mad": 83.65680748044566,
  "summary_fg_mean": 707.0166625976562,
  "summary_fg_median": 701.1959838867188,
  "summary_fg_n": 26021.0,
  "summary_fg_p05": 583.148681640625,
  "summary_fg_p95": 854.25,
  "summary_fg_stdv": 91.2117919921875,
  "tsnr": 92.29957420029677
}