{
  "bids_meta": {
    "AcquisitionMatrixPE": 256,
    "AcquisitionNumber": 1,
    "AcquisitionTime": "17:51:49.697500",
    "BaseResolution": 256,
    "BodyPartExamined": "BRAIN",
    "ConsistencyInfo": "N4_VD13A_LATEST_20120616",
    "ConversionSoftware": "dcm2niix",
    "ConversionSoftwareVersion": "v1.0.20180518 GCC4.8.5",
    "DeviceSerialNumber": "45031",
    "DwellTime": 8.2e-06,
    "EchoTime": 0.00298,
    "FlipAngle": 9,
    "ImageOrientationPatientDICOM": [
      -0.0189794,
      0.975947,
      0.217179,
      0.0279037,
      0.21765,
      -0.975628
    ],
    "ImageType": [
      "ORIGINAL",
      "PRIMARY",
      "M",
      "ND",
      "NORM"
    ],
    "InPlanePhaseEncodingDirectionDICOM": "ROW",
    "InstitutionAddress": "Washington_and_Faculty_Rd._-_Building_25_25_Princeton_NJ_US_085",
    "InstitutionName": "Princeton_University_-_Neuroscience_Institute",
    "InstitutionalDepartmentName": "Department",
    "InversionTime": 0.9,
    "MRAcquisitionType": "3D",
    "MagneticFieldStrength": 3,
    "Manufacturer": "Siemens",
    "ManufacturersModelName": "Skyra",
    "Modality": "MR",
    "ParallelReductionFactorInPlane": 2,
    "PartialFourier": 1,
    "PatientPosition": "HFS",
    "PercentPhaseFOV": 100,
    "PhaseEncodingSteps": 255,
    "PhaseResolution": 1,
    "PixelBandwidth": 240,
    "ProcedureStepDescription": "Turk-BrowneLab_Projects",
    "ProtocolName": "mprage_1x1x1_medium",
    "PulseSequenceDetails": "%SiemensSeq%_tfl",
    "ReceiveCoilActiveElements": "HE1-4",
    "ReceiveCoilName": "HeadNeck_20",
    "ReconMatrixPE": 256,
    "RepetitionTime": 2.3,
    "SAR": 0.074141,
    "ScanOptions": "IR",
    "ScanningSequence": "GR_IR",
    "SequenceName": "_tfl3d1_16ns",
    "SequenceVariant": "SK_SP_MP",
    "SeriesDescription": "mprage_1x1x1_medium",
    "SeriesNumber": 15,
    "ShimSetting": [
      3363,
      8538,
      9020,
      199,
      -44,
      -584,
      633,
      222
    ],
    "SliceThickness": 1,
    "SoftwareVersions": "syngo_MR_D13",
    "StationName": "AWP45031",
    "TxRefAmp": 327.29,
    "dataset": "ds001430",
    "modality": "T1w",
    "subject_id": "21"
  },
  "cjv": 0.3383432155676407,
  "cnr": 3.853207548037937,
  "efc": 0.4726430745438507,
  "fber": 16421.07358033241,
  "fwhm_avg": 3.6362733514649164,
  "fwhm_x": 3.748550054394749,
  "fwhm_y": 3.79223,
  "fwhm_z": 3.36804,
  "icvs_csf": 0.2242155783592557,
  "icvs_gm": 0.43459917958695854,
  "icvs_wm": 0.34118524205378575,
  "inu_med": 0.59023517370224,
  "inu_range": 0.2214505791664123,
  "provenance": {
    "md5sum": "1d3e763b7268fd5fecc7ecfc0dc936e6",
    "settings": {
      "testing": false
    },
    "software": "mriqc",
    "version": "23.0.1",
    "warnings": {
      "large_rot_frame": true,
      "small_air_mask": false
    },
    "webapi_port": null,
    "webapi_url": "https://mriqc.nimh.nih.gov/api/v1"
  },
  "qi_1": 0.0,
  "qi_2": 0.019887497123309734,
  "rpve_csf": 24.251236792990923,
  "rpve_gm": 13.02278659271965,
  "rpve_wm": 19.079517741529592,
  "size_x": 192,
  "size_y": 256,
  "size_z": 256,
  "snr_csf": 1.9376999200012446,
  "snr_gm": 9.390647771706925,
  "snr_total": 11.265113229618883,
  "snr_wm": 22.466991997148483,
  "snrd_csf": 22.197681608367358,
  "snrd_gm": 62.46495791744388,
  "snrd_total": 59.13238775761565,
  "snrd_wm": 92.73452374703572,
  "spacing_x": 0.9999973177909851,
  "spacing_y": 1.0,
  "spacing_z": 1.0,
  "summary_bg_k": 550.0919228396672,
  "summary_bg_mad": 0.0,
  "summary_bg_mean": 4.182017522209142,
  "summary_bg_median": 0.0,
  "summary_bg_n": 3335030.0,
  "summary_bg_p05": 0.0,
  "summary_bg_p95": 16.991255052387714,
  "summary_bg_stdv": 7.064643656562528,
  "summary_csf_k": 1.1767583597547366,
  "summary_csf_mad": 115.34951062737974,
  "summary_csf_mean": 256.1170955349577,
  "summary_csf_median": 239.3680317029357,
  "summary_csf_n": 38365.0,
  "summary_csf_p05": 80.0874360948801,
  "summary_csf_p95": 483.78375788927036,
  "summary_csf_stdv": 123.53043399403569,
  "summary_gm_k": 0.20201193231855274,
  "summary_gm_mad": 67.81510182052423,
  "summary_gm_mean": 672.8649256592726,
  "summary_gm_median": 673.588994152844,
  "summary_gm_n": 36783.0,
  "summary_gm_p05": 550.708767555654,
  "summary_gm_p95": 790.735914220661,
  "summary_gm_stdv": 71.72879381823597,
  "summary_wm_k": 0.4306300651967514,
  "summary_wm_mad": 42.62382938465969,
  "summary_wm_mean": 999.4505807548454,
  "summary_wm_median": 999.999946475029,
  "summary_wm_n": 211155.0,
  "summary_wm_p05": 925.6325683675707,
  "summary_wm_p95": 1071.1777381077409,
  "summary_wm_stdv": 44.509633451175816,
  "tpm_overlap_csf": 0.1592657855020089,
  "tpm_overlap_gm": 0.46772806441565423,
  "tpm_overlap_wm": 0.5164961726761194,
  "wm2max": 0.5259747047141214
}