{
  "bids_meta": {
    "AcquisitionMatrixPE": 256,
    "AcquisitionNumber": 1,
    "AcquisitionTime": "17:49:46.635000",
    "BaseResolution": 256,
    "BodyPartExamined": "BRAIN",
    "ConsistencyInfo": "N4_VD13A_LATEST_20120616",
    "ConversionSoftware": "dcm2niix",
    "ConversionSoftwareVersion": "v1.0.20180518 GCC4.8.5",
    "DeviceSerialNumber": "45031",
    "DwellTime": 8.2e-06,
    "EchoTime": 0.00298,
    "FlipAngle": 9,
    "ImageOrientationPatientDICOM": [
      -0.0308461,
      0.981067,
      0.191199,
      0.034157,
      0.192213,
      -0.980759
    ],
    "ImageType": [
      "ORIGINAL",
      "PRIMARY",
      "M",
      "ND",
      "NORM"
    ],
    "InPlanePhaseEncodingDirectionDICOM": "ROW",
    "InstitutionAddress": "Washington_and_Faculty_Rd._-_Building_25_25_Princeton_NJ_US_085",
    "InstitutionName": "Princeton_University_-_Neuroscience_Institute",
    "InstitutionalDepartmentName": "Department",
    "InversionTime": 0.9,
    "MRAcquisitionType": "3D",
    "MagneticFieldStrength": 3,
    "Manufacturer": "Siemens",
    "ManufacturersModelName": "Skyra",
    "Modality": "MR",
    "ParallelReductionFactorInPlane": 2,
    "PartialFourier": 1,
    "PatientPosition": "HFS",
    "PercentPhaseFOV": 100,
    "PhaseEncodingSteps": 255,
    "PhaseResolution": 1,
    "PixelBandwidth": 240,
    "ProcedureStepDescription": "Turk-BrowneLab_Projects",
    "ProtocolName": "mprage_1x1x1_medium",
    "PulseSequenceDetails": "%SiemensSeq%_tfl",
    "ReceiveCoilActiveElements": "HE1-4",
    "ReceiveCoilName": "HeadNeck_20",
    "ReconMatrixPE": 256,
    "RepetitionTime": 2.3,
    "SAR": 0.0741611,
    "ScanOptions": "IR",
    "ScanningSequence": "GR_IR",
    "SequenceName": "_tfl3d1_16ns",
    "SequenceVariant": "SK_SP_MP",
    "SeriesDescription": "mprage_1x1x1_medium",
    "SeriesNumber": 15,
    "ShimSetting": [
      3382,
      8519,
      9208,
      311,
      91,
      -257,
      616,
      210
    ],
    "SliceThickness": 1,
    "SoftwareVersions": "syngo_MR_D13",
    "StationName": "AWP45031",
    "TxRefAmp": 329.577,
    "dataset": "ds001430",
    "modality": "T1w",
    "subject_id": "23"
  },
  "cjv": 0.3513420788011693,
  "cnr": 3.6659462408782733,
  "efc": 0.46990804852242535,
  "fber": 12215.917324128863,
  "fwhm_avg": 3.6112540008657774,
  "fwhm_x": 3.7331120025973332,
  "fwhm_y": 3.7435,
  "fwhm_z": 3.35715,
  "icvs_csf": 0.20956886439065675,
  "icvs_gm": 0.46645608920842535,
  "icvs_wm": 0.3239750464009179,
  "inu_med": 0.6302401125431061,
  "inu_range": 0.2607971847057343,
  "provenance": {
    "md5sum": "3e77fc994c3740dd646796c8d6bea8ff",
    "settings": {
      "testing": false
    },
    "software": "mriqc",
    "version": "23.0.1",
    "warnings": {
      "large_rot_frame": true,
      "small_air_mask": false
    },
    "webapi_port": null,
    "webapi_url": "https://mriqc.nimh.nih.gov/api/v1"
  },
  "qi_1": 0.0,
  "qi_2": 0.003981428901656124,
  "rpve_csf": 26.861243474337765,
  "rpve_gm": 12.94725223667268,
  "rpve_wm": 20.624467543004716,
  "size_x": 192,
  "size_y": 256,
  "size_z": 256,
  "snr_csf": 2.071781060250915,
  "snr_gm": 10.285807670185317,
  "snr_total": 10.916205091385066,
  "snr_wm": 20.39102654371896,
  "snrd_csf": 6.4592396895202535,
  "snrd_gm": 17.60843178971801,
  "snrd_total": 16.612690287288633,
  "snrd_wm": 25.770399382627637,
  "spacing_x": 0.999999463558197,
  "spacing_y": 1.0,
  "spacing_z": 1.0,
  "summary_bg_k": 894.9384562560864,
  "summary_bg_mad": 0.0,
  "summary_bg_mean": 6.198650171976446,
  "summary_bg_median": 0.0,
  "summary_bg_n": 3627909.0,
  "summary_bg_p05": 0.0,
  "summary_bg_p95": 22.20423173904419,
  "summary_bg_stdv": 25.422049633580254,
  "summary_csf_k": 1.9853429286059168,
  "summary_csf_mad": 111.67667445166482,
  "summary_csf_mean": 260.4504699970701,
  "summary_csf_median": 250.64568535983562,
  "summary_csf_n": 30116.0,
  "summary_csf_p05": 78.90019324980676,
  "summary_csf_p95": 476.76456092111766,
  "summary_csf_stdv": 120.97876981139666,
  "summary_gm_k": 0.15698196109797724,
  "summary_gm_mad": 64.5255708576917,
  "summary_gm_mean": 681.1173038099289,
  "summary_gm_median": 683.2812631502748,
  "summary_gm_n": 35839.0,
  "summary_gm_p05": 567.6303679414093,
  "summary_gm_p95": 788.0227875567972,
  "summary_gm_stdv": 66.42859290618989,
  "summary_wm_k": 0.46827093791778474,
  "summary_wm_mad": 46.75103362408486,
  "summary_wm_mean": 999.851356390449,
  "summary_wm_median": 999.9999575391412,
  "summary_wm_n": 170404.0,
  "summary_wm_p05": 919.1626763641834,
  "summary_wm_p95": 1079.2952781766653,
  "summary_wm_stdv": 49.04103386788867,
  "tpm_overlap_csf": 0.1518300155931837,
  "tpm_overlap_gm": 0.4788445552194291,
  "tpm_overlap_wm": 0.4984512462567742,
  "wm2max": 0.4772115042281054
}