{
  "aor": 0.0008851324503311258,
  "aqi": 0.007115070562913907,
  "bids_meta": {
    "AcquisitionMatrixPE": 64,
    "AcquisitionNumber": 1,
    "AcquisitionTime": "20:45:39.010000",
    "BandwidthPerPixelPhaseEncode": 40.064,
    "BaseResolution": 64,
    "BodyPartExamined": "BRAIN",
    "ConsistencyInfo": "N4_VD13A_LATEST_20120616",
    "ConversionSoftware": "dcm2niix",
    "ConversionSoftwareVersion": "v1.0.20180518 GCC4.8.5",
    "DerivedVendorReportedEchoSpacing": 0.000780002,
    "DeviceSerialNumber": "45031",
    "DwellTime": 5.4e-06,
    "EchoTime": 0.028,
    "EchoTrainLength": 32,
    "EffectiveEchoSpacing": 0.000390001,
    "FlipAngle": 64,
    "ImageOrientationPatientDICOM": [
      0.999051,
      0.0404361,
      0.0161673,
      -0.0353519,
      0.969847,
      -0.241138
    ],
    "ImageType": [
      "ORIGINAL",
      "PRIMARY",
      "M",
      "ND",
      "NORM",
      "MOSAIC"
    ],
    "InPlanePhaseEncodingDirectionDICOM": "COL",
    "InstitutionAddress": "Washington_and_Faculty_Rd._-_Building_25_25_Princeton_NJ_US_085",
    "InstitutionName": "Princeton_University_-_Neuroscience_Institute",
    "InstitutionalDepartmentName": "Department",
    "MRAcquisitionType": "2D",
    "MagneticFieldStrength": 3,
    "Manufacturer": "Siemens",
    "ManufacturersModelName": "Skyra",
    "Modality": "MR",
    "ParallelReductionFactorInPlane": 2,
    "PartialFourier": 1,
    "PatientPosition": "HFS",
    "PercentPhaseFOV": 100,
    "PhaseEncodingDirection": "j-",
    "PhaseEncodingSteps": 64,
    "PhaseResolution": 1,
    "PixelBandwidth": 1445,
    "ProcedureStepDescription": "Turk-BrowneLab_Projects",
    "ProtocolName": "epi_3x3x4_1.5s_302TR",
    "PulseSequenceDetails": "%SiemensSeq%_ep2d_bold",
    "ReceiveCoilActiveElements": "HE1-4",
    "ReceiveCoilName": "HeadNeck_20",
    "ReconMatrixPE": 64,
    "RepetitionTime": 1.5,
    "SAR": 0.0910269,
    "ScanOptions": "FS",
    "ScanningSequence": "EP",
    "SequenceName": "_epfid2d1_64",
    "SequenceVariant": "SK",
    "SeriesDescription": "epi_3x3x4_1.5s_302TR",
    "SeriesNumber": 9,
    "ShimSetting": [
      3406,
      8621,
      9326,
      534,
      249,
      187,
      461,
      37
    ],
    "SliceThickness": 4,
    "SliceTiming": [
      0.74,
      0,
      0.795,
      0.055,
      0.8525,
      0.1125,
      0.91,
      0.17,
      0.9675,
      0.2275,
      1.0225,
      0.2825,
      1.08,
      0.34,
      1.1375,
      0.3975,
      1.195,
      0.455,
      1.2525,
      0.5125,
      1.3075,
      0.5675,
      1.365,
      0.625,
      1.4225,
      0.6825
    ],
    "SoftwareVersions": "syngo_MR_D13",
    "SpacingBetweenSlices": 4,
    "StationName": "AWP45031",
    "TotalReadoutTime": 0.0245701,
    "TxRefAmp": 391.067,
    "dataset": "ds001430",
    "modality": "bold",
    "run_id": 1,
    "subject_id": "20",
    "task_id": "phase2"
  },
  "dummy_trs": 0,
  "dvars_nstd": 25.666816876079736,
  "dvars_std": 1.3446092934883715,
  "dvars_vstd": 1.0174614976079739,
  "efc": 0.6258875296227459,
  "fber": 1165.038818359375,
  "fd_mean": 0.1250078673058106,
  "fd_num": 21,
  "fd_perc": 6.953642384105961,
  "fwhm_avg": 1.673383888888889,
  "fwhm_x": 1.66163,
  "fwhm_y": 1.8448466666666665,
  "fwhm_z": 1.513675,
  "gcor": 0.020246,
  "gsr_x": 0.016255753114819527,
  "gsr_y": 0.030955687165260315,
  "provenance": {
    "md5sum": "cff61d154d59c97b910ba9a1a6923d6b",
    "settings": {
      "fd_thres": 0.2,
      "testing": false
    },
    "software": "mriqc",
    "version": "23.0.1",
    "webapi_port": null,
    "webapi_url": "https://mriqc.nimh.nih.gov/api/v1"
  },
  "size_t": 302,
  "size_x": 64,
  "size_y": 64,
  "size_z": 26,
  "snr": 7.877594311865529,
  "spacing_tr": 1.5,
  "spacing_x": 3.0,
  "spacing_y": 3.0,
  "spacing_z": 4.0,
  "summary_bg_k": 15.327916829856168,
  "summary_bg_mad": 15.012574744631701,
  "summary_bg_mean": 50.55112075805664,
  "summary_bg_median": 18.76158905029297,
  "summary_bg_n": 50382.0,
  "summary_bg_p05": 7.380794525146484,
  "summary_bg_p95": 222.66837234497066,
  "summary_bg_stdv": 79.67644500732422,
  "summary_fg_k": 3.4449206481779617,
  "summary_fg_mad": 75.11691373245804,
  "summary_fg_mean": 679.8389282226562,
  "summary_fg_median": 674.1126098632812,
  "summary_fg_n": 28609.0,
  "summary_fg_p05": 564.03642578125,
  "summary_fg_p95": 816.3582641601563,
  "summary_fg_stdv": 85.57191467285156,
  "tsnr": 79.05372013617307
}