{
  "aor": 0.0004210275689223058,
  "aqi": 0.007544390426065162,
  "bids_meta": {
    "AcquisitionMatrixPE": 64,
    "AcquisitionNumber": 1,
    "AcquisitionTime": "21:08:16.377500",
    "BandwidthPerPixelPhaseEncode": 40.064,
    "BaseResolution": 64,
    "BodyPartExamined": "BRAIN",
    "ConsistencyInfo": "N4_VD13A_LATEST_20120616",
    "ConversionSoftware": "dcm2niix",
    "ConversionSoftwareVersion": "v1.0.20180518 GCC4.8.5",
    "DerivedVendorReportedEchoSpacing": 0.000780002,
    "DeviceSerialNumber": "45031",
    "DwellTime": 5.4e-06,
    "EchoTime": 0.028,
    "EchoTrainLength": 32,
    "EffectiveEchoSpacing": 0.000390001,
    "FlipAngle": 64,
    "ImageOrientationPatientDICOM": [
      0.999051,
      0.0404361,
      0.0161673,
      -0.0353519,
      0.969847,
      -0.241138
    ],
    "ImageType": [
      "ORIGINAL",
      "PRIMARY",
      "M",
      "ND",
      "NORM",
      "MOSAIC"
    ],
    "InPlanePhaseEncodingDirectionDICOM": "COL",
    "InstitutionAddress": "Washington_and_Faculty_Rd._-_Building_25_25_Princeton_NJ_US_085",
    "InstitutionName": "Princeton_University_-_Neuroscience_Institute",
    "InstitutionalDepartmentName": "Department",
    "MRAcquisitionType": "2D",
    "MagneticFieldStrength": 3,
    "Manufacturer": "Siemens",
    "ManufacturersModelName": "Skyra",
    "Modality": "MR",
    "ParallelReductionFactorInPlane": 2,
    "PartialFourier": 1,
    "PatientPosition": "HFS",
    "PercentPhaseFOV": 100,
    "PhaseEncodingDirection": "j-",
    "PhaseEncodingSteps": 64,
    "PhaseResolution": 1,
    "PixelBandwidth": 1445,
    "ProcedureStepDescription": "Turk-BrowneLab_Projects",
    "ProtocolName": "epi_3x3x4_1.5s_400TR",
    "PulseSequenceDetails": "%SiemensSeq%_ep2d_bold",
    "ReceiveCoilActiveElements": "HE1-4",
    "ReceiveCoilName": "HeadNeck_20",
    "ReconMatrixPE": 64,
    "RepetitionTime": 1.5,
    "SAR": 0.0910274,
    "ScanOptions": "FS",
    "ScanningSequence": "EP",
    "SequenceName": "_epfid2d1_64",
    "SequenceVariant": "SK",
    "SeriesDescription": "epi_3x3x4_1.5s_400TR",
    "SeriesNumber": 11,
    "ShimSetting": [
      3406,
      8621,
      9326,
      534,
      249,
      187,
      461,
      37
    ],
    "SliceThickness": 4,
    "SliceTiming": [
      0.74,
      0,
      0.7975,
      0.0575,
      0.8525,
      0.1125,
      0.91,
      0.17,
      0.9675,
      0.2275,
      1.025,
      0.285,
      1.0825,
      0.3425,
      1.1375,
      0.3975,
      1.195,
      0.455,
      1.2525,
      0.5125,
      1.31,
      0.57,
      1.365,
      0.625,
      1.4225,
      0.6825
    ],
    "SoftwareVersions": "syngo_MR_D13",
    "SpacingBetweenSlices": 4,
    "StationName": "AWP45031",
    "TotalReadoutTime": 0.0245701,
    "TxRefAmp": 391.067,
    "dataset": "ds001430",
    "modality": "bold",
    "run_id": 2,
    "subject_id": "20",
    "task_id": "phase3"
  },
  "dummy_trs": 1,
  "dvars_nstd": 24.984364015979917,
  "dvars_std": 1.3088010962060286,
  "dvars_vstd": 1.0024456073115573,
  "efc": 0.6276576231454679,
  "fber": 1102.8331298828125,
  "fd_mean": 0.1311193643808677,
  "fd_num": 27,
  "fd_perc": 6.7669172932330826,
  "fwhm_avg": 1.6757027777777775,
  "fwhm_x": 1.6566033333333332,
  "fwhm_y": 1.85346,
  "fwhm_z": 1.517045,
  "gcor": 0.0160918,
  "gsr_x": 0.0171506330370903,
  "gsr_y": 0.029495324939489365,
  "provenance": {
    "md5sum": "3e6b957d0e97764470224559c1b9363b",
    "settings": {
      "fd_thres": 0.2,
      "testing": false
    },
    "software": "mriqc",
    "version": "23.0.1",
    "webapi_port": null,
    "webapi_url": "https://mriqc.nimh.nih.gov/api/v1"
  },
  "size_t": 399,
  "size_x": 64,
  "size_y": 64,
  "size_z": 26,
  "snr": 7.897491794471654,
  "spacing_tr": 1.5,
  "spacing_x": 3.0,
  "spacing_y": 3.0,
  "spacing_z": 4.0,
  "summary_bg_k": 14.53171573802732,
  "summary_bg_mad": 15.418690646020544,
  "summary_bg_mean": 51.39204025268555,
  "summary_bg_median": 19.101503372192383,
  "summary_bg_n": 50310.0,
  "summary_bg_p05": 7.393483638763428,
  "summary_bg_p95": 226.68822555541936,
  "summary_bg_stdv": 80.77393341064453,
  "summary_fg_k": 3.569112539614041,
  "summary_fg_mad": 75.16677419525081,
  "summary_fg_mean": 678.4390869140625,
  "summary_fg_median": 672.6441040039062,
  "summary_fg_n": 28673.0,
  "summary_fg_p05": 564.099755859375,
  "summary_fg_p95": 815.5498901367188,
  "summary_fg_stdv": 85.17037963867188,
  "tsnr": 76.96833096491173
}