{
  "aor": 0.003083100000000001,
  "aqi": 0.008856800849999999,
  "bids_meta": {
    "AcquisitionMatrixPE": 64,
    "AcquisitionNumber": 1,
    "AcquisitionTime": "13:14:18.987500",
    "BandwidthPerPixelPhaseEncode": 40.064,
    "BaseResolution": 64,
    "BodyPartExamined": "BRAIN",
    "ConsistencyInfo": "N4_VD13A_LATEST_20120616",
    "ConversionSoftware": "dcm2niix",
    "ConversionSoftwareVersion": "v1.0.20180518 GCC4.8.5",
    "DerivedVendorReportedEchoSpacing": 0.000780002,
    "DeviceSerialNumber": "45031",
    "DwellTime": 5.4e-06,
    "EchoTime": 0.028,
    "EchoTrainLength": 32,
    "EffectiveEchoSpacing": 0.000390001,
    "FlipAngle": 64,
    "ImageOrientationPatientDICOM": [
      0.996045,
      0.0574553,
      0.0677778,
      -0.0643445,
      0.992465,
      0.104277
    ],
    "ImageType": [
      "ORIGINAL",
      "PRIMARY",
      "M",
      "ND",
      "NORM",
      "MOSAIC"
    ],
    "InPlanePhaseEncodingDirectionDICOM": "COL",
    "InstitutionAddress": "Washington_and_Faculty_Rd._-_Building_25_25_Princeton_NJ_US_085",
    "InstitutionName": "Princeton_University_-_Neuroscience_Institute",
    "InstitutionalDepartmentName": "Department",
    "MRAcquisitionType": "2D",
    "MagneticFieldStrength": 3,
    "Manufacturer": "Siemens",
    "ManufacturersModelName": "Skyra",
    "Modality": "MR",
    "ParallelReductionFactorInPlane": 2,
    "PartialFourier": 1,
    "PatientPosition": "HFS",
    "PercentPhaseFOV": 100,
    "PhaseEncodingDirection": "j-",
    "PhaseEncodingSteps": 64,
    "PhaseResolution": 1,
    "PixelBandwidth": 1445,
    "ProcedureStepDescription": "Turk-BrowneLab_Projects",
    "ProtocolName": "epi_3x3x4_1.5s_400TR",
    "PulseSequenceDetails": "%SiemensSeq%_ep2d_bold",
    "ReceiveCoilActiveElements": "HE1-4",
    "ReceiveCoilName": "HeadNeck_20",
    "ReconMatrixPE": 64,
    "RepetitionTime": 1.5,
    "SAR": 0.0918637,
    "ScanOptions": "FS",
    "ScanningSequence": "EP",
    "SequenceName": "_epfid2d1_64",
    "SequenceVariant": "SK",
    "SeriesDescription": "epi_3x3x4_1.5s_400TR",
    "SeriesNumber": 11,
    "ShimSetting": [
      3401,
      8588,
      9331,
      679,
      -42,
      64,
      981,
      -61
    ],
    "SliceThickness": 4,
    "SliceTiming": [
      0.74,
      0,
      0.7975,
      0.0575,
      0.8525,
      0.1125,
      0.91,
      0.17,
      0.9675,
      0.2275,
      1.025,
      0.285,
      1.0825,
      0.3425,
      1.1375,
      0.3975,
      1.195,
      0.455,
      1.2525,
      0.5125,
      1.31,
      0.57,
      1.365,
      0.625,
      1.4225,
      0.6825
    ],
    "SoftwareVersions": "syngo_MR_D13",
    "SpacingBetweenSlices": 4,
    "StationName": "AWP45031",
    "TotalReadoutTime": 0.0245701,
    "TxRefAmp": 340.995,
    "dataset": "ds001430",
    "modality": "bold",
    "run_id": 2,
    "subject_id": "06",
    "task_id": "phase3"
  },
  "dummy_trs": 0,
  "dvars_nstd": 23.55473304681703,
  "dvars_std": 1.268736522280702,
  "dvars_vstd": 1.0419051702005013,
  "efc": 0.5725987248480775,
  "fber": 2769.892578125,
  "fd_mean": 0.1469456140556699,
  "fd_num": 70,
  "fd_perc": 17.5,
  "fwhm_avg": 1.69792,
  "fwhm_x": 1.6371900000000001,
  "fwhm_y": 1.93426,
  "fwhm_z": 1.52231,
  "gcor": 0.0288267,
  "gsr_x": -0.00342781119979918,
  "gsr_y": 0.041781745851039886,
  "provenance": {
    "md5sum": "512bdeb342e1f7dcaf9c6facc26f97b2",
    "settings": {
      "fd_thres": 0.2,
      "testing": false
    },
    "software": "mriqc",
    "version": "23.0.1",
    "webapi_port": null,
    "webapi_url": "https://mriqc.nimh.nih.gov/api/v1"
  },
  "size_t": 400,
  "size_x": 64,
  "size_y": 64,
  "size_z": 26,
  "snr": 7.470217070381069,
  "spacing_tr": 1.5,
  "spacing_x": 3.0,
  "spacing_y": 3.0,
  "spacing_z": 4.0,
  "summary_bg_k": 21.46428789336672,
  "summary_bg_mad": 7.642814040498874,
  "summary_bg_mean": 32.914066314697266,
  "summary_bg_median": 12.609999656677246,
  "summary_bg_n": 53791.0,
  "summary_bg_p05": 6.204999923706055,
  "summary_bg_p95": 127.55999755859375,
  "summary_bg_stdv": 58.814395904541016,
  "summary_fg_k": 2.1793774737415577,
  "summary_fg_mad": 86.03174005031137,
  "summary_fg_mean": 693.6405639648438,
  "summary_fg_median": 687.0474853515625,
  "summary_fg_n": 24933.0,
  "summary_fg_p05": 564.1764770507813,
  "summary_fg_p95": 844.6544677734375,
  "summary_fg_stdv": 91.96971130371094,
  "tsnr": 71.29934277152643
}