{
  "aor": 0.0016358333333333333,
  "aqi": 0.006188895833333334,
  "bids_meta": {
    "AcquisitionMatrixPE": 64,
    "AcquisitionNumber": 1,
    "AcquisitionTime": "13:39:31.337500",
    "BandwidthPerPixelPhaseEncode": 40.064,
    "BaseResolution": 64,
    "BodyPartExamined": "BRAIN",
    "ConsistencyInfo": "N4_VD13A_LATEST_20120616",
    "ConversionSoftware": "dcm2niix",
    "ConversionSoftwareVersion": "v1.0.20180518 GCC4.8.5",
    "DerivedVendorReportedEchoSpacing": 0.000780002,
    "DeviceSerialNumber": "45031",
    "DwellTime": 5.4e-06,
    "EchoTime": 0.028,
    "EchoTrainLength": 32,
    "EffectiveEchoSpacing": 0.000390001,
    "FlipAngle": 64,
    "ImageOrientationPatientDICOM": [
      0.996045,
      0.0574553,
      0.0677778,
      -0.0643445,
      0.992465,
      0.104277
    ],
    "ImageType": [
      "ORIGINAL",
      "PRIMARY",
      "M",
      "ND",
      "NORM",
      "MOSAIC"
    ],
    "InPlanePhaseEncodingDirectionDICOM": "COL",
    "InstitutionAddress": "Washington_and_Faculty_Rd._-_Building_25_25_Princeton_NJ_US_085",
    "InstitutionName": "Princeton_University_-_Neuroscience_Institute",
    "InstitutionalDepartmentName": "Department",
    "MRAcquisitionType": "2D",
    "MagneticFieldStrength": 3,
    "Manufacturer": "Siemens",
    "ManufacturersModelName": "Skyra",
    "Modality": "MR",
    "ParallelReductionFactorInPlane": 2,
    "PartialFourier": 1,
    "PatientPosition": "HFS",
    "PercentPhaseFOV": 100,
    "PhaseEncodingDirection": "j-",
    "PhaseEncodingSteps": 64,
    "PhaseResolution": 1,
    "PixelBandwidth": 1445,
    "ProcedureStepDescription": "Turk-BrowneLab_Projects",
    "ProtocolName": "epi_3x3x4_1.5s_216TR",
    "PulseSequenceDetails": "%SiemensSeq%_ep2d_bold",
    "ReceiveCoilActiveElements": "HE1-4",
    "ReceiveCoilName": "HeadNeck_20",
    "ReconMatrixPE": 64,
    "RepetitionTime": 1.5,
    "SAR": 0.0918624,
    "ScanOptions": "FS",
    "ScanningSequence": "EP",
    "SequenceName": "_epfid2d1_64",
    "SequenceVariant": "SK",
    "SeriesDescription": "epi_3x3x4_1.5s_216TR",
    "SeriesNumber": 14,
    "ShimSetting": [
      3401,
      8588,
      9331,
      679,
      -42,
      64,
      981,
      -61
    ],
    "SliceThickness": 4,
    "SliceTiming": [
      0.74,
      0,
      0.795,
      0.055,
      0.8525,
      0.1125,
      0.91,
      0.17,
      0.9675,
      0.2275,
      1.025,
      0.285,
      1.08,
      0.34,
      1.1375,
      0.3975,
      1.195,
      0.455,
      1.2525,
      0.5125,
      1.3075,
      0.5675,
      1.365,
      0.625,
      1.4225,
      0.6825
    ],
    "SoftwareVersions": "syngo_MR_D13",
    "SpacingBetweenSlices": 4,
    "StationName": "AWP45031",
    "TotalReadoutTime": 0.0245701,
    "TxRefAmp": 340.995,
    "dataset": "ds001430",
    "modality": "bold",
    "run_id": 3,
    "subject_id": "06",
    "task_id": "loc"
  },
  "dummy_trs": 0,
  "dvars_nstd": 23.240055776186058,
  "dvars_std": 1.2536252113023256,
  "dvars_vstd": 1.021652918232558,
  "efc": 0.5707404788712683,
  "fber": 2838.947265625,
  "fd_mean": 0.13042766538659353,
  "fd_num": 17,
  "fd_perc": 7.87037037037037,
  "fwhm_avg": 1.685085,
  "fwhm_x": 1.6207533333333333,
  "fwhm_y": 1.8957366666666668,
  "fwhm_z": 1.538765,
  "gcor": 0.0332745,
  "gsr_x": -0.001398731954395771,
  "gsr_y": 0.040465887635946274,
  "provenance": {
    "md5sum": "cc9c3ddfec1465babd037c44c4910e78",
    "settings": {
      "fd_thres": 0.2,
      "testing": false
    },
    "software": "mriqc",
    "version": "23.0.1",
    "webapi_port": null,
    "webapi_url": "https://mriqc.nimh.nih.gov/api/v1"
  },
  "size_t": 216,
  "size_x": 64,
  "size_y": 64,
  "size_z": 26,
  "snr": 7.639091631573618,
  "spacing_tr": 1.5,
  "spacing_x": 3.0,
  "spacing_y": 3.0,
  "spacing_z": 4.0,
  "summary_bg_k": 22.199464218676983,
  "summary_bg_mad": 7.241414268126739,
  "summary_bg_mean": 32.317787170410156,
  "summary_bg_median": 12.370370864868164,
  "summary_bg_n": 53946.0,
  "summary_bg_p05": 6.246527791023254,
  "summary_bg_p95": 123.43518447875977,
  "summary_bg_stdv": 58.64503479003906,
  "summary_fg_k": 2.3017565344895754,
  "summary_fg_mad": 83.38949748572732,
  "summary_fg_mean": 695.8121337890625,
  "summary_fg_median": 689.2731323242188,
  "summary_fg_n": 24801.0,
  "summary_fg_p05": 569.4490966796875,
  "summary_fg_p95": 845.2685546875,
  "summary_fg_stdv": 90.2279052734375,
  "tsnr": 81.38426327635534
}