{
  "bids_meta": {
    "AcquisitionMatrixPE": 256,
    "AcquisitionNumber": 1,
    "AcquisitionTime": "12:04:17.695000",
    "BaseResolution": 256,
    "BodyPartExamined": "BRAIN",
    "ConsistencyInfo": "N4_VD13A_LATEST_20120616",
    "ConversionSoftware": "dcm2niix",
    "ConversionSoftwareVersion": "v1.0.20180518 GCC4.8.5",
    "DeviceSerialNumber": "45031",
    "DwellTime": 8.2e-06,
    "EchoTime": 0.00298,
    "FlipAngle": 9,
    "ImageOrientationPatientDICOM": [
      -0.105867,
      0.989447,
      0.098931,
      0.0672514,
      0.106387,
      -0.992048
    ],
    "ImageType": [
      "ORIGINAL",
      "PRIMARY",
      "M",
      "ND",
      "NORM"
    ],
    "InPlanePhaseEncodingDirectionDICOM": "ROW",
    "InstitutionAddress": "Washington_and_Faculty_Rd._-_Building_25_25_Princeton_NJ_US_085",
    "InstitutionName": "Princeton_University_-_Neuroscience_Institute",
    "InstitutionalDepartmentName": "Department",
    "InversionTime": 0.9,
    "MRAcquisitionType": "3D",
    "MagneticFieldStrength": 3,
    "Manufacturer": "Siemens",
    "ManufacturersModelName": "Skyra",
    "Modality": "MR",
    "ParallelReductionFactorInPlane": 2,
    "PartialFourier": 1,
    "PatientPosition": "HFS",
    "PercentPhaseFOV": 100,
    "PhaseEncodingSteps": 255,
    "PhaseResolution": 1,
    "PixelBandwidth": 240,
    "ProcedureStepDescription": "Turk-BrowneLab_Projects",
    "ProtocolName": "mprage_1x1x1_medium",
    "PulseSequenceDetails": "%SiemensSeq%_tfl",
    "ReceiveCoilActiveElements": "HE1-4",
    "ReceiveCoilName": "HeadNeck_20",
    "ReconMatrixPE": 256,
    "RepetitionTime": 2.3,
    "SAR": 0.067331,
    "ScanOptions": "IR",
    "ScanningSequence": "GR_IR",
    "SequenceName": "_tfl3d1_16ns",
    "SequenceVariant": "SK_SP_MP",
    "SeriesDescription": "mprage_1x1x1_medium",
    "SeriesNumber": 15,
    "ShimSetting": [
      3422,
      8619,
      9245,
      184,
      124,
      -605,
      714,
      -81
    ],
    "SliceThickness": 1,
    "SoftwareVersions": "syngo_MR_D13",
    "StationName": "AWP45031",
    "TxRefAmp": 395.648,
    "dataset": "ds001430",
    "modality": "T1w",
    "subject_id": "01"
  },
  "cjv": 0.34887663531519936,
  "cnr": 3.7883323328639595,
  "efc": 0.5062377609926176,
  "fber": 16757.388228586467,
  "fwhm_avg": 3.574459855391599,
  "fwhm_x": 3.6391895661747973,
  "fwhm_y": 3.74749,
  "fwhm_z": 3.3367,
  "icvs_csf": 0.16889258760883963,
  "icvs_gm": 0.46253947240144555,
  "icvs_wm": 0.3685679399897148,
  "inu_med": 0.5298384428024292,
  "inu_range": 0.18559995591640477,
  "provenance": {
    "md5sum": "cdc08523de331d693b2bf85ce4f62437",
    "settings": {
      "testing": false
    },
    "software": "mriqc",
    "version": "23.0.1",
    "warnings": {
      "large_rot_frame": true,
      "small_air_mask": false
    },
    "webapi_port": null,
    "webapi_url": "https://mriqc.nimh.nih.gov/api/v1"
  },
  "qi_1": 0.0,
  "qi_2": 0.011042346975611182,
  "rpve_csf": 30.498690748443284,
  "rpve_gm": 12.608333206550128,
  "rpve_wm": 17.65600240613055,
  "size_x": 192,
  "size_y": 256,
  "size_z": 256,
  "snr_csf": 2.0889165852478286,
  "snr_gm": 10.05961834655816,
  "snr_total": 11.206983807206987,
  "snr_wm": 21.47241648981497,
  "snrd_csf": 21.442009269940073,
  "snrd_gm": 57.71696812658934,
  "snrd_total": 54.438373436996066,
  "snrd_wm": 84.15614291445877,
  "spacing_x": 1.0000001192092896,
  "spacing_y": 1.0,
  "spacing_z": 1.0,
  "summary_bg_k": 12.72902711068727,
  "summary_bg_mad": 0.0,
  "summary_bg_mean": 4.5239473504474,
  "summary_bg_median": 0.0,
  "summary_bg_n": 3317781.0,
  "summary_bg_p05": 0.0,
  "summary_bg_p95": 19.782289803028107,
  "summary_bg_stdv": 7.785043651701059,
  "summary_csf_k": 4.9942977348960875,
  "summary_csf_mad": 110.43736245027799,
  "summary_csf_mean": 267.979397721204,
  "summary_csf_median": 254.79728823900223,
  "summary_csf_n": 25222.0,
  "summary_csf_p05": 97.76184328496457,
  "summary_csf_p95": 488.02943833470323,
  "summary_csf_stdv": 121.97338988844267,
  "summary_gm_k": 0.1637897147384848,
  "summary_gm_mad": 65.9520548590653,
  "summary_gm_mean": 688.6460907181624,
  "summary_gm_median": 685.855825304985,
  "summary_gm_n": 49348.0,
  "summary_gm_p05": 579.722270488739,
  "summary_gm_p95": 806.1544765233994,
  "summary_gm_stdv": 68.17841914737625,
  "summary_wm_k": 0.8196034027468246,
  "summary_wm_mad": 43.65767396160872,
  "summary_wm_mean": 1000.8931699625982,
  "summary_wm_median": 1000.0348723530769,
  "summary_wm_n": 227159.0,
  "summary_wm_p05": 926.7671323418617,
  "summary_wm_p95": 1077.8731237649918,
  "summary_wm_stdv": 46.57289838089775,
  "tpm_overlap_csf": 0.13572622290562253,
  "tpm_overlap_gm": 0.4612915096532141,
  "tpm_overlap_wm": 0.5068311227089894,
  "wm2max": 0.5317712101816293
}