{
  "bids_meta": {
    "AcquisitionMatrixPE": 256,
    "AcquisitionNumber": 1,
    "AcquisitionTime": "12:01:48.695000",
    "BaseResolution": 256,
    "BodyPartExamined": "BRAIN",
    "ConsistencyInfo": "N4_VD13A_LATEST_20120616",
    "ConversionSoftware": "dcm2niix",
    "ConversionSoftwareVersion": "v1.0.20180518 GCC4.8.5",
    "DeviceSerialNumber": "45031",
    "DwellTime": 8.2e-06,
    "EchoTime": 0.00298,
    "FlipAngle": 9,
    "ImageOrientationPatientDICOM": [
      0.0433062,
      0.99848,
      0.0340902,
      0.02514,
      0.0330223,
      -0.999138
    ],
    "ImageType": [
      "ORIGINAL",
      "PRIMARY",
      "M",
      "ND",
      "NORM"
    ],
    "InPlanePhaseEncodingDirectionDICOM": "ROW",
    "InstitutionAddress": "Washington_and_Faculty_Rd._-_Building_25_25_Princeton_NJ_US_085",
    "InstitutionName": "Princeton_University_-_Neuroscience_Institute",
    "InstitutionalDepartmentName": "Department",
    "InversionTime": 0.9,
    "MRAcquisitionType": "3D",
    "MagneticFieldStrength": 3,
    "Manufacturer": "Siemens",
    "ManufacturersModelName": "Skyra",
    "Modality": "MR",
    "ParallelReductionFactorInPlane": 2,
    "PartialFourier": 1,
    "PatientPosition": "HFS",
    "PercentPhaseFOV": 100,
    "PhaseEncodingSteps": 255,
    "PhaseResolution": 1,
    "PixelBandwidth": 240,
    "ProcedureStepDescription": "Turk-BrowneLab_Projects",
    "ProtocolName": "mprage_1x1x1_medium",
    "PulseSequenceDetails": "%SiemensSeq%_tfl",
    "ReceiveCoilActiveElements": "HE1-4",
    "ReceiveCoilName": "HeadNeck_20",
    "ReconMatrixPE": 256,
    "RepetitionTime": 2.3,
    "SAR": 0.0770382,
    "ScanOptions": "IR",
    "ScanningSequence": "GR_IR",
    "SequenceName": "_tfl3d1_16ns",
    "SequenceVariant": "SK_SP_MP",
    "SeriesDescription": "mprage_1x1x1_medium",
    "SeriesNumber": 15,
    "ShimSetting": [
      3394,
      8586,
      9243,
      262,
      6,
      -358,
      222,
      98
    ],
    "SliceThickness": 1,
    "SoftwareVersions": "syngo_MR_D13",
    "StationName": "AWP45031",
    "TxRefAmp": 397.183,
    "dataset": "ds001430",
    "modality": "T1w",
    "subject_id": "13"
  },
  "cjv": 0.344255319198974,
  "cnr": 3.780091827821507,
  "efc": 0.5169604457600051,
  "fber": 21921.645936581728,
  "fwhm_avg": 3.6965619619952044,
  "fwhm_x": 3.807465885985614,
  "fwhm_y": 3.88145,
  "fwhm_z": 3.40077,
  "icvs_csf": 0.19962918568077836,
  "icvs_gm": 0.44720587208830315,
  "icvs_wm": 0.3531649422309185,
  "inu_med": 0.5850256681442261,
  "inu_range": 0.22894322425127028,
  "provenance": {
    "md5sum": "ec6aea03f82afd89fad36dcc5c950235",
    "settings": {
      "testing": false
    },
    "software": "mriqc",
    "version": "23.0.1",
    "warnings": {
      "large_rot_frame": true,
      "small_air_mask": false
    },
    "webapi_port": null,
    "webapi_url": "https://mriqc.nimh.nih.gov/api/v1"
  },
  "qi_1": 0.0006641432406317742,
  "qi_2": 0.006485945605638926,
  "rpve_csf": 26.193669231156033,
  "rpve_gm": 12.5113614849487,
  "rpve_wm": 17.927511628307112,
  "size_x": 192,
  "size_y": 256,
  "size_z": 256,
  "snr_csf": 1.9531631528317994,
  "snr_gm": 9.885572260837547,
  "snr_total": 11.11283253203108,
  "snr_wm": 21.499762182423897,
  "snrd_csf": 8.782695672030638,
  "snrd_gm": 24.19310866229429,
  "snrd_total": 22.871086757404935,
  "snrd_wm": 35.637455937889875,
  "spacing_x": 0.9999958276748657,
  "spacing_y": 1.0,
  "spacing_z": 1.0,
  "summary_bg_k": 656.3540986153739,
  "summary_bg_mad": 0.0,
  "summary_bg_mean": 5.578247635882471,
  "summary_bg_median": 0.0,
  "summary_bg_n": 3515781.0,
  "summary_bg_p05": 0.0,
  "summary_bg_p95": 23.020146399736404,
  "summary_bg_stdv": 18.3833661097596,
  "summary_csf_k": 2.54017518169439,
  "summary_csf_mad": 109.16128617390609,
  "summary_csf_mean": 262.4814024641804,
  "summary_csf_median": 246.4456408917904,
  "summary_csf_n": 33401.0,
  "summary_csf_p05": 82.46112889051437,
  "summary_csf_p95": 500.66549679636955,
  "summary_csf_stdv": 126.17581450444938,
  "summary_gm_k": 0.20137319052971492,
  "summary_gm_mad": 65.70307487459836,
  "summary_gm_mean": 679.0312005073683,
  "summary_gm_median": 678.8674448132515,
  "summary_gm_n": 40623.0,
  "summary_gm_p05": 565.3729805856943,
  "summary_gm_p95": 793.8441523700953,
  "summary_gm_stdv": 68.67170368560198,
  "summary_wm_k": 0.3097193799838749,
  "summary_wm_mad": 44.848515272763386,
  "summary_wm_mean": 1000.0084646279176,
  "summary_wm_median": 999.9999995827675,
  "summary_wm_n": 222472.0,
  "summary_wm_p05": 923.9820916950703,
  "summary_wm_p95": 1076.4111557006836,
  "summary_wm_stdv": 46.51203783658146,
  "tpm_overlap_csf": 0.1551185164989542,
  "tpm_overlap_gm": 0.4745996334634308,
  "tpm_overlap_wm": 0.5131867034298663,
  "wm2max": 0.6101165623834968
}