{
  "aor": 0.0011469205298013244,
  "aqi": 0.008932578311258278,
  "bids_meta": {
    "AcquisitionMatrixPE": 64,
    "AcquisitionNumber": 1,
    "AcquisitionTime": "18:31:43.957500",
    "BandwidthPerPixelPhaseEncode": 40.064,
    "BaseResolution": 64,
    "BodyPartExamined": "BRAIN",
    "ConsistencyInfo": "N4_VD13A_LATEST_20120616",
    "ConversionSoftware": "dcm2niix",
    "ConversionSoftwareVersion": "v1.0.20180518 GCC4.8.5",
    "DerivedVendorReportedEchoSpacing": 0.000780002,
    "DeviceSerialNumber": "45031",
    "DwellTime": 5.4e-06,
    "EchoTime": 0.028,
    "EchoTrainLength": 32,
    "EffectiveEchoSpacing": 0.000390001,
    "FlipAngle": 64,
    "ImageOrientationPatientDICOM": [
      0.998644,
      0.0480829,
      -0.0199405,
      -0.0511346,
      0.977847,
      -0.20298
    ],
    "ImageType": [
      "ORIGINAL",
      "PRIMARY",
      "M",
      "ND",
      "NORM",
      "MOSAIC"
    ],
    "InPlanePhaseEncodingDirectionDICOM": "COL",
    "InstitutionAddress": "Washington_and_Faculty_Rd._-_Building_25_25_Princeton_NJ_US_085",
    "InstitutionName": "Princeton_University_-_Neuroscience_Institute",
    "InstitutionalDepartmentName": "Department",
    "MRAcquisitionType": "2D",
    "MagneticFieldStrength": 3,
    "Manufacturer": "Siemens",
    "ManufacturersModelName": "Skyra",
    "Modality": "MR",
    "ParallelReductionFactorInPlane": 2,
    "PartialFourier": 1,
    "PatientPosition": "HFS",
    "PercentPhaseFOV": 100,
    "PhaseEncodingDirection": "j-",
    "PhaseEncodingSteps": 64,
    "PhaseResolution": 1,
    "PixelBandwidth": 1445,
    "ProcedureStepDescription": "Turk-BrowneLab_Projects",
    "ProtocolName": "epi_3x3x4_1.5s_302TR",
    "PulseSequenceDetails": "%SiemensSeq%_ep2d_bold",
    "ReceiveCoilActiveElements": "HE1-4",
    "ReceiveCoilName": "HeadNeck_20",
    "ReconMatrixPE": 64,
    "RepetitionTime": 1.5,
    "SAR": 0.0808866,
    "ScanOptions": "FS",
    "ScanningSequence": "EP",
    "SequenceName": "_epfid2d1_64",
    "SequenceVariant": "SK",
    "SeriesDescription": "epi_3x3x4_1.5s_302TR",
    "SeriesNumber": 9,
    "ShimSetting": [
      3365,
      8703,
      9349,
      535,
      -38,
      404,
      280,
      101
    ],
    "SliceThickness": 4,
    "SliceTiming": [
      0.74,
      0,
      0.795,
      0.055,
      0.8525,
      0.1125,
      0.91,
      0.17,
      0.9675,
      0.2275,
      1.0225,
      0.285,
      1.08,
      0.34,
      1.1375,
      0.3975,
      1.195,
      0.455,
      1.2525,
      0.5125,
      1.3075,
      0.5675,
      1.365,
      0.625,
      1.4225,
      0.6825
    ],
    "SoftwareVersions": "syngo_MR_D13",
    "SpacingBetweenSlices": 4,
    "StationName": "AWP45031",
    "TotalReadoutTime": 0.0245701,
    "TxRefAmp": 353.396,
    "dataset": "ds001430",
    "modality": "bold",
    "run_id": 1,
    "subject_id": "24",
    "task_id": "phase2"
  },
  "dummy_trs": 0,
  "dvars_nstd": 23.15168101279072,
  "dvars_std": 1.204354169634551,
  "dvars_vstd": 0.9792201552491697,
  "efc": 0.6403429810234643,
  "fber": 1318.5433349609375,
  "fd_mean": 0.10732028428753208,
  "fd_num": 13,
  "fd_perc": 4.304635761589404,
  "fwhm_avg": 1.8496813888888888,
  "fwhm_x": 1.8399066666666668,
  "fwhm_y": 2.05991,
  "fwhm_z": 1.6492275,
  "gcor": 0.0222058,
  "gsr_x": -0.007801856845617294,
  "gsr_y": 0.05620063096284866,
  "provenance": {
    "md5sum": "bbb64d6f0ab73b196358d341c6ef93fc",
    "settings": {
      "fd_thres": 0.2,
      "testing": false
    },
    "software": "mriqc",
    "version": "23.0.1",
    "webapi_port": null,
    "webapi_url": "https://mriqc.nimh.nih.gov/api/v1"
  },
  "size_t": 302,
  "size_x": 64,
  "size_y": 64,
  "size_z": 26,
  "snr": 5.9964836839972415,
  "spacing_tr": 1.5,
  "spacing_x": 3.0,
  "spacing_y": 3.0,
  "spacing_z": 4.0,
  "summary_bg_k": 18.04621102381271,
  "summary_bg_mad": 12.484295518340506,
  "summary_bg_mean": 47.678810119628906,
  "summary_bg_median": 17.27814483642578,
  "summary_bg_n": 46934.0,
  "summary_bg_p05": 7.528642463684083,
  "summary_bg_p95": 194.4546371459958,
  "summary_bg_stdv": 73.68487548828125,
  "summary_fg_k": 2.3268240756381076,
  "summary_fg_mad": 102.8101477435075,
  "summary_fg_mean": 693.1600341796875,
  "summary_fg_median": 681.387451171875,
  "summary_fg_n": 31344.0,
  "summary_fg_p05": 546.4518096923828,
  "summary_fg_p95": 893.042739868164,
  "summary_fg_stdv": 113.62935638427734,
  "tsnr": 62.981130592525005
}