{
  "aor": 0.0007139849624060151,
  "aqi": 0.005064850451127819,
  "bids_meta": {
    "AcquisitionMatrixPE": 64,
    "AcquisitionNumber": 1,
    "AcquisitionTime": "18:44:40.340000",
    "BandwidthPerPixelPhaseEncode": 40.064,
    "BaseResolution": 64,
    "BodyPartExamined": "BRAIN",
    "ConsistencyInfo": "N4_VD13A_LATEST_20120616",
    "ConversionSoftware": "dcm2niix",
    "ConversionSoftwareVersion": "v1.0.20180518 GCC4.8.5",
    "DerivedVendorReportedEchoSpacing": 0.000780002,
    "DeviceSerialNumber": "45031",
    "DwellTime": 5.4e-06,
    "EchoTime": 0.028,
    "EchoTrainLength": 32,
    "EffectiveEchoSpacing": 0.000390001,
    "FlipAngle": 64,
    "ImageOrientationPatientDICOM": [
      0.998644,
      0.0480829,
      -0.0199405,
      -0.0511346,
      0.977847,
      -0.20298
    ],
    "ImageType": [
      "ORIGINAL",
      "PRIMARY",
      "M",
      "ND",
      "NORM",
      "MOSAIC"
    ],
    "InPlanePhaseEncodingDirectionDICOM": "COL",
    "InstitutionAddress": "Washington_and_Faculty_Rd._-_Building_25_25_Princeton_NJ_US_085",
    "InstitutionName": "Princeton_University_-_Neuroscience_Institute",
    "InstitutionalDepartmentName": "Department",
    "MRAcquisitionType": "2D",
    "MagneticFieldStrength": 3,
    "Manufacturer": "Siemens",
    "ManufacturersModelName": "Skyra",
    "Modality": "MR",
    "ParallelReductionFactorInPlane": 2,
    "PartialFourier": 1,
    "PatientPosition": "HFS",
    "PercentPhaseFOV": 100,
    "PhaseEncodingDirection": "j-",
    "PhaseEncodingSteps": 64,
    "PhaseResolution": 1,
    "PixelBandwidth": 1445,
    "ProcedureStepDescription": "Turk-BrowneLab_Projects",
    "ProtocolName": "epi_3x3x4_1.5s_400TR",
    "PulseSequenceDetails": "%SiemensSeq%_ep2d_bold",
    "ReceiveCoilActiveElements": "HE1-4",
    "ReceiveCoilName": "HeadNeck_20",
    "ReconMatrixPE": 64,
    "RepetitionTime": 1.5,
    "SAR": 0.080887,
    "ScanOptions": "FS",
    "ScanningSequence": "EP",
    "SequenceName": "_epfid2d1_64",
    "SequenceVariant": "SK",
    "SeriesDescription": "epi_3x3x4_1.5s_400TR",
    "SeriesNumber": 10,
    "ShimSetting": [
      3365,
      8703,
      9349,
      535,
      -38,
      404,
      280,
      101
    ],
    "SliceThickness": 4,
    "SliceTiming": [
      0.74,
      0,
      0.7975,
      0.0575,
      0.855,
      0.115,
      0.91,
      0.1725,
      0.9675,
      0.2275,
      1.025,
      0.285,
      1.0825,
      0.3425,
      1.14,
      0.4,
      1.195,
      0.455,
      1.2525,
      0.5125,
      1.31,
      0.57,
      1.3675,
      0.6275,
      1.4225,
      0.6825
    ],
    "SoftwareVersions": "syngo_MR_D13",
    "SpacingBetweenSlices": 4,
    "StationName": "AWP45031",
    "TotalReadoutTime": 0.0245701,
    "TxRefAmp": 353.396,
    "dataset": "ds001430",
    "modality": "bold",
    "run_id": 1,
    "subject_id": "24",
    "task_id": "phase3"
  },
  "dummy_trs": 1,
  "dvars_nstd": 22.036747453492445,
  "dvars_std": 1.2109752327386942,
  "dvars_vstd": 0.9978875338944719,
  "efc": 0.6405366708364403,
  "fber": 1308.2784423828125,
  "fd_mean": 0.10338719576057206,
  "fd_num": 23,
  "fd_perc": 5.764411027568922,
  "fwhm_avg": 1.8366252777777776,
  "fwhm_x": 1.8314833333333331,
  "fwhm_y": 2.04689,
  "fwhm_z": 1.6315025,
  "gcor": 0.0183268,
  "gsr_x": -0.00667002284899354,
  "gsr_y": 0.055452488362789154,
  "provenance": {
    "md5sum": "d8a187ac32481eed71fe835d4641a6cd",
    "settings": {
      "fd_thres": 0.2,
      "testing": false
    },
    "software": "mriqc",
    "version": "23.0.1",
    "webapi_port": null,
    "webapi_url": "https://mriqc.nimh.nih.gov/api/v1"
  },
  "size_t": 399,
  "size_x": 64,
  "size_y": 64,
  "size_z": 26,
  "snr": 5.955632772126371,
  "spacing_tr": 1.5,
  "spacing_x": 3.0,
  "spacing_y": 3.0,
  "spacing_z": 4.0,
  "summary_bg_k": 17.38030051935969,
  "summary_bg_mad": 12.802772437614909,
  "summary_bg_mean": 47.89403533935547,
  "summary_bg_median": 17.312030792236328,
  "summary_bg_n": 46886.0,
  "summary_bg_p05": 7.285714149475098,
  "summary_bg_p95": 196.14912033081055,
  "summary_bg_stdv": 74.01931762695312,
  "summary_fg_k": 2.3691349829779567,
  "summary_fg_mad": 103.54805544558293,
  "summary_fg_mean": 692.9009399414062,
  "summary_fg_median": 680.88720703125,
  "summary_fg_n": 31315.0,
  "summary_fg_p05": 545.4390991210937,
  "summary_fg_p95": 893.5463439941406,
  "summary_fg_stdv": 114.32476806640625,
  "tsnr": 76.03633669530973
}