{
  "aor": 0.0014486394557823128,
  "aqi": 0.007109906258503401,
  "bids_meta": {
    "AcquisitionMatrixPE": 64,
    "AcquisitionNumber": 1,
    "AcquisitionTime": "10:53:56.795000",
    "BandwidthPerPixelPhaseEncode": 40.064,
    "BaseResolution": 64,
    "BodyPartExamined": "BRAIN",
    "ConsistencyInfo": "N4_VD13A_LATEST_20120616",
    "ConversionSoftware": "dcm2niix",
    "ConversionSoftwareVersion": "v1.0.20180518 GCC4.8.5",
    "DerivedVendorReportedEchoSpacing": 0.000780002,
    "DeviceSerialNumber": "45031",
    "DwellTime": 5.4e-06,
    "EchoTime": 0.028,
    "EchoTrainLength": 32,
    "EffectiveEchoSpacing": 0.000390001,
    "FlipAngle": 64,
    "ImageOrientationPatientDICOM": [
      0.995588,
      0.0635911,
      0.0690039,
      -0.059126,
      0.996137,
      -0.0649293
    ],
    "ImageType": [
      "ORIGINAL",
      "PRIMARY",
      "M",
      "ND",
      "NORM",
      "MOSAIC"
    ],
    "InPlanePhaseEncodingDirectionDICOM": "COL",
    "InstitutionAddress": "Washington_and_Faculty_Rd._-_Building_25_25_Princeton_NJ_US_085",
    "InstitutionName": "Princeton_University_-_Neuroscience_Institute",
    "InstitutionalDepartmentName": "Department",
    "MRAcquisitionType": "2D",
    "MagneticFieldStrength": 3,
    "Manufacturer": "Siemens",
    "ManufacturersModelName": "Skyra",
    "Modality": "MR",
    "ParallelReductionFactorInPlane": 2,
    "PartialFourier": 1,
    "PatientPosition": "HFS",
    "PercentPhaseFOV": 100,
    "PhaseEncodingDirection": "j-",
    "PhaseEncodingSteps": 64,
    "PhaseResolution": 1,
    "PixelBandwidth": 1445,
    "ProcedureStepDescription": "Turk-BrowneLab_Projects",
    "ProtocolName": "epi_3x3x4_1.5s_148TR",
    "PulseSequenceDetails": "%SiemensSeq%_ep2d_bold",
    "ReceiveCoilActiveElements": "HE1-4",
    "ReceiveCoilName": "HeadNeck_20",
    "ReconMatrixPE": 64,
    "RepetitionTime": 1.5,
    "SAR": 0.076257,
    "ScanOptions": "FS",
    "ScanningSequence": "EP",
    "SequenceName": "_epfid2d1_64",
    "SequenceVariant": "SK",
    "SeriesDescription": "epi_3x3x4_1.5s_148TR",
    "SeriesNumber": 7,
    "ShimSetting": [
      3437,
      8631,
      9345,
      442,
      210,
      -202,
      853,
      -96
    ],
    "SliceThickness": 4,
    "SliceTiming": [
      0.74,
      0,
      0.7975,
      0.0575,
      0.855,
      0.115,
      0.9125,
      0.1725,
      0.9675,
      0.2275,
      1.025,
      0.285,
      1.0825,
      0.3425,
      1.14,
      0.4,
      1.195,
      0.455,
      1.2525,
      0.5125,
      1.31,
      0.57,
      1.3675,
      0.6275,
      1.425,
      0.685
    ],
    "SoftwareVersions": "syngo_MR_D13",
    "SpacingBetweenSlices": 4,
    "StationName": "AWP45031",
    "TotalReadoutTime": 0.0245701,
    "TxRefAmp": 395.648,
    "dataset": "ds001430",
    "modality": "bold",
    "run_id": 3,
    "subject_id": "01",
    "task_id": "phase1"
  },
  "dummy_trs": 1,
  "dvars_nstd": 26.219907042397267,
  "dvars_std": 1.3580820928767126,
  "dvars_vstd": 1.0141039235616436,
  "efc": 0.6170187723137497,
  "fber": 1695.3115234375,
  "fd_mean": 0.07503352029600625,
  "fd_num": 1,
  "fd_perc": 0.6802721088435374,
  "fwhm_avg": 1.6735041666666668,
  "fwhm_x": 1.6389733333333334,
  "fwhm_y": 1.8931366666666667,
  "fwhm_z": 1.4884025,
  "gcor": 0.023391,
  "gsr_x": -0.007728310767561197,
  "gsr_y": 0.06081060320138931,
  "provenance": {
    "md5sum": "d042f2c981fd756639241c52cb375216",
    "settings": {
      "fd_thres": 0.2,
      "testing": false
    },
    "software": "mriqc",
    "version": "23.0.1",
    "webapi_port": null,
    "webapi_url": "https://mriqc.nimh.nih.gov/api/v1"
  },
  "size_t": 147,
  "size_x": 64,
  "size_y": 64,
  "size_z": 26,
  "snr": 7.05059690470561,
  "spacing_tr": 1.5,
  "spacing_x": 3.0,
  "spacing_y": 3.0,
  "spacing_z": 4.0,
  "summary_bg_k": 17.545892924380585,
  "summary_bg_mad": 11.215330904364594,
  "summary_bg_mean": 47.46332931518555,
  "summary_bg_median": 15.292516708374023,
  "summary_bg_n": 50665.0,
  "summary_bg_p05": 6.661224460601808,
  "summary_bg_p95": 205.29251098632812,
  "summary_bg_stdv": 83.6715316772461,
  "summary_fg_k": 2.2897884777463275,
  "summary_fg_mad": 89.65707529689277,
  "summary_fg_mean": 674.2744140625,
  "summary_fg_median": 666.3571166992188,
  "summary_fg_n": 28616.0,
  "summary_fg_p05": 548.1751708984375,
  "summary_fg_p95": 833.8741455078125,
  "summary_fg_stdv": 94.50908660888672,
  "tsnr": 76.07790846843272
}