{
  "aor": 0.0008304054054054054,
  "aqi": 0.007182479594594594,
  "bids_meta": {
    "AcquisitionMatrixPE": 64,
    "AcquisitionNumber": 1,
    "AcquisitionTime": "10:58:16.322500",
    "BandwidthPerPixelPhaseEncode": 40.064,
    "BaseResolution": 64,
    "BodyPartExamined": "BRAIN",
    "ConsistencyInfo": "N4_VD13A_LATEST_20120616",
    "ConversionSoftware": "dcm2niix",
    "ConversionSoftwareVersion": "v1.0.20180518 GCC4.8.5",
    "DerivedVendorReportedEchoSpacing": 0.000780002,
    "DeviceSerialNumber": "45031",
    "DwellTime": 5.4e-06,
    "EchoTime": 0.028,
    "EchoTrainLength": 32,
    "EffectiveEchoSpacing": 0.000390001,
    "FlipAngle": 64,
    "ImageOrientationPatientDICOM": [
      0.995588,
      0.0635911,
      0.0690039,
      -0.059126,
      0.996137,
      -0.0649293
    ],
    "ImageType": [
      "ORIGINAL",
      "PRIMARY",
      "M",
      "ND",
      "NORM",
      "MOSAIC"
    ],
    "InPlanePhaseEncodingDirectionDICOM": "COL",
    "InstitutionAddress": "Washington_and_Faculty_Rd._-_Building_25_25_Princeton_NJ_US_085",
    "InstitutionName": "Princeton_University_-_Neuroscience_Institute",
    "InstitutionalDepartmentName": "Department",
    "MRAcquisitionType": "2D",
    "MagneticFieldStrength": 3,
    "Manufacturer": "Siemens",
    "ManufacturersModelName": "Skyra",
    "Modality": "MR",
    "ParallelReductionFactorInPlane": 2,
    "PartialFourier": 1,
    "PatientPosition": "HFS",
    "PercentPhaseFOV": 100,
    "PhaseEncodingDirection": "j-",
    "PhaseEncodingSteps": 64,
    "PhaseResolution": 1,
    "PixelBandwidth": 1445,
    "ProcedureStepDescription": "Turk-BrowneLab_Projects",
    "ProtocolName": "epi_3x3x4_1.5s_148TR",
    "PulseSequenceDetails": "%SiemensSeq%_ep2d_bold",
    "ReceiveCoilActiveElements": "HE1-4",
    "ReceiveCoilName": "HeadNeck_20",
    "ReconMatrixPE": 64,
    "RepetitionTime": 1.5,
    "SAR": 0.076257,
    "ScanOptions": "FS",
    "ScanningSequence": "EP",
    "SequenceName": "_epfid2d1_64",
    "SequenceVariant": "SK",
    "SeriesDescription": "epi_3x3x4_1.5s_148TR",
    "SeriesNumber": 8,
    "ShimSetting": [
      3437,
      8631,
      9345,
      442,
      210,
      -202,
      853,
      -96
    ],
    "SliceThickness": 4,
    "SliceTiming": [
      0.74,
      0,
      0.795,
      0.055,
      0.8525,
      0.1125,
      0.91,
      0.17,
      0.9675,
      0.2275,
      1.0225,
      0.2825,
      1.08,
      0.34,
      1.1375,
      0.3975,
      1.195,
      0.455,
      1.2525,
      0.5125,
      1.3075,
      0.5675,
      1.365,
      0.625,
      1.4225,
      0.6825
    ],
    "SoftwareVersions": "syngo_MR_D13",
    "SpacingBetweenSlices": 4,
    "StationName": "AWP45031",
    "TotalReadoutTime": 0.0245701,
    "TxRefAmp": 395.648,
    "dataset": "ds001430",
    "modality": "bold",
    "run_id": 4,
    "subject_id": "01",
    "task_id": "phase1"
  },
  "dummy_trs": 0,
  "dvars_nstd": 26.83414186721088,
  "dvars_std": 1.3604776004081633,
  "dvars_vstd": 1.0004616205442176,
  "efc": 0.6176456629329911,
  "fber": 1666.2247314453125,
  "fd_mean": 0.08077363427903234,
  "fd_num": 3,
  "fd_perc": 2.027027027027027,
  "fwhm_avg": 1.6747908333333335,
  "fwhm_x": 1.64795,
  "fwhm_y": 1.89244,
  "fwhm_z": 1.4839825,
  "gcor": 0.0480483,
  "gsr_x": -0.007367771118879318,
  "gsr_y": 0.06045817956328392,
  "provenance": {
    "md5sum": "f711c985605ebf305f8c80baf1cd559c",
    "settings": {
      "fd_thres": 0.2,
      "testing": false
    },
    "software": "mriqc",
    "version": "23.0.1",
    "webapi_port": null,
    "webapi_url": "https://mriqc.nimh.nih.gov/api/v1"
  },
  "size_t": 148,
  "size_x": 64,
  "size_y": 64,
  "size_z": 26,
  "snr": 7.062092283449329,
  "spacing_tr": 1.5,
  "spacing_x": 3.0,
  "spacing_y": 3.0,
  "spacing_z": 4.0,
  "summary_bg_k": 17.176468490063673,
  "summary_bg_mad": 11.420044554977638,
  "summary_bg_mean": 48.00138473510742,
  "summary_bg_median": 15.418919563293457,
  "summary_bg_n": 50686.0,
  "summary_bg_p05": 6.690878629684448,
  "summary_bg_p95": 207.7483139038086,
  "summary_bg_stdv": 84.1637954711914,
  "summary_fg_k": 2.2924154178340803,
  "summary_fg_mad": 89.75752014934281,
  "summary_fg_mean": 674.2732543945312,
  "summary_fg_median": 666.229736328125,
  "summary_fg_n": 28613.0,
  "summary_fg_p05": 548.372998046875,
  "summary_fg_p95": 833.9554077148438,
  "summary_fg_stdv": 94.33721160888672,
  "tsnr": 76.89780726819299
}