{
  "aor": 0.0006356481481481481,
  "aqi": 0.0067862801851851845,
  "bids_meta": {
    "AcquisitionMatrixPE": 64,
    "AcquisitionNumber": 1,
    "AcquisitionTime": "11:57:11.405000",
    "BandwidthPerPixelPhaseEncode": 40.064,
    "BaseResolution": 64,
    "BodyPartExamined": "BRAIN",
    "ConsistencyInfo": "N4_VD13A_LATEST_20120616",
    "ConversionSoftware": "dcm2niix",
    "ConversionSoftwareVersion": "v1.0.20180518 GCC4.8.5",
    "DerivedVendorReportedEchoSpacing": 0.000780002,
    "DeviceSerialNumber": "45031",
    "DwellTime": 5.4e-06,
    "EchoTime": 0.028,
    "EchoTrainLength": 32,
    "EffectiveEchoSpacing": 0.000390001,
    "FlipAngle": 64,
    "ImageOrientationPatientDICOM": [
      0.995588,
      0.0635911,
      0.0690039,
      -0.059126,
      0.996137,
      -0.0649293
    ],
    "ImageType": [
      "ORIGINAL",
      "PRIMARY",
      "M",
      "ND",
      "NORM",
      "MOSAIC"
    ],
    "InPlanePhaseEncodingDirectionDICOM": "COL",
    "InstitutionAddress": "Washington_and_Faculty_Rd._-_Building_25_25_Princeton_NJ_US_085",
    "InstitutionName": "Princeton_University_-_Neuroscience_Institute",
    "InstitutionalDepartmentName": "Department",
    "MRAcquisitionType": "2D",
    "MagneticFieldStrength": 3,
    "Manufacturer": "Siemens",
    "ManufacturersModelName": "Skyra",
    "Modality": "MR",
    "ParallelReductionFactorInPlane": 2,
    "PartialFourier": 1,
    "PatientPosition": "HFS",
    "PercentPhaseFOV": 100,
    "PhaseEncodingDirection": "j-",
    "PhaseEncodingSteps": 64,
    "PhaseResolution": 1,
    "PixelBandwidth": 1445,
    "ProcedureStepDescription": "Turk-BrowneLab_Projects",
    "ProtocolName": "epi_3x3x4_1.5s_216TR",
    "PulseSequenceDetails": "%SiemensSeq%_ep2d_bold",
    "ReceiveCoilActiveElements": "HE1-4",
    "ReceiveCoilName": "HeadNeck_20",
    "ReconMatrixPE": 64,
    "RepetitionTime": 1.5,
    "SAR": 0.0762581,
    "ScanOptions": "FS",
    "ScanningSequence": "EP",
    "SequenceName": "_epfid2d1_64",
    "SequenceVariant": "SK",
    "SeriesDescription": "epi_3x3x4_1.5s_216TR",
    "SeriesNumber": 14,
    "ShimSetting": [
      3437,
      8631,
      9345,
      442,
      210,
      -202,
      853,
      -96
    ],
    "SliceThickness": 4,
    "SliceTiming": [
      0.74,
      0,
      0.795,
      0.055,
      0.8525,
      0.1125,
      0.91,
      0.17,
      0.9675,
      0.2275,
      1.0225,
      0.285,
      1.08,
      0.34,
      1.1375,
      0.3975,
      1.195,
      0.455,
      1.2525,
      0.5125,
      1.3075,
      0.5675,
      1.365,
      0.625,
      1.4225,
      0.6825
    ],
    "SoftwareVersions": "syngo_MR_D13",
    "SpacingBetweenSlices": 4,
    "StationName": "AWP45031",
    "TotalReadoutTime": 0.0245701,
    "TxRefAmp": 395.648,
    "dataset": "ds001430",
    "modality": "bold",
    "run_id": 3,
    "subject_id": "01",
    "task_id": "loc"
  },
  "dummy_trs": 0,
  "dvars_nstd": 25.840413373255807,
  "dvars_std": 1.3476680660930231,
  "dvars_vstd": 1.000527329069767,
  "efc": 0.6135845103945877,
  "fber": 1745.0443115234375,
  "fd_mean": 0.08238583930835648,
  "fd_num": 0,
  "fd_perc": 0.0,
  "fwhm_avg": 1.7055225,
  "fwhm_x": 1.6459000000000001,
  "fwhm_y": 1.9501600000000001,
  "fwhm_z": 1.5205075,
  "gcor": 0.0387616,
  "gsr_x": -0.0014344957889989018,
  "gsr_y": 0.06070099398493767,
  "provenance": {
    "md5sum": "0c5772ebea5498480ab8992cb012008e",
    "settings": {
      "fd_thres": 0.2,
      "testing": false
    },
    "software": "mriqc",
    "version": "23.0.1",
    "webapi_port": null,
    "webapi_url": "https://mriqc.nimh.nih.gov/api/v1"
  },
  "size_t": 216,
  "size_x": 64,
  "size_y": 64,
  "size_z": 26,
  "snr": 7.053775163987876,
  "spacing_tr": 1.5,
  "spacing_x": 3.0,
  "spacing_y": 3.0,
  "spacing_z": 4.0,
  "summary_bg_k": 16.72488808588944,
  "summary_bg_mad": 11.016558544151252,
  "summary_bg_mean": 48.08924865722656,
  "summary_bg_median": 14.995370864868164,
  "summary_bg_n": 51104.0,
  "summary_bg_p05": 6.592592716217041,
  "summary_bg_p95": 201.33148040771474,
  "summary_bg_stdv": 84.68123626708984,
  "summary_fg_k": 2.604289624100989,
  "summary_fg_mad": 87.15093098283562,
  "summary_fg_mean": 672.9125366210938,
  "summary_fg_median": 664.1851806640625,
  "summary_fg_n": 28137.0,
  "summary_fg_p05": 547.7027709960937,
  "summary_fg_p95": 834.9175903320311,
  "summary_fg_stdv": 94.1585693359375,
  "tsnr": 78.47560910414904
}