{
  "aor": 0.007504027777777779,
  "aqi": 0.037024334537037046,
  "bids_meta": {
    "AcquisitionMatrixPE": 64,
    "AcquisitionNumber": 1,
    "AcquisitionTime": "11:44:34.302500",
    "BandwidthPerPixelPhaseEncode": 40.064,
    "BaseResolution": 64,
    "BodyPartExamined": "BRAIN",
    "ConsistencyInfo": "N4_VD13A_LATEST_20120616",
    "ConversionSoftware": "dcm2niix",
    "ConversionSoftwareVersion": "v1.0.20180518 GCC4.8.5",
    "DerivedVendorReportedEchoSpacing": 0.000780002,
    "DeviceSerialNumber": "45031",
    "DwellTime": 5.4e-06,
    "EchoTime": 0.028,
    "EchoTrainLength": 32,
    "EffectiveEchoSpacing": 0.000390001,
    "FlipAngle": 64,
    "ImageOrientationPatientDICOM": [
      0.995588,
      0.0635911,
      0.0690039,
      -0.059126,
      0.996137,
      -0.0649293
    ],
    "ImageType": [
      "ORIGINAL",
      "PRIMARY",
      "M",
      "ND",
      "NORM",
      "MOSAIC"
    ],
    "InPlanePhaseEncodingDirectionDICOM": "COL",
    "InstitutionAddress": "Washington_and_Faculty_Rd._-_Building_25_25_Princeton_NJ_US_085",
    "InstitutionName": "Princeton_University_-_Neuroscience_Institute",
    "InstitutionalDepartmentName": "Department",
    "MRAcquisitionType": "2D",
    "MagneticFieldStrength": 3,
    "Manufacturer": "Siemens",
    "ManufacturersModelName": "Skyra",
    "Modality": "MR",
    "ParallelReductionFactorInPlane": 2,
    "PartialFourier": 1,
    "PatientPosition": "HFS",
    "PercentPhaseFOV": 100,
    "PhaseEncodingDirection": "j-",
    "PhaseEncodingSteps": 64,
    "PhaseResolution": 1,
    "PixelBandwidth": 1445,
    "ProcedureStepDescription": "Turk-BrowneLab_Projects",
    "ProtocolName": "epi_3x3x4_1.5s_216TR",
    "PulseSequenceDetails": "%SiemensSeq%_ep2d_bold",
    "ReceiveCoilActiveElements": "HE1-4",
    "ReceiveCoilName": "HeadNeck_20",
    "ReconMatrixPE": 64,
    "RepetitionTime": 1.5,
    "SAR": 0.0762581,
    "ScanOptions": "FS",
    "ScanningSequence": "EP",
    "SequenceName": "_epfid2d1_64",
    "SequenceVariant": "SK",
    "SeriesDescription": "epi_3x3x4_1.5s_216TR",
    "SeriesNumber": 12,
    "ShimSetting": [
      3437,
      8631,
      9345,
      442,
      210,
      -202,
      853,
      -96
    ],
    "SliceThickness": 4,
    "SliceTiming": [
      0.74,
      0,
      0.7975,
      0.0575,
      0.8525,
      0.115,
      0.91,
      0.17,
      0.9675,
      0.2275,
      1.025,
      0.285,
      1.0825,
      0.3425,
      1.1375,
      0.3975,
      1.195,
      0.455,
      1.2525,
      0.5125,
      1.31,
      0.57,
      1.365,
      0.625,
      1.4225,
      0.6825
    ],
    "SoftwareVersions": "syngo_MR_D13",
    "SpacingBetweenSlices": 4,
    "StationName": "AWP45031",
    "TotalReadoutTime": 0.0245701,
    "TxRefAmp": 395.648,
    "dataset": "ds001430",
    "modality": "bold",
    "run_id": 1,
    "subject_id": "01",
    "task_id": "loc"
  },
  "dummy_trs": 0,
  "dvars_nstd": 28.624486701627905,
  "dvars_std": 1.1667052035813952,
  "dvars_vstd": 0.9687621753023253,
  "efc": 0.6168928771667103,
  "fber": 1668.1982421875,
  "fd_mean": 0.23581361471754628,
  "fd_num": 64,
  "fd_perc": 29.62962962962963,
  "fwhm_avg": 1.7237541666666665,
  "fwhm_x": 1.7282233333333332,
  "fwhm_y": 2.0312766666666664,
  "fwhm_z": 1.4117625,
  "gcor": 0.0214981,
  "gsr_x": -0.0035080357920378447,
  "gsr_y": 0.060096126049757004,
  "provenance": {
    "md5sum": "87a78696acced060838467feb9e75b90",
    "settings": {
      "fd_thres": 0.2,
      "testing": false
    },
    "software": "mriqc",
    "version": "23.0.1",
    "webapi_port": null,
    "webapi_url": "https://mriqc.nimh.nih.gov/api/v1"
  },
  "size_t": 216,
  "size_x": 64,
  "size_y": 64,
  "size_z": 26,
  "snr": 6.969689458908081,
  "spacing_tr": 1.5,
  "spacing_x": 3.0,
  "spacing_y": 3.0,
  "spacing_z": 4.0,
  "summary_bg_k": 16.605059784074975,
  "summary_bg_mad": 11.833362963100441,
  "summary_bg_mean": 48.69229507446289,
  "summary_bg_median": 15.51388931274414,
  "summary_bg_n": 50780.0,
  "summary_bg_p05": 6.5,
  "summary_bg_p95": 202.99629364013623,
  "summary_bg_stdv": 84.49658966064453,
  "summary_fg_k": 2.3268167303121707,
  "summary_fg_mad": 87.88883868491105,
  "summary_fg_mean": 674.8782958984375,
  "summary_fg_median": 665.1713256835938,
  "summary_fg_n": 28448.0,
  "summary_fg_p05": 548.7731323242188,
  "summary_fg_p95": 843.9532318115233,
  "summary_fg_stdv": 95.43605041503906,
  "tsnr": 41.593269605364185
}