{
  "bids_meta": {
    "AcquisitionMatrixPE": 256,
    "AcquisitionNumber": 1,
    "AcquisitionTime": "19:48:3.700000",
    "BaseResolution": 256,
    "BodyPartExamined": "BRAIN",
    "ConsistencyInfo": "N4_VD13A_LATEST_20120616",
    "ConversionSoftware": "dcm2niix",
    "ConversionSoftwareVersion": "v1.0.20180518 GCC4.8.5",
    "DeviceSerialNumber": "45031",
    "DwellTime": 8.2e-06,
    "EchoTime": 0.00298,
    "FlipAngle": 9,
    "ImageOrientationPatientDICOM": [
      -0.0977805,
      0.978605,
      -0.181028,
      0.0528136,
      -0.176541,
      -0.982875
    ],
    "ImageType": [
      "ORIGINAL",
      "PRIMARY",
      "M",
      "ND",
      "NORM"
    ],
    "InPlanePhaseEncodingDirectionDICOM": "ROW",
    "InstitutionAddress": "Washington_and_Faculty_Rd._-_Building_25_25_Princeton_NJ_US_085",
    "InstitutionName": "Princeton_University_-_Neuroscience_Institute",
    "InstitutionalDepartmentName": "Department",
    "InversionTime": 0.9,
    "MRAcquisitionType": "3D",
    "MagneticFieldStrength": 3,
    "Manufacturer": "Siemens",
    "ManufacturersModelName": "Skyra",
    "Modality": "MR",
    "ParallelReductionFactorInPlane": 2,
    "PartialFourier": 1,
    "PatientPosition": "HFS",
    "PercentPhaseFOV": 100,
    "PhaseEncodingSteps": 255,
    "PhaseResolution": 1,
    "PixelBandwidth": 240,
    "ProcedureStepDescription": "Turk-BrowneLab_Projects",
    "ProtocolName": "mprage_1x1x1_medium",
    "PulseSequenceDetails": "%SiemensSeq%_tfl",
    "ReceiveCoilActiveElements": "HE1-4",
    "ReceiveCoilName": "HeadNeck_20",
    "ReconMatrixPE": 256,
    "RepetitionTime": 2.3,
    "SAR": 0.0741939,
    "ScanOptions": "IR",
    "ScanningSequence": "GR_IR",
    "SequenceName": "_tfl3d1_16ns",
    "SequenceVariant": "SK_SP_MP",
    "SeriesDescription": "mprage_1x1x1_medium",
    "SeriesNumber": 15,
    "ShimSetting": [
      3367,
      8706,
      9179,
      337,
      101,
      -228,
      147,
      63
    ],
    "SliceThickness": 1,
    "SoftwareVersions": "syngo_MR_D13",
    "StationName": "AWP45031",
    "TxRefAmp": 349.638,
    "dataset": "ds001430",
    "modality": "T1w",
    "subject_id": "14"
  },
  "cjv": 0.34580346284165275,
  "cnr": 3.834349910455809,
  "efc": 0.4917828431723178,
  "fber": 21566.468317174516,
  "fwhm_avg": 3.6381573998002605,
  "fwhm_x": 3.689982199400782,
  "fwhm_y": 3.84186,
  "fwhm_z": 3.38263,
  "icvs_csf": 0.185866024798916,
  "icvs_gm": 0.45526507975776614,
  "icvs_wm": 0.35886889544331785,
  "inu_med": 0.5156081318855286,
  "inu_range": 0.1778398096561432,
  "provenance": {
    "md5sum": "e24b3b3d64bb90f2c2ad9b46ca833335",
    "settings": {
      "testing": false
    },
    "software": "mriqc",
    "version": "23.0.1",
    "warnings": {
      "large_rot_frame": true,
      "small_air_mask": false
    },
    "webapi_port": null,
    "webapi_url": "https://mriqc.nimh.nih.gov/api/v1"
  },
  "qi_1": 0.0,
  "qi_2": 0.005676272014694635,
  "rpve_csf": 26.029780361757105,
  "rpve_gm": 11.913310687653754,
  "rpve_wm": 17.388439200240327,
  "size_x": 192,
  "size_y": 256,
  "size_z": 256,
  "snr_csf": 2.275162420155968,
  "snr_gm": 9.794903789420118,
  "snr_total": 11.745247368371855,
  "snr_wm": 23.16567589553948,
  "snrd_csf": 26.408348517908085,
  "snrd_gm": 69.07948256075888,
  "snrd_total": 65.48518231598125,
  "snrd_wm": 100.96771586927676,
  "spacing_x": 0.9999994039535522,
  "spacing_y": 1.0,
  "spacing_z": 1.0,
  "summary_bg_k": 10.330507689044707,
  "summary_bg_mad": 0.0,
  "summary_bg_mean": 4.158175247920635,
  "summary_bg_median": 0.0,
  "summary_bg_n": 3479463.0,
  "summary_bg_p05": 0.0,
  "summary_bg_p95": 16.52068831399083,
  "summary_bg_stdv": 6.488572931199269,
  "summary_csf_k": 8.81457018135712,
  "summary_csf_mad": 90.76516588309862,
  "summary_csf_mean": 274.3416013937519,
  "summary_csf_median": 261.5523963421583,
  "summary_csf_n": 27260.0,
  "summary_csf_p05": 113.85985900349915,
  "summary_csf_p95": 474.45936922375097,
  "summary_csf_stdv": 114.95777031786342,
  "summary_gm_k": 0.08852015741502539,
  "summary_gm_mad": 68.42090452361849,
  "summary_gm_mean": 684.9961370418071,
  "summary_gm_median": 684.1739531569183,
  "summary_gm_n": 41468.0,
  "summary_gm_p05": 570.7444777155295,
  "summary_gm_p95": 802.0129724627361,
  "summary_gm_stdv": 69.8491499656693,
  "summary_wm_k": 0.5506232317465556,
  "summary_wm_mad": 40.792829856686154,
  "summary_wm_mean": 1000.2669546333603,
  "summary_wm_median": 999.9999818578362,
  "summary_wm_n": 231307.0,
  "summary_wm_p05": 929.9607200659811,
  "summary_wm_p95": 1071.3379449248314,
  "summary_wm_stdv": 43.16721967170134,
  "tpm_overlap_csf": 0.16489372406053657,
  "tpm_overlap_gm": 0.4722269957641247,
  "tpm_overlap_wm": 0.518992461267497,
  "wm2max": 0.6164358057789693
}