{
  "aor": 0.0013972000000000001,
  "aqi": 0.007593069225000001,
  "bids_meta": {
    "AcquisitionMatrixPE": 64,
    "AcquisitionNumber": 1,
    "AcquisitionTime": "11:08:28.547500",
    "BandwidthPerPixelPhaseEncode": 40.064,
    "BaseResolution": 64,
    "BodyPartExamined": "BRAIN",
    "ConsistencyInfo": "N4_VD13A_LATEST_20120616",
    "ConversionSoftware": "dcm2niix",
    "ConversionSoftwareVersion": "v1.0.20180518 GCC4.8.5",
    "DerivedVendorReportedEchoSpacing": 0.000780002,
    "DeviceSerialNumber": "45031",
    "DwellTime": 5.4e-06,
    "EchoTime": 0.028,
    "EchoTrainLength": 32,
    "EffectiveEchoSpacing": 0.000390001,
    "FlipAngle": 64,
    "ImageOrientationPatientDICOM": [
      0.996836,
      0.0188716,
      0.0772124,
      -0.0111475,
      0.994998,
      -0.0992704
    ],
    "ImageType": [
      "ORIGINAL",
      "PRIMARY",
      "M",
      "ND",
      "NORM",
      "MOSAIC"
    ],
    "InPlanePhaseEncodingDirectionDICOM": "COL",
    "InstitutionAddress": "Washington_and_Faculty_Rd._-_Building_25_25_Princeton_NJ_US_085",
    "InstitutionName": "Princeton_University_-_Neuroscience_Institute",
    "InstitutionalDepartmentName": "Department",
    "MRAcquisitionType": "2D",
    "MagneticFieldStrength": 3,
    "Manufacturer": "Siemens",
    "ManufacturersModelName": "Skyra",
    "Modality": "MR",
    "ParallelReductionFactorInPlane": 2,
    "PartialFourier": 1,
    "PatientPosition": "HFS",
    "PercentPhaseFOV": 100,
    "PhaseEncodingDirection": "j-",
    "PhaseEncodingSteps": 64,
    "PhaseResolution": 1,
    "PixelBandwidth": 1445,
    "ProcedureStepDescription": "Turk-BrowneLab_Projects",
    "ProtocolName": "epi_3x3x4_1.5s_400TR",
    "PulseSequenceDetails": "%SiemensSeq%_ep2d_bold",
    "ReceiveCoilActiveElements": "HE1-4",
    "ReceiveCoilName": "HeadNeck_20",
    "ReconMatrixPE": 64,
    "RepetitionTime": 1.5,
    "SAR": 0.0797081,
    "ScanOptions": "FS",
    "ScanningSequence": "EP",
    "SequenceName": "_epfid2d1_64",
    "SequenceVariant": "SK",
    "SeriesDescription": "epi_3x3x4_1.5s_400TR",
    "SeriesNumber": 10,
    "ShimSetting": [
      3422,
      8649,
      9315,
      394,
      36,
      -200,
      436,
      -11
    ],
    "SliceThickness": 4,
    "SliceTiming": [
      0.74,
      0,
      0.795,
      0.0575,
      0.8525,
      0.1125,
      0.91,
      0.17,
      0.9675,
      0.2275,
      1.025,
      0.285,
      1.08,
      0.34,
      1.1375,
      0.3975,
      1.195,
      0.455,
      1.2525,
      0.5125,
      1.3075,
      0.5675,
      1.365,
      0.625,
      1.4225,
      0.6825
    ],
    "SoftwareVersions": "syngo_MR_D13",
    "SpacingBetweenSlices": 4,
    "StationName": "AWP45031",
    "TotalReadoutTime": 0.0245701,
    "TxRefAmp": 358.738,
    "dataset": "ds001430",
    "modality": "bold",
    "run_id": 1,
    "subject_id": "28",
    "task_id": "phase3"
  },
  "dummy_trs": 0,
  "dvars_nstd": 22.78711605786968,
  "dvars_std": 1.2897494955388482,
  "dvars_vstd": 1.008935832180452,
  "efc": 0.6244991284708733,
  "fber": 1669.6348876953125,
  "fd_mean": 0.1179701902698196,
  "fd_num": 32,
  "fd_perc": 8.0,
  "fwhm_avg": 1.8782558333333332,
  "fwhm_x": 1.7644766666666667,
  "fwhm_y": 2.1915833333333334,
  "fwhm_z": 1.6787075,
  "gcor": 0.0179921,
  "gsr_x": -0.012218478135764599,
  "gsr_y": 0.05801782384514809,
  "provenance": {
    "md5sum": "de7d4833d8e00cdc3d9e649e271b46b5",
    "settings": {
      "fd_thres": 0.2,
      "testing": false
    },
    "software": "mriqc",
    "version": "23.0.1",
    "webapi_port": null,
    "webapi_url": "https://mriqc.nimh.nih.gov/api/v1"
  },
  "size_t": 400,
  "size_x": 64,
  "size_y": 64,
  "size_z": 26,
  "snr": 6.500088085882755,
  "spacing_tr": 1.5,
  "spacing_x": 3.0,
  "spacing_y": 3.0,
  "spacing_z": 4.0,
  "summary_bg_k": 11.257788244522418,
  "summary_bg_mad": 13.621409296439875,
  "summary_bg_mean": 52.325374603271484,
  "summary_bg_median": 17.315000534057617,
  "summary_bg_n": 49825.0,
  "summary_bg_p05": 6.822499752044678,
  "summary_bg_p95": 227.31149902343748,
  "summary_bg_stdv": 79.25897979736328,
  "summary_fg_k": 2.996821163687435,
  "summary_fg_mad": 97.32359652828453,
  "summary_fg_mean": 771.0787353515625,
  "summary_fg_median": 757.04248046875,
  "summary_fg_n": 29526.0,
  "summary_fg_p05": 622.0018768310547,
  "summary_fg_p95": 972.4568328857422,
  "summary_fg_stdv": 116.46452331542969,
  "tsnr": 71.17627705726773
}