{
  "aor": 0.0014094039735099335,
  "aqi": 0.008908007350993377,
  "bids_meta": {
    "AcquisitionMatrixPE": 64,
    "AcquisitionNumber": 1,
    "AcquisitionTime": "10:55:23.420000",
    "BandwidthPerPixelPhaseEncode": 40.064,
    "BaseResolution": 64,
    "BodyPartExamined": "BRAIN",
    "ConsistencyInfo": "N4_VD13A_LATEST_20120616",
    "ConversionSoftware": "dcm2niix",
    "ConversionSoftwareVersion": "v1.0.20180518 GCC4.8.5",
    "DerivedVendorReportedEchoSpacing": 0.000780002,
    "DeviceSerialNumber": "45031",
    "DwellTime": 5.4e-06,
    "EchoTime": 0.028,
    "EchoTrainLength": 32,
    "EffectiveEchoSpacing": 0.000390001,
    "FlipAngle": 64,
    "ImageOrientationPatientDICOM": [
      0.996836,
      0.0188716,
      0.0772124,
      -0.0111475,
      0.994998,
      -0.0992704
    ],
    "ImageType": [
      "ORIGINAL",
      "PRIMARY",
      "M",
      "ND",
      "NORM",
      "MOSAIC"
    ],
    "InPlanePhaseEncodingDirectionDICOM": "COL",
    "InstitutionAddress": "Washington_and_Faculty_Rd._-_Building_25_25_Princeton_NJ_US_085",
    "InstitutionName": "Princeton_University_-_Neuroscience_Institute",
    "InstitutionalDepartmentName": "Department",
    "MRAcquisitionType": "2D",
    "MagneticFieldStrength": 3,
    "Manufacturer": "Siemens",
    "ManufacturersModelName": "Skyra",
    "Modality": "MR",
    "ParallelReductionFactorInPlane": 2,
    "PartialFourier": 1,
    "PatientPosition": "HFS",
    "PercentPhaseFOV": 100,
    "PhaseEncodingDirection": "j-",
    "PhaseEncodingSteps": 64,
    "PhaseResolution": 1,
    "PixelBandwidth": 1445,
    "ProcedureStepDescription": "Turk-BrowneLab_Projects",
    "ProtocolName": "epi_3x3x4_1.5s_302TR",
    "PulseSequenceDetails": "%SiemensSeq%_ep2d_bold",
    "ReceiveCoilActiveElements": "HE1-4",
    "ReceiveCoilName": "HeadNeck_20",
    "ReconMatrixPE": 64,
    "RepetitionTime": 1.5,
    "SAR": 0.0797077,
    "ScanOptions": "FS",
    "ScanningSequence": "EP",
    "SequenceName": "_epfid2d1_64",
    "SequenceVariant": "SK",
    "SeriesDescription": "epi_3x3x4_1.5s_302TR",
    "SeriesNumber": 9,
    "ShimSetting": [
      3422,
      8649,
      9315,
      394,
      36,
      -200,
      436,
      -11
    ],
    "SliceThickness": 4,
    "SliceTiming": [
      0.74,
      0,
      0.795,
      0.055,
      0.8525,
      0.1125,
      0.91,
      0.17,
      0.9675,
      0.2275,
      1.025,
      0.285,
      1.08,
      0.34,
      1.1375,
      0.3975,
      1.195,
      0.455,
      1.2525,
      0.5125,
      1.3075,
      0.5675,
      1.365,
      0.625,
      1.4225,
      0.6825
    ],
    "SoftwareVersions": "syngo_MR_D13",
    "SpacingBetweenSlices": 4,
    "StationName": "AWP45031",
    "TotalReadoutTime": 0.0245701,
    "TxRefAmp": 358.738,
    "dataset": "ds001430",
    "modality": "bold",
    "run_id": 1,
    "subject_id": "28",
    "task_id": "phase2"
  },
  "dummy_trs": 0,
  "dvars_nstd": 22.86037421006645,
  "dvars_std": 1.3302571317607972,
  "dvars_vstd": 1.0021770647176083,
  "efc": 0.6254053408691211,
  "fber": 1634.8978271484375,
  "fd_mean": 0.09374612401900267,
  "fd_num": 12,
  "fd_perc": 3.9735099337748343,
  "fwhm_avg": 1.8625075000000002,
  "fwhm_x": 1.7646166666666667,
  "fwhm_y": 2.1789133333333335,
  "fwhm_z": 1.6439925,
  "gcor": 0.00869195,
  "gsr_x": -0.013011686503887177,
  "gsr_y": 0.05882672592997551,
  "provenance": {
    "md5sum": "cbdf31e3969b32ee648bce32d1787134",
    "settings": {
      "fd_thres": 0.2,
      "testing": false
    },
    "software": "mriqc",
    "version": "23.0.1",
    "webapi_port": null,
    "webapi_url": "https://mriqc.nimh.nih.gov/api/v1"
  },
  "size_t": 302,
  "size_x": 64,
  "size_y": 64,
  "size_z": 26,
  "snr": 6.51931884148379,
  "spacing_tr": 1.5,
  "spacing_x": 3.0,
  "spacing_y": 3.0,
  "spacing_z": 4.0,
  "summary_bg_k": 11.597201705674584,
  "summary_bg_mad": 13.623247391994282,
  "summary_bg_mean": 53.04023742675781,
  "summary_bg_median": 17.466886520385742,
  "summary_bg_n": 49881.0,
  "summary_bg_p05": 6.973509788513184,
  "summary_bg_p95": 231.13575744628906,
  "summary_bg_stdv": 80.51637268066406,
  "summary_fg_k": 2.7779034083348897,
  "summary_fg_mad": 97.62099473330886,
  "summary_fg_mean": 769.222412109375,
  "summary_fg_median": 755.1721801757812,
  "summary_fg_n": 29483.0,
  "summary_fg_p05": 620.324853515625,
  "summary_fg_p95": 973.2910400390622,
  "summary_fg_stdv": 115.83409118652344,
  "tsnr": 72.10520521039143
}