{
  "aor": 0.0008519594594594595,
  "aqi": 0.004518671959459459,
  "bids_meta": {
    "AcquisitionMatrixPE": 64,
    "AcquisitionNumber": 1,
    "AcquisitionTime": "10:49:7.287500",
    "BandwidthPerPixelPhaseEncode": 40.064,
    "BaseResolution": 64,
    "BodyPartExamined": "BRAIN",
    "ConsistencyInfo": "N4_VD13A_LATEST_20120616",
    "ConversionSoftware": "dcm2niix",
    "ConversionSoftwareVersion": "v1.0.20180518 GCC4.8.5",
    "DerivedVendorReportedEchoSpacing": 0.000780002,
    "DeviceSerialNumber": "45031",
    "DwellTime": 5.4e-06,
    "EchoTime": 0.028,
    "EchoTrainLength": 32,
    "EffectiveEchoSpacing": 0.000390001,
    "FlipAngle": 64,
    "ImageOrientationPatientDICOM": [
      0.996836,
      0.0188716,
      0.0772124,
      -0.0111475,
      0.994998,
      -0.0992704
    ],
    "ImageType": [
      "ORIGINAL",
      "PRIMARY",
      "M",
      "ND",
      "NORM",
      "MOSAIC"
    ],
    "InPlanePhaseEncodingDirectionDICOM": "COL",
    "InstitutionAddress": "Washington_and_Faculty_Rd._-_Building_25_25_Princeton_NJ_US_085",
    "InstitutionName": "Princeton_University_-_Neuroscience_Institute",
    "InstitutionalDepartmentName": "Department",
    "MRAcquisitionType": "2D",
    "MagneticFieldStrength": 3,
    "Manufacturer": "Siemens",
    "ManufacturersModelName": "Skyra",
    "Modality": "MR",
    "ParallelReductionFactorInPlane": 2,
    "PartialFourier": 1,
    "PatientPosition": "HFS",
    "PercentPhaseFOV": 100,
    "PhaseEncodingDirection": "j-",
    "PhaseEncodingSteps": 64,
    "PhaseResolution": 1,
    "PixelBandwidth": 1445,
    "ProcedureStepDescription": "Turk-BrowneLab_Projects",
    "ProtocolName": "epi_3x3x4_1.5s_148TR",
    "PulseSequenceDetails": "%SiemensSeq%_ep2d_bold",
    "ReceiveCoilActiveElements": "HE1-4",
    "ReceiveCoilName": "HeadNeck_20",
    "ReconMatrixPE": 64,
    "RepetitionTime": 1.5,
    "SAR": 0.0797059,
    "ScanOptions": "FS",
    "ScanningSequence": "EP",
    "SequenceName": "_epfid2d1_64",
    "SequenceVariant": "SK",
    "SeriesDescription": "epi_3x3x4_1.5s_148TR",
    "SeriesNumber": 8,
    "ShimSetting": [
      3422,
      8649,
      9315,
      394,
      36,
      -200,
      436,
      -11
    ],
    "SliceThickness": 4,
    "SliceTiming": [
      0.74,
      0,
      0.795,
      0.055,
      0.8525,
      0.1125,
      0.91,
      0.17,
      0.9675,
      0.2275,
      1.025,
      0.285,
      1.08,
      0.34,
      1.1375,
      0.3975,
      1.195,
      0.455,
      1.2525,
      0.5125,
      1.3075,
      0.5675,
      1.365,
      0.625,
      1.4225,
      0.6825
    ],
    "SoftwareVersions": "syngo_MR_D13",
    "SpacingBetweenSlices": 4,
    "StationName": "AWP45031",
    "TotalReadoutTime": 0.0245701,
    "TxRefAmp": 358.738,
    "dataset": "ds001430",
    "modality": "bold",
    "run_id": 4,
    "subject_id": "28",
    "task_id": "phase1"
  },
  "dummy_trs": 0,
  "dvars_nstd": 22.497428232448975,
  "dvars_std": 1.3297927811564627,
  "dvars_vstd": 1.0041850712925169,
  "efc": 0.624923927650283,
  "fber": 1600.5518798828125,
  "fd_mean": 0.08626187318414591,
  "fd_num": 2,
  "fd_perc": 1.3513513513513513,
  "fwhm_avg": 1.8536997222222222,
  "fwhm_x": 1.7447033333333335,
  "fwhm_y": 2.1532733333333334,
  "fwhm_z": 1.6631225,
  "gcor": 0.0210826,
  "gsr_x": -0.012357411906123161,
  "gsr_y": 0.056957826018333435,
  "provenance": {
    "md5sum": "58ed7e1d26228d64cdad2154ef93115d",
    "settings": {
      "fd_thres": 0.2,
      "testing": false
    },
    "software": "mriqc",
    "version": "23.0.1",
    "webapi_port": null,
    "webapi_url": "https://mriqc.nimh.nih.gov/api/v1"
  },
  "size_t": 148,
  "size_x": 64,
  "size_y": 64,
  "size_z": 26,
  "snr": 6.519601887210829,
  "spacing_tr": 1.5,
  "spacing_x": 3.0,
  "spacing_y": 3.0,
  "spacing_z": 4.0,
  "summary_bg_k": 11.4145314279803,
  "summary_bg_mad": 13.052910378096138,
  "summary_bg_mean": 52.68253707885742,
  "summary_bg_median": 17.425676345825195,
  "summary_bg_n": 49864.0,
  "summary_bg_p05": 7.479730129241943,
  "summary_bg_p95": 231.10101547241203,
  "summary_bg_stdv": 80.33163452148438,
  "summary_fg_k": 2.759387407507954,
  "summary_fg_mad": 97.09542382967845,
  "summary_fg_mean": 767.302001953125,
  "summary_fg_median": 754.1824951171875,
  "summary_fg_n": 29452.0,
  "summary_fg_p05": 617.5148712158203,
  "summary_fg_p95": 969.8125366210933,
  "summary_fg_stdv": 115.67726135253906,
  "tsnr": 91.83703140402213
}