{
  "aor": 0.0013107407407407406,
  "aqi": 0.007445110648148148,
  "bids_meta": {
    "AcquisitionMatrixPE": 64,
    "AcquisitionNumber": 1,
    "AcquisitionTime": "20:17:39.367500",
    "BandwidthPerPixelPhaseEncode": 40.064,
    "BaseResolution": 64,
    "BodyPartExamined": "BRAIN",
    "ConsistencyInfo": "N4_VD13A_LATEST_20120616",
    "ConversionSoftware": "dcm2niix",
    "ConversionSoftwareVersion": "v1.0.20180518 GCC4.8.5",
    "DerivedVendorReportedEchoSpacing": 0.000780002,
    "DeviceSerialNumber": "45031",
    "DwellTime": 5.4e-06,
    "EchoTime": 0.028,
    "EchoTrainLength": 32,
    "EffectiveEchoSpacing": 0.000390001,
    "FlipAngle": 64,
    "ImageOrientationPatientDICOM": [
      0.999966,
      -0.00809256,
      -0.00169555,
      0.00810589,
      0.999935,
      0.00801046
    ],
    "ImageType": [
      "ORIGINAL",
      "PRIMARY",
      "M",
      "ND",
      "NORM",
      "MOSAIC"
    ],
    "InPlanePhaseEncodingDirectionDICOM": "COL",
    "InstitutionAddress": "Washington_and_Faculty_Rd._-_Building_25_25_Princeton_NJ_US_085",
    "InstitutionName": "Princeton_University_-_Neuroscience_Institute",
    "InstitutionalDepartmentName": "Department",
    "MRAcquisitionType": "2D",
    "MagneticFieldStrength": 3,
    "Manufacturer": "Siemens",
    "ManufacturersModelName": "Skyra",
    "Modality": "MR",
    "ParallelReductionFactorInPlane": 2,
    "PartialFourier": 1,
    "PatientPosition": "HFS",
    "PercentPhaseFOV": 100,
    "PhaseEncodingDirection": "j-",
    "PhaseEncodingSteps": 64,
    "PhaseResolution": 1,
    "PixelBandwidth": 1445,
    "ProcedureStepDescription": "Turk-BrowneLab_Projects",
    "ProtocolName": "epi_3x3x4_1.5s_216TR",
    "PulseSequenceDetails": "%SiemensSeq%_ep2d_bold",
    "ReceiveCoilActiveElements": "HE1-4",
    "ReceiveCoilName": "HeadNeck_20",
    "ReconMatrixPE": 64,
    "RepetitionTime": 1.5,
    "SAR": 0.0809886,
    "ScanOptions": "FS",
    "ScanningSequence": "EP",
    "SequenceName": "_epfid2d1_64",
    "SequenceVariant": "SK",
    "SeriesDescription": "epi_3x3x4_1.5s_216TR",
    "SeriesNumber": 13,
    "ShimSetting": [
      3397,
      8609,
      9367,
      427,
      195,
      -91,
      244,
      160
    ],
    "SliceThickness": 4,
    "SliceTiming": [
      0.74,
      0,
      0.7975,
      0.0575,
      0.855,
      0.115,
      0.9125,
      0.1725,
      0.97,
      0.23,
      1.025,
      0.285,
      1.0825,
      0.3425,
      1.14,
      0.4,
      1.1975,
      0.4575,
      1.2525,
      0.5125,
      1.31,
      0.57,
      1.3675,
      0.6275,
      1.425,
      0.685
    ],
    "SoftwareVersions": "syngo_MR_D13",
    "SpacingBetweenSlices": 4,
    "StationName": "AWP45031",
    "TotalReadoutTime": 0.0245701,
    "TxRefAmp": 347.483,
    "dataset": "ds001430",
    "modality": "bold",
    "run_id": 2,
    "subject_id": "22",
    "task_id": "loc"
  },
  "dummy_trs": 0,
  "dvars_nstd": 19.895837207581376,
  "dvars_std": 1.147340922930232,
  "dvars_vstd": 0.9973742458139533,
  "efc": 0.6053951215587324,
  "fber": 1805.19873046875,
  "fd_mean": 0.11839178582842831,
  "fd_num": 22,
  "fd_perc": 10.185185185185185,
  "fwhm_avg": 1.7610286111111109,
  "fwhm_x": 1.7227633333333332,
  "fwhm_y": 2.01973,
  "fwhm_z": 1.5405925,
  "gcor": 0.0371359,
  "gsr_x": 0.006360445637255907,
  "gsr_y": 0.046038299798965454,
  "provenance": {
    "md5sum": "3ba3e0e46116686b64c78dd066e71236",
    "settings": {
      "fd_thres": 0.2,
      "testing": false
    },
    "software": "mriqc",
    "version": "23.0.1",
    "webapi_port": null,
    "webapi_url": "https://mriqc.nimh.nih.gov/api/v1"
  },
  "size_t": 216,
  "size_x": 64,
  "size_y": 64,
  "size_z": 26,
  "snr": 7.093087750124705,
  "spacing_tr": 1.5,
  "spacing_x": 3.0,
  "spacing_y": 3.0,
  "spacing_z": 4.0,
  "summary_bg_k": 16.91404940150754,
  "summary_bg_mad": 11.706380606083673,
  "summary_bg_mean": 50.46360778808594,
  "summary_bg_median": 15.879630088806152,
  "summary_bg_n": 52086.0,
  "summary_bg_p05": 6.578703880310059,
  "summary_bg_p95": 236.60648345947266,
  "summary_bg_stdv": 85.97100067138672,
  "summary_fg_k": 2.8197929868871396,
  "summary_fg_mad": 92.95094253038911,
  "summary_fg_mean": 719.9207763671875,
  "summary_fg_median": 712.3009033203125,
  "summary_fg_n": 26640.0,
  "summary_fg_p05": 584.3609130859375,
  "summary_fg_p95": 885.4879943847656,
  "summary_fg_stdv": 100.41995239257812,
  "tsnr": 70.59045542939566
}