{
  "aor": 0.0014943243243243246,
  "aqi": 0.005306244932432433,
  "bids_meta": {
    "AcquisitionMatrixPE": 64,
    "AcquisitionNumber": 1,
    "AcquisitionTime": "19:16:10.332500",
    "BandwidthPerPixelPhaseEncode": 40.064,
    "BaseResolution": 64,
    "BodyPartExamined": "BRAIN",
    "ConsistencyInfo": "N4_VD13A_LATEST_20120616",
    "ConversionSoftware": "dcm2niix",
    "ConversionSoftwareVersion": "v1.0.20180518 GCC4.8.5",
    "DerivedVendorReportedEchoSpacing": 0.000780002,
    "DeviceSerialNumber": "45031",
    "DwellTime": 5.4e-06,
    "EchoTime": 0.028,
    "EchoTrainLength": 32,
    "EffectiveEchoSpacing": 0.000390001,
    "FlipAngle": 64,
    "ImageOrientationPatientDICOM": [
      0.999966,
      -0.00809256,
      -0.00169555,
      0.00810589,
      0.999935,
      0.00801046
    ],
    "ImageType": [
      "ORIGINAL",
      "PRIMARY",
      "M",
      "ND",
      "NORM",
      "MOSAIC"
    ],
    "InPlanePhaseEncodingDirectionDICOM": "COL",
    "InstitutionAddress": "Washington_and_Faculty_Rd._-_Building_25_25_Princeton_NJ_US_085",
    "InstitutionName": "Princeton_University_-_Neuroscience_Institute",
    "InstitutionalDepartmentName": "Department",
    "MRAcquisitionType": "2D",
    "MagneticFieldStrength": 3,
    "Manufacturer": "Siemens",
    "ManufacturersModelName": "Skyra",
    "Modality": "MR",
    "ParallelReductionFactorInPlane": 2,
    "PartialFourier": 1,
    "PatientPosition": "HFS",
    "PercentPhaseFOV": 100,
    "PhaseEncodingDirection": "j-",
    "PhaseEncodingSteps": 64,
    "PhaseResolution": 1,
    "PixelBandwidth": 1445,
    "ProcedureStepDescription": "Turk-BrowneLab_Projects",
    "ProtocolName": "epi_3x3x4_1.5s_148TR",
    "PulseSequenceDetails": "%SiemensSeq%_ep2d_bold",
    "ReceiveCoilActiveElements": "HE1-4",
    "ReceiveCoilName": "HeadNeck_20",
    "ReconMatrixPE": 64,
    "RepetitionTime": 1.5,
    "SAR": 0.0809875,
    "ScanOptions": "FS",
    "ScanningSequence": "EP",
    "SequenceName": "_epfid2d1_64",
    "SequenceVariant": "SK",
    "SeriesDescription": "epi_3x3x4_1.5s_148TR",
    "SeriesNumber": 7,
    "ShimSetting": [
      3397,
      8609,
      9367,
      427,
      195,
      -91,
      244,
      160
    ],
    "SliceThickness": 4,
    "SliceTiming": [
      0.74,
      0,
      0.7975,
      0.0575,
      0.855,
      0.115,
      0.9125,
      0.1725,
      0.97,
      0.23,
      1.025,
      0.285,
      1.0825,
      0.3425,
      1.14,
      0.4,
      1.1975,
      0.4575,
      1.2525,
      0.5125,
      1.31,
      0.57,
      1.3675,
      0.6275,
      1.425,
      0.685
    ],
    "SoftwareVersions": "syngo_MR_D13",
    "SpacingBetweenSlices": 4,
    "StationName": "AWP45031",
    "TotalReadoutTime": 0.0245701,
    "TxRefAmp": 347.483,
    "dataset": "ds001430",
    "modality": "bold",
    "run_id": 3,
    "subject_id": "22",
    "task_id": "phase1"
  },
  "dummy_trs": 0,
  "dvars_nstd": 20.619098404081626,
  "dvars_std": 1.1970247258503404,
  "dvars_vstd": 1.0138127788435374,
  "efc": 0.6033312942355514,
  "fber": 1852.6383056640625,
  "fd_mean": 0.0993714034456808,
  "fd_num": 4,
  "fd_perc": 2.7027027027027026,
  "fwhm_avg": 1.7487036111111112,
  "fwhm_x": 1.7116633333333333,
  "fwhm_y": 2.00294,
  "fwhm_z": 1.5315075,
  "gcor": 0.0370819,
  "gsr_x": 0.004478089045733213,
  "gsr_y": 0.04535338655114174,
  "provenance": {
    "md5sum": "d60138d3011ce5fd91dd676f545fd77e",
    "settings": {
      "fd_thres": 0.2,
      "testing": false
    },
    "software": "mriqc",
    "version": "23.0.1",
    "webapi_port": null,
    "webapi_url": "https://mriqc.nimh.nih.gov/api/v1"
  },
  "size_t": 148,
  "size_x": 64,
  "size_y": 64,
  "size_z": 26,
  "snr": 7.101036567999867,
  "spacing_tr": 1.5,
  "spacing_x": 3.0,
  "spacing_y": 3.0,
  "spacing_z": 4.0,
  "summary_bg_k": 18.77635359045575,
  "summary_bg_mad": 10.949218499595915,
  "summary_bg_mean": 48.64801788330078,
  "summary_bg_median": 15.648649215698242,
  "summary_bg_n": 52077.0,
  "summary_bg_p05": 6.817567825317383,
  "summary_bg_p95": 229.64324645996052,
  "summary_bg_stdv": 84.19694519042969,
  "summary_fg_k": 2.765447528991608,
  "summary_fg_mad": 93.94489411535405,
  "summary_fg_mean": 720.5322265625,
  "summary_fg_median": 712.9053955078125,
  "summary_fg_n": 26647.0,
  "summary_fg_p05": 583.6060852050781,
  "summary_fg_p95": 886.2493530273434,
  "summary_fg_stdv": 100.39266967773438,
  "tsnr": 82.3980842914898
}