{
  "aor": 0.00222212962962963,
  "aqi": 0.007132822824074074,
  "bids_meta": {
    "AcquisitionMatrixPE": 64,
    "AcquisitionNumber": 1,
    "AcquisitionTime": "20:11:40.247500",
    "BandwidthPerPixelPhaseEncode": 40.064,
    "BaseResolution": 64,
    "BodyPartExamined": "BRAIN",
    "ConsistencyInfo": "N4_VD13A_LATEST_20120616",
    "ConversionSoftware": "dcm2niix",
    "ConversionSoftwareVersion": "v1.0.20180518 GCC4.8.5",
    "DerivedVendorReportedEchoSpacing": 0.000780002,
    "DeviceSerialNumber": "45031",
    "DwellTime": 5.4e-06,
    "EchoTime": 0.028,
    "EchoTrainLength": 32,
    "EffectiveEchoSpacing": 0.000390001,
    "FlipAngle": 64,
    "ImageOrientationPatientDICOM": [
      0.999966,
      -0.00809256,
      -0.00169555,
      0.00810589,
      0.999935,
      0.00801046
    ],
    "ImageType": [
      "ORIGINAL",
      "PRIMARY",
      "M",
      "ND",
      "NORM",
      "MOSAIC"
    ],
    "InPlanePhaseEncodingDirectionDICOM": "COL",
    "InstitutionAddress": "Washington_and_Faculty_Rd._-_Building_25_25_Princeton_NJ_US_085",
    "InstitutionName": "Princeton_University_-_Neuroscience_Institute",
    "InstitutionalDepartmentName": "Department",
    "MRAcquisitionType": "2D",
    "MagneticFieldStrength": 3,
    "Manufacturer": "Siemens",
    "ManufacturersModelName": "Skyra",
    "Modality": "MR",
    "ParallelReductionFactorInPlane": 2,
    "PartialFourier": 1,
    "PatientPosition": "HFS",
    "PercentPhaseFOV": 100,
    "PhaseEncodingDirection": "j-",
    "PhaseEncodingSteps": 64,
    "PhaseResolution": 1,
    "PixelBandwidth": 1445,
    "ProcedureStepDescription": "Turk-BrowneLab_Projects",
    "ProtocolName": "epi_3x3x4_1.5s_216TR",
    "PulseSequenceDetails": "%SiemensSeq%_ep2d_bold",
    "ReceiveCoilActiveElements": "HE1-4",
    "ReceiveCoilName": "HeadNeck_20",
    "ReconMatrixPE": 64,
    "RepetitionTime": 1.5,
    "SAR": 0.0809886,
    "ScanOptions": "FS",
    "ScanningSequence": "EP",
    "SequenceName": "_epfid2d1_64",
    "SequenceVariant": "SK",
    "SeriesDescription": "epi_3x3x4_1.5s_216TR",
    "SeriesNumber": 12,
    "ShimSetting": [
      3397,
      8609,
      9367,
      427,
      195,
      -91,
      244,
      160
    ],
    "SliceThickness": 4,
    "SliceTiming": [
      0.74,
      0,
      0.7975,
      0.0575,
      0.855,
      0.115,
      0.9125,
      0.1725,
      0.9675,
      0.2275,
      1.025,
      0.285,
      1.0825,
      0.3425,
      1.14,
      0.4,
      1.195,
      0.455,
      1.2525,
      0.5125,
      1.31,
      0.57,
      1.3675,
      0.6275,
      1.425,
      0.685
    ],
    "SoftwareVersions": "syngo_MR_D13",
    "SpacingBetweenSlices": 4,
    "StationName": "AWP45031",
    "TotalReadoutTime": 0.0245701,
    "TxRefAmp": 347.483,
    "dataset": "ds001430",
    "modality": "bold",
    "run_id": 1,
    "subject_id": "22",
    "task_id": "loc"
  },
  "dummy_trs": 0,
  "dvars_nstd": 20.13947877223255,
  "dvars_std": 1.1889496489767442,
  "dvars_vstd": 1.0248645420000002,
  "efc": 0.6043028454395778,
  "fber": 1843.2015380859375,
  "fd_mean": 0.1074055746319084,
  "fd_num": 14,
  "fd_perc": 6.481481481481482,
  "fwhm_avg": 1.7649038888888888,
  "fwhm_x": 1.7099166666666665,
  "fwhm_y": 2.03391,
  "fwhm_z": 1.550885,
  "gcor": 0.0501866,
  "gsr_x": 0.006667167879641056,
  "gsr_y": 0.04704651981592178,
  "provenance": {
    "md5sum": "956ca22d4fe7bd00fcdef5aeaf8c4772",
    "settings": {
      "fd_thres": 0.2,
      "testing": false
    },
    "software": "mriqc",
    "version": "23.0.1",
    "webapi_port": null,
    "webapi_url": "https://mriqc.nimh.nih.gov/api/v1"
  },
  "size_t": 216,
  "size_x": 64,
  "size_y": 64,
  "size_z": 26,
  "snr": 7.09974375567149,
  "spacing_tr": 1.5,
  "spacing_x": 3.0,
  "spacing_y": 3.0,
  "spacing_z": 4.0,
  "summary_bg_k": 16.884313897651673,
  "summary_bg_mad": 11.229338606408827,
  "summary_bg_mean": 50.349021911621094,
  "summary_bg_median": 15.689814567565918,
  "summary_bg_n": 52219.0,
  "summary_bg_p05": 6.828703880310059,
  "summary_bg_p95": 234.3624954223632,
  "summary_bg_stdv": 85.98487091064453,
  "summary_fg_k": 2.7861807073821607,
  "summary_fg_mad": 92.9097691899704,
  "summary_fg_mean": 720.7347412109375,
  "summary_fg_median": 712.9976806640625,
  "summary_fg_n": 26562.0,
  "summary_fg_p05": 584.5932861328125,
  "summary_fg_p95": 885.304849243164,
  "summary_fg_stdv": 100.42394256591797,
  "tsnr": 72.38621145416982
}