{
  "aor": 0.0013114814814814816,
  "aqi": 0.005464149259259259,
  "bids_meta": {
    "AcquisitionMatrixPE": 64,
    "AcquisitionNumber": 1,
    "AcquisitionTime": "20:24:21.297500",
    "BandwidthPerPixelPhaseEncode": 40.064,
    "BaseResolution": 64,
    "BodyPartExamined": "BRAIN",
    "ConsistencyInfo": "N4_VD13A_LATEST_20120616",
    "ConversionSoftware": "dcm2niix",
    "ConversionSoftwareVersion": "v1.0.20180518 GCC4.8.5",
    "DerivedVendorReportedEchoSpacing": 0.000780002,
    "DeviceSerialNumber": "45031",
    "DwellTime": 5.4e-06,
    "EchoTime": 0.028,
    "EchoTrainLength": 32,
    "EffectiveEchoSpacing": 0.000390001,
    "FlipAngle": 64,
    "ImageOrientationPatientDICOM": [
      0.999966,
      -0.00809256,
      -0.00169555,
      0.00810589,
      0.999935,
      0.00801046
    ],
    "ImageType": [
      "ORIGINAL",
      "PRIMARY",
      "M",
      "ND",
      "NORM",
      "MOSAIC"
    ],
    "InPlanePhaseEncodingDirectionDICOM": "COL",
    "InstitutionAddress": "Washington_and_Faculty_Rd._-_Building_25_25_Princeton_NJ_US_085",
    "InstitutionName": "Princeton_University_-_Neuroscience_Institute",
    "InstitutionalDepartmentName": "Department",
    "MRAcquisitionType": "2D",
    "MagneticFieldStrength": 3,
    "Manufacturer": "Siemens",
    "ManufacturersModelName": "Skyra",
    "Modality": "MR",
    "ParallelReductionFactorInPlane": 2,
    "PartialFourier": 1,
    "PatientPosition": "HFS",
    "PercentPhaseFOV": 100,
    "PhaseEncodingDirection": "j-",
    "PhaseEncodingSteps": 64,
    "PhaseResolution": 1,
    "PixelBandwidth": 1445,
    "ProcedureStepDescription": "Turk-BrowneLab_Projects",
    "ProtocolName": "epi_3x3x4_1.5s_216TR",
    "PulseSequenceDetails": "%SiemensSeq%_ep2d_bold",
    "ReceiveCoilActiveElements": "HE1-4",
    "ReceiveCoilName": "HeadNeck_20",
    "ReconMatrixPE": 64,
    "RepetitionTime": 1.5,
    "SAR": 0.0809886,
    "ScanOptions": "FS",
    "ScanningSequence": "EP",
    "SequenceName": "_epfid2d1_64",
    "SequenceVariant": "SK",
    "SeriesDescription": "epi_3x3x4_1.5s_216TR",
    "SeriesNumber": 14,
    "ShimSetting": [
      3397,
      8609,
      9367,
      427,
      195,
      -91,
      244,
      160
    ],
    "SliceThickness": 4,
    "SliceTiming": [
      0.74,
      0,
      0.795,
      0.0575,
      0.8525,
      0.1125,
      0.91,
      0.17,
      0.9675,
      0.2275,
      1.025,
      0.285,
      1.08,
      0.34,
      1.1375,
      0.3975,
      1.195,
      0.455,
      1.2525,
      0.5125,
      1.3075,
      0.5675,
      1.365,
      0.625,
      1.4225,
      0.6825
    ],
    "SoftwareVersions": "syngo_MR_D13",
    "SpacingBetweenSlices": 4,
    "StationName": "AWP45031",
    "TotalReadoutTime": 0.0245701,
    "TxRefAmp": 347.483,
    "dataset": "ds001430",
    "modality": "bold",
    "run_id": 3,
    "subject_id": "22",
    "task_id": "loc"
  },
  "dummy_trs": 0,
  "dvars_nstd": 19.83613497706976,
  "dvars_std": 1.171299227953488,
  "dvars_vstd": 1.0095100719999999,
  "efc": 0.6041558169696011,
  "fber": 1846.9739990234375,
  "fd_mean": 0.09286474101407691,
  "fd_num": 6,
  "fd_perc": 2.7777777777777777,
  "fwhm_avg": 1.7695086111111111,
  "fwhm_x": 1.7206066666666666,
  "fwhm_y": 2.0394666666666668,
  "fwhm_z": 1.5484525,
  "gcor": 0.03044,
  "gsr_x": 0.006893704179674387,
  "gsr_y": 0.0467996820807457,
  "provenance": {
    "md5sum": "488dd25fdca9c0d3f1e35fb11e73aa0f",
    "settings": {
      "fd_thres": 0.2,
      "testing": false
    },
    "software": "mriqc",
    "version": "23.0.1",
    "webapi_port": null,
    "webapi_url": "https://mriqc.nimh.nih.gov/api/v1"
  },
  "size_t": 216,
  "size_x": 64,
  "size_y": 64,
  "size_z": 26,
  "snr": 7.052548046138062,
  "spacing_tr": 1.5,
  "spacing_x": 3.0,
  "spacing_y": 3.0,
  "spacing_z": 4.0,
  "summary_bg_k": 17.24901264111138,
  "summary_bg_mad": 11.181290788616643,
  "summary_bg_mean": 50.17319107055664,
  "summary_bg_median": 15.671296119689941,
  "summary_bg_n": 52194.0,
  "summary_bg_p05": 6.754629611968994,
  "summary_bg_p95": 233.12639389038074,
  "summary_bg_stdv": 85.62126159667969,
  "summary_fg_k": 2.8271565476796336,
  "summary_fg_mad": 93.9874248186437,
  "summary_fg_mean": 721.0859985351562,
  "summary_fg_median": 712.9537353515625,
  "summary_fg_n": 26601.0,
  "summary_fg_p05": 585.0324096679688,
  "summary_fg_p95": 887.4398193359375,
  "summary_fg_stdv": 101.08975219726562,
  "tsnr": 79.6919126752764
}