{
  "bids_meta": {
    "AcquisitionMatrixPE": 256,
    "AcquisitionNumber": 1,
    "AcquisitionTime": "11:56:11.672500",
    "BaseResolution": 256,
    "BodyPartExamined": "BRAIN",
    "ConsistencyInfo": "N4_VD13A_LATEST_20120616",
    "ConversionSoftware": "dcm2niix",
    "ConversionSoftwareVersion": "v1.0.20180518 GCC4.8.5",
    "DeviceSerialNumber": "45031",
    "DwellTime": 8.2e-06,
    "EchoTime": 0.00298,
    "FlipAngle": 9,
    "ImageOrientationPatientDICOM": [
      0.0091098,
      0.998773,
      0.0486731,
      -0.0110513,
      0.0487727,
      -0.998749
    ],
    "ImageType": [
      "ORIGINAL",
      "PRIMARY",
      "M",
      "ND",
      "NORM"
    ],
    "InPlanePhaseEncodingDirectionDICOM": "ROW",
    "InstitutionAddress": "Washington_and_Faculty_Rd._-_Building_25_25_Princeton_NJ_US_085",
    "InstitutionName": "Princeton_University_-_Neuroscience_Institute",
    "InstitutionalDepartmentName": "Department",
    "InversionTime": 0.9,
    "MRAcquisitionType": "3D",
    "MagneticFieldStrength": 3,
    "Manufacturer": "Siemens",
    "ManufacturersModelName": "Skyra",
    "Modality": "MR",
    "ParallelReductionFactorInPlane": 2,
    "PartialFourier": 1,
    "PatientPosition": "HFS",
    "PercentPhaseFOV": 100,
    "PhaseEncodingSteps": 255,
    "PhaseResolution": 1,
    "PixelBandwidth": 240,
    "ProcedureStepDescription": "Turk-BrowneLab_Projects",
    "ProtocolName": "mprage_1x1x1_medium",
    "PulseSequenceDetails": "%SiemensSeq%_tfl",
    "ReceiveCoilActiveElements": "HE1-4",
    "ReceiveCoilName": "HeadNeck_20",
    "ReconMatrixPE": 256,
    "RepetitionTime": 2.3,
    "SAR": 0.0727512,
    "ScanOptions": "IR",
    "ScanningSequence": "GR_IR",
    "SequenceName": "_tfl3d1_16ns",
    "SequenceVariant": "SK_SP_MP",
    "SeriesDescription": "mprage_1x1x1_medium",
    "SeriesNumber": 19,
    "ShimSetting": [
      3414,
      8612,
      9241,
      213,
      73,
      -270,
      56,
      104
    ],
    "SliceThickness": 1,
    "SoftwareVersions": "syngo_MR_D13",
    "StationName": "AWP45031",
    "TxRefAmp": 330.941,
    "dataset": "ds001430",
    "modality": "T1w",
    "subject_id": "15"
  },
  "cjv": 0.3277596183167598,
  "cnr": 4.045973323351619,
  "efc": 0.48984790274664775,
  "fber": 28445.161489690443,
  "fwhm_avg": 3.6864057833732846,
  "fwhm_x": 3.7898173501198524,
  "fwhm_y": 3.82924,
  "fwhm_z": 3.44016,
  "icvs_csf": 0.20012075441478594,
  "icvs_gm": 0.45106444087929354,
  "icvs_wm": 0.3488148047059205,
  "inu_med": 0.5548932254314423,
  "inu_range": 0.21580820083618169,
  "provenance": {
    "md5sum": "c4f2ad69ddb9dc2cb3aa55a4763b2ac1",
    "settings": {
      "testing": false
    },
    "software": "mriqc",
    "version": "23.0.1",
    "warnings": {
      "large_rot_frame": true,
      "small_air_mask": false
    },
    "webapi_port": null,
    "webapi_url": "https://mriqc.nimh.nih.gov/api/v1"
  },
  "qi_1": 1.0669301272794295e-05,
  "qi_2": 0.012181936038949692,
  "rpve_csf": 25.400484223108542,
  "rpve_gm": 12.37590998678738,
  "rpve_wm": 18.30077597421126,
  "size_x": 192,
  "size_y": 256,
  "size_z": 256,
  "snr_csf": 2.302925001025029,
  "snr_gm": 10.525932903702722,
  "snr_total": 11.97462637727853,
  "snr_wm": 23.09502122710784,
  "snrd_csf": 26.735228551864953,
  "snrd_gm": 71.84943879744294,
  "snrd_total": 67.91236095081369,
  "snrd_wm": 105.15241550313314,
  "spacing_x": 1.0000033378601074,
  "spacing_y": 1.0,
  "spacing_z": 1.0,
  "summary_bg_k": 55.274233560291364,
  "summary_bg_mad": 0.0,
  "summary_bg_mean": 3.4161401591401472,
  "summary_bg_median": 0.0,
  "summary_bg_n": 3505174.0,
  "summary_bg_p05": 0.0,
  "summary_bg_p95": 15.989359179511666,
  "summary_bg_stdv": 6.230174095311273,
  "summary_csf_k": 1.2639591600794926,
  "summary_csf_mad": 95.32692484723033,
  "summary_csf_mean": 265.28767750674626,
  "summary_csf_median": 254.2449608296156,
  "summary_csf_n": 29673.0,
  "summary_csf_p05": 98.6699110005051,
  "summary_csf_p95": 469.0796887505799,
  "summary_csf_stdv": 110.39902583345726,
  "summary_gm_k": 0.21956883464038546,
  "summary_gm_mad": 62.09676442513243,
  "summary_gm_mean": 682.8792012702219,
  "summary_gm_median": 683.2691823542118,
  "summary_gm_n": 43478.0,
  "summary_gm_p05": 574.5415399335325,
  "summary_gm_p95": 790.3639291560278,
  "summary_gm_stdv": 64.9121869688087,
  "summary_wm_k": 0.32690395936926153,
  "summary_wm_mad": 41.70552962066327,
  "summary_wm_mean": 999.129805473902,
  "summary_wm_median": 999.9716931115836,
  "summary_wm_n": 221598.0,
  "summary_wm_p05": 926.4772403873503,
  "summary_wm_p95": 1068.4570899512619,
  "summary_wm_stdv": 43.29805229454121,
  "tpm_overlap_csf": 0.16413519025046214,
  "tpm_overlap_gm": 0.47731859391943743,
  "tpm_overlap_wm": 0.5218050692822862,
  "wm2max": 0.6885156879034957
}