{
  "aor": 0.0007416891891891892,
  "aqi": 0.005516834864864865,
  "bids_meta": {
    "AcquisitionMatrixPE": 64,
    "AcquisitionNumber": 1,
    "AcquisitionTime": "14:43:11.822500",
    "BandwidthPerPixelPhaseEncode": 40.064,
    "BaseResolution": 64,
    "BodyPartExamined": "BRAIN",
    "ConsistencyInfo": "N4_VD13A_LATEST_20120616",
    "ConversionSoftware": "dcm2niix",
    "ConversionSoftwareVersion": "v1.0.20180518 GCC4.8.5",
    "DerivedVendorReportedEchoSpacing": 0.000780002,
    "DeviceSerialNumber": "45031",
    "DwellTime": 5.4e-06,
    "EchoTime": 0.028,
    "EchoTrainLength": 32,
    "EffectiveEchoSpacing": 0.000390001,
    "FlipAngle": 64,
    "ImageOrientationPatientDICOM": [
      0.99285,
      -0.00109741,
      0.119366,
      0.021588,
      0.98512,
      -0.170506
    ],
    "ImageType": [
      "ORIGINAL",
      "PRIMARY",
      "M",
      "ND",
      "NORM",
      "MOSAIC"
    ],
    "InPlanePhaseEncodingDirectionDICOM": "COL",
    "InstitutionAddress": "Washington_and_Faculty_Rd._-_Building_25_25_Princeton_NJ_US_085",
    "InstitutionName": "Princeton_University_-_Neuroscience_Institute",
    "InstitutionalDepartmentName": "Department",
    "MRAcquisitionType": "2D",
    "MagneticFieldStrength": 3,
    "Manufacturer": "Siemens",
    "ManufacturersModelName": "Skyra",
    "Modality": "MR",
    "ParallelReductionFactorInPlane": 2,
    "PartialFourier": 1,
    "PatientPosition": "HFS",
    "PercentPhaseFOV": 100,
    "PhaseEncodingDirection": "j-",
    "PhaseEncodingSteps": 64,
    "PhaseResolution": 1,
    "PixelBandwidth": 1445,
    "ProcedureStepDescription": "Turk-BrowneLab_Projects",
    "ProtocolName": "epi_3x3x4_1.5s_148TR",
    "PulseSequenceDetails": "%SiemensSeq%_ep2d_bold",
    "ReceiveCoilActiveElements": "HE1-4",
    "ReceiveCoilName": "HeadNeck_20",
    "ReconMatrixPE": 64,
    "RepetitionTime": 1.5,
    "SAR": 0.085099,
    "ScanOptions": "FS",
    "ScanningSequence": "EP",
    "SequenceName": "_epfid2d1_64",
    "SequenceVariant": "SK",
    "SeriesDescription": "epi_3x3x4_1.5s_148TR",
    "SeriesNumber": 5,
    "ShimSetting": [
      3397,
      8623,
      9201,
      452,
      55,
      -264,
      532,
      -82
    ],
    "SliceThickness": 4,
    "SliceTiming": [
      0.74,
      0,
      0.7975,
      0.0575,
      0.8525,
      0.1125,
      0.91,
      0.17,
      0.9675,
      0.2275,
      1.025,
      0.285,
      1.0825,
      0.3425,
      1.1375,
      0.3975,
      1.195,
      0.455,
      1.2525,
      0.5125,
      1.31,
      0.57,
      1.365,
      0.625,
      1.4225,
      0.6825
    ],
    "SoftwareVersions": "syngo_MR_D13",
    "SpacingBetweenSlices": 4,
    "StationName": "AWP45031",
    "TotalReadoutTime": 0.0245701,
    "TxRefAmp": 354.001,
    "dataset": "ds001430",
    "modality": "bold",
    "run_id": 1,
    "subject_id": "04",
    "task_id": "phase1"
  },
  "dummy_trs": 0,
  "dvars_nstd": 20.930367690204086,
  "dvars_std": 1.199451884217687,
  "dvars_vstd": 0.9903058786394556,
  "efc": 0.621007089210103,
  "fber": 1542.1322021484375,
  "fd_mean": 0.10120013135860068,
  "fd_num": 2,
  "fd_perc": 1.3513513513513513,
  "fwhm_avg": 1.6900924999999998,
  "fwhm_x": 1.6562433333333333,
  "fwhm_y": 1.8285066666666667,
  "fwhm_z": 1.5855275,
  "gcor": 0.0687941,
  "gsr_x": 0.0002010227763094008,
  "gsr_y": 0.04740133136510849,
  "provenance": {
    "md5sum": "4b93672d803058e9210d6e3020db3863",
    "settings": {
      "fd_thres": 0.2,
      "testing": false
    },
    "software": "mriqc",
    "version": "23.0.1",
    "webapi_port": null,
    "webapi_url": "https://mriqc.nimh.nih.gov/api/v1"
  },
  "size_t": 148,
  "size_x": 64,
  "size_y": 64,
  "size_z": 26,
  "snr": 6.707741582300752,
  "spacing_tr": 1.5,
  "spacing_x": 3.0,
  "spacing_y": 3.0,
  "spacing_z": 4.0,
  "summary_bg_k": 19.58801137947116,
  "summary_bg_mad": 13.884370074292574,
  "summary_bg_mean": 51.21792984008789,
  "summary_bg_median": 17.135135650634766,
  "summary_bg_n": 50203.0,
  "summary_bg_p05": 6.5608110427856445,
  "summary_bg_p95": 211.25270843505797,
  "summary_bg_stdv": 85.51502990722656,
  "summary_fg_k": 1.5125498848649936,
  "summary_fg_mad": 103.40652774357227,
  "summary_fg_mean": 715.3480834960938,
  "summary_fg_median": 704.83447265625,
  "summary_fg_n": 29130.0,
  "summary_fg_p05": 574.0841369628906,
  "summary_fg_p95": 891.3844696044921,
  "summary_fg_stdv": 105.07595825195312,
  "tsnr": 80.51878732535988
}