{
  "aor": 0.0009142999999999999,
  "aqi": 0.005868340599999999,
  "bids_meta": {
    "AcquisitionMatrixPE": 64,
    "AcquisitionNumber": 1,
    "AcquisitionTime": "15:16:10.257500",
    "BandwidthPerPixelPhaseEncode": 40.064,
    "BaseResolution": 64,
    "BodyPartExamined": "BRAIN",
    "ConsistencyInfo": "N4_VD13A_LATEST_20120616",
    "ConversionSoftware": "dcm2niix",
    "ConversionSoftwareVersion": "v1.0.20180518 GCC4.8.5",
    "DerivedVendorReportedEchoSpacing": 0.000780002,
    "DeviceSerialNumber": "45031",
    "DwellTime": 5.4e-06,
    "EchoTime": 0.028,
    "EchoTrainLength": 32,
    "EffectiveEchoSpacing": 0.000390001,
    "FlipAngle": 64,
    "ImageOrientationPatientDICOM": [
      0.99285,
      -0.00109741,
      0.119366,
      0.021588,
      0.98512,
      -0.170506
    ],
    "ImageType": [
      "ORIGINAL",
      "PRIMARY",
      "M",
      "ND",
      "NORM",
      "MOSAIC"
    ],
    "InPlanePhaseEncodingDirectionDICOM": "COL",
    "InstitutionAddress": "Washington_and_Faculty_Rd._-_Building_25_25_Princeton_NJ_US_085",
    "InstitutionName": "Princeton_University_-_Neuroscience_Institute",
    "InstitutionalDepartmentName": "Department",
    "MRAcquisitionType": "2D",
    "MagneticFieldStrength": 3,
    "Manufacturer": "Siemens",
    "ManufacturersModelName": "Skyra",
    "Modality": "MR",
    "ParallelReductionFactorInPlane": 2,
    "PartialFourier": 1,
    "PatientPosition": "HFS",
    "PercentPhaseFOV": 100,
    "PhaseEncodingDirection": "j-",
    "PhaseEncodingSteps": 64,
    "PhaseResolution": 1,
    "PixelBandwidth": 1445,
    "ProcedureStepDescription": "Turk-BrowneLab_Projects",
    "ProtocolName": "epi_3x3x4_1.5s_400TR",
    "PulseSequenceDetails": "%SiemensSeq%_ep2d_bold",
    "ReceiveCoilActiveElements": "HE1-4",
    "ReceiveCoilName": "HeadNeck_20",
    "ReconMatrixPE": 64,
    "RepetitionTime": 1.5,
    "SAR": 0.0851013,
    "ScanOptions": "FS",
    "ScanningSequence": "EP",
    "SequenceName": "_epfid2d1_64",
    "SequenceVariant": "SK",
    "SeriesDescription": "epi_3x3x4_1.5s_400TR",
    "SeriesNumber": 10,
    "ShimSetting": [
      3397,
      8623,
      9201,
      452,
      55,
      -264,
      532,
      -82
    ],
    "SliceThickness": 4,
    "SliceTiming": [
      0.74,
      0,
      0.7975,
      0.0575,
      0.855,
      0.115,
      0.91,
      0.17,
      0.9675,
      0.2275,
      1.025,
      0.285,
      1.0825,
      0.3425,
      1.14,
      0.4,
      1.195,
      0.455,
      1.2525,
      0.5125,
      1.31,
      0.57,
      1.3675,
      0.6275,
      1.4225,
      0.6825
    ],
    "SoftwareVersions": "syngo_MR_D13",
    "SpacingBetweenSlices": 4,
    "StationName": "AWP45031",
    "TotalReadoutTime": 0.0245701,
    "TxRefAmp": 354.001,
    "dataset": "ds001430",
    "modality": "bold",
    "run_id": 1,
    "subject_id": "04",
    "task_id": "phase3"
  },
  "dummy_trs": 0,
  "dvars_nstd": 21.32254772142857,
  "dvars_std": 1.2603961969674187,
  "dvars_vstd": 1.0097178218045118,
  "efc": 0.6251627923645837,
  "fber": 1382.4842529296875,
  "fd_mean": 0.10213909757744898,
  "fd_num": 10,
  "fd_perc": 2.5,
  "fwhm_avg": 1.6931519444444445,
  "fwhm_x": 1.6634166666666665,
  "fwhm_y": 1.8282766666666666,
  "fwhm_z": 1.5877625,
  "gcor": 0.0495586,
  "gsr_x": 0.001662260852754116,
  "gsr_y": 0.048930574208498,
  "provenance": {
    "md5sum": "e923ddb481e9cc27f383299838505148",
    "settings": {
      "fd_thres": 0.2,
      "testing": false
    },
    "software": "mriqc",
    "version": "23.0.1",
    "webapi_port": null,
    "webapi_url": "https://mriqc.nimh.nih.gov/api/v1"
  },
  "size_t": 400,
  "size_x": 64,
  "size_y": 64,
  "size_z": 26,
  "snr": 6.766974769894225,
  "spacing_tr": 1.5,
  "spacing_x": 3.0,
  "spacing_y": 3.0,
  "spacing_z": 4.0,
  "summary_bg_k": 17.383237339353435,
  "summary_bg_mad": 15.925000429120255,
  "summary_bg_mean": 54.46116638183594,
  "summary_bg_median": 18.315000534057617,
  "summary_bg_n": 50194.0,
  "summary_bg_p05": 6.322499752044678,
  "summary_bg_p95": 223.1602485656738,
  "summary_bg_stdv": 87.82588958740234,
  "summary_fg_k": 1.4400593322747373,
  "summary_fg_mad": 104.17135647592147,
  "summary_fg_mean": 716.1851196289062,
  "summary_fg_median": 707.3674926757812,
  "summary_fg_n": 29188.0,
  "summary_fg_p05": 574.4952453613281,
  "summary_fg_p95": 889.6349700927733,
  "summary_fg_stdv": 104.530517578125,
  "tsnr": 79.55003785248846
}