{
  "aor": 0.001988888888888889,
  "aqi": 0.012268963935185185,
  "bids_meta": {
    "AcquisitionMatrixPE": 64,
    "AcquisitionNumber": 1,
    "AcquisitionTime": "11:53:55.847500",
    "BandwidthPerPixelPhaseEncode": 40.064,
    "BaseResolution": 64,
    "BodyPartExamined": "BRAIN",
    "ConsistencyInfo": "N4_VD13A_LATEST_20120616",
    "ConversionSoftware": "dcm2niix",
    "ConversionSoftwareVersion": "v1.0.20180518 GCC4.8.5",
    "DerivedVendorReportedEchoSpacing": 0.000780002,
    "DeviceSerialNumber": "45031",
    "DwellTime": 5.4e-06,
    "EchoTime": 0.028,
    "EchoTrainLength": 32,
    "EffectiveEchoSpacing": 0.000390001,
    "FlipAngle": 64,
    "ImageOrientationPatientDICOM": [
      0.998369,
      -0.0144234,
      0.0552423,
      0.024278,
      0.982977,
      -0.182117
    ],
    "ImageType": [
      "ORIGINAL",
      "PRIMARY",
      "M",
      "ND",
      "NORM",
      "MOSAIC"
    ],
    "InPlanePhaseEncodingDirectionDICOM": "COL",
    "InstitutionAddress": "Washington_and_Faculty_Rd._-_Building_25_25_Princeton_NJ_US_085",
    "InstitutionName": "Princeton_University_-_Neuroscience_Institute",
    "InstitutionalDepartmentName": "Department",
    "MRAcquisitionType": "2D",
    "MagneticFieldStrength": 3,
    "Manufacturer": "Siemens",
    "ManufacturersModelName": "Skyra",
    "Modality": "MR",
    "ParallelReductionFactorInPlane": 2,
    "PartialFourier": 1,
    "PatientPosition": "HFS",
    "PercentPhaseFOV": 100,
    "PhaseEncodingDirection": "j-",
    "PhaseEncodingSteps": 64,
    "PhaseResolution": 1,
    "PixelBandwidth": 1445,
    "ProcedureStepDescription": "Turk-BrowneLab_Projects",
    "ProtocolName": "epi_3x3x4_1.5s_216TR",
    "PulseSequenceDetails": "%SiemensSeq%_ep2d_bold",
    "ReceiveCoilActiveElements": "HE1-4",
    "ReceiveCoilName": "HeadNeck_20",
    "ReconMatrixPE": 64,
    "RepetitionTime": 1.5,
    "SAR": 0.0872523,
    "ScanOptions": "FS",
    "ScanningSequence": "EP",
    "SequenceName": "_epfid2d1_64",
    "SequenceVariant": "SK",
    "SeriesDescription": "epi_3x3x4_1.5s_216TR",
    "SeriesNumber": 14,
    "ShimSetting": [
      3406,
      8617,
      9385,
      508,
      -92,
      227,
      332,
      153
    ],
    "SliceThickness": 4,
    "SliceTiming": [
      0.74,
      0,
      0.795,
      0.055,
      0.8525,
      0.1125,
      0.91,
      0.17,
      0.9675,
      0.2275,
      1.025,
      0.285,
      1.08,
      0.34,
      1.1375,
      0.3975,
      1.195,
      0.455,
      1.2525,
      0.5125,
      1.3075,
      0.5675,
      1.365,
      0.625,
      1.4225,
      0.6825
    ],
    "SoftwareVersions": "syngo_MR_D13",
    "SpacingBetweenSlices": 4,
    "StationName": "AWP45031",
    "TotalReadoutTime": 0.0245701,
    "TxRefAmp": 397.183,
    "dataset": "ds001430",
    "modality": "bold",
    "run_id": 3,
    "subject_id": "13",
    "task_id": "loc"
  },
  "dummy_trs": 0,
  "dvars_nstd": 24.37404931544184,
  "dvars_std": 1.249291629069767,
  "dvars_vstd": 1.0030006273488374,
  "efc": 0.6321499083973722,
  "fber": 1247.1654052734375,
  "fd_mean": 0.1633123072503521,
  "fd_num": 52,
  "fd_perc": 24.074074074074073,
  "fwhm_avg": 1.70622,
  "fwhm_x": 1.67723,
  "fwhm_y": 1.90726,
  "fwhm_z": 1.53417,
  "gcor": 0.0308418,
  "gsr_x": 0.012576746754348278,
  "gsr_y": 0.037710025906562805,
  "provenance": {
    "md5sum": "25af898f5b4ac7b09b398bf726cbb25c",
    "settings": {
      "fd_thres": 0.2,
      "testing": false
    },
    "software": "mriqc",
    "version": "23.0.1",
    "webapi_port": null,
    "webapi_url": "https://mriqc.nimh.nih.gov/api/v1"
  },
  "size_t": 216,
  "size_x": 64,
  "size_y": 64,
  "size_z": 26,
  "snr": 7.680837089653297,
  "spacing_tr": 1.5,
  "spacing_x": 3.0,
  "spacing_y": 3.0,
  "spacing_z": 4.0,
  "summary_bg_k": 11.8516431184893,
  "summary_bg_mad": 16.569452990571207,
  "summary_bg_mean": 56.32107925415039,
  "summary_bg_median": 19.19444465637207,
  "summary_bg_n": 48900.0,
  "summary_bg_p05": 6.995370388031006,
  "summary_bg_p95": 232.60740203857415,
  "summary_bg_stdv": 86.08140563964844,
  "summary_fg_k": 3.9700461766341375,
  "summary_fg_mad": 82.12660707059888,
  "summary_fg_mean": 744.3412475585938,
  "summary_fg_median": 734.4583129882812,
  "summary_fg_n": 29405.0,
  "summary_fg_p05": 621.2212890625,
  "summary_fg_p95": 899.7546508789062,
  "summary_fg_stdv": 95.62054443359375,
  "tsnr": 65.33403699588962
}