{
  "aor": 0.0005717218543046357,
  "aqi": 0.006429420264900662,
  "bids_meta": {
    "AcquisitionMatrixPE": 64,
    "AcquisitionNumber": 1,
    "AcquisitionTime": "11:03:3.182500",
    "BandwidthPerPixelPhaseEncode": 40.064,
    "BaseResolution": 64,
    "BodyPartExamined": "BRAIN",
    "ConsistencyInfo": "N4_VD13A_LATEST_20120616",
    "ConversionSoftware": "dcm2niix",
    "ConversionSoftwareVersion": "v1.0.20180518 GCC4.8.5",
    "DerivedVendorReportedEchoSpacing": 0.000780002,
    "DeviceSerialNumber": "45031",
    "DwellTime": 5.4e-06,
    "EchoTime": 0.028,
    "EchoTrainLength": 32,
    "EffectiveEchoSpacing": 0.000390001,
    "FlipAngle": 64,
    "ImageOrientationPatientDICOM": [
      0.998369,
      -0.0144234,
      0.0552423,
      0.024278,
      0.982977,
      -0.182117
    ],
    "ImageType": [
      "ORIGINAL",
      "PRIMARY",
      "M",
      "ND",
      "NORM",
      "MOSAIC"
    ],
    "InPlanePhaseEncodingDirectionDICOM": "COL",
    "InstitutionAddress": "Washington_and_Faculty_Rd._-_Building_25_25_Princeton_NJ_US_085",
    "InstitutionName": "Princeton_University_-_Neuroscience_Institute",
    "InstitutionalDepartmentName": "Department",
    "MRAcquisitionType": "2D",
    "MagneticFieldStrength": 3,
    "Manufacturer": "Siemens",
    "ManufacturersModelName": "Skyra",
    "Modality": "MR",
    "ParallelReductionFactorInPlane": 2,
    "PartialFourier": 1,
    "PatientPosition": "HFS",
    "PercentPhaseFOV": 100,
    "PhaseEncodingDirection": "j-",
    "PhaseEncodingSteps": 64,
    "PhaseResolution": 1,
    "PixelBandwidth": 1445,
    "ProcedureStepDescription": "Turk-BrowneLab_Projects",
    "ProtocolName": "epi_3x3x4_1.5s_302TR",
    "PulseSequenceDetails": "%SiemensSeq%_ep2d_bold",
    "ReceiveCoilActiveElements": "HE1-4",
    "ReceiveCoilName": "HeadNeck_20",
    "ReconMatrixPE": 64,
    "RepetitionTime": 1.5,
    "SAR": 0.087253,
    "ScanOptions": "FS",
    "ScanningSequence": "EP",
    "SequenceName": "_epfid2d1_64",
    "SequenceVariant": "SK",
    "SeriesDescription": "epi_3x3x4_1.5s_302TR",
    "SeriesNumber": 9,
    "ShimSetting": [
      3406,
      8617,
      9385,
      508,
      -92,
      227,
      332,
      153
    ],
    "SliceThickness": 4,
    "SliceTiming": [
      0.74,
      0,
      0.7975,
      0.0575,
      0.8525,
      0.1125,
      0.91,
      0.17,
      0.9675,
      0.2275,
      1.025,
      0.285,
      1.08,
      0.34,
      1.1375,
      0.3975,
      1.195,
      0.455,
      1.2525,
      0.5125,
      1.31,
      0.57,
      1.365,
      0.625,
      1.4225,
      0.6825
    ],
    "SoftwareVersions": "syngo_MR_D13",
    "SpacingBetweenSlices": 4,
    "StationName": "AWP45031",
    "TotalReadoutTime": 0.0245701,
    "TxRefAmp": 397.183,
    "dataset": "ds001430",
    "modality": "bold",
    "run_id": 1,
    "subject_id": "13",
    "task_id": "phase2"
  },
  "dummy_trs": 0,
  "dvars_nstd": 22.078458272524923,
  "dvars_std": 1.2709506994352164,
  "dvars_vstd": 1.008073815747509,
  "efc": 0.6360763117665881,
  "fber": 1040.4376220703125,
  "fd_mean": 0.0950759539629346,
  "fd_num": 4,
  "fd_perc": 1.3245033112582782,
  "fwhm_avg": 1.6944638888888888,
  "fwhm_x": 1.6743633333333332,
  "fwhm_y": 1.8847933333333333,
  "fwhm_z": 1.524235,
  "gcor": 0.0156615,
  "gsr_x": 0.0072537739761173725,
  "gsr_y": 0.037690065801143646,
  "provenance": {
    "md5sum": "c8085f0aa59a316a2b36aa4c7f7c51c3",
    "settings": {
      "fd_thres": 0.2,
      "testing": false
    },
    "software": "mriqc",
    "version": "23.0.1",
    "webapi_port": null,
    "webapi_url": "https://mriqc.nimh.nih.gov/api/v1"
  },
  "size_t": 302,
  "size_x": 64,
  "size_y": 64,
  "size_z": 26,
  "snr": 7.584248010602742,
  "spacing_tr": 1.5,
  "spacing_x": 3.0,
  "spacing_y": 3.0,
  "spacing_z": 4.0,
  "summary_bg_k": 11.209566411849982,
  "summary_bg_mad": 18.225697268262273,
  "summary_bg_mean": 57.99419021606445,
  "summary_bg_median": 20.783111572265625,
  "summary_bg_n": 48464.0,
  "summary_bg_p05": 7.225165367126465,
  "summary_bg_p95": 244.7326087951658,
  "summary_bg_stdv": 87.95525360107422,
  "summary_fg_k": 3.9609948056156474,
  "summary_fg_mad": 83.79163885895967,
  "summary_fg_mean": 741.7398071289062,
  "summary_fg_median": 731.4437255859375,
  "summary_fg_n": 29757.0,
  "summary_fg_p05": 617.6741943359375,
  "summary_fg_p95": 898.5145629882812,
  "summary_fg_stdv": 96.44086456298828,
  "tsnr": 83.22542350692675
}