{
  "aor": 0.0042492129629629624,
  "aqi": 0.009722198425925928,
  "bids_meta": {
    "AcquisitionMatrixPE": 64,
    "AcquisitionNumber": 1,
    "AcquisitionTime": "11:47:53.740000",
    "BandwidthPerPixelPhaseEncode": 40.064,
    "BaseResolution": 64,
    "BodyPartExamined": "BRAIN",
    "ConsistencyInfo": "N4_VD13A_LATEST_20120616",
    "ConversionSoftware": "dcm2niix",
    "ConversionSoftwareVersion": "v1.0.20180518 GCC4.8.5",
    "DerivedVendorReportedEchoSpacing": 0.000780002,
    "DeviceSerialNumber": "45031",
    "DwellTime": 5.4e-06,
    "EchoTime": 0.028,
    "EchoTrainLength": 32,
    "EffectiveEchoSpacing": 0.000390001,
    "FlipAngle": 64,
    "ImageOrientationPatientDICOM": [
      0.998369,
      -0.0144234,
      0.0552423,
      0.024278,
      0.982977,
      -0.182117
    ],
    "ImageType": [
      "ORIGINAL",
      "PRIMARY",
      "M",
      "ND",
      "NORM",
      "MOSAIC"
    ],
    "InPlanePhaseEncodingDirectionDICOM": "COL",
    "InstitutionAddress": "Washington_and_Faculty_Rd._-_Building_25_25_Princeton_NJ_US_085",
    "InstitutionName": "Princeton_University_-_Neuroscience_Institute",
    "InstitutionalDepartmentName": "Department",
    "MRAcquisitionType": "2D",
    "MagneticFieldStrength": 3,
    "Manufacturer": "Siemens",
    "ManufacturersModelName": "Skyra",
    "Modality": "MR",
    "ParallelReductionFactorInPlane": 2,
    "PartialFourier": 1,
    "PatientPosition": "HFS",
    "PercentPhaseFOV": 100,
    "PhaseEncodingDirection": "j-",
    "PhaseEncodingSteps": 64,
    "PhaseResolution": 1,
    "PixelBandwidth": 1445,
    "ProcedureStepDescription": "Turk-BrowneLab_Projects",
    "ProtocolName": "epi_3x3x4_1.5s_216TR",
    "PulseSequenceDetails": "%SiemensSeq%_ep2d_bold",
    "ReceiveCoilActiveElements": "HE1-4",
    "ReceiveCoilName": "HeadNeck_20",
    "ReconMatrixPE": 64,
    "RepetitionTime": 1.5,
    "SAR": 0.0872523,
    "ScanOptions": "FS",
    "ScanningSequence": "EP",
    "SequenceName": "_epfid2d1_64",
    "SequenceVariant": "SK",
    "SeriesDescription": "epi_3x3x4_1.5s_216TR",
    "SeriesNumber": 13,
    "ShimSetting": [
      3406,
      8617,
      9385,
      508,
      -92,
      227,
      332,
      153
    ],
    "SliceThickness": 4,
    "SliceTiming": [
      0.74,
      0,
      0.7975,
      0.0575,
      0.855,
      0.115,
      0.91,
      0.17,
      0.9675,
      0.2275,
      1.025,
      0.285,
      1.0825,
      0.3425,
      1.1375,
      0.3975,
      1.195,
      0.455,
      1.2525,
      0.5125,
      1.31,
      0.57,
      1.3675,
      0.6275,
      1.4225,
      0.6825
    ],
    "SoftwareVersions": "syngo_MR_D13",
    "SpacingBetweenSlices": 4,
    "StationName": "AWP45031",
    "TotalReadoutTime": 0.0245701,
    "TxRefAmp": 397.183,
    "dataset": "ds001430",
    "modality": "bold",
    "run_id": 2,
    "subject_id": "13",
    "task_id": "loc"
  },
  "dummy_trs": 0,
  "dvars_nstd": 24.23244241260465,
  "dvars_std": 1.2930364450697673,
  "dvars_vstd": 1.0413816006046508,
  "efc": 0.6322727014052648,
  "fber": 1225.5704345703125,
  "fd_mean": 0.17186643581751548,
  "fd_num": 52,
  "fd_perc": 24.074074074074073,
  "fwhm_avg": 1.7016586111111112,
  "fwhm_x": 1.6746666666666667,
  "fwhm_y": 1.8931966666666666,
  "fwhm_z": 1.5371125,
  "gcor": 0.0204176,
  "gsr_x": 0.01163557544350624,
  "gsr_y": 0.03846948966383934,
  "provenance": {
    "md5sum": "128496b2f678681d4d459d747d209c95",
    "settings": {
      "fd_thres": 0.2,
      "testing": false
    },
    "software": "mriqc",
    "version": "23.0.1",
    "webapi_port": null,
    "webapi_url": "https://mriqc.nimh.nih.gov/api/v1"
  },
  "size_t": 216,
  "size_x": 64,
  "size_y": 64,
  "size_z": 26,
  "snr": 7.652591757479599,
  "spacing_tr": 1.5,
  "spacing_x": 3.0,
  "spacing_y": 3.0,
  "spacing_z": 4.0,
  "summary_bg_k": 11.922927046275104,
  "summary_bg_mad": 16.638093134251374,
  "summary_bg_mean": 56.89468765258789,
  "summary_bg_median": 19.310184478759766,
  "summary_bg_n": 48893.0,
  "summary_bg_p05": 7.009259223937988,
  "summary_bg_p95": 236.63981628417972,
  "summary_bg_stdv": 87.40582275390625,
  "summary_fg_k": 3.881692402920833,
  "summary_fg_mad": 83.10807091715111,
  "summary_fg_mean": 745.2484741210938,
  "summary_fg_median": 734.6851806640625,
  "summary_fg_n": 29405.0,
  "summary_fg_p05": 620.6657470703125,
  "summary_fg_p95": 901.6333618164062,
  "summary_fg_stdv": 96.00312042236328,
  "tsnr": 70.77612633164972
}