{
  "bids_meta": {
    "AcquisitionMatrixPE": 256,
    "AcquisitionNumber": 1,
    "AcquisitionTime": "13:49:21.675000",
    "BaseResolution": 256,
    "BodyPartExamined": "BRAIN",
    "ConsistencyInfo": "N4_VD13A_LATEST_20120616",
    "ConversionSoftware": "dcm2niix",
    "ConversionSoftwareVersion": "v1.0.20180518 GCC4.8.5",
    "DeviceSerialNumber": "45031",
    "DwellTime": 8.2e-06,
    "EchoTime": 0.00298,
    "FlipAngle": 9,
    "ImageOrientationPatientDICOM": [
      -0.0123221,
      0.992808,
      0.119084,
      -0.00324004,
      0.119053,
      -0.992883
    ],
    "ImageType": [
      "ORIGINAL",
      "PRIMARY",
      "M",
      "ND",
      "NORM"
    ],
    "InPlanePhaseEncodingDirectionDICOM": "ROW",
    "InstitutionAddress": "Washington_and_Faculty_Rd._-_Building_25_25_Princeton_NJ_US_085",
    "InstitutionName": "Princeton_University_-_Neuroscience_Institute",
    "InstitutionalDepartmentName": "Department",
    "InversionTime": 0.9,
    "MRAcquisitionType": "3D",
    "MagneticFieldStrength": 3,
    "Manufacturer": "Siemens",
    "ManufacturersModelName": "Skyra",
    "Modality": "MR",
    "ParallelReductionFactorInPlane": 2,
    "PartialFourier": 1,
    "PatientPosition": "HFS",
    "PercentPhaseFOV": 100,
    "PhaseEncodingSteps": 255,
    "PhaseResolution": 1,
    "PixelBandwidth": 240,
    "ProcedureStepDescription": "Turk-BrowneLab_Projects",
    "ProtocolName": "mprage_1x1x1_medium",
    "PulseSequenceDetails": "%SiemensSeq%_tfl",
    "ReceiveCoilActiveElements": "HE1-4",
    "ReceiveCoilName": "HeadNeck_20",
    "ReconMatrixPE": 256,
    "RepetitionTime": 2.3,
    "SAR": 0.0934421,
    "ScanOptions": "IR",
    "ScanningSequence": "GR_IR",
    "SequenceName": "_tfl3d1_16ns",
    "SequenceVariant": "SK_SP_MP",
    "SeriesDescription": "mprage_1x1x1_medium",
    "SeriesNumber": 16,
    "ShimSetting": [
      3377,
      8545,
      9243,
      328,
      23,
      -278,
      305,
      105
    ],
    "SliceThickness": 1,
    "SoftwareVersions": "syngo_MR_D13",
    "StationName": "AWP45031",
    "TxRefAmp": 359.833,
    "dataset": "ds001430",
    "modality": "T1w",
    "subject_id": "08"
  },
  "cjv": 0.34295378092627826,
  "cnr": 3.9100613032165406,
  "efc": 0.49764812270138686,
  "fber": 20453.175395599123,
  "fwhm_avg": 3.568053390080492,
  "fwhm_x": 3.6303901702414754,
  "fwhm_y": 3.7427,
  "fwhm_z": 3.33107,
  "icvs_csf": 0.200039411251825,
  "icvs_gm": 0.4537802213919061,
  "icvs_wm": 0.3461803673562689,
  "inu_med": 0.571333259344101,
  "inu_range": 0.2313413485884666,
  "provenance": {
    "md5sum": "c0490d909342c674c5105c5180e1f6de",
    "settings": {
      "testing": false
    },
    "software": "mriqc",
    "version": "23.0.1",
    "warnings": {
      "large_rot_frame": true,
      "small_air_mask": false
    },
    "webapi_port": null,
    "webapi_url": "https://mriqc.nimh.nih.gov/api/v1"
  },
  "qi_1": 0.0,
  "qi_2": 0.008193384820620422,
  "rpve_csf": 24.701697475038003,
  "rpve_gm": 11.772484619841945,
  "rpve_wm": 17.317184627044973,
  "size_x": 192,
  "size_y": 256,
  "size_z": 256,
  "snr_csf": 2.335216264471519,
  "snr_gm": 11.66878084317054,
  "snr_total": 11.441972598570752,
  "snr_wm": 20.321920688070197,
  "snrd_csf": 24.383622422930028,
  "snrd_gm": 64.26141525999977,
  "snrd_total": 60.31127718125369,
  "snrd_wm": 92.28879386083128,
  "spacing_x": 0.9999971985816956,
  "spacing_y": 1.0,
  "spacing_z": 1.0,
  "summary_bg_k": 9.999694743805533,
  "summary_bg_mad": 0.0,
  "summary_bg_mean": 4.1054699310114575,
  "summary_bg_median": 0.0,
  "summary_bg_n": 3463328.0,
  "summary_bg_p05": 0.0,
  "summary_bg_p95": 19.278650924563408,
  "summary_bg_stdv": 7.098764249001248,
  "summary_csf_k": 3.4359065422990183,
  "summary_csf_mad": 92.91972223438007,
  "summary_csf_mean": 275.716967264371,
  "summary_csf_median": 264.20999827980995,
  "summary_csf_n": 33979.0,
  "summary_csf_p05": 109.40456552356483,
  "summary_csf_p95": 483.6807214066385,
  "summary_csf_stdv": 113.13988962325571,
  "summary_gm_k": 0.28492054202206507,
  "summary_gm_mad": 57.37608274177385,
  "summary_gm_mean": 696.0828836658349,
  "summary_gm_median": 696.3078791499138,
  "summary_gm_n": 35125.0,
  "summary_gm_p05": 597.3536229282618,
  "summary_gm_p95": 794.187937478721,
  "summary_gm_stdv": 59.67186945934985,
  "summary_wm_k": 0.4439276661910201,
  "summary_wm_mad": 46.77627333819247,
  "summary_wm_mean": 1000.3116489331035,
  "summary_wm_median": 999.9999854117632,
  "summary_wm_n": 217742.0,
  "summary_wm_p05": 919.9686854481697,
  "summary_wm_p95": 1081.0627999082208,
  "summary_wm_stdv": 49.207833475139196,
  "tpm_overlap_csf": 0.16251835808197163,
  "tpm_overlap_gm": 0.4673483110287268,
  "tpm_overlap_wm": 0.5054016356254911,
  "wm2max": 0.5342983213836252
}