{
  "bids_meta": {
    "AcquisitionMatrixPE": 256,
    "AcquisitionNumber": 1,
    "AcquisitionTime": "20:25:53.725000",
    "BaseResolution": 256,
    "BodyPartExamined": "BRAIN",
    "ConsistencyInfo": "N4_VD13A_LATEST_20120616",
    "ConversionSoftware": "dcm2niix",
    "ConversionSoftwareVersion": "v1.0.20180518 GCC4.8.5",
    "DeviceSerialNumber": "45031",
    "DwellTime": 8.2e-06,
    "EchoTime": 0.00298,
    "FlipAngle": 9,
    "ImageOrientationPatientDICOM": [
      -0.0820502,
      0.986502,
      0.141711,
      0.0289721,
      0.144491,
      -0.989082
    ],
    "ImageType": [
      "ORIGINAL",
      "PRIMARY",
      "M",
      "ND",
      "NORM"
    ],
    "InPlanePhaseEncodingDirectionDICOM": "ROW",
    "InstitutionAddress": "Washington_and_Faculty_Rd._-_Building_25_25_Princeton_NJ_US_085",
    "InstitutionName": "Princeton_University_-_Neuroscience_Institute",
    "InstitutionalDepartmentName": "Department",
    "InversionTime": 0.9,
    "MRAcquisitionType": "3D",
    "MagneticFieldStrength": 3,
    "Manufacturer": "Siemens",
    "ManufacturersModelName": "Skyra",
    "Modality": "MR",
    "ParallelReductionFactorInPlane": 2,
    "PartialFourier": 1,
    "PatientPosition": "HFS",
    "PercentPhaseFOV": 100,
    "PhaseEncodingSteps": 255,
    "PhaseResolution": 1,
    "PixelBandwidth": 240,
    "ProcedureStepDescription": "Turk-BrowneLab_Projects",
    "ProtocolName": "mprage_1x1x1_medium",
    "PulseSequenceDetails": "%SiemensSeq%_tfl",
    "ReceiveCoilActiveElements": "HE1-4",
    "ReceiveCoilName": "HeadNeck_20",
    "ReconMatrixPE": 256,
    "RepetitionTime": 2.3,
    "SAR": 0.081724,
    "ScanOptions": "IR",
    "ScanningSequence": "GR_IR",
    "SequenceName": "_tfl3d1_16ns",
    "SequenceVariant": "SK_SP_MP",
    "SeriesDescription": "mprage_1x1x1_medium",
    "SeriesNumber": 16,
    "ShimSetting": [
      3419,
      8574,
      9253,
      240,
      230,
      -343,
      269,
      55
    ],
    "SliceThickness": 1,
    "SoftwareVersions": "syngo_MR_D13",
    "StationName": "AWP45031",
    "TxRefAmp": 327.072,
    "dataset": "ds001430",
    "modality": "T1w",
    "subject_id": "17"
  },
  "cjv": 0.3417413620502005,
  "cnr": 3.926572946207756,
  "efc": 0.4582525818980138,
  "fber": 14023.324428416372,
  "fwhm_avg": 3.723121053251132,
  "fwhm_x": 3.8253431597533942,
  "fwhm_y": 3.9456,
  "fwhm_z": 3.39842,
  "icvs_csf": 0.20492507146597186,
  "icvs_gm": 0.4508177094090445,
  "icvs_wm": 0.34425721912498364,
  "inu_med": 0.6212323904037476,
  "inu_range": 0.23531568050384521,
  "provenance": {
    "md5sum": "a9aabb5b1e4a9eed02855aac4148fbf6",
    "settings": {
      "testing": false
    },
    "software": "mriqc",
    "version": "23.0.1",
    "warnings": {
      "large_rot_frame": true,
      "small_air_mask": false
    },
    "webapi_port": null,
    "webapi_url": "https://mriqc.nimh.nih.gov/api/v1"
  },
  "qi_1": 0.0,
  "qi_2": 0.006335703336951602,
  "rpve_csf": 29.186657243420637,
  "rpve_gm": 14.068235014756267,
  "rpve_wm": 20.50883063187421,
  "size_x": 192,
  "size_y": 256,
  "size_z": 256,
  "snr_csf": 1.653811922167359,
  "snr_gm": 10.010290042065607,
  "snr_total": 10.769103797416589,
  "snr_wm": 20.643209428016796,
  "snrd_csf": 16.564199646942768,
  "snrd_gm": 54.241126589085596,
  "snrd_total": 50.4651224863969,
  "snrd_wm": 80.59004122316236,
  "spacing_x": 1.0000017881393433,
  "spacing_y": 1.0,
  "spacing_z": 1.0,
  "summary_bg_k": 11.458944384839084,
  "summary_bg_mad": 0.0,
  "summary_bg_mean": 5.211768141762746,
  "summary_bg_median": 0.0,
  "summary_bg_n": 3435917.0,
  "summary_bg_p05": 0.0,
  "summary_bg_p95": 21.983390115201473,
  "summary_bg_stdv": 8.129247531525305,
  "summary_csf_k": 3.176812612135823,
  "summary_csf_mad": 116.51259139346416,
  "summary_csf_mean": 225.22661399755611,
  "summary_csf_median": 205.5365555807948,
  "summary_csf_n": 32811.0,
  "summary_csf_p05": 61.7814682200551,
  "summary_csf_p95": 458.41067787632346,
  "summary_csf_stdv": 124.27859581443897,
  "summary_gm_k": 0.1473474619309476,
  "summary_gm_mad": 65.37838737950703,
  "summary_gm_mean": 672.960314941894,
  "summary_gm_median": 673.0499853640795,
  "summary_gm_n": 33405.0,
  "summary_gm_p05": 561.2831732198596,
  "summary_gm_p95": 784.6930391639471,
  "summary_gm_stdv": 67.23480622139078,
  "summary_wm_k": 0.3835304491752445,
  "summary_wm_mad": 46.35395264721326,
  "summary_wm_mean": 998.8817541873623,
  "summary_wm_median": 999.9999903514981,
  "summary_wm_n": 181969.0,
  "summary_wm_p05": 917.244739562273,
  "summary_wm_p95": 1076.293752846122,
  "summary_wm_stdv": 48.44194630268082,
  "tpm_overlap_csf": 0.1449706834203712,
  "tpm_overlap_gm": 0.47692577992377905,
  "tpm_overlap_wm": 0.5102236403104109,
  "wm2max": 0.5352380288319069
}