{
  "aor": 0.0008161486486486487,
  "aqi": 0.005199379189189189,
  "bids_meta": {
    "AcquisitionMatrixPE": 64,
    "AcquisitionNumber": 1,
    "AcquisitionTime": "16:35:27.942500",
    "BandwidthPerPixelPhaseEncode": 40.064,
    "BaseResolution": 64,
    "BodyPartExamined": "BRAIN",
    "ConsistencyInfo": "N4_VD13A_LATEST_20120616",
    "ConversionSoftware": "dcm2niix",
    "ConversionSoftwareVersion": "v1.0.20180518 GCC4.8.5",
    "DerivedVendorReportedEchoSpacing": 0.000780002,
    "DeviceSerialNumber": "45031",
    "DwellTime": 5.4e-06,
    "EchoTime": 0.028,
    "EchoTrainLength": 32,
    "EffectiveEchoSpacing": 0.000390001,
    "FlipAngle": 64,
    "ImageOrientationPatientDICOM": [
      0.989364,
      0.0222851,
      0.143745,
      -0.0267881,
      0.999207,
      0.0294675
    ],
    "ImageType": [
      "ORIGINAL",
      "PRIMARY",
      "M",
      "ND",
      "NORM",
      "MOSAIC"
    ],
    "InPlanePhaseEncodingDirectionDICOM": "COL",
    "InstitutionAddress": "Washington_and_Faculty_Rd._-_Building_25_25_Princeton_NJ_US_085",
    "InstitutionName": "Princeton_University_-_Neuroscience_Institute",
    "InstitutionalDepartmentName": "Department",
    "MRAcquisitionType": "2D",
    "MagneticFieldStrength": 3,
    "Manufacturer": "Siemens",
    "ManufacturersModelName": "Skyra",
    "Modality": "MR",
    "ParallelReductionFactorInPlane": 2,
    "PartialFourier": 1,
    "PatientPosition": "HFS",
    "PercentPhaseFOV": 100,
    "PhaseEncodingDirection": "j-",
    "PhaseEncodingSteps": 64,
    "PhaseResolution": 1,
    "PixelBandwidth": 1445,
    "ProcedureStepDescription": "Turk-BrowneLab_Projects",
    "ProtocolName": "epi_3x3x4_1.5s_148TR",
    "PulseSequenceDetails": "%SiemensSeq%_ep2d_bold",
    "ReceiveCoilActiveElements": "HE1-4",
    "ReceiveCoilName": "HeadNeck_20",
    "ReconMatrixPE": 64,
    "RepetitionTime": 1.5,
    "SAR": 0.0843775,
    "ScanOptions": "FS",
    "ScanningSequence": "EP",
    "SequenceName": "_epfid2d1_64",
    "SequenceVariant": "SK",
    "SeriesDescription": "epi_3x3x4_1.5s_148TR",
    "SeriesNumber": 5,
    "ShimSetting": [
      3414,
      8631,
      9046,
      268,
      84,
      482,
      545,
      -32
    ],
    "SliceThickness": 4,
    "SliceTiming": [
      0.74,
      0,
      0.7975,
      0.0575,
      0.855,
      0.115,
      0.9125,
      0.1725,
      0.9675,
      0.2275,
      1.025,
      0.285,
      1.0825,
      0.3425,
      1.14,
      0.4,
      1.1975,
      0.4575,
      1.2525,
      0.5125,
      1.31,
      0.57,
      1.3675,
      0.6275,
      1.425,
      0.685
    ],
    "SoftwareVersions": "syngo_MR_D13",
    "SpacingBetweenSlices": 4,
    "StationName": "AWP45031",
    "TotalReadoutTime": 0.0245701,
    "TxRefAmp": 338.17,
    "dataset": "ds001430",
    "modality": "bold",
    "run_id": 1,
    "subject_id": "18",
    "task_id": "phase1"
  },
  "dummy_trs": 0,
  "dvars_nstd": 17.96393013653061,
  "dvars_std": 1.0832850442176873,
  "dvars_vstd": 0.9971945811564626,
  "efc": 0.5890631344858186,
  "fber": 2423.224365234375,
  "fd_mean": 0.10613146100371076,
  "fd_num": 0,
  "fd_perc": 0.0,
  "fwhm_avg": 1.6581624409104456,
  "fwhm_x": 1.5957133333333333,
  "fwhm_y": 1.8917366666666666,
  "fwhm_z": 1.4870373227313372,
  "gcor": 0.0230618,
  "gsr_x": -0.006634006276726723,
  "gsr_y": 0.04557206854224205,
  "provenance": {
    "md5sum": "e77b9657d2c7df2eb39c9ff4b3835dac",
    "settings": {
      "fd_thres": 0.2,
      "testing": false
    },
    "software": "mriqc",
    "version": "23.0.1",
    "webapi_port": null,
    "webapi_url": "https://mriqc.nimh.nih.gov/api/v1"
  },
  "size_t": 148,
  "size_x": 64,
  "size_y": 64,
  "size_z": 26,
  "snr": 7.918493761039769,
  "spacing_tr": 1.5,
  "spacing_x": 3.0,
  "spacing_y": 3.0,
  "spacing_z": 4.000000476837158,
  "summary_bg_k": 27.712907920894914,
  "summary_bg_mad": 7.873820234098046,
  "summary_bg_mean": 35.612178802490234,
  "summary_bg_median": 13.141892433166504,
  "summary_bg_n": 51960.0,
  "summary_bg_p05": 6.641891956329346,
  "summary_bg_p95": 144.87466812133763,
  "summary_bg_stdv": 65.00357055664062,
  "summary_fg_k": 2.342691733123014,
  "summary_fg_mad": 82.17429575279813,
  "summary_fg_mean": 679.71142578125,
  "summary_fg_median": 674.75,
  "summary_fg_n": 26741.0,
  "summary_fg_p05": 559.7770385742188,
  "summary_fg_p95": 816.770263671875,
  "summary_fg_stdv": 85.21031951904297,
  "tsnr": 88.31293810927309
}