{
  "aor": 0.0038012037037037033,
  "aqi": 0.012344243055555556,
  "bids_meta": {
    "AcquisitionMatrixPE": 64,
    "AcquisitionNumber": 1,
    "AcquisitionTime": "17:33:16.420000",
    "BandwidthPerPixelPhaseEncode": 40.064,
    "BaseResolution": 64,
    "BodyPartExamined": "BRAIN",
    "ConsistencyInfo": "N4_VD13A_LATEST_20120616",
    "ConversionSoftware": "dcm2niix",
    "ConversionSoftwareVersion": "v1.0.20180518 GCC4.8.5",
    "DerivedVendorReportedEchoSpacing": 0.000780002,
    "DeviceSerialNumber": "45031",
    "DwellTime": 5.4e-06,
    "EchoTime": 0.028,
    "EchoTrainLength": 32,
    "EffectiveEchoSpacing": 0.000390001,
    "FlipAngle": 64,
    "ImageOrientationPatientDICOM": [
      0.989364,
      0.0222851,
      0.143745,
      -0.0267881,
      0.999207,
      0.0294675
    ],
    "ImageType": [
      "ORIGINAL",
      "PRIMARY",
      "M",
      "ND",
      "NORM",
      "MOSAIC"
    ],
    "InPlanePhaseEncodingDirectionDICOM": "COL",
    "InstitutionAddress": "Washington_and_Faculty_Rd._-_Building_25_25_Princeton_NJ_US_085",
    "InstitutionName": "Princeton_University_-_Neuroscience_Institute",
    "InstitutionalDepartmentName": "Department",
    "MRAcquisitionType": "2D",
    "MagneticFieldStrength": 3,
    "Manufacturer": "Siemens",
    "ManufacturersModelName": "Skyra",
    "Modality": "MR",
    "ParallelReductionFactorInPlane": 2,
    "PartialFourier": 1,
    "PatientPosition": "HFS",
    "PercentPhaseFOV": 100,
    "PhaseEncodingDirection": "j-",
    "PhaseEncodingSteps": 64,
    "PhaseResolution": 1,
    "PixelBandwidth": 1445,
    "ProcedureStepDescription": "Turk-BrowneLab_Projects",
    "ProtocolName": "epi_3x3x4_1.5s_216TR",
    "PulseSequenceDetails": "%SiemensSeq%_ep2d_bold",
    "ReceiveCoilActiveElements": "HE1-4",
    "ReceiveCoilName": "HeadNeck_20",
    "ReconMatrixPE": 64,
    "RepetitionTime": 1.5,
    "SAR": 0.0843786,
    "ScanOptions": "FS",
    "ScanningSequence": "EP",
    "SequenceName": "_epfid2d1_64",
    "SequenceVariant": "SK",
    "SeriesDescription": "epi_3x3x4_1.5s_216TR",
    "SeriesNumber": 12,
    "ShimSetting": [
      3414,
      8631,
      9046,
      268,
      84,
      482,
      545,
      -32
    ],
    "SliceThickness": 4,
    "SliceTiming": [
      0.74,
      0,
      0.7975,
      0.0575,
      0.8525,
      0.1125,
      0.91,
      0.17,
      0.9675,
      0.2275,
      1.025,
      0.285,
      1.08,
      0.34,
      1.1375,
      0.3975,
      1.195,
      0.455,
      1.2525,
      0.5125,
      1.31,
      0.57,
      1.365,
      0.625,
      1.4225,
      0.6825
    ],
    "SoftwareVersions": "syngo_MR_D13",
    "SpacingBetweenSlices": 4,
    "StationName": "AWP45031",
    "TotalReadoutTime": 0.0245701,
    "TxRefAmp": 338.17,
    "dataset": "ds001430",
    "modality": "bold",
    "run_id": 1,
    "subject_id": "18",
    "task_id": "loc"
  },
  "dummy_trs": 0,
  "dvars_nstd": 19.96274274344186,
  "dvars_std": 1.099046856511628,
  "dvars_vstd": 1.00704736627907,
  "efc": 0.5747019105616831,
  "fber": 2854.69384765625,
  "fd_mean": 0.14359767849856225,
  "fd_num": 30,
  "fd_perc": 13.88888888888889,
  "fwhm_avg": 1.6464032739897638,
  "fwhm_x": 1.5639399999999999,
  "fwhm_y": 1.8818400000000002,
  "fwhm_z": 1.4934298219692919,
  "gcor": 0.0368629,
  "gsr_x": 0.0009740629466250539,
  "gsr_y": 0.05006564036011696,
  "provenance": {
    "md5sum": "9e17e3a1c87610e5d4ae1059be86b302",
    "settings": {
      "fd_thres": 0.2,
      "testing": false
    },
    "software": "mriqc",
    "version": "23.0.1",
    "webapi_port": null,
    "webapi_url": "https://mriqc.nimh.nih.gov/api/v1"
  },
  "size_t": 216,
  "size_x": 64,
  "size_y": 64,
  "size_z": 26,
  "snr": 7.9918870614469,
  "spacing_tr": 1.5,
  "spacing_x": 3.0,
  "spacing_y": 3.0,
  "spacing_z": 4.000000476837158,
  "summary_bg_k": 32.57226171482039,
  "summary_bg_mad": 6.870763713500339,
  "summary_bg_mean": 33.184364318847656,
  "summary_bg_median": 12.245370864868164,
  "summary_bg_n": 53665.0,
  "summary_bg_p05": 6.467592716217041,
  "summary_bg_p95": 129.36111450195312,
  "summary_bg_stdv": 63.971107482910156,
  "summary_fg_k": 2.502987610236403,
  "summary_fg_mad": 80.6164956312421,
  "summary_fg_mean": 685.2026977539062,
  "summary_fg_median": 678.3055419921875,
  "summary_fg_n": 25435.0,
  "summary_fg_p05": 567.6588195800781,
  "summary_fg_p95": 825.5458435058594,
  "summary_fg_stdv": 84.87259674072266,
  "tsnr": 65.02187529020011
}