{
  "aor": 0.005544722222222222,
  "aqi": 0.018023979120370372,
  "bids_meta": {
    "AcquisitionMatrixPE": 64,
    "AcquisitionNumber": 1,
    "AcquisitionTime": "17:45:39.625000",
    "BandwidthPerPixelPhaseEncode": 40.064,
    "BaseResolution": 64,
    "BodyPartExamined": "BRAIN",
    "ConsistencyInfo": "N4_VD13A_LATEST_20120616",
    "ConversionSoftware": "dcm2niix",
    "ConversionSoftwareVersion": "v1.0.20180518 GCC4.8.5",
    "DerivedVendorReportedEchoSpacing": 0.000780002,
    "DeviceSerialNumber": "45031",
    "DwellTime": 5.4e-06,
    "EchoTime": 0.028,
    "EchoTrainLength": 32,
    "EffectiveEchoSpacing": 0.000390001,
    "FlipAngle": 64,
    "ImageOrientationPatientDICOM": [
      0.989364,
      0.0222851,
      0.143745,
      -0.0267881,
      0.999207,
      0.0294675
    ],
    "ImageType": [
      "ORIGINAL",
      "PRIMARY",
      "M",
      "ND",
      "NORM",
      "MOSAIC"
    ],
    "InPlanePhaseEncodingDirectionDICOM": "COL",
    "InstitutionAddress": "Washington_and_Faculty_Rd._-_Building_25_25_Princeton_NJ_US_085",
    "InstitutionName": "Princeton_University_-_Neuroscience_Institute",
    "InstitutionalDepartmentName": "Department",
    "MRAcquisitionType": "2D",
    "MagneticFieldStrength": 3,
    "Manufacturer": "Siemens",
    "ManufacturersModelName": "Skyra",
    "Modality": "MR",
    "ParallelReductionFactorInPlane": 2,
    "PartialFourier": 1,
    "PatientPosition": "HFS",
    "PercentPhaseFOV": 100,
    "PhaseEncodingDirection": "j-",
    "PhaseEncodingSteps": 64,
    "PhaseResolution": 1,
    "PixelBandwidth": 1445,
    "ProcedureStepDescription": "Turk-BrowneLab_Projects",
    "ProtocolName": "epi_3x3x4_1.5s_216TR",
    "PulseSequenceDetails": "%SiemensSeq%_ep2d_bold",
    "ReceiveCoilActiveElements": "HE1-4",
    "ReceiveCoilName": "HeadNeck_20",
    "ReconMatrixPE": 64,
    "RepetitionTime": 1.5,
    "SAR": 0.0843786,
    "ScanOptions": "FS",
    "ScanningSequence": "EP",
    "SequenceName": "_epfid2d1_64",
    "SequenceVariant": "SK",
    "SeriesDescription": "epi_3x3x4_1.5s_216TR",
    "SeriesNumber": 14,
    "ShimSetting": [
      3414,
      8631,
      9046,
      268,
      84,
      482,
      545,
      -32
    ],
    "SliceThickness": 4,
    "SliceTiming": [
      0.74,
      0,
      0.7975,
      0.0575,
      0.8525,
      0.1125,
      0.91,
      0.17,
      0.9675,
      0.2275,
      1.025,
      0.285,
      1.0825,
      0.3425,
      1.1375,
      0.3975,
      1.195,
      0.455,
      1.2525,
      0.5125,
      1.31,
      0.57,
      1.365,
      0.625,
      1.4225,
      0.6825
    ],
    "SoftwareVersions": "syngo_MR_D13",
    "SpacingBetweenSlices": 4,
    "StationName": "AWP45031",
    "TotalReadoutTime": 0.0245701,
    "TxRefAmp": 338.17,
    "dataset": "ds001430",
    "modality": "bold",
    "run_id": 3,
    "subject_id": "18",
    "task_id": "loc"
  },
  "dummy_trs": 0,
  "dvars_nstd": 21.856876568790696,
  "dvars_std": 1.0707489880465118,
  "dvars_vstd": 0.9974389779534885,
  "efc": 0.5767204983556404,
  "fber": 2849.777587890625,
  "fd_mean": 0.23081410556238244,
  "fd_num": 67,
  "fd_perc": 31.01851851851852,
  "fwhm_avg": 1.6636710517866151,
  "fwhm_x": 1.58805,
  "fwhm_y": 1.9100133333333333,
  "fwhm_z": 1.4929498220265123,
  "gcor": 0.0186694,
  "gsr_x": 0.0005946431192569435,
  "gsr_y": 0.05088700354099274,
  "provenance": {
    "md5sum": "f93f4dfeb0dd4c195d513f6d485a9a47",
    "settings": {
      "fd_thres": 0.2,
      "testing": false
    },
    "software": "mriqc",
    "version": "23.0.1",
    "webapi_port": null,
    "webapi_url": "https://mriqc.nimh.nih.gov/api/v1"
  },
  "size_t": 216,
  "size_x": 64,
  "size_y": 64,
  "size_z": 26,
  "snr": 7.986958876707486,
  "spacing_tr": 1.5,
  "spacing_x": 3.0,
  "spacing_y": 3.0,
  "spacing_z": 4.000000476837158,
  "summary_bg_k": 32.347832251862904,
  "summary_bg_mad": 7.2208212352789305,
  "summary_bg_mean": 33.48783874511719,
  "summary_bg_median": 12.30555534362793,
  "summary_bg_n": 53382.0,
  "summary_bg_p05": 6.328703880310059,
  "summary_bg_p95": 128.30347366332995,
  "summary_bg_stdv": 64.59735870361328,
  "summary_fg_k": 2.4883804664182625,
  "summary_fg_mad": 80.05364249408971,
  "summary_fg_mean": 682.4208984375,
  "summary_fg_median": 675.4166870117188,
  "summary_fg_n": 25583.0,
  "summary_fg_p05": 565.2504577636719,
  "summary_fg_p95": 821.3773315429686,
  "summary_fg_stdv": 84.56328582763672,
  "tsnr": 51.56958385929465
}