{
  "aor": 0.0008781756756756755,
  "aqi": 0.006135997837837838,
  "bids_meta": {
    "AcquisitionMatrixPE": 64,
    "AcquisitionNumber": 1,
    "AcquisitionTime": "16:44:47.632500",
    "BandwidthPerPixelPhaseEncode": 40.064,
    "BaseResolution": 64,
    "BodyPartExamined": "BRAIN",
    "ConsistencyInfo": "N4_VD13A_LATEST_20120616",
    "ConversionSoftware": "dcm2niix",
    "ConversionSoftwareVersion": "v1.0.20180518 GCC4.8.5",
    "DerivedVendorReportedEchoSpacing": 0.000780002,
    "DeviceSerialNumber": "45031",
    "DwellTime": 5.4e-06,
    "EchoTime": 0.028,
    "EchoTrainLength": 32,
    "EffectiveEchoSpacing": 0.000390001,
    "FlipAngle": 64,
    "ImageOrientationPatientDICOM": [
      0.989364,
      0.0222851,
      0.143745,
      -0.0267881,
      0.999207,
      0.0294675
    ],
    "ImageType": [
      "ORIGINAL",
      "PRIMARY",
      "M",
      "ND",
      "NORM",
      "MOSAIC"
    ],
    "InPlanePhaseEncodingDirectionDICOM": "COL",
    "InstitutionAddress": "Washington_and_Faculty_Rd._-_Building_25_25_Princeton_NJ_US_085",
    "InstitutionName": "Princeton_University_-_Neuroscience_Institute",
    "InstitutionalDepartmentName": "Department",
    "MRAcquisitionType": "2D",
    "MagneticFieldStrength": 3,
    "Manufacturer": "Siemens",
    "ManufacturersModelName": "Skyra",
    "Modality": "MR",
    "ParallelReductionFactorInPlane": 2,
    "PartialFourier": 1,
    "PatientPosition": "HFS",
    "PercentPhaseFOV": 100,
    "PhaseEncodingDirection": "j-",
    "PhaseEncodingSteps": 64,
    "PhaseResolution": 1,
    "PixelBandwidth": 1445,
    "ProcedureStepDescription": "Turk-BrowneLab_Projects",
    "ProtocolName": "epi_3x3x4_1.5s_148TR",
    "PulseSequenceDetails": "%SiemensSeq%_ep2d_bold",
    "ReceiveCoilActiveElements": "HE1-4",
    "ReceiveCoilName": "HeadNeck_20",
    "ReconMatrixPE": 64,
    "RepetitionTime": 1.5,
    "SAR": 0.0843775,
    "ScanOptions": "FS",
    "ScanningSequence": "EP",
    "SequenceName": "_epfid2d1_64",
    "SequenceVariant": "SK",
    "SeriesDescription": "epi_3x3x4_1.5s_148TR",
    "SeriesNumber": 7,
    "ShimSetting": [
      3414,
      8631,
      9046,
      268,
      84,
      482,
      545,
      -32
    ],
    "SliceThickness": 4,
    "SliceTiming": [
      0.74,
      0,
      0.7975,
      0.0575,
      0.8525,
      0.1125,
      0.91,
      0.17,
      0.9675,
      0.2275,
      1.025,
      0.285,
      1.0825,
      0.3425,
      1.1375,
      0.3975,
      1.195,
      0.455,
      1.2525,
      0.5125,
      1.31,
      0.57,
      1.365,
      0.625,
      1.4225,
      0.6825
    ],
    "SoftwareVersions": "syngo_MR_D13",
    "SpacingBetweenSlices": 4,
    "StationName": "AWP45031",
    "TotalReadoutTime": 0.0245701,
    "TxRefAmp": 338.17,
    "dataset": "ds001430",
    "modality": "bold",
    "run_id": 3,
    "subject_id": "18",
    "task_id": "phase1"
  },
  "dummy_trs": 0,
  "dvars_nstd": 19.500368429999998,
  "dvars_std": 1.1368713682312923,
  "dvars_vstd": 1.0039981735374146,
  "efc": 0.5888965883903768,
  "fber": 2466.529052734375,
  "fd_mean": 0.11827146648061364,
  "fd_num": 2,
  "fd_perc": 1.3513513513513513,
  "fwhm_avg": 1.6522452190643289,
  "fwhm_x": 1.5962633333333331,
  "fwhm_y": 1.8829,
  "fwhm_z": 1.477572323859653,
  "gcor": 0.0360638,
  "gsr_x": -0.006254929583519697,
  "gsr_y": 0.04617752134799957,
  "provenance": {
    "md5sum": "7d67f9c387d4946b48049fb0398a7eaa",
    "settings": {
      "fd_thres": 0.2,
      "testing": false
    },
    "software": "mriqc",
    "version": "23.0.1",
    "webapi_port": null,
    "webapi_url": "https://mriqc.nimh.nih.gov/api/v1"
  },
  "size_t": 148,
  "size_x": 64,
  "size_y": 64,
  "size_z": 26,
  "snr": 7.945696935679808,
  "spacing_tr": 1.5,
  "spacing_x": 3.0,
  "spacing_y": 3.0,
  "spacing_z": 4.000000476837158,
  "summary_bg_k": 28.915098662112914,
  "summary_bg_mad": 7.943943579498652,
  "summary_bg_mean": 36.03767776489258,
  "summary_bg_median": 13.108108520507812,
  "summary_bg_n": 51998.0,
  "summary_bg_p05": 6.581081390380859,
  "summary_bg_p95": 146.2445960998524,
  "summary_bg_stdv": 66.95154571533203,
  "summary_fg_k": 2.5677619181337628,
  "summary_fg_mad": 82.19927122962355,
  "summary_fg_mean": 680.8984985351562,
  "summary_fg_median": 676.45947265625,
  "summary_fg_n": 26694.0,
  "summary_fg_p05": 562.6719573974609,
  "summary_fg_p95": 817.3969665527343,
  "summary_fg_stdv": 85.13372802734375,
  "tsnr": 85.58673522202298
}