{
  "aor": 0.0007547222222222222,
  "aqi": 0.009544144074074072,
  "bids_meta": {
    "AcquisitionMatrixPE": 64,
    "AcquisitionNumber": 1,
    "AcquisitionTime": "17:39:23.495000",
    "BandwidthPerPixelPhaseEncode": 40.064,
    "BaseResolution": 64,
    "BodyPartExamined": "BRAIN",
    "ConsistencyInfo": "N4_VD13A_LATEST_20120616",
    "ConversionSoftware": "dcm2niix",
    "ConversionSoftwareVersion": "v1.0.20180518 GCC4.8.5",
    "DerivedVendorReportedEchoSpacing": 0.000780002,
    "DeviceSerialNumber": "45031",
    "DwellTime": 5.4e-06,
    "EchoTime": 0.028,
    "EchoTrainLength": 32,
    "EffectiveEchoSpacing": 0.000390001,
    "FlipAngle": 64,
    "ImageOrientationPatientDICOM": [
      0.989364,
      0.0222851,
      0.143745,
      -0.0267881,
      0.999207,
      0.0294675
    ],
    "ImageType": [
      "ORIGINAL",
      "PRIMARY",
      "M",
      "ND",
      "NORM",
      "MOSAIC"
    ],
    "InPlanePhaseEncodingDirectionDICOM": "COL",
    "InstitutionAddress": "Washington_and_Faculty_Rd._-_Building_25_25_Princeton_NJ_US_085",
    "InstitutionName": "Princeton_University_-_Neuroscience_Institute",
    "InstitutionalDepartmentName": "Department",
    "MRAcquisitionType": "2D",
    "MagneticFieldStrength": 3,
    "Manufacturer": "Siemens",
    "ManufacturersModelName": "Skyra",
    "Modality": "MR",
    "ParallelReductionFactorInPlane": 2,
    "PartialFourier": 1,
    "PatientPosition": "HFS",
    "PercentPhaseFOV": 100,
    "PhaseEncodingDirection": "j-",
    "PhaseEncodingSteps": 64,
    "PhaseResolution": 1,
    "PixelBandwidth": 1445,
    "ProcedureStepDescription": "Turk-BrowneLab_Projects",
    "ProtocolName": "epi_3x3x4_1.5s_216TR",
    "PulseSequenceDetails": "%SiemensSeq%_ep2d_bold",
    "ReceiveCoilActiveElements": "HE1-4",
    "ReceiveCoilName": "HeadNeck_20",
    "ReconMatrixPE": 64,
    "RepetitionTime": 1.5,
    "SAR": 0.0843786,
    "ScanOptions": "FS",
    "ScanningSequence": "EP",
    "SequenceName": "_epfid2d1_64",
    "SequenceVariant": "SK",
    "SeriesDescription": "epi_3x3x4_1.5s_216TR",
    "SeriesNumber": 13,
    "ShimSetting": [
      3414,
      8631,
      9046,
      268,
      84,
      482,
      545,
      -32
    ],
    "SliceThickness": 4,
    "SliceTiming": [
      0.74,
      0,
      0.7975,
      0.0575,
      0.855,
      0.115,
      0.91,
      0.17,
      0.9675,
      0.2275,
      1.025,
      0.285,
      1.0825,
      0.3425,
      1.14,
      0.4,
      1.195,
      0.455,
      1.2525,
      0.5125,
      1.31,
      0.57,
      1.3675,
      0.6275,
      1.4225,
      0.6825
    ],
    "SoftwareVersions": "syngo_MR_D13",
    "SpacingBetweenSlices": 4,
    "StationName": "AWP45031",
    "TotalReadoutTime": 0.0245701,
    "TxRefAmp": 338.17,
    "dataset": "ds001430",
    "modality": "bold",
    "run_id": 2,
    "subject_id": "18",
    "task_id": "loc"
  },
  "dummy_trs": 0,
  "dvars_nstd": 19.365469680139544,
  "dvars_std": 1.0981431380465119,
  "dvars_vstd": 1.0020283987906968,
  "efc": 0.5730536406283703,
  "fber": 2940.11279296875,
  "fd_mean": 0.13484500771117303,
  "fd_num": 35,
  "fd_perc": 16.203703703703702,
  "fwhm_avg": 1.6370679969388646,
  "fwhm_x": 1.5661066666666665,
  "fwhm_y": 1.86996,
  "fwhm_z": 1.4751373241499275,
  "gcor": 0.0452165,
  "gsr_x": 0.0012215952156111598,
  "gsr_y": 0.05007263273000717,
  "provenance": {
    "md5sum": "d38cef1a47045bb7c85d17644e2b55bb",
    "settings": {
      "fd_thres": 0.2,
      "testing": false
    },
    "software": "mriqc",
    "version": "23.0.1",
    "webapi_port": null,
    "webapi_url": "https://mriqc.nimh.nih.gov/api/v1"
  },
  "size_t": 216,
  "size_x": 64,
  "size_y": 64,
  "size_z": 26,
  "snr": 7.98826200904462,
  "spacing_tr": 1.5,
  "spacing_x": 3.0,
  "spacing_y": 3.0,
  "spacing_z": 4.000000476837158,
  "summary_bg_k": 32.921495951856976,
  "summary_bg_mad": 6.850171387612358,
  "summary_bg_mean": 33.071502685546875,
  "summary_bg_median": 12.125,
  "summary_bg_n": 53824.0,
  "summary_bg_p05": 6.375,
  "summary_bg_p95": 128.7393486022949,
  "summary_bg_stdv": 64.0730209350586,
  "summary_fg_k": 2.706240307052596,
  "summary_fg_mad": 80.91163156481485,
  "summary_fg_mean": 684.8800048828125,
  "summary_fg_median": 678.2222290039062,
  "summary_fg_n": 25290.0,
  "summary_fg_p05": 567.6528106689453,
  "summary_fg_p95": 824.9736206054687,
  "summary_fg_stdv": 84.90067291259766,
  "tsnr": 71.29556832078379
}