{
  "aor": 0.0033869594594594593,
  "aqi": 0.005881456351351351,
  "bids_meta": {
    "AcquisitionMatrixPE": 64,
    "AcquisitionNumber": 1,
    "AcquisitionTime": "10:40:8.922500",
    "BandwidthPerPixelPhaseEncode": 40.064,
    "BaseResolution": 64,
    "BodyPartExamined": "BRAIN",
    "ConsistencyInfo": "N4_VD13A_LATEST_20120616",
    "ConversionSoftware": "dcm2niix",
    "ConversionSoftwareVersion": "v1.0.20180518 GCC4.8.5",
    "DerivedVendorReportedEchoSpacing": 0.000780002,
    "DeviceSerialNumber": "45031",
    "DwellTime": 5.4e-06,
    "EchoTime": 0.028,
    "EchoTrainLength": 32,
    "EffectiveEchoSpacing": 0.000390001,
    "FlipAngle": 64,
    "ImageOrientationPatientDICOM": [
      0.999355,
      0.0181427,
      0.0309738,
      -0.0176491,
      0.999714,
      -0.016137
    ],
    "ImageType": [
      "ORIGINAL",
      "PRIMARY",
      "M",
      "ND",
      "NORM",
      "MOSAIC"
    ],
    "InPlanePhaseEncodingDirectionDICOM": "COL",
    "InstitutionAddress": "Washington_and_Faculty_Rd._-_Building_25_25_Princeton_NJ_US_085",
    "InstitutionName": "Princeton_University_-_Neuroscience_Institute",
    "InstitutionalDepartmentName": "Department",
    "MRAcquisitionType": "2D",
    "MagneticFieldStrength": 3,
    "Manufacturer": "Siemens",
    "ManufacturersModelName": "Skyra",
    "Modality": "MR",
    "ParallelReductionFactorInPlane": 2,
    "PartialFourier": 1,
    "PatientPosition": "HFS",
    "PercentPhaseFOV": 100,
    "PhaseEncodingDirection": "j-",
    "PhaseEncodingSteps": 64,
    "PhaseResolution": 1,
    "PixelBandwidth": 1445,
    "ProcedureStepDescription": "Turk-BrowneLab_Projects",
    "ProtocolName": "epi_3x3x4_1.5s_148TR",
    "PulseSequenceDetails": "%SiemensSeq%_ep2d_bold",
    "ReceiveCoilActiveElements": "HE1-4",
    "ReceiveCoilName": "HeadNeck_20",
    "ReconMatrixPE": 64,
    "RepetitionTime": 1.5,
    "SAR": 0.0823959,
    "ScanOptions": "FS",
    "ScanningSequence": "EP",
    "SequenceName": "_epfid2d1_64",
    "SequenceVariant": "SK",
    "SeriesDescription": "epi_3x3x4_1.5s_148TR",
    "SeriesNumber": 9,
    "ShimSetting": [
      3413,
      8631,
      9343,
      321,
      45,
      238,
      171,
      138
    ],
    "SliceThickness": 4,
    "SliceTiming": [
      0.74,
      0,
      0.7975,
      0.0575,
      0.855,
      0.115,
      0.9125,
      0.1725,
      0.97,
      0.23,
      1.025,
      0.285,
      1.0825,
      0.3425,
      1.14,
      0.4,
      1.1975,
      0.4575,
      1.2525,
      0.5125,
      1.31,
      0.57,
      1.3675,
      0.6275,
      1.425,
      0.685
    ],
    "SoftwareVersions": "syngo_MR_D13",
    "SpacingBetweenSlices": 4,
    "StationName": "AWP45031",
    "TotalReadoutTime": 0.0245701,
    "TxRefAmp": 330.941,
    "dataset": "ds001430",
    "modality": "bold",
    "run_id": 1,
    "subject_id": "15",
    "task_id": "phase1"
  },
  "dummy_trs": 0,
  "dvars_nstd": 23.599943251904758,
  "dvars_std": 1.4185287943537415,
  "dvars_vstd": 1.0287864535374152,
  "efc": 0.6263098729419977,
  "fber": 1992.7294921875,
  "fd_mean": 0.08328926715628064,
  "fd_num": 5,
  "fd_perc": 3.3783783783783785,
  "fwhm_avg": 1.6695963888888887,
  "fwhm_x": 1.6282366666666668,
  "fwhm_y": 1.8492199999999999,
  "fwhm_z": 1.5313325,
  "gcor": 0.0205741,
  "gsr_x": -0.006225825287401676,
  "gsr_y": 0.053321368992328644,
  "provenance": {
    "md5sum": "2a75d5d8e41629cd8f7b53ee971f6d37",
    "settings": {
      "fd_thres": 0.2,
      "testing": false
    },
    "software": "mriqc",
    "version": "23.0.1",
    "webapi_port": null,
    "webapi_url": "https://mriqc.nimh.nih.gov/api/v1"
  },
  "size_t": 148,
  "size_x": 64,
  "size_y": 64,
  "size_z": 26,
  "snr": 7.480166315326343,
  "spacing_tr": 1.5,
  "spacing_x": 3.0,
  "spacing_y": 3.0,
  "spacing_z": 4.0,
  "summary_bg_k": 12.382437083621891,
  "summary_bg_mad": 11.249745001861882,
  "summary_bg_mean": 49.239810943603516,
  "summary_bg_median": 15.574324607849121,
  "summary_bg_n": 48697.0,
  "summary_bg_p05": 6.574324607849121,
  "summary_bg_p95": 223.05000610351559,
  "summary_bg_stdv": 78.09636688232422,
  "summary_fg_k": 3.1178527596351913,
  "summary_fg_mad": 88.06457193126957,
  "summary_fg_mean": 739.5506591796875,
  "summary_fg_median": 730.645263671875,
  "summary_fg_n": 30000.0,
  "summary_fg_p05": 610.7003326416016,
  "summary_fg_p95": 902.7172607421875,
  "summary_fg_stdv": 97.6760482788086,
  "tsnr": 88.55922951246612
}