{
  "aor": 0.0026409459459459453,
  "aqi": 0.006326947702702703,
  "bids_meta": {
    "AcquisitionMatrixPE": 64,
    "AcquisitionNumber": 1,
    "AcquisitionTime": "10:54:46.510000",
    "BandwidthPerPixelPhaseEncode": 40.064,
    "BaseResolution": 64,
    "BodyPartExamined": "BRAIN",
    "ConsistencyInfo": "N4_VD13A_LATEST_20120616",
    "ConversionSoftware": "dcm2niix",
    "ConversionSoftwareVersion": "v1.0.20180518 GCC4.8.5",
    "DerivedVendorReportedEchoSpacing": 0.000780002,
    "DeviceSerialNumber": "45031",
    "DwellTime": 5.4e-06,
    "EchoTime": 0.028,
    "EchoTrainLength": 32,
    "EffectiveEchoSpacing": 0.000390001,
    "FlipAngle": 64,
    "ImageOrientationPatientDICOM": [
      0.999355,
      0.0181427,
      0.0309738,
      -0.0176491,
      0.999714,
      -0.016137
    ],
    "ImageType": [
      "ORIGINAL",
      "PRIMARY",
      "M",
      "ND",
      "NORM",
      "MOSAIC"
    ],
    "InPlanePhaseEncodingDirectionDICOM": "COL",
    "InstitutionAddress": "Washington_and_Faculty_Rd._-_Building_25_25_Princeton_NJ_US_085",
    "InstitutionName": "Princeton_University_-_Neuroscience_Institute",
    "InstitutionalDepartmentName": "Department",
    "MRAcquisitionType": "2D",
    "MagneticFieldStrength": 3,
    "Manufacturer": "Siemens",
    "ManufacturersModelName": "Skyra",
    "Modality": "MR",
    "ParallelReductionFactorInPlane": 2,
    "PartialFourier": 1,
    "PatientPosition": "HFS",
    "PercentPhaseFOV": 100,
    "PhaseEncodingDirection": "j-",
    "PhaseEncodingSteps": 64,
    "PhaseResolution": 1,
    "PixelBandwidth": 1445,
    "ProcedureStepDescription": "Turk-BrowneLab_Projects",
    "ProtocolName": "epi_3x3x4_1.5s_148TR",
    "PulseSequenceDetails": "%SiemensSeq%_ep2d_bold",
    "ReceiveCoilActiveElements": "HE1-4",
    "ReceiveCoilName": "HeadNeck_20",
    "ReconMatrixPE": 64,
    "RepetitionTime": 1.5,
    "SAR": 0.0823959,
    "ScanOptions": "FS",
    "ScanningSequence": "EP",
    "SequenceName": "_epfid2d1_64",
    "SequenceVariant": "SK",
    "SeriesDescription": "epi_3x3x4_1.5s_148TR",
    "SeriesNumber": 12,
    "ShimSetting": [
      3413,
      8631,
      9343,
      321,
      45,
      238,
      171,
      138
    ],
    "SliceThickness": 4,
    "SliceTiming": [
      0.74,
      0,
      0.795,
      0.055,
      0.8525,
      0.1125,
      0.91,
      0.17,
      0.9675,
      0.2275,
      1.0225,
      0.285,
      1.08,
      0.34,
      1.1375,
      0.3975,
      1.195,
      0.455,
      1.2525,
      0.5125,
      1.3075,
      0.5675,
      1.365,
      0.625,
      1.4225,
      0.6825
    ],
    "SoftwareVersions": "syngo_MR_D13",
    "SpacingBetweenSlices": 4,
    "StationName": "AWP45031",
    "TotalReadoutTime": 0.0245701,
    "TxRefAmp": 330.941,
    "dataset": "ds001430",
    "modality": "bold",
    "run_id": 4,
    "subject_id": "15",
    "task_id": "phase1"
  },
  "dummy_trs": 0,
  "dvars_nstd": 22.80666325333335,
  "dvars_std": 1.3936848463265314,
  "dvars_vstd": 1.0168768540816329,
  "efc": 0.6274415074515768,
  "fber": 1979.843017578125,
  "fd_mean": 0.07645193505849328,
  "fd_num": 2,
  "fd_perc": 1.3513513513513513,
  "fwhm_avg": 1.6798836111111113,
  "fwhm_x": 1.6536733333333336,
  "fwhm_y": 1.87097,
  "fwhm_z": 1.5150075,
  "gcor": 0.0294829,
  "gsr_x": -0.004869808442890644,
  "gsr_y": 0.05377421900629997,
  "provenance": {
    "md5sum": "536dff1f8560fc34747cd42856a20ef9",
    "settings": {
      "fd_thres": 0.2,
      "testing": false
    },
    "software": "mriqc",
    "version": "23.0.1",
    "webapi_port": null,
    "webapi_url": "https://mriqc.nimh.nih.gov/api/v1"
  },
  "size_t": 148,
  "size_x": 64,
  "size_y": 64,
  "size_z": 26,
  "snr": 7.492142609869632,
  "spacing_tr": 1.5,
  "spacing_x": 3.0,
  "spacing_y": 3.0,
  "spacing_z": 4.0,
  "summary_bg_k": 11.761896170012623,
  "summary_bg_mad": 11.139551880335045,
  "summary_bg_mean": 50.495243072509766,
  "summary_bg_median": 15.574324607849121,
  "summary_bg_n": 48678.0,
  "summary_bg_p05": 6.736486434936523,
  "summary_bg_p95": 229.44324722290042,
  "summary_bg_stdv": 80.49459075927734,
  "summary_fg_k": 2.959217346428522,
  "summary_fg_mad": 87.29318261171079,
  "summary_fg_mean": 738.5818481445312,
  "summary_fg_median": 729.8311157226562,
  "summary_fg_n": 30011.0,
  "summary_fg_p05": 609.8006896972656,
  "summary_fg_p95": 900.4122009277344,
  "summary_fg_stdv": 97.41124725341797,
  "tsnr": 88.10878326371312
}