{
  "aor": 0.009472453703703705,
  "aqi": 0.014663660277777778,
  "bids_meta": {
    "AcquisitionMatrixPE": 64,
    "AcquisitionNumber": 1,
    "AcquisitionTime": "11:42:57.277500",
    "BandwidthPerPixelPhaseEncode": 40.064,
    "BaseResolution": 64,
    "BodyPartExamined": "BRAIN",
    "ConsistencyInfo": "N4_VD13A_LATEST_20120616",
    "ConversionSoftware": "dcm2niix",
    "ConversionSoftwareVersion": "v1.0.20180518 GCC4.8.5",
    "DerivedVendorReportedEchoSpacing": 0.000780002,
    "DeviceSerialNumber": "45031",
    "DwellTime": 5.4e-06,
    "EchoTime": 0.028,
    "EchoTrainLength": 32,
    "EffectiveEchoSpacing": 0.000390001,
    "FlipAngle": 64,
    "ImageOrientationPatientDICOM": [
      0.999355,
      0.0181427,
      0.0309738,
      -0.0176491,
      0.999714,
      -0.016137
    ],
    "ImageType": [
      "ORIGINAL",
      "PRIMARY",
      "M",
      "ND",
      "NORM",
      "MOSAIC"
    ],
    "InPlanePhaseEncodingDirectionDICOM": "COL",
    "InstitutionAddress": "Washington_and_Faculty_Rd._-_Building_25_25_Princeton_NJ_US_085",
    "InstitutionName": "Princeton_University_-_Neuroscience_Institute",
    "InstitutionalDepartmentName": "Department",
    "MRAcquisitionType": "2D",
    "MagneticFieldStrength": 3,
    "Manufacturer": "Siemens",
    "ManufacturersModelName": "Skyra",
    "Modality": "MR",
    "ParallelReductionFactorInPlane": 2,
    "PartialFourier": 1,
    "PatientPosition": "HFS",
    "PercentPhaseFOV": 100,
    "PhaseEncodingDirection": "j-",
    "PhaseEncodingSteps": 64,
    "PhaseResolution": 1,
    "PixelBandwidth": 1445,
    "ProcedureStepDescription": "Turk-BrowneLab_Projects",
    "ProtocolName": "epi_3x3x4_1.5s_216TR",
    "PulseSequenceDetails": "%SiemensSeq%_ep2d_bold",
    "ReceiveCoilActiveElements": "HE1-4",
    "ReceiveCoilName": "HeadNeck_20",
    "ReconMatrixPE": 64,
    "RepetitionTime": 1.5,
    "SAR": 0.082397,
    "ScanOptions": "FS",
    "ScanningSequence": "EP",
    "SequenceName": "_epfid2d1_64",
    "SequenceVariant": "SK",
    "SeriesDescription": "epi_3x3x4_1.5s_216TR",
    "SeriesNumber": 17,
    "ShimSetting": [
      3413,
      8631,
      9343,
      321,
      45,
      238,
      171,
      138
    ],
    "SliceThickness": 4,
    "SliceTiming": [
      0.74,
      0,
      0.795,
      0.055,
      0.8525,
      0.1125,
      0.91,
      0.17,
      0.9675,
      0.2275,
      1.025,
      0.285,
      1.08,
      0.34,
      1.1375,
      0.3975,
      1.195,
      0.455,
      1.2525,
      0.5125,
      1.3075,
      0.5675,
      1.365,
      0.625,
      1.4225,
      0.6825
    ],
    "SoftwareVersions": "syngo_MR_D13",
    "SpacingBetweenSlices": 4,
    "StationName": "AWP45031",
    "TotalReadoutTime": 0.0245701,
    "TxRefAmp": 330.941,
    "dataset": "ds001430",
    "modality": "bold",
    "run_id": 2,
    "subject_id": "15",
    "task_id": "loc"
  },
  "dummy_trs": 0,
  "dvars_nstd": 23.75878069669768,
  "dvars_std": 1.2836489679534886,
  "dvars_vstd": 1.0476900356744188,
  "efc": 0.6283936056580371,
  "fber": 1976.2401123046875,
  "fd_mean": 0.1782449050484774,
  "fd_num": 26,
  "fd_perc": 12.037037037037036,
  "fwhm_avg": 1.6852280555555554,
  "fwhm_x": 1.6509733333333332,
  "fwhm_y": 1.8762733333333335,
  "fwhm_z": 1.5284375,
  "gcor": 0.0476783,
  "gsr_x": -0.004078153055161238,
  "gsr_y": 0.052820175886154175,
  "provenance": {
    "md5sum": "702e643a696b96d898f6741b5dff585f",
    "settings": {
      "fd_thres": 0.2,
      "testing": false
    },
    "software": "mriqc",
    "version": "23.0.1",
    "webapi_port": null,
    "webapi_url": "https://mriqc.nimh.nih.gov/api/v1"
  },
  "size_t": 216,
  "size_x": 64,
  "size_y": 64,
  "size_z": 26,
  "snr": 7.379662693002096,
  "spacing_tr": 1.5,
  "spacing_x": 3.0,
  "spacing_y": 3.0,
  "spacing_z": 4.0,
  "summary_bg_k": 10.497756392651162,
  "summary_bg_mad": 11.277386424201012,
  "summary_bg_mean": 51.61554718017578,
  "summary_bg_median": 15.629630088806152,
  "summary_bg_n": 48683.0,
  "summary_bg_p05": 6.643518447875977,
  "summary_bg_p95": 232.090284729004,
  "summary_bg_stdv": 80.74833679199219,
  "summary_fg_k": 2.957883510711036,
  "summary_fg_mad": 87.66912688153387,
  "summary_fg_mean": 736.4662475585938,
  "summary_fg_median": 726.7384033203125,
  "summary_fg_n": 30002.0,
  "summary_fg_p05": 606.0108978271485,
  "summary_fg_p95": 899.7754577636717,
  "summary_fg_stdv": 98.47689819335938,
  "tsnr": 58.87721459171735
}