{
  "aor": 0.0005468671679197995,
  "aqi": 0.004451463408521304,
  "bids_meta": {
    "AcquisitionMatrixPE": 64,
    "AcquisitionNumber": 1,
    "AcquisitionTime": "17:21:22.312500",
    "BandwidthPerPixelPhaseEncode": 40.064,
    "BaseResolution": 64,
    "BodyPartExamined": "BRAIN",
    "ConsistencyInfo": "N4_VD13A_LATEST_20120616",
    "ConversionSoftware": "dcm2niix",
    "ConversionSoftwareVersion": "v1.0.20180518 GCC4.8.5",
    "DerivedVendorReportedEchoSpacing": 0.000780002,
    "DeviceSerialNumber": "45031",
    "DwellTime": 5.4e-06,
    "EchoTime": 0.028,
    "EchoTrainLength": 32,
    "EffectiveEchoSpacing": 0.000390001,
    "FlipAngle": 64,
    "ImageOrientationPatientDICOM": [
      0.999858,
      -0.0167079,
      -0.00194622,
      0.0167181,
      0.999846,
      0.00536246
    ],
    "ImageType": [
      "ORIGINAL",
      "PRIMARY",
      "M",
      "ND",
      "NORM",
      "MOSAIC"
    ],
    "InPlanePhaseEncodingDirectionDICOM": "COL",
    "InstitutionAddress": "Washington_and_Faculty_Rd._-_Building_25_25_Princeton_NJ_US_085",
    "InstitutionName": "Princeton_University_-_Neuroscience_Institute",
    "InstitutionalDepartmentName": "Department",
    "MRAcquisitionType": "2D",
    "MagneticFieldStrength": 3,
    "Manufacturer": "Siemens",
    "ManufacturersModelName": "Skyra",
    "Modality": "MR",
    "ParallelReductionFactorInPlane": 2,
    "PartialFourier": 1,
    "PatientPosition": "HFS",
    "PercentPhaseFOV": 100,
    "PhaseEncodingDirection": "j-",
    "PhaseEncodingSteps": 64,
    "PhaseResolution": 1,
    "PixelBandwidth": 1445,
    "ProcedureStepDescription": "Turk-BrowneLab_Projects",
    "ProtocolName": "epi_3x3x4_1.5s_400TR",
    "PulseSequenceDetails": "%SiemensSeq%_ep2d_bold",
    "ReceiveCoilActiveElements": "HE1-4",
    "ReceiveCoilName": "HeadNeck_20",
    "ReconMatrixPE": 64,
    "RepetitionTime": 1.5,
    "SAR": 0.0839722,
    "ScanOptions": "FS",
    "ScanningSequence": "EP",
    "SequenceName": "_epfid2d1_64",
    "SequenceVariant": "SK",
    "SeriesDescription": "epi_3x3x4_1.5s_400TR",
    "SeriesNumber": 11,
    "ShimSetting": [
      3341,
      8568,
      9111,
      335,
      -223,
      -270,
      817,
      198
    ],
    "SliceThickness": 4,
    "SliceTiming": [
      0.74,
      0,
      0.7975,
      0.0575,
      0.855,
      0.115,
      0.91,
      0.17,
      0.9675,
      0.2275,
      1.025,
      0.285,
      1.0825,
      0.3425,
      1.1375,
      0.3975,
      1.195,
      0.455,
      1.2525,
      0.5125,
      1.31,
      0.57,
      1.3675,
      0.6275,
      1.4225,
      0.6825
    ],
    "SoftwareVersions": "syngo_MR_D13",
    "SpacingBetweenSlices": 4,
    "StationName": "AWP45031",
    "TotalReadoutTime": 0.0245701,
    "TxRefAmp": 327.29,
    "dataset": "ds001430",
    "modality": "bold",
    "run_id": 2,
    "subject_id": "21",
    "task_id": "phase3"
  },
  "dummy_trs": 1,
  "dvars_nstd": 19.168305071130654,
  "dvars_std": 1.2286859467839193,
  "dvars_vstd": 1.0067350224623128,
  "efc": 0.612659943673055,
  "fber": 2219.965576171875,
  "fd_mean": 0.06301787653811494,
  "fd_num": 1,
  "fd_perc": 0.2506265664160401,
  "fwhm_avg": 1.6571933632151303,
  "fwhm_x": 1.6213166666666667,
  "fwhm_y": 1.8462633333333331,
  "fwhm_z": 1.5040000896453911,
  "gcor": 0.00825872,
  "gsr_x": 0.0003940123424399644,
  "gsr_y": 0.043428853154182434,
  "provenance": {
    "md5sum": "e744b72fce33c8f8281b960c7ca80193",
    "settings": {
      "fd_thres": 0.2,
      "testing": false
    },
    "software": "mriqc",
    "version": "23.0.1",
    "webapi_port": null,
    "webapi_url": "https://mriqc.nimh.nih.gov/api/v1"
  },
  "size_t": 399,
  "size_x": 64,
  "size_y": 64,
  "size_z": 26,
  "snr": 7.2977765120341,
  "spacing_tr": 1.5,
  "spacing_x": 3.0,
  "spacing_y": 3.0,
  "spacing_z": 3.999999761581421,
  "summary_bg_k": 18.741733493950157,
  "summary_bg_mad": 9.791119325943855,
  "summary_bg_mean": 39.35095977783203,
  "summary_bg_median": 15.072681427001953,
  "summary_bg_n": 48577.0,
  "summary_bg_p05": 6.796992301940918,
  "summary_bg_p95": 155.0576385498045,
  "summary_bg_stdv": 70.39851379394531,
  "summary_fg_k": 2.7318658569489713,
  "summary_fg_mad": 98.0413247690119,
  "summary_fg_mean": 757.935546875,
  "summary_fg_median": 749.2994384765625,
  "summary_fg_n": 29536.0,
  "summary_fg_p05": 621.2863311767578,
  "summary_fg_p95": 925.1046142578125,
  "summary_fg_stdv": 102.67329406738281,
  "tsnr": 95.04313732357696
}