{
  "aor": 0.0009312925170068028,
  "aqi": 0.004666757482993197,
  "bids_meta": {
    "AcquisitionMatrixPE": 64,
    "AcquisitionNumber": 1,
    "AcquisitionTime": "16:51:23.280000",
    "BandwidthPerPixelPhaseEncode": 40.064,
    "BaseResolution": 64,
    "BodyPartExamined": "BRAIN",
    "ConsistencyInfo": "N4_VD13A_LATEST_20120616",
    "ConversionSoftware": "dcm2niix",
    "ConversionSoftwareVersion": "v1.0.20180518 GCC4.8.5",
    "DerivedVendorReportedEchoSpacing": 0.000780002,
    "DeviceSerialNumber": "45031",
    "DwellTime": 5.4e-06,
    "EchoTime": 0.028,
    "EchoTrainLength": 32,
    "EffectiveEchoSpacing": 0.000390001,
    "FlipAngle": 64,
    "ImageOrientationPatientDICOM": [
      0.999858,
      -0.0167079,
      -0.00194622,
      0.0167181,
      0.999846,
      0.00536246
    ],
    "ImageType": [
      "ORIGINAL",
      "PRIMARY",
      "M",
      "ND",
      "NORM",
      "MOSAIC"
    ],
    "InPlanePhaseEncodingDirectionDICOM": "COL",
    "InstitutionAddress": "Washington_and_Faculty_Rd._-_Building_25_25_Princeton_NJ_US_085",
    "InstitutionName": "Princeton_University_-_Neuroscience_Institute",
    "InstitutionalDepartmentName": "Department",
    "MRAcquisitionType": "2D",
    "MagneticFieldStrength": 3,
    "Manufacturer": "Siemens",
    "ManufacturersModelName": "Skyra",
    "Modality": "MR",
    "ParallelReductionFactorInPlane": 2,
    "PartialFourier": 1,
    "PatientPosition": "HFS",
    "PercentPhaseFOV": 100,
    "PhaseEncodingDirection": "j-",
    "PhaseEncodingSteps": 64,
    "PhaseResolution": 1,
    "PixelBandwidth": 1445,
    "ProcedureStepDescription": "Turk-BrowneLab_Projects",
    "ProtocolName": "epi_3x3x4_1.5s_148TR",
    "PulseSequenceDetails": "%SiemensSeq%_ep2d_bold",
    "ReceiveCoilActiveElements": "HE1-4",
    "ReceiveCoilName": "HeadNeck_20",
    "ReconMatrixPE": 64,
    "RepetitionTime": 1.5,
    "SAR": 0.0839699,
    "ScanOptions": "FS",
    "ScanningSequence": "EP",
    "SequenceName": "_epfid2d1_64",
    "SequenceVariant": "SK",
    "SeriesDescription": "epi_3x3x4_1.5s_148TR",
    "SeriesNumber": 8,
    "ShimSetting": [
      3341,
      8568,
      9111,
      335,
      -223,
      -270,
      817,
      198
    ],
    "SliceThickness": 4,
    "SliceTiming": [
      0.74,
      0,
      0.7975,
      0.0575,
      0.8525,
      0.1125,
      0.91,
      0.17,
      0.9675,
      0.2275,
      1.025,
      0.285,
      1.0825,
      0.3425,
      1.1375,
      0.3975,
      1.195,
      0.455,
      1.2525,
      0.5125,
      1.31,
      0.57,
      1.365,
      0.625,
      1.4225,
      0.6825
    ],
    "SoftwareVersions": "syngo_MR_D13",
    "SpacingBetweenSlices": 4,
    "StationName": "AWP45031",
    "TotalReadoutTime": 0.0245701,
    "TxRefAmp": 327.29,
    "dataset": "ds001430",
    "modality": "bold",
    "run_id": 4,
    "subject_id": "21",
    "task_id": "phase1"
  },
  "dummy_trs": 1,
  "dvars_nstd": 23.645086981027408,
  "dvars_std": 1.3811768068493149,
  "dvars_vstd": 1.0122928741780821,
  "efc": 0.6120647207242701,
  "fber": 2230.44677734375,
  "fd_mean": 0.0703146931637989,
  "fd_num": 0,
  "fd_perc": 0.0,
  "fwhm_avg": 1.6451447519162148,
  "fwhm_x": 1.61571,
  "fwhm_y": 1.8251766666666667,
  "fwhm_z": 1.4945475890819782,
  "gcor": 0.0090907,
  "gsr_x": -0.0016469125403091311,
  "gsr_y": 0.04334219545125961,
  "provenance": {
    "md5sum": "8865a4e7258d28d586320d58a1ea342a",
    "settings": {
      "fd_thres": 0.2,
      "testing": false
    },
    "software": "mriqc",
    "version": "23.0.1",
    "webapi_port": null,
    "webapi_url": "https://mriqc.nimh.nih.gov/api/v1"
  },
  "size_t": 147,
  "size_x": 64,
  "size_y": 64,
  "size_z": 26,
  "snr": 7.279824769523639,
  "spacing_tr": 1.5,
  "spacing_x": 3.0,
  "spacing_y": 3.0,
  "spacing_z": 3.999999761581421,
  "summary_bg_k": 19.288112441762443,
  "summary_bg_mad": 9.67221433844896,
  "summary_bg_mean": 38.032127380371094,
  "summary_bg_median": 15.061223983764648,
  "summary_bg_n": 48468.0,
  "summary_bg_p05": 6.761904716491699,
  "summary_bg_p95": 150.03979187011728,
  "summary_bg_stdv": 67.20240783691406,
  "summary_fg_k": 2.8649775134506736,
  "summary_fg_mad": 97.39282203470279,
  "summary_fg_mean": 758.3734741210938,
  "summary_fg_median": 749.4183349609375,
  "summary_fg_n": 29596.0,
  "summary_fg_p05": 621.4268646240234,
  "summary_fg_p95": 928.5815887451172,
  "summary_fg_stdv": 102.94281768798828,
  "tsnr": 98.31633269554004
}