{
  "aor": 0.001849221105527638,
  "aqi": 0.0048561663567839196,
  "bids_meta": {
    "AcquisitionMatrixPE": 64,
    "AcquisitionNumber": 1,
    "AcquisitionTime": "13:15:8.570000",
    "BandwidthPerPixelPhaseEncode": 40.064,
    "BaseResolution": 64,
    "BodyPartExamined": "BRAIN",
    "ConsistencyInfo": "N4_VD13A_LATEST_20120616",
    "ConversionSoftware": "dcm2niix",
    "ConversionSoftwareVersion": "v1.0.20180518 GCC4.8.5",
    "DerivedVendorReportedEchoSpacing": 0.000780002,
    "DeviceSerialNumber": "45031",
    "DwellTime": 5.4e-06,
    "EchoTime": 0.028,
    "EchoTrainLength": 32,
    "EffectiveEchoSpacing": 0.000390001,
    "FlipAngle": 64,
    "ImageOrientationPatientDICOM": [
      0.999942,
      0.00880134,
      -0.00622589,
      -0.00849148,
      0.998804,
      0.0481574
    ],
    "ImageType": [
      "ORIGINAL",
      "PRIMARY",
      "M",
      "ND",
      "NORM",
      "MOSAIC"
    ],
    "InPlanePhaseEncodingDirectionDICOM": "COL",
    "InstitutionAddress": "Washington_and_Faculty_Rd._-_Building_25_25_Princeton_NJ_US_085",
    "InstitutionName": "Princeton_University_-_Neuroscience_Institute",
    "InstitutionalDepartmentName": "Department",
    "MRAcquisitionType": "2D",
    "MagneticFieldStrength": 3,
    "Manufacturer": "Siemens",
    "ManufacturersModelName": "Skyra",
    "Modality": "MR",
    "ParallelReductionFactorInPlane": 2,
    "PartialFourier": 1,
    "PatientPosition": "HFS",
    "PercentPhaseFOV": 100,
    "PhaseEncodingDirection": "j-",
    "PhaseEncodingSteps": 64,
    "PhaseResolution": 1,
    "PixelBandwidth": 1445,
    "ProcedureStepDescription": "Turk-BrowneLab_Projects",
    "ProtocolName": "epi_3x3x4_1.5s_400TR",
    "PulseSequenceDetails": "%SiemensSeq%_ep2d_bold",
    "ReceiveCoilActiveElements": "HE1-4",
    "ReceiveCoilName": "HeadNeck_20",
    "ReconMatrixPE": 64,
    "RepetitionTime": 1.5,
    "SAR": 0.105833,
    "ScanOptions": "FS",
    "ScanningSequence": "EP",
    "SequenceName": "_epfid2d1_64",
    "SequenceVariant": "SK",
    "SeriesDescription": "epi_3x3x4_1.5s_400TR",
    "SeriesNumber": 11,
    "ShimSetting": [
      3367,
      8576,
      9374,
      507,
      -94,
      60,
      336,
      121
    ],
    "SliceThickness": 4,
    "SliceTiming": [
      0.74,
      0,
      0.795,
      0.055,
      0.8525,
      0.1125,
      0.91,
      0.17,
      0.9675,
      0.2275,
      1.0225,
      0.2825,
      1.08,
      0.34,
      1.1375,
      0.3975,
      1.195,
      0.455,
      1.2525,
      0.5125,
      1.3075,
      0.5675,
      1.365,
      0.625,
      1.4225,
      0.6825
    ],
    "SoftwareVersions": "syngo_MR_D13",
    "SpacingBetweenSlices": 4,
    "StationName": "AWP45031",
    "TotalReadoutTime": 0.0245701,
    "TxRefAmp": 359.833,
    "dataset": "ds001430",
    "modality": "bold",
    "run_id": 2,
    "subject_id": "08",
    "task_id": "phase3"
  },
  "dummy_trs": 2,
  "dvars_nstd": 19.52288675193954,
  "dvars_std": 1.185377941209067,
  "dvars_vstd": 1.029482581360201,
  "efc": 0.6227265144600945,
  "fber": 1811.0023193359375,
  "fd_mean": 0.09619991566809728,
  "fd_num": 15,
  "fd_perc": 3.7688442211055277,
  "fwhm_avg": 1.7824786111111113,
  "fwhm_x": 1.7015433333333334,
  "fwhm_y": 2.10019,
  "fwhm_z": 1.5457025,
  "gcor": 0.0273683,
  "gsr_x": -0.008851481601595879,
  "gsr_y": 0.051785487681627274,
  "provenance": {
    "md5sum": "2101025981e420568fab5de214248ae1",
    "settings": {
      "fd_thres": 0.2,
      "testing": false
    },
    "software": "mriqc",
    "version": "23.0.1",
    "webapi_port": null,
    "webapi_url": "https://mriqc.nimh.nih.gov/api/v1"
  },
  "size_t": 398,
  "size_x": 64,
  "size_y": 64,
  "size_z": 26,
  "snr": 6.905808367243631,
  "spacing_tr": 1.5,
  "spacing_x": 3.0,
  "spacing_y": 3.0,
  "spacing_z": 4.0,
  "summary_bg_k": 13.415991915769869,
  "summary_bg_mad": 9.48045926149448,
  "summary_bg_mean": 40.88361358642578,
  "summary_bg_median": 14.032663345336914,
  "summary_bg_n": 48914.0,
  "summary_bg_p05": 6.6180901527404785,
  "summary_bg_p95": 169.99836349487305,
  "summary_bg_stdv": 64.28284454345703,
  "summary_fg_k": 3.2223699477351806,
  "summary_fg_mad": 79.9226569770434,
  "summary_fg_mean": 652.7770385742188,
  "summary_fg_median": 647.551513671875,
  "summary_fg_n": 29130.0,
  "summary_fg_p05": 522.0946044921875,
  "summary_fg_p95": 804.4851745605469,
  "summary_fg_stdv": 93.76750183105469,
  "tsnr": 82.95181273855269
}