{
  "aor": 0.001443148148148148,
  "aqi": 0.004259396898148148,
  "bids_meta": {
    "AcquisitionMatrixPE": 64,
    "AcquisitionNumber": 1,
    "AcquisitionTime": "13:42:10.485000",
    "BandwidthPerPixelPhaseEncode": 40.064,
    "BaseResolution": 64,
    "BodyPartExamined": "BRAIN",
    "ConsistencyInfo": "N4_VD13A_LATEST_20120616",
    "ConversionSoftware": "dcm2niix",
    "ConversionSoftwareVersion": "v1.0.20180518 GCC4.8.5",
    "DerivedVendorReportedEchoSpacing": 0.000780002,
    "DeviceSerialNumber": "45031",
    "DwellTime": 5.4e-06,
    "EchoTime": 0.028,
    "EchoTrainLength": 32,
    "EffectiveEchoSpacing": 0.000390001,
    "FlipAngle": 64,
    "ImageOrientationPatientDICOM": [
      0.999942,
      0.00880134,
      -0.00622589,
      -0.00849148,
      0.998804,
      0.0481574
    ],
    "ImageType": [
      "ORIGINAL",
      "PRIMARY",
      "M",
      "ND",
      "NORM",
      "MOSAIC"
    ],
    "InPlanePhaseEncodingDirectionDICOM": "COL",
    "InstitutionAddress": "Washington_and_Faculty_Rd._-_Building_25_25_Princeton_NJ_US_085",
    "InstitutionName": "Princeton_University_-_Neuroscience_Institute",
    "InstitutionalDepartmentName": "Department",
    "MRAcquisitionType": "2D",
    "MagneticFieldStrength": 3,
    "Manufacturer": "Siemens",
    "ManufacturersModelName": "Skyra",
    "Modality": "MR",
    "ParallelReductionFactorInPlane": 2,
    "PartialFourier": 1,
    "PatientPosition": "HFS",
    "PercentPhaseFOV": 100,
    "PhaseEncodingDirection": "j-",
    "PhaseEncodingSteps": 64,
    "PhaseResolution": 1,
    "PixelBandwidth": 1445,
    "ProcedureStepDescription": "Turk-BrowneLab_Projects",
    "ProtocolName": "epi_3x3x4_1.5s_216TR",
    "PulseSequenceDetails": "%SiemensSeq%_ep2d_bold",
    "ReceiveCoilActiveElements": "HE1-4",
    "ReceiveCoilName": "HeadNeck_20",
    "ReconMatrixPE": 64,
    "RepetitionTime": 1.5,
    "SAR": 0.105831,
    "ScanOptions": "FS",
    "ScanningSequence": "EP",
    "SequenceName": "_epfid2d1_64",
    "SequenceVariant": "SK",
    "SeriesDescription": "epi_3x3x4_1.5s_216TR",
    "SeriesNumber": 15,
    "ShimSetting": [
      3367,
      8576,
      9374,
      507,
      -94,
      60,
      336,
      121
    ],
    "SliceThickness": 4,
    "SliceTiming": [
      0.74,
      0,
      0.7975,
      0.0575,
      0.855,
      0.115,
      0.91,
      0.17,
      0.9675,
      0.2275,
      1.025,
      0.285,
      1.0825,
      0.3425,
      1.14,
      0.4,
      1.195,
      0.455,
      1.2525,
      0.5125,
      1.31,
      0.57,
      1.3675,
      0.6275,
      1.4225,
      0.6825
    ],
    "SoftwareVersions": "syngo_MR_D13",
    "SpacingBetweenSlices": 4,
    "StationName": "AWP45031",
    "TotalReadoutTime": 0.0245701,
    "TxRefAmp": 359.833,
    "dataset": "ds001430",
    "modality": "bold",
    "run_id": 3,
    "subject_id": "08",
    "task_id": "loc"
  },
  "dummy_trs": 0,
  "dvars_nstd": 19.18569993316279,
  "dvars_std": 1.1694573236279069,
  "dvars_vstd": 1.0188081221860463,
  "efc": 0.6224742717707235,
  "fber": 1914.4876708984375,
  "fd_mean": 0.08262980991645505,
  "fd_num": 3,
  "fd_perc": 1.3888888888888888,
  "fwhm_avg": 1.7764375,
  "fwhm_x": 1.6968633333333332,
  "fwhm_y": 2.0898166666666667,
  "fwhm_z": 1.5426325,
  "gcor": 0.0132881,
  "gsr_x": -0.008540007285773754,
  "gsr_y": 0.05358753353357315,
  "provenance": {
    "md5sum": "f0122a90ad6fd2cebced4c0b99453a4e",
    "settings": {
      "fd_thres": 0.2,
      "testing": false
    },
    "software": "mriqc",
    "version": "23.0.1",
    "webapi_port": null,
    "webapi_url": "https://mriqc.nimh.nih.gov/api/v1"
  },
  "size_t": 216,
  "size_x": 64,
  "size_y": 64,
  "size_z": 26,
  "snr": 6.876300155086694,
  "spacing_tr": 1.5,
  "spacing_x": 3.0,
  "spacing_y": 3.0,
  "spacing_z": 4.0,
  "summary_bg_k": 14.318333457107066,
  "summary_bg_mad": 8.490644098486786,
  "summary_bg_mean": 41.00072479248047,
  "summary_bg_median": 13.63888931274414,
  "summary_bg_n": 48925.0,
  "summary_bg_p05": 6.828703880310059,
  "summary_bg_p95": 171.22037658691403,
  "summary_bg_stdv": 64.84449768066406,
  "summary_fg_k": 3.3756477161539555,
  "summary_fg_mad": 79.15448008294587,
  "summary_fg_mean": 650.6371459960938,
  "summary_fg_median": 644.92822265625,
  "summary_fg_n": 29066.0,
  "summary_fg_p05": 519.6713256835938,
  "summary_fg_p95": 802.2372589111328,
  "summary_fg_stdv": 93.78839111328125,
  "tsnr": 88.79454027325846
}