{
  "aor": 0.001390608108108108,
  "aqi": 0.013048003513513514,
  "bids_meta": {
    "AcquisitionMatrixPE": 64,
    "AcquisitionNumber": 1,
    "AcquisitionTime": "12:28:5.487500",
    "BandwidthPerPixelPhaseEncode": 40.064,
    "BaseResolution": 64,
    "BodyPartExamined": "BRAIN",
    "ConsistencyInfo": "N4_VD13A_LATEST_20120616",
    "ConversionSoftware": "dcm2niix",
    "ConversionSoftwareVersion": "v1.0.20180518 GCC4.8.5",
    "DerivedVendorReportedEchoSpacing": 0.000780002,
    "DeviceSerialNumber": "45031",
    "DwellTime": 5.4e-06,
    "EchoTime": 0.028,
    "EchoTrainLength": 32,
    "EffectiveEchoSpacing": 0.000390001,
    "FlipAngle": 64,
    "ImageOrientationPatientDICOM": [
      0.999942,
      0.00880134,
      -0.00622589,
      -0.00849148,
      0.998804,
      0.0481574
    ],
    "ImageType": [
      "ORIGINAL",
      "PRIMARY",
      "M",
      "ND",
      "NORM",
      "MOSAIC"
    ],
    "InPlanePhaseEncodingDirectionDICOM": "COL",
    "InstitutionAddress": "Washington_and_Faculty_Rd._-_Building_25_25_Princeton_NJ_US_085",
    "InstitutionName": "Princeton_University_-_Neuroscience_Institute",
    "InstitutionalDepartmentName": "Department",
    "MRAcquisitionType": "2D",
    "MagneticFieldStrength": 3,
    "Manufacturer": "Siemens",
    "ManufacturersModelName": "Skyra",
    "Modality": "MR",
    "ParallelReductionFactorInPlane": 2,
    "PartialFourier": 1,
    "PatientPosition": "HFS",
    "PercentPhaseFOV": 100,
    "PhaseEncodingDirection": "j-",
    "PhaseEncodingSteps": 64,
    "PhaseResolution": 1,
    "PixelBandwidth": 1445,
    "ProcedureStepDescription": "Turk-BrowneLab_Projects",
    "ProtocolName": "epi_3x3x4_1.5s_148TR",
    "PulseSequenceDetails": "%SiemensSeq%_ep2d_bold",
    "ReceiveCoilActiveElements": "HE1-4",
    "ReceiveCoilName": "HeadNeck_20",
    "ReconMatrixPE": 64,
    "RepetitionTime": 1.5,
    "SAR": 0.10583,
    "ScanOptions": "FS",
    "ScanningSequence": "EP",
    "SequenceName": "_epfid2d1_64",
    "SequenceVariant": "SK",
    "SeriesDescription": "epi_3x3x4_1.5s_148TR",
    "SeriesNumber": 5,
    "ShimSetting": [
      3367,
      8576,
      9374,
      507,
      -94,
      60,
      336,
      121
    ],
    "SliceThickness": 4,
    "SliceTiming": [
      0.74,
      0,
      0.7975,
      0.0575,
      0.8525,
      0.1125,
      0.91,
      0.17,
      0.9675,
      0.2275,
      1.025,
      0.285,
      1.0825,
      0.3425,
      1.1375,
      0.3975,
      1.195,
      0.455,
      1.2525,
      0.5125,
      1.31,
      0.57,
      1.365,
      0.625,
      1.4225,
      0.6825
    ],
    "SoftwareVersions": "syngo_MR_D13",
    "SpacingBetweenSlices": 4,
    "StationName": "AWP45031",
    "TotalReadoutTime": 0.0245701,
    "TxRefAmp": 359.833,
    "dataset": "ds001430",
    "modality": "bold",
    "run_id": 1,
    "subject_id": "08",
    "task_id": "phase1"
  },
  "dummy_trs": 0,
  "dvars_nstd": 18.94891478129252,
  "dvars_std": 1.0399418878231301,
  "dvars_vstd": 0.9278004244897957,
  "efc": 0.621503302217787,
  "fber": 1827.1939697265625,
  "fd_mean": 0.11011785812108266,
  "fd_num": 6,
  "fd_perc": 4.054054054054054,
  "fwhm_avg": 1.8090480555555557,
  "fwhm_x": 1.7296766666666665,
  "fwhm_y": 2.1492400000000003,
  "fwhm_z": 1.5482275,
  "gcor": 0.00491368,
  "gsr_x": -0.011353293433785439,
  "gsr_y": 0.051462963223457336,
  "provenance": {
    "md5sum": "67bf3c580fd37c5bad42f772c77897cf",
    "settings": {
      "fd_thres": 0.2,
      "testing": false
    },
    "software": "mriqc",
    "version": "23.0.1",
    "webapi_port": null,
    "webapi_url": "https://mriqc.nimh.nih.gov/api/v1"
  },
  "size_t": 148,
  "size_x": 64,
  "size_y": 64,
  "size_z": 26,
  "snr": 6.867480773605174,
  "spacing_tr": 1.5,
  "spacing_x": 3.0,
  "spacing_y": 3.0,
  "spacing_z": 4.0,
  "summary_bg_k": 14.288077028977014,
  "summary_bg_mad": 9.2762807794717,
  "summary_bg_mean": 40.19293975830078,
  "summary_bg_median": 14.222972869873047,
  "summary_bg_n": 49116.0,
  "summary_bg_p05": 6.858108043670654,
  "summary_bg_p95": 163.57770156860352,
  "summary_bg_stdv": 61.87062454223633,
  "summary_fg_k": 3.0910674547275123,
  "summary_fg_mad": 80.54129772819168,
  "summary_fg_mean": 652.3367919921875,
  "summary_fg_median": 646.7026977539062,
  "summary_fg_n": 29085.0,
  "summary_fg_p05": 520.382470703125,
  "summary_fg_p95": 804.3905761718748,
  "summary_fg_stdv": 94.16722106933594,
  "tsnr": 60.31896132475231
}