{
  "bids_meta": {
    "AcquisitionMatrixPE": 256,
    "AcquisitionNumber": 1,
    "AcquisitionTime": "13:42:56.692500",
    "BaseResolution": 256,
    "BodyPartExamined": "BRAIN",
    "ConsistencyInfo": "N4_VD13A_LATEST_20120616",
    "ConversionSoftware": "dcm2niix",
    "ConversionSoftwareVersion": "v1.0.20180518 GCC4.8.5",
    "DeviceSerialNumber": "45031",
    "DwellTime": 8.2e-06,
    "EchoTime": 0.00298,
    "FlipAngle": 9,
    "ImageOrientationPatientDICOM": [
      -0.0362237,
      0.998491,
      0.0412814,
      0.108256,
      0.044986,
      -0.993105
    ],
    "ImageType": [
      "ORIGINAL",
      "PRIMARY",
      "M",
      "ND",
      "NORM"
    ],
    "InPlanePhaseEncodingDirectionDICOM": "ROW",
    "InstitutionAddress": "Washington_and_Faculty_Rd._-_Building_25_25_Princeton_NJ_US_085",
    "InstitutionName": "Princeton_University_-_Neuroscience_Institute",
    "InstitutionalDepartmentName": "Department",
    "InversionTime": 0.9,
    "MRAcquisitionType": "3D",
    "MagneticFieldStrength": 3,
    "Manufacturer": "Siemens",
    "ManufacturersModelName": "Skyra",
    "Modality": "MR",
    "ParallelReductionFactorInPlane": 2,
    "PartialFourier": 1,
    "PatientPosition": "HFS",
    "PercentPhaseFOV": 100,
    "PhaseEncodingSteps": 255,
    "PhaseResolution": 1,
    "PixelBandwidth": 240,
    "ProcedureStepDescription": "Turk-BrowneLab_Projects",
    "ProtocolName": "mprage_1x1x1_medium",
    "PulseSequenceDetails": "%SiemensSeq%_tfl",
    "ReceiveCoilActiveElements": "HE1-4",
    "ReceiveCoilName": "HeadNeck_20",
    "ReconMatrixPE": 256,
    "RepetitionTime": 2.3,
    "SAR": 0.0735091,
    "ScanOptions": "IR",
    "ScanningSequence": "GR_IR",
    "SequenceName": "_tfl3d1_16ns",
    "SequenceVariant": "SK_SP_MP",
    "SeriesDescription": "mprage_1x1x1_medium",
    "SeriesNumber": 15,
    "ShimSetting": [
      3410,
      8593,
      9265,
      241,
      40,
      -484,
      124,
      44
    ],
    "SliceThickness": 1,
    "SoftwareVersions": "syngo_MR_D13",
    "StationName": "AWP45031",
    "TxRefAmp": 332.465,
    "dataset": "ds001430",
    "modality": "T1w",
    "subject_id": "16"
  },
  "cjv": 0.3294671596679115,
  "cnr": 4.085264570423099,
  "efc": 0.4667430864539442,
  "fber": 12682.689968920318,
  "fwhm_avg": 3.9015121029381756,
  "fwhm_x": 4.070936308814527,
  "fwhm_y": 4.09123,
  "fwhm_z": 3.54237,
  "icvs_csf": 0.20674105216240338,
  "icvs_gm": 0.469088626870788,
  "icvs_wm": 0.3241703209668086,
  "inu_med": 0.5833821296691895,
  "inu_range": 0.2416465774178505,
  "provenance": {
    "md5sum": "893405e5b398974fd6d51117f1f925ab",
    "settings": {
      "testing": false
    },
    "software": "mriqc",
    "version": "23.0.1",
    "warnings": {
      "large_rot_frame": true,
      "small_air_mask": false
    },
    "webapi_port": null,
    "webapi_url": "https://mriqc.nimh.nih.gov/api/v1"
  },
  "qi_1": 4.743518466568396e-05,
  "qi_2": 0.008972139533672851,
  "rpve_csf": 29.855539597180936,
  "rpve_gm": 14.093691430823396,
  "rpve_wm": 22.233176980615816,
  "size_x": 192,
  "size_y": 256,
  "size_z": 256,
  "snr_csf": 1.788690320283958,
  "snr_gm": 11.033337706682675,
  "snr_total": 11.492550256388535,
  "snr_wm": 21.65562274219897,
  "snrd_csf": 18.544065819635534,
  "snrd_gm": 53.69800140907688,
  "snrd_total": 50.29737635838642,
  "snrd_wm": 78.65006184644685,
  "spacing_x": 0.9999984502792358,
  "spacing_y": 1.0,
  "spacing_z": 1.0,
  "summary_bg_k": 1805.7584588379807,
  "summary_bg_mad": 0.0,
  "summary_bg_mean": 4.636598035340248,
  "summary_bg_median": 0.0,
  "summary_bg_n": 3683060.0,
  "summary_bg_p05": 0.0,
  "summary_bg_p95": 17.96076290309429,
  "summary_bg_stdv": 8.32976343765402,
  "summary_csf_k": -0.023656860589102102,
  "summary_csf_mad": 140.8100497239358,
  "summary_csf_mean": 250.08254229035353,
  "summary_csf_median": 235.77942158281803,
  "summary_csf_n": 32072.0,
  "summary_csf_p05": 65.64560155570507,
  "summary_csf_p95": 488.09853471815586,
  "summary_csf_stdv": 131.81473791046432,
  "summary_gm_k": 0.14124663033439155,
  "summary_gm_mad": 59.929131719580326,
  "summary_gm_mean": 682.0926378747063,
  "summary_gm_median": 682.7458355426788,
  "summary_gm_n": 39057.0,
  "summary_gm_p05": 578.7628868848085,
  "summary_gm_p95": 783.0655780524013,
  "summary_gm_stdv": 61.87947049747886,
  "summary_wm_k": 0.3712313041462316,
  "summary_wm_mad": 44.59570153351583,
  "summary_wm_mean": 999.2395028586526,
  "summary_wm_median": 1000.0000145584345,
  "summary_wm_n": 164515.0,
  "summary_wm_p05": 921.9200386852026,
  "summary_wm_p95": 1073.3036117255688,
  "summary_wm_stdv": 46.17724399901905,
  "tpm_overlap_csf": 0.13211447151265074,
  "tpm_overlap_gm": 0.4736437728595818,
  "tpm_overlap_wm": 0.5007403484784557,
  "wm2max": 0.5048773336713055
}