{
  "aor": 0.004173703703703703,
  "aqi": 0.011869873148148148,
  "bids_meta": {
    "AcquisitionMatrixPE": 64,
    "AcquisitionNumber": 1,
    "AcquisitionTime": "13:36:21.250000",
    "BandwidthPerPixelPhaseEncode": 40.064,
    "BaseResolution": 64,
    "BodyPartExamined": "BRAIN",
    "ConsistencyInfo": "N4_VD13A_LATEST_20120616",
    "ConversionSoftware": "dcm2niix",
    "ConversionSoftwareVersion": "v1.0.20180518 GCC4.8.5",
    "DerivedVendorReportedEchoSpacing": 0.000780002,
    "DeviceSerialNumber": "45031",
    "DwellTime": 5.4e-06,
    "EchoTime": 0.028,
    "EchoTrainLength": 32,
    "EffectiveEchoSpacing": 0.000390001,
    "FlipAngle": 64,
    "ImageOrientationPatientDICOM": [
      0.997601,
      0.0174184,
      0.0670045,
      -0.0100742,
      0.994054,
      -0.108422
    ],
    "ImageType": [
      "ORIGINAL",
      "PRIMARY",
      "M",
      "ND",
      "NORM",
      "MOSAIC"
    ],
    "InPlanePhaseEncodingDirectionDICOM": "COL",
    "InstitutionAddress": "Washington_and_Faculty_Rd._-_Building_25_25_Princeton_NJ_US_085",
    "InstitutionName": "Princeton_University_-_Neuroscience_Institute",
    "InstitutionalDepartmentName": "Department",
    "MRAcquisitionType": "2D",
    "MagneticFieldStrength": 3,
    "Manufacturer": "Siemens",
    "ManufacturersModelName": "Skyra",
    "Modality": "MR",
    "ParallelReductionFactorInPlane": 2,
    "PartialFourier": 1,
    "PatientPosition": "HFS",
    "PercentPhaseFOV": 100,
    "PhaseEncodingDirection": "j-",
    "PhaseEncodingSteps": 64,
    "PhaseResolution": 1,
    "PixelBandwidth": 1445,
    "ProcedureStepDescription": "Turk-BrowneLab_Projects",
    "ProtocolName": "epi_3x3x4_1.5s_216TR",
    "PulseSequenceDetails": "%SiemensSeq%_ep2d_bold",
    "ReceiveCoilActiveElements": "HE1-4",
    "ReceiveCoilName": "HeadNeck_20",
    "ReconMatrixPE": 64,
    "RepetitionTime": 1.5,
    "SAR": 0.0840322,
    "ScanOptions": "FS",
    "ScanningSequence": "EP",
    "SequenceName": "_epfid2d1_64",
    "SequenceVariant": "SK",
    "SeriesDescription": "epi_3x3x4_1.5s_216TR",
    "SeriesNumber": 12,
    "ShimSetting": [
      3426,
      8593,
      9354,
      364,
      127,
      -100,
      562,
      18
    ],
    "SliceThickness": 4,
    "SliceTiming": [
      0.74,
      0,
      0.7975,
      0.0575,
      0.855,
      0.115,
      0.91,
      0.17,
      0.9675,
      0.2275,
      1.025,
      0.285,
      1.0825,
      0.3425,
      1.1375,
      0.3975,
      1.195,
      0.455,
      1.2525,
      0.5125,
      1.31,
      0.57,
      1.365,
      0.625,
      1.4225,
      0.6825
    ],
    "SoftwareVersions": "syngo_MR_D13",
    "SpacingBetweenSlices": 4,
    "StationName": "AWP45031",
    "TotalReadoutTime": 0.0245701,
    "TxRefAmp": 357.716,
    "dataset": "ds001430",
    "modality": "bold",
    "run_id": 1,
    "subject_id": "02",
    "task_id": "loc"
  },
  "dummy_trs": 0,
  "dvars_nstd": 21.77976632232557,
  "dvars_std": 1.1457595654883719,
  "dvars_vstd": 1.0045440864186046,
  "efc": 0.6488590638882131,
  "fber": 1411.609375,
  "fd_mean": 0.1722202575187071,
  "fd_num": 44,
  "fd_perc": 20.37037037037037,
  "fwhm_avg": 1.7316077777777776,
  "fwhm_x": 1.6564566666666665,
  "fwhm_y": 1.8918566666666665,
  "fwhm_z": 1.64651,
  "gcor": 0.028089,
  "gsr_x": 0.015364933758974075,
  "gsr_y": 0.03741716966032982,
  "provenance": {
    "md5sum": "08987de9744bca8a7dee1aa9e7d6716b",
    "settings": {
      "fd_thres": 0.2,
      "testing": false
    },
    "software": "mriqc",
    "version": "23.0.1",
    "webapi_port": null,
    "webapi_url": "https://mriqc.nimh.nih.gov/api/v1"
  },
  "size_t": 216,
  "size_x": 64,
  "size_y": 64,
  "size_z": 26,
  "snr": 6.831214058540035,
  "spacing_tr": 1.5,
  "spacing_x": 3.0,
  "spacing_y": 3.0,
  "spacing_z": 4.0,
  "summary_bg_k": 13.633006523458597,
  "summary_bg_mad": 12.705079072817865,
  "summary_bg_mean": 45.93617630004883,
  "summary_bg_median": 16.115741729736328,
  "summary_bg_n": 45955.0,
  "summary_bg_p05": 6.430555820465088,
  "summary_bg_p95": 189.53565521240176,
  "summary_bg_stdv": 70.29495239257812,
  "summary_fg_k": 2.029438472219563,
  "summary_fg_mad": 90.2877965775925,
  "summary_fg_mean": 648.3820190429688,
  "summary_fg_median": 639.80322265625,
  "summary_fg_n": 32906.0,
  "summary_fg_p05": 521.0347290039062,
  "summary_fg_p95": 803.2430725097656,
  "summary_fg_stdv": 93.65736389160156,
  "tsnr": 62.088529598433524
}