{
  "aor": 0.001234074074074074,
  "aqi": 0.006974316527777778,
  "bids_meta": {
    "AcquisitionMatrixPE": 64,
    "AcquisitionNumber": 1,
    "AcquisitionTime": "13:42:23.185000",
    "BandwidthPerPixelPhaseEncode": 40.064,
    "BaseResolution": 64,
    "BodyPartExamined": "BRAIN",
    "ConsistencyInfo": "N4_VD13A_LATEST_20120616",
    "ConversionSoftware": "dcm2niix",
    "ConversionSoftwareVersion": "v1.0.20180518 GCC4.8.5",
    "DerivedVendorReportedEchoSpacing": 0.000780002,
    "DeviceSerialNumber": "45031",
    "DwellTime": 5.4e-06,
    "EchoTime": 0.028,
    "EchoTrainLength": 32,
    "EffectiveEchoSpacing": 0.000390001,
    "FlipAngle": 64,
    "ImageOrientationPatientDICOM": [
      0.997601,
      0.0174184,
      0.0670045,
      -0.0100742,
      0.994054,
      -0.108422
    ],
    "ImageType": [
      "ORIGINAL",
      "PRIMARY",
      "M",
      "ND",
      "NORM",
      "MOSAIC"
    ],
    "InPlanePhaseEncodingDirectionDICOM": "COL",
    "InstitutionAddress": "Washington_and_Faculty_Rd._-_Building_25_25_Princeton_NJ_US_085",
    "InstitutionName": "Princeton_University_-_Neuroscience_Institute",
    "InstitutionalDepartmentName": "Department",
    "MRAcquisitionType": "2D",
    "MagneticFieldStrength": 3,
    "Manufacturer": "Siemens",
    "ManufacturersModelName": "Skyra",
    "Modality": "MR",
    "ParallelReductionFactorInPlane": 2,
    "PartialFourier": 1,
    "PatientPosition": "HFS",
    "PercentPhaseFOV": 100,
    "PhaseEncodingDirection": "j-",
    "PhaseEncodingSteps": 64,
    "PhaseResolution": 1,
    "PixelBandwidth": 1445,
    "ProcedureStepDescription": "Turk-BrowneLab_Projects",
    "ProtocolName": "epi_3x3x4_1.5s_216TR",
    "PulseSequenceDetails": "%SiemensSeq%_ep2d_bold",
    "ReceiveCoilActiveElements": "HE1-4",
    "ReceiveCoilName": "HeadNeck_20",
    "ReconMatrixPE": 64,
    "RepetitionTime": 1.5,
    "SAR": 0.0840322,
    "ScanOptions": "FS",
    "ScanningSequence": "EP",
    "SequenceName": "_epfid2d1_64",
    "SequenceVariant": "SK",
    "SeriesDescription": "epi_3x3x4_1.5s_216TR",
    "SeriesNumber": 13,
    "ShimSetting": [
      3426,
      8593,
      9354,
      364,
      127,
      -100,
      562,
      18
    ],
    "SliceThickness": 4,
    "SliceTiming": [
      0.74,
      0,
      0.7975,
      0.0575,
      0.855,
      0.115,
      0.91,
      0.17,
      0.9675,
      0.2275,
      1.025,
      0.285,
      1.0825,
      0.3425,
      1.1375,
      0.3975,
      1.195,
      0.455,
      1.2525,
      0.5125,
      1.31,
      0.57,
      1.365,
      0.625,
      1.4225,
      0.6825
    ],
    "SoftwareVersions": "syngo_MR_D13",
    "SpacingBetweenSlices": 4,
    "StationName": "AWP45031",
    "TotalReadoutTime": 0.0245701,
    "TxRefAmp": 357.716,
    "dataset": "ds001430",
    "modality": "bold",
    "run_id": 2,
    "subject_id": "02",
    "task_id": "loc"
  },
  "dummy_trs": 0,
  "dvars_nstd": 21.188386083162786,
  "dvars_std": 1.186920916930232,
  "dvars_vstd": 1.0115059884651167,
  "efc": 0.6485599013442472,
  "fber": 1427.3179931640625,
  "fd_mean": 0.12872795038177803,
  "fd_num": 24,
  "fd_perc": 11.11111111111111,
  "fwhm_avg": 1.7221358333333334,
  "fwhm_x": 1.64938,
  "fwhm_y": 1.88839,
  "fwhm_z": 1.6286375,
  "gcor": 0.0386695,
  "gsr_x": 0.014833497814834118,
  "gsr_y": 0.03884143382310867,
  "provenance": {
    "md5sum": "da3bd32497ca7a87acc614143d2e1a1d",
    "settings": {
      "fd_thres": 0.2,
      "testing": false
    },
    "software": "mriqc",
    "version": "23.0.1",
    "webapi_port": null,
    "webapi_url": "https://mriqc.nimh.nih.gov/api/v1"
  },
  "size_t": 216,
  "size_x": 64,
  "size_y": 64,
  "size_z": 26,
  "snr": 6.8563756563929505,
  "spacing_tr": 1.5,
  "spacing_x": 3.0,
  "spacing_y": 3.0,
  "spacing_z": 4.0,
  "summary_bg_k": 13.932069238406484,
  "summary_bg_mad": 12.344722560255969,
  "summary_bg_mean": 45.94955825805664,
  "summary_bg_median": 15.969907760620117,
  "summary_bg_n": 46008.0,
  "summary_bg_p05": 6.504629611968994,
  "summary_bg_p95": 189.16296691894536,
  "summary_bg_stdv": 70.78456115722656,
  "summary_fg_k": 2.037081337380605,
  "summary_fg_mad": 89.48459972142454,
  "summary_fg_mean": 647.3960571289062,
  "summary_fg_median": 639.1990966796875,
  "summary_fg_n": 32880.0,
  "summary_fg_p05": 520.4764038085938,
  "summary_fg_p95": 802.3653106689452,
  "summary_fg_stdv": 93.22554779052734,
  "tsnr": 74.86688871961087
}