{
  "aor": 0.0010475,
  "aqi": 0.0046791084459459455,
  "bids_meta": {
    "AcquisitionMatrixPE": 64,
    "AcquisitionNumber": 1,
    "AcquisitionTime": "12:45:24.225000",
    "BandwidthPerPixelPhaseEncode": 40.064,
    "BaseResolution": 64,
    "BodyPartExamined": "BRAIN",
    "ConsistencyInfo": "N4_VD13A_LATEST_20120616",
    "ConversionSoftware": "dcm2niix",
    "ConversionSoftwareVersion": "v1.0.20180518 GCC4.8.5",
    "DerivedVendorReportedEchoSpacing": 0.000780002,
    "DeviceSerialNumber": "45031",
    "DwellTime": 5.4e-06,
    "EchoTime": 0.028,
    "EchoTrainLength": 32,
    "EffectiveEchoSpacing": 0.000390001,
    "FlipAngle": 64,
    "ImageOrientationPatientDICOM": [
      0.997601,
      0.0174184,
      0.0670045,
      -0.0100742,
      0.994054,
      -0.108422
    ],
    "ImageType": [
      "ORIGINAL",
      "PRIMARY",
      "M",
      "ND",
      "NORM",
      "MOSAIC"
    ],
    "InPlanePhaseEncodingDirectionDICOM": "COL",
    "InstitutionAddress": "Washington_and_Faculty_Rd._-_Building_25_25_Princeton_NJ_US_085",
    "InstitutionName": "Princeton_University_-_Neuroscience_Institute",
    "InstitutionalDepartmentName": "Department",
    "MRAcquisitionType": "2D",
    "MagneticFieldStrength": 3,
    "Manufacturer": "Siemens",
    "ManufacturersModelName": "Skyra",
    "Modality": "MR",
    "ParallelReductionFactorInPlane": 2,
    "PartialFourier": 1,
    "PatientPosition": "HFS",
    "PercentPhaseFOV": 100,
    "PhaseEncodingDirection": "j-",
    "PhaseEncodingSteps": 64,
    "PhaseResolution": 1,
    "PixelBandwidth": 1445,
    "ProcedureStepDescription": "Turk-BrowneLab_Projects",
    "ProtocolName": "epi_3x3x4_1.5s_148TR",
    "PulseSequenceDetails": "%SiemensSeq%_ep2d_bold",
    "ReceiveCoilActiveElements": "HE1-4",
    "ReceiveCoilName": "HeadNeck_20",
    "ReconMatrixPE": 64,
    "RepetitionTime": 1.5,
    "SAR": 0.084031,
    "ScanOptions": "FS",
    "ScanningSequence": "EP",
    "SequenceName": "_epfid2d1_64",
    "SequenceVariant": "SK",
    "SeriesDescription": "epi_3x3x4_1.5s_148TR",
    "SeriesNumber": 7,
    "ShimSetting": [
      3426,
      8593,
      9354,
      364,
      127,
      -100,
      562,
      18
    ],
    "SliceThickness": 4,
    "SliceTiming": [
      0.74,
      0,
      0.7975,
      0.0575,
      0.855,
      0.115,
      0.91,
      0.17,
      0.9675,
      0.2275,
      1.025,
      0.285,
      1.0825,
      0.3425,
      1.1375,
      0.3975,
      1.195,
      0.455,
      1.2525,
      0.5125,
      1.31,
      0.57,
      1.365,
      0.6275,
      1.4225,
      0.6825
    ],
    "SoftwareVersions": "syngo_MR_D13",
    "SpacingBetweenSlices": 4,
    "StationName": "AWP45031",
    "TotalReadoutTime": 0.0245701,
    "TxRefAmp": 357.716,
    "dataset": "ds001430",
    "modality": "bold",
    "run_id": 3,
    "subject_id": "02",
    "task_id": "phase1"
  },
  "dummy_trs": 0,
  "dvars_nstd": 18.934557655170064,
  "dvars_std": 1.1381508755102043,
  "dvars_vstd": 1.0089663970068028,
  "efc": 0.6429202770033333,
  "fber": 1660.6505126953125,
  "fd_mean": 0.08067785369061763,
  "fd_num": 0,
  "fd_perc": 0.0,
  "fwhm_avg": 1.7275772222222223,
  "fwhm_x": 1.6363833333333335,
  "fwhm_y": 1.8973033333333333,
  "fwhm_z": 1.649045,
  "gcor": 0.0170465,
  "gsr_x": 0.015501951798796654,
  "gsr_y": 0.03693008050322533,
  "provenance": {
    "md5sum": "a0c9e33823ff4e05e08bbc465c50b9eb",
    "settings": {
      "fd_thres": 0.2,
      "testing": false
    },
    "software": "mriqc",
    "version": "23.0.1",
    "webapi_port": null,
    "webapi_url": "https://mriqc.nimh.nih.gov/api/v1"
  },
  "size_t": 148,
  "size_x": 64,
  "size_y": 64,
  "size_z": 26,
  "snr": 6.8869813056724345,
  "spacing_tr": 1.5,
  "spacing_x": 3.0,
  "spacing_y": 3.0,
  "spacing_z": 4.0,
  "summary_bg_k": 16.50848347971137,
  "summary_bg_mad": 11.099481397248985,
  "summary_bg_mean": 42.44904327392578,
  "summary_bg_median": 15.0,
  "summary_bg_n": 46295.0,
  "summary_bg_p05": 6.364864826202393,
  "summary_bg_p95": 171.3601364135742,
  "summary_bg_stdv": 66.47965240478516,
  "summary_fg_k": 2.021698863593304,
  "summary_fg_mad": 90.08306101122476,
  "summary_fg_mean": 650.2682495117188,
  "summary_fg_median": 641.6588134765625,
  "summary_fg_n": 32698.0,
  "summary_fg_p05": 522.9459838867188,
  "summary_fg_p95": 803.9625122070312,
  "summary_fg_stdv": 93.16839599609375,
  "tsnr": 88.48996988777071
}