{
  "bids_meta": {
    "AcquisitionMatrixPE": 256,
    "AcquisitionNumber": 1,
    "AcquisitionTime": "19:27:35.695000",
    "BaseResolution": 256,
    "BodyPartExamined": "BRAIN",
    "ConsistencyInfo": "N4_VD13A_LATEST_20120616",
    "ConversionSoftware": "dcm2niix",
    "ConversionSoftwareVersion": "v1.0.20180518 GCC4.8.5",
    "DeviceSerialNumber": "45031",
    "DwellTime": 8.2e-06,
    "EchoTime": 0.00298,
    "FlipAngle": 9,
    "ImageOrientationPatientDICOM": [
      -0.0826185,
      0.995287,
      0.0507721,
      -0.00836202,
      0.0502522,
      -0.998702
    ],
    "ImageType": [
      "ORIGINAL",
      "PRIMARY",
      "M",
      "ND",
      "NORM"
    ],
    "InPlanePhaseEncodingDirectionDICOM": "ROW",
    "InstitutionAddress": "Washington_and_Faculty_Rd._-_Building_25_25_Princeton_NJ_US_085",
    "InstitutionName": "Princeton_University_-_Neuroscience_Institute",
    "InstitutionalDepartmentName": "Department",
    "InversionTime": 0.9,
    "MRAcquisitionType": "3D",
    "MagneticFieldStrength": 3,
    "Manufacturer": "Siemens",
    "ManufacturersModelName": "Skyra",
    "Modality": "MR",
    "ParallelReductionFactorInPlane": 2,
    "PartialFourier": 1,
    "PatientPosition": "HFS",
    "PercentPhaseFOV": 100,
    "PhaseEncodingSteps": 255,
    "PhaseResolution": 1,
    "PixelBandwidth": 240,
    "ProcedureStepDescription": "Turk-BrowneLab_Projects",
    "ProtocolName": "mprage_1x1x1_medium",
    "PulseSequenceDetails": "%SiemensSeq%_tfl",
    "ReceiveCoilActiveElements": "HE1-4",
    "ReceiveCoilName": "HeadNeck_20",
    "ReconMatrixPE": 256,
    "RepetitionTime": 2.3,
    "SAR": 0.071417,
    "ScanOptions": "IR",
    "ScanningSequence": "GR_IR",
    "SequenceName": "_tfl3d1_16ns",
    "SequenceVariant": "SK_SP_MP",
    "SeriesDescription": "mprage_1x1x1_medium",
    "SeriesNumber": 15,
    "ShimSetting": [
      3376,
      8659,
      9241,
      297,
      21,
      -309,
      315,
      180
    ],
    "SliceThickness": 1,
    "SoftwareVersions": "syngo_MR_D13",
    "StationName": "AWP45031",
    "TxRefAmp": 353.396,
    "dataset": "ds001430",
    "modality": "T1w",
    "subject_id": "24"
  },
  "cjv": 0.3483119815933323,
  "cnr": 3.8254658793893803,
  "efc": 0.5104252001543563,
  "fber": 18255.612844444444,
  "fwhm_avg": 3.7282566378409903,
  "fwhm_x": 3.7800299135229705,
  "fwhm_y": 3.98521,
  "fwhm_z": 3.41953,
  "icvs_csf": 0.22118245901408198,
  "icvs_gm": 0.4371142914631392,
  "icvs_wm": 0.3417032495227788,
  "inu_med": 0.5829886198043823,
  "inu_range": 0.21854901313781738,
  "provenance": {
    "md5sum": "1014dcbbdc0dfe43faec0134c477b52b",
    "settings": {
      "testing": false
    },
    "software": "mriqc",
    "version": "23.0.1",
    "warnings": {
      "large_rot_frame": true,
      "small_air_mask": false
    },
    "webapi_port": null,
    "webapi_url": "https://mriqc.nimh.nih.gov/api/v1"
  },
  "qi_1": 0.0,
  "qi_2": 0.008475040906288613,
  "rpve_csf": 23.23107282216097,
  "rpve_gm": 12.259461488685927,
  "rpve_wm": 17.937959242250287,
  "size_x": 192,
  "size_y": 256,
  "size_z": 256,
  "snr_csf": 2.6329966890189844,
  "snr_gm": 10.213538378661662,
  "snr_total": 11.68176159264358,
  "snr_wm": 22.198749710250095,
  "snrd_csf": 21.54852244610968,
  "snrd_gm": 62.44103973846787,
  "snrd_total": 58.22304359740016,
  "snrd_wm": 90.67956860762291,
  "spacing_x": 0.9999973773956299,
  "spacing_y": 1.0,
  "spacing_z": 1.0,
  "summary_bg_k": 8.73098536358958,
  "summary_bg_mad": 0.0,
  "summary_bg_mean": 4.350852782691848,
  "summary_bg_median": 0.0,
  "summary_bg_n": 3069752.0,
  "summary_bg_p05": 0.0,
  "summary_bg_p95": 18.995136938989162,
  "summary_bg_stdv": 7.224740717527495,
  "summary_csf_k": 2.4038959257309926,
  "summary_csf_mad": 72.85655966639858,
  "summary_csf_mean": 249.57454087524494,
  "summary_csf_median": 237.63370119407773,
  "summary_csf_n": 61053.0,
  "summary_csf_p05": 122.69043227657676,
  "summary_csf_p95": 416.2074373662472,
  "summary_csf_stdv": 90.2514446944939,
  "summary_gm_k": 0.10203521289461115,
  "summary_gm_mad": 66.12838133309,
  "summary_gm_mean": 688.1509121898571,
  "summary_gm_median": 688.5899214930832,
  "summary_gm_n": 30469.0,
  "summary_gm_p05": 575.8184515088797,
  "summary_gm_p95": 798.9302732683718,
  "summary_gm_stdv": 67.41822432414824,
  "summary_wm_k": 0.6565720268292781,
  "summary_wm_mad": 42.339465083177544,
  "summary_wm_mean": 1000.0606556140601,
  "summary_wm_median": 999.999956600368,
  "summary_wm_n": 201922.0,
  "summary_wm_p05": 926.5153568722308,
  "summary_wm_p95": 1073.5477654019364,
  "summary_wm_stdv": 45.04746859378239,
  "tpm_overlap_csf": 0.16499891676130052,
  "tpm_overlap_gm": 0.4556421351895975,
  "tpm_overlap_wm": 0.4945852411673266,
  "wm2max": 0.6326695351581798
}