{
  "bids_meta": {
    "AcquisitionMatrixPE": 256,
    "AcquisitionNumber": 1,
    "AcquisitionTime": "16:02:59.670000",
    "BaseResolution": 256,
    "BodyPartExamined": "BRAIN",
    "ConsistencyInfo": "N4_VD13A_LATEST_20120616",
    "ConversionSoftware": "dcm2niix",
    "ConversionSoftwareVersion": "v1.0.20180518 GCC4.8.5",
    "DeviceSerialNumber": "45031",
    "DwellTime": 8.2e-06,
    "EchoTime": 0.00298,
    "FlipAngle": 9,
    "ImageOrientationPatientDICOM": [
      -0.0727259,
      0.984345,
      0.160548,
      0.0321481,
      0.163205,
      -0.986068
    ],
    "ImageType": [
      "ORIGINAL",
      "PRIMARY",
      "M",
      "ND",
      "NORM"
    ],
    "InPlanePhaseEncodingDirectionDICOM": "ROW",
    "InstitutionAddress": "Washington_and_Faculty_Rd._-_Building_25_25_Princeton_NJ_US_085",
    "InstitutionName": "Princeton_University_-_Neuroscience_Institute",
    "InstitutionalDepartmentName": "Department",
    "InversionTime": 0.9,
    "MRAcquisitionType": "3D",
    "MagneticFieldStrength": 3,
    "Manufacturer": "Siemens",
    "ManufacturersModelName": "Skyra",
    "Modality": "MR",
    "ParallelReductionFactorInPlane": 2,
    "PartialFourier": 1,
    "PatientPosition": "HFS",
    "PercentPhaseFOV": 100,
    "PhaseEncodingSteps": 255,
    "PhaseResolution": 1,
    "PixelBandwidth": 240,
    "ProcedureStepDescription": "Turk-BrowneLab_Projects",
    "ProtocolName": "mprage_1x1x1_medium",
    "PulseSequenceDetails": "%SiemensSeq%_tfl",
    "ReceiveCoilActiveElements": "HE1-4",
    "ReceiveCoilName": "HeadNeck_20",
    "ReconMatrixPE": 256,
    "RepetitionTime": 2.3,
    "SAR": 0.0765502,
    "ScanOptions": "IR",
    "ScanningSequence": "GR_IR",
    "SequenceName": "_tfl3d1_16ns",
    "SequenceVariant": "SK_SP_MP",
    "SeriesDescription": "mprage_1x1x1_medium",
    "SeriesNumber": 15,
    "ShimSetting": [
      3388,
      8578,
      9188,
      287,
      131,
      -517,
      326,
      64
    ],
    "SliceThickness": 1,
    "SoftwareVersions": "syngo_MR_D13",
    "StationName": "AWP45031",
    "TxRefAmp": 328.782,
    "dataset": "ds001430",
    "modality": "T1w",
    "subject_id": "27"
  },
  "cjv": 0.32827451836594623,
  "cnr": 4.07876871964312,
  "efc": 0.4579004391452896,
  "fber": 24243.203135015443,
  "fwhm_avg": 3.7353470504799637,
  "fwhm_x": 3.8635911514398904,
  "fwhm_y": 3.90635,
  "fwhm_z": 3.4361,
  "icvs_csf": 0.20324617364091613,
  "icvs_gm": 0.45884147050892304,
  "icvs_wm": 0.33791235585016083,
  "inu_med": 0.5864910185337067,
  "inu_range": 0.23009445369243614,
  "provenance": {
    "md5sum": "c1e118d8532bdcff5c644ae418b7bb1c",
    "settings": {
      "testing": false
    },
    "software": "mriqc",
    "version": "23.0.1",
    "warnings": {
      "large_rot_frame": true,
      "small_air_mask": false
    },
    "webapi_port": null,
    "webapi_url": "https://mriqc.nimh.nih.gov/api/v1"
  },
  "qi_1": 0.0,
  "qi_2": 0.01820000608907894,
  "rpve_csf": 27.14264752486423,
  "rpve_gm": 12.942367406611394,
  "rpve_wm": 19.7061538340332,
  "size_x": 192,
  "size_y": 256,
  "size_z": 256,
  "snr_csf": 2.116129408519888,
  "snr_gm": 10.666668677638338,
  "snr_total": 11.798531522040825,
  "snr_wm": 22.61279647996425,
  "snrd_csf": 29.4171750874239,
  "snrd_gm": 78.76330488392337,
  "snrd_total": 74.553291665463,
  "snrd_wm": 115.47939502504168,
  "spacing_x": 0.9999997019767761,
  "spacing_y": 1.0,
  "spacing_z": 1.0,
  "summary_bg_k": 111.71097163149665,
  "summary_bg_mad": 0.0,
  "summary_bg_mean": 3.1129918977837376,
  "summary_bg_median": 0.0,
  "summary_bg_n": 3546477.0,
  "summary_bg_p05": 0.0,
  "summary_bg_p95": 13.93906532227993,
  "summary_bg_stdv": 5.673189024279533,
  "summary_csf_k": 0.9870499752842465,
  "summary_csf_mad": 107.35938525607968,
  "summary_csf_mean": 265.5406791399827,
  "summary_csf_median": 254.73961579799652,
  "summary_csf_n": 34228.0,
  "summary_csf_p05": 80.28869655299933,
  "summary_csf_p95": 480.9505046686157,
  "summary_csf_stdv": 120.37822144923128,
  "summary_gm_k": 0.1501040445724966,
  "summary_gm_mad": 61.99826751212019,
  "summary_gm_mean": 681.6617163586651,
  "summary_gm_median": 682.0550907924771,
  "summary_gm_n": 41783.0,
  "summary_gm_p05": 574.7658492442221,
  "summary_gm_p95": 785.5750300437212,
  "summary_gm_stdv": 63.94188752673539,
  "summary_wm_k": 0.4146651807554802,
  "summary_wm_mad": 42.374962657366545,
  "summary_wm_mean": 998.5757973472035,
  "summary_wm_median": 1000.0000555403531,
  "summary_wm_n": 190340.0,
  "summary_wm_p05": 923.3032259345055,
  "summary_wm_p95": 1068.2247468195856,
  "summary_wm_stdv": 44.22263427456098,
  "tpm_overlap_csf": 0.13664774939354588,
  "tpm_overlap_gm": 0.46529389229377316,
  "tpm_overlap_wm": 0.48617631229447317,
  "wm2max": 0.55423755533448
}