{
  "aor": 0.0007806499999999999,
  "aqi": 0.005095400450000001,
  "bids_meta": {
    "AcquisitionMatrixPE": 64,
    "AcquisitionNumber": 1,
    "AcquisitionTime": "19:14:16.840000",
    "BandwidthPerPixelPhaseEncode": 40.064,
    "BaseResolution": 64,
    "BodyPartExamined": "BRAIN",
    "ConsistencyInfo": "N4_VD13A_LATEST_20120616",
    "ConversionSoftware": "dcm2niix",
    "ConversionSoftwareVersion": "v1.0.20180518 GCC4.8.5",
    "DerivedVendorReportedEchoSpacing": 0.000780002,
    "DeviceSerialNumber": "45031",
    "DwellTime": 5.4e-06,
    "EchoTime": 0.028,
    "EchoTrainLength": 32,
    "EffectiveEchoSpacing": 0.000390001,
    "FlipAngle": 64,
    "ImageOrientationPatientDICOM": [
      0.997959,
      0.0637817,
      0.00313381,
      -0.0594589,
      0.945981,
      -0.318724
    ],
    "ImageType": [
      "ORIGINAL",
      "PRIMARY",
      "M",
      "ND",
      "NORM",
      "MOSAIC"
    ],
    "InPlanePhaseEncodingDirectionDICOM": "COL",
    "InstitutionAddress": "Washington_and_Faculty_Rd._-_Building_25_25_Princeton_NJ_US_085",
    "InstitutionName": "Princeton_University_-_Neuroscience_Institute",
    "InstitutionalDepartmentName": "Department",
    "MRAcquisitionType": "2D",
    "MagneticFieldStrength": 3,
    "Manufacturer": "Siemens",
    "ManufacturersModelName": "Skyra",
    "Modality": "MR",
    "ParallelReductionFactorInPlane": 2,
    "PartialFourier": 1,
    "PatientPosition": "HFS",
    "PercentPhaseFOV": 100,
    "PhaseEncodingDirection": "j-",
    "PhaseEncodingSteps": 64,
    "PhaseResolution": 1,
    "PixelBandwidth": 1445,
    "ProcedureStepDescription": "Turk-BrowneLab_Projects",
    "ProtocolName": "epi_3x3x4_1.5s_400TR",
    "PulseSequenceDetails": "%SiemensSeq%_ep2d_bold",
    "ReceiveCoilActiveElements": "HE1-4",
    "ReceiveCoilName": "HeadNeck_20",
    "ReconMatrixPE": 64,
    "RepetitionTime": 1.5,
    "SAR": 0.0840321,
    "ScanOptions": "FS",
    "ScanningSequence": "EP",
    "SequenceName": "_epfid2d1_64",
    "SequenceVariant": "SK",
    "SeriesDescription": "epi_3x3x4_1.5s_400TR",
    "SeriesNumber": 11,
    "ShimSetting": [
      3369,
      8722,
      9307,
      520,
      88,
      504,
      75,
      66
    ],
    "SliceThickness": 4,
    "SliceTiming": [
      0.74,
      0,
      0.7975,
      0.0575,
      0.855,
      0.115,
      0.9125,
      0.1725,
      0.9675,
      0.2275,
      1.025,
      0.285,
      1.0825,
      0.3425,
      1.14,
      0.4,
      1.195,
      0.455,
      1.2525,
      0.5125,
      1.31,
      0.57,
      1.3675,
      0.6275,
      1.4225,
      0.685
    ],
    "SoftwareVersions": "syngo_MR_D13",
    "SpacingBetweenSlices": 4,
    "StationName": "AWP45031",
    "TotalReadoutTime": 0.0245701,
    "TxRefAmp": 349.638,
    "dataset": "ds001430",
    "modality": "bold",
    "run_id": 2,
    "subject_id": "14",
    "task_id": "phase3"
  },
  "dummy_trs": 0,
  "dvars_nstd": 18.684670854862166,
  "dvars_std": 1.0927960923057642,
  "dvars_vstd": 1.0014558979699255,
  "efc": 0.6294346318533712,
  "fber": 1928.01953125,
  "fd_mean": 0.1358944376428114,
  "fd_num": 47,
  "fd_perc": 11.75,
  "fwhm_avg": 1.713558611111111,
  "fwhm_x": 1.67962,
  "fwhm_y": 1.9491633333333331,
  "fwhm_z": 1.5118925,
  "gcor": 0.0159316,
  "gsr_x": -0.008237166330218315,
  "gsr_y": 0.06118450686335564,
  "provenance": {
    "md5sum": "d2f509ab48928b9b586a9053237f2602",
    "settings": {
      "fd_thres": 0.2,
      "testing": false
    },
    "software": "mriqc",
    "version": "23.0.1",
    "webapi_port": null,
    "webapi_url": "https://mriqc.nimh.nih.gov/api/v1"
  },
  "size_t": 400,
  "size_x": 64,
  "size_y": 64,
  "size_z": 26,
  "snr": 6.597641278370171,
  "spacing_tr": 1.5,
  "spacing_x": 3.0,
  "spacing_y": 3.0,
  "spacing_z": 4.0,
  "summary_bg_k": 21.00827936603725,
  "summary_bg_mad": 9.725869761601741,
  "summary_bg_mean": 44.48248291015625,
  "summary_bg_median": 14.809999465942383,
  "summary_bg_n": 48123.0,
  "summary_bg_p05": 6.739999771118164,
  "summary_bg_p95": 181.92524261474617,
  "summary_bg_stdv": 71.53684997558594,
  "summary_fg_k": 2.668763685823632,
  "summary_fg_mad": 96.61374099220865,
  "summary_fg_mean": 703.1572265625,
  "summary_fg_median": 695.0574951171875,
  "summary_fg_n": 30353.0,
  "summary_fg_p05": 561.7965087890625,
  "summary_fg_p95": 875.9079711914062,
  "summary_fg_stdv": 105.34765625,
  "tsnr": 81.79104525921866
}