{
  "aor": 0.001149662162162162,
  "aqi": 0.0038810657432432434,
  "bids_meta": {
    "AcquisitionMatrixPE": 64,
    "AcquisitionNumber": 1,
    "AcquisitionTime": "18:32:45.492500",
    "BandwidthPerPixelPhaseEncode": 40.064,
    "BaseResolution": 64,
    "BodyPartExamined": "BRAIN",
    "ConsistencyInfo": "N4_VD13A_LATEST_20120616",
    "ConversionSoftware": "dcm2niix",
    "ConversionSoftwareVersion": "v1.0.20180518 GCC4.8.5",
    "DerivedVendorReportedEchoSpacing": 0.000780002,
    "DeviceSerialNumber": "45031",
    "DwellTime": 5.4e-06,
    "EchoTime": 0.028,
    "EchoTrainLength": 32,
    "EffectiveEchoSpacing": 0.000390001,
    "FlipAngle": 64,
    "ImageOrientationPatientDICOM": [
      0.997959,
      0.0637817,
      0.00313381,
      -0.0594589,
      0.945981,
      -0.318724
    ],
    "ImageType": [
      "ORIGINAL",
      "PRIMARY",
      "M",
      "ND",
      "NORM",
      "MOSAIC"
    ],
    "InPlanePhaseEncodingDirectionDICOM": "COL",
    "InstitutionAddress": "Washington_and_Faculty_Rd._-_Building_25_25_Princeton_NJ_US_085",
    "InstitutionName": "Princeton_University_-_Neuroscience_Institute",
    "InstitutionalDepartmentName": "Department",
    "MRAcquisitionType": "2D",
    "MagneticFieldStrength": 3,
    "Manufacturer": "Siemens",
    "ManufacturersModelName": "Skyra",
    "Modality": "MR",
    "ParallelReductionFactorInPlane": 2,
    "PartialFourier": 1,
    "PatientPosition": "HFS",
    "PercentPhaseFOV": 100,
    "PhaseEncodingDirection": "j-",
    "PhaseEncodingSteps": 64,
    "PhaseResolution": 1,
    "PixelBandwidth": 1445,
    "ProcedureStepDescription": "Turk-BrowneLab_Projects",
    "ProtocolName": "epi_3x3x4_1.5s_148TR",
    "PulseSequenceDetails": "%SiemensSeq%_ep2d_bold",
    "ReceiveCoilActiveElements": "HE1-4",
    "ReceiveCoilName": "HeadNeck_20",
    "ReconMatrixPE": 64,
    "RepetitionTime": 1.5,
    "SAR": 0.0840298,
    "ScanOptions": "FS",
    "ScanningSequence": "EP",
    "SequenceName": "_epfid2d1_64",
    "SequenceVariant": "SK",
    "SeriesDescription": "epi_3x3x4_1.5s_148TR",
    "SeriesNumber": 7,
    "ShimSetting": [
      3369,
      8722,
      9307,
      520,
      88,
      504,
      75,
      66
    ],
    "SliceThickness": 4,
    "SliceTiming": [
      0.74,
      0,
      0.795,
      0.055,
      0.8525,
      0.1125,
      0.91,
      0.17,
      0.9675,
      0.2275,
      1.0225,
      0.2825,
      1.08,
      0.34,
      1.1375,
      0.3975,
      1.195,
      0.455,
      1.25,
      0.51,
      1.3075,
      0.5675,
      1.365,
      0.625,
      1.4225,
      0.6825
    ],
    "SoftwareVersions": "syngo_MR_D13",
    "SpacingBetweenSlices": 4,
    "StationName": "AWP45031",
    "TotalReadoutTime": 0.0245701,
    "TxRefAmp": 349.638,
    "dataset": "ds001430",
    "modality": "bold",
    "run_id": 3,
    "subject_id": "14",
    "task_id": "phase1"
  },
  "dummy_trs": 0,
  "dvars_nstd": 17.397824358503406,
  "dvars_std": 1.0915425021768703,
  "dvars_vstd": 1.0095083551020407,
  "efc": 0.6308675616275796,
  "fber": 1827.42724609375,
  "fd_mean": 0.10679220905092492,
  "fd_num": 4,
  "fd_perc": 2.7027027027027026,
  "fwhm_avg": 1.7026838888888889,
  "fwhm_x": 1.6656566666666668,
  "fwhm_y": 1.93463,
  "fwhm_z": 1.507765,
  "gcor": 0.0165626,
  "gsr_x": -0.01290165912359953,
  "gsr_y": 0.0639612153172493,
  "provenance": {
    "md5sum": "97301975b299e6a724763a50c65ad45f",
    "settings": {
      "fd_thres": 0.2,
      "testing": false
    },
    "software": "mriqc",
    "version": "23.0.1",
    "webapi_port": null,
    "webapi_url": "https://mriqc.nimh.nih.gov/api/v1"
  },
  "size_t": 148,
  "size_x": 64,
  "size_y": 64,
  "size_z": 26,
  "snr": 6.513274668846842,
  "spacing_tr": 1.5,
  "spacing_x": 3.0,
  "spacing_y": 3.0,
  "spacing_z": 4.0,
  "summary_bg_k": 21.98837241975592,
  "summary_bg_mad": 10.077688320313419,
  "summary_bg_mean": 44.46775817871094,
  "summary_bg_median": 15.108108520507812,
  "summary_bg_n": 47933.0,
  "summary_bg_p05": 6.79054069519043,
  "summary_bg_p95": 182.2986541748047,
  "summary_bg_stdv": 72.01213836669922,
  "summary_fg_k": 2.562852520712762,
  "summary_fg_mad": 98.99374105012588,
  "summary_fg_mean": 700.36279296875,
  "summary_fg_median": 692.2567749023438,
  "summary_fg_n": 30519.0,
  "summary_fg_p05": 557.690576171875,
  "summary_fg_p95": 874.7425903320311,
  "summary_fg_stdv": 106.28224182128906,
  "tsnr": 91.27494312764611
}