{
  "aor": 0.009244722222222222,
  "aqi": 0.009406976666666666,
  "bids_meta": {
    "AcquisitionMatrixPE": 64,
    "AcquisitionNumber": 1,
    "AcquisitionTime": "19:27:14.355000",
    "BandwidthPerPixelPhaseEncode": 40.064,
    "BaseResolution": 64,
    "BodyPartExamined": "BRAIN",
    "ConsistencyInfo": "N4_VD13A_LATEST_20120616",
    "ConversionSoftware": "dcm2niix",
    "ConversionSoftwareVersion": "v1.0.20180518 GCC4.8.5",
    "DerivedVendorReportedEchoSpacing": 0.000780002,
    "DeviceSerialNumber": "45031",
    "DwellTime": 5.4e-06,
    "EchoTime": 0.028,
    "EchoTrainLength": 32,
    "EffectiveEchoSpacing": 0.000390001,
    "FlipAngle": 64,
    "ImageOrientationPatientDICOM": [
      0.997959,
      0.0637817,
      0.00313381,
      -0.0594589,
      0.945981,
      -0.318724
    ],
    "ImageType": [
      "ORIGINAL",
      "PRIMARY",
      "M",
      "ND",
      "NORM",
      "MOSAIC"
    ],
    "InPlanePhaseEncodingDirectionDICOM": "COL",
    "InstitutionAddress": "Washington_and_Faculty_Rd._-_Building_25_25_Princeton_NJ_US_085",
    "InstitutionName": "Princeton_University_-_Neuroscience_Institute",
    "InstitutionalDepartmentName": "Department",
    "MRAcquisitionType": "2D",
    "MagneticFieldStrength": 3,
    "Manufacturer": "Siemens",
    "ManufacturersModelName": "Skyra",
    "Modality": "MR",
    "ParallelReductionFactorInPlane": 2,
    "PartialFourier": 1,
    "PatientPosition": "HFS",
    "PercentPhaseFOV": 100,
    "PhaseEncodingDirection": "j-",
    "PhaseEncodingSteps": 64,
    "PhaseResolution": 1,
    "PixelBandwidth": 1445,
    "ProcedureStepDescription": "Turk-BrowneLab_Projects",
    "ProtocolName": "epi_3x3x4_1.5s_216TR",
    "PulseSequenceDetails": "%SiemensSeq%_ep2d_bold",
    "ReceiveCoilActiveElements": "HE1-4",
    "ReceiveCoilName": "HeadNeck_20",
    "ReconMatrixPE": 64,
    "RepetitionTime": 1.5,
    "SAR": 0.0840309,
    "ScanOptions": "FS",
    "ScanningSequence": "EP",
    "SequenceName": "_epfid2d1_64",
    "SequenceVariant": "SK",
    "SeriesDescription": "epi_3x3x4_1.5s_216TR",
    "SeriesNumber": 12,
    "ShimSetting": [
      3369,
      8722,
      9307,
      520,
      88,
      504,
      75,
      66
    ],
    "SliceThickness": 4,
    "SliceTiming": [
      0.74,
      0,
      0.795,
      0.055,
      0.8525,
      0.1125,
      0.91,
      0.17,
      0.9675,
      0.2275,
      1.0225,
      0.2825,
      1.08,
      0.34,
      1.1375,
      0.3975,
      1.195,
      0.455,
      1.25,
      0.51,
      1.3075,
      0.5675,
      1.365,
      0.625,
      1.4225,
      0.6825
    ],
    "SoftwareVersions": "syngo_MR_D13",
    "SpacingBetweenSlices": 4,
    "StationName": "AWP45031",
    "TotalReadoutTime": 0.0245701,
    "TxRefAmp": 349.638,
    "dataset": "ds001430",
    "modality": "bold",
    "run_id": 1,
    "subject_id": "14",
    "task_id": "loc"
  },
  "dummy_trs": 0,
  "dvars_nstd": 18.737412665767426,
  "dvars_std": 1.1734431910232561,
  "dvars_vstd": 1.0721924098604656,
  "efc": 0.6251534213192445,
  "fber": 2062.72216796875,
  "fd_mean": 0.1011771572142831,
  "fd_num": 12,
  "fd_perc": 5.555555555555555,
  "fwhm_avg": 1.7255666666666667,
  "fwhm_x": 1.6960600000000001,
  "fwhm_y": 1.98489,
  "fwhm_z": 1.49575,
  "gcor": 0.0125946,
  "gsr_x": -0.0070272465236485004,
  "gsr_y": 0.058639682829380035,
  "provenance": {
    "md5sum": "62748add0116b6bb3f51037289bc319a",
    "settings": {
      "fd_thres": 0.2,
      "testing": false
    },
    "software": "mriqc",
    "version": "23.0.1",
    "webapi_port": null,
    "webapi_url": "https://mriqc.nimh.nih.gov/api/v1"
  },
  "size_t": 216,
  "size_x": 64,
  "size_y": 64,
  "size_z": 26,
  "snr": 6.524735501427383,
  "spacing_tr": 1.5,
  "spacing_x": 3.0,
  "spacing_y": 3.0,
  "spacing_z": 4.0,
  "summary_bg_k": 22.546662260446347,
  "summary_bg_mad": 9.533955618685821,
  "summary_bg_mean": 42.07670974731445,
  "summary_bg_median": 14.481481552124023,
  "summary_bg_n": 48380.0,
  "summary_bg_p05": 6.546296119689941,
  "summary_bg_p95": 172.0648193359375,
  "summary_bg_stdv": 66.01771545410156,
  "summary_fg_k": 2.615771068342805,
  "summary_fg_mad": 98.09539305670458,
  "summary_fg_mean": 706.484130859375,
  "summary_fg_median": 697.388916015625,
  "summary_fg_n": 30154.0,
  "summary_fg_p05": 564.0976745605469,
  "summary_fg_p95": 881.9717834472656,
  "summary_fg_stdv": 106.88208770751953,
  "tsnr": 68.65405026474036
}