{
  "aor": 0.0009443243243243243,
  "aqi": 0.003914312837837838,
  "bids_meta": {
    "AcquisitionMatrixPE": 64,
    "AcquisitionNumber": 1,
    "AcquisitionTime": "18:27:56.602500",
    "BandwidthPerPixelPhaseEncode": 40.064,
    "BaseResolution": 64,
    "BodyPartExamined": "BRAIN",
    "ConsistencyInfo": "N4_VD13A_LATEST_20120616",
    "ConversionSoftware": "dcm2niix",
    "ConversionSoftwareVersion": "v1.0.20180518 GCC4.8.5",
    "DerivedVendorReportedEchoSpacing": 0.000780002,
    "DeviceSerialNumber": "45031",
    "DwellTime": 5.4e-06,
    "EchoTime": 0.028,
    "EchoTrainLength": 32,
    "EffectiveEchoSpacing": 0.000390001,
    "FlipAngle": 64,
    "ImageOrientationPatientDICOM": [
      0.997959,
      0.0637817,
      0.00313381,
      -0.0594589,
      0.945981,
      -0.318724
    ],
    "ImageType": [
      "ORIGINAL",
      "PRIMARY",
      "M",
      "ND",
      "NORM",
      "MOSAIC"
    ],
    "InPlanePhaseEncodingDirectionDICOM": "COL",
    "InstitutionAddress": "Washington_and_Faculty_Rd._-_Building_25_25_Princeton_NJ_US_085",
    "InstitutionName": "Princeton_University_-_Neuroscience_Institute",
    "InstitutionalDepartmentName": "Department",
    "MRAcquisitionType": "2D",
    "MagneticFieldStrength": 3,
    "Manufacturer": "Siemens",
    "ManufacturersModelName": "Skyra",
    "Modality": "MR",
    "ParallelReductionFactorInPlane": 2,
    "PartialFourier": 1,
    "PatientPosition": "HFS",
    "PercentPhaseFOV": 100,
    "PhaseEncodingDirection": "j-",
    "PhaseEncodingSteps": 64,
    "PhaseResolution": 1,
    "PixelBandwidth": 1445,
    "ProcedureStepDescription": "Turk-BrowneLab_Projects",
    "ProtocolName": "epi_3x3x4_1.5s_148TR",
    "PulseSequenceDetails": "%SiemensSeq%_ep2d_bold",
    "ReceiveCoilActiveElements": "HE1-4",
    "ReceiveCoilName": "HeadNeck_20",
    "ReconMatrixPE": 64,
    "RepetitionTime": 1.5,
    "SAR": 0.0840298,
    "ScanOptions": "FS",
    "ScanningSequence": "EP",
    "SequenceName": "_epfid2d1_64",
    "SequenceVariant": "SK",
    "SeriesDescription": "epi_3x3x4_1.5s_148TR",
    "SeriesNumber": 6,
    "ShimSetting": [
      3369,
      8722,
      9307,
      520,
      88,
      504,
      75,
      66
    ],
    "SliceThickness": 4,
    "SliceTiming": [
      0.74,
      0,
      0.7975,
      0.0575,
      0.8525,
      0.1125,
      0.91,
      0.17,
      0.9675,
      0.2275,
      1.025,
      0.285,
      1.08,
      0.3425,
      1.1375,
      0.3975,
      1.195,
      0.455,
      1.2525,
      0.5125,
      1.31,
      0.57,
      1.365,
      0.625,
      1.4225,
      0.6825
    ],
    "SoftwareVersions": "syngo_MR_D13",
    "SpacingBetweenSlices": 4,
    "StationName": "AWP45031",
    "TotalReadoutTime": 0.0245701,
    "TxRefAmp": 349.638,
    "dataset": "ds001430",
    "modality": "bold",
    "run_id": 2,
    "subject_id": "14",
    "task_id": "phase1"
  },
  "dummy_trs": 0,
  "dvars_nstd": 17.362926605918364,
  "dvars_std": 1.0875925438095242,
  "dvars_vstd": 1.0073396972789113,
  "efc": 0.6305073903470607,
  "fber": 1813.1607666015625,
  "fd_mean": 0.11296062979020603,
  "fd_num": 2,
  "fd_perc": 1.3513513513513513,
  "fwhm_avg": 1.704698888888889,
  "fwhm_x": 1.6777600000000001,
  "fwhm_y": 1.9354766666666665,
  "fwhm_z": 1.50086,
  "gcor": 0.0139265,
  "gsr_x": -0.013787657022476196,
  "gsr_y": 0.06462708860635757,
  "provenance": {
    "md5sum": "c18f980df9860da2df591481bd2a4034",
    "settings": {
      "fd_thres": 0.2,
      "testing": false
    },
    "software": "mriqc",
    "version": "23.0.1",
    "webapi_port": null,
    "webapi_url": "https://mriqc.nimh.nih.gov/api/v1"
  },
  "size_t": 148,
  "size_x": 64,
  "size_y": 64,
  "size_z": 26,
  "snr": 6.555695253738058,
  "spacing_tr": 1.5,
  "spacing_x": 3.0,
  "spacing_y": 3.0,
  "spacing_z": 4.0,
  "summary_bg_k": 22.517320786081786,
  "summary_bg_mad": 10.087705941084934,
  "summary_bg_mean": 44.13142776489258,
  "summary_bg_median": 15.128378868103027,
  "summary_bg_n": 47944.0,
  "summary_bg_p05": 6.831081390380859,
  "summary_bg_p95": 178.82804565429686,
  "summary_bg_stdv": 71.08453369140625,
  "summary_fg_k": 2.4877615212159023,
  "summary_fg_mad": 98.88356843043407,
  "summary_fg_mean": 699.2623901367188,
  "summary_fg_median": 691.567626953125,
  "summary_fg_n": 30466.0,
  "summary_fg_p05": 557.2702941894531,
  "summary_fg_p95": 872.6739959716797,
  "summary_fg_stdv": 105.48938751220703,
  "tsnr": 89.9936374053359
}