{
  "aor": 0.0009559722222222221,
  "aqi": 0.004467294768518519,
  "bids_meta": {
    "AcquisitionMatrixPE": 64,
    "AcquisitionNumber": 1,
    "AcquisitionTime": "19:33:28.425000",
    "BandwidthPerPixelPhaseEncode": 40.064,
    "BaseResolution": 64,
    "BodyPartExamined": "BRAIN",
    "ConsistencyInfo": "N4_VD13A_LATEST_20120616",
    "ConversionSoftware": "dcm2niix",
    "ConversionSoftwareVersion": "v1.0.20180518 GCC4.8.5",
    "DerivedVendorReportedEchoSpacing": 0.000780002,
    "DeviceSerialNumber": "45031",
    "DwellTime": 5.4e-06,
    "EchoTime": 0.028,
    "EchoTrainLength": 32,
    "EffectiveEchoSpacing": 0.000390001,
    "FlipAngle": 64,
    "ImageOrientationPatientDICOM": [
      0.997959,
      0.0637817,
      0.00313381,
      -0.0594589,
      0.945981,
      -0.318724
    ],
    "ImageType": [
      "ORIGINAL",
      "PRIMARY",
      "M",
      "ND",
      "NORM",
      "MOSAIC"
    ],
    "InPlanePhaseEncodingDirectionDICOM": "COL",
    "InstitutionAddress": "Washington_and_Faculty_Rd._-_Building_25_25_Princeton_NJ_US_085",
    "InstitutionName": "Princeton_University_-_Neuroscience_Institute",
    "InstitutionalDepartmentName": "Department",
    "MRAcquisitionType": "2D",
    "MagneticFieldStrength": 3,
    "Manufacturer": "Siemens",
    "ManufacturersModelName": "Skyra",
    "Modality": "MR",
    "ParallelReductionFactorInPlane": 2,
    "PartialFourier": 1,
    "PatientPosition": "HFS",
    "PercentPhaseFOV": 100,
    "PhaseEncodingDirection": "j-",
    "PhaseEncodingSteps": 64,
    "PhaseResolution": 1,
    "PixelBandwidth": 1445,
    "ProcedureStepDescription": "Turk-BrowneLab_Projects",
    "ProtocolName": "epi_3x3x4_1.5s_216TR",
    "PulseSequenceDetails": "%SiemensSeq%_ep2d_bold",
    "ReceiveCoilActiveElements": "HE1-4",
    "ReceiveCoilName": "HeadNeck_20",
    "ReconMatrixPE": 64,
    "RepetitionTime": 1.5,
    "SAR": 0.0840309,
    "ScanOptions": "FS",
    "ScanningSequence": "EP",
    "SequenceName": "_epfid2d1_64",
    "SequenceVariant": "SK",
    "SeriesDescription": "epi_3x3x4_1.5s_216TR",
    "SeriesNumber": 13,
    "ShimSetting": [
      3369,
      8722,
      9307,
      520,
      88,
      504,
      75,
      66
    ],
    "SliceThickness": 4,
    "SliceTiming": [
      0.74,
      0,
      0.7975,
      0.0575,
      0.855,
      0.115,
      0.91,
      0.17,
      0.9675,
      0.2275,
      1.025,
      0.285,
      1.0825,
      0.3425,
      1.1375,
      0.4,
      1.195,
      0.455,
      1.2525,
      0.5125,
      1.31,
      0.57,
      1.3675,
      0.6275,
      1.4225,
      0.6825
    ],
    "SoftwareVersions": "syngo_MR_D13",
    "SpacingBetweenSlices": 4,
    "StationName": "AWP45031",
    "TotalReadoutTime": 0.0245701,
    "TxRefAmp": 349.638,
    "dataset": "ds001430",
    "modality": "bold",
    "run_id": 2,
    "subject_id": "14",
    "task_id": "loc"
  },
  "dummy_trs": 0,
  "dvars_nstd": 18.165926290093022,
  "dvars_std": 1.11300470888372,
  "dvars_vstd": 1.0090874566046517,
  "efc": 0.6239724110949127,
  "fber": 2086.48681640625,
  "fd_mean": 0.08007530449870968,
  "fd_num": 4,
  "fd_perc": 1.8518518518518519,
  "fwhm_avg": 1.7238011111111113,
  "fwhm_x": 1.6864633333333332,
  "fwhm_y": 1.96114,
  "fwhm_z": 1.5238,
  "gcor": 0.0172189,
  "gsr_x": -0.0036881810519844294,
  "gsr_y": 0.056292079389095306,
  "provenance": {
    "md5sum": "56eefa92a72bfc995ff005375b3f1978",
    "settings": {
      "fd_thres": 0.2,
      "testing": false
    },
    "software": "mriqc",
    "version": "23.0.1",
    "webapi_port": null,
    "webapi_url": "https://mriqc.nimh.nih.gov/api/v1"
  },
  "size_t": 216,
  "size_x": 64,
  "size_y": 64,
  "size_z": 26,
  "snr": 6.561990576072925,
  "spacing_tr": 1.5,
  "spacing_x": 3.0,
  "spacing_y": 3.0,
  "spacing_z": 4.0,
  "summary_bg_k": 19.943531078581515,
  "summary_bg_mad": 9.204488301915726,
  "summary_bg_mean": 42.13572311401367,
  "summary_bg_median": 14.375,
  "summary_bg_n": 48484.0,
  "summary_bg_p05": 6.625,
  "summary_bg_p95": 175.27709045410157,
  "summary_bg_stdv": 66.69656372070312,
  "summary_fg_k": 2.674074079279026,
  "summary_fg_mad": 97.52226920716203,
  "summary_fg_mean": 706.9639282226562,
  "summary_fg_median": 698.6759033203125,
  "summary_fg_n": 29994.0,
  "summary_fg_p05": 565.1065093994141,
  "summary_fg_p95": 881.2798767089844,
  "summary_fg_stdv": 106.47138977050781,
  "tsnr": 88.04670382291079
}