{
  "aor": 0.0010951351351351352,
  "aqi": 0.004136905810810811,
  "bids_meta": {
    "AcquisitionMatrixPE": 64,
    "AcquisitionNumber": 1,
    "AcquisitionTime": "12:41:13.252500",
    "BandwidthPerPixelPhaseEncode": 40.064,
    "BaseResolution": 64,
    "BodyPartExamined": "BRAIN",
    "ConsistencyInfo": "N4_VD13A_LATEST_20120616",
    "ConversionSoftware": "dcm2niix",
    "ConversionSoftwareVersion": "v1.0.20180518 GCC4.8.5",
    "DerivedVendorReportedEchoSpacing": 0.000780002,
    "DeviceSerialNumber": "45031",
    "DwellTime": 5.4e-06,
    "EchoTime": 0.028,
    "EchoTrainLength": 32,
    "EffectiveEchoSpacing": 0.000390001,
    "FlipAngle": 64,
    "ImageOrientationPatientDICOM": [
      0.999471,
      0.0122314,
      0.0301506,
      -0.00628383,
      0.981769,
      -0.189975
    ],
    "ImageType": [
      "ORIGINAL",
      "PRIMARY",
      "M",
      "ND",
      "NORM",
      "MOSAIC"
    ],
    "InPlanePhaseEncodingDirectionDICOM": "COL",
    "InstitutionAddress": "Washington_and_Faculty_Rd._-_Building_25_25_Princeton_NJ_US_085",
    "InstitutionName": "Princeton_University_-_Neuroscience_Institute",
    "InstitutionalDepartmentName": "Department",
    "MRAcquisitionType": "2D",
    "MagneticFieldStrength": 3,
    "Manufacturer": "Siemens",
    "ManufacturersModelName": "Skyra",
    "Modality": "MR",
    "ParallelReductionFactorInPlane": 2,
    "PartialFourier": 1,
    "PatientPosition": "HFS",
    "PercentPhaseFOV": 100,
    "PhaseEncodingDirection": "j-",
    "PhaseEncodingSteps": 64,
    "PhaseResolution": 1,
    "PixelBandwidth": 1445,
    "ProcedureStepDescription": "Turk-BrowneLab_Projects",
    "ProtocolName": "epi_3x3x4_1.5s_148TR",
    "PulseSequenceDetails": "%SiemensSeq%_ep2d_bold",
    "ReceiveCoilActiveElements": "HE1-4",
    "ReceiveCoilName": "HeadNeck_20",
    "ReconMatrixPE": 64,
    "RepetitionTime": 1.5,
    "SAR": 0.0753898,
    "ScanOptions": "FS",
    "ScanningSequence": "EP",
    "SequenceName": "_epfid2d1_64",
    "SequenceVariant": "SK",
    "SeriesDescription": "epi_3x3x4_1.5s_148TR",
    "SeriesNumber": 8,
    "ShimSetting": [
      3386,
      8758,
      9265,
      450,
      163,
      -17,
      77,
      -19
    ],
    "SliceThickness": 4,
    "SliceTiming": [
      0.74,
      0,
      0.7975,
      0.0575,
      0.855,
      0.115,
      0.91,
      0.1725,
      0.9675,
      0.2275,
      1.025,
      0.285,
      1.0825,
      0.3425,
      1.14,
      0.4,
      1.195,
      0.455,
      1.2525,
      0.5125,
      1.31,
      0.57,
      1.3675,
      0.6275,
      1.4225,
      0.6825
    ],
    "SoftwareVersions": "syngo_MR_D13",
    "SpacingBetweenSlices": 4,
    "StationName": "AWP45031",
    "TotalReadoutTime": 0.0245701,
    "TxRefAmp": 356.742,
    "dataset": "ds001430",
    "modality": "bold",
    "run_id": 4,
    "subject_id": "29",
    "task_id": "phase1"
  },
  "dummy_trs": 0,
  "dvars_nstd": 19.77122637680272,
  "dvars_std": 1.2144282519727894,
  "dvars_vstd": 1.0112676762585031,
  "efc": 0.6105387267756589,
  "fber": 1701.3748779296875,
  "fd_mean": 0.08505690364936658,
  "fd_num": 0,
  "fd_perc": 0.0,
  "fwhm_avg": 1.641736111111111,
  "fwhm_x": 1.6242866666666667,
  "fwhm_y": 1.8349166666666665,
  "fwhm_z": 1.466005,
  "gcor": 0.00737083,
  "gsr_x": 0.002718443749472499,
  "gsr_y": 0.04239864647388458,
  "provenance": {
    "md5sum": "979402d1746392baa55e88bdc1ccad41",
    "settings": {
      "fd_thres": 0.2,
      "testing": false
    },
    "software": "mriqc",
    "version": "23.0.1",
    "webapi_port": null,
    "webapi_url": "https://mriqc.nimh.nih.gov/api/v1"
  },
  "size_t": 148,
  "size_x": 64,
  "size_y": 64,
  "size_z": 26,
  "snr": 7.433806552637007,
  "spacing_tr": 1.5,
  "spacing_x": 3.0,
  "spacing_y": 3.0,
  "spacing_z": 4.0,
  "summary_bg_k": 19.03751546977296,
  "summary_bg_mad": 12.371714993472427,
  "summary_bg_mean": 50.97373580932617,
  "summary_bg_median": 16.425676345825195,
  "summary_bg_n": 51755.0,
  "summary_bg_p05": 6.804054260253906,
  "summary_bg_p95": 221.5689285278319,
  "summary_bg_stdv": 87.69869995117188,
  "summary_fg_k": 2.9711877976208703,
  "summary_fg_mad": 89.66739125471197,
  "summary_fg_mean": 718.736083984375,
  "summary_fg_median": 713.8006591796875,
  "summary_fg_n": 27242.0,
  "summary_fg_p05": 584.1973327636719,
  "summary_fg_p95": 871.1148681640625,
  "summary_fg_stdv": 96.01911926269531,
  "tsnr": 94.48807785054669
}