{
  "aor": 0.001507162162162162,
  "aqi": 0.00619360304054054,
  "bids_meta": {
    "AcquisitionMatrixPE": 64,
    "AcquisitionNumber": 1,
    "AcquisitionTime": "14:49:31.415000",
    "BandwidthPerPixelPhaseEncode": 40.064,
    "BaseResolution": 64,
    "BodyPartExamined": "BRAIN",
    "ConsistencyInfo": "N4_VD13A_LATEST_20120616",
    "ConversionSoftware": "dcm2niix",
    "ConversionSoftwareVersion": "v1.0.20180518 GCC4.8.5",
    "DerivedVendorReportedEchoSpacing": 0.000780002,
    "DeviceSerialNumber": "45031",
    "DwellTime": 5.4e-06,
    "EchoTime": 0.028,
    "EchoTrainLength": 32,
    "EffectiveEchoSpacing": 0.000390001,
    "FlipAngle": 64,
    "ImageOrientationPatientDICOM": [
      0.999223,
      0.000410479,
      0.039406,
      -0.00334265,
      0.997225,
      0.0743722
    ],
    "ImageType": [
      "ORIGINAL",
      "PRIMARY",
      "M",
      "ND",
      "NORM",
      "MOSAIC"
    ],
    "InPlanePhaseEncodingDirectionDICOM": "COL",
    "InstitutionAddress": "Washington_and_Faculty_Rd._-_Building_25_25_Princeton_NJ_US_085",
    "InstitutionName": "Princeton_University_-_Neuroscience_Institute",
    "InstitutionalDepartmentName": "Department",
    "MRAcquisitionType": "2D",
    "MagneticFieldStrength": 3,
    "Manufacturer": "Siemens",
    "ManufacturersModelName": "Skyra",
    "Modality": "MR",
    "ParallelReductionFactorInPlane": 2,
    "PartialFourier": 1,
    "PatientPosition": "HFS",
    "PercentPhaseFOV": 100,
    "PhaseEncodingDirection": "j-",
    "PhaseEncodingSteps": 64,
    "PhaseResolution": 1,
    "PixelBandwidth": 1445,
    "ProcedureStepDescription": "Turk-BrowneLab_Projects",
    "ProtocolName": "epi_3x3x4_1.5s_148TR",
    "PulseSequenceDetails": "%SiemensSeq%_ep2d_bold",
    "ReceiveCoilActiveElements": "HE1-4",
    "ReceiveCoilName": "HeadNeck_20",
    "ReconMatrixPE": 64,
    "RepetitionTime": 1.5,
    "SAR": 0.0870023,
    "ScanOptions": "FS",
    "ScanningSequence": "EP",
    "SequenceName": "_epfid2d1_64",
    "SequenceVariant": "SK",
    "SeriesDescription": "epi_3x3x4_1.5s_148TR",
    "SeriesNumber": 6,
    "ShimSetting": [
      3430,
      8570,
      9155,
      456,
      329,
      -210,
      -38,
      87
    ],
    "SliceThickness": 4,
    "SliceTiming": [
      0.74,
      0,
      0.7975,
      0.0575,
      0.855,
      0.115,
      0.9125,
      0.1725,
      0.9675,
      0.2275,
      1.025,
      0.285,
      1.0825,
      0.3425,
      1.14,
      0.4,
      1.195,
      0.455,
      1.2525,
      0.5125,
      1.31,
      0.57,
      1.3675,
      0.6275,
      1.4225,
      0.6825
    ],
    "SoftwareVersions": "syngo_MR_D13",
    "SpacingBetweenSlices": 4,
    "StationName": "AWP45031",
    "TotalReadoutTime": 0.0245701,
    "TxRefAmp": 331.427,
    "dataset": "ds001430",
    "modality": "bold",
    "run_id": 2,
    "subject_id": "31",
    "task_id": "phase1"
  },
  "dummy_trs": 0,
  "dvars_nstd": 21.92042028952382,
  "dvars_std": 1.2522378580272109,
  "dvars_vstd": 1.011473263129252,
  "efc": 0.5963261470189722,
  "fber": 1773.2562255859375,
  "fd_mean": 0.1038196004175249,
  "fd_num": 5,
  "fd_perc": 3.3783783783783785,
  "fwhm_avg": 1.6828077777777777,
  "fwhm_x": 1.6722533333333331,
  "fwhm_y": 1.82676,
  "fwhm_z": 1.54941,
  "gcor": 0.0402251,
  "gsr_x": 0.0026564947329461575,
  "gsr_y": 0.032522935420274734,
  "provenance": {
    "md5sum": "7475e1df42c0587a498e932b509795ae",
    "settings": {
      "fd_thres": 0.2,
      "testing": false
    },
    "software": "mriqc",
    "version": "23.0.1",
    "webapi_port": null,
    "webapi_url": "https://mriqc.nimh.nih.gov/api/v1"
  },
  "size_t": 148,
  "size_x": 64,
  "size_y": 64,
  "size_z": 26,
  "snr": 7.826336828226063,
  "spacing_tr": 1.5,
  "spacing_x": 3.0,
  "spacing_y": 3.0,
  "spacing_z": 4.0,
  "summary_bg_k": 20.48596721855506,
  "summary_bg_mad": 11.144561397680631,
  "summary_bg_mean": 40.37775802612305,
  "summary_bg_median": 16.07770347595215,
  "summary_bg_n": 52274.0,
  "summary_bg_p05": 6.936824560165406,
  "summary_bg_p95": 168.9405448913573,
  "summary_bg_stdv": 70.19497680664062,
  "summary_fg_k": 2.961653308858798,
  "summary_fg_mad": 83.60174379331428,
  "summary_fg_mean": 712.680908203125,
  "summary_fg_median": 706.0743408203125,
  "summary_fg_n": 27088.0,
  "summary_fg_p05": 589.6422241210937,
  "summary_fg_p95": 861.3574584960936,
  "summary_fg_stdv": 90.216064453125,
  "tsnr": 83.40580217947718
}