{
  "aor": 0.0005459468438538205,
  "aqi": 0.006311175448504983,
  "bids_meta": {
    "AcquisitionMatrixPE": 64,
    "AcquisitionNumber": 1,
    "AcquisitionTime": "15:04:8.425000",
    "BandwidthPerPixelPhaseEncode": 40.064,
    "BaseResolution": 64,
    "BodyPartExamined": "BRAIN",
    "ConsistencyInfo": "N4_VD13A_LATEST_20120616",
    "ConversionSoftware": "dcm2niix",
    "ConversionSoftwareVersion": "v1.0.20180518 GCC4.8.5",
    "DerivedVendorReportedEchoSpacing": 0.000780002,
    "DeviceSerialNumber": "45031",
    "DwellTime": 5.4e-06,
    "EchoTime": 0.028,
    "EchoTrainLength": 32,
    "EffectiveEchoSpacing": 0.000390001,
    "FlipAngle": 64,
    "ImageOrientationPatientDICOM": [
      0.999223,
      0.000410479,
      0.039406,
      -0.00334265,
      0.997225,
      0.0743722
    ],
    "ImageType": [
      "ORIGINAL",
      "PRIMARY",
      "M",
      "ND",
      "NORM",
      "MOSAIC"
    ],
    "InPlanePhaseEncodingDirectionDICOM": "COL",
    "InstitutionAddress": "Washington_and_Faculty_Rd._-_Building_25_25_Princeton_NJ_US_085",
    "InstitutionName": "Princeton_University_-_Neuroscience_Institute",
    "InstitutionalDepartmentName": "Department",
    "MRAcquisitionType": "2D",
    "MagneticFieldStrength": 3,
    "Manufacturer": "Siemens",
    "ManufacturersModelName": "Skyra",
    "Modality": "MR",
    "ParallelReductionFactorInPlane": 2,
    "PartialFourier": 1,
    "PatientPosition": "HFS",
    "PercentPhaseFOV": 100,
    "PhaseEncodingDirection": "j-",
    "PhaseEncodingSteps": 64,
    "PhaseResolution": 1,
    "PixelBandwidth": 1445,
    "ProcedureStepDescription": "Turk-BrowneLab_Projects",
    "ProtocolName": "epi_3x3x4_1.5s_302TR",
    "PulseSequenceDetails": "%SiemensSeq%_ep2d_bold",
    "ReceiveCoilActiveElements": "HE1-4",
    "ReceiveCoilName": "HeadNeck_20",
    "ReconMatrixPE": 64,
    "RepetitionTime": 1.5,
    "SAR": 0.0870043,
    "ScanOptions": "FS",
    "ScanningSequence": "EP",
    "SequenceName": "_epfid2d1_64",
    "SequenceVariant": "SK",
    "SeriesDescription": "epi_3x3x4_1.5s_302TR",
    "SeriesNumber": 9,
    "ShimSetting": [
      3430,
      8570,
      9155,
      456,
      329,
      -210,
      -38,
      87
    ],
    "SliceThickness": 4,
    "SliceTiming": [
      0.74,
      0,
      0.7975,
      0.0575,
      0.855,
      0.115,
      0.91,
      0.17,
      0.9675,
      0.2275,
      1.025,
      0.285,
      1.0825,
      0.3425,
      1.1375,
      0.3975,
      1.195,
      0.455,
      1.2525,
      0.5125,
      1.31,
      0.57,
      1.365,
      0.625,
      1.4225,
      0.6825
    ],
    "SoftwareVersions": "syngo_MR_D13",
    "SpacingBetweenSlices": 4,
    "StationName": "AWP45031",
    "TotalReadoutTime": 0.0245701,
    "TxRefAmp": 331.427,
    "dataset": "ds001430",
    "modality": "bold",
    "run_id": 1,
    "subject_id": "31",
    "task_id": "phase2"
  },
  "dummy_trs": 1,
  "dvars_nstd": 21.79169385933333,
  "dvars_std": 1.2409918839666658,
  "dvars_vstd": 1.0011990862666669,
  "efc": 0.5966168433081834,
  "fber": 1733.8560791015625,
  "fd_mean": 0.09949484896124675,
  "fd_num": 6,
  "fd_perc": 1.9933554817275747,
  "fwhm_avg": 1.668115,
  "fwhm_x": 1.67239,
  "fwhm_y": 1.80795,
  "fwhm_z": 1.524005,
  "gcor": 0.0150012,
  "gsr_x": 0.0038733480032533407,
  "gsr_y": 0.03140929341316223,
  "provenance": {
    "md5sum": "1ca6723e57e02abd69871a2e5af6f378",
    "settings": {
      "fd_thres": 0.2,
      "testing": false
    },
    "software": "mriqc",
    "version": "23.0.1",
    "webapi_port": null,
    "webapi_url": "https://mriqc.nimh.nih.gov/api/v1"
  },
  "size_t": 301,
  "size_x": 64,
  "size_y": 64,
  "size_z": 26,
  "snr": 7.821067501491129,
  "spacing_tr": 1.5,
  "spacing_x": 3.0,
  "spacing_y": 3.0,
  "spacing_z": 4.0,
  "summary_bg_k": 20.44919229593242,
  "summary_bg_mad": 11.166308895928573,
  "summary_bg_mean": 40.68198776245117,
  "summary_bg_median": 16.23255729675293,
  "summary_bg_n": 52341.0,
  "summary_bg_p05": 7.04318904876709,
  "summary_bg_p95": 169.71095275878906,
  "summary_bg_stdv": 70.44197845458984,
  "summary_fg_k": 3.11641829099365,
  "summary_fg_mad": 82.87297566790322,
  "summary_fg_mean": 709.991455078125,
  "summary_fg_median": 703.6976318359375,
  "summary_fg_n": 27009.0,
  "summary_fg_p05": 587.9149536132812,
  "summary_fg_p95": 858.8066040039062,
  "summary_fg_stdv": 89.97296142578125,
  "tsnr": 83.64678934263065
}