{
  "bids_meta": {
    "AcquisitionMatrixPE": 256,
    "AcquisitionNumber": 1,
    "AcquisitionTime": "11:30:34.680000",
    "BaseResolution": 256,
    "BodyPartExamined": "BRAIN",
    "ConsistencyInfo": "N4_VD13A_LATEST_20120616",
    "ConversionSoftware": "dcm2niix",
    "ConversionSoftwareVersion": "v1.0.20180518 GCC4.8.5",
    "DeviceSerialNumber": "45031",
    "DwellTime": 8.2e-06,
    "EchoTime": 0.00298,
    "FlipAngle": 9,
    "ImageOrientationPatientDICOM": [
      -0.053257,
      0.96894,
      0.241491,
      0.030232,
      0.243288,
      -0.969483
    ],
    "ImageType": [
      "ORIGINAL",
      "PRIMARY",
      "M",
      "ND",
      "NORM"
    ],
    "InPlanePhaseEncodingDirectionDICOM": "ROW",
    "InstitutionAddress": "Washington_and_Faculty_Rd._-_Building_25_25_Princeton_NJ_US_085",
    "InstitutionName": "Princeton_University_-_Neuroscience_Institute",
    "InstitutionalDepartmentName": "Department",
    "InversionTime": 0.9,
    "MRAcquisitionType": "3D",
    "MagneticFieldStrength": 3,
    "Manufacturer": "Siemens",
    "ManufacturersModelName": "Skyra",
    "Modality": "MR",
    "ParallelReductionFactorInPlane": 2,
    "PartialFourier": 1,
    "PatientPosition": "HFS",
    "PercentPhaseFOV": 100,
    "PhaseEncodingSteps": 255,
    "PhaseResolution": 1,
    "PixelBandwidth": 240,
    "ProcedureStepDescription": "Turk-BrowneLab_Projects",
    "ProtocolName": "mprage_1x1x1_medium",
    "PulseSequenceDetails": "%SiemensSeq%_tfl",
    "ReceiveCoilActiveElements": "HE1-4",
    "ReceiveCoilName": "HeadNeck_20",
    "ReconMatrixPE": 256,
    "RepetitionTime": 2.3,
    "SAR": 0.0798181,
    "ScanOptions": "IR",
    "ScanningSequence": "GR_IR",
    "SequenceName": "_tfl3d1_16ns",
    "SequenceVariant": "SK_SP_MP",
    "SeriesDescription": "mprage_1x1x1_medium",
    "SeriesNumber": 15,
    "ShimSetting": [
      3409,
      8545,
      9236,
      211,
      117,
      -412,
      382,
      86
    ],
    "SliceThickness": 1,
    "SoftwareVersions": "syngo_MR_D13",
    "StationName": "AWP45031",
    "TxRefAmp": 354.718,
    "dataset": "ds001430",
    "modality": "T1w",
    "subject_id": "07"
  },
  "cjv": 0.35763859715542645,
  "cnr": 3.7630345102313116,
  "efc": 0.4808276545225221,
  "fber": 18099.440608001234,
  "fwhm_avg": 3.6043004339517712,
  "fwhm_x": 3.6402513018553146,
  "fwhm_y": 3.757,
  "fwhm_z": 3.41565,
  "icvs_csf": 0.21826715501626906,
  "icvs_gm": 0.4478874150419896,
  "icvs_wm": 0.3338454299417413,
  "inu_med": 0.6006865501403809,
  "inu_range": 0.22414725422859194,
  "provenance": {
    "md5sum": "2125b5201915abfda168902a9a87a24e",
    "settings": {
      "testing": false
    },
    "software": "mriqc",
    "version": "23.0.1",
    "warnings": {
      "large_rot_frame": true,
      "small_air_mask": false
    },
    "webapi_port": null,
    "webapi_url": "https://mriqc.nimh.nih.gov/api/v1"
  },
  "qi_1": 0.0,
  "qi_2": 0.011807529499842854,
  "rpve_csf": 28.553913815493676,
  "rpve_gm": 14.561755487360987,
  "rpve_wm": 21.796480433691958,
  "size_x": 192,
  "size_y": 256,
  "size_z": 256,
  "snr_csf": 2.0702630180217376,
  "snr_gm": 11.042543096948753,
  "snr_total": 11.105109110710465,
  "snr_wm": 20.202521217160903,
  "snrd_csf": 22.600597549135383,
  "snrd_gm": 61.87403875588274,
  "snrd_total": 57.75278581732126,
  "snrd_wm": 88.78372114694567,
  "spacing_x": 0.9999996423721313,
  "spacing_y": 1.0,
  "spacing_z": 1.0,
  "summary_bg_k": 9.21314555986686,
  "summary_bg_mad": 0.0,
  "summary_bg_mean": 4.925749404906916,
  "summary_bg_median": 0.0,
  "summary_bg_n": 3543909.0,
  "summary_bg_p05": 0.0,
  "summary_bg_p95": 19.444962963461876,
  "summary_bg_stdv": 7.3790148811922425,
  "summary_csf_k": 0.2815108261357264,
  "summary_csf_mad": 120.22906726046865,
  "summary_csf_mean": 261.90426871041655,
  "summary_csf_median": 254.5578991472721,
  "summary_csf_n": 31706.0,
  "summary_csf_p05": 73.42418015003204,
  "summary_csf_p95": 483.44844718277454,
  "summary_csf_stdv": 122.95726801411676,
  "summary_gm_k": 0.20020383957939236,
  "summary_gm_mad": 61.16391451654764,
  "summary_gm_mean": 695.1807639369459,
  "summary_gm_median": 696.9074726104736,
  "summary_gm_n": 30822.0,
  "summary_gm_p05": 588.235019197315,
  "summary_gm_p95": 796.6492434337733,
  "summary_gm_stdv": 63.110115219165095,
  "summary_wm_k": 0.42142519658453503,
  "summary_wm_mad": 47.23367154219064,
  "summary_wm_mean": 998.6744118082291,
  "summary_wm_median": 999.9999993145466,
  "summary_wm_n": 168760.0,
  "summary_wm_p05": 915.0644010901451,
  "summary_wm_p95": 1077.2198362350464,
  "summary_wm_stdv": 49.49862572961082,
  "tpm_overlap_csf": 0.15612910137533292,
  "tpm_overlap_gm": 0.481760534755137,
  "tpm_overlap_wm": 0.516772465408149,
  "wm2max": 0.6335078653217999
}