{
  "aor": 0.0018237674418604655,
  "aqi": 0.009667072418604651,
  "bids_meta": {
    "AcquisitionMatrixPE": 64,
    "AcquisitionNumber": 1,
    "AcquisitionTime": "13:33:25.525000",
    "BandwidthPerPixelPhaseEncode": 40.064,
    "BaseResolution": 64,
    "BodyPartExamined": "BRAIN",
    "ConsistencyInfo": "N4_VD13A_LATEST_20120616",
    "ConversionSoftware": "dcm2niix",
    "ConversionSoftwareVersion": "v1.0.20180518 GCC4.8.5",
    "DerivedVendorReportedEchoSpacing": 0.000780002,
    "DeviceSerialNumber": "45031",
    "DwellTime": 5.4e-06,
    "EchoTime": 0.028,
    "EchoTrainLength": 32,
    "EffectiveEchoSpacing": 0.000390001,
    "FlipAngle": 64,
    "ImageOrientationPatientDICOM": [
      0.996045,
      0.0574553,
      0.0677778,
      -0.0643445,
      0.992465,
      0.104277
    ],
    "ImageType": [
      "ORIGINAL",
      "PRIMARY",
      "M",
      "ND",
      "NORM",
      "MOSAIC"
    ],
    "InPlanePhaseEncodingDirectionDICOM": "COL",
    "InstitutionAddress": "Washington_and_Faculty_Rd._-_Building_25_25_Princeton_NJ_US_085",
    "InstitutionName": "Princeton_University_-_Neuroscience_Institute",
    "InstitutionalDepartmentName": "Department",
    "MRAcquisitionType": "2D",
    "MagneticFieldStrength": 3,
    "Manufacturer": "Siemens",
    "ManufacturersModelName": "Skyra",
    "Modality": "MR",
    "ParallelReductionFactorInPlane": 2,
    "PartialFourier": 1,
    "PatientPosition": "HFS",
    "PercentPhaseFOV": 100,
    "PhaseEncodingDirection": "j-",
    "PhaseEncodingSteps": 64,
    "PhaseResolution": 1,
    "PixelBandwidth": 1445,
    "ProcedureStepDescription": "Turk-BrowneLab_Projects",
    "ProtocolName": "epi_3x3x4_1.5s_216TR",
    "PulseSequenceDetails": "%SiemensSeq%_ep2d_bold",
    "ReceiveCoilActiveElements": "HE1-4",
    "ReceiveCoilName": "HeadNeck_20",
    "ReconMatrixPE": 64,
    "RepetitionTime": 1.5,
    "SAR": 0.0918624,
    "ScanOptions": "FS",
    "ScanningSequence": "EP",
    "SequenceName": "_epfid2d1_64",
    "SequenceVariant": "SK",
    "SeriesDescription": "epi_3x3x4_1.5s_216TR",
    "SeriesNumber": 13,
    "ShimSetting": [
      3401,
      8588,
      9331,
      679,
      -42,
      64,
      981,
      -61
    ],
    "SliceThickness": 4,
    "SliceTiming": [
      0.74,
      0,
      0.7975,
      0.0575,
      0.855,
      0.115,
      0.91,
      0.1725,
      0.9675,
      0.2275,
      1.025,
      0.285,
      1.0825,
      0.3425,
      1.14,
      0.4,
      1.195,
      0.455,
      1.2525,
      0.5125,
      1.31,
      0.57,
      1.3675,
      0.6275,
      1.4225,
      0.6825
    ],
    "SoftwareVersions": "syngo_MR_D13",
    "SpacingBetweenSlices": 4,
    "StationName": "AWP45031",
    "TotalReadoutTime": 0.0245701,
    "TxRefAmp": 340.995,
    "dataset": "ds001430",
    "modality": "bold",
    "run_id": 2,
    "subject_id": "06",
    "task_id": "loc"
  },
  "dummy_trs": 1,
  "dvars_nstd": 23.277347876542066,
  "dvars_std": 1.2226731803738327,
  "dvars_vstd": 1.0023837244392528,
  "efc": 0.5712994455687754,
  "fber": 2855.76171875,
  "fd_mean": 0.15050803930577353,
  "fd_num": 33,
  "fd_perc": 15.348837209302326,
  "fwhm_avg": 1.678379722222222,
  "fwhm_x": 1.6277166666666665,
  "fwhm_y": 1.90944,
  "fwhm_z": 1.4979825,
  "gcor": 0.0279532,
  "gsr_x": -0.0019214662024751306,
  "gsr_y": 0.03986618295311928,
  "provenance": {
    "md5sum": "b4a41e7fa4c82bb5c380e0fdb8d304df",
    "settings": {
      "fd_thres": 0.2,
      "testing": false
    },
    "software": "mriqc",
    "version": "23.0.1",
    "webapi_port": null,
    "webapi_url": "https://mriqc.nimh.nih.gov/api/v1"
  },
  "size_t": 215,
  "size_x": 64,
  "size_y": 64,
  "size_z": 26,
  "snr": 7.664643792931809,
  "spacing_tr": 1.5,
  "spacing_x": 3.0,
  "spacing_y": 3.0,
  "spacing_z": 4.0,
  "summary_bg_k": 21.59615184147429,
  "summary_bg_mad": 7.585407488495447,
  "summary_bg_mean": 32.759117126464844,
  "summary_bg_median": 12.502325057983398,
  "summary_bg_n": 53957.0,
  "summary_bg_p05": 6.148837089538574,
  "summary_bg_p95": 126.78790588378897,
  "summary_bg_stdv": 58.73051071166992,
  "summary_fg_k": 2.2018842876250106,
  "summary_fg_mad": 83.72214187996723,
  "summary_fg_mean": 697.0262451171875,
  "summary_fg_median": 690.3255615234375,
  "summary_fg_n": 24828.0,
  "summary_fg_p05": 570.2109130859375,
  "summary_fg_p95": 846.2353668212891,
  "summary_fg_stdv": 90.06441497802734,
  "tsnr": 70.30308041535318
}