{
  "aor": 0.0018522297297297297,
  "aqi": 0.0063460061486486485,
  "bids_meta": {
    "AcquisitionMatrixPE": 64,
    "AcquisitionNumber": 1,
    "AcquisitionTime": "12:27:59.697500",
    "BandwidthPerPixelPhaseEncode": 40.064,
    "BaseResolution": 64,
    "BodyPartExamined": "BRAIN",
    "ConsistencyInfo": "N4_VD13A_LATEST_20120616",
    "ConversionSoftware": "dcm2niix",
    "ConversionSoftwareVersion": "v1.0.20180518 GCC4.8.5",
    "DerivedVendorReportedEchoSpacing": 0.000780002,
    "DeviceSerialNumber": "45031",
    "DwellTime": 5.4e-06,
    "EchoTime": 0.028,
    "EchoTrainLength": 32,
    "EffectiveEchoSpacing": 0.000390001,
    "FlipAngle": 64,
    "ImageOrientationPatientDICOM": [
      0.996045,
      0.0574553,
      0.0677778,
      -0.0643445,
      0.992465,
      0.104277
    ],
    "ImageType": [
      "ORIGINAL",
      "PRIMARY",
      "M",
      "ND",
      "NORM",
      "MOSAIC"
    ],
    "InPlanePhaseEncodingDirectionDICOM": "COL",
    "InstitutionAddress": "Washington_and_Faculty_Rd._-_Building_25_25_Princeton_NJ_US_085",
    "InstitutionName": "Princeton_University_-_Neuroscience_Institute",
    "InstitutionalDepartmentName": "Department",
    "MRAcquisitionType": "2D",
    "MagneticFieldStrength": 3,
    "Manufacturer": "Siemens",
    "ManufacturersModelName": "Skyra",
    "Modality": "MR",
    "ParallelReductionFactorInPlane": 2,
    "PartialFourier": 1,
    "PatientPosition": "HFS",
    "PercentPhaseFOV": 100,
    "PhaseEncodingDirection": "j-",
    "PhaseEncodingSteps": 64,
    "PhaseResolution": 1,
    "PixelBandwidth": 1445,
    "ProcedureStepDescription": "Turk-BrowneLab_Projects",
    "ProtocolName": "epi_3x3x4_1.5s_148TR",
    "PulseSequenceDetails": "%SiemensSeq%_ep2d_bold",
    "ReceiveCoilActiveElements": "HE1-4",
    "ReceiveCoilName": "HeadNeck_20",
    "ReconMatrixPE": 64,
    "RepetitionTime": 1.5,
    "SAR": 0.0918611,
    "ScanOptions": "FS",
    "ScanningSequence": "EP",
    "SequenceName": "_epfid2d1_64",
    "SequenceVariant": "SK",
    "SeriesDescription": "epi_3x3x4_1.5s_148TR",
    "SeriesNumber": 5,
    "ShimSetting": [
      3401,
      8588,
      9331,
      679,
      -42,
      64,
      981,
      -61
    ],
    "SliceThickness": 4,
    "SliceTiming": [
      0.74,
      0,
      0.7975,
      0.0575,
      0.8525,
      0.1125,
      0.91,
      0.17,
      0.9675,
      0.2275,
      1.025,
      0.285,
      1.08,
      0.34,
      1.1375,
      0.3975,
      1.195,
      0.455,
      1.2525,
      0.5125,
      1.3075,
      0.5675,
      1.365,
      0.625,
      1.4225,
      0.6825
    ],
    "SoftwareVersions": "syngo_MR_D13",
    "SpacingBetweenSlices": 4,
    "StationName": "AWP45031",
    "TotalReadoutTime": 0.0245701,
    "TxRefAmp": 340.995,
    "dataset": "ds001430",
    "modality": "bold",
    "run_id": 1,
    "subject_id": "06",
    "task_id": "phase1"
  },
  "dummy_trs": 0,
  "dvars_nstd": 24.63518123278911,
  "dvars_std": 1.2729592859183678,
  "dvars_vstd": 1.0094147667346938,
  "efc": 0.5729226398773185,
  "fber": 2642.4091796875,
  "fd_mean": 0.1259134492262511,
  "fd_num": 11,
  "fd_perc": 7.4324324324324325,
  "fwhm_avg": 1.6991997222222224,
  "fwhm_x": 1.6286566666666669,
  "fwhm_y": 1.912,
  "fwhm_z": 1.5569425,
  "gcor": 0.0426786,
  "gsr_x": -0.004637939855456352,
  "gsr_y": 0.04235997051000595,
  "provenance": {
    "md5sum": "a505d7ceabaef1fc7cca5c5228995ba5",
    "settings": {
      "fd_thres": 0.2,
      "testing": false
    },
    "software": "mriqc",
    "version": "23.0.1",
    "webapi_port": null,
    "webapi_url": "https://mriqc.nimh.nih.gov/api/v1"
  },
  "size_t": 148,
  "size_x": 64,
  "size_y": 64,
  "size_z": 26,
  "snr": 7.472011043697007,
  "spacing_tr": 1.5,
  "spacing_x": 3.0,
  "spacing_y": 3.0,
  "spacing_z": 4.0,
  "summary_bg_k": 21.72177502466694,
  "summary_bg_mad": 7.5833099386839375,
  "summary_bg_mean": 32.540958404541016,
  "summary_bg_median": 12.743243217468262,
  "summary_bg_n": 53745.0,
  "summary_bg_p05": 6.344594955444336,
  "summary_bg_p95": 125.88378753662107,
  "summary_bg_stdv": 57.91719436645508,
  "summary_fg_k": 2.2309362885717237,
  "summary_fg_mad": 85.22456159638864,
  "summary_fg_mean": 692.5521240234375,
  "summary_fg_median": 685.3851318359375,
  "summary_fg_n": 24954.0,
  "summary_fg_p05": 564.1162261962891,
  "summary_fg_p95": 843.968618774414,
  "summary_fg_stdv": 91.72515869140625,
  "tsnr": 80.56585954222828
}