{
  "aor": 0.001700472972972973,
  "aqi": 0.0057767445270270265,
  "bids_meta": {
    "AcquisitionMatrixPE": 64,
    "AcquisitionNumber": 1,
    "AcquisitionTime": "12:42:11.100000",
    "BandwidthPerPixelPhaseEncode": 40.064,
    "BaseResolution": 64,
    "BodyPartExamined": "BRAIN",
    "ConsistencyInfo": "N4_VD13A_LATEST_20120616",
    "ConversionSoftware": "dcm2niix",
    "ConversionSoftwareVersion": "v1.0.20180518 GCC4.8.5",
    "DerivedVendorReportedEchoSpacing": 0.000780002,
    "DeviceSerialNumber": "45031",
    "DwellTime": 5.4e-06,
    "EchoTime": 0.028,
    "EchoTrainLength": 32,
    "EffectiveEchoSpacing": 0.000390001,
    "FlipAngle": 64,
    "ImageOrientationPatientDICOM": [
      0.996045,
      0.0574553,
      0.0677778,
      -0.0643445,
      0.992465,
      0.104277
    ],
    "ImageType": [
      "ORIGINAL",
      "PRIMARY",
      "M",
      "ND",
      "NORM",
      "MOSAIC"
    ],
    "InPlanePhaseEncodingDirectionDICOM": "COL",
    "InstitutionAddress": "Washington_and_Faculty_Rd._-_Building_25_25_Princeton_NJ_US_085",
    "InstitutionName": "Princeton_University_-_Neuroscience_Institute",
    "InstitutionalDepartmentName": "Department",
    "MRAcquisitionType": "2D",
    "MagneticFieldStrength": 3,
    "Manufacturer": "Siemens",
    "ManufacturersModelName": "Skyra",
    "Modality": "MR",
    "ParallelReductionFactorInPlane": 2,
    "PartialFourier": 1,
    "PatientPosition": "HFS",
    "PercentPhaseFOV": 100,
    "PhaseEncodingDirection": "j-",
    "PhaseEncodingSteps": 64,
    "PhaseResolution": 1,
    "PixelBandwidth": 1445,
    "ProcedureStepDescription": "Turk-BrowneLab_Projects",
    "ProtocolName": "epi_3x3x4_1.5s_148TR",
    "PulseSequenceDetails": "%SiemensSeq%_ep2d_bold",
    "ReceiveCoilActiveElements": "HE1-4",
    "ReceiveCoilName": "HeadNeck_20",
    "ReconMatrixPE": 64,
    "RepetitionTime": 1.5,
    "SAR": 0.0918611,
    "ScanOptions": "FS",
    "ScanningSequence": "EP",
    "SequenceName": "_epfid2d1_64",
    "SequenceVariant": "SK",
    "SeriesDescription": "epi_3x3x4_1.5s_148TR",
    "SeriesNumber": 8,
    "ShimSetting": [
      3401,
      8588,
      9331,
      679,
      -42,
      64,
      981,
      -61
    ],
    "SliceThickness": 4,
    "SliceTiming": [
      0.74,
      0,
      0.7975,
      0.0575,
      0.855,
      0.115,
      0.91,
      0.17,
      0.9675,
      0.2275,
      1.025,
      0.285,
      1.0825,
      0.3425,
      1.1375,
      0.3975,
      1.195,
      0.455,
      1.2525,
      0.5125,
      1.31,
      0.57,
      1.365,
      0.625,
      1.4225,
      0.6825
    ],
    "SoftwareVersions": "syngo_MR_D13",
    "SpacingBetweenSlices": 4,
    "StationName": "AWP45031",
    "TotalReadoutTime": 0.0245701,
    "TxRefAmp": 340.995,
    "dataset": "ds001430",
    "modality": "bold",
    "run_id": 4,
    "subject_id": "06",
    "task_id": "phase1"
  },
  "dummy_trs": 0,
  "dvars_nstd": 24.045869165374146,
  "dvars_std": 1.2900494595918373,
  "dvars_vstd": 1.0173276863265301,
  "efc": 0.5731498069419199,
  "fber": 2658.067138671875,
  "fd_mean": 0.10542090606156926,
  "fd_num": 6,
  "fd_perc": 4.054054054054054,
  "fwhm_avg": 1.6895033333333334,
  "fwhm_x": 1.6200666666666665,
  "fwhm_y": 1.8989433333333334,
  "fwhm_z": 1.5495,
  "gcor": 0.030019,
  "gsr_x": -0.004679573699831963,
  "gsr_y": 0.042453281581401825,
  "provenance": {
    "md5sum": "6f61d3e40a7104cc1a03078c2f983bec",
    "settings": {
      "fd_thres": 0.2,
      "testing": false
    },
    "software": "mriqc",
    "version": "23.0.1",
    "webapi_port": null,
    "webapi_url": "https://mriqc.nimh.nih.gov/api/v1"
  },
  "size_t": 148,
  "size_x": 64,
  "size_y": 64,
  "size_z": 26,
  "snr": 7.4868863128932714,
  "spacing_tr": 1.5,
  "spacing_x": 3.0,
  "spacing_y": 3.0,
  "spacing_z": 4.0,
  "summary_bg_k": 21.478735361488294,
  "summary_bg_mad": 7.483133730968786,
  "summary_bg_mean": 32.5749626159668,
  "summary_bg_median": 12.70945930480957,
  "summary_bg_n": 53734.0,
  "summary_bg_p05": 6.418919086456299,
  "summary_bg_p95": 126.99426155090323,
  "summary_bg_stdv": 57.741050720214844,
  "summary_fg_k": 2.258091071287809,
  "summary_fg_mad": 84.86893252420072,
  "summary_fg_mean": 692.5526733398438,
  "summary_fg_median": 685.6689453125,
  "summary_fg_n": 24999.0,
  "summary_fg_p05": 564.1655639648437,
  "summary_fg_p95": 843.5426147460937,
  "summary_fg_stdv": 91.58082580566406,
  "tsnr": 84.90315581858158
}