{
  "aor": 0.0008621379310344826,
  "aqi": 0.004894913034482759,
  "bids_meta": {
    "AcquisitionMatrixPE": 64,
    "AcquisitionNumber": 1,
    "AcquisitionTime": "20:25:12.535000",
    "BandwidthPerPixelPhaseEncode": 40.064,
    "BaseResolution": 64,
    "BodyPartExamined": "BRAIN",
    "ConsistencyInfo": "N4_VD13A_LATEST_20120616",
    "ConversionSoftware": "dcm2niix",
    "ConversionSoftwareVersion": "v1.0.20180518 GCC4.8.5",
    "DerivedVendorReportedEchoSpacing": 0.000780002,
    "DeviceSerialNumber": "45031",
    "DwellTime": 5.4e-06,
    "EchoTime": 0.028,
    "EchoTrainLength": 32,
    "EffectiveEchoSpacing": 0.000390001,
    "FlipAngle": 64,
    "ImageOrientationPatientDICOM": [
      0.997799,
      0.0225367,
      0.0623645,
      -0.0268381,
      0.997254,
      0.0690174
    ],
    "ImageType": [
      "ORIGINAL",
      "PRIMARY",
      "M",
      "ND",
      "NORM",
      "MOSAIC"
    ],
    "InPlanePhaseEncodingDirectionDICOM": "COL",
    "InstitutionAddress": "Washington_and_Faculty_Rd._-_Building_25_25_Princeton_NJ_US_085",
    "InstitutionName": "Princeton_University_-_Neuroscience_Institute",
    "InstitutionalDepartmentName": "Department",
    "MRAcquisitionType": "2D",
    "MagneticFieldStrength": 3,
    "Manufacturer": "Siemens",
    "ManufacturersModelName": "Skyra",
    "Modality": "MR",
    "ParallelReductionFactorInPlane": 2,
    "PartialFourier": 1,
    "PatientPosition": "HFS",
    "PercentPhaseFOV": 100,
    "PhaseEncodingDirection": "j-",
    "PhaseEncodingSteps": 64,
    "PhaseResolution": 1,
    "PixelBandwidth": 1445,
    "ProcedureStepDescription": "Turk-BrowneLab_Projects",
    "ProtocolName": "epi_3x3x4_1.5s_148TR",
    "PulseSequenceDetails": "%SiemensSeq%_ep2d_bold",
    "ReceiveCoilActiveElements": "HE1-4",
    "ReceiveCoilName": "HeadNeck_20",
    "ReconMatrixPE": 64,
    "RepetitionTime": 1.5,
    "SAR": 0.0901704,
    "ScanOptions": "FS",
    "ScanningSequence": "EP",
    "SequenceName": "_epfid2d1_64",
    "SequenceVariant": "SK",
    "SeriesDescription": "epi_3x3x4_1.5s_148TR",
    "SeriesNumber": 6,
    "ShimSetting": [
      3397,
      8572,
      9338,
      570,
      -86,
      54,
      651,
      110
    ],
    "SliceThickness": 4,
    "SliceTiming": [
      0.74,
      0,
      0.7975,
      0.0575,
      0.855,
      0.115,
      0.9125,
      0.1725,
      0.97,
      0.23,
      1.025,
      0.285,
      1.0825,
      0.3425,
      1.14,
      0.4,
      1.1975,
      0.4575,
      1.2525,
      0.5125,
      1.31,
      0.57,
      1.3675,
      0.6275,
      1.425,
      0.685
    ],
    "SoftwareVersions": "syngo_MR_D13",
    "SpacingBetweenSlices": 4,
    "StationName": "AWP45031",
    "TotalReadoutTime": 0.0245701,
    "TxRefAmp": 346.665,
    "dataset": "ds001430",
    "modality": "bold",
    "run_id": 2,
    "subject_id": "25",
    "task_id": "phase1"
  },
  "dummy_trs": 3,
  "dvars_nstd": 22.755694111597222,
  "dvars_std": 1.3069701646527783,
  "dvars_vstd": 1.0081164047916664,
  "efc": 0.5678600134177023,
  "fber": 2575.901611328125,
  "fd_mean": 0.05700950949774,
  "fd_num": 0,
  "fd_perc": 0.0,
  "fwhm_avg": 1.711580234178794,
  "fwhm_x": 1.645806535869715,
  "fwhm_y": 1.9434666666666667,
  "fwhm_z": 1.5454675,
  "gcor": 0.00962006,
  "gsr_x": -0.011694708839058876,
  "gsr_y": 0.04983268305659294,
  "provenance": {
    "md5sum": "8033e2e7e547761a8e9e2e91a66eb590",
    "settings": {
      "fd_thres": 0.2,
      "testing": false
    },
    "software": "mriqc",
    "version": "23.0.1",
    "webapi_port": null,
    "webapi_url": "https://mriqc.nimh.nih.gov/api/v1"
  },
  "size_t": 145,
  "size_x": 64,
  "size_y": 64,
  "size_z": 26,
  "snr": 7.138260507641466,
  "spacing_tr": 1.5,
  "spacing_x": 3.000000238418579,
  "spacing_y": 3.0,
  "spacing_z": 4.0,
  "summary_bg_k": 29.019777677338027,
  "summary_bg_mad": 8.721790977091853,
  "summary_bg_mean": 33.61594009399414,
  "summary_bg_median": 13.60689640045166,
  "summary_bg_n": 54963.0,
  "summary_bg_p05": 6.386207103729248,
  "summary_bg_p95": 126.6572433471677,
  "summary_bg_stdv": 57.30867004394531,
  "summary_fg_k": 2.1942817950535636,
  "summary_fg_mad": 96.08283112795252,
  "summary_fg_mean": 726.26123046875,
  "summary_fg_median": 718.9862060546875,
  "summary_fg_n": 24609.0,
  "summary_fg_p05": 584.553076171875,
  "summary_fg_p95": 889.6275634765625,
  "summary_fg_stdv": 100.72084045410156,
  "tsnr": 87.18269841279835
}