{
  "aor": 0.0022333488372093028,
  "aqi": 0.005406197953488372,
  "bids_meta": {
    "AcquisitionMatrixPE": 64,
    "AcquisitionNumber": 1,
    "AcquisitionTime": "21:27:23.192500",
    "BandwidthPerPixelPhaseEncode": 40.064,
    "BaseResolution": 64,
    "BodyPartExamined": "BRAIN",
    "ConsistencyInfo": "N4_VD13A_LATEST_20120616",
    "ConversionSoftware": "dcm2niix",
    "ConversionSoftwareVersion": "v1.0.20180518 GCC4.8.5",
    "DerivedVendorReportedEchoSpacing": 0.000780002,
    "DeviceSerialNumber": "45031",
    "DwellTime": 5.4e-06,
    "EchoTime": 0.028,
    "EchoTrainLength": 32,
    "EffectiveEchoSpacing": 0.000390001,
    "FlipAngle": 64,
    "ImageOrientationPatientDICOM": [
      0.997799,
      0.0225367,
      0.0623645,
      -0.0268381,
      0.997254,
      0.0690174
    ],
    "ImageType": [
      "ORIGINAL",
      "PRIMARY",
      "M",
      "ND",
      "NORM",
      "MOSAIC"
    ],
    "InPlanePhaseEncodingDirectionDICOM": "COL",
    "InstitutionAddress": "Washington_and_Faculty_Rd._-_Building_25_25_Princeton_NJ_US_085",
    "InstitutionName": "Princeton_University_-_Neuroscience_Institute",
    "InstitutionalDepartmentName": "Department",
    "MRAcquisitionType": "2D",
    "MagneticFieldStrength": 3,
    "Manufacturer": "Siemens",
    "ManufacturersModelName": "Skyra",
    "Modality": "MR",
    "ParallelReductionFactorInPlane": 2,
    "PartialFourier": 1,
    "PatientPosition": "HFS",
    "PercentPhaseFOV": 100,
    "PhaseEncodingDirection": "j-",
    "PhaseEncodingSteps": 64,
    "PhaseResolution": 1,
    "PixelBandwidth": 1445,
    "ProcedureStepDescription": "Turk-BrowneLab_Projects",
    "ProtocolName": "epi_3x3x4_1.5s_216TR",
    "PulseSequenceDetails": "%SiemensSeq%_ep2d_bold",
    "ReceiveCoilActiveElements": "HE1-4",
    "ReceiveCoilName": "HeadNeck_20",
    "ReconMatrixPE": 64,
    "RepetitionTime": 1.5,
    "SAR": 0.0901717,
    "ScanOptions": "FS",
    "ScanningSequence": "EP",
    "SequenceName": "_epfid2d1_64",
    "SequenceVariant": "SK",
    "SeriesDescription": "epi_3x3x4_1.5s_216TR",
    "SeriesNumber": 14,
    "ShimSetting": [
      3397,
      8572,
      9338,
      570,
      -86,
      54,
      651,
      110
    ],
    "SliceThickness": 4,
    "SliceTiming": [
      0.74,
      0,
      0.7975,
      0.0575,
      0.855,
      0.115,
      0.9125,
      0.1725,
      0.9675,
      0.2275,
      1.025,
      0.285,
      1.0825,
      0.3425,
      1.14,
      0.4,
      1.195,
      0.4575,
      1.2525,
      0.5125,
      1.31,
      0.57,
      1.3675,
      0.6275,
      1.425,
      0.685
    ],
    "SoftwareVersions": "syngo_MR_D13",
    "SpacingBetweenSlices": 4,
    "StationName": "AWP45031",
    "TotalReadoutTime": 0.0245701,
    "TxRefAmp": 346.665,
    "dataset": "ds001430",
    "modality": "bold",
    "run_id": 3,
    "subject_id": "25",
    "task_id": "loc"
  },
  "dummy_trs": 1,
  "dvars_nstd": 22.62067028289719,
  "dvars_std": 1.3178684543457944,
  "dvars_vstd": 1.0345757909813085,
  "efc": 0.5694997524683614,
  "fber": 2436.039794921875,
  "fd_mean": 0.06861693881448444,
  "fd_num": 3,
  "fd_perc": 1.3953488372093024,
  "fwhm_avg": 1.7108824563191591,
  "fwhm_x": 1.6488965356241436,
  "fwhm_y": 1.9365533333333333,
  "fwhm_z": 1.5471975,
  "gcor": 0.0169476,
  "gsr_x": -0.011262505315244198,
  "gsr_y": 0.04899111017584801,
  "provenance": {
    "md5sum": "40631965cc02fa4dd3fdaf62ae078d20",
    "settings": {
      "fd_thres": 0.2,
      "testing": false
    },
    "software": "mriqc",
    "version": "23.0.1",
    "webapi_port": null,
    "webapi_url": "https://mriqc.nimh.nih.gov/api/v1"
  },
  "size_t": 215,
  "size_x": 64,
  "size_y": 64,
  "size_z": 26,
  "snr": 7.113066562153151,
  "spacing_tr": 1.5,
  "spacing_x": 3.000000238418579,
  "spacing_y": 3.0,
  "spacing_z": 4.0,
  "summary_bg_k": 25.490424402194083,
  "summary_bg_mad": 9.123176610267414,
  "summary_bg_mean": 34.52177047729492,
  "summary_bg_median": 13.930232048034668,
  "summary_bg_n": 54973.0,
  "summary_bg_p05": 6.4139533042907715,
  "summary_bg_p95": 130.3544158935546,
  "summary_bg_stdv": 57.34293746948242,
  "summary_fg_k": 2.1941230911926057,
  "summary_fg_mad": 95.84855029642719,
  "summary_fg_mean": 720.0687255859375,
  "summary_fg_median": 712.181396484375,
  "summary_fg_n": 24596.0,
  "summary_fg_p05": 581.1465301513672,
  "summary_fg_p95": 883.9837188720703,
  "summary_fg_stdv": 100.12094116210938,
  "tsnr": 81.93893554829992
}