{
  "aor": 0.0011924999999999998,
  "aqi": 0.005209628581081082,
  "bids_meta": {
    "AcquisitionMatrixPE": 64,
    "AcquisitionNumber": 1,
    "AcquisitionTime": "13:40:17.060000",
    "BandwidthPerPixelPhaseEncode": 40.064,
    "BaseResolution": 64,
    "BodyPartExamined": "BRAIN",
    "ConsistencyInfo": "N4_VD13A_LATEST_20120616",
    "ConversionSoftware": "dcm2niix",
    "ConversionSoftwareVersion": "v1.0.20180518 GCC4.8.5",
    "DerivedVendorReportedEchoSpacing": 0.000780002,
    "DeviceSerialNumber": "45031",
    "DwellTime": 5.4e-06,
    "EchoTime": 0.028,
    "EchoTrainLength": 32,
    "EffectiveEchoSpacing": 0.000390001,
    "FlipAngle": 64,
    "ImageOrientationPatientDICOM": [
      0.994731,
      0.0551226,
      0.0864403,
      -0.0478577,
      0.995318,
      -0.0839761
    ],
    "ImageType": [
      "ORIGINAL",
      "PRIMARY",
      "M",
      "ND",
      "NORM",
      "MOSAIC"
    ],
    "InPlanePhaseEncodingDirectionDICOM": "COL",
    "InstitutionAddress": "Washington_and_Faculty_Rd._-_Building_25_25_Princeton_NJ_US_085",
    "InstitutionName": "Princeton_University_-_Neuroscience_Institute",
    "InstitutionalDepartmentName": "Department",
    "MRAcquisitionType": "2D",
    "MagneticFieldStrength": 3,
    "Manufacturer": "Siemens",
    "ManufacturersModelName": "Skyra",
    "Modality": "MR",
    "ParallelReductionFactorInPlane": 2,
    "PartialFourier": 1,
    "PatientPosition": "HFS",
    "PercentPhaseFOV": 100,
    "PhaseEncodingDirection": "j-",
    "PhaseEncodingSteps": 64,
    "PhaseResolution": 1,
    "PixelBandwidth": 1445,
    "ProcedureStepDescription": "Turk-BrowneLab_Projects",
    "ProtocolName": "epi_3x3x4_1.5s_148TR",
    "PulseSequenceDetails": "%SiemensSeq%_ep2d_bold",
    "ReceiveCoilActiveElements": "HE1-4",
    "ReceiveCoilName": "HeadNeck_20",
    "ReconMatrixPE": 64,
    "RepetitionTime": 1.5,
    "SAR": 0.0873216,
    "ScanOptions": "FS",
    "ScanningSequence": "EP",
    "SequenceName": "_epfid2d1_64",
    "SequenceVariant": "SK",
    "SeriesDescription": "epi_3x3x4_1.5s_148TR",
    "SeriesNumber": 7,
    "ShimSetting": [
      3371,
      8652,
      9380,
      523,
      117,
      159,
      198,
      44
    ],
    "SliceThickness": 4,
    "SliceTiming": [
      0.74,
      0,
      0.7975,
      0.0575,
      0.855,
      0.115,
      0.91,
      0.17,
      0.9675,
      0.2275,
      1.025,
      0.285,
      1.0825,
      0.3425,
      1.14,
      0.4,
      1.195,
      0.455,
      1.2525,
      0.5125,
      1.31,
      0.57,
      1.3675,
      0.6275,
      1.4225,
      0.6825
    ],
    "SoftwareVersions": "syngo_MR_D13",
    "SpacingBetweenSlices": 4,
    "StationName": "AWP45031",
    "TotalReadoutTime": 0.0245701,
    "TxRefAmp": 360.581,
    "dataset": "ds001430",
    "modality": "bold",
    "run_id": 3,
    "subject_id": "30",
    "task_id": "phase1"
  },
  "dummy_trs": 0,
  "dvars_nstd": 22.117307143741506,
  "dvars_std": 1.2163269909523802,
  "dvars_vstd": 1.0142505409523812,
  "efc": 0.5907734472020666,
  "fber": 2017.1485595703125,
  "fd_mean": 0.12099021719541973,
  "fd_num": 5,
  "fd_perc": 3.3783783783783785,
  "fwhm_avg": 1.6241891666666666,
  "fwhm_x": 1.60361,
  "fwhm_y": 1.84978,
  "fwhm_z": 1.4191775,
  "gcor": 0.021967,
  "gsr_x": -0.016331424936652184,
  "gsr_y": 0.06186049059033394,
  "provenance": {
    "md5sum": "043d10a4187c63cdb1c37edfe2e41bd0",
    "settings": {
      "fd_thres": 0.2,
      "testing": false
    },
    "software": "mriqc",
    "version": "23.0.1",
    "webapi_port": null,
    "webapi_url": "https://mriqc.nimh.nih.gov/api/v1"
  },
  "size_t": 148,
  "size_x": 64,
  "size_y": 64,
  "size_z": 26,
  "snr": 7.236640687239118,
  "spacing_tr": 1.5,
  "spacing_x": 3.0,
  "spacing_y": 3.0,
  "spacing_z": 4.0,
  "summary_bg_k": 30.177312455414636,
  "summary_bg_mad": 7.723556629485149,
  "summary_bg_mean": 34.51789855957031,
  "summary_bg_median": 12.858108520507812,
  "summary_bg_n": 52563.0,
  "summary_bg_p05": 6.527027130126953,
  "summary_bg_p95": 140.27297210693297,
  "summary_bg_stdv": 62.6058464050293,
  "summary_fg_k": 2.66034074577548,
  "summary_fg_mad": 79.47956849053749,
  "summary_fg_mean": 619.892333984375,
  "summary_fg_median": 615.520263671875,
  "summary_fg_n": 26287.0,
  "summary_fg_p05": 502.22230529785156,
  "summary_fg_p95": 755.7513732910155,
  "summary_fg_stdv": 85.05445861816406,
  "tsnr": 82.69426074065268
}