{
  "aor": 0.0017666666666666668,
  "aqi": 0.007422833935185186,
  "bids_meta": {
    "AcquisitionMatrixPE": 64,
    "AcquisitionNumber": 1,
    "AcquisitionTime": "14:39:41.122500",
    "BandwidthPerPixelPhaseEncode": 40.064,
    "BaseResolution": 64,
    "BodyPartExamined": "BRAIN",
    "ConsistencyInfo": "N4_VD13A_LATEST_20120616",
    "ConversionSoftware": "dcm2niix",
    "ConversionSoftwareVersion": "v1.0.20180518 GCC4.8.5",
    "DerivedVendorReportedEchoSpacing": 0.000780002,
    "DeviceSerialNumber": "45031",
    "DwellTime": 5.4e-06,
    "EchoTime": 0.028,
    "EchoTrainLength": 32,
    "EffectiveEchoSpacing": 0.000390001,
    "FlipAngle": 64,
    "ImageOrientationPatientDICOM": [
      0.994731,
      0.0551226,
      0.0864403,
      -0.0478577,
      0.995318,
      -0.0839761
    ],
    "ImageType": [
      "ORIGINAL",
      "PRIMARY",
      "M",
      "ND",
      "NORM",
      "MOSAIC"
    ],
    "InPlanePhaseEncodingDirectionDICOM": "COL",
    "InstitutionAddress": "Washington_and_Faculty_Rd._-_Building_25_25_Princeton_NJ_US_085",
    "InstitutionName": "Princeton_University_-_Neuroscience_Institute",
    "InstitutionalDepartmentName": "Department",
    "MRAcquisitionType": "2D",
    "MagneticFieldStrength": 3,
    "Manufacturer": "Siemens",
    "ManufacturersModelName": "Skyra",
    "Modality": "MR",
    "ParallelReductionFactorInPlane": 2,
    "PartialFourier": 1,
    "PatientPosition": "HFS",
    "PercentPhaseFOV": 100,
    "PhaseEncodingDirection": "j-",
    "PhaseEncodingSteps": 64,
    "PhaseResolution": 1,
    "PixelBandwidth": 1445,
    "ProcedureStepDescription": "Turk-BrowneLab_Projects",
    "ProtocolName": "epi_3x3x4_1.5s_216TR",
    "PulseSequenceDetails": "%SiemensSeq%_ep2d_bold",
    "ReceiveCoilActiveElements": "HE1-4",
    "ReceiveCoilName": "HeadNeck_20",
    "ReconMatrixPE": 64,
    "RepetitionTime": 1.5,
    "SAR": 0.0873228,
    "ScanOptions": "FS",
    "ScanningSequence": "EP",
    "SequenceName": "_epfid2d1_64",
    "SequenceVariant": "SK",
    "SeriesDescription": "epi_3x3x4_1.5s_216TR",
    "SeriesNumber": 14,
    "ShimSetting": [
      3371,
      8652,
      9380,
      523,
      117,
      159,
      198,
      44
    ],
    "SliceThickness": 4,
    "SliceTiming": [
      0.74,
      0,
      0.7975,
      0.0575,
      0.855,
      0.115,
      0.9125,
      0.1725,
      0.9675,
      0.2275,
      1.025,
      0.285,
      1.0825,
      0.3425,
      1.14,
      0.4,
      1.195,
      0.455,
      1.2525,
      0.5125,
      1.31,
      0.57,
      1.3675,
      0.6275,
      1.425,
      0.685
    ],
    "SoftwareVersions": "syngo_MR_D13",
    "SpacingBetweenSlices": 4,
    "StationName": "AWP45031",
    "TotalReadoutTime": 0.0245701,
    "TxRefAmp": 360.581,
    "dataset": "ds001430",
    "modality": "bold",
    "run_id": 3,
    "subject_id": "30",
    "task_id": "loc"
  },
  "dummy_trs": 0,
  "dvars_nstd": 23.763420956558132,
  "dvars_std": 1.2468835340930244,
  "dvars_vstd": 1.0226811372093028,
  "efc": 0.5898425469464426,
  "fber": 2076.818359375,
  "fd_mean": 0.1460550059018828,
  "fd_num": 25,
  "fd_perc": 11.574074074074074,
  "fwhm_avg": 1.6177316666666666,
  "fwhm_x": 1.58482,
  "fwhm_y": 1.85346,
  "fwhm_z": 1.414915,
  "gcor": 0.0242598,
  "gsr_x": -0.014878420159220695,
  "gsr_y": 0.06262184679508209,
  "provenance": {
    "md5sum": "f8ec96016e5f2876249b49dee5761c0e",
    "settings": {
      "fd_thres": 0.2,
      "testing": false
    },
    "software": "mriqc",
    "version": "23.0.1",
    "webapi_port": null,
    "webapi_url": "https://mriqc.nimh.nih.gov/api/v1"
  },
  "size_t": 216,
  "size_x": 64,
  "size_y": 64,
  "size_z": 26,
  "snr": 7.282664053267848,
  "spacing_tr": 1.5,
  "spacing_x": 3.0,
  "spacing_y": 3.0,
  "spacing_z": 4.0,
  "summary_bg_k": 31.69477919223366,
  "summary_bg_mad": 7.7493422822741564,
  "summary_bg_mean": 34.624759674072266,
  "summary_bg_median": 12.712963104248047,
  "summary_bg_n": 52672.0,
  "summary_bg_p05": 6.439815044403076,
  "summary_bg_p95": 139.2277793884275,
  "summary_bg_stdv": 62.89570999145508,
  "summary_fg_k": 2.4255802314829786,
  "summary_fg_mad": 78.70487625465941,
  "summary_fg_mean": 619.6849975585938,
  "summary_fg_median": 614.25927734375,
  "summary_fg_n": 26144.0,
  "summary_fg_p05": 503.38958129882815,
  "summary_fg_p95": 757.1474639892576,
  "summary_fg_stdv": 84.34379577636719,
  "tsnr": 74.70155523065478
}