{
  "aor": 0.002812124999999999,
  "aqi": 0.010788843525000001,
  "bids_meta": {
    "AcquisitionMatrixPE": 64,
    "AcquisitionNumber": 1,
    "AcquisitionTime": "11:16:32.647500",
    "BandwidthPerPixelPhaseEncode": 40.064,
    "BaseResolution": 64,
    "BodyPartExamined": "BRAIN",
    "ConsistencyInfo": "N4_VD13A_LATEST_20120616",
    "ConversionSoftware": "dcm2niix",
    "ConversionSoftwareVersion": "v1.0.20180518 GCC4.8.5",
    "DerivedVendorReportedEchoSpacing": 0.000780002,
    "DeviceSerialNumber": "45031",
    "DwellTime": 5.4e-06,
    "EchoTime": 0.028,
    "EchoTrainLength": 32,
    "EffectiveEchoSpacing": 0.000390001,
    "FlipAngle": 64,
    "ImageOrientationPatientDICOM": [
      0.995588,
      0.0635911,
      0.0690039,
      -0.059126,
      0.996137,
      -0.0649293
    ],
    "ImageType": [
      "ORIGINAL",
      "PRIMARY",
      "M",
      "ND",
      "NORM",
      "MOSAIC"
    ],
    "InPlanePhaseEncodingDirectionDICOM": "COL",
    "InstitutionAddress": "Washington_and_Faculty_Rd._-_Building_25_25_Princeton_NJ_US_085",
    "InstitutionName": "Princeton_University_-_Neuroscience_Institute",
    "InstitutionalDepartmentName": "Department",
    "MRAcquisitionType": "2D",
    "MagneticFieldStrength": 3,
    "Manufacturer": "Siemens",
    "ManufacturersModelName": "Skyra",
    "Modality": "MR",
    "ParallelReductionFactorInPlane": 2,
    "PartialFourier": 1,
    "PatientPosition": "HFS",
    "PercentPhaseFOV": 100,
    "PhaseEncodingDirection": "j-",
    "PhaseEncodingSteps": 64,
    "PhaseResolution": 1,
    "PixelBandwidth": 1445,
    "ProcedureStepDescription": "Turk-BrowneLab_Projects",
    "ProtocolName": "epi_3x3x4_1.5s_400TR",
    "PulseSequenceDetails": "%SiemensSeq%_ep2d_bold",
    "ReceiveCoilActiveElements": "HE1-4",
    "ReceiveCoilName": "HeadNeck_20",
    "ReconMatrixPE": 64,
    "RepetitionTime": 1.5,
    "SAR": 0.0762591,
    "ScanOptions": "FS",
    "ScanningSequence": "EP",
    "SequenceName": "_epfid2d1_64",
    "SequenceVariant": "SK",
    "SeriesDescription": "epi_3x3x4_1.5s_400TR",
    "SeriesNumber": 10,
    "ShimSetting": [
      3437,
      8631,
      9345,
      442,
      210,
      -202,
      853,
      -96
    ],
    "SliceThickness": 4,
    "SliceTiming": [
      0.74,
      0,
      0.7975,
      0.0575,
      0.8525,
      0.1125,
      0.91,
      0.17,
      0.9675,
      0.2275,
      1.025,
      0.285,
      1.08,
      0.34,
      1.1375,
      0.3975,
      1.195,
      0.455,
      1.2525,
      0.5125,
      1.3075,
      0.5675,
      1.365,
      0.625,
      1.4225,
      0.6825
    ],
    "SoftwareVersions": "syngo_MR_D13",
    "SpacingBetweenSlices": 4,
    "StationName": "AWP45031",
    "TotalReadoutTime": 0.0245701,
    "TxRefAmp": 395.648,
    "dataset": "ds001430",
    "modality": "bold",
    "run_id": 1,
    "subject_id": "01",
    "task_id": "phase3"
  },
  "dummy_trs": 0,
  "dvars_nstd": 26.582231124786958,
  "dvars_std": 1.3233226766917288,
  "dvars_vstd": 1.0044387099999996,
  "efc": 0.6177237334348513,
  "fber": 1656.7435302734375,
  "fd_mean": 0.09430043612709973,
  "fd_num": 24,
  "fd_perc": 6.0,
  "fwhm_avg": 1.697219722222222,
  "fwhm_x": 1.6420533333333334,
  "fwhm_y": 1.9278433333333334,
  "fwhm_z": 1.5217625,
  "gcor": 0.0224102,
  "gsr_x": -0.0053832801058888435,
  "gsr_y": 0.05947822332382202,
  "provenance": {
    "md5sum": "9eb1acafc7974cc71e60ee6bc64e09c4",
    "settings": {
      "fd_thres": 0.2,
      "testing": false
    },
    "software": "mriqc",
    "version": "23.0.1",
    "webapi_port": null,
    "webapi_url": "https://mriqc.nimh.nih.gov/api/v1"
  },
  "size_t": 400,
  "size_x": 64,
  "size_y": 64,
  "size_z": 26,
  "snr": 7.075856716930238,
  "spacing_tr": 1.5,
  "spacing_x": 3.0,
  "spacing_y": 3.0,
  "spacing_z": 4.0,
  "summary_bg_k": 16.09815871630106,
  "summary_bg_mad": 11.553177815983297,
  "summary_bg_mean": 48.332733154296875,
  "summary_bg_median": 15.404999732971191,
  "summary_bg_n": 50676.0,
  "summary_bg_p05": 6.605000019073486,
  "summary_bg_p95": 204.48312377929688,
  "summary_bg_stdv": 83.98861694335938,
  "summary_fg_k": 2.29363403188988,
  "summary_fg_mad": 88.17596617754522,
  "summary_fg_mean": 672.8502197265625,
  "summary_fg_median": 664.2637939453125,
  "summary_fg_n": 28656.0,
  "summary_fg_p05": 547.2881164550781,
  "summary_fg_p95": 833.6999969482422,
  "summary_fg_stdv": 93.87586975097656,
  "tsnr": 63.78123986069113
}