{
  "aor": 0.0012599324324324326,
  "aqi": 0.004160770405405405,
  "bids_meta": {
    "AcquisitionMatrixPE": 64,
    "AcquisitionNumber": 1,
    "AcquisitionTime": "12:41:50.870000",
    "BandwidthPerPixelPhaseEncode": 40.064,
    "BaseResolution": 64,
    "BodyPartExamined": "BRAIN",
    "ConsistencyInfo": "N4_VD13A_LATEST_20120616",
    "ConversionSoftware": "dcm2niix",
    "ConversionSoftwareVersion": "v1.0.20180518 GCC4.8.5",
    "DerivedVendorReportedEchoSpacing": 0.000780002,
    "DeviceSerialNumber": "45031",
    "DwellTime": 5.4e-06,
    "EchoTime": 0.028,
    "EchoTrainLength": 32,
    "EffectiveEchoSpacing": 0.000390001,
    "FlipAngle": 64,
    "ImageOrientationPatientDICOM": [
      0.999942,
      0.00880134,
      -0.00622589,
      -0.00849148,
      0.998804,
      0.0481574
    ],
    "ImageType": [
      "ORIGINAL",
      "PRIMARY",
      "M",
      "ND",
      "NORM",
      "MOSAIC"
    ],
    "InPlanePhaseEncodingDirectionDICOM": "COL",
    "InstitutionAddress": "Washington_and_Faculty_Rd._-_Building_25_25_Princeton_NJ_US_085",
    "InstitutionName": "Princeton_University_-_Neuroscience_Institute",
    "InstitutionalDepartmentName": "Department",
    "MRAcquisitionType": "2D",
    "MagneticFieldStrength": 3,
    "Manufacturer": "Siemens",
    "ManufacturersModelName": "Skyra",
    "Modality": "MR",
    "ParallelReductionFactorInPlane": 2,
    "PartialFourier": 1,
    "PatientPosition": "HFS",
    "PercentPhaseFOV": 100,
    "PhaseEncodingDirection": "j-",
    "PhaseEncodingSteps": 64,
    "PhaseResolution": 1,
    "PixelBandwidth": 1445,
    "ProcedureStepDescription": "Turk-BrowneLab_Projects",
    "ProtocolName": "epi_3x3x4_1.5s_148TR",
    "PulseSequenceDetails": "%SiemensSeq%_ep2d_bold",
    "ReceiveCoilActiveElements": "HE1-4",
    "ReceiveCoilName": "HeadNeck_20",
    "ReconMatrixPE": 64,
    "RepetitionTime": 1.5,
    "SAR": 0.10583,
    "ScanOptions": "FS",
    "ScanningSequence": "EP",
    "SequenceName": "_epfid2d1_64",
    "SequenceVariant": "SK",
    "SeriesDescription": "epi_3x3x4_1.5s_148TR",
    "SeriesNumber": 8,
    "ShimSetting": [
      3367,
      8576,
      9374,
      507,
      -94,
      60,
      336,
      121
    ],
    "SliceThickness": 4,
    "SliceTiming": [
      0.74,
      0,
      0.795,
      0.055,
      0.8525,
      0.1125,
      0.91,
      0.17,
      0.9675,
      0.2275,
      1.025,
      0.285,
      1.08,
      0.34,
      1.1375,
      0.3975,
      1.195,
      0.455,
      1.2525,
      0.5125,
      1.3075,
      0.5675,
      1.365,
      0.625,
      1.4225,
      0.6825
    ],
    "SoftwareVersions": "syngo_MR_D13",
    "SpacingBetweenSlices": 4,
    "StationName": "AWP45031",
    "TotalReadoutTime": 0.0245701,
    "TxRefAmp": 359.833,
    "dataset": "ds001430",
    "modality": "bold",
    "run_id": 4,
    "subject_id": "08",
    "task_id": "phase1"
  },
  "dummy_trs": 0,
  "dvars_nstd": 19.255802998027214,
  "dvars_std": 1.178103559251701,
  "dvars_vstd": 1.012188013197279,
  "efc": 0.62174320097847,
  "fber": 1881.70947265625,
  "fd_mean": 0.08993760058844985,
  "fd_num": 3,
  "fd_perc": 2.027027027027027,
  "fwhm_avg": 1.7752725,
  "fwhm_x": 1.6887800000000002,
  "fwhm_y": 2.08658,
  "fwhm_z": 1.5504575,
  "gcor": 0.0203854,
  "gsr_x": -0.010541248135268688,
  "gsr_y": 0.050755444914102554,
  "provenance": {
    "md5sum": "654be6013e79baff38544137fd0e623c",
    "settings": {
      "fd_thres": 0.2,
      "testing": false
    },
    "software": "mriqc",
    "version": "23.0.1",
    "webapi_port": null,
    "webapi_url": "https://mriqc.nimh.nih.gov/api/v1"
  },
  "size_t": 148,
  "size_x": 64,
  "size_y": 64,
  "size_z": 26,
  "snr": 6.9201420728852145,
  "spacing_tr": 1.5,
  "spacing_x": 3.0,
  "spacing_y": 3.0,
  "spacing_z": 4.0,
  "summary_bg_k": 13.59556369987321,
  "summary_bg_mad": 8.785420189506775,
  "summary_bg_mean": 40.22911834716797,
  "summary_bg_median": 13.851351737976074,
  "summary_bg_n": 48969.0,
  "summary_bg_p05": 6.833784103393556,
  "summary_bg_p95": 167.1081085205078,
  "summary_bg_stdv": 63.23696517944336,
  "summary_fg_k": 3.1717571530128392,
  "summary_fg_mad": 79.65982627979916,
  "summary_fg_mean": 653.63623046875,
  "summary_fg_median": 647.8716430664062,
  "summary_fg_n": 29069.0,
  "summary_fg_p05": 523.2837890625,
  "summary_fg_p95": 806.6864990234375,
  "summary_fg_stdv": 93.61953735351562,
  "tsnr": 89.77300983911846
}