{
  "aor": 0.0006343055555555556,
  "aqi": 0.005223895416666667,
  "bids_meta": {
    "AcquisitionMatrixPE": 64,
    "AcquisitionNumber": 1,
    "AcquisitionTime": "13:27:50.590000",
    "BandwidthPerPixelPhaseEncode": 40.064,
    "BaseResolution": 64,
    "BodyPartExamined": "BRAIN",
    "ConsistencyInfo": "N4_VD13A_LATEST_20120616",
    "ConversionSoftware": "dcm2niix",
    "ConversionSoftwareVersion": "v1.0.20180518 GCC4.8.5",
    "DerivedVendorReportedEchoSpacing": 0.000780002,
    "DeviceSerialNumber": "45031",
    "DwellTime": 5.4e-06,
    "EchoTime": 0.028,
    "EchoTrainLength": 32,
    "EffectiveEchoSpacing": 0.000390001,
    "FlipAngle": 64,
    "ImageOrientationPatientDICOM": [
      0.999942,
      0.00880134,
      -0.00622589,
      -0.00849148,
      0.998804,
      0.0481574
    ],
    "ImageType": [
      "ORIGINAL",
      "PRIMARY",
      "M",
      "ND",
      "NORM",
      "MOSAIC"
    ],
    "InPlanePhaseEncodingDirectionDICOM": "COL",
    "InstitutionAddress": "Washington_and_Faculty_Rd._-_Building_25_25_Princeton_NJ_US_085",
    "InstitutionName": "Princeton_University_-_Neuroscience_Institute",
    "InstitutionalDepartmentName": "Department",
    "MRAcquisitionType": "2D",
    "MagneticFieldStrength": 3,
    "Manufacturer": "Siemens",
    "ManufacturersModelName": "Skyra",
    "Modality": "MR",
    "ParallelReductionFactorInPlane": 2,
    "PartialFourier": 1,
    "PatientPosition": "HFS",
    "PercentPhaseFOV": 100,
    "PhaseEncodingDirection": "j-",
    "PhaseEncodingSteps": 64,
    "PhaseResolution": 1,
    "PixelBandwidth": 1445,
    "ProcedureStepDescription": "Turk-BrowneLab_Projects",
    "ProtocolName": "epi_3x3x4_1.5s_216TR",
    "PulseSequenceDetails": "%SiemensSeq%_ep2d_bold",
    "ReceiveCoilActiveElements": "HE1-4",
    "ReceiveCoilName": "HeadNeck_20",
    "ReconMatrixPE": 64,
    "RepetitionTime": 1.5,
    "SAR": 0.105831,
    "ScanOptions": "FS",
    "ScanningSequence": "EP",
    "SequenceName": "_epfid2d1_64",
    "SequenceVariant": "SK",
    "SeriesDescription": "epi_3x3x4_1.5s_216TR",
    "SeriesNumber": 12,
    "ShimSetting": [
      3367,
      8576,
      9374,
      507,
      -94,
      60,
      336,
      121
    ],
    "SliceThickness": 4,
    "SliceTiming": [
      0.74,
      0,
      0.795,
      0.055,
      0.8525,
      0.1125,
      0.91,
      0.17,
      0.9675,
      0.2275,
      1.025,
      0.285,
      1.08,
      0.34,
      1.1375,
      0.3975,
      1.195,
      0.455,
      1.2525,
      0.5125,
      1.3075,
      0.5675,
      1.365,
      0.625,
      1.4225,
      0.6825
    ],
    "SoftwareVersions": "syngo_MR_D13",
    "SpacingBetweenSlices": 4,
    "StationName": "AWP45031",
    "TotalReadoutTime": 0.0245701,
    "TxRefAmp": 359.833,
    "dataset": "ds001430",
    "modality": "bold",
    "run_id": 1,
    "subject_id": "08",
    "task_id": "loc"
  },
  "dummy_trs": 0,
  "dvars_nstd": 19.283346575348837,
  "dvars_std": 1.1505096021860464,
  "dvars_vstd": 0.9962246139999995,
  "efc": 0.6227778290118139,
  "fber": 1890.6795654296875,
  "fd_mean": 0.08826874032860305,
  "fd_num": 5,
  "fd_perc": 2.314814814814815,
  "fwhm_avg": 1.7786841666666666,
  "fwhm_x": 1.7009999999999998,
  "fwhm_y": 2.09458,
  "fwhm_z": 1.5404725,
  "gcor": 0.012031,
  "gsr_x": -0.00866010133177042,
  "gsr_y": 0.05273278057575226,
  "provenance": {
    "md5sum": "130b36b6ad0394282bf3d06185f7503c",
    "settings": {
      "fd_thres": 0.2,
      "testing": false
    },
    "software": "mriqc",
    "version": "23.0.1",
    "webapi_port": null,
    "webapi_url": "https://mriqc.nimh.nih.gov/api/v1"
  },
  "size_t": 216,
  "size_x": 64,
  "size_y": 64,
  "size_z": 26,
  "snr": 6.917665225124277,
  "spacing_tr": 1.5,
  "spacing_x": 3.0,
  "spacing_y": 3.0,
  "spacing_z": 4.0,
  "summary_bg_k": 13.964644596861227,
  "summary_bg_mad": 8.710287326760582,
  "summary_bg_mean": 41.21263885498047,
  "summary_bg_median": 13.814814567565918,
  "summary_bg_n": 48920.0,
  "summary_bg_p05": 6.875,
  "summary_bg_p95": 171.8872711181638,
  "summary_bg_stdv": 65.0204849243164,
  "summary_fg_k": 3.3477814819409275,
  "summary_fg_mad": 79.0515467318991,
  "summary_fg_mean": 653.4993286132812,
  "summary_fg_median": 647.5740966796875,
  "summary_fg_n": 29081.0,
  "summary_fg_p05": 524.3194580078125,
  "summary_fg_p95": 805.25,
  "summary_fg_stdv": 93.61004638671875,
  "tsnr": 81.84168664435856
}