{
  "aor": 0.0012421854304635763,
  "aqi": 0.004639280298013245,
  "bids_meta": {
    "AcquisitionMatrixPE": 64,
    "AcquisitionNumber": 1,
    "AcquisitionTime": "12:49:7.527500",
    "BandwidthPerPixelPhaseEncode": 40.064,
    "BaseResolution": 64,
    "BodyPartExamined": "BRAIN",
    "ConsistencyInfo": "N4_VD13A_LATEST_20120616",
    "ConversionSoftware": "dcm2niix",
    "ConversionSoftwareVersion": "v1.0.20180518 GCC4.8.5",
    "DerivedVendorReportedEchoSpacing": 0.000780002,
    "DeviceSerialNumber": "45031",
    "DwellTime": 5.4e-06,
    "EchoTime": 0.028,
    "EchoTrainLength": 32,
    "EffectiveEchoSpacing": 0.000390001,
    "FlipAngle": 64,
    "ImageOrientationPatientDICOM": [
      0.999942,
      0.00880134,
      -0.00622589,
      -0.00849148,
      0.998804,
      0.0481574
    ],
    "ImageType": [
      "ORIGINAL",
      "PRIMARY",
      "M",
      "ND",
      "NORM",
      "MOSAIC"
    ],
    "InPlanePhaseEncodingDirectionDICOM": "COL",
    "InstitutionAddress": "Washington_and_Faculty_Rd._-_Building_25_25_Princeton_NJ_US_085",
    "InstitutionName": "Princeton_University_-_Neuroscience_Institute",
    "InstitutionalDepartmentName": "Department",
    "MRAcquisitionType": "2D",
    "MagneticFieldStrength": 3,
    "Manufacturer": "Siemens",
    "ManufacturersModelName": "Skyra",
    "Modality": "MR",
    "ParallelReductionFactorInPlane": 2,
    "PartialFourier": 1,
    "PatientPosition": "HFS",
    "PercentPhaseFOV": 100,
    "PhaseEncodingDirection": "j-",
    "PhaseEncodingSteps": 64,
    "PhaseResolution": 1,
    "PixelBandwidth": 1445,
    "ProcedureStepDescription": "Turk-BrowneLab_Projects",
    "ProtocolName": "epi_3x3x4_1.5s_302TR",
    "PulseSequenceDetails": "%SiemensSeq%_ep2d_bold",
    "ReceiveCoilActiveElements": "HE1-4",
    "ReceiveCoilName": "HeadNeck_20",
    "ReconMatrixPE": 64,
    "RepetitionTime": 1.5,
    "SAR": 0.105832,
    "ScanOptions": "FS",
    "ScanningSequence": "EP",
    "SequenceName": "_epfid2d1_64",
    "SequenceVariant": "SK",
    "SeriesDescription": "epi_3x3x4_1.5s_302TR",
    "SeriesNumber": 9,
    "ShimSetting": [
      3367,
      8576,
      9374,
      507,
      -94,
      60,
      336,
      121
    ],
    "SliceThickness": 4,
    "SliceTiming": [
      0.74,
      0,
      0.7975,
      0.0575,
      0.855,
      0.115,
      0.91,
      0.17,
      0.9675,
      0.2275,
      1.025,
      0.285,
      1.0825,
      0.3425,
      1.14,
      0.4,
      1.195,
      0.455,
      1.2525,
      0.5125,
      1.31,
      0.57,
      1.3675,
      0.6275,
      1.4225,
      0.6825
    ],
    "SoftwareVersions": "syngo_MR_D13",
    "SpacingBetweenSlices": 4,
    "StationName": "AWP45031",
    "TotalReadoutTime": 0.0245701,
    "TxRefAmp": 359.833,
    "dataset": "ds001430",
    "modality": "bold",
    "run_id": 1,
    "subject_id": "08",
    "task_id": "phase2"
  },
  "dummy_trs": 0,
  "dvars_nstd": 18.987516548637895,
  "dvars_std": 1.1789609617275738,
  "dvars_vstd": 1.0178586970099661,
  "efc": 0.6217678888358463,
  "fber": 1913.150390625,
  "fd_mean": 0.08076792529126896,
  "fd_num": 3,
  "fd_perc": 0.9933774834437086,
  "fwhm_avg": 1.7844775000000002,
  "fwhm_x": 1.7023133333333333,
  "fwhm_y": 2.103616666666667,
  "fwhm_z": 1.5475025,
  "gcor": 0.00929453,
  "gsr_x": -0.009362328797578812,
  "gsr_y": 0.05167002975940704,
  "provenance": {
    "md5sum": "cc620a9c221c1505c5f2e0a8182fd5b7",
    "settings": {
      "fd_thres": 0.2,
      "testing": false
    },
    "software": "mriqc",
    "version": "23.0.1",
    "webapi_port": null,
    "webapi_url": "https://mriqc.nimh.nih.gov/api/v1"
  },
  "size_t": 302,
  "size_x": 64,
  "size_y": 64,
  "size_z": 26,
  "snr": 6.905117364930794,
  "spacing_tr": 1.5,
  "spacing_x": 3.0,
  "spacing_y": 3.0,
  "spacing_z": 4.0,
  "summary_bg_k": 13.530190411336953,
  "summary_bg_mad": 8.655058917989127,
  "summary_bg_mean": 40.49710464477539,
  "summary_bg_median": 13.804636001586914,
  "summary_bg_n": 48966.0,
  "summary_bg_p05": 6.877483367919922,
  "summary_bg_p95": 169.67466354370117,
  "summary_bg_stdv": 63.71719741821289,
  "summary_fg_k": 3.2041845336189123,
  "summary_fg_mad": 80.03844002993512,
  "summary_fg_mean": 654.4187622070312,
  "summary_fg_median": 648.7119140625,
  "summary_fg_n": 29118.0,
  "summary_fg_p05": 524.4945343017578,
  "summary_fg_p95": 806.7854064941406,
  "summary_fg_stdv": 93.94493103027344,
  "tsnr": 85.97243404085748
}