{
  "aor": 0.0009885135135135135,
  "aqi": 0.004176302162162163,
  "bids_meta": {
    "AcquisitionMatrixPE": 64,
    "AcquisitionNumber": 1,
    "AcquisitionTime": "09:30:42.310000",
    "BandwidthPerPixelPhaseEncode": 40.064,
    "BaseResolution": 64,
    "BodyPartExamined": "BRAIN",
    "ConsistencyInfo": "N4_VD13A_LATEST_20120616",
    "ConversionSoftware": "dcm2niix",
    "ConversionSoftwareVersion": "v1.0.20180518 GCC4.8.5",
    "DerivedVendorReportedEchoSpacing": 0.000780002,
    "DeviceSerialNumber": "45031",
    "DwellTime": 5.4e-06,
    "EchoTime": 0.028,
    "EchoTrainLength": 32,
    "EffectiveEchoSpacing": 0.000390001,
    "FlipAngle": 64,
    "ImageOrientationPatientDICOM": [
      0.998515,
      0.0190959,
      0.051012,
      -0.0149414,
      0.996633,
      -0.0806161
    ],
    "ImageType": [
      "ORIGINAL",
      "PRIMARY",
      "M",
      "ND",
      "NORM",
      "MOSAIC"
    ],
    "InPlanePhaseEncodingDirectionDICOM": "COL",
    "InstitutionAddress": "Washington_and_Faculty_Rd._-_Building_25_25_Princeton_NJ_US_085",
    "InstitutionName": "Princeton_University_-_Neuroscience_Institute",
    "InstitutionalDepartmentName": "Department",
    "MRAcquisitionType": "2D",
    "MagneticFieldStrength": 3,
    "Manufacturer": "Siemens",
    "ManufacturersModelName": "Skyra",
    "Modality": "MR",
    "ParallelReductionFactorInPlane": 2,
    "PartialFourier": 1,
    "PatientPosition": "HFS",
    "PercentPhaseFOV": 100,
    "PhaseEncodingDirection": "j-",
    "PhaseEncodingSteps": 64,
    "PhaseResolution": 1,
    "PixelBandwidth": 1445,
    "ProcedureStepDescription": "Turk-BrowneLab_Projects",
    "ProtocolName": "epi_3x3x4_1.5s_148TR",
    "PulseSequenceDetails": "%SiemensSeq%_ep2d_bold",
    "ReceiveCoilActiveElements": "HE1-4",
    "ReceiveCoilName": "HeadNeck_20",
    "ReconMatrixPE": 64,
    "RepetitionTime": 1.5,
    "SAR": 0.0830528,
    "ScanOptions": "FS",
    "ScanningSequence": "EP",
    "SequenceName": "_epfid2d1_64",
    "SequenceVariant": "SK",
    "SeriesDescription": "epi_3x3x4_1.5s_148TR",
    "SeriesNumber": 5,
    "ShimSetting": [
      3394,
      8592,
      9236,
      472,
      263,
      -409,
      90,
      -3
    ],
    "SliceThickness": 4,
    "SliceTiming": [
      0.74,
      0,
      0.7975,
      0.0575,
      0.855,
      0.115,
      0.9125,
      0.1725,
      0.9675,
      0.2275,
      1.025,
      0.285,
      1.0825,
      0.3425,
      1.14,
      0.4,
      1.195,
      0.455,
      1.2525,
      0.5125,
      1.31,
      0.57,
      1.3675,
      0.6275,
      1.425,
      0.685
    ],
    "SoftwareVersions": "syngo_MR_D13",
    "SpacingBetweenSlices": 4,
    "StationName": "AWP45031",
    "TotalReadoutTime": 0.0245701,
    "TxRefAmp": 330.434,
    "dataset": "ds001430",
    "modality": "bold",
    "run_id": 1,
    "subject_id": "10",
    "task_id": "phase1"
  },
  "dummy_trs": 0,
  "dvars_nstd": 17.758775075510194,
  "dvars_std": 1.1193179320408162,
  "dvars_vstd": 1.006032962312925,
  "efc": 0.574874273168025,
  "fber": 2089.974365234375,
  "fd_mean": 0.05684223991624099,
  "fd_num": 0,
  "fd_perc": 0.0,
  "fwhm_avg": 1.8033727777777777,
  "fwhm_x": 1.7893666666666668,
  "fwhm_y": 2.0062666666666664,
  "fwhm_z": 1.614485,
  "gcor": 0.0153516,
  "gsr_x": 0.0005630350788123906,
  "gsr_y": 0.035422004759311676,
  "provenance": {
    "md5sum": "c5404fc55de7134390a50f7287d9267a",
    "settings": {
      "fd_thres": 0.2,
      "testing": false
    },
    "software": "mriqc",
    "version": "23.0.1",
    "webapi_port": null,
    "webapi_url": "https://mriqc.nimh.nih.gov/api/v1"
  },
  "size_t": 148,
  "size_x": 64,
  "size_y": 64,
  "size_z": 26,
  "snr": 7.215367390154952,
  "spacing_tr": 1.5,
  "spacing_x": 3.0,
  "spacing_y": 3.0,
  "spacing_z": 4.0,
  "summary_bg_k": 24.18509786080096,
  "summary_bg_mad": 9.035860001834823,
  "summary_bg_mean": 36.841835021972656,
  "summary_bg_median": 13.94594669342041,
  "summary_bg_n": 54338.0,
  "summary_bg_p05": 6.736486434936523,
  "summary_bg_p95": 150.01621627807555,
  "summary_bg_stdv": 62.83747100830078,
  "summary_fg_k": 3.295301357514565,
  "summary_fg_mad": 82.5648542961984,
  "summary_fg_mean": 674.0803833007812,
  "summary_fg_median": 667.108154296875,
  "summary_fg_n": 24615.0,
  "summary_fg_p05": 547.4736572265625,
  "summary_fg_p95": 819.7439270019531,
  "summary_fg_stdv": 92.45469665527344,
  "tsnr": 93.79202967975289
}