{
  "aor": 0.0008881481481481479,
  "aqi": 0.006320088657407408,
  "bids_meta": {
    "AcquisitionMatrixPE": 64,
    "AcquisitionNumber": 1,
    "AcquisitionTime": "10:28:3.552500",
    "BandwidthPerPixelPhaseEncode": 40.064,
    "BaseResolution": 64,
    "BodyPartExamined": "BRAIN",
    "ConsistencyInfo": "N4_VD13A_LATEST_20120616",
    "ConversionSoftware": "dcm2niix",
    "ConversionSoftwareVersion": "v1.0.20180518 GCC4.8.5",
    "DerivedVendorReportedEchoSpacing": 0.000780002,
    "DeviceSerialNumber": "45031",
    "DwellTime": 5.4e-06,
    "EchoTime": 0.028,
    "EchoTrainLength": 32,
    "EffectiveEchoSpacing": 0.000390001,
    "FlipAngle": 64,
    "ImageOrientationPatientDICOM": [
      0.998515,
      0.0190959,
      0.051012,
      -0.0149414,
      0.996633,
      -0.0806161
    ],
    "ImageType": [
      "ORIGINAL",
      "PRIMARY",
      "M",
      "ND",
      "NORM",
      "MOSAIC"
    ],
    "InPlanePhaseEncodingDirectionDICOM": "COL",
    "InstitutionAddress": "Washington_and_Faculty_Rd._-_Building_25_25_Princeton_NJ_US_085",
    "InstitutionName": "Princeton_University_-_Neuroscience_Institute",
    "InstitutionalDepartmentName": "Department",
    "MRAcquisitionType": "2D",
    "MagneticFieldStrength": 3,
    "Manufacturer": "Siemens",
    "ManufacturersModelName": "Skyra",
    "Modality": "MR",
    "ParallelReductionFactorInPlane": 2,
    "PartialFourier": 1,
    "PatientPosition": "HFS",
    "PercentPhaseFOV": 100,
    "PhaseEncodingDirection": "j-",
    "PhaseEncodingSteps": 64,
    "PhaseResolution": 1,
    "PixelBandwidth": 1445,
    "ProcedureStepDescription": "Turk-BrowneLab_Projects",
    "ProtocolName": "epi_3x3x4_1.5s_216TR",
    "PulseSequenceDetails": "%SiemensSeq%_ep2d_bold",
    "ReceiveCoilActiveElements": "HE1-4",
    "ReceiveCoilName": "HeadNeck_20",
    "ReconMatrixPE": 64,
    "RepetitionTime": 1.5,
    "SAR": 0.0830539,
    "ScanOptions": "FS",
    "ScanningSequence": "EP",
    "SequenceName": "_epfid2d1_64",
    "SequenceVariant": "SK",
    "SeriesDescription": "epi_3x3x4_1.5s_216TR",
    "SeriesNumber": 13,
    "ShimSetting": [
      3394,
      8592,
      9236,
      472,
      263,
      -409,
      90,
      -3
    ],
    "SliceThickness": 4,
    "SliceTiming": [
      0.74,
      0,
      0.7975,
      0.0575,
      0.855,
      0.115,
      0.9125,
      0.1725,
      0.9675,
      0.2275,
      1.025,
      0.285,
      1.0825,
      0.3425,
      1.14,
      0.4,
      1.1975,
      0.4575,
      1.2525,
      0.5125,
      1.31,
      0.57,
      1.3675,
      0.6275,
      1.425,
      0.685
    ],
    "SoftwareVersions": "syngo_MR_D13",
    "SpacingBetweenSlices": 4,
    "StationName": "AWP45031",
    "TotalReadoutTime": 0.0245701,
    "TxRefAmp": 330.434,
    "dataset": "ds001430",
    "modality": "bold",
    "run_id": 1,
    "subject_id": "10",
    "task_id": "loc"
  },
  "dummy_trs": 0,
  "dvars_nstd": 16.850027284279076,
  "dvars_std": 1.0510298135813956,
  "dvars_vstd": 0.988813760697674,
  "efc": 0.5764699359916405,
  "fber": 1947.29150390625,
  "fd_mean": 0.07738694486145688,
  "fd_num": 5,
  "fd_perc": 2.314814814814815,
  "fwhm_avg": 1.7929702777777778,
  "fwhm_x": 1.7846633333333333,
  "fwhm_y": 2.00719,
  "fwhm_z": 1.5870575,
  "gcor": 0.0126427,
  "gsr_x": 0.002387863351032138,
  "gsr_y": 0.03692864999175072,
  "provenance": {
    "md5sum": "b86d574a9f9baa8959e8a6a31b0b17d1",
    "settings": {
      "fd_thres": 0.2,
      "testing": false
    },
    "software": "mriqc",
    "version": "23.0.1",
    "webapi_port": null,
    "webapi_url": "https://mriqc.nimh.nih.gov/api/v1"
  },
  "size_t": 216,
  "size_x": 64,
  "size_y": 64,
  "size_z": 26,
  "snr": 7.232359768431512,
  "spacing_tr": 1.5,
  "spacing_x": 3.0,
  "spacing_y": 3.0,
  "spacing_z": 4.0,
  "summary_bg_k": 23.441828989088364,
  "summary_bg_mad": 9.808511244687683,
  "summary_bg_mean": 38.32356643676758,
  "summary_bg_median": 14.43055534362793,
  "summary_bg_n": 54482.0,
  "summary_bg_p05": 6.763888835906982,
  "summary_bg_p95": 154.10508728027335,
  "summary_bg_stdv": 64.55836486816406,
  "summary_fg_k": 3.39025470274336,
  "summary_fg_mad": 80.41741574350331,
  "summary_fg_mean": 670.1165771484375,
  "summary_fg_median": 664.1481323242188,
  "summary_fg_n": 24519.0,
  "summary_fg_p05": 543.2305786132813,
  "summary_fg_p95": 814.0268371582031,
  "summary_fg_stdv": 91.82820129394531,
  "tsnr": 80.84000035887584
}