{
  "bids_meta": {
    "AcquisitionMatrixPE": 256,
    "AcquisitionNumber": 1,
    "AcquisitionTime": "12:01:16.707500",
    "BaseResolution": 256,
    "BodyPartExamined": "BRAIN",
    "ConsistencyInfo": "N4_VD13A_LATEST_20120616",
    "ConversionSoftware": "dcm2niix",
    "ConversionSoftwareVersion": "v1.0.20180518 GCC4.8.5",
    "DeviceSerialNumber": "45031",
    "DwellTime": 8.2e-06,
    "EchoTime": 0.00298,
    "FlipAngle": 9,
    "ImageOrientationPatientDICOM": [
      -0.0683745,
      0.974949,
      0.211659,
      0.126376,
      0.21891,
      -0.967526
    ],
    "ImageType": [
      "ORIGINAL",
      "PRIMARY",
      "M",
      "ND",
      "NORM"
    ],
    "InPlanePhaseEncodingDirectionDICOM": "ROW",
    "InstitutionAddress": "Washington_and_Faculty_Rd._-_Building_25_25_Princeton_NJ_US_085",
    "InstitutionName": "Princeton_University_-_Neuroscience_Institute",
    "InstitutionalDepartmentName": "Department",
    "InversionTime": 0.9,
    "MRAcquisitionType": "3D",
    "MagneticFieldStrength": 3,
    "Manufacturer": "Siemens",
    "ManufacturersModelName": "Skyra",
    "Modality": "MR",
    "ParallelReductionFactorInPlane": 2,
    "PartialFourier": 1,
    "PatientPosition": "HFS",
    "PercentPhaseFOV": 100,
    "PhaseEncodingSteps": 255,
    "PhaseResolution": 1,
    "PixelBandwidth": 240,
    "ProcedureStepDescription": "Turk-BrowneLab_Projects",
    "ProtocolName": "mprage_1x1x1_medium",
    "PulseSequenceDetails": "%SiemensSeq%_tfl",
    "ReceiveCoilActiveElements": "HE1-4",
    "ReceiveCoilName": "HeadNeck_20",
    "ReconMatrixPE": 256,
    "RepetitionTime": 2.3,
    "SAR": 0.0721895,
    "ScanOptions": "IR",
    "ScanningSequence": "GR_IR",
    "SequenceName": "_tfl3d1_16ns",
    "SequenceVariant": "SK_SP_MP",
    "SeriesDescription": "mprage_1x1x1_medium",
    "SeriesNumber": 16,
    "ShimSetting": [
      3427,
      8604,
      9295,
      234,
      173,
      -458,
      316,
      -66
    ],
    "SliceThickness": 1,
    "SoftwareVersions": "syngo_MR_D13",
    "StationName": "AWP45031",
    "TxRefAmp": 330.382,
    "dataset": "ds001430",
    "modality": "T1w",
    "subject_id": "05"
  },
  "cjv": 0.32679321260914923,
  "cnr": 4.079620168859726,
  "efc": 0.45362588781434204,
  "fber": 18212.91245266206,
  "fwhm_avg": 3.5127250783452357,
  "fwhm_x": 3.6337652350357073,
  "fwhm_y": 3.64372,
  "fwhm_z": 3.26069,
  "icvs_csf": 0.20034668241249834,
  "icvs_gm": 0.47721379388421964,
  "icvs_wm": 0.322439523703282,
  "inu_med": 0.5921079516410828,
  "inu_range": 0.21584513187408438,
  "provenance": {
    "md5sum": "b449252aae93f67289adcdbf7e7639db",
    "settings": {
      "testing": false
    },
    "software": "mriqc",
    "version": "23.0.1",
    "warnings": {
      "large_rot_frame": true,
      "small_air_mask": false
    },
    "webapi_port": null,
    "webapi_url": "https://mriqc.nimh.nih.gov/api/v1"
  },
  "qi_1": 0.0,
  "qi_2": 0.014581756485607783,
  "rpve_csf": 29.521241706697875,
  "rpve_gm": 13.497618611169262,
  "rpve_wm": 21.777943303266092,
  "size_x": 192,
  "size_y": 256,
  "size_z": 256,
  "snr_csf": 1.8790093814549,
  "snr_gm": 10.396314117316134,
  "snr_total": 11.265733261093251,
  "snr_wm": 21.521876284508714,
  "snrd_csf": 23.149185229936677,
  "snrd_gm": 58.83458393520754,
  "snrd_total": 56.45236260116723,
  "snrd_wm": 87.37331863835747,
  "spacing_x": 1.000001311302185,
  "spacing_y": 1.0,
  "spacing_z": 1.0,
  "summary_bg_k": 7.672671620283339,
  "summary_bg_mad": 0.0,
  "summary_bg_mean": 4.47608344418981,
  "summary_bg_median": 0.0,
  "summary_bg_n": 3441973.0,
  "summary_bg_p05": 0.0,
  "summary_bg_p95": 20.366376221179962,
  "summary_bg_stdv": 7.49812914953033,
  "summary_csf_k": 4.000759460260497,
  "summary_csf_mad": 140.51355116947838,
  "summary_csf_mean": 277.0354902899278,
  "summary_csf_median": 264.9457129240036,
  "summary_csf_n": 28240.0,
  "summary_csf_p05": 68.41201061010361,
  "summary_csf_p95": 507.95278000831604,
  "summary_csf_stdv": 141.00037207486508,
  "summary_gm_k": 0.1963296319212171,
  "summary_gm_mad": 62.39625671144661,
  "summary_gm_mean": 673.3038566669169,
  "summary_gm_median": 673.3701696395874,
  "summary_gm_n": 42756.0,
  "summary_gm_p05": 565.8250995129347,
  "summary_gm_p95": 780.5770189762115,
  "summary_gm_stdv": 64.76932953600284,
  "summary_wm_k": 0.4945676759119797,
  "summary_wm_mad": 44.34416854036779,
  "summary_wm_mean": 999.4094179408296,
  "summary_wm_median": 1000.000041782856,
  "summary_wm_n": 168895.0,
  "summary_wm_p05": 922.3262661874295,
  "summary_wm_p95": 1073.9332782626152,
  "summary_wm_stdv": 46.46421474316091,
  "tpm_overlap_csf": 0.13677980854808544,
  "tpm_overlap_gm": 0.4832477777824742,
  "tpm_overlap_wm": 0.4923106753198473,
  "wm2max": 0.49790141444580993
}