{
  "aor": 0.00040294999999999996,
  "aqi": 0.0094171534,
  "bids_meta": {
    "AcquisitionMatrixPE": 64,
    "AcquisitionNumber": 1,
    "AcquisitionTime": "19:26:17.705000",
    "BandwidthPerPixelPhaseEncode": 40.064,
    "BaseResolution": 64,
    "BodyPartExamined": "BRAIN",
    "ConsistencyInfo": "N4_VD13A_LATEST_20120616",
    "ConversionSoftware": "dcm2niix",
    "ConversionSoftwareVersion": "v1.0.20180518 GCC4.8.5",
    "DerivedVendorReportedEchoSpacing": 0.000780002,
    "DeviceSerialNumber": "45031",
    "DwellTime": 5.4e-06,
    "EchoTime": 0.028,
    "EchoTrainLength": 32,
    "EffectiveEchoSpacing": 0.000390001,
    "FlipAngle": 64,
    "ImageOrientationPatientDICOM": [
      0.999109,
      0.0373822,
      -0.0195796,
      -0.0380197,
      0.998723,
      -0.0332717
    ],
    "ImageType": [
      "ORIGINAL",
      "PRIMARY",
      "M",
      "ND",
      "NORM",
      "MOSAIC"
    ],
    "InPlanePhaseEncodingDirectionDICOM": "COL",
    "InstitutionAddress": "Washington_and_Faculty_Rd._-_Building_25_25_Princeton_NJ_US_085",
    "InstitutionName": "Princeton_University_-_Neuroscience_Institute",
    "InstitutionalDepartmentName": "Department",
    "MRAcquisitionType": "2D",
    "MagneticFieldStrength": 3,
    "Manufacturer": "Siemens",
    "ManufacturersModelName": "Skyra",
    "Modality": "MR",
    "ParallelReductionFactorInPlane": 2,
    "PartialFourier": 1,
    "PatientPosition": "HFS",
    "PercentPhaseFOV": 100,
    "PhaseEncodingDirection": "j-",
    "PhaseEncodingSteps": 64,
    "PhaseResolution": 1,
    "PixelBandwidth": 1445,
    "ProcedureStepDescription": "Turk-BrowneLab_Projects",
    "ProtocolName": "epi_3x3x4_1.5s_400TR",
    "PulseSequenceDetails": "%SiemensSeq%_ep2d_bold",
    "ReceiveCoilActiveElements": "HE1-4",
    "ReceiveCoilName": "HeadNeck_20",
    "ReconMatrixPE": 64,
    "RepetitionTime": 1.5,
    "SAR": 0.0860783,
    "ScanOptions": "FS",
    "ScanningSequence": "EP",
    "SequenceName": "_epfid2d1_64",
    "SequenceVariant": "SK",
    "SeriesDescription": "epi_3x3x4_1.5s_400TR",
    "SeriesNumber": 11,
    "ShimSetting": [
      3365,
      8663,
      9415,
      535,
      -52,
      318,
      715,
      218
    ],
    "SliceThickness": 4,
    "SliceTiming": [
      0.74,
      0,
      0.7975,
      0.0575,
      0.855,
      0.115,
      0.91,
      0.17,
      0.9675,
      0.2275,
      1.025,
      0.285,
      1.0825,
      0.3425,
      1.14,
      0.4,
      1.195,
      0.455,
      1.2525,
      0.5125,
      1.31,
      0.57,
      1.3675,
      0.6275,
      1.4225,
      0.6825
    ],
    "SoftwareVersions": "syngo_MR_D13",
    "SpacingBetweenSlices": 4,
    "StationName": "AWP45031",
    "TotalReadoutTime": 0.0245701,
    "TxRefAmp": 344.877,
    "dataset": "ds001430",
    "modality": "bold",
    "run_id": 2,
    "subject_id": "12",
    "task_id": "phase3"
  },
  "dummy_trs": 0,
  "dvars_nstd": 25.199148158621554,
  "dvars_std": 1.2921937333834572,
  "dvars_vstd": 0.9704468599498747,
  "efc": 0.6235697146569238,
  "fber": 1946.478515625,
  "fd_mean": 0.11122603502833896,
  "fd_num": 8,
  "fd_perc": 2.0,
  "fwhm_avg": 1.7470541666666666,
  "fwhm_x": 1.6898499999999999,
  "fwhm_y": 1.97313,
  "fwhm_z": 1.5781825,
  "gcor": 0.0173919,
  "gsr_x": -0.014135149307549,
  "gsr_y": 0.04828475043177605,
  "provenance": {
    "md5sum": "c0babfc44083c64e5e6fd01c8963a051",
    "settings": {
      "fd_thres": 0.2,
      "testing": false
    },
    "software": "mriqc",
    "version": "23.0.1",
    "webapi_port": null,
    "webapi_url": "https://mriqc.nimh.nih.gov/api/v1"
  },
  "size_t": 400,
  "size_x": 64,
  "size_y": 64,
  "size_z": 26,
  "snr": 7.520662835416664,
  "spacing_tr": 1.5,
  "spacing_x": 3.0,
  "spacing_y": 3.0,
  "spacing_z": 4.0,
  "summary_bg_k": 20.767940771456814,
  "summary_bg_mad": 11.63101480007395,
  "summary_bg_mean": 39.504737854003906,
  "summary_bg_median": 16.760000228881836,
  "summary_bg_n": 46925.0,
  "summary_bg_p05": 7.335000038146973,
  "summary_bg_p95": 152.93000183105448,
  "summary_bg_stdv": 64.5176010131836,
  "summary_fg_k": 2.4252560756126584,
  "summary_fg_mad": 96.95842067057094,
  "summary_fg_mean": 804.9968872070312,
  "summary_fg_median": 798.2849731445312,
  "summary_fg_n": 30655.0,
  "summary_fg_p05": 655.5942199707031,
  "summary_fg_p95": 979.332958984375,
  "summary_fg_stdv": 106.14382934570312,
  "tsnr": 73.07337921950966
}