{
  "aor": 0.0007112037037037037,
  "aqi": 0.009006632777777777,
  "bids_meta": {
    "AcquisitionMatrixPE": 64,
    "AcquisitionNumber": 1,
    "AcquisitionTime": "19:45:17.585000",
    "BandwidthPerPixelPhaseEncode": 40.064,
    "BaseResolution": 64,
    "BodyPartExamined": "BRAIN",
    "ConsistencyInfo": "N4_VD13A_LATEST_20120616",
    "ConversionSoftware": "dcm2niix",
    "ConversionSoftwareVersion": "v1.0.20180518 GCC4.8.5",
    "DerivedVendorReportedEchoSpacing": 0.000780002,
    "DeviceSerialNumber": "45031",
    "DwellTime": 5.4e-06,
    "EchoTime": 0.028,
    "EchoTrainLength": 32,
    "EffectiveEchoSpacing": 0.000390001,
    "FlipAngle": 64,
    "ImageOrientationPatientDICOM": [
      0.999109,
      0.0373822,
      -0.0195796,
      -0.0380197,
      0.998723,
      -0.0332717
    ],
    "ImageType": [
      "ORIGINAL",
      "PRIMARY",
      "M",
      "ND",
      "NORM",
      "MOSAIC"
    ],
    "InPlanePhaseEncodingDirectionDICOM": "COL",
    "InstitutionAddress": "Washington_and_Faculty_Rd._-_Building_25_25_Princeton_NJ_US_085",
    "InstitutionName": "Princeton_University_-_Neuroscience_Institute",
    "InstitutionalDepartmentName": "Department",
    "MRAcquisitionType": "2D",
    "MagneticFieldStrength": 3,
    "Manufacturer": "Siemens",
    "ManufacturersModelName": "Skyra",
    "Modality": "MR",
    "ParallelReductionFactorInPlane": 2,
    "PartialFourier": 1,
    "PatientPosition": "HFS",
    "PercentPhaseFOV": 100,
    "PhaseEncodingDirection": "j-",
    "PhaseEncodingSteps": 64,
    "PhaseResolution": 1,
    "PixelBandwidth": 1445,
    "ProcedureStepDescription": "Turk-BrowneLab_Projects",
    "ProtocolName": "epi_3x3x4_1.5s_216TR",
    "PulseSequenceDetails": "%SiemensSeq%_ep2d_bold",
    "ReceiveCoilActiveElements": "HE1-4",
    "ReceiveCoilName": "HeadNeck_20",
    "ReconMatrixPE": 64,
    "RepetitionTime": 1.5,
    "SAR": 0.0860771,
    "ScanOptions": "FS",
    "ScanningSequence": "EP",
    "SequenceName": "_epfid2d1_64",
    "SequenceVariant": "SK",
    "SeriesDescription": "epi_3x3x4_1.5s_216TR",
    "SeriesNumber": 13,
    "ShimSetting": [
      3365,
      8663,
      9415,
      535,
      -52,
      318,
      715,
      218
    ],
    "SliceThickness": 4,
    "SliceTiming": [
      0.74,
      0,
      0.7975,
      0.0575,
      0.8525,
      0.115,
      0.91,
      0.17,
      0.9675,
      0.2275,
      1.025,
      0.285,
      1.0825,
      0.3425,
      1.1375,
      0.3975,
      1.195,
      0.455,
      1.2525,
      0.5125,
      1.31,
      0.57,
      1.365,
      0.625,
      1.4225,
      0.6825
    ],
    "SoftwareVersions": "syngo_MR_D13",
    "SpacingBetweenSlices": 4,
    "StationName": "AWP45031",
    "TotalReadoutTime": 0.0245701,
    "TxRefAmp": 344.877,
    "dataset": "ds001430",
    "modality": "bold",
    "run_id": 2,
    "subject_id": "12",
    "task_id": "loc"
  },
  "dummy_trs": 0,
  "dvars_nstd": 24.253636045069786,
  "dvars_std": 1.293450414511629,
  "dvars_vstd": 0.9755616697209303,
  "efc": 0.622895064020402,
  "fber": 1946.7607421875,
  "fd_mean": 0.11515226781907284,
  "fd_num": 7,
  "fd_perc": 3.240740740740741,
  "fwhm_avg": 1.7620924999999998,
  "fwhm_x": 1.7092933333333333,
  "fwhm_y": 1.9859866666666666,
  "fwhm_z": 1.5909975,
  "gcor": 0.0154138,
  "gsr_x": -0.012455142103135586,
  "gsr_y": 0.04820110276341438,
  "provenance": {
    "md5sum": "4f97066d3b3572577f56e091aae7a1df",
    "settings": {
      "fd_thres": 0.2,
      "testing": false
    },
    "software": "mriqc",
    "version": "23.0.1",
    "webapi_port": null,
    "webapi_url": "https://mriqc.nimh.nih.gov/api/v1"
  },
  "size_t": 216,
  "size_x": 64,
  "size_y": 64,
  "size_z": 26,
  "snr": 7.429132597360707,
  "spacing_tr": 1.5,
  "spacing_x": 3.0,
  "spacing_y": 3.0,
  "spacing_z": 4.0,
  "summary_bg_k": 20.839271602187665,
  "summary_bg_mad": 11.91573014577288,
  "summary_bg_mean": 39.65090560913086,
  "summary_bg_median": 16.84722328186035,
  "summary_bg_n": 46998.0,
  "summary_bg_p05": 7.115740776062012,
  "summary_bg_p95": 151.93055725097656,
  "summary_bg_stdv": 64.94949340820312,
  "summary_fg_k": 2.588188741640752,
  "summary_fg_mad": 97.29577058943013,
  "summary_fg_mean": 804.2593383789062,
  "summary_fg_median": 797.1805419921875,
  "summary_fg_n": 30669.0,
  "summary_fg_p05": 654.57314453125,
  "summary_fg_p95": 979.8194580078123,
  "summary_fg_stdv": 107.30290985107422,
  "tsnr": 71.90555619820952
}