{
  "aor": 0.0006107476635514018,
  "aqi": 0.008364620747663552,
  "bids_meta": {
    "AcquisitionMatrixPE": 64,
    "AcquisitionNumber": 1,
    "AcquisitionTime": "19:51:18.172500",
    "BandwidthPerPixelPhaseEncode": 40.064,
    "BaseResolution": 64,
    "BodyPartExamined": "BRAIN",
    "ConsistencyInfo": "N4_VD13A_LATEST_20120616",
    "ConversionSoftware": "dcm2niix",
    "ConversionSoftwareVersion": "v1.0.20180518 GCC4.8.5",
    "DerivedVendorReportedEchoSpacing": 0.000780002,
    "DeviceSerialNumber": "45031",
    "DwellTime": 5.4e-06,
    "EchoTime": 0.028,
    "EchoTrainLength": 32,
    "EffectiveEchoSpacing": 0.000390001,
    "FlipAngle": 64,
    "ImageOrientationPatientDICOM": [
      0.999109,
      0.0373822,
      -0.0195796,
      -0.0380197,
      0.998723,
      -0.0332717
    ],
    "ImageType": [
      "ORIGINAL",
      "PRIMARY",
      "M",
      "ND",
      "NORM",
      "MOSAIC"
    ],
    "InPlanePhaseEncodingDirectionDICOM": "COL",
    "InstitutionAddress": "Washington_and_Faculty_Rd._-_Building_25_25_Princeton_NJ_US_085",
    "InstitutionName": "Princeton_University_-_Neuroscience_Institute",
    "InstitutionalDepartmentName": "Department",
    "MRAcquisitionType": "2D",
    "MagneticFieldStrength": 3,
    "Manufacturer": "Siemens",
    "ManufacturersModelName": "Skyra",
    "Modality": "MR",
    "ParallelReductionFactorInPlane": 2,
    "PartialFourier": 1,
    "PatientPosition": "HFS",
    "PercentPhaseFOV": 100,
    "PhaseEncodingDirection": "j-",
    "PhaseEncodingSteps": 64,
    "PhaseResolution": 1,
    "PixelBandwidth": 1445,
    "ProcedureStepDescription": "Turk-BrowneLab_Projects",
    "ProtocolName": "epi_3x3x4_1.5s_216TR",
    "PulseSequenceDetails": "%SiemensSeq%_ep2d_bold",
    "ReceiveCoilActiveElements": "HE1-4",
    "ReceiveCoilName": "HeadNeck_20",
    "ReconMatrixPE": 64,
    "RepetitionTime": 1.5,
    "SAR": 0.0860771,
    "ScanOptions": "FS",
    "ScanningSequence": "EP",
    "SequenceName": "_epfid2d1_64",
    "SequenceVariant": "SK",
    "SeriesDescription": "epi_3x3x4_1.5s_216TR",
    "SeriesNumber": 14,
    "ShimSetting": [
      3365,
      8663,
      9415,
      535,
      -52,
      318,
      715,
      218
    ],
    "SliceThickness": 4,
    "SliceTiming": [
      0.74,
      0,
      0.795,
      0.055,
      0.8525,
      0.1125,
      0.91,
      0.17,
      0.9675,
      0.2275,
      1.025,
      0.285,
      1.08,
      0.34,
      1.1375,
      0.3975,
      1.195,
      0.455,
      1.2525,
      0.5125,
      1.3075,
      0.5675,
      1.365,
      0.625,
      1.4225,
      0.6825
    ],
    "SoftwareVersions": "syngo_MR_D13",
    "SpacingBetweenSlices": 4,
    "StationName": "AWP45031",
    "TotalReadoutTime": 0.0245701,
    "TxRefAmp": 344.877,
    "dataset": "ds001430",
    "modality": "bold",
    "run_id": 3,
    "subject_id": "12",
    "task_id": "loc"
  },
  "dummy_trs": 2,
  "dvars_nstd": 24.165939545962445,
  "dvars_std": 1.3020282736150237,
  "dvars_vstd": 0.9844312374647888,
  "efc": 0.6229729406385655,
  "fber": 1935.2642822265625,
  "fd_mean": 0.11281009777718928,
  "fd_num": 11,
  "fd_perc": 5.140186915887851,
  "fwhm_avg": 1.7577644444444447,
  "fwhm_x": 1.7068766666666668,
  "fwhm_y": 1.9739866666666668,
  "fwhm_z": 1.59243,
  "gcor": 0.0205297,
  "gsr_x": -0.011729412712156773,
  "gsr_y": 0.04795605316758156,
  "provenance": {
    "md5sum": "6baec2fca8d650bdd111ccc35b39e206",
    "settings": {
      "fd_thres": 0.2,
      "testing": false
    },
    "software": "mriqc",
    "version": "23.0.1",
    "webapi_port": null,
    "webapi_url": "https://mriqc.nimh.nih.gov/api/v1"
  },
  "size_t": 214,
  "size_x": 64,
  "size_y": 64,
  "size_z": 26,
  "snr": 7.458764909476889,
  "spacing_tr": 1.5,
  "spacing_x": 3.0,
  "spacing_y": 3.0,
  "spacing_z": 4.0,
  "summary_bg_k": 21.04037403798111,
  "summary_bg_mad": 11.618333354668204,
  "summary_bg_mean": 39.664215087890625,
  "summary_bg_median": 16.757009506225586,
  "summary_bg_n": 47026.0,
  "summary_bg_p05": 7.364485740661621,
  "summary_bg_p95": 151.60513305664062,
  "summary_bg_stdv": 65.42186737060547,
  "summary_fg_k": 2.650524850432248,
  "summary_fg_mad": 97.53303761927154,
  "summary_fg_mean": 804.6512451171875,
  "summary_fg_median": 797.8037109375,
  "summary_fg_n": 30619.0,
  "summary_fg_p05": 654.9466796875,
  "summary_fg_p95": 981.0209899902343,
  "summary_fg_stdv": 106.96015930175781,
  "tsnr": 74.72988504823297
}