{
  "aor": 0.0008262837837837839,
  "aqi": 0.007267737297297297,
  "bids_meta": {
    "AcquisitionMatrixPE": 64,
    "AcquisitionNumber": 1,
    "AcquisitionTime": "18:54:25.735000",
    "BandwidthPerPixelPhaseEncode": 40.064,
    "BaseResolution": 64,
    "BodyPartExamined": "BRAIN",
    "ConsistencyInfo": "N4_VD13A_LATEST_20120616",
    "ConversionSoftware": "dcm2niix",
    "ConversionSoftwareVersion": "v1.0.20180518 GCC4.8.5",
    "DerivedVendorReportedEchoSpacing": 0.000780002,
    "DeviceSerialNumber": "45031",
    "DwellTime": 5.4e-06,
    "EchoTime": 0.028,
    "EchoTrainLength": 32,
    "EffectiveEchoSpacing": 0.000390001,
    "FlipAngle": 64,
    "ImageOrientationPatientDICOM": [
      0.999109,
      0.0373822,
      -0.0195796,
      -0.0380197,
      0.998723,
      -0.0332717
    ],
    "ImageType": [
      "ORIGINAL",
      "PRIMARY",
      "M",
      "ND",
      "NORM",
      "MOSAIC"
    ],
    "InPlanePhaseEncodingDirectionDICOM": "COL",
    "InstitutionAddress": "Washington_and_Faculty_Rd._-_Building_25_25_Princeton_NJ_US_085",
    "InstitutionName": "Princeton_University_-_Neuroscience_Institute",
    "InstitutionalDepartmentName": "Department",
    "MRAcquisitionType": "2D",
    "MagneticFieldStrength": 3,
    "Manufacturer": "Siemens",
    "ManufacturersModelName": "Skyra",
    "Modality": "MR",
    "ParallelReductionFactorInPlane": 2,
    "PartialFourier": 1,
    "PatientPosition": "HFS",
    "PercentPhaseFOV": 100,
    "PhaseEncodingDirection": "j-",
    "PhaseEncodingSteps": 64,
    "PhaseResolution": 1,
    "PixelBandwidth": 1445,
    "ProcedureStepDescription": "Turk-BrowneLab_Projects",
    "ProtocolName": "epi_3x3x4_1.5s_148TR",
    "PulseSequenceDetails": "%SiemensSeq%_ep2d_bold",
    "ReceiveCoilActiveElements": "HE1-4",
    "ReceiveCoilName": "HeadNeck_20",
    "ReconMatrixPE": 64,
    "RepetitionTime": 1.5,
    "SAR": 0.086076,
    "ScanOptions": "FS",
    "ScanningSequence": "EP",
    "SequenceName": "_epfid2d1_64",
    "SequenceVariant": "SK",
    "SeriesDescription": "epi_3x3x4_1.5s_148TR",
    "SeriesNumber": 8,
    "ShimSetting": [
      3365,
      8663,
      9415,
      535,
      -52,
      318,
      715,
      218
    ],
    "SliceThickness": 4,
    "SliceTiming": [
      0.74,
      0,
      0.7975,
      0.0575,
      0.855,
      0.115,
      0.91,
      0.17,
      0.9675,
      0.2275,
      1.025,
      0.285,
      1.0825,
      0.3425,
      1.14,
      0.4,
      1.195,
      0.455,
      1.2525,
      0.5125,
      1.31,
      0.57,
      1.3675,
      0.6275,
      1.4225,
      0.6825
    ],
    "SoftwareVersions": "syngo_MR_D13",
    "SpacingBetweenSlices": 4,
    "StationName": "AWP45031",
    "TotalReadoutTime": 0.0245701,
    "TxRefAmp": 344.877,
    "dataset": "ds001430",
    "modality": "bold",
    "run_id": 4,
    "subject_id": "12",
    "task_id": "phase1"
  },
  "dummy_trs": 0,
  "dvars_nstd": 25.923030658435366,
  "dvars_std": 1.3084732514965982,
  "dvars_vstd": 0.99107318755102,
  "efc": 0.6229326774575564,
  "fber": 2018.542236328125,
  "fd_mean": 0.12723896411290336,
  "fd_num": 11,
  "fd_perc": 7.4324324324324325,
  "fwhm_avg": 1.7533,
  "fwhm_x": 1.6949966666666667,
  "fwhm_y": 1.9786933333333332,
  "fwhm_z": 1.58621,
  "gcor": 0.0218425,
  "gsr_x": -0.015021845698356628,
  "gsr_y": 0.04778963327407837,
  "provenance": {
    "md5sum": "ef0de5f2173661f2221601396f01453d",
    "settings": {
      "fd_thres": 0.2,
      "testing": false
    },
    "software": "mriqc",
    "version": "23.0.1",
    "webapi_port": null,
    "webapi_url": "https://mriqc.nimh.nih.gov/api/v1"
  },
  "size_t": 148,
  "size_x": 64,
  "size_y": 64,
  "size_z": 26,
  "snr": 7.589389823271472,
  "spacing_tr": 1.5,
  "spacing_x": 3.0,
  "spacing_y": 3.0,
  "spacing_z": 4.0,
  "summary_bg_k": 21.165012207102446,
  "summary_bg_mad": 11.289814777988113,
  "summary_bg_mean": 38.822837829589844,
  "summary_bg_median": 16.614864349365234,
  "summary_bg_n": 46973.0,
  "summary_bg_p05": 7.378378391265869,
  "summary_bg_p95": 150.8162231445313,
  "summary_bg_stdv": 63.05930709838867,
  "summary_fg_k": 2.522523693196236,
  "summary_fg_mad": 96.08871303372662,
  "summary_fg_mean": 807.2700805664062,
  "summary_fg_median": 800.8311157226562,
  "summary_fg_n": 30733.0,
  "summary_fg_p05": 659.1203125,
  "summary_fg_p95": 980.8675781249998,
  "summary_fg_stdv": 105.51811218261719,
  "tsnr": 80.92200796678662
}