{
  "aor": 0.00044290726817042606,
  "aqi": 0.007379764310776942,
  "bids_meta": {
    "AcquisitionMatrixPE": 64,
    "AcquisitionNumber": 1,
    "AcquisitionTime": "21:03:37.857500",
    "BandwidthPerPixelPhaseEncode": 40.064,
    "BaseResolution": 64,
    "BodyPartExamined": "BRAIN",
    "ConsistencyInfo": "N4_VD13A_LATEST_20120616",
    "ConversionSoftware": "dcm2niix",
    "ConversionSoftwareVersion": "v1.0.20180518 GCC4.8.5",
    "DerivedVendorReportedEchoSpacing": 0.000780002,
    "DeviceSerialNumber": "45031",
    "DwellTime": 5.4e-06,
    "EchoTime": 0.028,
    "EchoTrainLength": 32,
    "EffectiveEchoSpacing": 0.000390001,
    "FlipAngle": 64,
    "ImageOrientationPatientDICOM": [
      0.997799,
      0.0225367,
      0.0623645,
      -0.0268381,
      0.997254,
      0.0690174
    ],
    "ImageType": [
      "ORIGINAL",
      "PRIMARY",
      "M",
      "ND",
      "NORM",
      "MOSAIC"
    ],
    "InPlanePhaseEncodingDirectionDICOM": "COL",
    "InstitutionAddress": "Washington_and_Faculty_Rd._-_Building_25_25_Princeton_NJ_US_085",
    "InstitutionName": "Princeton_University_-_Neuroscience_Institute",
    "InstitutionalDepartmentName": "Department",
    "MRAcquisitionType": "2D",
    "MagneticFieldStrength": 3,
    "Manufacturer": "Siemens",
    "ManufacturersModelName": "Skyra",
    "Modality": "MR",
    "ParallelReductionFactorInPlane": 2,
    "PartialFourier": 1,
    "PatientPosition": "HFS",
    "PercentPhaseFOV": 100,
    "PhaseEncodingDirection": "j-",
    "PhaseEncodingSteps": 64,
    "PhaseResolution": 1,
    "PixelBandwidth": 1445,
    "ProcedureStepDescription": "Turk-BrowneLab_Projects",
    "ProtocolName": "epi_3x3x4_1.5s_400TR",
    "PulseSequenceDetails": "%SiemensSeq%_ep2d_bold",
    "ReceiveCoilActiveElements": "HE1-4",
    "ReceiveCoilName": "HeadNeck_20",
    "ReconMatrixPE": 64,
    "RepetitionTime": 1.5,
    "SAR": 0.0901729,
    "ScanOptions": "FS",
    "ScanningSequence": "EP",
    "SequenceName": "_epfid2d1_64",
    "SequenceVariant": "SK",
    "SeriesDescription": "epi_3x3x4_1.5s_400TR",
    "SeriesNumber": 11,
    "ShimSetting": [
      3397,
      8572,
      9338,
      570,
      -86,
      54,
      651,
      110
    ],
    "SliceThickness": 4,
    "SliceTiming": [
      0.74,
      0,
      0.795,
      0.055,
      0.8525,
      0.1125,
      0.91,
      0.17,
      0.9675,
      0.2275,
      1.025,
      0.285,
      1.08,
      0.34,
      1.1375,
      0.3975,
      1.195,
      0.455,
      1.2525,
      0.5125,
      1.3075,
      0.5675,
      1.365,
      0.625,
      1.4225,
      0.6825
    ],
    "SoftwareVersions": "syngo_MR_D13",
    "SpacingBetweenSlices": 4,
    "StationName": "AWP45031",
    "TotalReadoutTime": 0.0245701,
    "TxRefAmp": 346.665,
    "dataset": "ds001430",
    "modality": "bold",
    "run_id": 2,
    "subject_id": "25",
    "task_id": "phase3"
  },
  "dummy_trs": 1,
  "dvars_nstd": 22.021443443743706,
  "dvars_std": 1.2287415241708541,
  "dvars_vstd": 0.9732914905527643,
  "efc": 0.5692557175221494,
  "fber": 2439.91455078125,
  "fd_mean": 0.0624524571043227,
  "fd_num": 2,
  "fd_perc": 0.5012531328320802,
  "fwhm_avg": 1.716349400873276,
  "fwhm_x": 1.644756535953161,
  "fwhm_y": 1.9335366666666667,
  "fwhm_z": 1.570755,
  "gcor": 0.011299,
  "gsr_x": -0.010516544803977013,
  "gsr_y": 0.04859824851155281,
  "provenance": {
    "md5sum": "8d2438594cd38b64511c856c81246be4",
    "settings": {
      "fd_thres": 0.2,
      "testing": false
    },
    "software": "mriqc",
    "version": "23.0.1",
    "webapi_port": null,
    "webapi_url": "https://mriqc.nimh.nih.gov/api/v1"
  },
  "size_t": 399,
  "size_x": 64,
  "size_y": 64,
  "size_z": 26,
  "snr": 6.9893774512471305,
  "spacing_tr": 1.5,
  "spacing_x": 3.000000238418579,
  "spacing_y": 3.0,
  "spacing_z": 4.0,
  "summary_bg_k": 25.729511291939204,
  "summary_bg_mad": 9.267191396955159,
  "summary_bg_mean": 34.42263412475586,
  "summary_bg_median": 13.939849853515625,
  "summary_bg_n": 54933.0,
  "summary_bg_p05": 6.373433589935303,
  "summary_bg_p95": 128.89974975585938,
  "summary_bg_stdv": 57.15579605102539,
  "summary_fg_k": 2.293604495569296,
  "summary_fg_mad": 97.0138463211346,
  "summary_fg_mean": 722.8269653320312,
  "summary_fg_median": 714.6917114257812,
  "summary_fg_n": 24584.0,
  "summary_fg_p05": 581.8048797607422,
  "summary_fg_p95": 889.8226989746094,
  "summary_fg_stdv": 102.25190734863281,
  "tsnr": 75.28838271833956
}