{
  "aor": 0.0008608333333333334,
  "aqi": 0.005810040925925925,
  "bids_meta": {
    "AcquisitionMatrixPE": 64,
    "AcquisitionNumber": 1,
    "AcquisitionTime": "21:21:28.160000",
    "BandwidthPerPixelPhaseEncode": 40.064,
    "BaseResolution": 64,
    "BodyPartExamined": "BRAIN",
    "ConsistencyInfo": "N4_VD13A_LATEST_20120616",
    "ConversionSoftware": "dcm2niix",
    "ConversionSoftwareVersion": "v1.0.20180518 GCC4.8.5",
    "DerivedVendorReportedEchoSpacing": 0.000780002,
    "DeviceSerialNumber": "45031",
    "DwellTime": 5.4e-06,
    "EchoTime": 0.028,
    "EchoTrainLength": 32,
    "EffectiveEchoSpacing": 0.000390001,
    "FlipAngle": 64,
    "ImageOrientationPatientDICOM": [
      0.997799,
      0.0225367,
      0.0623645,
      -0.0268381,
      0.997254,
      0.0690174
    ],
    "ImageType": [
      "ORIGINAL",
      "PRIMARY",
      "M",
      "ND",
      "NORM",
      "MOSAIC"
    ],
    "InPlanePhaseEncodingDirectionDICOM": "COL",
    "InstitutionAddress": "Washington_and_Faculty_Rd._-_Building_25_25_Princeton_NJ_US_085",
    "InstitutionName": "Princeton_University_-_Neuroscience_Institute",
    "InstitutionalDepartmentName": "Department",
    "MRAcquisitionType": "2D",
    "MagneticFieldStrength": 3,
    "Manufacturer": "Siemens",
    "ManufacturersModelName": "Skyra",
    "Modality": "MR",
    "ParallelReductionFactorInPlane": 2,
    "PartialFourier": 1,
    "PatientPosition": "HFS",
    "PercentPhaseFOV": 100,
    "PhaseEncodingDirection": "j-",
    "PhaseEncodingSteps": 64,
    "PhaseResolution": 1,
    "PixelBandwidth": 1445,
    "ProcedureStepDescription": "Turk-BrowneLab_Projects",
    "ProtocolName": "epi_3x3x4_1.5s_216TR",
    "PulseSequenceDetails": "%SiemensSeq%_ep2d_bold",
    "ReceiveCoilActiveElements": "HE1-4",
    "ReceiveCoilName": "HeadNeck_20",
    "ReconMatrixPE": 64,
    "RepetitionTime": 1.5,
    "SAR": 0.0901717,
    "ScanOptions": "FS",
    "ScanningSequence": "EP",
    "SequenceName": "_epfid2d1_64",
    "SequenceVariant": "SK",
    "SeriesDescription": "epi_3x3x4_1.5s_216TR",
    "SeriesNumber": 13,
    "ShimSetting": [
      3397,
      8572,
      9338,
      570,
      -86,
      54,
      651,
      110
    ],
    "SliceThickness": 4,
    "SliceTiming": [
      0.74,
      0,
      0.7975,
      0.0575,
      0.8525,
      0.1125,
      0.91,
      0.17,
      0.9675,
      0.2275,
      1.025,
      0.285,
      1.08,
      0.34,
      1.1375,
      0.3975,
      1.195,
      0.455,
      1.2525,
      0.5125,
      1.3075,
      0.5675,
      1.365,
      0.625,
      1.4225,
      0.6825
    ],
    "SoftwareVersions": "syngo_MR_D13",
    "SpacingBetweenSlices": 4,
    "StationName": "AWP45031",
    "TotalReadoutTime": 0.0245701,
    "TxRefAmp": 346.665,
    "dataset": "ds001430",
    "modality": "bold",
    "run_id": 2,
    "subject_id": "25",
    "task_id": "loc"
  },
  "dummy_trs": 0,
  "dvars_nstd": 22.97581736530232,
  "dvars_std": 1.2818466898604652,
  "dvars_vstd": 0.9960284444186046,
  "efc": 0.569486374493291,
  "fber": 2418.69140625,
  "fd_mean": 0.07926038636924028,
  "fd_num": 7,
  "fd_perc": 3.240740740740741,
  "fwhm_avg": 1.7134391231043287,
  "fwhm_x": 1.644423202646319,
  "fwhm_y": 1.9335366666666667,
  "fwhm_z": 1.5623575,
  "gcor": 0.024145,
  "gsr_x": -0.010813849046826363,
  "gsr_y": 0.04896051064133644,
  "provenance": {
    "md5sum": "39b2640bf64a70719e27c4b8a3fce58f",
    "settings": {
      "fd_thres": 0.2,
      "testing": false
    },
    "software": "mriqc",
    "version": "23.0.1",
    "webapi_port": null,
    "webapi_url": "https://mriqc.nimh.nih.gov/api/v1"
  },
  "size_t": 216,
  "size_x": 64,
  "size_y": 64,
  "size_z": 26,
  "snr": 7.131600057161039,
  "spacing_tr": 1.5,
  "spacing_x": 3.000000238418579,
  "spacing_y": 3.0,
  "spacing_z": 4.0,
  "summary_bg_k": 25.175193945970122,
  "summary_bg_mad": 9.396678159164805,
  "summary_bg_mean": 34.265106201171875,
  "summary_bg_median": 13.81944465637207,
  "summary_bg_n": 54948.0,
  "summary_bg_p05": 6.222222328186035,
  "summary_bg_p95": 129.67083740234358,
  "summary_bg_stdv": 56.94095230102539,
  "summary_fg_k": 2.1009808123703984,
  "summary_fg_mad": 95.72394438487433,
  "summary_fg_mean": 720.11865234375,
  "summary_fg_median": 712.7684936523438,
  "summary_fg_n": 24589.0,
  "summary_fg_p05": 581.7175903320312,
  "summary_fg_p95": 884.4536987304688,
  "summary_fg_stdv": 99.94306945800781,
  "tsnr": 79.55020935740322
}