{
  "aor": 0.0005872685185185184,
  "aqi": 0.005007641620370372,
  "bids_meta": {
    "AcquisitionMatrixPE": 64,
    "AcquisitionNumber": 1,
    "AcquisitionTime": "21:15:29.800000",
    "BandwidthPerPixelPhaseEncode": 40.064,
    "BaseResolution": 64,
    "BodyPartExamined": "BRAIN",
    "ConsistencyInfo": "N4_VD13A_LATEST_20120616",
    "ConversionSoftware": "dcm2niix",
    "ConversionSoftwareVersion": "v1.0.20180518 GCC4.8.5",
    "DerivedVendorReportedEchoSpacing": 0.000780002,
    "DeviceSerialNumber": "45031",
    "DwellTime": 5.4e-06,
    "EchoTime": 0.028,
    "EchoTrainLength": 32,
    "EffectiveEchoSpacing": 0.000390001,
    "FlipAngle": 64,
    "ImageOrientationPatientDICOM": [
      0.997799,
      0.0225367,
      0.0623645,
      -0.0268381,
      0.997254,
      0.0690174
    ],
    "ImageType": [
      "ORIGINAL",
      "PRIMARY",
      "M",
      "ND",
      "NORM",
      "MOSAIC"
    ],
    "InPlanePhaseEncodingDirectionDICOM": "COL",
    "InstitutionAddress": "Washington_and_Faculty_Rd._-_Building_25_25_Princeton_NJ_US_085",
    "InstitutionName": "Princeton_University_-_Neuroscience_Institute",
    "InstitutionalDepartmentName": "Department",
    "MRAcquisitionType": "2D",
    "MagneticFieldStrength": 3,
    "Manufacturer": "Siemens",
    "ManufacturersModelName": "Skyra",
    "Modality": "MR",
    "ParallelReductionFactorInPlane": 2,
    "PartialFourier": 1,
    "PatientPosition": "HFS",
    "PercentPhaseFOV": 100,
    "PhaseEncodingDirection": "j-",
    "PhaseEncodingSteps": 64,
    "PhaseResolution": 1,
    "PixelBandwidth": 1445,
    "ProcedureStepDescription": "Turk-BrowneLab_Projects",
    "ProtocolName": "epi_3x3x4_1.5s_216TR",
    "PulseSequenceDetails": "%SiemensSeq%_ep2d_bold",
    "ReceiveCoilActiveElements": "HE1-4",
    "ReceiveCoilName": "HeadNeck_20",
    "ReconMatrixPE": 64,
    "RepetitionTime": 1.5,
    "SAR": 0.0901717,
    "ScanOptions": "FS",
    "ScanningSequence": "EP",
    "SequenceName": "_epfid2d1_64",
    "SequenceVariant": "SK",
    "SeriesDescription": "epi_3x3x4_1.5s_216TR",
    "SeriesNumber": 12,
    "ShimSetting": [
      3397,
      8572,
      9338,
      570,
      -86,
      54,
      651,
      110
    ],
    "SliceThickness": 4,
    "SliceTiming": [
      0.74,
      0,
      0.7975,
      0.0575,
      0.855,
      0.115,
      0.91,
      0.17,
      0.9675,
      0.2275,
      1.025,
      0.285,
      1.0825,
      0.3425,
      1.1375,
      0.3975,
      1.195,
      0.455,
      1.2525,
      0.5125,
      1.31,
      0.57,
      1.3675,
      0.6275,
      1.4225,
      0.6825
    ],
    "SoftwareVersions": "syngo_MR_D13",
    "SpacingBetweenSlices": 4,
    "StationName": "AWP45031",
    "TotalReadoutTime": 0.0245701,
    "TxRefAmp": 346.665,
    "dataset": "ds001430",
    "modality": "bold",
    "run_id": 1,
    "subject_id": "25",
    "task_id": "loc"
  },
  "dummy_trs": 0,
  "dvars_nstd": 22.697725961255816,
  "dvars_std": 1.2713863095813946,
  "dvars_vstd": 0.9940192614418606,
  "efc": 0.5697644037143195,
  "fber": 2394.99365234375,
  "fd_mean": 0.07641325520107514,
  "fd_num": 6,
  "fd_perc": 2.7777777777777777,
  "fwhm_avg": 1.7194932896713009,
  "fwhm_x": 1.6481865356805694,
  "fwhm_y": 1.9431533333333333,
  "fwhm_z": 1.56714,
  "gcor": 0.021142,
  "gsr_x": -0.011585937812924385,
  "gsr_y": 0.04958028718829155,
  "provenance": {
    "md5sum": "9b2dd01594470113919cb6c1921a700c",
    "settings": {
      "fd_thres": 0.2,
      "testing": false
    },
    "software": "mriqc",
    "version": "23.0.1",
    "webapi_port": null,
    "webapi_url": "https://mriqc.nimh.nih.gov/api/v1"
  },
  "size_t": 216,
  "size_x": 64,
  "size_y": 64,
  "size_z": 26,
  "snr": 6.981487787930272,
  "spacing_tr": 1.5,
  "spacing_x": 3.000000238418579,
  "spacing_y": 3.0,
  "spacing_z": 4.0,
  "summary_bg_k": 25.85606564461114,
  "summary_bg_mad": 9.177032810011523,
  "summary_bg_mean": 34.53754806518555,
  "summary_bg_median": 13.990740776062012,
  "summary_bg_n": 54920.0,
  "summary_bg_p05": 6.434953951835634,
  "summary_bg_p95": 129.73170776367186,
  "summary_bg_stdv": 57.42667770385742,
  "summary_fg_k": 2.230355600028447,
  "summary_fg_mad": 97.87577174418547,
  "summary_fg_mean": 721.6864013671875,
  "summary_fg_median": 713.3588256835938,
  "summary_fg_n": 24638.0,
  "summary_fg_p05": 580.4106567382812,
  "summary_fg_p95": 888.7840240478515,
  "summary_fg_stdv": 102.17655181884766,
  "tsnr": 84.62390163913369
}