{
  "bids_meta": {
    "AcquisitionMatrixPE": 256,
    "AcquisitionNumber": 1,
    "AcquisitionTime": "13:42:3.740000",
    "BaseResolution": 256,
    "BodyPartExamined": "BRAIN",
    "ConsistencyInfo": "N4_VD13A_LATEST_20120616",
    "ConversionSoftware": "dcm2niix",
    "ConversionSoftwareVersion": "v1.0.20180518 GCC4.8.5",
    "DeviceSerialNumber": "45031",
    "DwellTime": 8.2e-06,
    "EchoTime": 0.00298,
    "FlipAngle": 9,
    "ImageOrientationPatientDICOM": [
      -0.0481193,
      0.998799,
      0.00924461,
      0.0353425,
      0.0109521,
      -0.999315
    ],
    "ImageType": [
      "ORIGINAL",
      "PRIMARY",
      "M",
      "ND",
      "NORM"
    ],
    "InPlanePhaseEncodingDirectionDICOM": "ROW",
    "InstitutionAddress": "Washington_and_Faculty_Rd._-_Building_25_25_Princeton_NJ_US_085",
    "InstitutionName": "Princeton_University_-_Neuroscience_Institute",
    "InstitutionalDepartmentName": "Department",
    "InversionTime": 0.9,
    "MRAcquisitionType": "3D",
    "MagneticFieldStrength": 3,
    "Manufacturer": "Siemens",
    "ManufacturersModelName": "Skyra",
    "Modality": "MR",
    "ParallelReductionFactorInPlane": 2,
    "PartialFourier": 1,
    "PatientPosition": "HFS",
    "PercentPhaseFOV": 100,
    "PhaseEncodingSteps": 255,
    "PhaseResolution": 1,
    "PixelBandwidth": 240,
    "ProcedureStepDescription": "Turk-BrowneLab_Projects",
    "ProtocolName": "mprage_1x1x1_medium",
    "PulseSequenceDetails": "%SiemensSeq%_tfl",
    "ReceiveCoilActiveElements": "HE1-4",
    "ReceiveCoilName": "HeadNeck_20",
    "ReconMatrixPE": 256,
    "RepetitionTime": 2.3,
    "SAR": 0.0665653,
    "ScanOptions": "IR",
    "ScanningSequence": "GR_IR",
    "SequenceName": "_tfl3d1_16ns",
    "SequenceVariant": "SK_SP_MP",
    "SeriesDescription": "mprage_1x1x1_medium",
    "SeriesNumber": 15,
    "ShimSetting": [
      3391,
      8736,
      9151,
      300,
      213,
      -593,
      132,
      -13
    ],
    "SliceThickness": 1,
    "SoftwareVersions": "syngo_MR_D13",
    "StationName": "AWP45031",
    "TxRefAmp": 356.742,
    "dataset": "ds001430",
    "modality": "T1w",
    "subject_id": "29"
  },
  "cjv": 0.32997531148456144,
  "cnr": 3.9821568076668603,
  "efc": 0.48516918954681015,
  "fber": 24634.942303408334,
  "fwhm_avg": 3.5553191285203276,
  "fwhm_x": 3.6481473855609834,
  "fwhm_y": 3.69609,
  "fwhm_z": 3.32172,
  "icvs_csf": 0.21203797852598735,
  "icvs_gm": 0.4419224514029202,
  "icvs_wm": 0.34603957007109243,
  "inu_med": 0.5455931127071381,
  "inu_range": 0.1885765016078949,
  "provenance": {
    "md5sum": "f546a8fb18f8301918638050b716f2ca",
    "settings": {
      "testing": false
    },
    "software": "mriqc",
    "version": "23.0.1",
    "warnings": {
      "large_rot_frame": true,
      "small_air_mask": false
    },
    "webapi_port": null,
    "webapi_url": "https://mriqc.nimh.nih.gov/api/v1"
  },
  "qi_1": 0.0,
  "qi_2": 0.008949038147288568,
  "rpve_csf": 26.50583130548325,
  "rpve_gm": 13.465552175575123,
  "rpve_wm": 19.68044313294932,
  "size_x": 192,
  "size_y": 256,
  "size_z": 256,
  "snr_csf": 1.9590828610835596,
  "snr_gm": 9.849731427726502,
  "snr_total": 11.623467591098317,
  "snr_wm": 23.06158848448489,
  "snrd_csf": 26.875131231207405,
  "snrd_gm": 74.04684483598938,
  "snrd_total": 70.15901761000185,
  "snrd_wm": 109.55507676280881,
  "spacing_x": 1.0000061988830566,
  "spacing_y": 1.0,
  "spacing_z": 1.0,
  "summary_bg_k": 9.583130680895323,
  "summary_bg_mad": 0.0,
  "summary_bg_mean": 3.3917125348343005,
  "summary_bg_median": 0.0,
  "summary_bg_n": 3339586.0,
  "summary_bg_p05": 0.0,
  "summary_bg_p95": 16.057199705392122,
  "summary_bg_stdv": 5.979972885170713,
  "summary_csf_k": 4.859344371616435,
  "summary_csf_mad": 120.33481605417883,
  "summary_csf_mean": 255.60506595318586,
  "summary_csf_median": 245.31159625388682,
  "summary_csf_n": 30410.0,
  "summary_csf_p05": 79.67400714196265,
  "summary_csf_p95": 474.27968990197405,
  "summary_csf_stdv": 125.2155116510106,
  "summary_gm_k": 0.26495154800714316,
  "summary_gm_mad": 65.93934675906478,
  "summary_gm_mean": 676.8126224216304,
  "summary_gm_median": 675.8869211841375,
  "summary_gm_n": 29732.0,
  "summary_gm_p05": 564.0182286328636,
  "summary_gm_p95": 790.8625303953886,
  "summary_gm_stdv": 68.6186785626308,
  "summary_wm_k": 0.6546378923416052,
  "summary_wm_mad": 41.00996157426849,
  "summary_wm_mean": 999.918938480187,
  "summary_wm_median": 999.9999824073166,
  "summary_wm_n": 200592.0,
  "summary_wm_p05": 929.2877104971558,
  "summary_wm_p95": 1070.3486950788647,
  "summary_wm_stdv": 43.362038588763355,
  "tpm_overlap_csf": 0.1452263220871473,
  "tpm_overlap_gm": 0.4593364569196444,
  "tpm_overlap_wm": 0.4988865232544963,
  "wm2max": 0.6193263908434187
}