{
  "aor": 0.0016106756756756758,
  "aqi": 0.005936663243243243,
  "bids_meta": {
    "AcquisitionMatrixPE": 64,
    "AcquisitionNumber": 1,
    "AcquisitionTime": "16:42:7.257500",
    "BandwidthPerPixelPhaseEncode": 40.064,
    "BaseResolution": 64,
    "BodyPartExamined": "BRAIN",
    "ConsistencyInfo": "N4_VD13A_LATEST_20120616",
    "ConversionSoftware": "dcm2niix",
    "ConversionSoftwareVersion": "v1.0.20180518 GCC4.8.5",
    "DerivedVendorReportedEchoSpacing": 0.000780002,
    "DeviceSerialNumber": "45031",
    "DwellTime": 5.4e-06,
    "EchoTime": 0.028,
    "EchoTrainLength": 32,
    "EffectiveEchoSpacing": 0.000390001,
    "FlipAngle": 64,
    "ImageOrientationPatientDICOM": [
      0.999925,
      -0.00263617,
      -0.0119626,
      0.00403341,
      0.992967,
      0.118325
    ],
    "ImageType": [
      "ORIGINAL",
      "PRIMARY",
      "M",
      "ND",
      "NORM",
      "MOSAIC"
    ],
    "InPlanePhaseEncodingDirectionDICOM": "COL",
    "InstitutionAddress": "Washington_and_Faculty_Rd._-_Building_25_25_Princeton_NJ_US_085",
    "InstitutionName": "Princeton_University_-_Neuroscience_Institute",
    "InstitutionalDepartmentName": "Department",
    "MRAcquisitionType": "2D",
    "MagneticFieldStrength": 3,
    "Manufacturer": "Siemens",
    "ManufacturersModelName": "Skyra",
    "Modality": "MR",
    "ParallelReductionFactorInPlane": 2,
    "PartialFourier": 1,
    "PatientPosition": "HFS",
    "PercentPhaseFOV": 100,
    "PhaseEncodingDirection": "j-",
    "PhaseEncodingSteps": 64,
    "PhaseResolution": 1,
    "PixelBandwidth": 1445,
    "ProcedureStepDescription": "Turk-BrowneLab_Projects",
    "ProtocolName": "epi_3x3x4_1.5s_148TR",
    "PulseSequenceDetails": "%SiemensSeq%_ep2d_bold",
    "ReceiveCoilActiveElements": "HE1-4",
    "ReceiveCoilName": "HeadNeck_20",
    "ReconMatrixPE": 64,
    "RepetitionTime": 1.5,
    "SAR": 0.0839926,
    "ScanOptions": "FS",
    "ScanningSequence": "EP",
    "SequenceName": "_epfid2d1_64",
    "SequenceVariant": "SK",
    "SeriesDescription": "epi_3x3x4_1.5s_148TR",
    "SeriesNumber": 7,
    "ShimSetting": [
      3378,
      8563,
      9355,
      608,
      -29,
      303,
      791,
      303
    ],
    "SliceThickness": 4,
    "SliceTiming": [
      0.74,
      0,
      0.795,
      0.055,
      0.8525,
      0.1125,
      0.91,
      0.17,
      0.9675,
      0.2275,
      1.0225,
      0.2825,
      1.08,
      0.34,
      1.1375,
      0.3975,
      1.195,
      0.455,
      1.25,
      0.51,
      1.3075,
      0.5675,
      1.365,
      0.625,
      1.4225,
      0.6825
    ],
    "SoftwareVersions": "syngo_MR_D13",
    "SpacingBetweenSlices": 4,
    "StationName": "AWP45031",
    "TotalReadoutTime": 0.0245701,
    "TxRefAmp": 329.577,
    "dataset": "ds001430",
    "modality": "bold",
    "run_id": 3,
    "subject_id": "23",
    "task_id": "phase1"
  },
  "dummy_trs": 0,
  "dvars_nstd": 20.514764175510198,
  "dvars_std": 1.1792748482993194,
  "dvars_vstd": 1.0146140059863946,
  "efc": 0.592574109720964,
  "fber": 2017.892822265625,
  "fd_mean": 0.13936166724743673,
  "fd_num": 24,
  "fd_perc": 16.216216216216218,
  "fwhm_avg": 1.7406161111111114,
  "fwhm_x": 1.6900633333333335,
  "fwhm_y": 1.95076,
  "fwhm_z": 1.581025,
  "gcor": 0.0192039,
  "gsr_x": 0.002979063428938389,
  "gsr_y": 0.04137258976697922,
  "provenance": {
    "md5sum": "43ef2c072c5f35eb6fddc85bec02f0cf",
    "settings": {
      "fd_thres": 0.2,
      "testing": false
    },
    "software": "mriqc",
    "version": "23.0.1",
    "webapi_port": null,
    "webapi_url": "https://mriqc.nimh.nih.gov/api/v1"
  },
  "size_t": 148,
  "size_x": 64,
  "size_y": 64,
  "size_z": 26,
  "snr": 7.335413359238107,
  "spacing_tr": 1.5,
  "spacing_x": 3.0,
  "spacing_y": 3.0,
  "spacing_z": 4.0,
  "summary_bg_k": 16.532027173825018,
  "summary_bg_mad": 10.849042291880766,
  "summary_bg_mean": 42.367427825927734,
  "summary_bg_median": 15.777027130126953,
  "summary_bg_n": 52157.0,
  "summary_bg_p05": 6.972973346710205,
  "summary_bg_p95": 194.1027099609373,
  "summary_bg_stdv": 73.26411437988281,
  "summary_fg_k": 3.3955209526246417,
  "summary_fg_mad": 92.08159685697704,
  "summary_fg_mean": 747.7733154296875,
  "summary_fg_median": 739.2567749023438,
  "summary_fg_n": 26560.0,
  "summary_fg_p05": 614.5581481933593,
  "summary_fg_p95": 912.1476501464842,
  "summary_fg_stdv": 100.77725982666016,
  "tsnr": 84.89814883470535
}