{
  "aor": 0.000629,
  "aqi": 0.006180519424999999,
  "bids_meta": {
    "AcquisitionMatrixPE": 64,
    "AcquisitionNumber": 1,
    "AcquisitionTime": "17:18:1.247500",
    "BandwidthPerPixelPhaseEncode": 40.064,
    "BaseResolution": 64,
    "BodyPartExamined": "BRAIN",
    "ConsistencyInfo": "N4_VD13A_LATEST_20120616",
    "ConversionSoftware": "dcm2niix",
    "ConversionSoftwareVersion": "v1.0.20180518 GCC4.8.5",
    "DerivedVendorReportedEchoSpacing": 0.000780002,
    "DeviceSerialNumber": "45031",
    "DwellTime": 5.4e-06,
    "EchoTime": 0.028,
    "EchoTrainLength": 32,
    "EffectiveEchoSpacing": 0.000390001,
    "FlipAngle": 64,
    "ImageOrientationPatientDICOM": [
      0.999925,
      -0.00263617,
      -0.0119626,
      0.00403341,
      0.992967,
      0.118325
    ],
    "ImageType": [
      "ORIGINAL",
      "PRIMARY",
      "M",
      "ND",
      "NORM",
      "MOSAIC"
    ],
    "InPlanePhaseEncodingDirectionDICOM": "COL",
    "InstitutionAddress": "Washington_and_Faculty_Rd._-_Building_25_25_Princeton_NJ_US_085",
    "InstitutionName": "Princeton_University_-_Neuroscience_Institute",
    "InstitutionalDepartmentName": "Department",
    "MRAcquisitionType": "2D",
    "MagneticFieldStrength": 3,
    "Manufacturer": "Siemens",
    "ManufacturersModelName": "Skyra",
    "Modality": "MR",
    "ParallelReductionFactorInPlane": 2,
    "PartialFourier": 1,
    "PatientPosition": "HFS",
    "PercentPhaseFOV": 100,
    "PhaseEncodingDirection": "j-",
    "PhaseEncodingSteps": 64,
    "PhaseResolution": 1,
    "PixelBandwidth": 1445,
    "ProcedureStepDescription": "Turk-BrowneLab_Projects",
    "ProtocolName": "epi_3x3x4_1.5s_400TR",
    "PulseSequenceDetails": "%SiemensSeq%_ep2d_bold",
    "ReceiveCoilActiveElements": "HE1-4",
    "ReceiveCoilName": "HeadNeck_20",
    "ReconMatrixPE": 64,
    "RepetitionTime": 1.5,
    "SAR": 0.0839949,
    "ScanOptions": "FS",
    "ScanningSequence": "EP",
    "SequenceName": "_epfid2d1_64",
    "SequenceVariant": "SK",
    "SeriesDescription": "epi_3x3x4_1.5s_400TR",
    "SeriesNumber": 11,
    "ShimSetting": [
      3378,
      8563,
      9355,
      608,
      -29,
      303,
      791,
      303
    ],
    "SliceThickness": 4,
    "SliceTiming": [
      0.74,
      0,
      0.795,
      0.055,
      0.8525,
      0.1125,
      0.91,
      0.17,
      0.9675,
      0.2275,
      1.0225,
      0.2825,
      1.08,
      0.34,
      1.1375,
      0.3975,
      1.195,
      0.455,
      1.25,
      0.51,
      1.3075,
      0.5675,
      1.365,
      0.625,
      1.4225,
      0.6825
    ],
    "SoftwareVersions": "syngo_MR_D13",
    "SpacingBetweenSlices": 4,
    "StationName": "AWP45031",
    "TotalReadoutTime": 0.0245701,
    "TxRefAmp": 329.577,
    "dataset": "ds001430",
    "modality": "bold",
    "run_id": 2,
    "subject_id": "23",
    "task_id": "phase3"
  },
  "dummy_trs": 0,
  "dvars_nstd": 20.226871753458646,
  "dvars_std": 1.1588895392481195,
  "dvars_vstd": 1.0021705816541349,
  "efc": 0.5889950166803877,
  "fber": 2152.037841796875,
  "fd_mean": 0.12636285869933345,
  "fd_num": 44,
  "fd_perc": 11.0,
  "fwhm_avg": 1.7479713888888888,
  "fwhm_x": 1.6923599999999999,
  "fwhm_y": 1.9596266666666666,
  "fwhm_z": 1.5919275,
  "gcor": 0.0343479,
  "gsr_x": 0.007123252376914024,
  "gsr_y": 0.043049100786447525,
  "provenance": {
    "md5sum": "10fa44ccb070d4b72a7d0977395e747e",
    "settings": {
      "fd_thres": 0.2,
      "testing": false
    },
    "software": "mriqc",
    "version": "23.0.1",
    "webapi_port": null,
    "webapi_url": "https://mriqc.nimh.nih.gov/api/v1"
  },
  "size_t": 400,
  "size_x": 64,
  "size_y": 64,
  "size_z": 26,
  "snr": 7.310734789279791,
  "spacing_tr": 1.5,
  "spacing_x": 3.0,
  "spacing_y": 3.0,
  "spacing_z": 4.0,
  "summary_bg_k": 15.736128780835713,
  "summary_bg_mad": 10.561686451221949,
  "summary_bg_mean": 42.331329345703125,
  "summary_bg_median": 15.3774995803833,
  "summary_bg_n": 52604.0,
  "summary_bg_p05": 6.867499828338623,
  "summary_bg_p95": 194.3672409057616,
  "summary_bg_stdv": 74.06840515136719,
  "summary_fg_k": 3.4188953675937013,
  "summary_fg_mad": 93.28159612575163,
  "summary_fg_mean": 749.9539794921875,
  "summary_fg_median": 741.2274780273438,
  "summary_fg_n": 26259.0,
  "summary_fg_p05": 616.0025024414062,
  "summary_fg_p95": 915.8240051269531,
  "summary_fg_stdv": 101.3869857788086,
  "tsnr": 80.72130279254634
}