{
  "aor": 0.0012290277777777777,
  "aqi": 0.00714477449074074,
  "bids_meta": {
    "AcquisitionMatrixPE": 64,
    "AcquisitionNumber": 1,
    "AcquisitionTime": "17:43:12.385000",
    "BandwidthPerPixelPhaseEncode": 40.064,
    "BaseResolution": 64,
    "BodyPartExamined": "BRAIN",
    "ConsistencyInfo": "N4_VD13A_LATEST_20120616",
    "ConversionSoftware": "dcm2niix",
    "ConversionSoftwareVersion": "v1.0.20180518 GCC4.8.5",
    "DerivedVendorReportedEchoSpacing": 0.000780002,
    "DeviceSerialNumber": "45031",
    "DwellTime": 5.4e-06,
    "EchoTime": 0.028,
    "EchoTrainLength": 32,
    "EffectiveEchoSpacing": 0.000390001,
    "FlipAngle": 64,
    "ImageOrientationPatientDICOM": [
      0.999925,
      -0.00263617,
      -0.0119626,
      0.00403341,
      0.992967,
      0.118325
    ],
    "ImageType": [
      "ORIGINAL",
      "PRIMARY",
      "M",
      "ND",
      "NORM",
      "MOSAIC"
    ],
    "InPlanePhaseEncodingDirectionDICOM": "COL",
    "InstitutionAddress": "Washington_and_Faculty_Rd._-_Building_25_25_Princeton_NJ_US_085",
    "InstitutionName": "Princeton_University_-_Neuroscience_Institute",
    "InstitutionalDepartmentName": "Department",
    "MRAcquisitionType": "2D",
    "MagneticFieldStrength": 3,
    "Manufacturer": "Siemens",
    "ManufacturersModelName": "Skyra",
    "Modality": "MR",
    "ParallelReductionFactorInPlane": 2,
    "PartialFourier": 1,
    "PatientPosition": "HFS",
    "PercentPhaseFOV": 100,
    "PhaseEncodingDirection": "j-",
    "PhaseEncodingSteps": 64,
    "PhaseResolution": 1,
    "PixelBandwidth": 1445,
    "ProcedureStepDescription": "Turk-BrowneLab_Projects",
    "ProtocolName": "epi_3x3x4_1.5s_216TR",
    "PulseSequenceDetails": "%SiemensSeq%_ep2d_bold",
    "ReceiveCoilActiveElements": "HE1-4",
    "ReceiveCoilName": "HeadNeck_20",
    "ReconMatrixPE": 64,
    "RepetitionTime": 1.5,
    "SAR": 0.0839937,
    "ScanOptions": "FS",
    "ScanningSequence": "EP",
    "SequenceName": "_epfid2d1_64",
    "SequenceVariant": "SK",
    "SeriesDescription": "epi_3x3x4_1.5s_216TR",
    "SeriesNumber": 14,
    "ShimSetting": [
      3378,
      8563,
      9355,
      608,
      -29,
      303,
      791,
      303
    ],
    "SliceThickness": 4,
    "SliceTiming": [
      0.74,
      0,
      0.7975,
      0.0575,
      0.8525,
      0.1125,
      0.91,
      0.17,
      0.9675,
      0.2275,
      1.025,
      0.285,
      1.08,
      0.34,
      1.1375,
      0.3975,
      1.195,
      0.455,
      1.2525,
      0.5125,
      1.31,
      0.57,
      1.365,
      0.625,
      1.4225,
      0.6825
    ],
    "SoftwareVersions": "syngo_MR_D13",
    "SpacingBetweenSlices": 4,
    "StationName": "AWP45031",
    "TotalReadoutTime": 0.0245701,
    "TxRefAmp": 329.577,
    "dataset": "ds001430",
    "modality": "bold",
    "run_id": 3,
    "subject_id": "23",
    "task_id": "loc"
  },
  "dummy_trs": 0,
  "dvars_nstd": 21.242099690976755,
  "dvars_std": 1.1819262605116276,
  "dvars_vstd": 1.0133168646511634,
  "efc": 0.5853246690465774,
  "fber": 2223.41357421875,
  "fd_mean": 0.12609568373489544,
  "fd_num": 26,
  "fd_perc": 12.037037037037036,
  "fwhm_avg": 1.7621338888888889,
  "fwhm_x": 1.7063633333333332,
  "fwhm_y": 1.9660433333333334,
  "fwhm_z": 1.613995,
  "gcor": 0.0290873,
  "gsr_x": 0.01011997926980257,
  "gsr_y": 0.04382450506091118,
  "provenance": {
    "md5sum": "3e503b0336273c7858ae4579b9e66141",
    "settings": {
      "fd_thres": 0.2,
      "testing": false
    },
    "software": "mriqc",
    "version": "23.0.1",
    "webapi_port": null,
    "webapi_url": "https://mriqc.nimh.nih.gov/api/v1"
  },
  "size_t": 216,
  "size_x": 64,
  "size_y": 64,
  "size_z": 26,
  "snr": 7.285615927396221,
  "spacing_tr": 1.5,
  "spacing_x": 3.0,
  "spacing_y": 3.0,
  "spacing_z": 4.0,
  "summary_bg_k": 16.757520910839872,
  "summary_bg_mad": 10.076203704673322,
  "summary_bg_mean": 41.580223083496094,
  "summary_bg_median": 15.009259223937988,
  "summary_bg_n": 53052.0,
  "summary_bg_p05": 6.888888835906982,
  "summary_bg_p95": 192.2379676818846,
  "summary_bg_stdv": 74.36946105957031,
  "summary_fg_k": 3.3078142673708397,
  "summary_fg_mad": 93.41769437627852,
  "summary_fg_mean": 751.489501953125,
  "summary_fg_median": 741.6065063476562,
  "summary_fg_n": 25983.0,
  "summary_fg_p05": 616.991650390625,
  "summary_fg_p95": 920.7490722656249,
  "summary_fg_stdv": 101.78854370117188,
  "tsnr": 76.85722096916288
}