{
  "aor": 0.0014376351351351353,
  "aqi": 0.006219422027027026,
  "bids_meta": {
    "AcquisitionMatrixPE": 64,
    "AcquisitionNumber": 1,
    "AcquisitionTime": "16:46:33.255000",
    "BandwidthPerPixelPhaseEncode": 40.064,
    "BaseResolution": 64,
    "BodyPartExamined": "BRAIN",
    "ConsistencyInfo": "N4_VD13A_LATEST_20120616",
    "ConversionSoftware": "dcm2niix",
    "ConversionSoftwareVersion": "v1.0.20180518 GCC4.8.5",
    "DerivedVendorReportedEchoSpacing": 0.000780002,
    "DeviceSerialNumber": "45031",
    "DwellTime": 5.4e-06,
    "EchoTime": 0.028,
    "EchoTrainLength": 32,
    "EffectiveEchoSpacing": 0.000390001,
    "FlipAngle": 64,
    "ImageOrientationPatientDICOM": [
      0.999925,
      -0.00263617,
      -0.0119626,
      0.00403341,
      0.992967,
      0.118325
    ],
    "ImageType": [
      "ORIGINAL",
      "PRIMARY",
      "M",
      "ND",
      "NORM",
      "MOSAIC"
    ],
    "InPlanePhaseEncodingDirectionDICOM": "COL",
    "InstitutionAddress": "Washington_and_Faculty_Rd._-_Building_25_25_Princeton_NJ_US_085",
    "InstitutionName": "Princeton_University_-_Neuroscience_Institute",
    "InstitutionalDepartmentName": "Department",
    "MRAcquisitionType": "2D",
    "MagneticFieldStrength": 3,
    "Manufacturer": "Siemens",
    "ManufacturersModelName": "Skyra",
    "Modality": "MR",
    "ParallelReductionFactorInPlane": 2,
    "PartialFourier": 1,
    "PatientPosition": "HFS",
    "PercentPhaseFOV": 100,
    "PhaseEncodingDirection": "j-",
    "PhaseEncodingSteps": 64,
    "PhaseResolution": 1,
    "PixelBandwidth": 1445,
    "ProcedureStepDescription": "Turk-BrowneLab_Projects",
    "ProtocolName": "epi_3x3x4_1.5s_148TR",
    "PulseSequenceDetails": "%SiemensSeq%_ep2d_bold",
    "ReceiveCoilActiveElements": "HE1-4",
    "ReceiveCoilName": "HeadNeck_20",
    "ReconMatrixPE": 64,
    "RepetitionTime": 1.5,
    "SAR": 0.0839926,
    "ScanOptions": "FS",
    "ScanningSequence": "EP",
    "SequenceName": "_epfid2d1_64",
    "SequenceVariant": "SK",
    "SeriesDescription": "epi_3x3x4_1.5s_148TR",
    "SeriesNumber": 8,
    "ShimSetting": [
      3378,
      8563,
      9355,
      608,
      -29,
      303,
      791,
      303
    ],
    "SliceThickness": 4,
    "SliceTiming": [
      0.74,
      0,
      0.7975,
      0.0575,
      0.8525,
      0.1125,
      0.91,
      0.17,
      0.9675,
      0.2275,
      1.025,
      0.285,
      1.08,
      0.34,
      1.1375,
      0.3975,
      1.195,
      0.455,
      1.2525,
      0.5125,
      1.3075,
      0.5675,
      1.365,
      0.625,
      1.4225,
      0.6825
    ],
    "SoftwareVersions": "syngo_MR_D13",
    "SpacingBetweenSlices": 4,
    "StationName": "AWP45031",
    "TotalReadoutTime": 0.0245701,
    "TxRefAmp": 329.577,
    "dataset": "ds001430",
    "modality": "bold",
    "run_id": 4,
    "subject_id": "23",
    "task_id": "phase1"
  },
  "dummy_trs": 0,
  "dvars_nstd": 19.882868682312914,
  "dvars_std": 1.1762653609523814,
  "dvars_vstd": 1.0049724952380954,
  "efc": 0.5930551351724087,
  "fber": 2002.7664794921875,
  "fd_mean": 0.11247691299175351,
  "fd_num": 11,
  "fd_perc": 7.4324324324324325,
  "fwhm_avg": 1.7458422222222223,
  "fwhm_x": 1.6919433333333334,
  "fwhm_y": 1.9644333333333333,
  "fwhm_z": 1.58115,
  "gcor": 0.019991,
  "gsr_x": 0.003131972858682275,
  "gsr_y": 0.041567813605070114,
  "provenance": {
    "md5sum": "9c766d51a85c5dbdf6b62529ce8ec4e1",
    "settings": {
      "fd_thres": 0.2,
      "testing": false
    },
    "software": "mriqc",
    "version": "23.0.1",
    "webapi_port": null,
    "webapi_url": "https://mriqc.nimh.nih.gov/api/v1"
  },
  "size_t": 148,
  "size_x": 64,
  "size_y": 64,
  "size_z": 26,
  "snr": 7.357311407468979,
  "spacing_tr": 1.5,
  "spacing_x": 3.0,
  "spacing_y": 3.0,
  "spacing_z": 4.0,
  "summary_bg_k": 15.92193403093269,
  "summary_bg_mad": 10.949217085676258,
  "summary_bg_mean": 42.746803283691406,
  "summary_bg_median": 15.783783912658691,
  "summary_bg_n": 52174.0,
  "summary_bg_p05": 7.027027130126953,
  "summary_bg_p95": 197.0672370910643,
  "summary_bg_stdv": 73.79592895507812,
  "summary_fg_k": 3.3722114145918605,
  "summary_fg_mad": 91.93138203259232,
  "summary_fg_mean": 746.84912109375,
  "summary_fg_median": 738.398681640625,
  "summary_fg_n": 26545.0,
  "summary_fg_p05": 613.9283935546875,
  "summary_fg_p95": 910.7946166992188,
  "summary_fg_stdv": 100.36067962646484,
  "tsnr": 83.32804964622483
}