{
  "aor": 0.0008765277777777777,
  "aqi": 0.0049070641666666675,
  "bids_meta": {
    "AcquisitionMatrixPE": 64,
    "AcquisitionNumber": 1,
    "AcquisitionTime": "10:40:34.782500",
    "BandwidthPerPixelPhaseEncode": 40.064,
    "BaseResolution": 64,
    "BodyPartExamined": "BRAIN",
    "ConsistencyInfo": "N4_VD13A_LATEST_20120616",
    "ConversionSoftware": "dcm2niix",
    "ConversionSoftwareVersion": "v1.0.20180518 GCC4.8.5",
    "DerivedVendorReportedEchoSpacing": 0.000780002,
    "DeviceSerialNumber": "45031",
    "DwellTime": 5.4e-06,
    "EchoTime": 0.028,
    "EchoTrainLength": 32,
    "EffectiveEchoSpacing": 0.000390001,
    "FlipAngle": 64,
    "ImageOrientationPatientDICOM": [
      0.998515,
      0.0190959,
      0.051012,
      -0.0149414,
      0.996633,
      -0.0806161
    ],
    "ImageType": [
      "ORIGINAL",
      "PRIMARY",
      "M",
      "ND",
      "NORM",
      "MOSAIC"
    ],
    "InPlanePhaseEncodingDirectionDICOM": "COL",
    "InstitutionAddress": "Washington_and_Faculty_Rd._-_Building_25_25_Princeton_NJ_US_085",
    "InstitutionName": "Princeton_University_-_Neuroscience_Institute",
    "InstitutionalDepartmentName": "Department",
    "MRAcquisitionType": "2D",
    "MagneticFieldStrength": 3,
    "Manufacturer": "Siemens",
    "ManufacturersModelName": "Skyra",
    "Modality": "MR",
    "ParallelReductionFactorInPlane": 2,
    "PartialFourier": 1,
    "PatientPosition": "HFS",
    "PercentPhaseFOV": 100,
    "PhaseEncodingDirection": "j-",
    "PhaseEncodingSteps": 64,
    "PhaseResolution": 1,
    "PixelBandwidth": 1445,
    "ProcedureStepDescription": "Turk-BrowneLab_Projects",
    "ProtocolName": "epi_3x3x4_1.5s_216TR",
    "PulseSequenceDetails": "%SiemensSeq%_ep2d_bold",
    "ReceiveCoilActiveElements": "HE1-4",
    "ReceiveCoilName": "HeadNeck_20",
    "ReconMatrixPE": 64,
    "RepetitionTime": 1.5,
    "SAR": 0.0830539,
    "ScanOptions": "FS",
    "ScanningSequence": "EP",
    "SequenceName": "_epfid2d1_64",
    "SequenceVariant": "SK",
    "SeriesDescription": "epi_3x3x4_1.5s_216TR",
    "SeriesNumber": 15,
    "ShimSetting": [
      3394,
      8592,
      9236,
      472,
      263,
      -409,
      90,
      -3
    ],
    "SliceThickness": 4,
    "SliceTiming": [
      0.74,
      0,
      0.7975,
      0.0575,
      0.855,
      0.115,
      0.91,
      0.17,
      0.9675,
      0.2275,
      1.025,
      0.285,
      1.0825,
      0.3425,
      1.1375,
      0.3975,
      1.195,
      0.455,
      1.2525,
      0.5125,
      1.31,
      0.57,
      1.365,
      0.625,
      1.4225,
      0.6825
    ],
    "SoftwareVersions": "syngo_MR_D13",
    "SpacingBetweenSlices": 4,
    "StationName": "AWP45031",
    "TotalReadoutTime": 0.0245701,
    "TxRefAmp": 330.434,
    "dataset": "ds001430",
    "modality": "bold",
    "run_id": 3,
    "subject_id": "10",
    "task_id": "loc"
  },
  "dummy_trs": 0,
  "dvars_nstd": 16.55748030162791,
  "dvars_std": 1.0727581542790696,
  "dvars_vstd": 1.0081899844186046,
  "efc": 0.5770899760535996,
  "fber": 1932.5174560546875,
  "fd_mean": 0.0654121512747871,
  "fd_num": 2,
  "fd_perc": 0.9259259259259259,
  "fwhm_avg": 1.7824,
  "fwhm_x": 1.76557,
  "fwhm_y": 1.99476,
  "fwhm_z": 1.58687,
  "gcor": 0.0162655,
  "gsr_x": 0.0026751523837447166,
  "gsr_y": 0.03691764548420906,
  "provenance": {
    "md5sum": "37269d9d585da679a178cad46617d859",
    "settings": {
      "fd_thres": 0.2,
      "testing": false
    },
    "software": "mriqc",
    "version": "23.0.1",
    "webapi_port": null,
    "webapi_url": "https://mriqc.nimh.nih.gov/api/v1"
  },
  "size_t": 216,
  "size_x": 64,
  "size_y": 64,
  "size_z": 26,
  "snr": 7.251238618668479,
  "spacing_tr": 1.5,
  "spacing_x": 3.0,
  "spacing_y": 3.0,
  "spacing_z": 4.0,
  "summary_bg_k": 23.014260623129204,
  "summary_bg_mad": 9.760464840815155,
  "summary_bg_mean": 38.67116928100586,
  "summary_bg_median": 14.407407760620117,
  "summary_bg_n": 54432.0,
  "summary_bg_p05": 6.787036895751953,
  "summary_bg_p95": 156.120143127441,
  "summary_bg_stdv": 65.38211822509766,
  "summary_fg_k": 3.26954584852795,
  "summary_fg_mad": 80.31104373985016,
  "summary_fg_mean": 669.5447998046875,
  "summary_fg_median": 663.6550903320312,
  "summary_fg_n": 24556.0,
  "summary_fg_p05": 543.4652862548828,
  "summary_fg_p95": 813.3391418457031,
  "summary_fg_stdv": 91.52113342285156,
  "tsnr": 87.16449594683945
}