{
  "aor": 0.0004993981481481481,
  "aqi": 0.005387925694444445,
  "bids_meta": {
    "AcquisitionMatrixPE": 64,
    "AcquisitionNumber": 1,
    "AcquisitionTime": "10:34:19.890000",
    "BandwidthPerPixelPhaseEncode": 40.064,
    "BaseResolution": 64,
    "BodyPartExamined": "BRAIN",
    "ConsistencyInfo": "N4_VD13A_LATEST_20120616",
    "ConversionSoftware": "dcm2niix",
    "ConversionSoftwareVersion": "v1.0.20180518 GCC4.8.5",
    "DerivedVendorReportedEchoSpacing": 0.000780002,
    "DeviceSerialNumber": "45031",
    "DwellTime": 5.4e-06,
    "EchoTime": 0.028,
    "EchoTrainLength": 32,
    "EffectiveEchoSpacing": 0.000390001,
    "FlipAngle": 64,
    "ImageOrientationPatientDICOM": [
      0.998515,
      0.0190959,
      0.051012,
      -0.0149414,
      0.996633,
      -0.0806161
    ],
    "ImageType": [
      "ORIGINAL",
      "PRIMARY",
      "M",
      "ND",
      "NORM",
      "MOSAIC"
    ],
    "InPlanePhaseEncodingDirectionDICOM": "COL",
    "InstitutionAddress": "Washington_and_Faculty_Rd._-_Building_25_25_Princeton_NJ_US_085",
    "InstitutionName": "Princeton_University_-_Neuroscience_Institute",
    "InstitutionalDepartmentName": "Department",
    "MRAcquisitionType": "2D",
    "MagneticFieldStrength": 3,
    "Manufacturer": "Siemens",
    "ManufacturersModelName": "Skyra",
    "Modality": "MR",
    "ParallelReductionFactorInPlane": 2,
    "PartialFourier": 1,
    "PatientPosition": "HFS",
    "PercentPhaseFOV": 100,
    "PhaseEncodingDirection": "j-",
    "PhaseEncodingSteps": 64,
    "PhaseResolution": 1,
    "PixelBandwidth": 1445,
    "ProcedureStepDescription": "Turk-BrowneLab_Projects",
    "ProtocolName": "epi_3x3x4_1.5s_216TR",
    "PulseSequenceDetails": "%SiemensSeq%_ep2d_bold",
    "ReceiveCoilActiveElements": "HE1-4",
    "ReceiveCoilName": "HeadNeck_20",
    "ReconMatrixPE": 64,
    "RepetitionTime": 1.5,
    "SAR": 0.0830539,
    "ScanOptions": "FS",
    "ScanningSequence": "EP",
    "SequenceName": "_epfid2d1_64",
    "SequenceVariant": "SK",
    "SeriesDescription": "epi_3x3x4_1.5s_216TR",
    "SeriesNumber": 14,
    "ShimSetting": [
      3394,
      8592,
      9236,
      472,
      263,
      -409,
      90,
      -3
    ],
    "SliceThickness": 4,
    "SliceTiming": [
      0.74,
      0,
      0.7975,
      0.0575,
      0.8525,
      0.1125,
      0.91,
      0.17,
      0.9675,
      0.2275,
      1.025,
      0.285,
      1.0825,
      0.3425,
      1.1375,
      0.3975,
      1.195,
      0.455,
      1.2525,
      0.5125,
      1.31,
      0.57,
      1.365,
      0.625,
      1.4225,
      0.6825
    ],
    "SoftwareVersions": "syngo_MR_D13",
    "SpacingBetweenSlices": 4,
    "StationName": "AWP45031",
    "TotalReadoutTime": 0.0245701,
    "TxRefAmp": 330.434,
    "dataset": "ds001430",
    "modality": "bold",
    "run_id": 2,
    "subject_id": "10",
    "task_id": "loc"
  },
  "dummy_trs": 0,
  "dvars_nstd": 16.853364501023254,
  "dvars_std": 1.0622440391162793,
  "dvars_vstd": 0.9893150971627909,
  "efc": 0.577188598227307,
  "fber": 1907.8331298828125,
  "fd_mean": 0.06514724686399313,
  "fd_num": 0,
  "fd_perc": 0.0,
  "fwhm_avg": 1.7807930555555556,
  "fwhm_x": 1.76507,
  "fwhm_y": 1.9875966666666667,
  "fwhm_z": 1.5897125,
  "gcor": 0.0099182,
  "gsr_x": 0.00285517331212759,
  "gsr_y": 0.03688686341047287,
  "provenance": {
    "md5sum": "7714bc8a632c8aa8ed2794f6d21be0f9",
    "settings": {
      "fd_thres": 0.2,
      "testing": false
    },
    "software": "mriqc",
    "version": "23.0.1",
    "webapi_port": null,
    "webapi_url": "https://mriqc.nimh.nih.gov/api/v1"
  },
  "size_t": 216,
  "size_x": 64,
  "size_y": 64,
  "size_z": 26,
  "snr": 7.247299984730977,
  "spacing_tr": 1.5,
  "spacing_x": 3.0,
  "spacing_y": 3.0,
  "spacing_z": 4.0,
  "summary_bg_k": 22.8912115723882,
  "summary_bg_mad": 10.048748212769118,
  "summary_bg_mean": 38.618743896484375,
  "summary_bg_median": 14.527777671813965,
  "summary_bg_n": 54411.0,
  "summary_bg_p05": 6.6990742683410645,
  "summary_bg_p95": 154.96759033203125,
  "summary_bg_stdv": 65.49685668945312,
  "summary_fg_k": 3.3071796559548714,
  "summary_fg_mad": 80.2870184170344,
  "summary_fg_mean": 668.844482421875,
  "summary_fg_median": 663.1065063476562,
  "summary_fg_n": 24555.0,
  "summary_fg_p05": 542.33427734375,
  "summary_fg_p95": 812.4759399414061,
  "summary_fg_stdv": 91.49517822265625,
  "tsnr": 84.79022127203643
}