{
  "aor": 0.00041049833887043185,
  "aqi": 0.004166721096345515,
  "bids_meta": {
    "AcquisitionMatrixPE": 64,
    "AcquisitionNumber": 1,
    "AcquisitionTime": "09:49:28.800000",
    "BandwidthPerPixelPhaseEncode": 40.064,
    "BaseResolution": 64,
    "BodyPartExamined": "BRAIN",
    "ConsistencyInfo": "N4_VD13A_LATEST_20120616",
    "ConversionSoftware": "dcm2niix",
    "ConversionSoftwareVersion": "v1.0.20180518 GCC4.8.5",
    "DerivedVendorReportedEchoSpacing": 0.000780002,
    "DeviceSerialNumber": "45031",
    "DwellTime": 5.4e-06,
    "EchoTime": 0.028,
    "EchoTrainLength": 32,
    "EffectiveEchoSpacing": 0.000390001,
    "FlipAngle": 64,
    "ImageOrientationPatientDICOM": [
      0.998515,
      0.0190959,
      0.051012,
      -0.0149414,
      0.996633,
      -0.0806161
    ],
    "ImageType": [
      "ORIGINAL",
      "PRIMARY",
      "M",
      "ND",
      "NORM",
      "MOSAIC"
    ],
    "InPlanePhaseEncodingDirectionDICOM": "COL",
    "InstitutionAddress": "Washington_and_Faculty_Rd._-_Building_25_25_Princeton_NJ_US_085",
    "InstitutionName": "Princeton_University_-_Neuroscience_Institute",
    "InstitutionalDepartmentName": "Department",
    "MRAcquisitionType": "2D",
    "MagneticFieldStrength": 3,
    "Manufacturer": "Siemens",
    "ManufacturersModelName": "Skyra",
    "Modality": "MR",
    "ParallelReductionFactorInPlane": 2,
    "PartialFourier": 1,
    "PatientPosition": "HFS",
    "PercentPhaseFOV": 100,
    "PhaseEncodingDirection": "j-",
    "PhaseEncodingSteps": 64,
    "PhaseResolution": 1,
    "PixelBandwidth": 1445,
    "ProcedureStepDescription": "Turk-BrowneLab_Projects",
    "ProtocolName": "epi_3x3x4_1.5s_302TR",
    "PulseSequenceDetails": "%SiemensSeq%_ep2d_bold",
    "ReceiveCoilActiveElements": "HE1-4",
    "ReceiveCoilName": "HeadNeck_20",
    "ReconMatrixPE": 64,
    "RepetitionTime": 1.5,
    "SAR": 0.0830546,
    "ScanOptions": "FS",
    "ScanningSequence": "EP",
    "SequenceName": "_epfid2d1_64",
    "SequenceVariant": "SK",
    "SeriesDescription": "epi_3x3x4_1.5s_302TR",
    "SeriesNumber": 9,
    "ShimSetting": [
      3394,
      8592,
      9236,
      472,
      263,
      -409,
      90,
      -3
    ],
    "SliceThickness": 4,
    "SliceTiming": [
      0.74,
      0,
      0.7975,
      0.0575,
      0.855,
      0.115,
      0.91,
      0.1725,
      0.9675,
      0.2275,
      1.025,
      0.285,
      1.0825,
      0.3425,
      1.14,
      0.4,
      1.195,
      0.455,
      1.2525,
      0.5125,
      1.31,
      0.57,
      1.3675,
      0.6275,
      1.4225,
      0.6825
    ],
    "SoftwareVersions": "syngo_MR_D13",
    "SpacingBetweenSlices": 4,
    "StationName": "AWP45031",
    "TotalReadoutTime": 0.0245701,
    "TxRefAmp": 330.434,
    "dataset": "ds001430",
    "modality": "bold",
    "run_id": 1,
    "subject_id": "10",
    "task_id": "phase2"
  },
  "dummy_trs": 1,
  "dvars_nstd": 17.370059906766674,
  "dvars_std": 1.1026128531333335,
  "dvars_vstd": 1.0022649586333334,
  "efc": 0.5760122412116954,
  "fber": 2013.7835693359375,
  "fd_mean": 0.06039060530287001,
  "fd_num": 0,
  "fd_perc": 0.0,
  "fwhm_avg": 1.7915958333333333,
  "fwhm_x": 1.7738699999999998,
  "fwhm_y": 2.0007800000000002,
  "fwhm_z": 1.6001375,
  "gcor": 0.0119609,
  "gsr_x": 0.0019816614221781492,
  "gsr_y": 0.03568436577916145,
  "provenance": {
    "md5sum": "ac6e51205cf5a1c45b9da11060f39f94",
    "settings": {
      "fd_thres": 0.2,
      "testing": false
    },
    "software": "mriqc",
    "version": "23.0.1",
    "webapi_port": null,
    "webapi_url": "https://mriqc.nimh.nih.gov/api/v1"
  },
  "size_t": 301,
  "size_x": 64,
  "size_y": 64,
  "size_z": 26,
  "snr": 7.234436637228593,
  "spacing_tr": 1.5,
  "spacing_x": 3.0,
  "spacing_y": 3.0,
  "spacing_z": 4.0,
  "summary_bg_k": 22.256839634183873,
  "summary_bg_mad": 9.4472781019383,
  "summary_bg_mean": 37.81951141357422,
  "summary_bg_median": 14.1926908493042,
  "summary_bg_n": 54399.0,
  "summary_bg_p05": 6.734219074249268,
  "summary_bg_p95": 151.43786926269527,
  "summary_bg_stdv": 64.21378326416016,
  "summary_fg_k": 3.279977171522644,
  "summary_fg_mad": 80.92253571321146,
  "summary_fg_mean": 672.8005981445312,
  "summary_fg_median": 666.5149536132812,
  "summary_fg_n": 24583.0,
  "summary_fg_p05": 546.1172668457032,
  "summary_fg_p95": 817.7129638671875,
  "summary_fg_stdv": 92.12899780273438,
  "tsnr": 92.29977717599832
}