{
  "aor": 0.0013202702702702705,
  "aqi": 0.0068430452702702696,
  "bids_meta": {
    "AcquisitionMatrixPE": 64,
    "AcquisitionNumber": 1,
    "AcquisitionTime": "13:21:56.102500",
    "BandwidthPerPixelPhaseEncode": 40.064,
    "BaseResolution": 64,
    "BodyPartExamined": "BRAIN",
    "ConsistencyInfo": "N4_VD13A_LATEST_20120616",
    "ConversionSoftware": "dcm2niix",
    "ConversionSoftwareVersion": "v1.0.20180518 GCC4.8.5",
    "DerivedVendorReportedEchoSpacing": 0.000780002,
    "DeviceSerialNumber": "45031",
    "DwellTime": 5.4e-06,
    "EchoTime": 0.028,
    "EchoTrainLength": 32,
    "EffectiveEchoSpacing": 0.000390001,
    "FlipAngle": 64,
    "ImageOrientationPatientDICOM": [
      0.998402,
      0.044639,
      -0.0346636,
      -0.0463674,
      0.997633,
      -0.0507717
    ],
    "ImageType": [
      "ORIGINAL",
      "PRIMARY",
      "M",
      "ND",
      "NORM",
      "MOSAIC"
    ],
    "InPlanePhaseEncodingDirectionDICOM": "COL",
    "InstitutionAddress": "Washington_and_Faculty_Rd._-_Building_25_25_Princeton_NJ_US_085",
    "InstitutionName": "Princeton_University_-_Neuroscience_Institute",
    "InstitutionalDepartmentName": "Department",
    "MRAcquisitionType": "2D",
    "MagneticFieldStrength": 3,
    "Manufacturer": "Siemens",
    "ManufacturersModelName": "Skyra",
    "Modality": "MR",
    "ParallelReductionFactorInPlane": 2,
    "PartialFourier": 1,
    "PatientPosition": "HFS",
    "PercentPhaseFOV": 100,
    "PhaseEncodingDirection": "j-",
    "PhaseEncodingSteps": 64,
    "PhaseResolution": 1,
    "PixelBandwidth": 1445,
    "ProcedureStepDescription": "Turk-BrowneLab_Projects",
    "ProtocolName": "epi_3x3x4_1.5s_148TR",
    "PulseSequenceDetails": "%SiemensSeq%_ep2d_bold",
    "ReceiveCoilActiveElements": "HE1-4",
    "ReceiveCoilName": "HeadNeck_20",
    "ReconMatrixPE": 64,
    "RepetitionTime": 1.5,
    "SAR": 0.0786117,
    "ScanOptions": "FS",
    "ScanningSequence": "EP",
    "SequenceName": "_epfid2d1_64",
    "SequenceVariant": "SK",
    "SeriesDescription": "epi_3x3x4_1.5s_148TR",
    "SeriesNumber": 8,
    "ShimSetting": [
      3349,
      8666,
      9208,
      315,
      -31,
      110,
      255,
      139
    ],
    "SliceThickness": 4,
    "SliceTiming": [
      0.74,
      0,
      0.7975,
      0.0575,
      0.855,
      0.115,
      0.9125,
      0.1725,
      0.9675,
      0.2275,
      1.025,
      0.285,
      1.0825,
      0.3425,
      1.14,
      0.4,
      1.195,
      0.455,
      1.2525,
      0.5125,
      1.31,
      0.57,
      1.3675,
      0.6275,
      1.4225,
      0.6825
    ],
    "SoftwareVersions": "syngo_MR_D13",
    "SpacingBetweenSlices": 4,
    "StationName": "AWP45031",
    "TotalReadoutTime": 0.0245701,
    "TxRefAmp": 331.71,
    "dataset": "ds001430",
    "modality": "bold",
    "run_id": 4,
    "subject_id": "26",
    "task_id": "phase1"
  },
  "dummy_trs": 0,
  "dvars_nstd": 18.07857432986394,
  "dvars_std": 1.1440208958503397,
  "dvars_vstd": 0.9978762302040819,
  "efc": 0.5944485773003948,
  "fber": 1875.212646484375,
  "fd_mean": 0.0823208148535471,
  "fd_num": 3,
  "fd_perc": 2.027027027027027,
  "fwhm_avg": 1.7158036111111112,
  "fwhm_x": 1.6601833333333333,
  "fwhm_y": 1.8841,
  "fwhm_z": 1.6031275,
  "gcor": 0.0242164,
  "gsr_x": -0.013982981443405151,
  "gsr_y": 0.04930815100669861,
  "provenance": {
    "md5sum": "0e3afaec0f726319f568a044ae04988b",
    "settings": {
      "fd_thres": 0.2,
      "testing": false
    },
    "software": "mriqc",
    "version": "23.0.1",
    "webapi_port": null,
    "webapi_url": "https://mriqc.nimh.nih.gov/api/v1"
  },
  "size_t": 148,
  "size_x": 64,
  "size_y": 64,
  "size_z": 26,
  "snr": 7.490918832584302,
  "spacing_tr": 1.5,
  "spacing_x": 3.0,
  "spacing_y": 3.0,
  "spacing_z": 4.0,
  "summary_bg_k": 23.29118778287796,
  "summary_bg_mad": 12.592102650445758,
  "summary_bg_mean": 44.437808990478516,
  "summary_bg_median": 16.966217041015625,
  "summary_bg_n": 52499.0,
  "summary_bg_p05": 7.033783912658691,
  "summary_bg_p95": 174.5641998291015,
  "summary_bg_stdv": 77.29911804199219,
  "summary_fg_k": 2.8585839075723554,
  "summary_fg_mad": 92.42224969215553,
  "summary_fg_mean": 780.4514770507812,
  "summary_fg_median": 770.7196044921875,
  "summary_fg_n": 27076.0,
  "summary_fg_p05": 641.8614959716797,
  "summary_fg_p95": 953.4746704101562,
  "summary_fg_stdv": 102.88529205322266,
  "tsnr": 89.34362409461755
}