{
  "aor": 0.00036073089700996676,
  "aqi": 0.006908477774086379,
  "bids_meta": {
    "AcquisitionMatrixPE": 64,
    "AcquisitionNumber": 1,
    "AcquisitionTime": "13:28:35.060000",
    "BandwidthPerPixelPhaseEncode": 40.064,
    "BaseResolution": 64,
    "BodyPartExamined": "BRAIN",
    "ConsistencyInfo": "N4_VD13A_LATEST_20120616",
    "ConversionSoftware": "dcm2niix",
    "ConversionSoftwareVersion": "v1.0.20180518 GCC4.8.5",
    "DerivedVendorReportedEchoSpacing": 0.000780002,
    "DeviceSerialNumber": "45031",
    "DwellTime": 5.4e-06,
    "EchoTime": 0.028,
    "EchoTrainLength": 32,
    "EffectiveEchoSpacing": 0.000390001,
    "FlipAngle": 64,
    "ImageOrientationPatientDICOM": [
      0.998402,
      0.044639,
      -0.0346636,
      -0.0463674,
      0.997633,
      -0.0507717
    ],
    "ImageType": [
      "ORIGINAL",
      "PRIMARY",
      "M",
      "ND",
      "NORM",
      "MOSAIC"
    ],
    "InPlanePhaseEncodingDirectionDICOM": "COL",
    "InstitutionAddress": "Washington_and_Faculty_Rd._-_Building_25_25_Princeton_NJ_US_085",
    "InstitutionName": "Princeton_University_-_Neuroscience_Institute",
    "InstitutionalDepartmentName": "Department",
    "MRAcquisitionType": "2D",
    "MagneticFieldStrength": 3,
    "Manufacturer": "Siemens",
    "ManufacturersModelName": "Skyra",
    "Modality": "MR",
    "ParallelReductionFactorInPlane": 2,
    "PartialFourier": 1,
    "PatientPosition": "HFS",
    "PercentPhaseFOV": 100,
    "PhaseEncodingDirection": "j-",
    "PhaseEncodingSteps": 64,
    "PhaseResolution": 1,
    "PixelBandwidth": 1445,
    "ProcedureStepDescription": "Turk-BrowneLab_Projects",
    "ProtocolName": "epi_3x3x4_1.5s_302TR",
    "PulseSequenceDetails": "%SiemensSeq%_ep2d_bold",
    "ReceiveCoilActiveElements": "HE1-4",
    "ReceiveCoilName": "HeadNeck_20",
    "ReconMatrixPE": 64,
    "RepetitionTime": 1.5,
    "SAR": 0.0786135,
    "ScanOptions": "FS",
    "ScanningSequence": "EP",
    "SequenceName": "_epfid2d1_64",
    "SequenceVariant": "SK",
    "SeriesDescription": "epi_3x3x4_1.5s_302TR",
    "SeriesNumber": 9,
    "ShimSetting": [
      3349,
      8666,
      9208,
      315,
      -31,
      110,
      255,
      139
    ],
    "SliceThickness": 4,
    "SliceTiming": [
      0.74,
      0,
      0.7975,
      0.0575,
      0.855,
      0.115,
      0.9125,
      0.1725,
      0.97,
      0.23,
      1.025,
      0.285,
      1.0825,
      0.3425,
      1.14,
      0.4,
      1.1975,
      0.4575,
      1.2525,
      0.5125,
      1.31,
      0.57,
      1.3675,
      0.6275,
      1.425,
      0.685
    ],
    "SoftwareVersions": "syngo_MR_D13",
    "SpacingBetweenSlices": 4,
    "StationName": "AWP45031",
    "TotalReadoutTime": 0.0245701,
    "TxRefAmp": 331.71,
    "dataset": "ds001430",
    "modality": "bold",
    "run_id": 1,
    "subject_id": "26",
    "task_id": "phase2"
  },
  "dummy_trs": 1,
  "dvars_nstd": 17.185232807866665,
  "dvars_std": 1.1083993285666662,
  "dvars_vstd": 0.9760886522666681,
  "efc": 0.5950249289027035,
  "fber": 1802.58203125,
  "fd_mean": 0.07533331856693823,
  "fd_num": 0,
  "fd_perc": 0.0,
  "fwhm_avg": 1.7160644444444444,
  "fwhm_x": 1.6743666666666668,
  "fwhm_y": 1.8854066666666667,
  "fwhm_z": 1.58842,
  "gcor": 0.0123142,
  "gsr_x": -0.01406997349113226,
  "gsr_y": 0.05013806372880936,
  "provenance": {
    "md5sum": "8b49d1c7bd8dde800a79e40cb80f2e13",
    "settings": {
      "fd_thres": 0.2,
      "testing": false
    },
    "software": "mriqc",
    "version": "23.0.1",
    "webapi_port": null,
    "webapi_url": "https://mriqc.nimh.nih.gov/api/v1"
  },
  "size_t": 301,
  "size_x": 64,
  "size_y": 64,
  "size_z": 26,
  "snr": 7.472147514887046,
  "spacing_tr": 1.5,
  "spacing_x": 3.0,
  "spacing_y": 3.0,
  "spacing_z": 4.0,
  "summary_bg_k": 23.115704175598154,
  "summary_bg_mad": 13.102066708899594,
  "summary_bg_mean": 44.58140563964844,
  "summary_bg_median": 17.245847702026367,
  "summary_bg_n": 52533.0,
  "summary_bg_p05": 6.976744174957275,
  "summary_bg_p95": 175.95946655273423,
  "summary_bg_stdv": 76.88029479980469,
  "summary_fg_k": 2.7960748194013707,
  "summary_fg_mad": 91.47304583650279,
  "summary_fg_mean": 778.3764038085938,
  "summary_fg_median": 768.3587646484375,
  "summary_fg_n": 27087.0,
  "summary_fg_p05": 640.5036437988281,
  "summary_fg_p95": 949.1192443847656,
  "summary_fg_stdv": 102.82781219482422,
  "tsnr": 83.34838390443474
}