{
  "aor": 0.0006937750000000001,
  "aqi": 0.0047939856,
  "bids_meta": {
    "AcquisitionMatrixPE": 64,
    "AcquisitionNumber": 1,
    "AcquisitionTime": "17:10:46.967500",
    "BandwidthPerPixelPhaseEncode": 40.064,
    "BaseResolution": 64,
    "BodyPartExamined": "BRAIN",
    "ConsistencyInfo": "N4_VD13A_LATEST_20120616",
    "ConversionSoftware": "dcm2niix",
    "ConversionSoftwareVersion": "v1.0.20180518 GCC4.8.5",
    "DerivedVendorReportedEchoSpacing": 0.000780002,
    "DeviceSerialNumber": "45031",
    "DwellTime": 5.4e-06,
    "EchoTime": 0.028,
    "EchoTrainLength": 32,
    "EffectiveEchoSpacing": 0.000390001,
    "FlipAngle": 64,
    "ImageOrientationPatientDICOM": [
      0.999858,
      -0.0167079,
      -0.00194622,
      0.0167181,
      0.999846,
      0.00536246
    ],
    "ImageType": [
      "ORIGINAL",
      "PRIMARY",
      "M",
      "ND",
      "NORM",
      "MOSAIC"
    ],
    "InPlanePhaseEncodingDirectionDICOM": "COL",
    "InstitutionAddress": "Washington_and_Faculty_Rd._-_Building_25_25_Princeton_NJ_US_085",
    "InstitutionName": "Princeton_University_-_Neuroscience_Institute",
    "InstitutionalDepartmentName": "Department",
    "MRAcquisitionType": "2D",
    "MagneticFieldStrength": 3,
    "Manufacturer": "Siemens",
    "ManufacturersModelName": "Skyra",
    "Modality": "MR",
    "ParallelReductionFactorInPlane": 2,
    "PartialFourier": 1,
    "PatientPosition": "HFS",
    "PercentPhaseFOV": 100,
    "PhaseEncodingDirection": "j-",
    "PhaseEncodingSteps": 64,
    "PhaseResolution": 1,
    "PixelBandwidth": 1445,
    "ProcedureStepDescription": "Turk-BrowneLab_Projects",
    "ProtocolName": "epi_3x3x4_1.5s_400TR",
    "PulseSequenceDetails": "%SiemensSeq%_ep2d_bold",
    "ReceiveCoilActiveElements": "HE1-4",
    "ReceiveCoilName": "HeadNeck_20",
    "ReconMatrixPE": 64,
    "RepetitionTime": 1.5,
    "SAR": 0.0839722,
    "ScanOptions": "FS",
    "ScanningSequence": "EP",
    "SequenceName": "_epfid2d1_64",
    "SequenceVariant": "SK",
    "SeriesDescription": "epi_3x3x4_1.5s_400TR",
    "SeriesNumber": 10,
    "ShimSetting": [
      3341,
      8568,
      9111,
      335,
      -223,
      -270,
      817,
      198
    ],
    "SliceThickness": 4,
    "SliceTiming": [
      0.74,
      0,
      0.7975,
      0.0575,
      0.855,
      0.115,
      0.91,
      0.17,
      0.9675,
      0.2275,
      1.025,
      0.285,
      1.0825,
      0.3425,
      1.1375,
      0.3975,
      1.195,
      0.455,
      1.2525,
      0.5125,
      1.31,
      0.57,
      1.3675,
      0.6275,
      1.4225,
      0.6825
    ],
    "SoftwareVersions": "syngo_MR_D13",
    "SpacingBetweenSlices": 4,
    "StationName": "AWP45031",
    "TotalReadoutTime": 0.0245701,
    "TxRefAmp": 327.29,
    "dataset": "ds001430",
    "modality": "bold",
    "run_id": 1,
    "subject_id": "21",
    "task_id": "phase3"
  },
  "dummy_trs": 0,
  "dvars_nstd": 17.883072444586464,
  "dvars_std": 1.1743473099749373,
  "dvars_vstd": 1.0022241589974936,
  "efc": 0.613509154264481,
  "fber": 2172.96484375,
  "fd_mean": 0.07077837113992455,
  "fd_num": 1,
  "fd_perc": 0.25,
  "fwhm_avg": 1.6487325297897575,
  "fwhm_x": 1.6165399999999999,
  "fwhm_y": 1.83029,
  "fwhm_z": 1.4993675893692726,
  "gcor": 0.0199075,
  "gsr_x": 7.297485717572272e-05,
  "gsr_y": 0.04390067234635353,
  "provenance": {
    "md5sum": "71905a9379f88fefaa6030529db32221",
    "settings": {
      "fd_thres": 0.2,
      "testing": false
    },
    "software": "mriqc",
    "version": "23.0.1",
    "webapi_port": null,
    "webapi_url": "https://mriqc.nimh.nih.gov/api/v1"
  },
  "size_t": 400,
  "size_x": 64,
  "size_y": 64,
  "size_z": 26,
  "snr": 7.283522928238594,
  "spacing_tr": 1.5,
  "spacing_x": 3.0,
  "spacing_y": 3.0,
  "spacing_z": 3.999999761581421,
  "summary_bg_k": 18.38817197838965,
  "summary_bg_mad": 9.88154372978305,
  "summary_bg_mean": 39.539554595947266,
  "summary_bg_median": 15.244999885559082,
  "summary_bg_n": 48463.0,
  "summary_bg_p05": 6.875,
  "summary_bg_p95": 158.55774993896492,
  "summary_bg_stdv": 70.6107406616211,
  "summary_fg_k": 2.8592205317471135,
  "summary_fg_mad": 97.93698880966515,
  "summary_fg_mean": 758.125244140625,
  "summary_fg_median": 749.4974975585938,
  "summary_fg_n": 29645.0,
  "summary_fg_p05": 621.911474609375,
  "summary_fg_p95": 926.8099975585938,
  "summary_fg_stdv": 102.90142059326172,
  "tsnr": 90.93582741427235
}