{
  "aor": 0.0012708783783783781,
  "aqi": 0.004859049459459459,
  "bids_meta": {
    "AcquisitionMatrixPE": 64,
    "AcquisitionNumber": 1,
    "AcquisitionTime": "16:47:2.267500",
    "BandwidthPerPixelPhaseEncode": 40.064,
    "BaseResolution": 64,
    "BodyPartExamined": "BRAIN",
    "ConsistencyInfo": "N4_VD13A_LATEST_20120616",
    "ConversionSoftware": "dcm2niix",
    "ConversionSoftwareVersion": "v1.0.20180518 GCC4.8.5",
    "DerivedVendorReportedEchoSpacing": 0.000780002,
    "DeviceSerialNumber": "45031",
    "DwellTime": 5.4e-06,
    "EchoTime": 0.028,
    "EchoTrainLength": 32,
    "EffectiveEchoSpacing": 0.000390001,
    "FlipAngle": 64,
    "ImageOrientationPatientDICOM": [
      0.999858,
      -0.0167079,
      -0.00194622,
      0.0167181,
      0.999846,
      0.00536246
    ],
    "ImageType": [
      "ORIGINAL",
      "PRIMARY",
      "M",
      "ND",
      "NORM",
      "MOSAIC"
    ],
    "InPlanePhaseEncodingDirectionDICOM": "COL",
    "InstitutionAddress": "Washington_and_Faculty_Rd._-_Building_25_25_Princeton_NJ_US_085",
    "InstitutionName": "Princeton_University_-_Neuroscience_Institute",
    "InstitutionalDepartmentName": "Department",
    "MRAcquisitionType": "2D",
    "MagneticFieldStrength": 3,
    "Manufacturer": "Siemens",
    "ManufacturersModelName": "Skyra",
    "Modality": "MR",
    "ParallelReductionFactorInPlane": 2,
    "PartialFourier": 1,
    "PatientPosition": "HFS",
    "PercentPhaseFOV": 100,
    "PhaseEncodingDirection": "j-",
    "PhaseEncodingSteps": 64,
    "PhaseResolution": 1,
    "PixelBandwidth": 1445,
    "ProcedureStepDescription": "Turk-BrowneLab_Projects",
    "ProtocolName": "epi_3x3x4_1.5s_148TR",
    "PulseSequenceDetails": "%SiemensSeq%_ep2d_bold",
    "ReceiveCoilActiveElements": "HE1-4",
    "ReceiveCoilName": "HeadNeck_20",
    "ReconMatrixPE": 64,
    "RepetitionTime": 1.5,
    "SAR": 0.0839699,
    "ScanOptions": "FS",
    "ScanningSequence": "EP",
    "SequenceName": "_epfid2d1_64",
    "SequenceVariant": "SK",
    "SeriesDescription": "epi_3x3x4_1.5s_148TR",
    "SeriesNumber": 7,
    "ShimSetting": [
      3341,
      8568,
      9111,
      335,
      -223,
      -270,
      817,
      198
    ],
    "SliceThickness": 4,
    "SliceTiming": [
      0.74,
      0,
      0.7975,
      0.0575,
      0.8525,
      0.1125,
      0.91,
      0.17,
      0.9675,
      0.2275,
      1.025,
      0.285,
      1.0825,
      0.3425,
      1.1375,
      0.3975,
      1.195,
      0.455,
      1.2525,
      0.5125,
      1.31,
      0.57,
      1.365,
      0.625,
      1.4225,
      0.6825
    ],
    "SoftwareVersions": "syngo_MR_D13",
    "SpacingBetweenSlices": 4,
    "StationName": "AWP45031",
    "TotalReadoutTime": 0.0245701,
    "TxRefAmp": 327.29,
    "dataset": "ds001430",
    "modality": "bold",
    "run_id": 3,
    "subject_id": "21",
    "task_id": "phase1"
  },
  "dummy_trs": 0,
  "dvars_nstd": 24.188695933673475,
  "dvars_std": 1.3965300200680275,
  "dvars_vstd": 1.0115585625850338,
  "efc": 0.611957050644718,
  "fber": 2214.67529296875,
  "fd_mean": 0.07014371682590813,
  "fd_num": 0,
  "fd_perc": 0.0,
  "fwhm_avg": 1.647409474162428,
  "fwhm_x": 1.6140999999999999,
  "fwhm_y": 1.8323733333333332,
  "fwhm_z": 1.4957550891539506,
  "gcor": 0.0195678,
  "gsr_x": -0.0023346603848040104,
  "gsr_y": 0.043763794004917145,
  "provenance": {
    "md5sum": "9962a69874994f397875cb9c178d9d13",
    "settings": {
      "fd_thres": 0.2,
      "testing": false
    },
    "software": "mriqc",
    "version": "23.0.1",
    "webapi_port": null,
    "webapi_url": "https://mriqc.nimh.nih.gov/api/v1"
  },
  "size_t": 148,
  "size_x": 64,
  "size_y": 64,
  "size_z": 26,
  "snr": 7.276566307502326,
  "spacing_tr": 1.5,
  "spacing_x": 3.0,
  "spacing_y": 3.0,
  "spacing_z": 3.999999761581421,
  "summary_bg_k": 19.631336775239927,
  "summary_bg_mad": 9.697020144915504,
  "summary_bg_mean": 37.80364990234375,
  "summary_bg_median": 15.094594955444336,
  "summary_bg_n": 48456.0,
  "summary_bg_p05": 6.797297477722168,
  "summary_bg_p95": 149.64865112304688,
  "summary_bg_stdv": 66.28411102294922,
  "summary_fg_k": 2.8356380523644367,
  "summary_fg_mad": 97.63642342460861,
  "summary_fg_mean": 759.0863037109375,
  "summary_fg_median": 750.37841796875,
  "summary_fg_n": 29630.0,
  "summary_fg_p05": 621.9513763427734,
  "summary_fg_p95": 929.4098266601562,
  "summary_fg_stdv": 103.12085723876953,
  "tsnr": 97.01612093159929
}