{
  "aor": 0.000745981308411215,
  "aqi": 0.004245116261682242,
  "bids_meta": {
    "AcquisitionMatrixPE": 64,
    "AcquisitionNumber": 1,
    "AcquisitionTime": "17:39:6.377500",
    "BandwidthPerPixelPhaseEncode": 40.064,
    "BaseResolution": 64,
    "BodyPartExamined": "BRAIN",
    "ConsistencyInfo": "N4_VD13A_LATEST_20120616",
    "ConversionSoftware": "dcm2niix",
    "ConversionSoftwareVersion": "v1.0.20180518 GCC4.8.5",
    "DerivedVendorReportedEchoSpacing": 0.000780002,
    "DeviceSerialNumber": "45031",
    "DwellTime": 5.4e-06,
    "EchoTime": 0.028,
    "EchoTrainLength": 32,
    "EffectiveEchoSpacing": 0.000390001,
    "FlipAngle": 64,
    "ImageOrientationPatientDICOM": [
      0.999858,
      -0.0167079,
      -0.00194622,
      0.0167181,
      0.999846,
      0.00536246
    ],
    "ImageType": [
      "ORIGINAL",
      "PRIMARY",
      "M",
      "ND",
      "NORM",
      "MOSAIC"
    ],
    "InPlanePhaseEncodingDirectionDICOM": "COL",
    "InstitutionAddress": "Washington_and_Faculty_Rd._-_Building_25_25_Princeton_NJ_US_085",
    "InstitutionName": "Princeton_University_-_Neuroscience_Institute",
    "InstitutionalDepartmentName": "Department",
    "MRAcquisitionType": "2D",
    "MagneticFieldStrength": 3,
    "Manufacturer": "Siemens",
    "ManufacturersModelName": "Skyra",
    "Modality": "MR",
    "ParallelReductionFactorInPlane": 2,
    "PartialFourier": 1,
    "PatientPosition": "HFS",
    "PercentPhaseFOV": 100,
    "PhaseEncodingDirection": "j-",
    "PhaseEncodingSteps": 64,
    "PhaseResolution": 1,
    "PixelBandwidth": 1445,
    "ProcedureStepDescription": "Turk-BrowneLab_Projects",
    "ProtocolName": "epi_3x3x4_1.5s_216TR",
    "PulseSequenceDetails": "%SiemensSeq%_ep2d_bold",
    "ReceiveCoilActiveElements": "HE1-4",
    "ReceiveCoilName": "HeadNeck_20",
    "ReconMatrixPE": 64,
    "RepetitionTime": 1.5,
    "SAR": 0.083971,
    "ScanOptions": "FS",
    "ScanningSequence": "EP",
    "SequenceName": "_epfid2d1_64",
    "SequenceVariant": "SK",
    "SeriesDescription": "epi_3x3x4_1.5s_216TR",
    "SeriesNumber": 13,
    "ShimSetting": [
      3341,
      8568,
      9111,
      335,
      -223,
      -270,
      817,
      198
    ],
    "SliceThickness": 4,
    "SliceTiming": [
      0.74,
      0,
      0.7975,
      0.0575,
      0.855,
      0.115,
      0.9125,
      0.1725,
      0.9675,
      0.2275,
      1.025,
      0.285,
      1.0825,
      0.3425,
      1.14,
      0.4,
      1.1975,
      0.4575,
      1.2525,
      0.5125,
      1.31,
      0.57,
      1.3675,
      0.6275,
      1.425,
      0.685
    ],
    "SoftwareVersions": "syngo_MR_D13",
    "SpacingBetweenSlices": 4,
    "StationName": "AWP45031",
    "TotalReadoutTime": 0.0245701,
    "TxRefAmp": 327.29,
    "dataset": "ds001430",
    "modality": "bold",
    "run_id": 2,
    "subject_id": "21",
    "task_id": "loc"
  },
  "dummy_trs": 2,
  "dvars_nstd": 18.395410318403766,
  "dvars_std": 1.2127658923474178,
  "dvars_vstd": 1.0165928793896712,
  "efc": 0.6121206238568107,
  "fber": 2207.303955078125,
  "fd_mean": 0.06701223218651708,
  "fd_num": 0,
  "fd_perc": 0.0,
  "fwhm_avg": 1.66316086347903,
  "fwhm_x": 1.6219400000000002,
  "fwhm_y": 1.8502599999999998,
  "fwhm_z": 1.51728259043709,
  "gcor": 0.0069818,
  "gsr_x": 0.001513096154667437,
  "gsr_y": 0.04226607829332352,
  "provenance": {
    "md5sum": "650b69c85fdbf6f565c788d69c4ea73d",
    "settings": {
      "fd_thres": 0.2,
      "testing": false
    },
    "software": "mriqc",
    "version": "23.0.1",
    "webapi_port": null,
    "webapi_url": "https://mriqc.nimh.nih.gov/api/v1"
  },
  "size_t": 214,
  "size_x": 64,
  "size_y": 64,
  "size_z": 26,
  "snr": 7.247426726260465,
  "spacing_tr": 1.5,
  "spacing_x": 3.0,
  "spacing_y": 3.0,
  "spacing_z": 3.999999761581421,
  "summary_bg_k": 18.736094158597062,
  "summary_bg_mad": 9.830898541580524,
  "summary_bg_mean": 39.10906982421875,
  "summary_bg_median": 15.084111213684082,
  "summary_bg_n": 48606.0,
  "summary_bg_p05": 6.809579372406006,
  "summary_bg_p95": 153.44391632080078,
  "summary_bg_stdv": 69.8985824584961,
  "summary_fg_k": 2.771085425465526,
  "summary_fg_mad": 98.85637592758611,
  "summary_fg_mean": 757.5349731445312,
  "summary_fg_median": 749.2756958007812,
  "summary_fg_n": 29527.0,
  "summary_fg_p05": 620.1490478515625,
  "summary_fg_p95": 925.7060241699216,
  "summary_fg_stdv": 103.38331604003906,
  "tsnr": 96.34416901459917
}