{
  "aor": 0.0007422185430463577,
  "aqi": 0.0048468006622516555,
  "bids_meta": {
    "AcquisitionMatrixPE": 64,
    "AcquisitionNumber": 1,
    "AcquisitionTime": "16:57:15.955000",
    "BandwidthPerPixelPhaseEncode": 40.064,
    "BaseResolution": 64,
    "BodyPartExamined": "BRAIN",
    "ConsistencyInfo": "N4_VD13A_LATEST_20120616",
    "ConversionSoftware": "dcm2niix",
    "ConversionSoftwareVersion": "v1.0.20180518 GCC4.8.5",
    "DerivedVendorReportedEchoSpacing": 0.000780002,
    "DeviceSerialNumber": "45031",
    "DwellTime": 5.4e-06,
    "EchoTime": 0.028,
    "EchoTrainLength": 32,
    "EffectiveEchoSpacing": 0.000390001,
    "FlipAngle": 64,
    "ImageOrientationPatientDICOM": [
      0.999858,
      -0.0167079,
      -0.00194622,
      0.0167181,
      0.999846,
      0.00536246
    ],
    "ImageType": [
      "ORIGINAL",
      "PRIMARY",
      "M",
      "ND",
      "NORM",
      "MOSAIC"
    ],
    "InPlanePhaseEncodingDirectionDICOM": "COL",
    "InstitutionAddress": "Washington_and_Faculty_Rd._-_Building_25_25_Princeton_NJ_US_085",
    "InstitutionName": "Princeton_University_-_Neuroscience_Institute",
    "InstitutionalDepartmentName": "Department",
    "MRAcquisitionType": "2D",
    "MagneticFieldStrength": 3,
    "Manufacturer": "Siemens",
    "ManufacturersModelName": "Skyra",
    "Modality": "MR",
    "ParallelReductionFactorInPlane": 2,
    "PartialFourier": 1,
    "PatientPosition": "HFS",
    "PercentPhaseFOV": 100,
    "PhaseEncodingDirection": "j-",
    "PhaseEncodingSteps": 64,
    "PhaseResolution": 1,
    "PixelBandwidth": 1445,
    "ProcedureStepDescription": "Turk-BrowneLab_Projects",
    "ProtocolName": "epi_3x3x4_1.5s_302TR",
    "PulseSequenceDetails": "%SiemensSeq%_ep2d_bold",
    "ReceiveCoilActiveElements": "HE1-4",
    "ReceiveCoilName": "HeadNeck_20",
    "ReconMatrixPE": 64,
    "RepetitionTime": 1.5,
    "SAR": 0.0839717,
    "ScanOptions": "FS",
    "ScanningSequence": "EP",
    "SequenceName": "_epfid2d1_64",
    "SequenceVariant": "SK",
    "SeriesDescription": "epi_3x3x4_1.5s_302TR",
    "SeriesNumber": 9,
    "ShimSetting": [
      3341,
      8568,
      9111,
      335,
      -223,
      -270,
      817,
      198
    ],
    "SliceThickness": 4,
    "SliceTiming": [
      0.74,
      0,
      0.7975,
      0.0575,
      0.855,
      0.115,
      0.9125,
      0.1725,
      0.9675,
      0.2275,
      1.025,
      0.285,
      1.0825,
      0.3425,
      1.14,
      0.4,
      1.195,
      0.455,
      1.2525,
      0.5125,
      1.31,
      0.57,
      1.3675,
      0.6275,
      1.425,
      0.685
    ],
    "SoftwareVersions": "syngo_MR_D13",
    "SpacingBetweenSlices": 4,
    "StationName": "AWP45031",
    "TotalReadoutTime": 0.0245701,
    "TxRefAmp": 327.29,
    "dataset": "ds001430",
    "modality": "bold",
    "run_id": 1,
    "subject_id": "21",
    "task_id": "phase2"
  },
  "dummy_trs": 0,
  "dvars_nstd": 23.282128495315618,
  "dvars_std": 1.377842456943522,
  "dvars_vstd": 1.0126600504318932,
  "efc": 0.61249940797221,
  "fber": 2201.314453125,
  "fd_mean": 0.07260446779712111,
  "fd_num": 1,
  "fd_perc": 0.33112582781456956,
  "fwhm_avg": 1.645353363093338,
  "fwhm_x": 1.6088333333333333,
  "fwhm_y": 1.8293566666666665,
  "fwhm_z": 1.4978700892800145,
  "gcor": 0.0156347,
  "gsr_x": -0.0015063376631587744,
  "gsr_y": 0.04348547011613846,
  "provenance": {
    "md5sum": "b4dc89ce6497010dfa34794421d550b3",
    "settings": {
      "fd_thres": 0.2,
      "testing": false
    },
    "software": "mriqc",
    "version": "23.0.1",
    "webapi_port": null,
    "webapi_url": "https://mriqc.nimh.nih.gov/api/v1"
  },
  "size_t": 302,
  "size_x": 64,
  "size_y": 64,
  "size_z": 26,
  "snr": 7.291416587940977,
  "spacing_tr": 1.5,
  "spacing_x": 3.0,
  "spacing_y": 3.0,
  "spacing_z": 3.999999761581421,
  "summary_bg_k": 19.09378884488025,
  "summary_bg_mad": 9.730190700074253,
  "summary_bg_mean": 38.20862579345703,
  "summary_bg_median": 15.052980422973633,
  "summary_bg_n": 48442.0,
  "summary_bg_p05": 6.768211841583252,
  "summary_bg_p95": 151.63261184692345,
  "summary_bg_stdv": 67.39398193359375,
  "summary_fg_k": 2.849083720781822,
  "summary_fg_mad": 97.28219696072067,
  "summary_fg_mean": 758.0477294921875,
  "summary_fg_median": 749.1655883789062,
  "summary_fg_n": 29629.0,
  "summary_fg_p05": 621.7046264648437,
  "summary_fg_p95": 927.8715087890624,
  "summary_fg_stdv": 102.74449920654297,
  "tsnr": 94.80286400718614
}