{
  "aor": 0.0008534722222222223,
  "aqi": 0.0042750345833333335,
  "bids_meta": {
    "AcquisitionMatrixPE": 64,
    "AcquisitionNumber": 1,
    "AcquisitionTime": "17:45:10.260000",
    "BandwidthPerPixelPhaseEncode": 40.064,
    "BaseResolution": 64,
    "BodyPartExamined": "BRAIN",
    "ConsistencyInfo": "N4_VD13A_LATEST_20120616",
    "ConversionSoftware": "dcm2niix",
    "ConversionSoftwareVersion": "v1.0.20180518 GCC4.8.5",
    "DerivedVendorReportedEchoSpacing": 0.000780002,
    "DeviceSerialNumber": "45031",
    "DwellTime": 5.4e-06,
    "EchoTime": 0.028,
    "EchoTrainLength": 32,
    "EffectiveEchoSpacing": 0.000390001,
    "FlipAngle": 64,
    "ImageOrientationPatientDICOM": [
      0.999858,
      -0.0167079,
      -0.00194622,
      0.0167181,
      0.999846,
      0.00536246
    ],
    "ImageType": [
      "ORIGINAL",
      "PRIMARY",
      "M",
      "ND",
      "NORM",
      "MOSAIC"
    ],
    "InPlanePhaseEncodingDirectionDICOM": "COL",
    "InstitutionAddress": "Washington_and_Faculty_Rd._-_Building_25_25_Princeton_NJ_US_085",
    "InstitutionName": "Princeton_University_-_Neuroscience_Institute",
    "InstitutionalDepartmentName": "Department",
    "MRAcquisitionType": "2D",
    "MagneticFieldStrength": 3,
    "Manufacturer": "Siemens",
    "ManufacturersModelName": "Skyra",
    "Modality": "MR",
    "ParallelReductionFactorInPlane": 2,
    "PartialFourier": 1,
    "PatientPosition": "HFS",
    "PercentPhaseFOV": 100,
    "PhaseEncodingDirection": "j-",
    "PhaseEncodingSteps": 64,
    "PhaseResolution": 1,
    "PixelBandwidth": 1445,
    "ProcedureStepDescription": "Turk-BrowneLab_Projects",
    "ProtocolName": "epi_3x3x4_1.5s_216TR",
    "PulseSequenceDetails": "%SiemensSeq%_ep2d_bold",
    "ReceiveCoilActiveElements": "HE1-4",
    "ReceiveCoilName": "HeadNeck_20",
    "ReconMatrixPE": 64,
    "RepetitionTime": 1.5,
    "SAR": 0.083971,
    "ScanOptions": "FS",
    "ScanningSequence": "EP",
    "SequenceName": "_epfid2d1_64",
    "SequenceVariant": "SK",
    "SeriesDescription": "epi_3x3x4_1.5s_216TR",
    "SeriesNumber": 14,
    "ShimSetting": [
      3341,
      8568,
      9111,
      335,
      -223,
      -270,
      817,
      198
    ],
    "SliceThickness": 4,
    "SliceTiming": [
      0.74,
      0,
      0.7975,
      0.0575,
      0.8525,
      0.1125,
      0.91,
      0.17,
      0.9675,
      0.2275,
      1.025,
      0.285,
      1.08,
      0.3425,
      1.1375,
      0.3975,
      1.195,
      0.455,
      1.2525,
      0.5125,
      1.31,
      0.57,
      1.365,
      0.625,
      1.4225,
      0.6825
    ],
    "SoftwareVersions": "syngo_MR_D13",
    "SpacingBetweenSlices": 4,
    "StationName": "AWP45031",
    "TotalReadoutTime": 0.0245701,
    "TxRefAmp": 327.29,
    "dataset": "ds001430",
    "modality": "bold",
    "run_id": 3,
    "subject_id": "21",
    "task_id": "loc"
  },
  "dummy_trs": 0,
  "dvars_nstd": 18.51878001655815,
  "dvars_std": 1.2026308219069766,
  "dvars_vstd": 1.0075811272558137,
  "efc": 0.61263868109432,
  "fber": 2190.34912109375,
  "fd_mean": 0.06736868729568135,
  "fd_num": 0,
  "fd_perc": 0.0,
  "fwhm_avg": 1.664954752330666,
  "fwhm_x": 1.6237566666666667,
  "fwhm_y": 1.8557,
  "fwhm_z": 1.5154075903253312,
  "gcor": 0.00812222,
  "gsr_x": 0.0016070163110271096,
  "gsr_y": 0.04259628802537918,
  "provenance": {
    "md5sum": "6e595fee10818c38b4e8527d58ccf587",
    "settings": {
      "fd_thres": 0.2,
      "testing": false
    },
    "software": "mriqc",
    "version": "23.0.1",
    "webapi_port": null,
    "webapi_url": "https://mriqc.nimh.nih.gov/api/v1"
  },
  "size_t": 216,
  "size_x": 64,
  "size_y": 64,
  "size_z": 26,
  "snr": 7.240012374118286,
  "spacing_tr": 1.5,
  "spacing_x": 3.0,
  "spacing_y": 3.0,
  "spacing_z": 3.999999761581421,
  "summary_bg_k": 18.50239149205307,
  "summary_bg_mad": 9.835968857471372,
  "summary_bg_mean": 39.44047546386719,
  "summary_bg_median": 15.111111640930176,
  "summary_bg_n": 48569.0,
  "summary_bg_p05": 6.796296119689941,
  "summary_bg_p95": 155.51388549804688,
  "summary_bg_stdv": 70.57917022705078,
  "summary_fg_k": 2.7653216210497824,
  "summary_fg_mad": 98.76461819751015,
  "summary_fg_mean": 757.6307983398438,
  "summary_fg_median": 749.0,
  "summary_fg_n": 29541.0,
  "summary_fg_p05": 620.1527709960938,
  "summary_fg_p95": 925.8240966796875,
  "summary_fg_stdv": 103.45111083984375,
  "tsnr": 96.61687798239291
}