{
  "aor": 0.0008897260273972604,
  "aqi": 0.00416724595890411,
  "bids_meta": {
    "AcquisitionMatrixPE": 64,
    "AcquisitionNumber": 1,
    "AcquisitionTime": "14:49:30.470000",
    "BandwidthPerPixelPhaseEncode": 40.064,
    "BaseResolution": 64,
    "BodyPartExamined": "BRAIN",
    "ConsistencyInfo": "N4_VD13A_LATEST_20120616",
    "ConversionSoftware": "dcm2niix",
    "ConversionSoftwareVersion": "v1.0.20180518 GCC4.8.5",
    "DerivedVendorReportedEchoSpacing": 0.000780002,
    "DeviceSerialNumber": "45031",
    "DwellTime": 5.4e-06,
    "EchoTime": 0.028,
    "EchoTrainLength": 32,
    "EffectiveEchoSpacing": 0.000390001,
    "FlipAngle": 64,
    "ImageOrientationPatientDICOM": [
      0.9989,
      0.0319849,
      0.0342979,
      -0.0358812,
      0.992153,
      0.119767
    ],
    "ImageType": [
      "ORIGINAL",
      "PRIMARY",
      "M",
      "ND",
      "NORM",
      "MOSAIC"
    ],
    "InPlanePhaseEncodingDirectionDICOM": "COL",
    "InstitutionAddress": "Washington_and_Faculty_Rd._-_Building_25_25_Princeton_NJ_US_085",
    "InstitutionName": "Princeton_University_-_Neuroscience_Institute",
    "InstitutionalDepartmentName": "Department",
    "MRAcquisitionType": "2D",
    "MagneticFieldStrength": 3,
    "Manufacturer": "Siemens",
    "ManufacturersModelName": "Skyra",
    "Modality": "MR",
    "ParallelReductionFactorInPlane": 2,
    "PartialFourier": 1,
    "PatientPosition": "HFS",
    "PercentPhaseFOV": 100,
    "PhaseEncodingDirection": "j-",
    "PhaseEncodingSteps": 64,
    "PhaseResolution": 1,
    "PixelBandwidth": 1445,
    "ProcedureStepDescription": "Turk-BrowneLab_Projects",
    "ProtocolName": "epi_3x3x4_1.5s_148TR",
    "PulseSequenceDetails": "%SiemensSeq%_ep2d_bold",
    "ReceiveCoilActiveElements": "HE1-4",
    "ReceiveCoilName": "HeadNeck_20",
    "ReconMatrixPE": 64,
    "RepetitionTime": 1.5,
    "SAR": 0.0866985,
    "ScanOptions": "FS",
    "ScanningSequence": "EP",
    "SequenceName": "_epfid2d1_64",
    "SequenceVariant": "SK",
    "SeriesDescription": "epi_3x3x4_1.5s_148TR",
    "SeriesNumber": 5,
    "ShimSetting": [
      3380,
      8554,
      9320,
      518,
      83,
      -267,
      558,
      70
    ],
    "SliceThickness": 4,
    "SliceTiming": [
      0.74,
      0,
      0.7975,
      0.0575,
      0.855,
      0.115,
      0.9125,
      0.1725,
      0.9675,
      0.2275,
      1.025,
      0.285,
      1.0825,
      0.3425,
      1.14,
      0.4,
      1.1975,
      0.4575,
      1.2525,
      0.5125,
      1.31,
      0.57,
      1.3675,
      0.6275,
      1.425,
      0.685
    ],
    "SoftwareVersions": "syngo_MR_D13",
    "SpacingBetweenSlices": 4,
    "StationName": "AWP45031",
    "TotalReadoutTime": 0.0245701,
    "TxRefAmp": 328.782,
    "dataset": "ds001430",
    "modality": "bold",
    "run_id": 1,
    "subject_id": "27",
    "task_id": "phase1"
  },
  "dummy_trs": 2,
  "dvars_nstd": 19.0019977835862,
  "dvars_std": 1.264038178413794,
  "dvars_vstd": 1.020809475793103,
  "efc": 0.5846913802653458,
  "fber": 2661.448486328125,
  "fd_mean": 0.0972088231353129,
  "fd_num": 1,
  "fd_perc": 0.684931506849315,
  "fwhm_avg": 1.6889869444444443,
  "fwhm_x": 1.6424866666666667,
  "fwhm_y": 1.9311566666666666,
  "fwhm_z": 1.4933175,
  "gcor": 0.0140284,
  "gsr_x": -0.006823832634836435,
  "gsr_y": 0.03816282004117966,
  "provenance": {
    "md5sum": "16e958a3a8a5348c781cc5a78ea188fa",
    "settings": {
      "fd_thres": 0.2,
      "testing": false
    },
    "software": "mriqc",
    "version": "23.0.1",
    "webapi_port": null,
    "webapi_url": "https://mriqc.nimh.nih.gov/api/v1"
  },
  "size_t": 146,
  "size_x": 64,
  "size_y": 64,
  "size_z": 26,
  "snr": 7.564224418264514,
  "spacing_tr": 1.5,
  "spacing_x": 3.0,
  "spacing_y": 3.0,
  "spacing_z": 4.0,
  "summary_bg_k": 21.941730101442854,
  "summary_bg_mad": 9.41350945876454,
  "summary_bg_mean": 35.16105270385742,
  "summary_bg_median": 14.445205688476562,
  "summary_bg_n": 51926.0,
  "summary_bg_p05": 6.486301422119141,
  "summary_bg_p95": 133.43150329589844,
  "summary_bg_stdv": 58.095333099365234,
  "summary_fg_k": 3.6084189174515195,
  "summary_fg_mad": 93.44963764917478,
  "summary_fg_mean": 790.7518310546875,
  "summary_fg_median": 783.8287353515625,
  "summary_fg_n": 26730.0,
  "summary_fg_p05": 648.9315185546875,
  "summary_fg_p95": 954.3873046875,
  "summary_fg_stdv": 103.62120819091797,
  "tsnr": 101.80670918803662
}