{
  "aor": 0.0008169907407407408,
  "aqi": 0.005050972222222222,
  "bids_meta": {
    "AcquisitionMatrixPE": 64,
    "AcquisitionNumber": 1,
    "AcquisitionTime": "15:49:38.302500",
    "BandwidthPerPixelPhaseEncode": 40.064,
    "BaseResolution": 64,
    "BodyPartExamined": "BRAIN",
    "ConsistencyInfo": "N4_VD13A_LATEST_20120616",
    "ConversionSoftware": "dcm2niix",
    "ConversionSoftwareVersion": "v1.0.20180518 GCC4.8.5",
    "DerivedVendorReportedEchoSpacing": 0.000780002,
    "DeviceSerialNumber": "45031",
    "DwellTime": 5.4e-06,
    "EchoTime": 0.028,
    "EchoTrainLength": 32,
    "EffectiveEchoSpacing": 0.000390001,
    "FlipAngle": 64,
    "ImageOrientationPatientDICOM": [
      0.9989,
      0.0319849,
      0.0342979,
      -0.0358812,
      0.992153,
      0.119767
    ],
    "ImageType": [
      "ORIGINAL",
      "PRIMARY",
      "M",
      "ND",
      "NORM",
      "MOSAIC"
    ],
    "InPlanePhaseEncodingDirectionDICOM": "COL",
    "InstitutionAddress": "Washington_and_Faculty_Rd._-_Building_25_25_Princeton_NJ_US_085",
    "InstitutionName": "Princeton_University_-_Neuroscience_Institute",
    "InstitutionalDepartmentName": "Department",
    "MRAcquisitionType": "2D",
    "MagneticFieldStrength": 3,
    "Manufacturer": "Siemens",
    "ManufacturersModelName": "Skyra",
    "Modality": "MR",
    "ParallelReductionFactorInPlane": 2,
    "PartialFourier": 1,
    "PatientPosition": "HFS",
    "PercentPhaseFOV": 100,
    "PhaseEncodingDirection": "j-",
    "PhaseEncodingSteps": 64,
    "PhaseResolution": 1,
    "PixelBandwidth": 1445,
    "ProcedureStepDescription": "Turk-BrowneLab_Projects",
    "ProtocolName": "epi_3x3x4_1.5s_216TR",
    "PulseSequenceDetails": "%SiemensSeq%_ep2d_bold",
    "ReceiveCoilActiveElements": "HE1-4",
    "ReceiveCoilName": "HeadNeck_20",
    "ReconMatrixPE": 64,
    "RepetitionTime": 1.5,
    "SAR": 0.0866997,
    "ScanOptions": "FS",
    "ScanningSequence": "EP",
    "SequenceName": "_epfid2d1_64",
    "SequenceVariant": "SK",
    "SeriesDescription": "epi_3x3x4_1.5s_216TR",
    "SeriesNumber": 13,
    "ShimSetting": [
      3380,
      8554,
      9320,
      518,
      83,
      -267,
      558,
      70
    ],
    "SliceThickness": 4,
    "SliceTiming": [
      0.74,
      0,
      0.795,
      0.055,
      0.8525,
      0.1125,
      0.91,
      0.17,
      0.9675,
      0.2275,
      1.025,
      0.285,
      1.08,
      0.34,
      1.1375,
      0.3975,
      1.195,
      0.455,
      1.2525,
      0.5125,
      1.3075,
      0.5675,
      1.365,
      0.625,
      1.4225,
      0.6825
    ],
    "SoftwareVersions": "syngo_MR_D13",
    "SpacingBetweenSlices": 4,
    "StationName": "AWP45031",
    "TotalReadoutTime": 0.0245701,
    "TxRefAmp": 328.782,
    "dataset": "ds001430",
    "modality": "bold",
    "run_id": 2,
    "subject_id": "27",
    "task_id": "loc"
  },
  "dummy_trs": 0,
  "dvars_nstd": 18.9884507200465,
  "dvars_std": 1.2304587829767444,
  "dvars_vstd": 0.9993238122790699,
  "efc": 0.5796202229230759,
  "fber": 2851.38330078125,
  "fd_mean": 0.09527081000785716,
  "fd_num": 1,
  "fd_perc": 0.46296296296296297,
  "fwhm_avg": 1.72657,
  "fwhm_x": 1.6439199999999998,
  "fwhm_y": 1.96215,
  "fwhm_z": 1.57364,
  "gcor": 0.0194824,
  "gsr_x": -0.0002462040865793824,
  "gsr_y": 0.0479293167591095,
  "provenance": {
    "md5sum": "b98067503cec0057324e53c6d546801f",
    "settings": {
      "fd_thres": 0.2,
      "testing": false
    },
    "software": "mriqc",
    "version": "23.0.1",
    "webapi_port": null,
    "webapi_url": "https://mriqc.nimh.nih.gov/api/v1"
  },
  "size_t": 216,
  "size_x": 64,
  "size_y": 64,
  "size_z": 26,
  "snr": 7.627854659777822,
  "spacing_tr": 1.5,
  "spacing_x": 3.0,
  "spacing_y": 3.0,
  "spacing_z": 4.0,
  "summary_bg_k": 22.66582920774418,
  "summary_bg_mad": 9.08093929530664,
  "summary_bg_mean": 35.71860122680664,
  "summary_bg_median": 14.041666984558105,
  "summary_bg_n": 52445.0,
  "summary_bg_p05": 6.351851940155029,
  "summary_bg_p95": 134.03518981933578,
  "summary_bg_stdv": 61.756351470947266,
  "summary_fg_k": 3.1342606951753433,
  "summary_fg_mad": 95.10964719491307,
  "summary_fg_mean": 793.0675659179688,
  "summary_fg_median": 786.86572265625,
  "summary_fg_n": 26186.0,
  "summary_fg_p05": 649.3067016601562,
  "summary_fg_p95": 955.7985992431641,
  "summary_fg_stdv": 103.15491485595703,
  "tsnr": 89.613682331983
}