{
  "aor": 0.0010968055555555555,
  "aqi": 0.0051648147222222215,
  "bids_meta": {
    "AcquisitionMatrixPE": 64,
    "AcquisitionNumber": 1,
    "AcquisitionTime": "15:55:52.752500",
    "BandwidthPerPixelPhaseEncode": 40.064,
    "BaseResolution": 64,
    "BodyPartExamined": "BRAIN",
    "ConsistencyInfo": "N4_VD13A_LATEST_20120616",
    "ConversionSoftware": "dcm2niix",
    "ConversionSoftwareVersion": "v1.0.20180518 GCC4.8.5",
    "DerivedVendorReportedEchoSpacing": 0.000780002,
    "DeviceSerialNumber": "45031",
    "DwellTime": 5.4e-06,
    "EchoTime": 0.028,
    "EchoTrainLength": 32,
    "EffectiveEchoSpacing": 0.000390001,
    "FlipAngle": 64,
    "ImageOrientationPatientDICOM": [
      0.9989,
      0.0319849,
      0.0342979,
      -0.0358812,
      0.992153,
      0.119767
    ],
    "ImageType": [
      "ORIGINAL",
      "PRIMARY",
      "M",
      "ND",
      "NORM",
      "MOSAIC"
    ],
    "InPlanePhaseEncodingDirectionDICOM": "COL",
    "InstitutionAddress": "Washington_and_Faculty_Rd._-_Building_25_25_Princeton_NJ_US_085",
    "InstitutionName": "Princeton_University_-_Neuroscience_Institute",
    "InstitutionalDepartmentName": "Department",
    "MRAcquisitionType": "2D",
    "MagneticFieldStrength": 3,
    "Manufacturer": "Siemens",
    "ManufacturersModelName": "Skyra",
    "Modality": "MR",
    "ParallelReductionFactorInPlane": 2,
    "PartialFourier": 1,
    "PatientPosition": "HFS",
    "PercentPhaseFOV": 100,
    "PhaseEncodingDirection": "j-",
    "PhaseEncodingSteps": 64,
    "PhaseResolution": 1,
    "PixelBandwidth": 1445,
    "ProcedureStepDescription": "Turk-BrowneLab_Projects",
    "ProtocolName": "epi_3x3x4_1.5s_216TR",
    "PulseSequenceDetails": "%SiemensSeq%_ep2d_bold",
    "ReceiveCoilActiveElements": "HE1-4",
    "ReceiveCoilName": "HeadNeck_20",
    "ReconMatrixPE": 64,
    "RepetitionTime": 1.5,
    "SAR": 0.0866997,
    "ScanOptions": "FS",
    "ScanningSequence": "EP",
    "SequenceName": "_epfid2d1_64",
    "SequenceVariant": "SK",
    "SeriesDescription": "epi_3x3x4_1.5s_216TR",
    "SeriesNumber": 14,
    "ShimSetting": [
      3380,
      8554,
      9320,
      518,
      83,
      -267,
      558,
      70
    ],
    "SliceThickness": 4,
    "SliceTiming": [
      0.74,
      0,
      0.7975,
      0.0575,
      0.855,
      0.115,
      0.9125,
      0.1725,
      0.9675,
      0.2275,
      1.025,
      0.285,
      1.0825,
      0.3425,
      1.14,
      0.4,
      1.1975,
      0.4575,
      1.2525,
      0.5125,
      1.31,
      0.57,
      1.3675,
      0.6275,
      1.425,
      0.685
    ],
    "SoftwareVersions": "syngo_MR_D13",
    "SpacingBetweenSlices": 4,
    "StationName": "AWP45031",
    "TotalReadoutTime": 0.0245701,
    "TxRefAmp": 328.782,
    "dataset": "ds001430",
    "modality": "bold",
    "run_id": 3,
    "subject_id": "27",
    "task_id": "loc"
  },
  "dummy_trs": 0,
  "dvars_nstd": 19.263698418279066,
  "dvars_std": 1.2322656777209295,
  "dvars_vstd": 1.005633495581395,
  "efc": 0.5800245996864362,
  "fber": 2811.296142578125,
  "fd_mean": 0.1016427798805947,
  "fd_num": 5,
  "fd_perc": 2.314814814814815,
  "fwhm_avg": 1.7290419444444443,
  "fwhm_x": 1.6515733333333333,
  "fwhm_y": 1.96348,
  "fwhm_z": 1.5720725,
  "gcor": 0.0269422,
  "gsr_x": -0.0008341031498275697,
  "gsr_y": 0.04799802228808403,
  "provenance": {
    "md5sum": "5049db3725cdfe7b8961235cd77296b5",
    "settings": {
      "fd_thres": 0.2,
      "testing": false
    },
    "software": "mriqc",
    "version": "23.0.1",
    "webapi_port": null,
    "webapi_url": "https://mriqc.nimh.nih.gov/api/v1"
  },
  "size_t": 216,
  "size_x": 64,
  "size_y": 64,
  "size_z": 26,
  "snr": 7.610828191874359,
  "spacing_tr": 1.5,
  "spacing_x": 3.0,
  "spacing_y": 3.0,
  "spacing_z": 4.0,
  "summary_bg_k": 22.601829082528536,
  "summary_bg_mad": 9.204489008875555,
  "summary_bg_mean": 35.9848747253418,
  "summary_bg_median": 14.13888931274414,
  "summary_bg_n": 52430.0,
  "summary_bg_p05": 6.412036895751953,
  "summary_bg_p95": 135.0997718811035,
  "summary_bg_stdv": 62.15853500366211,
  "summary_fg_k": 3.080690743060744,
  "summary_fg_mad": 95.24343792855933,
  "summary_fg_mean": 792.6422729492188,
  "summary_fg_median": 786.5,
  "summary_fg_n": 26142.0,
  "summary_fg_p05": 648.7703460693359,
  "summary_fg_p95": 956.3606811523438,
  "summary_fg_stdv": 103.33763122558594,
  "tsnr": 88.53093318687752
}