{
  "aor": 0.0007624489795918368,
  "aqi": 0.004003971904761904,
  "bids_meta": {
    "AcquisitionMatrixPE": 64,
    "AcquisitionNumber": 1,
    "AcquisitionTime": "14:58:13.387500",
    "BandwidthPerPixelPhaseEncode": 40.064,
    "BaseResolution": 64,
    "BodyPartExamined": "BRAIN",
    "ConsistencyInfo": "N4_VD13A_LATEST_20120616",
    "ConversionSoftware": "dcm2niix",
    "ConversionSoftwareVersion": "v1.0.20180518 GCC4.8.5",
    "DerivedVendorReportedEchoSpacing": 0.000780002,
    "DeviceSerialNumber": "45031",
    "DwellTime": 5.4e-06,
    "EchoTime": 0.028,
    "EchoTrainLength": 32,
    "EffectiveEchoSpacing": 0.000390001,
    "FlipAngle": 64,
    "ImageOrientationPatientDICOM": [
      0.9989,
      0.0319849,
      0.0342979,
      -0.0358812,
      0.992153,
      0.119767
    ],
    "ImageType": [
      "ORIGINAL",
      "PRIMARY",
      "M",
      "ND",
      "NORM",
      "MOSAIC"
    ],
    "InPlanePhaseEncodingDirectionDICOM": "COL",
    "InstitutionAddress": "Washington_and_Faculty_Rd._-_Building_25_25_Princeton_NJ_US_085",
    "InstitutionName": "Princeton_University_-_Neuroscience_Institute",
    "InstitutionalDepartmentName": "Department",
    "MRAcquisitionType": "2D",
    "MagneticFieldStrength": 3,
    "Manufacturer": "Siemens",
    "ManufacturersModelName": "Skyra",
    "Modality": "MR",
    "ParallelReductionFactorInPlane": 2,
    "PartialFourier": 1,
    "PatientPosition": "HFS",
    "PercentPhaseFOV": 100,
    "PhaseEncodingDirection": "j-",
    "PhaseEncodingSteps": 64,
    "PhaseResolution": 1,
    "PixelBandwidth": 1445,
    "ProcedureStepDescription": "Turk-BrowneLab_Projects",
    "ProtocolName": "epi_3x3x4_1.5s_148TR",
    "PulseSequenceDetails": "%SiemensSeq%_ep2d_bold",
    "ReceiveCoilActiveElements": "HE1-4",
    "ReceiveCoilName": "HeadNeck_20",
    "ReconMatrixPE": 64,
    "RepetitionTime": 1.5,
    "SAR": 0.0866985,
    "ScanOptions": "FS",
    "ScanningSequence": "EP",
    "SequenceName": "_epfid2d1_64",
    "SequenceVariant": "SK",
    "SeriesDescription": "epi_3x3x4_1.5s_148TR",
    "SeriesNumber": 7,
    "ShimSetting": [
      3380,
      8554,
      9320,
      518,
      83,
      -267,
      558,
      70
    ],
    "SliceThickness": 4,
    "SliceTiming": [
      0.74,
      0,
      0.7975,
      0.0575,
      0.855,
      0.115,
      0.91,
      0.17,
      0.9675,
      0.2275,
      1.025,
      0.285,
      1.0825,
      0.3425,
      1.1375,
      0.3975,
      1.195,
      0.455,
      1.2525,
      0.5125,
      1.31,
      0.57,
      1.365,
      0.625,
      1.4225,
      0.6825
    ],
    "SoftwareVersions": "syngo_MR_D13",
    "SpacingBetweenSlices": 4,
    "StationName": "AWP45031",
    "TotalReadoutTime": 0.0245701,
    "TxRefAmp": 328.782,
    "dataset": "ds001430",
    "modality": "bold",
    "run_id": 3,
    "subject_id": "27",
    "task_id": "phase1"
  },
  "dummy_trs": 1,
  "dvars_nstd": 18.752031574589044,
  "dvars_std": 1.2401137786986294,
  "dvars_vstd": 1.0113670226027398,
  "efc": 0.585894040835806,
  "fber": 2595.23779296875,
  "fd_mean": 0.09725942633763694,
  "fd_num": 1,
  "fd_perc": 0.6802721088435374,
  "fwhm_avg": 1.6911525,
  "fwhm_x": 1.6370566666666668,
  "fwhm_y": 1.9424333333333335,
  "fwhm_z": 1.4939675,
  "gcor": 0.0135932,
  "gsr_x": -0.006623649969696999,
  "gsr_y": 0.038969025015830994,
  "provenance": {
    "md5sum": "0c0402cf40d3c3d572a1cd4a2c5e12ae",
    "settings": {
      "fd_thres": 0.2,
      "testing": false
    },
    "software": "mriqc",
    "version": "23.0.1",
    "webapi_port": null,
    "webapi_url": "https://mriqc.nimh.nih.gov/api/v1"
  },
  "size_t": 147,
  "size_x": 64,
  "size_y": 64,
  "size_z": 26,
  "snr": 7.573349620040003,
  "spacing_tr": 1.5,
  "spacing_x": 3.0,
  "spacing_y": 3.0,
  "spacing_z": 4.0,
  "summary_bg_k": 21.90666584886239,
  "summary_bg_mad": 9.67221433844896,
  "summary_bg_mean": 35.95090103149414,
  "summary_bg_median": 14.619047164916992,
  "summary_bg_n": 51894.0,
  "summary_bg_p05": 6.530611991882324,
  "summary_bg_p95": 136.70101852416988,
  "summary_bg_stdv": 59.740753173828125,
  "summary_fg_k": 3.763930779665796,
  "summary_fg_mad": 93.16187672053417,
  "summary_fg_mean": 791.6915283203125,
  "summary_fg_median": 785.1156005859375,
  "summary_fg_n": 26785.0,
  "summary_fg_p05": 650.4789184570312,
  "summary_fg_p95": 955.0639404296875,
  "summary_fg_stdv": 103.66627502441406,
  "tsnr": 103.38273160159588
}