{
  "aor": 0.0014524324324324323,
  "aqi": 0.0067036775000000005,
  "bids_meta": {
    "AcquisitionMatrixPE": 64,
    "AcquisitionNumber": 1,
    "AcquisitionTime": "12:42:48.385000",
    "BandwidthPerPixelPhaseEncode": 40.064,
    "BaseResolution": 64,
    "BodyPartExamined": "BRAIN",
    "ConsistencyInfo": "N4_VD13A_LATEST_20120616",
    "ConversionSoftware": "dcm2niix",
    "ConversionSoftwareVersion": "v1.0.20180518 GCC4.8.5",
    "DerivedVendorReportedEchoSpacing": 0.000780002,
    "DeviceSerialNumber": "45031",
    "DwellTime": 5.4e-06,
    "EchoTime": 0.028,
    "EchoTrainLength": 32,
    "EffectiveEchoSpacing": 0.000390001,
    "FlipAngle": 64,
    "ImageOrientationPatientDICOM": [
      0.99864,
      0.0327161,
      0.0405837,
      -0.0287849,
      0.995162,
      -0.0939319
    ],
    "ImageType": [
      "ORIGINAL",
      "PRIMARY",
      "M",
      "ND",
      "NORM",
      "MOSAIC"
    ],
    "InPlanePhaseEncodingDirectionDICOM": "COL",
    "InstitutionAddress": "Washington_and_Faculty_Rd._-_Building_25_25_Princeton_NJ_US_085",
    "InstitutionName": "Princeton_University_-_Neuroscience_Institute",
    "InstitutionalDepartmentName": "Department",
    "MRAcquisitionType": "2D",
    "MagneticFieldStrength": 3,
    "Manufacturer": "Siemens",
    "ManufacturersModelName": "Skyra",
    "Modality": "MR",
    "ParallelReductionFactorInPlane": 2,
    "PartialFourier": 1,
    "PatientPosition": "HFS",
    "PercentPhaseFOV": 100,
    "PhaseEncodingDirection": "j-",
    "PhaseEncodingSteps": 64,
    "PhaseResolution": 1,
    "PixelBandwidth": 1445,
    "ProcedureStepDescription": "Turk-BrowneLab_Projects",
    "ProtocolName": "epi_3x3x4_1.5s_148TR",
    "PulseSequenceDetails": "%SiemensSeq%_ep2d_bold",
    "ReceiveCoilActiveElements": "HE1-4",
    "ReceiveCoilName": "HeadNeck_20",
    "ReconMatrixPE": 64,
    "RepetitionTime": 1.5,
    "SAR": 0.090438,
    "ScanOptions": "FS",
    "ScanningSequence": "EP",
    "SequenceName": "_epfid2d1_64",
    "SequenceVariant": "SK",
    "SeriesDescription": "epi_3x3x4_1.5s_148TR",
    "SeriesNumber": 8,
    "ShimSetting": [
      3354,
      8611,
      9266,
      402,
      2,
      -258,
      476,
      55
    ],
    "SliceThickness": 4,
    "SliceTiming": [
      0.74,
      0,
      0.795,
      0.055,
      0.8525,
      0.1125,
      0.91,
      0.17,
      0.9675,
      0.2275,
      1.025,
      0.285,
      1.08,
      0.34,
      1.1375,
      0.3975,
      1.195,
      0.455,
      1.2525,
      0.5125,
      1.3075,
      0.5675,
      1.365,
      0.625,
      1.4225,
      0.6825
    ],
    "SoftwareVersions": "syngo_MR_D13",
    "SpacingBetweenSlices": 4,
    "StationName": "AWP45031",
    "TotalReadoutTime": 0.0245701,
    "TxRefAmp": 348.24,
    "dataset": "ds001430",
    "modality": "bold",
    "run_id": 4,
    "subject_id": "11",
    "task_id": "phase1"
  },
  "dummy_trs": 0,
  "dvars_nstd": 23.284376300204077,
  "dvars_std": 1.3302023346938767,
  "dvars_vstd": 1.0070652983673472,
  "efc": 0.6237919700012095,
  "fber": 1733.1907958984375,
  "fd_mean": 0.08104030713610062,
  "fd_num": 4,
  "fd_perc": 2.7027027027027026,
  "fwhm_avg": 1.6827461111111113,
  "fwhm_x": 1.65879,
  "fwhm_y": 1.8729333333333333,
  "fwhm_z": 1.516515,
  "gcor": 0.0475935,
  "gsr_x": 0.0007678756373934448,
  "gsr_y": 0.04367722198367119,
  "provenance": {
    "md5sum": "9151a7fddece84312d7aac1ba98cc8e1",
    "settings": {
      "fd_thres": 0.2,
      "testing": false
    },
    "software": "mriqc",
    "version": "23.0.1",
    "webapi_port": null,
    "webapi_url": "https://mriqc.nimh.nih.gov/api/v1"
  },
  "size_t": 148,
  "size_x": 64,
  "size_y": 64,
  "size_z": 26,
  "snr": 7.5977938812419445,
  "spacing_tr": 1.5,
  "spacing_x": 3.0,
  "spacing_y": 3.0,
  "spacing_z": 4.0,
  "summary_bg_k": 12.462073426570925,
  "summary_bg_mad": 11.950974921068793,
  "summary_bg_mean": 51.68043518066406,
  "summary_bg_median": 16.70945930480957,
  "summary_bg_n": 49486.0,
  "summary_bg_p05": 7.168919086456299,
  "summary_bg_p95": 255.24831008911133,
  "summary_bg_stdv": 88.26263427734375,
  "summary_fg_k": 2.5102685446320114,
  "summary_fg_mad": 91.25016685309342,
  "summary_fg_mean": 745.9984741210938,
  "summary_fg_median": 737.4189453125,
  "summary_fg_n": 29209.0,
  "summary_fg_p05": 614.056787109375,
  "summary_fg_p95": 907.3243530273437,
  "summary_fg_stdv": 97.0553207397461,
  "tsnr": 82.13826556038111
}