{
  "aor": 0.0010377027027027026,
  "aqi": 0.006395908851351351,
  "bids_meta": {
    "AcquisitionMatrixPE": 64,
    "AcquisitionNumber": 1,
    "AcquisitionTime": "12:38:29.127500",
    "BandwidthPerPixelPhaseEncode": 40.064,
    "BaseResolution": 64,
    "BodyPartExamined": "BRAIN",
    "ConsistencyInfo": "N4_VD13A_LATEST_20120616",
    "ConversionSoftware": "dcm2niix",
    "ConversionSoftwareVersion": "v1.0.20180518 GCC4.8.5",
    "DerivedVendorReportedEchoSpacing": 0.000780002,
    "DeviceSerialNumber": "45031",
    "DwellTime": 5.4e-06,
    "EchoTime": 0.028,
    "EchoTrainLength": 32,
    "EffectiveEchoSpacing": 0.000390001,
    "FlipAngle": 64,
    "ImageOrientationPatientDICOM": [
      0.99864,
      0.0327161,
      0.0405837,
      -0.0287849,
      0.995162,
      -0.0939319
    ],
    "ImageType": [
      "ORIGINAL",
      "PRIMARY",
      "M",
      "ND",
      "NORM",
      "MOSAIC"
    ],
    "InPlanePhaseEncodingDirectionDICOM": "COL",
    "InstitutionAddress": "Washington_and_Faculty_Rd._-_Building_25_25_Princeton_NJ_US_085",
    "InstitutionName": "Princeton_University_-_Neuroscience_Institute",
    "InstitutionalDepartmentName": "Department",
    "MRAcquisitionType": "2D",
    "MagneticFieldStrength": 3,
    "Manufacturer": "Siemens",
    "ManufacturersModelName": "Skyra",
    "Modality": "MR",
    "ParallelReductionFactorInPlane": 2,
    "PartialFourier": 1,
    "PatientPosition": "HFS",
    "PercentPhaseFOV": 100,
    "PhaseEncodingDirection": "j-",
    "PhaseEncodingSteps": 64,
    "PhaseResolution": 1,
    "PixelBandwidth": 1445,
    "ProcedureStepDescription": "Turk-BrowneLab_Projects",
    "ProtocolName": "epi_3x3x4_1.5s_148TR",
    "PulseSequenceDetails": "%SiemensSeq%_ep2d_bold",
    "ReceiveCoilActiveElements": "HE1-4",
    "ReceiveCoilName": "HeadNeck_20",
    "ReconMatrixPE": 64,
    "RepetitionTime": 1.5,
    "SAR": 0.090438,
    "ScanOptions": "FS",
    "ScanningSequence": "EP",
    "SequenceName": "_epfid2d1_64",
    "SequenceVariant": "SK",
    "SeriesDescription": "epi_3x3x4_1.5s_148TR",
    "SeriesNumber": 7,
    "ShimSetting": [
      3354,
      8611,
      9266,
      402,
      2,
      -258,
      476,
      55
    ],
    "SliceThickness": 4,
    "SliceTiming": [
      0.74,
      0,
      0.7975,
      0.0575,
      0.855,
      0.115,
      0.91,
      0.17,
      0.9675,
      0.2275,
      1.025,
      0.285,
      1.0825,
      0.3425,
      1.1375,
      0.3975,
      1.195,
      0.455,
      1.2525,
      0.5125,
      1.31,
      0.57,
      1.365,
      0.6275,
      1.4225,
      0.6825
    ],
    "SoftwareVersions": "syngo_MR_D13",
    "SpacingBetweenSlices": 4,
    "StationName": "AWP45031",
    "TotalReadoutTime": 0.0245701,
    "TxRefAmp": 348.24,
    "dataset": "ds001430",
    "modality": "bold",
    "run_id": 3,
    "subject_id": "11",
    "task_id": "phase1"
  },
  "dummy_trs": 0,
  "dvars_nstd": 22.858088149319723,
  "dvars_std": 1.3185101989115646,
  "dvars_vstd": 0.9989656759863953,
  "efc": 0.6233096519917869,
  "fber": 1758.1356201171875,
  "fd_mean": 0.06824783159167035,
  "fd_num": 0,
  "fd_perc": 0.0,
  "fwhm_avg": 1.692774166666667,
  "fwhm_x": 1.6632866666666668,
  "fwhm_y": 1.8899633333333332,
  "fwhm_z": 1.5250725,
  "gcor": 0.0318406,
  "gsr_x": 0.0006880779983475804,
  "gsr_y": 0.043367065489292145,
  "provenance": {
    "md5sum": "3988ae82bb7e66bbc4f045a9a45e0576",
    "settings": {
      "fd_thres": 0.2,
      "testing": false
    },
    "software": "mriqc",
    "version": "23.0.1",
    "webapi_port": null,
    "webapi_url": "https://mriqc.nimh.nih.gov/api/v1"
  },
  "size_t": 148,
  "size_x": 64,
  "size_y": 64,
  "size_z": 26,
  "snr": 7.583882614322058,
  "spacing_tr": 1.5,
  "spacing_x": 3.0,
  "spacing_y": 3.0,
  "spacing_z": 4.0,
  "summary_bg_k": 12.26961645223329,
  "summary_bg_mad": 11.8508001272733,
  "summary_bg_mean": 51.309417724609375,
  "summary_bg_median": 16.58108139038086,
  "summary_bg_n": 49469.0,
  "summary_bg_p05": 7.094594955444336,
  "summary_bg_p95": 253.22027587890608,
  "summary_bg_stdv": 87.6103515625,
  "summary_fg_k": 2.335242365019618,
  "summary_fg_mad": 92.04159989771316,
  "summary_fg_mean": 747.1797485351562,
  "summary_fg_median": 738.8175659179688,
  "summary_fg_n": 29247.0,
  "summary_fg_p05": 614.1689575195313,
  "summary_fg_p95": 909.5675598144529,
  "summary_fg_stdv": 97.41777038574219,
  "tsnr": 84.03607866261154
}