{
  "bids_meta": {
    "AcquisitionMatrixPE": 256,
    "AcquisitionNumber": 1,
    "AcquisitionTime": "20:31:12.715000",
    "BaseResolution": 256,
    "BodyPartExamined": "BRAIN",
    "ConsistencyInfo": "N4_VD13A_LATEST_20120616",
    "ConversionSoftware": "dcm2niix",
    "ConversionSoftwareVersion": "v1.0.20180518 GCC4.8.5",
    "DeviceSerialNumber": "45031",
    "DwellTime": 8.2e-06,
    "EchoTime": 0.00298,
    "FlipAngle": 9,
    "ImageOrientationPatientDICOM": [
      -0.0274502,
      0.980045,
      0.196872,
      0.0365813,
      0.197799,
      -0.97956
    ],
    "ImageType": [
      "ORIGINAL",
      "PRIMARY",
      "M",
      "ND",
      "NORM"
    ],
    "InPlanePhaseEncodingDirectionDICOM": "ROW",
    "InstitutionAddress": "Washington_and_Faculty_Rd._-_Building_25_25_Princeton_NJ_US_085",
    "InstitutionName": "Princeton_University_-_Neuroscience_Institute",
    "InstitutionalDepartmentName": "Department",
    "InversionTime": 0.9,
    "MRAcquisitionType": "3D",
    "MagneticFieldStrength": 3,
    "Manufacturer": "Siemens",
    "ManufacturersModelName": "Skyra",
    "Modality": "MR",
    "ParallelReductionFactorInPlane": 2,
    "PartialFourier": 1,
    "PatientPosition": "HFS",
    "PercentPhaseFOV": 100,
    "PhaseEncodingSteps": 255,
    "PhaseResolution": 1,
    "PixelBandwidth": 240,
    "ProcedureStepDescription": "Turk-BrowneLab_Projects",
    "ProtocolName": "mprage_1x1x1_medium",
    "PulseSequenceDetails": "%SiemensSeq%_tfl",
    "ReceiveCoilActiveElements": "HE1-4",
    "ReceiveCoilName": "HeadNeck_20",
    "ReconMatrixPE": 256,
    "RepetitionTime": 2.3,
    "SAR": 0.0715078,
    "ScanOptions": "IR",
    "ScanningSequence": "GR_IR",
    "SequenceName": "_tfl3d1_16ns",
    "SequenceVariant": "SK_SP_MP",
    "SeriesDescription": "mprage_1x1x1_medium",
    "SeriesNumber": 15,
    "ShimSetting": [
      3404,
      8602,
      9230,
      161,
      235,
      -486,
      212,
      152
    ],
    "SliceThickness": 1,
    "SoftwareVersions": "syngo_MR_D13",
    "StationName": "AWP45031",
    "TxRefAmp": 347.483,
    "dataset": "ds001430",
    "modality": "T1w",
    "subject_id": "22"
  },
  "cjv": 0.3280462926705759,
  "cnr": 4.0392235164414885,
  "efc": 0.49156580799602845,
  "fber": 25087.901608880627,
  "fwhm_avg": 3.5700312286702407,
  "fwhm_x": 3.6794936860107232,
  "fwhm_y": 3.73943,
  "fwhm_z": 3.29117,
  "icvs_csf": 0.19999359786679774,
  "icvs_gm": 0.4647233847819858,
  "icvs_wm": 0.33528301735121646,
  "inu_med": 0.596049040555954,
  "inu_range": 0.24093087762594223,
  "provenance": {
    "md5sum": "41c58be2f5d711c5567665141c8d6716",
    "settings": {
      "testing": false
    },
    "software": "mriqc",
    "version": "23.0.1",
    "warnings": {
      "large_rot_frame": true,
      "small_air_mask": false
    },
    "webapi_port": null,
    "webapi_url": "https://mriqc.nimh.nih.gov/api/v1"
  },
  "qi_1": 0.0,
  "qi_2": 0.008863385165789012,
  "rpve_csf": 27.274280626563026,
  "rpve_gm": 12.873202636047463,
  "rpve_wm": 20.2281030278333,
  "size_x": 192,
  "size_y": 256,
  "size_z": 256,
  "snr_csf": 2.21629967123866,
  "snr_gm": 10.327054314325231,
  "snr_total": 11.249429309013337,
  "snr_wm": 21.20493394147612,
  "snrd_csf": 21.27760686359704,
  "snrd_gm": 54.55677170412116,
  "snrd_total": 52.2862906272232,
  "snrd_wm": 81.02449331395141,
  "spacing_x": 0.9999935626983643,
  "spacing_y": 1.0,
  "spacing_z": 1.0,
  "summary_bg_k": 1598.529519635888,
  "summary_bg_mad": 0.0,
  "summary_bg_mean": 3.8572609741169313,
  "summary_bg_median": 0.0,
  "summary_bg_n": 3366430.0,
  "summary_bg_p05": 0.0,
  "summary_bg_p95": 17.451555585488677,
  "summary_bg_stdv": 8.085658793834995,
  "summary_csf_k": 0.7284703870210234,
  "summary_csf_mad": 107.11803272471961,
  "summary_csf_mean": 265.2556659024331,
  "summary_csf_median": 262.60709838196635,
  "summary_csf_n": 23164.0,
  "summary_csf_p05": 71.19055908238515,
  "summary_csf_p95": 469.7170999819412,
  "summary_csf_stdv": 118.48642730810872,
  "summary_gm_k": 0.3145699587636255,
  "summary_gm_mad": 62.40382009908058,
  "summary_gm_mean": 671.8934030506639,
  "summary_gm_median": 673.3367904648185,
  "summary_gm_n": 35944.0,
  "summary_gm_p05": 561.5303951787762,
  "summary_gm_p95": 777.1261078678071,
  "summary_gm_stdv": 65.20033723418395,
  "summary_wm_k": 0.49470926753524225,
  "summary_wm_mad": 44.756838185815994,
  "summary_wm_mean": 998.9904509073805,
  "summary_wm_median": 1000.0000105015934,
  "summary_wm_n": 189264.0,
  "summary_wm_p05": 920.1311119571328,
  "summary_wm_p95": 1074.2338103726506,
  "summary_wm_stdv": 47.158711809501135,
  "tpm_overlap_csf": 0.15072849028677987,
  "tpm_overlap_gm": 0.4766992137415939,
  "tpm_overlap_wm": 0.5011087870061883,
  "wm2max": 0.6586626772965706
}