{
  "aor": 0.009194027777777778,
  "aqi": 0.012775876018518519,
  "bids_meta": {
    "AcquisitionMatrixPE": 64,
    "AcquisitionNumber": 1,
    "AcquisitionTime": "13:27:18.767500",
    "BandwidthPerPixelPhaseEncode": 40.064,
    "BaseResolution": 64,
    "BodyPartExamined": "BRAIN",
    "ConsistencyInfo": "N4_VD13A_LATEST_20120616",
    "ConversionSoftware": "dcm2niix",
    "ConversionSoftwareVersion": "v1.0.20180518 GCC4.8.5",
    "DerivedVendorReportedEchoSpacing": 0.000780002,
    "DeviceSerialNumber": "45031",
    "DwellTime": 5.4e-06,
    "EchoTime": 0.028,
    "EchoTrainLength": 32,
    "EffectiveEchoSpacing": 0.000390001,
    "FlipAngle": 64,
    "ImageOrientationPatientDICOM": [
      0.99864,
      0.0327161,
      0.0405837,
      -0.0287849,
      0.995162,
      -0.0939319
    ],
    "ImageType": [
      "ORIGINAL",
      "PRIMARY",
      "M",
      "ND",
      "NORM",
      "MOSAIC"
    ],
    "InPlanePhaseEncodingDirectionDICOM": "COL",
    "InstitutionAddress": "Washington_and_Faculty_Rd._-_Building_25_25_Princeton_NJ_US_085",
    "InstitutionName": "Princeton_University_-_Neuroscience_Institute",
    "InstitutionalDepartmentName": "Department",
    "MRAcquisitionType": "2D",
    "MagneticFieldStrength": 3,
    "Manufacturer": "Siemens",
    "ManufacturersModelName": "Skyra",
    "Modality": "MR",
    "ParallelReductionFactorInPlane": 2,
    "PartialFourier": 1,
    "PatientPosition": "HFS",
    "PercentPhaseFOV": 100,
    "PhaseEncodingDirection": "j-",
    "PhaseEncodingSteps": 64,
    "PhaseResolution": 1,
    "PixelBandwidth": 1445,
    "ProcedureStepDescription": "Turk-BrowneLab_Projects",
    "ProtocolName": "epi_3x3x4_1.5s_216TR",
    "PulseSequenceDetails": "%SiemensSeq%_ep2d_bold",
    "ReceiveCoilActiveElements": "HE1-4",
    "ReceiveCoilName": "HeadNeck_20",
    "ReconMatrixPE": 64,
    "RepetitionTime": 1.5,
    "SAR": 0.0904392,
    "ScanOptions": "FS",
    "ScanningSequence": "EP",
    "SequenceName": "_epfid2d1_64",
    "SequenceVariant": "SK",
    "SeriesDescription": "epi_3x3x4_1.5s_216TR",
    "SeriesNumber": 12,
    "ShimSetting": [
      3354,
      8611,
      9266,
      402,
      2,
      -258,
      476,
      55
    ],
    "SliceThickness": 4,
    "SliceTiming": [
      0.74,
      0,
      0.795,
      0.055,
      0.8525,
      0.1125,
      0.91,
      0.17,
      0.9675,
      0.2275,
      1.0225,
      0.2825,
      1.08,
      0.34,
      1.1375,
      0.3975,
      1.195,
      0.455,
      1.25,
      0.51,
      1.3075,
      0.5675,
      1.365,
      0.625,
      1.4225,
      0.6825
    ],
    "SoftwareVersions": "syngo_MR_D13",
    "SpacingBetweenSlices": 4,
    "StationName": "AWP45031",
    "TotalReadoutTime": 0.0245701,
    "TxRefAmp": 348.24,
    "dataset": "ds001430",
    "modality": "bold",
    "run_id": 1,
    "subject_id": "11",
    "task_id": "loc"
  },
  "dummy_trs": 0,
  "dvars_nstd": 24.968289202139545,
  "dvars_std": 1.3094416343255806,
  "dvars_vstd": 1.0504504914883726,
  "efc": 0.6255838431258577,
  "fber": 1736.7711181640625,
  "fd_mean": 0.1738864536491034,
  "fd_num": 35,
  "fd_perc": 16.203703703703702,
  "fwhm_avg": 1.6858975,
  "fwhm_x": 1.6520133333333333,
  "fwhm_y": 1.8809966666666667,
  "fwhm_z": 1.5246825,
  "gcor": 0.0398906,
  "gsr_x": 0.0027642715722322464,
  "gsr_y": 0.04300330579280853,
  "provenance": {
    "md5sum": "53c4dbc1114f983a62648410bf1590ef",
    "settings": {
      "fd_thres": 0.2,
      "testing": false
    },
    "software": "mriqc",
    "version": "23.0.1",
    "webapi_port": null,
    "webapi_url": "https://mriqc.nimh.nih.gov/api/v1"
  },
  "size_t": 216,
  "size_x": 64,
  "size_y": 64,
  "size_z": 26,
  "snr": 7.742426248317662,
  "spacing_tr": 1.5,
  "spacing_x": 3.0,
  "spacing_y": 3.0,
  "spacing_z": 4.0,
  "summary_bg_k": 12.258233239400269,
  "summary_bg_mad": 12.107917175182644,
  "summary_bg_mean": 53.396240234375,
  "summary_bg_median": 16.689815521240234,
  "summary_bg_n": 49355.0,
  "summary_bg_p05": 7.08657422065735,
  "summary_bg_p95": 266.82223510742165,
  "summary_bg_stdv": 92.05402374267578,
  "summary_fg_k": 2.456014660719399,
  "summary_fg_mad": 89.47093560185701,
  "summary_fg_mean": 748.5075073242188,
  "summary_fg_median": 740.0648193359375,
  "summary_fg_n": 29290.0,
  "summary_fg_p05": 618.1303070068359,
  "summary_fg_p95": 906.7412139892579,
  "summary_fg_stdv": 95.58401489257812,
  "tsnr": 60.68428685911931
}