{
  "aor": 0.0035657407407407404,
  "aqi": 0.010684473564814815,
  "bids_meta": {
    "AcquisitionMatrixPE": 64,
    "AcquisitionNumber": 1,
    "AcquisitionTime": "13:39:24.905000",
    "BandwidthPerPixelPhaseEncode": 40.064,
    "BaseResolution": 64,
    "BodyPartExamined": "BRAIN",
    "ConsistencyInfo": "N4_VD13A_LATEST_20120616",
    "ConversionSoftware": "dcm2niix",
    "ConversionSoftwareVersion": "v1.0.20180518 GCC4.8.5",
    "DerivedVendorReportedEchoSpacing": 0.000780002,
    "DeviceSerialNumber": "45031",
    "DwellTime": 5.4e-06,
    "EchoTime": 0.028,
    "EchoTrainLength": 32,
    "EffectiveEchoSpacing": 0.000390001,
    "FlipAngle": 64,
    "ImageOrientationPatientDICOM": [
      0.99864,
      0.0327161,
      0.0405837,
      -0.0287849,
      0.995162,
      -0.0939319
    ],
    "ImageType": [
      "ORIGINAL",
      "PRIMARY",
      "M",
      "ND",
      "NORM",
      "MOSAIC"
    ],
    "InPlanePhaseEncodingDirectionDICOM": "COL",
    "InstitutionAddress": "Washington_and_Faculty_Rd._-_Building_25_25_Princeton_NJ_US_085",
    "InstitutionName": "Princeton_University_-_Neuroscience_Institute",
    "InstitutionalDepartmentName": "Department",
    "MRAcquisitionType": "2D",
    "MagneticFieldStrength": 3,
    "Manufacturer": "Siemens",
    "ManufacturersModelName": "Skyra",
    "Modality": "MR",
    "ParallelReductionFactorInPlane": 2,
    "PartialFourier": 1,
    "PatientPosition": "HFS",
    "PercentPhaseFOV": 100,
    "PhaseEncodingDirection": "j-",
    "PhaseEncodingSteps": 64,
    "PhaseResolution": 1,
    "PixelBandwidth": 1445,
    "ProcedureStepDescription": "Turk-BrowneLab_Projects",
    "ProtocolName": "epi_3x3x4_1.5s_216TR",
    "PulseSequenceDetails": "%SiemensSeq%_ep2d_bold",
    "ReceiveCoilActiveElements": "HE1-4",
    "ReceiveCoilName": "HeadNeck_20",
    "ReconMatrixPE": 64,
    "RepetitionTime": 1.5,
    "SAR": 0.0904392,
    "ScanOptions": "FS",
    "ScanningSequence": "EP",
    "SequenceName": "_epfid2d1_64",
    "SequenceVariant": "SK",
    "SeriesDescription": "epi_3x3x4_1.5s_216TR",
    "SeriesNumber": 14,
    "ShimSetting": [
      3354,
      8611,
      9266,
      402,
      2,
      -258,
      476,
      55
    ],
    "SliceThickness": 4,
    "SliceTiming": [
      0.74,
      0,
      0.7975,
      0.0575,
      0.855,
      0.115,
      0.9125,
      0.1725,
      0.9675,
      0.2275,
      1.025,
      0.285,
      1.0825,
      0.3425,
      1.14,
      0.4,
      1.195,
      0.4575,
      1.2525,
      0.5125,
      1.31,
      0.57,
      1.3675,
      0.6275,
      1.425,
      0.685
    ],
    "SoftwareVersions": "syngo_MR_D13",
    "SpacingBetweenSlices": 4,
    "StationName": "AWP45031",
    "TotalReadoutTime": 0.0245701,
    "TxRefAmp": 348.24,
    "dataset": "ds001430",
    "modality": "bold",
    "run_id": 3,
    "subject_id": "11",
    "task_id": "loc"
  },
  "dummy_trs": 0,
  "dvars_nstd": 24.426088413255826,
  "dvars_std": 1.2569955908837211,
  "dvars_vstd": 0.9864582316279075,
  "efc": 0.6254558798860538,
  "fber": 1797.1917724609375,
  "fd_mean": 0.130505326991692,
  "fd_num": 20,
  "fd_perc": 9.25925925925926,
  "fwhm_avg": 1.6942586111111113,
  "fwhm_x": 1.6544566666666667,
  "fwhm_y": 1.8967366666666667,
  "fwhm_z": 1.5315825,
  "gcor": 0.0380656,
  "gsr_x": 0.004176321905106306,
  "gsr_y": 0.04318498075008392,
  "provenance": {
    "md5sum": "b43b58df47fb4165dd164d844add99c2",
    "settings": {
      "fd_thres": 0.2,
      "testing": false
    },
    "software": "mriqc",
    "version": "23.0.1",
    "webapi_port": null,
    "webapi_url": "https://mriqc.nimh.nih.gov/api/v1"
  },
  "size_t": 216,
  "size_x": 64,
  "size_y": 64,
  "size_z": 26,
  "snr": 7.665300785014948,
  "spacing_tr": 1.5,
  "spacing_x": 3.0,
  "spacing_y": 3.0,
  "spacing_z": 4.0,
  "summary_bg_k": 12.13917626782567,
  "summary_bg_mad": 11.956911969709527,
  "summary_bg_mean": 53.53955078125,
  "summary_bg_median": 16.504629135131836,
  "summary_bg_n": 49305.0,
  "summary_bg_p05": 7.005555534362794,
  "summary_bg_p95": 267.72777099609266,
  "summary_bg_stdv": 92.76919555664062,
  "summary_fg_k": 2.5436170982726214,
  "summary_fg_mad": 90.36326595321711,
  "summary_fg_mean": 749.6691284179688,
  "summary_fg_median": 741.1574096679688,
  "summary_fg_n": 29373.0,
  "summary_fg_p05": 617.437060546875,
  "summary_fg_p95": 909.6675903320312,
  "summary_fg_stdv": 96.68828582763672,
  "tsnr": 66.08912431867793
}