{
  "aor": 0.007160046296296295,
  "aqi": 0.011008333564814813,
  "bids_meta": {
    "AcquisitionMatrixPE": 64,
    "AcquisitionNumber": 1,
    "AcquisitionTime": "13:33:17.940000",
    "BandwidthPerPixelPhaseEncode": 40.064,
    "BaseResolution": 64,
    "BodyPartExamined": "BRAIN",
    "ConsistencyInfo": "N4_VD13A_LATEST_20120616",
    "ConversionSoftware": "dcm2niix",
    "ConversionSoftwareVersion": "v1.0.20180518 GCC4.8.5",
    "DerivedVendorReportedEchoSpacing": 0.000780002,
    "DeviceSerialNumber": "45031",
    "DwellTime": 5.4e-06,
    "EchoTime": 0.028,
    "EchoTrainLength": 32,
    "EffectiveEchoSpacing": 0.000390001,
    "FlipAngle": 64,
    "ImageOrientationPatientDICOM": [
      0.99864,
      0.0327161,
      0.0405837,
      -0.0287849,
      0.995162,
      -0.0939319
    ],
    "ImageType": [
      "ORIGINAL",
      "PRIMARY",
      "M",
      "ND",
      "NORM",
      "MOSAIC"
    ],
    "InPlanePhaseEncodingDirectionDICOM": "COL",
    "InstitutionAddress": "Washington_and_Faculty_Rd._-_Building_25_25_Princeton_NJ_US_085",
    "InstitutionName": "Princeton_University_-_Neuroscience_Institute",
    "InstitutionalDepartmentName": "Department",
    "MRAcquisitionType": "2D",
    "MagneticFieldStrength": 3,
    "Manufacturer": "Siemens",
    "ManufacturersModelName": "Skyra",
    "Modality": "MR",
    "ParallelReductionFactorInPlane": 2,
    "PartialFourier": 1,
    "PatientPosition": "HFS",
    "PercentPhaseFOV": 100,
    "PhaseEncodingDirection": "j-",
    "PhaseEncodingSteps": 64,
    "PhaseResolution": 1,
    "PixelBandwidth": 1445,
    "ProcedureStepDescription": "Turk-BrowneLab_Projects",
    "ProtocolName": "epi_3x3x4_1.5s_216TR",
    "PulseSequenceDetails": "%SiemensSeq%_ep2d_bold",
    "ReceiveCoilActiveElements": "HE1-4",
    "ReceiveCoilName": "HeadNeck_20",
    "ReconMatrixPE": 64,
    "RepetitionTime": 1.5,
    "SAR": 0.0904392,
    "ScanOptions": "FS",
    "ScanningSequence": "EP",
    "SequenceName": "_epfid2d1_64",
    "SequenceVariant": "SK",
    "SeriesDescription": "epi_3x3x4_1.5s_216TR",
    "SeriesNumber": 13,
    "ShimSetting": [
      3354,
      8611,
      9266,
      402,
      2,
      -258,
      476,
      55
    ],
    "SliceThickness": 4,
    "SliceTiming": [
      0.74,
      0,
      0.7975,
      0.0575,
      0.855,
      0.115,
      0.91,
      0.17,
      0.9675,
      0.2275,
      1.025,
      0.285,
      1.0825,
      0.3425,
      1.1375,
      0.3975,
      1.195,
      0.455,
      1.2525,
      0.5125,
      1.31,
      0.57,
      1.3675,
      0.6275,
      1.4225,
      0.6825
    ],
    "SoftwareVersions": "syngo_MR_D13",
    "SpacingBetweenSlices": 4,
    "StationName": "AWP45031",
    "TotalReadoutTime": 0.0245701,
    "TxRefAmp": 348.24,
    "dataset": "ds001430",
    "modality": "bold",
    "run_id": 2,
    "subject_id": "11",
    "task_id": "loc"
  },
  "dummy_trs": 0,
  "dvars_nstd": 24.03757035897673,
  "dvars_std": 1.3050950268837216,
  "dvars_vstd": 1.0445106625581397,
  "efc": 0.6250652688651573,
  "fber": 1768.8746337890625,
  "fd_mean": 0.13792758490653928,
  "fd_num": 32,
  "fd_perc": 14.814814814814815,
  "fwhm_avg": 1.6912561111111113,
  "fwhm_x": 1.65364,
  "fwhm_y": 1.8871333333333336,
  "fwhm_z": 1.532995,
  "gcor": 0.0350903,
  "gsr_x": 0.0034596447367221117,
  "gsr_y": 0.04302637651562691,
  "provenance": {
    "md5sum": "ef3d6ce55fcbd9e6ad360dd7ab90c2f5",
    "settings": {
      "fd_thres": 0.2,
      "testing": false
    },
    "software": "mriqc",
    "version": "23.0.1",
    "webapi_port": null,
    "webapi_url": "https://mriqc.nimh.nih.gov/api/v1"
  },
  "size_t": 216,
  "size_x": 64,
  "size_y": 64,
  "size_z": 26,
  "snr": 7.687678055199826,
  "spacing_tr": 1.5,
  "spacing_x": 3.0,
  "spacing_y": 3.0,
  "spacing_z": 4.0,
  "summary_bg_k": 12.315354570417046,
  "summary_bg_mad": 11.929455063885666,
  "summary_bg_mean": 53.315773010253906,
  "summary_bg_median": 16.578702926635742,
  "summary_bg_n": 49351.0,
  "summary_bg_p05": 7.046296119689941,
  "summary_bg_p95": 268.317138671875,
  "summary_bg_stdv": 92.17425537109375,
  "summary_fg_k": 2.5084366820201005,
  "summary_fg_mad": 90.35294999539792,
  "summary_fg_mean": 749.2906494140625,
  "summary_fg_median": 740.8472290039062,
  "summary_fg_n": 29274.0,
  "summary_fg_p05": 618.0447021484375,
  "summary_fg_p95": 907.9694458007813,
  "summary_fg_stdv": 96.36649322509766,
  "tsnr": 64.43298346200027
}