{
  "aor": 0.0021450749999999998,
  "aqi": 0.0125573321,
  "bids_meta": {
    "AcquisitionMatrixPE": 64,
    "AcquisitionNumber": 1,
    "AcquisitionTime": "10:47:7.547500",
    "BandwidthPerPixelPhaseEncode": 40.064,
    "BaseResolution": 64,
    "BodyPartExamined": "BRAIN",
    "ConsistencyInfo": "N4_VD13A_LATEST_20120616",
    "ConversionSoftware": "dcm2niix",
    "ConversionSoftwareVersion": "v1.0.20180518 GCC4.8.5",
    "DerivedVendorReportedEchoSpacing": 0.000780002,
    "DeviceSerialNumber": "45031",
    "DwellTime": 5.4e-06,
    "EchoTime": 0.028,
    "EchoTrainLength": 32,
    "EffectiveEchoSpacing": 0.000390001,
    "FlipAngle": 64,
    "ImageOrientationPatientDICOM": [
      0.999683,
      0.0127141,
      0.0217487,
      -0.0129966,
      0.999832,
      0.0128982
    ],
    "ImageType": [
      "ORIGINAL",
      "PRIMARY",
      "M",
      "ND",
      "NORM",
      "MOSAIC"
    ],
    "InPlanePhaseEncodingDirectionDICOM": "COL",
    "InstitutionAddress": "Washington_and_Faculty_Rd._-_Building_25_25_Princeton_NJ_US_085",
    "InstitutionName": "Princeton_University_-_Neuroscience_Institute",
    "InstitutionalDepartmentName": "Department",
    "MRAcquisitionType": "2D",
    "MagneticFieldStrength": 3,
    "Manufacturer": "Siemens",
    "ManufacturersModelName": "Skyra",
    "Modality": "MR",
    "ParallelReductionFactorInPlane": 2,
    "PartialFourier": 1,
    "PatientPosition": "HFS",
    "PercentPhaseFOV": 100,
    "PhaseEncodingDirection": "j-",
    "PhaseEncodingSteps": 64,
    "PhaseResolution": 1,
    "PixelBandwidth": 1445,
    "ProcedureStepDescription": "Turk-BrowneLab_Projects",
    "ProtocolName": "epi_3x3x4_1.5s_400TR",
    "PulseSequenceDetails": "%SiemensSeq%_ep2d_bold",
    "ReceiveCoilActiveElements": "HE1-4",
    "ReceiveCoilName": "HeadNeck_20",
    "ReconMatrixPE": 64,
    "RepetitionTime": 1.5,
    "SAR": 0.0904021,
    "ScanOptions": "FS",
    "ScanningSequence": "EP",
    "SequenceName": "_epfid2d1_64",
    "SequenceVariant": "SK",
    "SeriesDescription": "epi_3x3x4_1.5s_400TR",
    "SeriesNumber": 10,
    "ShimSetting": [
      3415,
      8558,
      9366,
      493,
      143,
      -37,
      658,
      112
    ],
    "SliceThickness": 4,
    "SliceTiming": [
      0.74,
      0,
      0.7975,
      0.0575,
      0.855,
      0.115,
      0.9125,
      0.1725,
      0.97,
      0.23,
      1.025,
      0.285,
      1.0825,
      0.3425,
      1.14,
      0.4,
      1.1975,
      0.4575,
      1.2525,
      0.5125,
      1.31,
      0.57,
      1.3675,
      0.6275,
      1.425,
      0.685
    ],
    "SoftwareVersions": "syngo_MR_D13",
    "SpacingBetweenSlices": 4,
    "StationName": "AWP45031",
    "TotalReadoutTime": 0.0245701,
    "TxRefAmp": 354.718,
    "dataset": "ds001430",
    "modality": "bold",
    "run_id": 1,
    "subject_id": "07",
    "task_id": "phase3"
  },
  "dummy_trs": 0,
  "dvars_nstd": 24.13497235476192,
  "dvars_std": 1.258079209548872,
  "dvars_vstd": 1.0000295155137842,
  "efc": 0.5741349946326123,
  "fber": 2465.3564453125,
  "fd_mean": 0.12780232289809504,
  "fd_num": 43,
  "fd_perc": 10.75,
  "fwhm_avg": 1.7199905555555555,
  "fwhm_x": 1.6629633333333331,
  "fwhm_y": 1.9357133333333334,
  "fwhm_z": 1.561295,
  "gcor": 0.0424122,
  "gsr_x": -0.0002707212115637958,
  "gsr_y": 0.03899483382701874,
  "provenance": {
    "md5sum": "5689d4e41c58398feb04af6b9d9ed23b",
    "settings": {
      "fd_thres": 0.2,
      "testing": false
    },
    "software": "mriqc",
    "version": "23.0.1",
    "webapi_port": null,
    "webapi_url": "https://mriqc.nimh.nih.gov/api/v1"
  },
  "size_t": 400,
  "size_x": 64,
  "size_y": 64,
  "size_z": 26,
  "snr": 7.910874279107963,
  "spacing_tr": 1.5,
  "spacing_x": 3.0,
  "spacing_y": 3.0,
  "spacing_z": 4.0,
  "summary_bg_k": 16.316744633726042,
  "summary_bg_mad": 8.691755788773023,
  "summary_bg_mean": 39.63529586791992,
  "summary_bg_median": 12.96500015258789,
  "summary_bg_n": 55553.0,
  "summary_bg_p05": 6.0,
  "summary_bg_p95": 165.48899841308588,
  "summary_bg_stdv": 65.60929107666016,
  "summary_fg_k": 3.7741723403215106,
  "summary_fg_mad": 72.08415786990275,
  "summary_fg_mean": 661.7284545898438,
  "summary_fg_median": 656.07373046875,
  "summary_fg_n": 23948.0,
  "summary_fg_p05": 551.1528411865235,
  "summary_fg_p95": 794.1463562011718,
  "summary_fg_stdv": 82.9314193725586,
  "tsnr": 63.03686979878694
}