{
  "aor": 0.0032736574074074074,
  "aqi": 0.00948983925925926,
  "bids_meta": {
    "AcquisitionMatrixPE": 64,
    "AcquisitionNumber": 1,
    "AcquisitionTime": "11:23:24.985000",
    "BandwidthPerPixelPhaseEncode": 40.064,
    "BaseResolution": 64,
    "BodyPartExamined": "BRAIN",
    "ConsistencyInfo": "N4_VD13A_LATEST_20120616",
    "ConversionSoftware": "dcm2niix",
    "ConversionSoftwareVersion": "v1.0.20180518 GCC4.8.5",
    "DerivedVendorReportedEchoSpacing": 0.000780002,
    "DeviceSerialNumber": "45031",
    "DwellTime": 5.4e-06,
    "EchoTime": 0.028,
    "EchoTrainLength": 32,
    "EffectiveEchoSpacing": 0.000390001,
    "FlipAngle": 64,
    "ImageOrientationPatientDICOM": [
      0.999683,
      0.0127141,
      0.0217487,
      -0.0129966,
      0.999832,
      0.0128982
    ],
    "ImageType": [
      "ORIGINAL",
      "PRIMARY",
      "M",
      "ND",
      "NORM",
      "MOSAIC"
    ],
    "InPlanePhaseEncodingDirectionDICOM": "COL",
    "InstitutionAddress": "Washington_and_Faculty_Rd._-_Building_25_25_Princeton_NJ_US_085",
    "InstitutionName": "Princeton_University_-_Neuroscience_Institute",
    "InstitutionalDepartmentName": "Department",
    "MRAcquisitionType": "2D",
    "MagneticFieldStrength": 3,
    "Manufacturer": "Siemens",
    "ManufacturersModelName": "Skyra",
    "Modality": "MR",
    "ParallelReductionFactorInPlane": 2,
    "PartialFourier": 1,
    "PatientPosition": "HFS",
    "PercentPhaseFOV": 100,
    "PhaseEncodingDirection": "j-",
    "PhaseEncodingSteps": 64,
    "PhaseResolution": 1,
    "PixelBandwidth": 1445,
    "ProcedureStepDescription": "Turk-BrowneLab_Projects",
    "ProtocolName": "epi_3x3x4_1.5s_216TR",
    "PulseSequenceDetails": "%SiemensSeq%_ep2d_bold",
    "ReceiveCoilActiveElements": "HE1-4",
    "ReceiveCoilName": "HeadNeck_20",
    "ReconMatrixPE": 64,
    "RepetitionTime": 1.5,
    "SAR": 0.0904008,
    "ScanOptions": "FS",
    "ScanningSequence": "EP",
    "SequenceName": "_epfid2d1_64",
    "SequenceVariant": "SK",
    "SeriesDescription": "epi_3x3x4_1.5s_216TR",
    "SeriesNumber": 14,
    "ShimSetting": [
      3415,
      8558,
      9366,
      493,
      143,
      -37,
      658,
      112
    ],
    "SliceThickness": 4,
    "SliceTiming": [
      0.74,
      0,
      0.795,
      0.055,
      0.8525,
      0.1125,
      0.91,
      0.17,
      0.9675,
      0.2275,
      1.0225,
      0.2825,
      1.08,
      0.34,
      1.1375,
      0.3975,
      1.195,
      0.455,
      1.25,
      0.51,
      1.3075,
      0.5675,
      1.365,
      0.625,
      1.4225,
      0.6825
    ],
    "SoftwareVersions": "syngo_MR_D13",
    "SpacingBetweenSlices": 4,
    "StationName": "AWP45031",
    "TotalReadoutTime": 0.0245701,
    "TxRefAmp": 354.718,
    "dataset": "ds001430",
    "modality": "bold",
    "run_id": 3,
    "subject_id": "07",
    "task_id": "loc"
  },
  "dummy_trs": 0,
  "dvars_nstd": 24.275285995627904,
  "dvars_std": 1.2860779746046511,
  "dvars_vstd": 1.019259302837209,
  "efc": 0.5740752784540372,
  "fber": 2432.6767578125,
  "fd_mean": 0.12272882951029936,
  "fd_num": 28,
  "fd_perc": 12.962962962962964,
  "fwhm_avg": 1.744801111111111,
  "fwhm_x": 1.6879566666666665,
  "fwhm_y": 1.9578566666666666,
  "fwhm_z": 1.58859,
  "gcor": 0.0359772,
  "gsr_x": 0.0012362711131572723,
  "gsr_y": 0.03834802284836769,
  "provenance": {
    "md5sum": "2bb0b635b8902317f4ea1a4c202a64ce",
    "settings": {
      "fd_thres": 0.2,
      "testing": false
    },
    "software": "mriqc",
    "version": "23.0.1",
    "webapi_port": null,
    "webapi_url": "https://mriqc.nimh.nih.gov/api/v1"
  },
  "size_t": 216,
  "size_x": 64,
  "size_y": 64,
  "size_z": 26,
  "snr": 7.944304296568946,
  "spacing_tr": 1.5,
  "spacing_x": 3.0,
  "spacing_y": 3.0,
  "spacing_z": 4.0,
  "summary_bg_k": 15.341963798112431,
  "summary_bg_mad": 8.387685296886195,
  "summary_bg_mean": 39.54387283325195,
  "summary_bg_median": 12.851852416992188,
  "summary_bg_n": 55558.0,
  "summary_bg_p05": 6.179861378669741,
  "summary_bg_p95": 167.92801666259757,
  "summary_bg_stdv": 65.35652923583984,
  "summary_fg_k": 3.8328900459887887,
  "summary_fg_mad": 71.35710907079489,
  "summary_fg_mean": 661.2034301757812,
  "summary_fg_median": 655.625,
  "summary_fg_n": 23929.0,
  "summary_fg_p05": 550.2907592773438,
  "summary_fg_p95": 792.87685546875,
  "summary_fg_stdv": 82.52595520019531,
  "tsnr": 69.95944246533327
}