{
  "bids_meta": {
    "AcquisitionMatrixPE": 256,
    "AcquisitionNumber": 1,
    "AcquisitionTime": "21:39:11.712500",
    "BaseResolution": 256,
    "BodyPartExamined": "BRAIN",
    "ConsistencyInfo": "N4_VD13A_LATEST_20120616",
    "ConversionSoftware": "dcm2niix",
    "ConversionSoftwareVersion": "v1.0.20180518 GCC4.8.5",
    "DeviceSerialNumber": "45031",
    "DwellTime": 8.2e-06,
    "EchoTime": 0.00298,
    "FlipAngle": 9,
    "ImageOrientationPatientDICOM": [
      -0.0744547,
      0.992849,
      -0.0933088,
      0.0615691,
      -0.0888133,
      -0.994144
    ],
    "ImageType": [
      "ORIGINAL",
      "PRIMARY",
      "M",
      "ND",
      "NORM"
    ],
    "InPlanePhaseEncodingDirectionDICOM": "ROW",
    "InstitutionAddress": "Washington_and_Faculty_Rd._-_Building_25_25_Princeton_NJ_US_085",
    "InstitutionName": "Princeton_University_-_Neuroscience_Institute",
    "InstitutionalDepartmentName": "Department",
    "InversionTime": 0.9,
    "MRAcquisitionType": "3D",
    "MagneticFieldStrength": 3,
    "Manufacturer": "Siemens",
    "ManufacturersModelName": "Skyra",
    "Modality": "MR",
    "ParallelReductionFactorInPlane": 2,
    "PartialFourier": 1,
    "PatientPosition": "HFS",
    "PercentPhaseFOV": 100,
    "PhaseEncodingSteps": 255,
    "PhaseResolution": 1,
    "PixelBandwidth": 240,
    "ProcedureStepDescription": "Turk-BrowneLab_Projects",
    "ProtocolName": "mprage_1x1x1_medium",
    "PulseSequenceDetails": "%SiemensSeq%_tfl",
    "ReceiveCoilActiveElements": "HE1-4",
    "ReceiveCoilName": "HeadNeck_20",
    "ReconMatrixPE": 256,
    "RepetitionTime": 2.3,
    "SAR": 0.0803702,
    "ScanOptions": "IR",
    "ScanningSequence": "GR_IR",
    "SequenceName": "_tfl3d1_16ns",
    "SequenceVariant": "SK_SP_MP",
    "SeriesDescription": "mprage_1x1x1_medium",
    "SeriesNumber": 15,
    "ShimSetting": [
      3414,
      8626,
      9173,
      284,
      205,
      -513,
      213,
      109
    ],
    "SliceThickness": 1,
    "SoftwareVersions": "syngo_MR_D13",
    "StationName": "AWP45031",
    "TxRefAmp": 391.067,
    "dataset": "ds001430",
    "modality": "T1w",
    "subject_id": "20"
  },
  "cjv": 0.3530751057920031,
  "cnr": 3.7390139113774694,
  "efc": 0.5201227016710335,
  "fber": 16089.181468665898,
  "fwhm_avg": 3.541578676202525,
  "fwhm_x": 3.7016060286075763,
  "fwhm_y": 3.61217,
  "fwhm_z": 3.31096,
  "icvs_csf": 0.2132668361624994,
  "icvs_gm": 0.44072945404203384,
  "icvs_wm": 0.3460037097954668,
  "inu_med": 0.5777124166488647,
  "inu_range": 0.20190632939338682,
  "provenance": {
    "md5sum": "f88e1d67d59014baba4f54e7edd7f746",
    "settings": {
      "testing": false
    },
    "software": "mriqc",
    "version": "23.0.1",
    "warnings": {
      "large_rot_frame": true,
      "small_air_mask": false
    },
    "webapi_port": null,
    "webapi_url": "https://mriqc.nimh.nih.gov/api/v1"
  },
  "qi_1": 0.0,
  "qi_2": 0.005836706232840275,
  "rpve_csf": 25.624993852459017,
  "rpve_gm": 13.071318993408346,
  "rpve_wm": 18.78185121782743,
  "size_x": 192,
  "size_y": 256,
  "size_z": 256,
  "snr_csf": 2.28031520460222,
  "snr_gm": 10.589254891340053,
  "snr_total": 11.324087988503495,
  "snr_wm": 21.102693869568213,
  "snrd_csf": 19.816390188153665,
  "snrd_gm": 53.04087161915849,
  "snrd_total": 49.707247795209106,
  "snrd_wm": 76.26448157831518,
  "spacing_x": 1.000001072883606,
  "spacing_y": 1.0,
  "spacing_z": 1.0,
  "summary_bg_k": 8.624194917333675,
  "summary_bg_mad": 0.0,
  "summary_bg_mean": 5.552388991583166,
  "summary_bg_median": 0.0,
  "summary_bg_n": 3350380.0,
  "summary_bg_p05": 0.0,
  "summary_bg_p95": 22.26669955253601,
  "summary_bg_stdv": 8.590321110696097,
  "summary_csf_k": 3.2902913096091586,
  "summary_csf_mad": 100.76014363157222,
  "summary_csf_mean": 273.36944984749204,
  "summary_csf_median": 259.8377299308777,
  "summary_csf_n": 38154.0,
  "summary_csf_p05": 111.49969383478165,
  "summary_csf_p95": 480.82668124437316,
  "summary_csf_stdv": 113.94667029643401,
  "summary_gm_k": 0.24535940978242854,
  "summary_gm_mad": 62.31602887758555,
  "summary_gm_mean": 695.69708617981,
  "summary_gm_median": 695.4858853816986,
  "summary_gm_n": 30194.0,
  "summary_gm_p05": 585.8197095036506,
  "summary_gm_p95": 804.9251053333282,
  "summary_gm_stdv": 65.67736592118378,
  "summary_wm_k": 0.45649452138800317,
  "summary_wm_mad": 45.20031686443918,
  "summary_wm_mean": 999.3067304013057,
  "summary_wm_median": 999.9999787807465,
  "summary_wm_n": 212701.0,
  "summary_wm_p05": 920.5475339889526,
  "summary_wm_p95": 1075.4136803150177,
  "summary_wm_stdv": 47.38720251742061,
  "tpm_overlap_csf": 0.1638339572604496,
  "tpm_overlap_gm": 0.46581519648793596,
  "tpm_overlap_wm": 0.5236656306840872,
  "wm2max": 0.5341440598690365
}