{
  "aor": 0.0008407432432432433,
  "aqi": 0.004363807905405406,
  "bids_meta": {
    "AcquisitionMatrixPE": 64,
    "AcquisitionNumber": 1,
    "AcquisitionTime": "19:06:33.845000",
    "BandwidthPerPixelPhaseEncode": 40.064,
    "BaseResolution": 64,
    "BodyPartExamined": "BRAIN",
    "ConsistencyInfo": "N4_VD13A_LATEST_20120616",
    "ConversionSoftware": "dcm2niix",
    "ConversionSoftwareVersion": "v1.0.20180518 GCC4.8.5",
    "DerivedVendorReportedEchoSpacing": 0.000780002,
    "DeviceSerialNumber": "45031",
    "DwellTime": 5.4e-06,
    "EchoTime": 0.028,
    "EchoTrainLength": 32,
    "EffectiveEchoSpacing": 0.000390001,
    "FlipAngle": 64,
    "ImageOrientationPatientDICOM": [
      0.999966,
      -0.00809256,
      -0.00169555,
      0.00810589,
      0.999935,
      0.00801046
    ],
    "ImageType": [
      "ORIGINAL",
      "PRIMARY",
      "M",
      "ND",
      "NORM",
      "MOSAIC"
    ],
    "InPlanePhaseEncodingDirectionDICOM": "COL",
    "InstitutionAddress": "Washington_and_Faculty_Rd._-_Building_25_25_Princeton_NJ_US_085",
    "InstitutionName": "Princeton_University_-_Neuroscience_Institute",
    "InstitutionalDepartmentName": "Department",
    "MRAcquisitionType": "2D",
    "MagneticFieldStrength": 3,
    "Manufacturer": "Siemens",
    "ManufacturersModelName": "Skyra",
    "Modality": "MR",
    "ParallelReductionFactorInPlane": 2,
    "PartialFourier": 1,
    "PatientPosition": "HFS",
    "PercentPhaseFOV": 100,
    "PhaseEncodingDirection": "j-",
    "PhaseEncodingSteps": 64,
    "PhaseResolution": 1,
    "PixelBandwidth": 1445,
    "ProcedureStepDescription": "Turk-BrowneLab_Projects",
    "ProtocolName": "epi_3x3x4_1.5s_148TR",
    "PulseSequenceDetails": "%SiemensSeq%_ep2d_bold",
    "ReceiveCoilActiveElements": "HE1-4",
    "ReceiveCoilName": "HeadNeck_20",
    "ReconMatrixPE": 64,
    "RepetitionTime": 1.5,
    "SAR": 0.0809875,
    "ScanOptions": "FS",
    "ScanningSequence": "EP",
    "SequenceName": "_epfid2d1_64",
    "SequenceVariant": "SK",
    "SeriesDescription": "epi_3x3x4_1.5s_148TR",
    "SeriesNumber": 5,
    "ShimSetting": [
      3397,
      8609,
      9367,
      427,
      195,
      -91,
      244,
      160
    ],
    "SliceThickness": 4,
    "SliceTiming": [
      0.74,
      0,
      0.7975,
      0.0575,
      0.855,
      0.115,
      0.9125,
      0.1725,
      0.9675,
      0.23,
      1.025,
      0.285,
      1.0825,
      0.3425,
      1.14,
      0.4,
      1.1975,
      0.4575,
      1.2525,
      0.5125,
      1.31,
      0.57,
      1.3675,
      0.6275,
      1.425,
      0.685
    ],
    "SoftwareVersions": "syngo_MR_D13",
    "SpacingBetweenSlices": 4,
    "StationName": "AWP45031",
    "TotalReadoutTime": 0.0245701,
    "TxRefAmp": 347.483,
    "dataset": "ds001430",
    "modality": "bold",
    "run_id": 1,
    "subject_id": "22",
    "task_id": "phase1"
  },
  "dummy_trs": 0,
  "dvars_nstd": 20.18526635183672,
  "dvars_std": 1.1917654772108845,
  "dvars_vstd": 1.0025955160544227,
  "efc": 0.6034245522936509,
  "fber": 1833.8775634765625,
  "fd_mean": 0.08372813016598848,
  "fd_num": 1,
  "fd_perc": 0.6756756756756757,
  "fwhm_avg": 1.766138611111111,
  "fwhm_x": 1.7337533333333335,
  "fwhm_y": 2.02276,
  "fwhm_z": 1.5419025,
  "gcor": 0.027489,
  "gsr_x": 0.004551195073872805,
  "gsr_y": 0.043047063052654266,
  "provenance": {
    "md5sum": "24ae6e7309791d15c6da6880f4513b8d",
    "settings": {
      "fd_thres": 0.2,
      "testing": false
    },
    "software": "mriqc",
    "version": "23.0.1",
    "webapi_port": null,
    "webapi_url": "https://mriqc.nimh.nih.gov/api/v1"
  },
  "size_t": 148,
  "size_x": 64,
  "size_y": 64,
  "size_z": 26,
  "snr": 7.066193342190055,
  "spacing_tr": 1.5,
  "spacing_x": 3.0,
  "spacing_y": 3.0,
  "spacing_z": 4.0,
  "summary_bg_k": 18.532322802779124,
  "summary_bg_mad": 10.959234706447774,
  "summary_bg_mean": 48.11262893676758,
  "summary_bg_median": 15.689189910888672,
  "summary_bg_n": 52082.0,
  "summary_bg_p05": 6.851689553260805,
  "summary_bg_p95": 226.38379516601555,
  "summary_bg_stdv": 83.38658905029297,
  "summary_fg_k": 2.5208972451079887,
  "summary_fg_mad": 93.93484963010904,
  "summary_fg_mean": 717.3719482421875,
  "summary_fg_median": 710.0270385742188,
  "summary_fg_n": 26761.0,
  "summary_fg_p05": 580.5743408203125,
  "summary_fg_p95": 884.398681640625,
  "summary_fg_stdv": 100.48037719726562,
  "tsnr": 86.89601965877227
}