{
  "bids_meta": {
    "AcquisitionMatrixPE": 256,
    "AcquisitionNumber": 1,
    "AcquisitionTime": "15:58:10.667500",
    "BaseResolution": 256,
    "BodyPartExamined": "BRAIN",
    "ConsistencyInfo": "N4_VD13A_LATEST_20120616",
    "ConversionSoftware": "dcm2niix",
    "ConversionSoftwareVersion": "v1.0.20180518 GCC4.8.5",
    "DeviceSerialNumber": "45031",
    "DwellTime": 8.2e-06,
    "EchoTime": 0.00298,
    "FlipAngle": 9,
    "ImageOrientationPatientDICOM": [
      -0.0344277,
      0.9994,
      -0.00377634,
      0.153919,
      0.00156867,
      -0.988082
    ],
    "ImageType": [
      "ORIGINAL",
      "PRIMARY",
      "M",
      "ND",
      "NORM"
    ],
    "InPlanePhaseEncodingDirectionDICOM": "ROW",
    "InstitutionAddress": "Washington_and_Faculty_Rd._-_Building_25_25_Princeton_NJ_US_085",
    "InstitutionName": "Princeton_University_-_Neuroscience_Institute",
    "InstitutionalDepartmentName": "Department",
    "InversionTime": 0.9,
    "MRAcquisitionType": "3D",
    "MagneticFieldStrength": 3,
    "Manufacturer": "Siemens",
    "ManufacturersModelName": "Skyra",
    "Modality": "MR",
    "ParallelReductionFactorInPlane": 2,
    "PartialFourier": 1,
    "PatientPosition": "HFS",
    "PercentPhaseFOV": 100,
    "PhaseEncodingSteps": 255,
    "PhaseResolution": 1,
    "PixelBandwidth": 240,
    "ProcedureStepDescription": "Turk-BrowneLab_Projects",
    "ProtocolName": "mprage_1x1x1_medium",
    "PulseSequenceDetails": "%SiemensSeq%_tfl",
    "ReceiveCoilActiveElements": "HE1-4",
    "ReceiveCoilName": "HeadNeck_20",
    "ReconMatrixPE": 256,
    "RepetitionTime": 2.3,
    "SAR": 0.0751379,
    "ScanOptions": "IR",
    "ScanningSequence": "GR_IR",
    "SequenceName": "_tfl3d1_16ns",
    "SequenceVariant": "SK_SP_MP",
    "SeriesDescription": "mprage_1x1x1_medium",
    "SeriesNumber": 15,
    "ShimSetting": [
      3382,
      8646,
      9128,
      275,
      37,
      -505,
      363,
      -84
    ],
    "SliceThickness": 1,
    "SoftwareVersions": "syngo_MR_D13",
    "StationName": "AWP45031",
    "TxRefAmp": 354.001,
    "dataset": "ds001430",
    "modality": "T1w",
    "subject_id": "04"
  },
  "cjv": 0.321592338320565,
  "cnr": 4.179135793971127,
  "efc": 0.5064017086594808,
  "fber": 19243.5403766949,
  "fwhm_avg": 3.83699993520452,
  "fwhm_x": 3.9395998056135606,
  "fwhm_y": 3.8983,
  "fwhm_z": 3.6731,
  "icvs_csf": 0.2151195504886686,
  "icvs_gm": 0.4594949940809668,
  "icvs_wm": 0.3253854554303646,
  "inu_med": 0.5774678587913513,
  "inu_range": 0.2203026548027992,
  "provenance": {
    "md5sum": "e34d736bf36a15540eb6dc14c48187d6",
    "settings": {
      "testing": false
    },
    "software": "mriqc",
    "version": "23.0.1",
    "warnings": {
      "large_rot_frame": true,
      "small_air_mask": false
    },
    "webapi_port": null,
    "webapi_url": "https://mriqc.nimh.nih.gov/api/v1"
  },
  "qi_1": 0.0,
  "qi_2": 0.00450056429156817,
  "rpve_csf": 24.889314101849344,
  "rpve_gm": 12.461567698915802,
  "rpve_wm": 19.496209741657612,
  "size_x": 192,
  "size_y": 256,
  "size_z": 256,
  "snr_csf": 2.1624461136326087,
  "snr_gm": 10.238318471384225,
  "snr_total": 11.482559025974327,
  "snr_wm": 22.04691249290615,
  "snrd_csf": 21.153136477697302,
  "snrd_gm": 59.96182268321379,
  "snrd_total": 57.00898786322884,
  "snrd_wm": 89.91200442877543,
  "spacing_x": 1.0000051259994507,
  "spacing_y": 1.0,
  "spacing_z": 1.0,
  "summary_bg_k": 9.191308117261585,
  "summary_bg_mad": 0.0,
  "summary_bg_mean": 4.462557446536215,
  "summary_bg_median": 0.0,
  "summary_bg_n": 2934615.0,
  "summary_bg_p05": 0.0,
  "summary_bg_p95": 19.60540596395731,
  "summary_bg_stdv": 7.286417367357934,
  "summary_csf_k": 0.9080334461414723,
  "summary_csf_mad": 100.74416670397162,
  "summary_csf_mean": 245.54493948426722,
  "summary_csf_median": 235.26487156748772,
  "summary_csf_n": 41056.0,
  "summary_csf_p05": 86.74848407506943,
  "summary_csf_p95": 445.4559513553977,
  "summary_csf_stdv": 108.79439024930763,
  "summary_gm_k": 0.046097128086859396,
  "summary_gm_mad": 64.21461746014468,
  "summary_gm_mean": 667.6053661117508,
  "summary_gm_median": 666.8945065140724,
  "summary_gm_n": 49577.0,
  "summary_gm_p05": 560.1988423615694,
  "summary_gm_p95": 775.796167217195,
  "summary_gm_stdv": 65.13645600089176,
  "summary_wm_k": 0.5357712698202981,
  "summary_wm_mad": 42.909552485024946,
  "summary_wm_mean": 999.5743085883645,
  "summary_wm_median": 999.9999856576324,
  "summary_wm_n": 197758.0,
  "summary_wm_p05": 924.8718214407563,
  "summary_wm_p95": 1072.8289422020316,
  "summary_wm_stdv": 45.35770973071678,
  "tpm_overlap_csf": 0.16556075886940705,
  "tpm_overlap_gm": 0.48867664670092087,
  "tpm_overlap_wm": 0.5154147499201165,
  "wm2max": 0.6160162305969721
}