{
  "bids_meta": {
    "AcquisitionMatrixPE": 256,
    "AcquisitionNumber": 1,
    "AcquisitionTime": "13:55:40.697500",
    "BaseResolution": 256,
    "BodyPartExamined": "BRAIN",
    "ConsistencyInfo": "N4_VD13A_LATEST_20120616",
    "ConversionSoftware": "dcm2niix",
    "ConversionSoftwareVersion": "v1.0.20180518 GCC4.8.5",
    "DeviceSerialNumber": "45031",
    "DwellTime": 8.2e-06,
    "EchoTime": 0.00298,
    "FlipAngle": 9,
    "ImageOrientationPatientDICOM": [
      -0.0524427,
      0.998552,
      -0.0119523,
      0.100153,
      -0.00664928,
      -0.99495
    ],
    "ImageType": [
      "ORIGINAL",
      "PRIMARY",
      "M",
      "ND",
      "NORM"
    ],
    "InPlanePhaseEncodingDirectionDICOM": "ROW",
    "InstitutionAddress": "Washington_and_Faculty_Rd._-_Building_25_25_Princeton_NJ_US_085",
    "InstitutionName": "Princeton_University_-_Neuroscience_Institute",
    "InstitutionalDepartmentName": "Department",
    "InversionTime": 0.9,
    "MRAcquisitionType": "3D",
    "MagneticFieldStrength": 3,
    "Manufacturer": "Siemens",
    "ManufacturersModelName": "Skyra",
    "Modality": "MR",
    "ParallelReductionFactorInPlane": 2,
    "PartialFourier": 1,
    "PatientPosition": "HFS",
    "PercentPhaseFOV": 100,
    "PhaseEncodingSteps": 255,
    "PhaseResolution": 1,
    "PixelBandwidth": 240,
    "ProcedureStepDescription": "Turk-BrowneLab_Projects",
    "ProtocolName": "mprage_1x1x1_medium",
    "PulseSequenceDetails": "%SiemensSeq%_tfl",
    "ReceiveCoilActiveElements": "HE1-4",
    "ReceiveCoilName": "HeadNeck_20",
    "ReconMatrixPE": 256,
    "RepetitionTime": 2.3,
    "SAR": 0.074195,
    "ScanOptions": "IR",
    "ScanningSequence": "GR_IR",
    "SequenceName": "_tfl3d1_16ns",
    "SequenceVariant": "SK_SP_MP",
    "SeriesDescription": "mprage_1x1x1_medium",
    "SeriesNumber": 15,
    "ShimSetting": [
      3424,
      8607,
      9274,
      191,
      99,
      -381,
      287,
      2
    ],
    "SliceThickness": 1,
    "SoftwareVersions": "syngo_MR_D13",
    "StationName": "AWP45031",
    "TxRefAmp": 357.716,
    "dataset": "ds001430",
    "modality": "T1w",
    "subject_id": "02"
  },
  "cjv": 0.35425824112816406,
  "cnr": 3.778186395626781,
  "efc": 0.5134177951845078,
  "fber": 24918.877551020407,
  "fwhm_avg": 3.77715662665775,
  "fwhm_x": 3.8587698799732495,
  "fwhm_y": 3.91522,
  "fwhm_z": 3.55748,
  "icvs_csf": 0.2175521687962472,
  "icvs_gm": 0.43302046187055243,
  "icvs_wm": 0.34942736933320034,
  "inu_med": 0.5765026211738586,
  "inu_range": 0.21541366577148435,
  "provenance": {
    "md5sum": "335edbbb639ff2af0476dcf002a156e4",
    "settings": {
      "testing": false
    },
    "software": "mriqc",
    "version": "23.0.1",
    "warnings": {
      "large_rot_frame": true,
      "small_air_mask": false
    },
    "webapi_port": null,
    "webapi_url": "https://mriqc.nimh.nih.gov/api/v1"
  },
  "qi_1": 0.0,
  "qi_2": 0.014248758199463621,
  "rpve_csf": 22.81858272895011,
  "rpve_gm": 11.966101335267497,
  "rpve_wm": 16.94635137260858,
  "size_x": 192,
  "size_y": 256,
  "size_z": 256,
  "snr_csf": 2.234207894324563,
  "snr_gm": 10.250223283095437,
  "snr_total": 11.41831353820595,
  "snr_wm": 21.77050943719785,
  "snrd_csf": 22.6202855278921,
  "snrd_gm": 62.51387459246581,
  "snrd_total": 58.548099626822896,
  "snrd_wm": 90.51013876011076,
  "spacing_x": 1.0000026226043701,
  "spacing_y": 1.0,
  "spacing_z": 1.0,
  "summary_bg_k": 10.381033529773433,
  "summary_bg_mad": 0.0,
  "summary_bg_mean": 4.102044134283559,
  "summary_bg_median": 0.0,
  "summary_bg_n": 2921835.0,
  "summary_bg_p05": 0.0,
  "summary_bg_p95": 18.997886426746845,
  "summary_bg_stdv": 7.238265665265292,
  "summary_csf_k": 4.871640170744039,
  "summary_csf_mad": 94.47350376429905,
  "summary_csf_mean": 266.8382963416841,
  "summary_csf_median": 249.91991908103228,
  "summary_csf_n": 44987.0,
  "summary_csf_p05": 112.28936243802309,
  "summary_csf_p95": 474.3608852528035,
  "summary_csf_stdv": 111.85939411010642,
  "summary_gm_k": 0.060091525893883,
  "summary_gm_mad": 65.92721127443292,
  "summary_gm_mean": 692.0040292763707,
  "summary_gm_median": 690.6836989447474,
  "summary_gm_n": 34936.0,
  "summary_gm_p05": 582.238765463233,
  "summary_gm_p95": 805.5680509284139,
  "summary_gm_stdv": 67.38134329499685,
  "summary_wm_k": 0.5137862200916699,
  "summary_wm_mad": 43.650653574354365,
  "summary_wm_mean": 999.6174111176551,
  "summary_wm_median": 1000.0000454038382,
  "summary_wm_n": 225901.0,
  "summary_wm_p05": 923.944425880909,
  "summary_wm_p95": 1073.9091920927167,
  "summary_wm_stdv": 45.93359815153006,
  "tpm_overlap_csf": 0.16607166524576253,
  "tpm_overlap_gm": 0.46538939243318783,
  "tpm_overlap_wm": 0.503751935577547,
  "wm2max": 0.5896331557671238
}