{
  "aor": 0.0010716891891891893,
  "aqi": 0.015892615743243244,
  "bids_meta": {
    "AcquisitionMatrixPE": 64,
    "AcquisitionNumber": 1,
    "AcquisitionTime": "10:27:14.160000",
    "BandwidthPerPixelPhaseEncode": 40.064,
    "BaseResolution": 64,
    "BodyPartExamined": "BRAIN",
    "ConsistencyInfo": "N4_VD13A_LATEST_20120616",
    "ConversionSoftware": "dcm2niix",
    "ConversionSoftwareVersion": "v1.0.20180518 GCC4.8.5",
    "DerivedVendorReportedEchoSpacing": 0.000780002,
    "DeviceSerialNumber": "45031",
    "DwellTime": 5.4e-06,
    "EchoTime": 0.028,
    "EchoTrainLength": 32,
    "EffectiveEchoSpacing": 0.000390001,
    "FlipAngle": 64,
    "ImageOrientationPatientDICOM": [
      0.999683,
      0.0127141,
      0.0217487,
      -0.0129966,
      0.999832,
      0.0128982
    ],
    "ImageType": [
      "ORIGINAL",
      "PRIMARY",
      "M",
      "ND",
      "NORM",
      "MOSAIC"
    ],
    "InPlanePhaseEncodingDirectionDICOM": "COL",
    "InstitutionAddress": "Washington_and_Faculty_Rd._-_Building_25_25_Princeton_NJ_US_085",
    "InstitutionName": "Princeton_University_-_Neuroscience_Institute",
    "InstitutionalDepartmentName": "Department",
    "MRAcquisitionType": "2D",
    "MagneticFieldStrength": 3,
    "Manufacturer": "Siemens",
    "ManufacturersModelName": "Skyra",
    "Modality": "MR",
    "ParallelReductionFactorInPlane": 2,
    "PartialFourier": 1,
    "PatientPosition": "HFS",
    "PercentPhaseFOV": 100,
    "PhaseEncodingDirection": "j-",
    "PhaseEncodingSteps": 64,
    "PhaseResolution": 1,
    "PixelBandwidth": 1445,
    "ProcedureStepDescription": "Turk-BrowneLab_Projects",
    "ProtocolName": "epi_3x3x4_1.5s_148TR",
    "PulseSequenceDetails": "%SiemensSeq%_ep2d_bold",
    "ReceiveCoilActiveElements": "HE1-4",
    "ReceiveCoilName": "HeadNeck_20",
    "ReconMatrixPE": 64,
    "RepetitionTime": 1.5,
    "SAR": 0.0903996,
    "ScanOptions": "FS",
    "ScanningSequence": "EP",
    "SequenceName": "_epfid2d1_64",
    "SequenceVariant": "SK",
    "SeriesDescription": "epi_3x3x4_1.5s_148TR",
    "SeriesNumber": 8,
    "ShimSetting": [
      3415,
      8558,
      9366,
      493,
      143,
      -37,
      658,
      112
    ],
    "SliceThickness": 4,
    "SliceTiming": [
      0.74,
      0,
      0.7975,
      0.0575,
      0.8525,
      0.1125,
      0.91,
      0.17,
      0.9675,
      0.2275,
      1.025,
      0.285,
      1.08,
      0.34,
      1.1375,
      0.3975,
      1.195,
      0.455,
      1.2525,
      0.5125,
      1.3075,
      0.5675,
      1.365,
      0.625,
      1.4225,
      0.6825
    ],
    "SoftwareVersions": "syngo_MR_D13",
    "SpacingBetweenSlices": 4,
    "StationName": "AWP45031",
    "TotalReadoutTime": 0.0245701,
    "TxRefAmp": 354.718,
    "dataset": "ds001430",
    "modality": "bold",
    "run_id": 4,
    "subject_id": "07",
    "task_id": "phase1"
  },
  "dummy_trs": 0,
  "dvars_nstd": 23.790863452448967,
  "dvars_std": 1.186709084897959,
  "dvars_vstd": 0.9408236349659866,
  "efc": 0.5744663418702258,
  "fber": 2427.921630859375,
  "fd_mean": 0.10918282339503442,
  "fd_num": 11,
  "fd_perc": 7.4324324324324325,
  "fwhm_avg": 1.7307113888888888,
  "fwhm_x": 1.66528,
  "fwhm_y": 1.9459066666666667,
  "fwhm_z": 1.5809475,
  "gcor": 0.0272498,
  "gsr_x": -0.001376946340315044,
  "gsr_y": 0.03837974742054939,
  "provenance": {
    "md5sum": "49a9c36e2cc684714715e24944eefa35",
    "settings": {
      "fd_thres": 0.2,
      "testing": false
    },
    "software": "mriqc",
    "version": "23.0.1",
    "webapi_port": null,
    "webapi_url": "https://mriqc.nimh.nih.gov/api/v1"
  },
  "size_t": 148,
  "size_x": 64,
  "size_y": 64,
  "size_z": 26,
  "snr": 7.919950986595072,
  "spacing_tr": 1.5,
  "spacing_x": 3.0,
  "spacing_y": 3.0,
  "spacing_z": 4.0,
  "summary_bg_k": 15.609730721064746,
  "summary_bg_mad": 8.474874652549635,
  "summary_bg_mean": 38.84716796875,
  "summary_bg_median": 12.932433128356934,
  "summary_bg_n": 55402.0,
  "summary_bg_p05": 6.141891956329346,
  "summary_bg_p95": 161.20237503051757,
  "summary_bg_stdv": 63.79706573486328,
  "summary_fg_k": 3.7090919816521772,
  "summary_fg_mad": 72.73768284683436,
  "summary_fg_mean": 661.173095703125,
  "summary_fg_median": 656.1351318359375,
  "summary_fg_n": 24104.0,
  "summary_fg_p05": 550.7375274658203,
  "summary_fg_p95": 794.09833984375,
  "summary_fg_stdv": 82.8441390991211,
  "tsnr": 61.20737184304744
}