{
  "aor": 0.0009880132450331125,
  "aqi": 0.010799036986754967,
  "bids_meta": {
    "AcquisitionMatrixPE": 64,
    "AcquisitionNumber": 1,
    "AcquisitionTime": "10:33:54.455000",
    "BandwidthPerPixelPhaseEncode": 40.064,
    "BaseResolution": 64,
    "BodyPartExamined": "BRAIN",
    "ConsistencyInfo": "N4_VD13A_LATEST_20120616",
    "ConversionSoftware": "dcm2niix",
    "ConversionSoftwareVersion": "v1.0.20180518 GCC4.8.5",
    "DerivedVendorReportedEchoSpacing": 0.000780002,
    "DeviceSerialNumber": "45031",
    "DwellTime": 5.4e-06,
    "EchoTime": 0.028,
    "EchoTrainLength": 32,
    "EffectiveEchoSpacing": 0.000390001,
    "FlipAngle": 64,
    "ImageOrientationPatientDICOM": [
      0.999683,
      0.0127141,
      0.0217487,
      -0.0129966,
      0.999832,
      0.0128982
    ],
    "ImageType": [
      "ORIGINAL",
      "PRIMARY",
      "M",
      "ND",
      "NORM",
      "MOSAIC"
    ],
    "InPlanePhaseEncodingDirectionDICOM": "COL",
    "InstitutionAddress": "Washington_and_Faculty_Rd._-_Building_25_25_Princeton_NJ_US_085",
    "InstitutionName": "Princeton_University_-_Neuroscience_Institute",
    "InstitutionalDepartmentName": "Department",
    "MRAcquisitionType": "2D",
    "MagneticFieldStrength": 3,
    "Manufacturer": "Siemens",
    "ManufacturersModelName": "Skyra",
    "Modality": "MR",
    "ParallelReductionFactorInPlane": 2,
    "PartialFourier": 1,
    "PatientPosition": "HFS",
    "PercentPhaseFOV": 100,
    "PhaseEncodingDirection": "j-",
    "PhaseEncodingSteps": 64,
    "PhaseResolution": 1,
    "PixelBandwidth": 1445,
    "ProcedureStepDescription": "Turk-BrowneLab_Projects",
    "ProtocolName": "epi_3x3x4_1.5s_302TR",
    "PulseSequenceDetails": "%SiemensSeq%_ep2d_bold",
    "ReceiveCoilActiveElements": "HE1-4",
    "ReceiveCoilName": "HeadNeck_20",
    "ReconMatrixPE": 64,
    "RepetitionTime": 1.5,
    "SAR": 0.0904016,
    "ScanOptions": "FS",
    "ScanningSequence": "EP",
    "SequenceName": "_epfid2d1_64",
    "SequenceVariant": "SK",
    "SeriesDescription": "epi_3x3x4_1.5s_302TR",
    "SeriesNumber": 9,
    "ShimSetting": [
      3415,
      8558,
      9366,
      493,
      143,
      -37,
      658,
      112
    ],
    "SliceThickness": 4,
    "SliceTiming": [
      0.74,
      0,
      0.7975,
      0.0575,
      0.855,
      0.115,
      0.91,
      0.17,
      0.9675,
      0.2275,
      1.025,
      0.285,
      1.0825,
      0.3425,
      1.1375,
      0.3975,
      1.195,
      0.455,
      1.2525,
      0.5125,
      1.31,
      0.57,
      1.365,
      0.625,
      1.4225,
      0.6825
    ],
    "SoftwareVersions": "syngo_MR_D13",
    "SpacingBetweenSlices": 4,
    "StationName": "AWP45031",
    "TotalReadoutTime": 0.0245701,
    "TxRefAmp": 354.718,
    "dataset": "ds001430",
    "modality": "bold",
    "run_id": 1,
    "subject_id": "07",
    "task_id": "phase2"
  },
  "dummy_trs": 0,
  "dvars_nstd": 23.39486264053156,
  "dvars_std": 1.2777715239534893,
  "dvars_vstd": 0.9961230582059799,
  "efc": 0.5732645860903501,
  "fber": 2482.904052734375,
  "fd_mean": 0.10230540953737724,
  "fd_num": 16,
  "fd_perc": 5.298013245033113,
  "fwhm_avg": 1.7310786111111112,
  "fwhm_x": 1.66679,
  "fwhm_y": 1.9502633333333332,
  "fwhm_z": 1.5761825,
  "gcor": 0.0110255,
  "gsr_x": -0.0005454342463053763,
  "gsr_y": 0.038725435733795166,
  "provenance": {
    "md5sum": "1c1f3430ed52855d4f17949d889d5cd9",
    "settings": {
      "fd_thres": 0.2,
      "testing": false
    },
    "software": "mriqc",
    "version": "23.0.1",
    "webapi_port": null,
    "webapi_url": "https://mriqc.nimh.nih.gov/api/v1"
  },
  "size_t": 302,
  "size_x": 64,
  "size_y": 64,
  "size_z": 26,
  "snr": 7.917696238560081,
  "spacing_tr": 1.5,
  "spacing_x": 3.0,
  "spacing_y": 3.0,
  "spacing_z": 4.0,
  "summary_bg_k": 16.48865117925909,
  "summary_bg_mad": 8.802336324285942,
  "summary_bg_mean": 39.04895782470703,
  "summary_bg_median": 12.890727996826172,
  "summary_bg_n": 55560.0,
  "summary_bg_p05": 5.821192264556885,
  "summary_bg_p95": 162.34503784179682,
  "summary_bg_stdv": 64.4538803100586,
  "summary_fg_k": 3.7314087870419135,
  "summary_fg_mad": 71.66070589959654,
  "summary_fg_mean": 661.4227905273438,
  "summary_fg_median": 655.5794677734375,
  "summary_fg_n": 23915.0,
  "summary_fg_p05": 550.486083984375,
  "summary_fg_p95": 794.7950439453125,
  "summary_fg_stdv": 82.79753875732422,
  "tsnr": 67.999298337847
}