{
  "aor": 0.0007707870370370371,
  "aqi": 0.018734961898148147,
  "bids_meta": {
    "AcquisitionMatrixPE": 64,
    "AcquisitionNumber": 1,
    "AcquisitionTime": "11:11:3.645000",
    "BandwidthPerPixelPhaseEncode": 40.064,
    "BaseResolution": 64,
    "BodyPartExamined": "BRAIN",
    "ConsistencyInfo": "N4_VD13A_LATEST_20120616",
    "ConversionSoftware": "dcm2niix",
    "ConversionSoftwareVersion": "v1.0.20180518 GCC4.8.5",
    "DerivedVendorReportedEchoSpacing": 0.000780002,
    "DeviceSerialNumber": "45031",
    "DwellTime": 5.4e-06,
    "EchoTime": 0.028,
    "EchoTrainLength": 32,
    "EffectiveEchoSpacing": 0.000390001,
    "FlipAngle": 64,
    "ImageOrientationPatientDICOM": [
      0.999683,
      0.0127141,
      0.0217487,
      -0.0129966,
      0.999832,
      0.0128982
    ],
    "ImageType": [
      "ORIGINAL",
      "PRIMARY",
      "M",
      "ND",
      "NORM",
      "MOSAIC"
    ],
    "InPlanePhaseEncodingDirectionDICOM": "COL",
    "InstitutionAddress": "Washington_and_Faculty_Rd._-_Building_25_25_Princeton_NJ_US_085",
    "InstitutionName": "Princeton_University_-_Neuroscience_Institute",
    "InstitutionalDepartmentName": "Department",
    "MRAcquisitionType": "2D",
    "MagneticFieldStrength": 3,
    "Manufacturer": "Siemens",
    "ManufacturersModelName": "Skyra",
    "Modality": "MR",
    "ParallelReductionFactorInPlane": 2,
    "PartialFourier": 1,
    "PatientPosition": "HFS",
    "PercentPhaseFOV": 100,
    "PhaseEncodingDirection": "j-",
    "PhaseEncodingSteps": 64,
    "PhaseResolution": 1,
    "PixelBandwidth": 1445,
    "ProcedureStepDescription": "Turk-BrowneLab_Projects",
    "ProtocolName": "epi_3x3x4_1.5s_216TR",
    "PulseSequenceDetails": "%SiemensSeq%_ep2d_bold",
    "ReceiveCoilActiveElements": "HE1-4",
    "ReceiveCoilName": "HeadNeck_20",
    "ReconMatrixPE": 64,
    "RepetitionTime": 1.5,
    "SAR": 0.0904008,
    "ScanOptions": "FS",
    "ScanningSequence": "EP",
    "SequenceName": "_epfid2d1_64",
    "SequenceVariant": "SK",
    "SeriesDescription": "epi_3x3x4_1.5s_216TR",
    "SeriesNumber": 12,
    "ShimSetting": [
      3415,
      8558,
      9366,
      493,
      143,
      -37,
      658,
      112
    ],
    "SliceThickness": 4,
    "SliceTiming": [
      0.74,
      0,
      0.795,
      0.055,
      0.8525,
      0.1125,
      0.91,
      0.17,
      0.9675,
      0.2275,
      1.0225,
      0.2825,
      1.08,
      0.34,
      1.1375,
      0.3975,
      1.195,
      0.455,
      1.2525,
      0.5125,
      1.3075,
      0.5675,
      1.365,
      0.625,
      1.4225,
      0.6825
    ],
    "SoftwareVersions": "syngo_MR_D13",
    "SpacingBetweenSlices": 4,
    "StationName": "AWP45031",
    "TotalReadoutTime": 0.0245701,
    "TxRefAmp": 354.718,
    "dataset": "ds001430",
    "modality": "bold",
    "run_id": 1,
    "subject_id": "07",
    "task_id": "loc"
  },
  "dummy_trs": 0,
  "dvars_nstd": 23.364580314418593,
  "dvars_std": 1.1666762250697684,
  "dvars_vstd": 0.9292781200000007,
  "efc": 0.5742590155705839,
  "fber": 2439.0439453125,
  "fd_mean": 0.09719838037043645,
  "fd_num": 16,
  "fd_perc": 7.407407407407407,
  "fwhm_avg": 1.7510683333333334,
  "fwhm_x": 1.6977266666666668,
  "fwhm_y": 1.9681933333333335,
  "fwhm_z": 1.587285,
  "gcor": 0.0180124,
  "gsr_x": 0.0008680108585394919,
  "gsr_y": 0.03884493187069893,
  "provenance": {
    "md5sum": "f4e40e867ee1325f07f43f323db87047",
    "settings": {
      "fd_thres": 0.2,
      "testing": false
    },
    "software": "mriqc",
    "version": "23.0.1",
    "webapi_port": null,
    "webapi_url": "https://mriqc.nimh.nih.gov/api/v1"
  },
  "size_t": 216,
  "size_x": 64,
  "size_y": 64,
  "size_z": 26,
  "snr": 8.013188090464146,
  "spacing_tr": 1.5,
  "spacing_x": 3.0,
  "spacing_y": 3.0,
  "spacing_z": 4.0,
  "summary_bg_k": 15.620075730003574,
  "summary_bg_mad": 8.634784724024025,
  "summary_bg_mean": 39.83473205566406,
  "summary_bg_median": 12.949073791503906,
  "summary_bg_n": 55551.0,
  "summary_bg_p05": 6.055555820465088,
  "summary_bg_p95": 167.83795928955078,
  "summary_bg_stdv": 65.96858978271484,
  "summary_fg_k": 3.8112246628608455,
  "summary_fg_mad": 70.80113323885529,
  "summary_fg_mean": 662.0938720703125,
  "summary_fg_median": 656.625,
  "summary_fg_n": 23946.0,
  "summary_fg_p05": 551.9224548339844,
  "summary_fg_p95": 794.7465209960938,
  "summary_fg_stdv": 81.94132995605469,
  "tsnr": 58.244148674886674
}