{
  "aor": 0.0010499537037037038,
  "aqi": 0.0044912125,
  "bids_meta": {
    "AcquisitionMatrixPE": 64,
    "AcquisitionNumber": 1,
    "AcquisitionTime": "13:35:31.320000",
    "BandwidthPerPixelPhaseEncode": 40.064,
    "BaseResolution": 64,
    "BodyPartExamined": "BRAIN",
    "ConsistencyInfo": "N4_VD13A_LATEST_20120616",
    "ConversionSoftware": "dcm2niix",
    "ConversionSoftwareVersion": "v1.0.20180518 GCC4.8.5",
    "DerivedVendorReportedEchoSpacing": 0.000780002,
    "DeviceSerialNumber": "45031",
    "DwellTime": 5.4e-06,
    "EchoTime": 0.028,
    "EchoTrainLength": 32,
    "EffectiveEchoSpacing": 0.000390001,
    "FlipAngle": 64,
    "ImageOrientationPatientDICOM": [
      0.996497,
      0.0833403,
      -0.00690028,
      -0.0810171,
      0.98257,
      0.167306
    ],
    "ImageType": [
      "ORIGINAL",
      "PRIMARY",
      "M",
      "ND",
      "NORM",
      "MOSAIC"
    ],
    "InPlanePhaseEncodingDirectionDICOM": "COL",
    "InstitutionAddress": "Washington_and_Faculty_Rd._-_Building_25_25_Princeton_NJ_US_085",
    "InstitutionName": "Princeton_University_-_Neuroscience_Institute",
    "InstitutionalDepartmentName": "Department",
    "MRAcquisitionType": "2D",
    "MagneticFieldStrength": 3,
    "Manufacturer": "Siemens",
    "ManufacturersModelName": "Skyra",
    "Modality": "MR",
    "ParallelReductionFactorInPlane": 2,
    "PartialFourier": 1,
    "PatientPosition": "HFS",
    "PercentPhaseFOV": 100,
    "PhaseEncodingDirection": "j-",
    "PhaseEncodingSteps": 64,
    "PhaseResolution": 1,
    "PixelBandwidth": 1445,
    "ProcedureStepDescription": "Turk-BrowneLab_Projects",
    "ProtocolName": "epi_3x3x4_1.5s_216TR",
    "PulseSequenceDetails": "%SiemensSeq%_ep2d_bold",
    "ReceiveCoilActiveElements": "HE1-4",
    "ReceiveCoilName": "HeadNeck_20",
    "ReconMatrixPE": 64,
    "RepetitionTime": 1.5,
    "SAR": 0.0962468,
    "ScanOptions": "FS",
    "ScanningSequence": "EP",
    "SequenceName": "_epfid2d1_64",
    "SequenceVariant": "SK",
    "SeriesDescription": "epi_3x3x4_1.5s_216TR",
    "SeriesNumber": 13,
    "ShimSetting": [
      3380,
      8537,
      9487,
      483,
      -128,
      -4,
      589,
      101
    ],
    "SliceThickness": 4,
    "SliceTiming": [
      0.74,
      0,
      0.7975,
      0.0575,
      0.855,
      0.115,
      0.9125,
      0.1725,
      0.9675,
      0.2275,
      1.025,
      0.285,
      1.0825,
      0.3425,
      1.14,
      0.4,
      1.195,
      0.455,
      1.2525,
      0.5125,
      1.31,
      0.57,
      1.3675,
      0.6275,
      1.4225,
      0.6825
    ],
    "SoftwareVersions": "syngo_MR_D13",
    "SpacingBetweenSlices": 4,
    "StationName": "AWP45031",
    "TotalReadoutTime": 0.0245701,
    "TxRefAmp": 323.163,
    "dataset": "ds001430",
    "modality": "bold",
    "run_id": 2,
    "subject_id": "03",
    "task_id": "loc"
  },
  "dummy_trs": 0,
  "dvars_nstd": 23.11400716037209,
  "dvars_std": 1.261343484,
  "dvars_vstd": 1.011910429906977,
  "efc": 0.5775560078325016,
  "fber": 2284.616943359375,
  "fd_mean": 0.08862719262487793,
  "fd_num": 7,
  "fd_perc": 3.240740740740741,
  "fwhm_avg": 1.6796741971101878,
  "fwhm_x": 1.6259766666666666,
  "fwhm_y": 1.8807733333333332,
  "fwhm_z": 1.5322725913305635,
  "gcor": 0.0337333,
  "gsr_x": 0.0020671163219958544,
  "gsr_y": 0.03884677216410637,
  "provenance": {
    "md5sum": "91e2b55512ae042d161f913c4bf06d99",
    "settings": {
      "fd_thres": 0.2,
      "testing": false
    },
    "software": "mriqc",
    "version": "23.0.1",
    "webapi_port": null,
    "webapi_url": "https://mriqc.nimh.nih.gov/api/v1"
  },
  "size_t": 216,
  "size_x": 64,
  "size_y": 64,
  "size_z": 26,
  "snr": 6.5694618593061005,
  "spacing_tr": 1.5,
  "spacing_x": 3.0,
  "spacing_y": 3.0,
  "spacing_z": 3.999999761581421,
  "summary_bg_k": 22.188660534612822,
  "summary_bg_mad": 8.030761781252068,
  "summary_bg_mean": 32.38407897949219,
  "summary_bg_median": 12.740740776062012,
  "summary_bg_n": 53670.0,
  "summary_bg_p05": 6.0,
  "summary_bg_p95": 121.83379898071286,
  "summary_bg_stdv": 58.69793701171875,
  "summary_fg_k": 2.733180068317446,
  "summary_fg_mad": 88.45847863641818,
  "summary_fg_mean": 642.8798217773438,
  "summary_fg_median": 634.1643676757812,
  "summary_fg_n": 25742.0,
  "summary_fg_p05": 513.6210571289063,
  "summary_fg_p95": 801.0757263183592,
  "summary_fg_stdv": 96.53028869628906,
  "tsnr": 82.00499638123438
}