{
  "aor": 0.0016945370370370371,
  "aqi": 0.005110525694444445,
  "bids_meta": {
    "AcquisitionMatrixPE": 64,
    "AcquisitionNumber": 1,
    "AcquisitionTime": "13:29:31.622500",
    "BandwidthPerPixelPhaseEncode": 40.064,
    "BaseResolution": 64,
    "BodyPartExamined": "BRAIN",
    "ConsistencyInfo": "N4_VD13A_LATEST_20120616",
    "ConversionSoftware": "dcm2niix",
    "ConversionSoftwareVersion": "v1.0.20180518 GCC4.8.5",
    "DerivedVendorReportedEchoSpacing": 0.000780002,
    "DeviceSerialNumber": "45031",
    "DwellTime": 5.4e-06,
    "EchoTime": 0.028,
    "EchoTrainLength": 32,
    "EffectiveEchoSpacing": 0.000390001,
    "FlipAngle": 64,
    "ImageOrientationPatientDICOM": [
      0.996497,
      0.0833403,
      -0.00690028,
      -0.0810171,
      0.98257,
      0.167306
    ],
    "ImageType": [
      "ORIGINAL",
      "PRIMARY",
      "M",
      "ND",
      "NORM",
      "MOSAIC"
    ],
    "InPlanePhaseEncodingDirectionDICOM": "COL",
    "InstitutionAddress": "Washington_and_Faculty_Rd._-_Building_25_25_Princeton_NJ_US_085",
    "InstitutionName": "Princeton_University_-_Neuroscience_Institute",
    "InstitutionalDepartmentName": "Department",
    "MRAcquisitionType": "2D",
    "MagneticFieldStrength": 3,
    "Manufacturer": "Siemens",
    "ManufacturersModelName": "Skyra",
    "Modality": "MR",
    "ParallelReductionFactorInPlane": 2,
    "PartialFourier": 1,
    "PatientPosition": "HFS",
    "PercentPhaseFOV": 100,
    "PhaseEncodingDirection": "j-",
    "PhaseEncodingSteps": 64,
    "PhaseResolution": 1,
    "PixelBandwidth": 1445,
    "ProcedureStepDescription": "Turk-BrowneLab_Projects",
    "ProtocolName": "epi_3x3x4_1.5s_216TR",
    "PulseSequenceDetails": "%SiemensSeq%_ep2d_bold",
    "ReceiveCoilActiveElements": "HE1-4",
    "ReceiveCoilName": "HeadNeck_20",
    "ReconMatrixPE": 64,
    "RepetitionTime": 1.5,
    "SAR": 0.0962468,
    "ScanOptions": "FS",
    "ScanningSequence": "EP",
    "SequenceName": "_epfid2d1_64",
    "SequenceVariant": "SK",
    "SeriesDescription": "epi_3x3x4_1.5s_216TR",
    "SeriesNumber": 12,
    "ShimSetting": [
      3380,
      8537,
      9487,
      483,
      -128,
      -4,
      589,
      101
    ],
    "SliceThickness": 4,
    "SliceTiming": [
      0.74,
      0,
      0.7975,
      0.0575,
      0.8525,
      0.1125,
      0.91,
      0.17,
      0.9675,
      0.2275,
      1.025,
      0.285,
      1.08,
      0.34,
      1.1375,
      0.3975,
      1.195,
      0.455,
      1.2525,
      0.5125,
      1.3075,
      0.5675,
      1.365,
      0.625,
      1.4225,
      0.6825
    ],
    "SoftwareVersions": "syngo_MR_D13",
    "SpacingBetweenSlices": 4,
    "StationName": "AWP45031",
    "TotalReadoutTime": 0.0245701,
    "TxRefAmp": 323.163,
    "dataset": "ds001430",
    "modality": "bold",
    "run_id": 1,
    "subject_id": "03",
    "task_id": "loc"
  },
  "dummy_trs": 0,
  "dvars_nstd": 23.96581541539533,
  "dvars_std": 1.271996438139535,
  "dvars_vstd": 1.023636365116279,
  "efc": 0.5772320281753617,
  "fber": 2275.62353515625,
  "fd_mean": 0.10259708625079039,
  "fd_num": 24,
  "fd_perc": 11.11111111111111,
  "fwhm_avg": 1.6805750304350273,
  "fwhm_x": 1.6255233333333334,
  "fwhm_y": 1.8843566666666665,
  "fwhm_z": 1.5318450913050825,
  "gcor": 0.042192,
  "gsr_x": 0.0025771521031856537,
  "gsr_y": 0.038256142288446426,
  "provenance": {
    "md5sum": "aacfb31ab3e62b07ca14283649cb15a5",
    "settings": {
      "fd_thres": 0.2,
      "testing": false
    },
    "software": "mriqc",
    "version": "23.0.1",
    "webapi_port": null,
    "webapi_url": "https://mriqc.nimh.nih.gov/api/v1"
  },
  "size_t": 216,
  "size_x": 64,
  "size_y": 64,
  "size_z": 26,
  "snr": 6.561043476547012,
  "spacing_tr": 1.5,
  "spacing_x": 3.0,
  "spacing_y": 3.0,
  "spacing_z": 3.999999761581421,
  "summary_bg_k": 21.95323772820291,
  "summary_bg_mad": 8.051351986260563,
  "summary_bg_mean": 32.243980407714844,
  "summary_bg_median": 12.736111640930176,
  "summary_bg_n": 53669.0,
  "summary_bg_p05": 5.990740776062012,
  "summary_bg_p95": 120.9037048339842,
  "summary_bg_stdv": 58.388084411621094,
  "summary_fg_k": 2.7964816652961213,
  "summary_fg_mad": 88.3315652079847,
  "summary_fg_mean": 642.1541748046875,
  "summary_fg_median": 633.4259033203125,
  "summary_fg_n": 25753.0,
  "summary_fg_p05": 512.5889038085937,
  "summary_fg_p95": 799.9083251953123,
  "summary_fg_stdv": 96.54159545898438,
  "tsnr": 77.70840804604813
}