{
  "bids_meta": {
    "AcquisitionMatrixPE": 256,
    "AcquisitionNumber": 1,
    "AcquisitionTime": "12:13:30.700000",
    "BaseResolution": 256,
    "BodyPartExamined": "BRAIN",
    "ConsistencyInfo": "N4_VD13A_LATEST_20120616",
    "ConversionSoftware": "dcm2niix",
    "ConversionSoftwareVersion": "v1.0.20180518 GCC4.8.5",
    "DeviceSerialNumber": "45031",
    "DwellTime": 8.2e-06,
    "EchoTime": 0.00298,
    "FlipAngle": 9,
    "ImageOrientationPatientDICOM": [
      -0.028549,
      0.989652,
      -0.140621,
      0.0555464,
      -0.13889,
      -0.988749
    ],
    "ImageType": [
      "ORIGINAL",
      "PRIMARY",
      "M",
      "ND",
      "NORM"
    ],
    "InPlanePhaseEncodingDirectionDICOM": "ROW",
    "InstitutionAddress": "Washington_and_Faculty_Rd._-_Building_25_25_Princeton_NJ_US_085",
    "InstitutionName": "Princeton_University_-_Neuroscience_Institute",
    "InstitutionalDepartmentName": "Department",
    "InversionTime": 0.9,
    "MRAcquisitionType": "3D",
    "MagneticFieldStrength": 3,
    "Manufacturer": "Siemens",
    "ManufacturersModelName": "Skyra",
    "Modality": "MR",
    "ParallelReductionFactorInPlane": 2,
    "PartialFourier": 1,
    "PatientPosition": "HFS",
    "PercentPhaseFOV": 100,
    "PhaseEncodingSteps": 255,
    "PhaseResolution": 1,
    "PixelBandwidth": 240,
    "ProcedureStepDescription": "Turk-BrowneLab_Projects",
    "ProtocolName": "mprage_1x1x1_medium",
    "PulseSequenceDetails": "%SiemensSeq%_tfl",
    "ReceiveCoilActiveElements": "HE1-4",
    "ReceiveCoilName": "HeadNeck_20",
    "ReconMatrixPE": 256,
    "RepetitionTime": 2.3,
    "SAR": 0.0766195,
    "ScanOptions": "IR",
    "ScanningSequence": "GR_IR",
    "SequenceName": "_tfl3d1_16ns",
    "SequenceVariant": "SK_SP_MP",
    "SeriesDescription": "mprage_1x1x1_medium",
    "SeriesNumber": 15,
    "ShimSetting": [
      3403,
      8636,
      9186,
      232,
      174,
      -307,
      165,
      -51
    ],
    "SliceThickness": 1,
    "SoftwareVersions": "syngo_MR_D13",
    "StationName": "AWP45031",
    "TxRefAmp": 394.081,
    "dataset": "ds001430",
    "modality": "T1w",
    "subject_id": "09"
  },
  "cjv": 0.38668245449740607,
  "cnr": 3.482424994099931,
  "efc": 0.570773136110149,
  "fber": 12888.773814242304,
  "fwhm_avg": 3.6365980579338335,
  "fwhm_x": 3.6855141738014994,
  "fwhm_y": 3.84579,
  "fwhm_z": 3.37849,
  "icvs_csf": 0.2156574882815282,
  "icvs_gm": 0.4171631500707369,
  "icvs_wm": 0.3671793616477349,
  "inu_med": 0.580421507358551,
  "inu_range": 0.19398876428604123,
  "provenance": {
    "md5sum": "b6e754338666552a39542aa0a8fa19ae",
    "settings": {
      "testing": false
    },
    "software": "mriqc",
    "version": "23.0.1",
    "warnings": {
      "large_rot_frame": true,
      "small_air_mask": false
    },
    "webapi_port": null,
    "webapi_url": "https://mriqc.nimh.nih.gov/api/v1"
  },
  "qi_1": 0.0,
  "qi_2": 0.0034036958315319284,
  "rpve_csf": 24.785580659944095,
  "rpve_gm": 13.286907791793583,
  "rpve_wm": 17.81002606949015,
  "size_x": 192,
  "size_y": 256,
  "size_z": 256,
  "snr_csf": 2.09754465795475,
  "snr_gm": 9.82267741560258,
  "snr_total": 10.96284288590676,
  "snr_wm": 20.96830658416295,
  "snrd_csf": 16.17777108717268,
  "snrd_gm": 46.68577174187589,
  "snrd_total": 43.19963685064636,
  "snrd_wm": 66.73536772289049,
  "spacing_x": 0.9999988675117493,
  "spacing_y": 1.0,
  "spacing_z": 1.0,
  "summary_bg_k": 9.649856713195712,
  "summary_bg_mad": 0.0,
  "summary_bg_mean": 6.527956884106321,
  "summary_bg_median": 0.0,
  "summary_bg_n": 3164277.0,
  "summary_bg_p05": 0.0,
  "summary_bg_p95": 25.495251029729843,
  "summary_bg_stdv": 9.81692968776331,
  "summary_csf_k": 12.499908307362803,
  "summary_csf_mad": 98.42481106302664,
  "summary_csf_mean": 253.35721922529123,
  "summary_csf_median": 242.41675667464733,
  "summary_csf_n": 37555.0,
  "summary_csf_p05": 92.55270491540432,
  "summary_csf_p95": 457.0429834872484,
  "summary_csf_stdv": 115.57013970790074,
  "summary_gm_k": 0.12097293780107599,
  "summary_gm_mad": 70.57268367710634,
  "summary_gm_mean": 699.263723621726,
  "summary_gm_median": 699.5656761080027,
  "summary_gm_n": 23229.0,
  "summary_gm_p05": 582.485268470645,
  "summary_gm_p95": 816.243527150154,
  "summary_gm_stdv": 71.21791628938333,
  "summary_wm_k": 0.45217046419493245,
  "summary_wm_mad": 45.600005551008614,
  "summary_wm_mean": 1000.3027131032245,
  "summary_wm_median": 1000.0000192672014,
  "summary_wm_n": 223500.0,
  "summary_wm_p05": 922.7727145552635,
  "summary_wm_p95": 1078.9576110988855,
  "summary_wm_stdv": 47.69091762915533,
  "tpm_overlap_csf": 0.15216145665747227,
  "tpm_overlap_gm": 0.44681158134212634,
  "tpm_overlap_wm": 0.49675652955669297,
  "wm2max": 0.5189101037123905
}