{
  "aor": 0.000856689189189189,
  "aqi": 0.007187152837837837,
  "bids_meta": {
    "AcquisitionMatrixPE": 64,
    "AcquisitionNumber": 1,
    "AcquisitionTime": "18:50:0.437500",
    "BandwidthPerPixelPhaseEncode": 40.064,
    "BaseResolution": 64,
    "BodyPartExamined": "BRAIN",
    "ConsistencyInfo": "N4_VD13A_LATEST_20120616",
    "ConversionSoftware": "dcm2niix",
    "ConversionSoftwareVersion": "v1.0.20180518 GCC4.8.5",
    "DerivedVendorReportedEchoSpacing": 0.000780002,
    "DeviceSerialNumber": "45031",
    "DwellTime": 5.4e-06,
    "EchoTime": 0.028,
    "EchoTrainLength": 32,
    "EffectiveEchoSpacing": 0.000390001,
    "FlipAngle": 64,
    "ImageOrientationPatientDICOM": [
      0.999109,
      0.0373822,
      -0.0195796,
      -0.0380197,
      0.998723,
      -0.0332717
    ],
    "ImageType": [
      "ORIGINAL",
      "PRIMARY",
      "M",
      "ND",
      "NORM",
      "MOSAIC"
    ],
    "InPlanePhaseEncodingDirectionDICOM": "COL",
    "InstitutionAddress": "Washington_and_Faculty_Rd._-_Building_25_25_Princeton_NJ_US_085",
    "InstitutionName": "Princeton_University_-_Neuroscience_Institute",
    "InstitutionalDepartmentName": "Department",
    "MRAcquisitionType": "2D",
    "MagneticFieldStrength": 3,
    "Manufacturer": "Siemens",
    "ManufacturersModelName": "Skyra",
    "Modality": "MR",
    "ParallelReductionFactorInPlane": 2,
    "PartialFourier": 1,
    "PatientPosition": "HFS",
    "PercentPhaseFOV": 100,
    "PhaseEncodingDirection": "j-",
    "PhaseEncodingSteps": 64,
    "PhaseResolution": 1,
    "PixelBandwidth": 1445,
    "ProcedureStepDescription": "Turk-BrowneLab_Projects",
    "ProtocolName": "epi_3x3x4_1.5s_148TR",
    "PulseSequenceDetails": "%SiemensSeq%_ep2d_bold",
    "ReceiveCoilActiveElements": "HE1-4",
    "ReceiveCoilName": "HeadNeck_20",
    "ReconMatrixPE": 64,
    "RepetitionTime": 1.5,
    "SAR": 0.086076,
    "ScanOptions": "FS",
    "ScanningSequence": "EP",
    "SequenceName": "_epfid2d1_64",
    "SequenceVariant": "SK",
    "SeriesDescription": "epi_3x3x4_1.5s_148TR",
    "SeriesNumber": 7,
    "ShimSetting": [
      3365,
      8663,
      9415,
      535,
      -52,
      318,
      715,
      218
    ],
    "SliceThickness": 4,
    "SliceTiming": [
      0.74,
      0,
      0.7975,
      0.0575,
      0.8525,
      0.1125,
      0.91,
      0.17,
      0.9675,
      0.2275,
      1.025,
      0.285,
      1.08,
      0.34,
      1.1375,
      0.3975,
      1.195,
      0.455,
      1.2525,
      0.5125,
      1.3075,
      0.5675,
      1.365,
      0.625,
      1.4225,
      0.6825
    ],
    "SoftwareVersions": "syngo_MR_D13",
    "SpacingBetweenSlices": 4,
    "StationName": "AWP45031",
    "TotalReadoutTime": 0.0245701,
    "TxRefAmp": 344.877,
    "dataset": "ds001430",
    "modality": "bold",
    "run_id": 3,
    "subject_id": "12",
    "task_id": "phase1"
  },
  "dummy_trs": 0,
  "dvars_nstd": 25.793504974489796,
  "dvars_std": 1.343786786122449,
  "dvars_vstd": 0.9916987330612245,
  "efc": 0.6227438993648962,
  "fber": 1983.6329345703125,
  "fd_mean": 0.11623480709994038,
  "fd_num": 2,
  "fd_perc": 1.3513513513513513,
  "fwhm_avg": 1.7392969444444446,
  "fwhm_x": 1.6829633333333334,
  "fwhm_y": 1.95782,
  "fwhm_z": 1.5771075,
  "gcor": 0.0189586,
  "gsr_x": -0.014762655831873417,
  "gsr_y": 0.04882669448852539,
  "provenance": {
    "md5sum": "e9faa107bf0955d4b6b1f5cff6dd4ba3",
    "settings": {
      "fd_thres": 0.2,
      "testing": false
    },
    "software": "mriqc",
    "version": "23.0.1",
    "webapi_port": null,
    "webapi_url": "https://mriqc.nimh.nih.gov/api/v1"
  },
  "size_t": 148,
  "size_x": 64,
  "size_y": 64,
  "size_z": 26,
  "snr": 7.618874271919663,
  "spacing_tr": 1.5,
  "spacing_x": 3.0,
  "spacing_y": 3.0,
  "spacing_z": 4.0,
  "summary_bg_k": 21.456307712399536,
  "summary_bg_mad": 11.680501988077202,
  "summary_bg_mean": 38.75194549560547,
  "summary_bg_median": 16.783784866333008,
  "summary_bg_n": 47017.0,
  "summary_bg_p05": 7.175675868988037,
  "summary_bg_p95": 149.4905426025387,
  "summary_bg_stdv": 62.907203674316406,
  "summary_fg_k": 2.545359413373161,
  "summary_fg_mad": 96.10368927073607,
  "summary_fg_mean": 808.6126098632812,
  "summary_fg_median": 802.4696044921875,
  "summary_fg_n": 30652.0,
  "summary_fg_p05": 660.5578033447266,
  "summary_fg_p95": 980.7463073730469,
  "summary_fg_stdv": 105.32481384277344,
  "tsnr": 81.23975560464896
}