{
  "aor": 0.0012082191780821917,
  "aqi": 0.005418072328767122,
  "bids_meta": {
    "AcquisitionMatrixPE": 64,
    "AcquisitionNumber": 1,
    "AcquisitionTime": "18:44:32.357500",
    "BandwidthPerPixelPhaseEncode": 40.064,
    "BaseResolution": 64,
    "BodyPartExamined": "BRAIN",
    "ConsistencyInfo": "N4_VD13A_LATEST_20120616",
    "ConversionSoftware": "dcm2niix",
    "ConversionSoftwareVersion": "v1.0.20180518 GCC4.8.5",
    "DerivedVendorReportedEchoSpacing": 0.000780002,
    "DeviceSerialNumber": "45031",
    "DwellTime": 5.4e-06,
    "EchoTime": 0.028,
    "EchoTrainLength": 32,
    "EffectiveEchoSpacing": 0.000390001,
    "FlipAngle": 64,
    "ImageOrientationPatientDICOM": [
      0.999109,
      0.0373822,
      -0.0195796,
      -0.0380197,
      0.998723,
      -0.0332717
    ],
    "ImageType": [
      "ORIGINAL",
      "PRIMARY",
      "M",
      "ND",
      "NORM",
      "MOSAIC"
    ],
    "InPlanePhaseEncodingDirectionDICOM": "COL",
    "InstitutionAddress": "Washington_and_Faculty_Rd._-_Building_25_25_Princeton_NJ_US_085",
    "InstitutionName": "Princeton_University_-_Neuroscience_Institute",
    "InstitutionalDepartmentName": "Department",
    "MRAcquisitionType": "2D",
    "MagneticFieldStrength": 3,
    "Manufacturer": "Siemens",
    "ManufacturersModelName": "Skyra",
    "Modality": "MR",
    "ParallelReductionFactorInPlane": 2,
    "PartialFourier": 1,
    "PatientPosition": "HFS",
    "PercentPhaseFOV": 100,
    "PhaseEncodingDirection": "j-",
    "PhaseEncodingSteps": 64,
    "PhaseResolution": 1,
    "PixelBandwidth": 1445,
    "ProcedureStepDescription": "Turk-BrowneLab_Projects",
    "ProtocolName": "epi_3x3x4_1.5s_148TR",
    "PulseSequenceDetails": "%SiemensSeq%_ep2d_bold",
    "ReceiveCoilActiveElements": "HE1-4",
    "ReceiveCoilName": "HeadNeck_20",
    "ReconMatrixPE": 64,
    "RepetitionTime": 1.5,
    "SAR": 0.086076,
    "ScanOptions": "FS",
    "ScanningSequence": "EP",
    "SequenceName": "_epfid2d1_64",
    "SequenceVariant": "SK",
    "SeriesDescription": "epi_3x3x4_1.5s_148TR",
    "SeriesNumber": 6,
    "ShimSetting": [
      3365,
      8663,
      9415,
      535,
      -52,
      318,
      715,
      218
    ],
    "SliceThickness": 4,
    "SliceTiming": [
      0.74,
      0,
      0.7975,
      0.0575,
      0.855,
      0.115,
      0.9125,
      0.1725,
      0.9675,
      0.2275,
      1.025,
      0.285,
      1.0825,
      0.3425,
      1.14,
      0.4,
      1.1975,
      0.4575,
      1.2525,
      0.5125,
      1.31,
      0.57,
      1.3675,
      0.6275,
      1.425,
      0.685
    ],
    "SoftwareVersions": "syngo_MR_D13",
    "SpacingBetweenSlices": 4,
    "StationName": "AWP45031",
    "TotalReadoutTime": 0.0245701,
    "TxRefAmp": 344.877,
    "dataset": "ds001430",
    "modality": "bold",
    "run_id": 2,
    "subject_id": "12",
    "task_id": "phase1"
  },
  "dummy_trs": 2,
  "dvars_nstd": 24.95131813572414,
  "dvars_std": 1.3790510274482757,
  "dvars_vstd": 1.0277093655172418,
  "efc": 0.6216529804316183,
  "fber": 2038.5084228515625,
  "fd_mean": 0.11197424774935658,
  "fd_num": 2,
  "fd_perc": 1.36986301369863,
  "fwhm_avg": 1.7673588888888887,
  "fwhm_x": 1.7004733333333333,
  "fwhm_y": 1.9830333333333332,
  "fwhm_z": 1.61857,
  "gcor": 0.01606,
  "gsr_x": -0.014476213604211807,
  "gsr_y": 0.050158705562353134,
  "provenance": {
    "md5sum": "6317e1c11bcdc0f961bf4cb5e1594b26",
    "settings": {
      "fd_thres": 0.2,
      "testing": false
    },
    "software": "mriqc",
    "version": "23.0.1",
    "webapi_port": null,
    "webapi_url": "https://mriqc.nimh.nih.gov/api/v1"
  },
  "size_t": 146,
  "size_x": 64,
  "size_y": 64,
  "size_z": 26,
  "snr": 7.44486696584209,
  "spacing_tr": 1.5,
  "spacing_x": 3.0,
  "spacing_y": 3.0,
  "spacing_z": 4.0,
  "summary_bg_k": 21.88304274185021,
  "summary_bg_mad": 11.119516638792014,
  "summary_bg_mean": 38.30480194091797,
  "summary_bg_median": 16.445205688476562,
  "summary_bg_n": 46916.0,
  "summary_bg_p05": 7.315068244934082,
  "summary_bg_p95": 149.28252792358398,
  "summary_bg_stdv": 63.340518951416016,
  "summary_fg_k": 2.2536287496023713,
  "summary_fg_mad": 98.16656411657121,
  "summary_fg_mean": 808.6906127929688,
  "summary_fg_median": 801.4862670898438,
  "summary_fg_n": 30727.0,
  "summary_fg_p05": 656.6479614257812,
  "summary_fg_p95": 987.6486083984373,
  "summary_fg_stdv": 107.65447235107422,
  "tsnr": 90.9294835459441
}