{
  "bids_meta": {
    "AcquisitionMatrixPE": 256,
    "AcquisitionNumber": 1,
    "AcquisitionTime": "17:52:50.680000",
    "BaseResolution": 256,
    "BodyPartExamined": "BRAIN",
    "ConsistencyInfo": "N4_VD13A_LATEST_20120616",
    "ConversionSoftware": "dcm2niix",
    "ConversionSoftwareVersion": "v1.0.20180518 GCC4.8.5",
    "DeviceSerialNumber": "45031",
    "DwellTime": 8.2e-06,
    "EchoTime": 0.00298,
    "FlipAngle": 9,
    "ImageOrientationPatientDICOM": [
      -0.065866,
      0.996536,
      0.0507655,
      0.150849,
      0.0602358,
      -0.98672
    ],
    "ImageType": [
      "ORIGINAL",
      "PRIMARY",
      "M",
      "ND",
      "NORM"
    ],
    "InPlanePhaseEncodingDirectionDICOM": "ROW",
    "InstitutionAddress": "Washington_and_Faculty_Rd._-_Building_25_25_Princeton_NJ_US_085",
    "InstitutionName": "Princeton_University_-_Neuroscience_Institute",
    "InstitutionalDepartmentName": "Department",
    "InversionTime": 0.9,
    "MRAcquisitionType": "3D",
    "MagneticFieldStrength": 3,
    "Manufacturer": "Siemens",
    "ManufacturersModelName": "Skyra",
    "Modality": "MR",
    "ParallelReductionFactorInPlane": 2,
    "PartialFourier": 1,
    "PatientPosition": "HFS",
    "PercentPhaseFOV": 100,
    "PhaseEncodingSteps": 255,
    "PhaseResolution": 1,
    "PixelBandwidth": 240,
    "ProcedureStepDescription": "Turk-BrowneLab_Projects",
    "ProtocolName": "mprage_1x1x1_medium",
    "PulseSequenceDetails": "%SiemensSeq%_tfl",
    "ReceiveCoilActiveElements": "HE1-4",
    "ReceiveCoilName": "HeadNeck_20",
    "ReconMatrixPE": 256,
    "RepetitionTime": 2.3,
    "SAR": 0.0745009,
    "ScanOptions": "IR",
    "ScanningSequence": "GR_IR",
    "SequenceName": "_tfl3d1_16ns",
    "SequenceVariant": "SK_SP_MP",
    "SeriesDescription": "mprage_1x1x1_medium",
    "SeriesNumber": 15,
    "ShimSetting": [
      3411,
      8647,
      9060,
      171,
      37,
      130,
      188,
      -3
    ],
    "SliceThickness": 1,
    "SoftwareVersions": "syngo_MR_D13",
    "StationName": "AWP45031",
    "TxRefAmp": 338.17,
    "dataset": "ds001430",
    "modality": "T1w",
    "subject_id": "18"
  },
  "cjv": 0.353601891977486,
  "cnr": 3.8088431750534797,
  "efc": 0.442052220639951,
  "fber": 20723.91784439337,
  "fwhm_avg": 3.875850629406276,
  "fwhm_x": 3.9598818882188263,
  "fwhm_y": 4.09345,
  "fwhm_z": 3.57422,
  "icvs_csf": 0.20087647549491697,
  "icvs_gm": 0.4545883211188592,
  "icvs_wm": 0.3445352033862238,
  "inu_med": 0.586713433265686,
  "inu_range": 0.22010002136230467,
  "provenance": {
    "md5sum": "7102e6e79518406826a09f4c8a17ecf4",
    "settings": {
      "testing": false
    },
    "software": "mriqc",
    "version": "23.0.1",
    "warnings": {
      "large_rot_frame": true,
      "small_air_mask": false
    },
    "webapi_port": null,
    "webapi_url": "https://mriqc.nimh.nih.gov/api/v1"
  },
  "qi_1": 0.0,
  "qi_2": 0.008545156497049641,
  "rpve_csf": 29.031559183332444,
  "rpve_gm": 13.754249278466157,
  "rpve_wm": 20.145064099776267,
  "size_x": 192,
  "size_y": 256,
  "size_z": 256,
  "snr_csf": 1.8337519564428733,
  "snr_gm": 10.333277039626775,
  "snr_total": 10.961209481710219,
  "snr_wm": 20.716599449061004,
  "snrd_csf": 16.433149155176622,
  "snrd_gm": 54.790524134454735,
  "snrd_total": 50.37005154599178,
  "snrd_wm": 79.88648134834398,
  "spacing_x": 0.9999995231628418,
  "spacing_y": 1.0,
  "spacing_z": 1.0,
  "summary_bg_k": 12.082723813540216,
  "summary_bg_mad": 0.0,
  "summary_bg_mean": 4.919001021167235,
  "summary_bg_median": 0.0,
  "summary_bg_n": 3951616.0,
  "summary_bg_p05": 0.0,
  "summary_bg_p95": 21.54098190367222,
  "summary_bg_stdv": 8.200978570700327,
  "summary_csf_k": 9.661379690439528,
  "summary_csf_mad": 95.21502874784633,
  "summary_csf_mean": 226.5931733929441,
  "summary_csf_median": 205.70968743413687,
  "summary_csf_n": 38727.0,
  "summary_csf_p05": 88.87327471747994,
  "summary_csf_p95": 433.0941516906023,
  "summary_csf_stdv": 112.17822061445763,
  "summary_gm_k": 0.11077259879618628,
  "summary_gm_mad": 64.96442065608265,
  "summary_gm_mean": 686.1764319600272,
  "summary_gm_median": 685.86620176211,
  "summary_gm_n": 39651.0,
  "summary_gm_p05": 576.8233430571854,
  "summary_gm_p95": 796.8156380578876,
  "summary_gm_stdv": 66.37367316188319,
  "summary_wm_k": 0.4399266314875092,
  "summary_wm_mad": 46.11977954973806,
  "summary_wm_mean": 1000.3003145815483,
  "summary_wm_median": 1000.0166707672179,
  "summary_wm_n": 187454.0,
  "summary_wm_p05": 921.6128484345973,
  "summary_wm_p95": 1079.8253397457302,
  "summary_wm_stdv": 48.27114632674289,
  "tpm_overlap_csf": 0.14437174936298022,
  "tpm_overlap_gm": 0.4818650505981454,
  "tpm_overlap_wm": 0.518823164367348,
  "wm2max": 0.520513198470725
}