{
  "bids_meta": {
    "AcquisitionMatrixPE": 256,
    "AcquisitionNumber": 1,
    "AcquisitionTime": "21:34:32.687500",
    "BaseResolution": 256,
    "BodyPartExamined": "BRAIN",
    "ConsistencyInfo": "N4_VD13A_LATEST_20120616",
    "ConversionSoftware": "dcm2niix",
    "ConversionSoftwareVersion": "v1.0.20180518 GCC4.8.5",
    "DeviceSerialNumber": "45031",
    "DwellTime": 8.2e-06,
    "EchoTime": 0.00298,
    "FlipAngle": 9,
    "ImageOrientationPatientDICOM": [
      -0.0738492,
      0.962242,
      0.261986,
      0.066344,
      0.266862,
      -0.961448
    ],
    "ImageType": [
      "ORIGINAL",
      "PRIMARY",
      "M",
      "ND",
      "NORM"
    ],
    "InPlanePhaseEncodingDirectionDICOM": "ROW",
    "InstitutionAddress": "Washington_and_Faculty_Rd._-_Building_25_25_Princeton_NJ_US_085",
    "InstitutionName": "Princeton_University_-_Neuroscience_Institute",
    "InstitutionalDepartmentName": "Department",
    "InversionTime": 0.9,
    "MRAcquisitionType": "3D",
    "MagneticFieldStrength": 3,
    "Manufacturer": "Siemens",
    "ManufacturersModelName": "Skyra",
    "Modality": "MR",
    "ParallelReductionFactorInPlane": 2,
    "PartialFourier": 1,
    "PatientPosition": "HFS",
    "PercentPhaseFOV": 100,
    "PhaseEncodingSteps": 255,
    "PhaseResolution": 1,
    "PixelBandwidth": 240,
    "ProcedureStepDescription": "Turk-BrowneLab_Projects",
    "ProtocolName": "mprage_1x1x1_medium",
    "PulseSequenceDetails": "%SiemensSeq%_tfl",
    "ReceiveCoilActiveElements": "HE1-4",
    "ReceiveCoilName": "HeadNeck_20",
    "ReconMatrixPE": 256,
    "RepetitionTime": 2.3,
    "SAR": 0.0796158,
    "ScanOptions": "IR",
    "ScanningSequence": "GR_IR",
    "SequenceName": "_tfl3d1_16ns",
    "SequenceVariant": "SK_SP_MP",
    "SeriesDescription": "mprage_1x1x1_medium",
    "SeriesNumber": 15,
    "ShimSetting": [
      3421,
      8571,
      9211,
      214,
      30,
      -346,
      339,
      120
    ],
    "SliceThickness": 1,
    "SoftwareVersions": "syngo_MR_D13",
    "StationName": "AWP45031",
    "TxRefAmp": 346.665,
    "dataset": "ds001430",
    "modality": "T1w",
    "subject_id": "25"
  },
  "cjv": 0.34605518139597113,
  "cnr": 3.7462906283626696,
  "efc": 0.4604039878099476,
  "fber": 17781.40608079967,
  "fwhm_avg": 3.857304726891502,
  "fwhm_x": 3.837294180674505,
  "fwhm_y": 4.0757,
  "fwhm_z": 3.65892,
  "icvs_csf": 0.24995691384087115,
  "icvs_gm": 0.42624745734315855,
  "icvs_wm": 0.3237956288159703,
  "inu_med": 0.6331678926944733,
  "inu_range": 0.24026642739772797,
  "provenance": {
    "md5sum": "01b7f1bcbe38a3258da4a2957ab70276",
    "settings": {
      "testing": false
    },
    "software": "mriqc",
    "version": "23.0.1",
    "warnings": {
      "large_rot_frame": true,
      "small_air_mask": false
    },
    "webapi_port": null,
    "webapi_url": "https://mriqc.nimh.nih.gov/api/v1"
  },
  "qi_1": 0.0,
  "qi_2": 0.011661027022500423,
  "rpve_csf": 25.25135085454806,
  "rpve_gm": 14.715233654376712,
  "rpve_wm": 22.162758557147463,
  "size_x": 192,
  "size_y": 256,
  "size_z": 256,
  "snr_csf": 2.205806242758201,
  "snr_gm": 10.424875098298699,
  "snr_total": 10.978142509154969,
  "snr_wm": 20.303746186408002,
  "snrd_csf": 8.446053832433652,
  "snrd_gm": 23.822740176293923,
  "snrd_total": 22.35694602592876,
  "snrd_wm": 34.80204406905871,
  "spacing_x": 0.9999963045120239,
  "spacing_y": 1.0,
  "spacing_z": 1.0,
  "summary_bg_k": 1443.1992789613694,
  "summary_bg_mad": 0.0,
  "summary_bg_mean": 4.575450436593669,
  "summary_bg_median": 0.0,
  "summary_bg_n": 3503338.0,
  "summary_bg_p05": 0.0,
  "summary_bg_p95": 19.682476967573166,
  "summary_bg_stdv": 18.825264613512044,
  "summary_csf_k": 0.2978703696437699,
  "summary_csf_mad": 106.45139475587656,
  "summary_csf_mean": 251.50271074316487,
  "summary_csf_median": 242.69632756710052,
  "summary_csf_n": 46208.0,
  "summary_csf_p05": 82.87298793941736,
  "summary_csf_p95": 447.88045667558924,
  "summary_csf_stdv": 110.02494086721349,
  "summary_gm_k": 0.16033506986798152,
  "summary_gm_mad": 64.03000749362307,
  "summary_gm_mean": 683.1559864332115,
  "summary_gm_median": 684.5435357242823,
  "summary_gm_n": 26234.0,
  "summary_gm_p05": 572.7324266895652,
  "summary_gm_p95": 787.9611256554722,
  "summary_gm_stdv": 65.66318370901048,
  "summary_wm_k": 0.9109401460977256,
  "summary_wm_mad": 45.146581554825765,
  "summary_wm_mean": 998.9647585429163,
  "summary_wm_median": 1000.0324950516224,
  "summary_wm_n": 158976.0,
  "summary_wm_p05": 915.9997049570084,
  "summary_wm_p95": 1076.5176245570183,
  "summary_wm_stdv": 49.25344025848311,
  "tpm_overlap_csf": 0.15336730284832165,
  "tpm_overlap_gm": 0.46953022178608445,
  "tpm_overlap_wm": 0.505200477995864,
  "wm2max": 0.5567797571624002
}