{
  "aor": 0.0012265540540540541,
  "aqi": 0.00575112527027027,
  "bids_meta": {
    "AcquisitionMatrixPE": 64,
    "AcquisitionNumber": 1,
    "AcquisitionTime": "13:30:54.405000",
    "BandwidthPerPixelPhaseEncode": 40.064,
    "BaseResolution": 64,
    "BodyPartExamined": "BRAIN",
    "ConsistencyInfo": "N4_VD13A_LATEST_20120616",
    "ConversionSoftware": "dcm2niix",
    "ConversionSoftwareVersion": "v1.0.20180518 GCC4.8.5",
    "DerivedVendorReportedEchoSpacing": 0.000780002,
    "DeviceSerialNumber": "45031",
    "DwellTime": 5.4e-06,
    "EchoTime": 0.028,
    "EchoTrainLength": 32,
    "EffectiveEchoSpacing": 0.000390001,
    "FlipAngle": 64,
    "ImageOrientationPatientDICOM": [
      0.994731,
      0.0551226,
      0.0864403,
      -0.0478577,
      0.995318,
      -0.0839761
    ],
    "ImageType": [
      "ORIGINAL",
      "PRIMARY",
      "M",
      "ND",
      "NORM",
      "MOSAIC"
    ],
    "InPlanePhaseEncodingDirectionDICOM": "COL",
    "InstitutionAddress": "Washington_and_Faculty_Rd._-_Building_25_25_Princeton_NJ_US_085",
    "InstitutionName": "Princeton_University_-_Neuroscience_Institute",
    "InstitutionalDepartmentName": "Department",
    "MRAcquisitionType": "2D",
    "MagneticFieldStrength": 3,
    "Manufacturer": "Siemens",
    "ManufacturersModelName": "Skyra",
    "Modality": "MR",
    "ParallelReductionFactorInPlane": 2,
    "PartialFourier": 1,
    "PatientPosition": "HFS",
    "PercentPhaseFOV": 100,
    "PhaseEncodingDirection": "j-",
    "PhaseEncodingSteps": 64,
    "PhaseResolution": 1,
    "PixelBandwidth": 1445,
    "ProcedureStepDescription": "Turk-BrowneLab_Projects",
    "ProtocolName": "epi_3x3x4_1.5s_148TR",
    "PulseSequenceDetails": "%SiemensSeq%_ep2d_bold",
    "ReceiveCoilActiveElements": "HE1-4",
    "ReceiveCoilName": "HeadNeck_20",
    "ReconMatrixPE": 64,
    "RepetitionTime": 1.5,
    "SAR": 0.0873216,
    "ScanOptions": "FS",
    "ScanningSequence": "EP",
    "SequenceName": "_epfid2d1_64",
    "SequenceVariant": "SK",
    "SeriesDescription": "epi_3x3x4_1.5s_148TR",
    "SeriesNumber": 5,
    "ShimSetting": [
      3371,
      8652,
      9380,
      523,
      117,
      159,
      198,
      44
    ],
    "SliceThickness": 4,
    "SliceTiming": [
      0.74,
      0,
      0.7975,
      0.0575,
      0.855,
      0.115,
      0.9125,
      0.1725,
      0.9675,
      0.2275,
      1.025,
      0.285,
      1.0825,
      0.3425,
      1.14,
      0.4,
      1.195,
      0.455,
      1.2525,
      0.5125,
      1.31,
      0.57,
      1.3675,
      0.6275,
      1.425,
      0.685
    ],
    "SoftwareVersions": "syngo_MR_D13",
    "SpacingBetweenSlices": 4,
    "StationName": "AWP45031",
    "TotalReadoutTime": 0.0245701,
    "TxRefAmp": 360.581,
    "dataset": "ds001430",
    "modality": "bold",
    "run_id": 1,
    "subject_id": "30",
    "task_id": "phase1"
  },
  "dummy_trs": 0,
  "dvars_nstd": 21.63743259170069,
  "dvars_std": 1.1814707908163267,
  "dvars_vstd": 1.0147705279591832,
  "efc": 0.5902048509476248,
  "fber": 2047.92529296875,
  "fd_mean": 0.1116618289571611,
  "fd_num": 9,
  "fd_perc": 6.081081081081081,
  "fwhm_avg": 1.638687777777778,
  "fwhm_x": 1.6147866666666666,
  "fwhm_y": 1.8704866666666666,
  "fwhm_z": 1.43079,
  "gcor": 0.0408128,
  "gsr_x": -0.016138093546032906,
  "gsr_y": 0.06204725056886673,
  "provenance": {
    "md5sum": "1b0000bb36afa3fe0501ee43da34377b",
    "settings": {
      "fd_thres": 0.2,
      "testing": false
    },
    "software": "mriqc",
    "version": "23.0.1",
    "webapi_port": null,
    "webapi_url": "https://mriqc.nimh.nih.gov/api/v1"
  },
  "size_t": 148,
  "size_x": 64,
  "size_y": 64,
  "size_z": 26,
  "snr": 7.265300307481932,
  "spacing_tr": 1.5,
  "spacing_x": 3.0,
  "spacing_y": 3.0,
  "spacing_z": 4.0,
  "summary_bg_k": 29.542537110992278,
  "summary_bg_mad": 7.663450904856058,
  "summary_bg_mean": 34.5132942199707,
  "summary_bg_median": 12.804054260253906,
  "summary_bg_n": 52605.0,
  "summary_bg_p05": 6.527027130126953,
  "summary_bg_p95": 140.73783569335924,
  "summary_bg_stdv": 63.21358871459961,
  "summary_fg_k": 2.4866060564663757,
  "summary_fg_mad": 80.01038786393555,
  "summary_fg_mean": 621.39013671875,
  "summary_fg_median": 617.29052734375,
  "summary_fg_n": 26215.0,
  "summary_fg_p05": 502.93243408203125,
  "summary_fg_p95": 756.6087951660156,
  "summary_fg_stdv": 84.96259307861328,
  "tsnr": 79.07280616625212
}