{
  "aor": 0.0012308783783783785,
  "aqi": 0.00572344054054054,
  "bids_meta": {
    "AcquisitionMatrixPE": 64,
    "AcquisitionNumber": 1,
    "AcquisitionTime": "13:45:50.087500",
    "BandwidthPerPixelPhaseEncode": 40.064,
    "BaseResolution": 64,
    "BodyPartExamined": "BRAIN",
    "ConsistencyInfo": "N4_VD13A_LATEST_20120616",
    "ConversionSoftware": "dcm2niix",
    "ConversionSoftwareVersion": "v1.0.20180518 GCC4.8.5",
    "DerivedVendorReportedEchoSpacing": 0.000780002,
    "DeviceSerialNumber": "45031",
    "DwellTime": 5.4e-06,
    "EchoTime": 0.028,
    "EchoTrainLength": 32,
    "EffectiveEchoSpacing": 0.000390001,
    "FlipAngle": 64,
    "ImageOrientationPatientDICOM": [
      0.994731,
      0.0551226,
      0.0864403,
      -0.0478577,
      0.995318,
      -0.0839761
    ],
    "ImageType": [
      "ORIGINAL",
      "PRIMARY",
      "M",
      "ND",
      "NORM",
      "MOSAIC"
    ],
    "InPlanePhaseEncodingDirectionDICOM": "COL",
    "InstitutionAddress": "Washington_and_Faculty_Rd._-_Building_25_25_Princeton_NJ_US_085",
    "InstitutionName": "Princeton_University_-_Neuroscience_Institute",
    "InstitutionalDepartmentName": "Department",
    "MRAcquisitionType": "2D",
    "MagneticFieldStrength": 3,
    "Manufacturer": "Siemens",
    "ManufacturersModelName": "Skyra",
    "Modality": "MR",
    "ParallelReductionFactorInPlane": 2,
    "PartialFourier": 1,
    "PatientPosition": "HFS",
    "PercentPhaseFOV": 100,
    "PhaseEncodingDirection": "j-",
    "PhaseEncodingSteps": 64,
    "PhaseResolution": 1,
    "PixelBandwidth": 1445,
    "ProcedureStepDescription": "Turk-BrowneLab_Projects",
    "ProtocolName": "epi_3x3x4_1.5s_148TR",
    "PulseSequenceDetails": "%SiemensSeq%_ep2d_bold",
    "ReceiveCoilActiveElements": "HE1-4",
    "ReceiveCoilName": "HeadNeck_20",
    "ReconMatrixPE": 64,
    "RepetitionTime": 1.5,
    "SAR": 0.0873216,
    "ScanOptions": "FS",
    "ScanningSequence": "EP",
    "SequenceName": "_epfid2d1_64",
    "SequenceVariant": "SK",
    "SeriesDescription": "epi_3x3x4_1.5s_148TR",
    "SeriesNumber": 8,
    "ShimSetting": [
      3371,
      8652,
      9380,
      523,
      117,
      159,
      198,
      44
    ],
    "SliceThickness": 4,
    "SliceTiming": [
      0.74,
      0,
      0.7975,
      0.0575,
      0.855,
      0.115,
      0.9125,
      0.1725,
      0.9675,
      0.2275,
      1.025,
      0.285,
      1.0825,
      0.3425,
      1.14,
      0.4,
      1.195,
      0.455,
      1.2525,
      0.5125,
      1.31,
      0.57,
      1.3675,
      0.6275,
      1.425,
      0.685
    ],
    "SoftwareVersions": "syngo_MR_D13",
    "SpacingBetweenSlices": 4,
    "StationName": "AWP45031",
    "TotalReadoutTime": 0.0245701,
    "TxRefAmp": 360.581,
    "dataset": "ds001430",
    "modality": "bold",
    "run_id": 4,
    "subject_id": "30",
    "task_id": "phase1"
  },
  "dummy_trs": 0,
  "dvars_nstd": 22.768322795374146,
  "dvars_std": 1.22684343462585,
  "dvars_vstd": 1.0139300325850342,
  "efc": 0.5908827329790911,
  "fber": 1989.841552734375,
  "fd_mean": 0.12110455708159625,
  "fd_num": 10,
  "fd_perc": 6.756756756756757,
  "fwhm_avg": 1.6239080555555556,
  "fwhm_x": 1.6118233333333334,
  "fwhm_y": 1.8455233333333334,
  "fwhm_z": 1.4143775,
  "gcor": 0.0258961,
  "gsr_x": -0.016443846747279167,
  "gsr_y": 0.06196525692939758,
  "provenance": {
    "md5sum": "06212e16fada02ce50075410c4d6dced",
    "settings": {
      "fd_thres": 0.2,
      "testing": false
    },
    "software": "mriqc",
    "version": "23.0.1",
    "webapi_port": null,
    "webapi_url": "https://mriqc.nimh.nih.gov/api/v1"
  },
  "size_t": 148,
  "size_x": 64,
  "size_y": 64,
  "size_z": 26,
  "snr": 7.246297726382265,
  "spacing_tr": 1.5,
  "spacing_x": 3.0,
  "spacing_y": 3.0,
  "spacing_z": 4.0,
  "summary_bg_k": 30.09896726746762,
  "summary_bg_mad": 7.813713095549298,
  "summary_bg_mean": 34.28664779663086,
  "summary_bg_median": 12.898649215698242,
  "summary_bg_n": 52530.0,
  "summary_bg_p05": 6.530067682266237,
  "summary_bg_p95": 139.3368293762205,
  "summary_bg_stdv": 61.27456283569336,
  "summary_fg_k": 2.618574560803384,
  "summary_fg_mad": 79.3091742048047,
  "summary_fg_mean": 619.6145629882812,
  "summary_fg_median": 615.0878295898438,
  "summary_fg_n": 26275.0,
  "summary_fg_p05": 502.0412231445313,
  "summary_fg_p95": 755.1750244140625,
  "summary_fg_stdv": 84.88143157958984,
  "tsnr": 80.74939334252849
}