{
  "aor": 0.0009324299065420562,
  "aqi": 0.006418457196261682,
  "bids_meta": {
    "AcquisitionMatrixPE": 64,
    "AcquisitionNumber": 1,
    "AcquisitionTime": "14:33:45.072500",
    "BandwidthPerPixelPhaseEncode": 40.064,
    "BaseResolution": 64,
    "BodyPartExamined": "BRAIN",
    "ConsistencyInfo": "N4_VD13A_LATEST_20120616",
    "ConversionSoftware": "dcm2niix",
    "ConversionSoftwareVersion": "v1.0.20180518 GCC4.8.5",
    "DerivedVendorReportedEchoSpacing": 0.000780002,
    "DeviceSerialNumber": "45031",
    "DwellTime": 5.4e-06,
    "EchoTime": 0.028,
    "EchoTrainLength": 32,
    "EffectiveEchoSpacing": 0.000390001,
    "FlipAngle": 64,
    "ImageOrientationPatientDICOM": [
      0.994731,
      0.0551226,
      0.0864403,
      -0.0478577,
      0.995318,
      -0.0839761
    ],
    "ImageType": [
      "ORIGINAL",
      "PRIMARY",
      "M",
      "ND",
      "NORM",
      "MOSAIC"
    ],
    "InPlanePhaseEncodingDirectionDICOM": "COL",
    "InstitutionAddress": "Washington_and_Faculty_Rd._-_Building_25_25_Princeton_NJ_US_085",
    "InstitutionName": "Princeton_University_-_Neuroscience_Institute",
    "InstitutionalDepartmentName": "Department",
    "MRAcquisitionType": "2D",
    "MagneticFieldStrength": 3,
    "Manufacturer": "Siemens",
    "ManufacturersModelName": "Skyra",
    "Modality": "MR",
    "ParallelReductionFactorInPlane": 2,
    "PartialFourier": 1,
    "PatientPosition": "HFS",
    "PercentPhaseFOV": 100,
    "PhaseEncodingDirection": "j-",
    "PhaseEncodingSteps": 64,
    "PhaseResolution": 1,
    "PixelBandwidth": 1445,
    "ProcedureStepDescription": "Turk-BrowneLab_Projects",
    "ProtocolName": "epi_3x3x4_1.5s_216TR",
    "PulseSequenceDetails": "%SiemensSeq%_ep2d_bold",
    "ReceiveCoilActiveElements": "HE1-4",
    "ReceiveCoilName": "HeadNeck_20",
    "ReconMatrixPE": 64,
    "RepetitionTime": 1.5,
    "SAR": 0.0873228,
    "ScanOptions": "FS",
    "ScanningSequence": "EP",
    "SequenceName": "_epfid2d1_64",
    "SequenceVariant": "SK",
    "SeriesDescription": "epi_3x3x4_1.5s_216TR",
    "SeriesNumber": 13,
    "ShimSetting": [
      3371,
      8652,
      9380,
      523,
      117,
      159,
      198,
      44
    ],
    "SliceThickness": 4,
    "SliceTiming": [
      0.74,
      0,
      0.7975,
      0.0575,
      0.855,
      0.115,
      0.9125,
      0.1725,
      0.9675,
      0.2275,
      1.025,
      0.285,
      1.0825,
      0.3425,
      1.14,
      0.4,
      1.195,
      0.4575,
      1.2525,
      0.5125,
      1.31,
      0.57,
      1.3675,
      0.6275,
      1.425,
      0.685
    ],
    "SoftwareVersions": "syngo_MR_D13",
    "SpacingBetweenSlices": 4,
    "StationName": "AWP45031",
    "TotalReadoutTime": 0.0245701,
    "TxRefAmp": 360.581,
    "dataset": "ds001430",
    "modality": "bold",
    "run_id": 2,
    "subject_id": "30",
    "task_id": "loc"
  },
  "dummy_trs": 2,
  "dvars_nstd": 23.507849841032872,
  "dvars_std": 1.2519024837089197,
  "dvars_vstd": 1.023566017840376,
  "efc": 0.5899142839142114,
  "fber": 2042.889404296875,
  "fd_mean": 0.13105337986255264,
  "fd_num": 24,
  "fd_perc": 11.214953271028037,
  "fwhm_avg": 1.6102255555555558,
  "fwhm_x": 1.5783399999999999,
  "fwhm_y": 1.8435666666666668,
  "fwhm_z": 1.40877,
  "gcor": 0.0145238,
  "gsr_x": -0.01613638363778591,
  "gsr_y": 0.06351743638515472,
  "provenance": {
    "md5sum": "e8e592c1abc29c7aaef2979a624497a1",
    "settings": {
      "fd_thres": 0.2,
      "testing": false
    },
    "software": "mriqc",
    "version": "23.0.1",
    "webapi_port": null,
    "webapi_url": "https://mriqc.nimh.nih.gov/api/v1"
  },
  "size_t": 214,
  "size_x": 64,
  "size_y": 64,
  "size_z": 26,
  "snr": 7.269545571743817,
  "spacing_tr": 1.5,
  "spacing_x": 3.0,
  "spacing_y": 3.0,
  "spacing_z": 4.0,
  "summary_bg_k": 32.18876108056734,
  "summary_bg_mad": 7.7732700446335565,
  "summary_bg_mean": 34.47675323486328,
  "summary_bg_median": 12.827102661132812,
  "summary_bg_n": 52689.0,
  "summary_bg_p05": 6.523364067077637,
  "summary_bg_p95": 137.19345092773435,
  "summary_bg_stdv": 62.53178787231445,
  "summary_fg_k": 2.5972306904467644,
  "summary_fg_mad": 79.13217408643331,
  "summary_fg_mean": 622.2008056640625,
  "summary_fg_median": 617.0747680664062,
  "summary_fg_n": 26147.0,
  "summary_fg_p05": 505.93128967285156,
  "summary_fg_p95": 759.6999633789062,
  "summary_fg_stdv": 84.88329315185547,
  "tsnr": 81.09842395875603
}