{
  "aor": 0.0012686046511627904,
  "aqi": 0.0069824921860465105,
  "bids_meta": {
    "AcquisitionMatrixPE": 64,
    "AcquisitionNumber": 1,
    "AcquisitionTime": "14:27:43.135000",
    "BandwidthPerPixelPhaseEncode": 40.064,
    "BaseResolution": 64,
    "BodyPartExamined": "BRAIN",
    "ConsistencyInfo": "N4_VD13A_LATEST_20120616",
    "ConversionSoftware": "dcm2niix",
    "ConversionSoftwareVersion": "v1.0.20180518 GCC4.8.5",
    "DerivedVendorReportedEchoSpacing": 0.000780002,
    "DeviceSerialNumber": "45031",
    "DwellTime": 5.4e-06,
    "EchoTime": 0.028,
    "EchoTrainLength": 32,
    "EffectiveEchoSpacing": 0.000390001,
    "FlipAngle": 64,
    "ImageOrientationPatientDICOM": [
      0.994731,
      0.0551226,
      0.0864403,
      -0.0478577,
      0.995318,
      -0.0839761
    ],
    "ImageType": [
      "ORIGINAL",
      "PRIMARY",
      "M",
      "ND",
      "NORM",
      "MOSAIC"
    ],
    "InPlanePhaseEncodingDirectionDICOM": "COL",
    "InstitutionAddress": "Washington_and_Faculty_Rd._-_Building_25_25_Princeton_NJ_US_085",
    "InstitutionName": "Princeton_University_-_Neuroscience_Institute",
    "InstitutionalDepartmentName": "Department",
    "MRAcquisitionType": "2D",
    "MagneticFieldStrength": 3,
    "Manufacturer": "Siemens",
    "ManufacturersModelName": "Skyra",
    "Modality": "MR",
    "ParallelReductionFactorInPlane": 2,
    "PartialFourier": 1,
    "PatientPosition": "HFS",
    "PercentPhaseFOV": 100,
    "PhaseEncodingDirection": "j-",
    "PhaseEncodingSteps": 64,
    "PhaseResolution": 1,
    "PixelBandwidth": 1445,
    "ProcedureStepDescription": "Turk-BrowneLab_Projects",
    "ProtocolName": "epi_3x3x4_1.5s_216TR",
    "PulseSequenceDetails": "%SiemensSeq%_ep2d_bold",
    "ReceiveCoilActiveElements": "HE1-4",
    "ReceiveCoilName": "HeadNeck_20",
    "ReconMatrixPE": 64,
    "RepetitionTime": 1.5,
    "SAR": 0.0873228,
    "ScanOptions": "FS",
    "ScanningSequence": "EP",
    "SequenceName": "_epfid2d1_64",
    "SequenceVariant": "SK",
    "SeriesDescription": "epi_3x3x4_1.5s_216TR",
    "SeriesNumber": 12,
    "ShimSetting": [
      3371,
      8652,
      9380,
      523,
      117,
      159,
      198,
      44
    ],
    "SliceThickness": 4,
    "SliceTiming": [
      0.74,
      0,
      0.7975,
      0.0575,
      0.855,
      0.115,
      0.9125,
      0.1725,
      0.9675,
      0.2275,
      1.025,
      0.285,
      1.0825,
      0.3425,
      1.14,
      0.4,
      1.1975,
      0.4575,
      1.2525,
      0.5125,
      1.31,
      0.57,
      1.3675,
      0.6275,
      1.425,
      0.685
    ],
    "SoftwareVersions": "syngo_MR_D13",
    "SpacingBetweenSlices": 4,
    "StationName": "AWP45031",
    "TotalReadoutTime": 0.0245701,
    "TxRefAmp": 360.581,
    "dataset": "ds001430",
    "modality": "bold",
    "run_id": 1,
    "subject_id": "30",
    "task_id": "loc"
  },
  "dummy_trs": 1,
  "dvars_nstd": 23.899426407289717,
  "dvars_std": 1.2436509442056083,
  "dvars_vstd": 1.0210609516355142,
  "efc": 0.5907026796527811,
  "fber": 2031.5931396484375,
  "fd_mean": 0.14697183275868062,
  "fd_num": 42,
  "fd_perc": 19.53488372093023,
  "fwhm_avg": 1.6032680555555554,
  "fwhm_x": 1.5658966666666665,
  "fwhm_y": 1.84274,
  "fwhm_z": 1.4011675,
  "gcor": 0.0171782,
  "gsr_x": -0.017344065010547638,
  "gsr_y": 0.064509816467762,
  "provenance": {
    "md5sum": "d112e0d4045d9c7b6b4bc00f652323dd",
    "settings": {
      "fd_thres": 0.2,
      "testing": false
    },
    "software": "mriqc",
    "version": "23.0.1",
    "webapi_port": null,
    "webapi_url": "https://mriqc.nimh.nih.gov/api/v1"
  },
  "size_t": 215,
  "size_x": 64,
  "size_y": 64,
  "size_z": 26,
  "snr": 7.276360202958963,
  "spacing_tr": 1.5,
  "spacing_x": 3.0,
  "spacing_y": 3.0,
  "spacing_z": 4.0,
  "summary_bg_k": 30.91709075107326,
  "summary_bg_mad": 7.985364355857372,
  "summary_bg_mean": 34.95405960083008,
  "summary_bg_median": 12.930232048034668,
  "summary_bg_n": 52639.0,
  "summary_bg_p05": 6.474418640136719,
  "summary_bg_p95": 141.01070251464841,
  "summary_bg_stdv": 63.42854690551758,
  "summary_fg_k": 2.6110816758966617,
  "summary_fg_mad": 78.9434101565137,
  "summary_fg_mean": 622.8259887695312,
  "summary_fg_median": 618.3488159179688,
  "summary_fg_n": 26187.0,
  "summary_fg_p05": 505.93023681640625,
  "summary_fg_p95": 759.3632568359375,
  "summary_fg_stdv": 84.97888946533203,
  "tsnr": 78.6794583380688
}