{
  "aor": 0.0005839072847682119,
  "aqi": 0.004082626523178808,
  "bids_meta": {
    "AcquisitionMatrixPE": 64,
    "AcquisitionNumber": 1,
    "AcquisitionTime": "15:08:14.127500",
    "BandwidthPerPixelPhaseEncode": 40.064,
    "BaseResolution": 64,
    "BodyPartExamined": "BRAIN",
    "ConsistencyInfo": "N4_VD13A_LATEST_20120616",
    "ConversionSoftware": "dcm2niix",
    "ConversionSoftwareVersion": "v1.0.20180518 GCC4.8.5",
    "DerivedVendorReportedEchoSpacing": 0.000780002,
    "DeviceSerialNumber": "45031",
    "DwellTime": 5.4e-06,
    "EchoTime": 0.028,
    "EchoTrainLength": 32,
    "EffectiveEchoSpacing": 0.000390001,
    "FlipAngle": 64,
    "ImageOrientationPatientDICOM": [
      0.9989,
      0.0319849,
      0.0342979,
      -0.0358812,
      0.992153,
      0.119767
    ],
    "ImageType": [
      "ORIGINAL",
      "PRIMARY",
      "M",
      "ND",
      "NORM",
      "MOSAIC"
    ],
    "InPlanePhaseEncodingDirectionDICOM": "COL",
    "InstitutionAddress": "Washington_and_Faculty_Rd._-_Building_25_25_Princeton_NJ_US_085",
    "InstitutionName": "Princeton_University_-_Neuroscience_Institute",
    "InstitutionalDepartmentName": "Department",
    "MRAcquisitionType": "2D",
    "MagneticFieldStrength": 3,
    "Manufacturer": "Siemens",
    "ManufacturersModelName": "Skyra",
    "Modality": "MR",
    "ParallelReductionFactorInPlane": 2,
    "PartialFourier": 1,
    "PatientPosition": "HFS",
    "PercentPhaseFOV": 100,
    "PhaseEncodingDirection": "j-",
    "PhaseEncodingSteps": 64,
    "PhaseResolution": 1,
    "PixelBandwidth": 1445,
    "ProcedureStepDescription": "Turk-BrowneLab_Projects",
    "ProtocolName": "epi_3x3x4_1.5s_302TR",
    "PulseSequenceDetails": "%SiemensSeq%_ep2d_bold",
    "ReceiveCoilActiveElements": "HE1-4",
    "ReceiveCoilName": "HeadNeck_20",
    "ReconMatrixPE": 64,
    "RepetitionTime": 1.5,
    "SAR": 0.0867004,
    "ScanOptions": "FS",
    "ScanningSequence": "EP",
    "SequenceName": "_epfid2d1_64",
    "SequenceVariant": "SK",
    "SeriesDescription": "epi_3x3x4_1.5s_302TR",
    "SeriesNumber": 9,
    "ShimSetting": [
      3380,
      8554,
      9320,
      518,
      83,
      -267,
      558,
      70
    ],
    "SliceThickness": 4,
    "SliceTiming": [
      0.74,
      0,
      0.7975,
      0.0575,
      0.855,
      0.115,
      0.9125,
      0.1725,
      0.97,
      0.23,
      1.025,
      0.285,
      1.0825,
      0.3425,
      1.14,
      0.4,
      1.1975,
      0.4575,
      1.2525,
      0.5125,
      1.31,
      0.57,
      1.3675,
      0.6275,
      1.425,
      0.685
    ],
    "SoftwareVersions": "syngo_MR_D13",
    "SpacingBetweenSlices": 4,
    "StationName": "AWP45031",
    "TotalReadoutTime": 0.0245701,
    "TxRefAmp": 328.782,
    "dataset": "ds001430",
    "modality": "bold",
    "run_id": 1,
    "subject_id": "27",
    "task_id": "phase2"
  },
  "dummy_trs": 0,
  "dvars_nstd": 18.622091426445177,
  "dvars_std": 1.2244528739534868,
  "dvars_vstd": 1.0120642193355478,
  "efc": 0.5869296382876332,
  "fber": 2566.46142578125,
  "fd_mean": 0.10843995208717103,
  "fd_num": 4,
  "fd_perc": 1.3245033112582782,
  "fwhm_avg": 1.6923847222222221,
  "fwhm_x": 1.6391866666666666,
  "fwhm_y": 1.94154,
  "fwhm_z": 1.4964275,
  "gcor": 0.0201097,
  "gsr_x": -0.006379607133567333,
  "gsr_y": 0.039068691432476044,
  "provenance": {
    "md5sum": "2b3be4eb646f97e6ff8cdcd8ce609f61",
    "settings": {
      "fd_thres": 0.2,
      "testing": false
    },
    "software": "mriqc",
    "version": "23.0.1",
    "webapi_port": null,
    "webapi_url": "https://mriqc.nimh.nih.gov/api/v1"
  },
  "size_t": 302,
  "size_x": 64,
  "size_y": 64,
  "size_z": 26,
  "snr": 7.5868162766968945,
  "spacing_tr": 1.5,
  "spacing_x": 3.0,
  "spacing_y": 3.0,
  "spacing_z": 4.0,
  "summary_bg_k": 20.952027519679582,
  "summary_bg_mad": 9.749827216273943,
  "summary_bg_mean": 36.72349166870117,
  "summary_bg_median": 14.721854209899902,
  "summary_bg_n": 51911.0,
  "summary_bg_p05": 6.5827813148498535,
  "summary_bg_p95": 140.21025848388672,
  "summary_bg_stdv": 60.7030143737793,
  "summary_fg_k": 3.778004588630644,
  "summary_fg_mad": 93.74264704758305,
  "summary_fg_mean": 792.13427734375,
  "summary_fg_median": 785.976806640625,
  "summary_fg_n": 26805.0,
  "summary_fg_p05": 650.4251586914063,
  "summary_fg_p95": 954.7701782226562,
  "summary_fg_stdv": 103.59577941894531,
  "tsnr": 101.14263083506376
}