{
  "aor": 0.00242375,
  "aqi": 0.005083836944444444,
  "bids_meta": {
    "AcquisitionMatrixPE": 64,
    "AcquisitionNumber": 1,
    "AcquisitionTime": "15:43:35.795000",
    "BandwidthPerPixelPhaseEncode": 40.064,
    "BaseResolution": 64,
    "BodyPartExamined": "BRAIN",
    "ConsistencyInfo": "N4_VD13A_LATEST_20120616",
    "ConversionSoftware": "dcm2niix",
    "ConversionSoftwareVersion": "v1.0.20180518 GCC4.8.5",
    "DerivedVendorReportedEchoSpacing": 0.000780002,
    "DeviceSerialNumber": "45031",
    "DwellTime": 5.4e-06,
    "EchoTime": 0.028,
    "EchoTrainLength": 32,
    "EffectiveEchoSpacing": 0.000390001,
    "FlipAngle": 64,
    "ImageOrientationPatientDICOM": [
      0.9989,
      0.0319849,
      0.0342979,
      -0.0358812,
      0.992153,
      0.119767
    ],
    "ImageType": [
      "ORIGINAL",
      "PRIMARY",
      "M",
      "ND",
      "NORM",
      "MOSAIC"
    ],
    "InPlanePhaseEncodingDirectionDICOM": "COL",
    "InstitutionAddress": "Washington_and_Faculty_Rd._-_Building_25_25_Princeton_NJ_US_085",
    "InstitutionName": "Princeton_University_-_Neuroscience_Institute",
    "InstitutionalDepartmentName": "Department",
    "MRAcquisitionType": "2D",
    "MagneticFieldStrength": 3,
    "Manufacturer": "Siemens",
    "ManufacturersModelName": "Skyra",
    "Modality": "MR",
    "ParallelReductionFactorInPlane": 2,
    "PartialFourier": 1,
    "PatientPosition": "HFS",
    "PercentPhaseFOV": 100,
    "PhaseEncodingDirection": "j-",
    "PhaseEncodingSteps": 64,
    "PhaseResolution": 1,
    "PixelBandwidth": 1445,
    "ProcedureStepDescription": "Turk-BrowneLab_Projects",
    "ProtocolName": "epi_3x3x4_1.5s_216TR",
    "PulseSequenceDetails": "%SiemensSeq%_ep2d_bold",
    "ReceiveCoilActiveElements": "HE1-4",
    "ReceiveCoilName": "HeadNeck_20",
    "ReconMatrixPE": 64,
    "RepetitionTime": 1.5,
    "SAR": 0.0866997,
    "ScanOptions": "FS",
    "ScanningSequence": "EP",
    "SequenceName": "_epfid2d1_64",
    "SequenceVariant": "SK",
    "SeriesDescription": "epi_3x3x4_1.5s_216TR",
    "SeriesNumber": 12,
    "ShimSetting": [
      3380,
      8554,
      9320,
      518,
      83,
      -267,
      558,
      70
    ],
    "SliceThickness": 4,
    "SliceTiming": [
      0.74,
      0,
      0.795,
      0.055,
      0.8525,
      0.1125,
      0.91,
      0.17,
      0.9675,
      0.2275,
      1.0225,
      0.2825,
      1.08,
      0.34,
      1.1375,
      0.3975,
      1.195,
      0.455,
      1.25,
      0.51,
      1.3075,
      0.5675,
      1.365,
      0.625,
      1.4225,
      0.6825
    ],
    "SoftwareVersions": "syngo_MR_D13",
    "SpacingBetweenSlices": 4,
    "StationName": "AWP45031",
    "TotalReadoutTime": 0.0245701,
    "TxRefAmp": 328.782,
    "dataset": "ds001430",
    "modality": "bold",
    "run_id": 1,
    "subject_id": "27",
    "task_id": "loc"
  },
  "dummy_trs": 0,
  "dvars_nstd": 19.214008154000002,
  "dvars_std": 1.2380412112093024,
  "dvars_vstd": 1.0199295486976743,
  "efc": 0.5785355082680916,
  "fber": 2868.2509765625,
  "fd_mean": 0.10578796800305651,
  "fd_num": 5,
  "fd_perc": 2.314814814814815,
  "fwhm_avg": 1.7265922222222223,
  "fwhm_x": 1.6508866666666666,
  "fwhm_y": 1.9631800000000001,
  "fwhm_z": 1.56571,
  "gcor": 0.0212671,
  "gsr_x": 0.0003298818483017385,
  "gsr_y": 0.047192394733428955,
  "provenance": {
    "md5sum": "0ccdc6c8d9b383492d32a31b04eda129",
    "settings": {
      "fd_thres": 0.2,
      "testing": false
    },
    "software": "mriqc",
    "version": "23.0.1",
    "webapi_port": null,
    "webapi_url": "https://mriqc.nimh.nih.gov/api/v1"
  },
  "size_t": 216,
  "size_x": 64,
  "size_y": 64,
  "size_z": 26,
  "snr": 7.59769990334621,
  "spacing_tr": 1.5,
  "spacing_x": 3.0,
  "spacing_y": 3.0,
  "spacing_z": 4.0,
  "summary_bg_k": 23.41314679145372,
  "summary_bg_mad": 9.115258660186894,
  "summary_bg_mean": 35.446983337402344,
  "summary_bg_median": 14.041666984558105,
  "summary_bg_n": 52494.0,
  "summary_bg_p05": 6.263888835906982,
  "summary_bg_p95": 132.16828994750975,
  "summary_bg_stdv": 61.60974884033203,
  "summary_fg_k": 3.1223283374472155,
  "summary_fg_mad": 95.16109124772193,
  "summary_fg_mean": 795.0850830078125,
  "summary_fg_median": 789.0601806640625,
  "summary_fg_n": 26098.0,
  "summary_fg_p05": 650.528939819336,
  "summary_fg_p95": 959.3525634765625,
  "summary_fg_stdv": 103.8531494140625,
  "tsnr": 88.20981186977588
}