{
  "aor": 0.001027837837837838,
  "aqi": 0.004492729324324324,
  "bids_meta": {
    "AcquisitionMatrixPE": 64,
    "AcquisitionNumber": 1,
    "AcquisitionTime": "12:36:42.847500",
    "BandwidthPerPixelPhaseEncode": 40.064,
    "BaseResolution": 64,
    "BodyPartExamined": "BRAIN",
    "ConsistencyInfo": "N4_VD13A_LATEST_20120616",
    "ConversionSoftware": "dcm2niix",
    "ConversionSoftwareVersion": "v1.0.20180518 GCC4.8.5",
    "DerivedVendorReportedEchoSpacing": 0.000780002,
    "DeviceSerialNumber": "45031",
    "DwellTime": 5.4e-06,
    "EchoTime": 0.028,
    "EchoTrainLength": 32,
    "EffectiveEchoSpacing": 0.000390001,
    "FlipAngle": 64,
    "ImageOrientationPatientDICOM": [
      0.999471,
      0.0122314,
      0.0301506,
      -0.00628383,
      0.981769,
      -0.189975
    ],
    "ImageType": [
      "ORIGINAL",
      "PRIMARY",
      "M",
      "ND",
      "NORM",
      "MOSAIC"
    ],
    "InPlanePhaseEncodingDirectionDICOM": "COL",
    "InstitutionAddress": "Washington_and_Faculty_Rd._-_Building_25_25_Princeton_NJ_US_085",
    "InstitutionName": "Princeton_University_-_Neuroscience_Institute",
    "InstitutionalDepartmentName": "Department",
    "MRAcquisitionType": "2D",
    "MagneticFieldStrength": 3,
    "Manufacturer": "Siemens",
    "ManufacturersModelName": "Skyra",
    "Modality": "MR",
    "ParallelReductionFactorInPlane": 2,
    "PartialFourier": 1,
    "PatientPosition": "HFS",
    "PercentPhaseFOV": 100,
    "PhaseEncodingDirection": "j-",
    "PhaseEncodingSteps": 64,
    "PhaseResolution": 1,
    "PixelBandwidth": 1445,
    "ProcedureStepDescription": "Turk-BrowneLab_Projects",
    "ProtocolName": "epi_3x3x4_1.5s_148TR",
    "PulseSequenceDetails": "%SiemensSeq%_ep2d_bold",
    "ReceiveCoilActiveElements": "HE1-4",
    "ReceiveCoilName": "HeadNeck_20",
    "ReconMatrixPE": 64,
    "RepetitionTime": 1.5,
    "SAR": 0.0753898,
    "ScanOptions": "FS",
    "ScanningSequence": "EP",
    "SequenceName": "_epfid2d1_64",
    "SequenceVariant": "SK",
    "SeriesDescription": "epi_3x3x4_1.5s_148TR",
    "SeriesNumber": 7,
    "ShimSetting": [
      3386,
      8758,
      9265,
      450,
      163,
      -17,
      77,
      -19
    ],
    "SliceThickness": 4,
    "SliceTiming": [
      0.74,
      0,
      0.795,
      0.055,
      0.8525,
      0.1125,
      0.91,
      0.17,
      0.9675,
      0.2275,
      1.0225,
      0.2825,
      1.08,
      0.34,
      1.1375,
      0.3975,
      1.195,
      0.455,
      1.2525,
      0.5125,
      1.3075,
      0.5675,
      1.365,
      0.625,
      1.4225,
      0.6825
    ],
    "SoftwareVersions": "syngo_MR_D13",
    "SpacingBetweenSlices": 4,
    "StationName": "AWP45031",
    "TotalReadoutTime": 0.0245701,
    "TxRefAmp": 356.742,
    "dataset": "ds001430",
    "modality": "bold",
    "run_id": 3,
    "subject_id": "29",
    "task_id": "phase1"
  },
  "dummy_trs": 0,
  "dvars_nstd": 19.374662022857148,
  "dvars_std": 1.189612401972789,
  "dvars_vstd": 1.0008000619047617,
  "efc": 0.6100792870424437,
  "fber": 1703.9364013671875,
  "fd_mean": 0.07795444398813832,
  "fd_num": 0,
  "fd_perc": 0.0,
  "fwhm_avg": 1.6467999999999998,
  "fwhm_x": 1.6234666666666666,
  "fwhm_y": 1.8503933333333331,
  "fwhm_z": 1.46654,
  "gcor": 0.0070541,
  "gsr_x": 0.0026154962833970785,
  "gsr_y": 0.0423780158162117,
  "provenance": {
    "md5sum": "707bbe09484e7a7ddc9a9d8e326278fe",
    "settings": {
      "fd_thres": 0.2,
      "testing": false
    },
    "software": "mriqc",
    "version": "23.0.1",
    "webapi_port": null,
    "webapi_url": "https://mriqc.nimh.nih.gov/api/v1"
  },
  "size_t": 148,
  "size_x": 64,
  "size_y": 64,
  "size_z": 26,
  "snr": 7.41146254099025,
  "spacing_tr": 1.5,
  "spacing_x": 3.0,
  "spacing_y": 3.0,
  "spacing_z": 4.0,
  "summary_bg_k": 20.127761902996856,
  "summary_bg_mad": 12.351678338009739,
  "summary_bg_mean": 50.55386734008789,
  "summary_bg_median": 16.432432174682617,
  "summary_bg_n": 51761.0,
  "summary_bg_p05": 6.831081390380859,
  "summary_bg_p95": 218.5,
  "summary_bg_stdv": 87.49275207519531,
  "summary_fg_k": 3.038440126386898,
  "summary_fg_mad": 89.75752014934281,
  "summary_fg_mean": 718.4014282226562,
  "summary_fg_median": 713.3919067382812,
  "summary_fg_n": 27273.0,
  "summary_fg_p05": 583.4878662109375,
  "summary_fg_p95": 871.0892211914062,
  "summary_fg_stdv": 96.25344848632812,
  "tsnr": 90.90136152133346
}