{
  "aor": 0.000802186046511628,
  "aqi": 0.004648660418604652,
  "bids_meta": {
    "AcquisitionMatrixPE": 64,
    "AcquisitionNumber": 1,
    "AcquisitionTime": "13:23:22.007500",
    "BandwidthPerPixelPhaseEncode": 40.064,
    "BaseResolution": 64,
    "BodyPartExamined": "BRAIN",
    "ConsistencyInfo": "N4_VD13A_LATEST_20120616",
    "ConversionSoftware": "dcm2niix",
    "ConversionSoftwareVersion": "v1.0.20180518 GCC4.8.5",
    "DerivedVendorReportedEchoSpacing": 0.000780002,
    "DeviceSerialNumber": "45031",
    "DwellTime": 5.4e-06,
    "EchoTime": 0.028,
    "EchoTrainLength": 32,
    "EffectiveEchoSpacing": 0.000390001,
    "FlipAngle": 64,
    "ImageOrientationPatientDICOM": [
      0.999471,
      0.0122314,
      0.0301506,
      -0.00628383,
      0.981769,
      -0.189975
    ],
    "ImageType": [
      "ORIGINAL",
      "PRIMARY",
      "M",
      "ND",
      "NORM",
      "MOSAIC"
    ],
    "InPlanePhaseEncodingDirectionDICOM": "COL",
    "InstitutionAddress": "Washington_and_Faculty_Rd._-_Building_25_25_Princeton_NJ_US_085",
    "InstitutionName": "Princeton_University_-_Neuroscience_Institute",
    "InstitutionalDepartmentName": "Department",
    "MRAcquisitionType": "2D",
    "MagneticFieldStrength": 3,
    "Manufacturer": "Siemens",
    "ManufacturersModelName": "Skyra",
    "Modality": "MR",
    "ParallelReductionFactorInPlane": 2,
    "PartialFourier": 1,
    "PatientPosition": "HFS",
    "PercentPhaseFOV": 100,
    "PhaseEncodingDirection": "j-",
    "PhaseEncodingSteps": 64,
    "PhaseResolution": 1,
    "PixelBandwidth": 1445,
    "ProcedureStepDescription": "Turk-BrowneLab_Projects",
    "ProtocolName": "epi_3x3x4_1.5s_216TR",
    "PulseSequenceDetails": "%SiemensSeq%_ep2d_bold",
    "ReceiveCoilActiveElements": "HE1-4",
    "ReceiveCoilName": "HeadNeck_20",
    "ReconMatrixPE": 64,
    "RepetitionTime": 1.5,
    "SAR": 0.0753909,
    "ScanOptions": "FS",
    "ScanningSequence": "EP",
    "SequenceName": "_epfid2d1_64",
    "SequenceVariant": "SK",
    "SeriesDescription": "epi_3x3x4_1.5s_216TR",
    "SeriesNumber": 12,
    "ShimSetting": [
      3386,
      8758,
      9265,
      450,
      163,
      -17,
      77,
      -19
    ],
    "SliceThickness": 4,
    "SliceTiming": [
      0.74,
      0,
      0.7975,
      0.0575,
      0.855,
      0.115,
      0.9125,
      0.1725,
      0.9675,
      0.2275,
      1.025,
      0.285,
      1.0825,
      0.3425,
      1.14,
      0.4,
      1.195,
      0.455,
      1.2525,
      0.5125,
      1.31,
      0.57,
      1.3675,
      0.6275,
      1.425,
      0.685
    ],
    "SoftwareVersions": "syngo_MR_D13",
    "SpacingBetweenSlices": 4,
    "StationName": "AWP45031",
    "TotalReadoutTime": 0.0245701,
    "TxRefAmp": 356.742,
    "dataset": "ds001430",
    "modality": "bold",
    "run_id": 1,
    "subject_id": "29",
    "task_id": "loc"
  },
  "dummy_trs": 1,
  "dvars_nstd": 20.300442669112147,
  "dvars_std": 1.2289704383644855,
  "dvars_vstd": 1.010507507616823,
  "efc": 0.6124901661826687,
  "fber": 1629.58544921875,
  "fd_mean": 0.08692313603182067,
  "fd_num": 1,
  "fd_perc": 0.46511627906976744,
  "fwhm_avg": 1.6601125000000003,
  "fwhm_x": 1.6324500000000002,
  "fwhm_y": 1.86064,
  "fwhm_z": 1.4872475,
  "gcor": 0.0120015,
  "gsr_x": 0.003669119905680418,
  "gsr_y": 0.04405980557203293,
  "provenance": {
    "md5sum": "735cbc13138f03585f4dd55f4dcfbd5c",
    "settings": {
      "fd_thres": 0.2,
      "testing": false
    },
    "software": "mriqc",
    "version": "23.0.1",
    "webapi_port": null,
    "webapi_url": "https://mriqc.nimh.nih.gov/api/v1"
  },
  "size_t": 215,
  "size_x": 64,
  "size_y": 64,
  "size_z": 26,
  "snr": 7.3751707961314725,
  "spacing_tr": 1.5,
  "spacing_x": 3.0,
  "spacing_y": 3.0,
  "spacing_z": 4.0,
  "summary_bg_k": 18.043117092986115,
  "summary_bg_mad": 12.864160587373112,
  "summary_bg_mean": 52.33286666870117,
  "summary_bg_median": 16.723255157470703,
  "summary_bg_n": 51698.0,
  "summary_bg_p05": 6.8465118408203125,
  "summary_bg_p95": 227.5486061096188,
  "summary_bg_stdv": 89.09215545654297,
  "summary_fg_k": 2.989339372608365,
  "summary_fg_mad": 89.5733260077554,
  "summary_fg_mean": 716.7910766601562,
  "summary_fg_median": 711.6279296875,
  "summary_fg_n": 27328.0,
  "summary_fg_p05": 581.5120819091796,
  "summary_fg_p95": 870.4844177246092,
  "summary_fg_stdv": 96.48792266845703,
  "tsnr": 90.06196113000624
}