{
  "aor": 0.0007490277777777777,
  "aqi": 0.00481463138888889,
  "bids_meta": {
    "AcquisitionMatrixPE": 64,
    "AcquisitionNumber": 1,
    "AcquisitionTime": "13:29:22.160000",
    "BandwidthPerPixelPhaseEncode": 40.064,
    "BaseResolution": 64,
    "BodyPartExamined": "BRAIN",
    "ConsistencyInfo": "N4_VD13A_LATEST_20120616",
    "ConversionSoftware": "dcm2niix",
    "ConversionSoftwareVersion": "v1.0.20180518 GCC4.8.5",
    "DerivedVendorReportedEchoSpacing": 0.000780002,
    "DeviceSerialNumber": "45031",
    "DwellTime": 5.4e-06,
    "EchoTime": 0.028,
    "EchoTrainLength": 32,
    "EffectiveEchoSpacing": 0.000390001,
    "FlipAngle": 64,
    "ImageOrientationPatientDICOM": [
      0.999471,
      0.0122314,
      0.0301506,
      -0.00628383,
      0.981769,
      -0.189975
    ],
    "ImageType": [
      "ORIGINAL",
      "PRIMARY",
      "M",
      "ND",
      "NORM",
      "MOSAIC"
    ],
    "InPlanePhaseEncodingDirectionDICOM": "COL",
    "InstitutionAddress": "Washington_and_Faculty_Rd._-_Building_25_25_Princeton_NJ_US_085",
    "InstitutionName": "Princeton_University_-_Neuroscience_Institute",
    "InstitutionalDepartmentName": "Department",
    "MRAcquisitionType": "2D",
    "MagneticFieldStrength": 3,
    "Manufacturer": "Siemens",
    "ManufacturersModelName": "Skyra",
    "Modality": "MR",
    "ParallelReductionFactorInPlane": 2,
    "PartialFourier": 1,
    "PatientPosition": "HFS",
    "PercentPhaseFOV": 100,
    "PhaseEncodingDirection": "j-",
    "PhaseEncodingSteps": 64,
    "PhaseResolution": 1,
    "PixelBandwidth": 1445,
    "ProcedureStepDescription": "Turk-BrowneLab_Projects",
    "ProtocolName": "epi_3x3x4_1.5s_216TR",
    "PulseSequenceDetails": "%SiemensSeq%_ep2d_bold",
    "ReceiveCoilActiveElements": "HE1-4",
    "ReceiveCoilName": "HeadNeck_20",
    "ReconMatrixPE": 64,
    "RepetitionTime": 1.5,
    "SAR": 0.0753909,
    "ScanOptions": "FS",
    "ScanningSequence": "EP",
    "SequenceName": "_epfid2d1_64",
    "SequenceVariant": "SK",
    "SeriesDescription": "epi_3x3x4_1.5s_216TR",
    "SeriesNumber": 13,
    "ShimSetting": [
      3386,
      8758,
      9265,
      450,
      163,
      -17,
      77,
      -19
    ],
    "SliceThickness": 4,
    "SliceTiming": [
      0.74,
      0,
      0.7975,
      0.0575,
      0.855,
      0.115,
      0.91,
      0.17,
      0.9675,
      0.2275,
      1.025,
      0.285,
      1.0825,
      0.3425,
      1.1375,
      0.3975,
      1.195,
      0.455,
      1.2525,
      0.5125,
      1.31,
      0.57,
      1.365,
      0.625,
      1.4225,
      0.6825
    ],
    "SoftwareVersions": "syngo_MR_D13",
    "SpacingBetweenSlices": 4,
    "StationName": "AWP45031",
    "TotalReadoutTime": 0.0245701,
    "TxRefAmp": 356.742,
    "dataset": "ds001430",
    "modality": "bold",
    "run_id": 2,
    "subject_id": "29",
    "task_id": "loc"
  },
  "dummy_trs": 0,
  "dvars_nstd": 20.454850671441868,
  "dvars_std": 1.228101472976744,
  "dvars_vstd": 1.0069467939069763,
  "efc": 0.6130944370372983,
  "fber": 1599.294921875,
  "fd_mean": 0.08326982132789827,
  "fd_num": 0,
  "fd_perc": 0.0,
  "fwhm_avg": 1.6582530555555557,
  "fwhm_x": 1.62841,
  "fwhm_y": 1.8582566666666667,
  "fwhm_z": 1.4880925,
  "gcor": 0.0177281,
  "gsr_x": 0.0033668410032987595,
  "gsr_y": 0.0449213869869709,
  "provenance": {
    "md5sum": "8ede8458e0dd3cc7908a8db097f00c96",
    "settings": {
      "fd_thres": 0.2,
      "testing": false
    },
    "software": "mriqc",
    "version": "23.0.1",
    "webapi_port": null,
    "webapi_url": "https://mriqc.nimh.nih.gov/api/v1"
  },
  "size_t": 216,
  "size_x": 64,
  "size_y": 64,
  "size_z": 26,
  "snr": 7.38589939814245,
  "spacing_tr": 1.5,
  "spacing_x": 3.0,
  "spacing_y": 3.0,
  "spacing_z": 4.0,
  "summary_bg_k": 17.62322687335811,
  "summary_bg_mad": 12.89726610222763,
  "summary_bg_mean": 52.89820861816406,
  "summary_bg_median": 16.824073791503906,
  "summary_bg_n": 51703.0,
  "summary_bg_p05": 6.893518447875977,
  "summary_bg_p95": 230.80879211425773,
  "summary_bg_stdv": 89.9254379272461,
  "summary_fg_k": 2.9418880295474708,
  "summary_fg_mad": 89.8622180721218,
  "summary_fg_mean": 717.1790161132812,
  "summary_fg_median": 711.5879516601562,
  "summary_fg_n": 27330.0,
  "summary_fg_p05": 582.2983856201172,
  "summary_fg_p95": 869.8865905761719,
  "summary_fg_stdv": 96.34235382080078,
  "tsnr": 90.41032207198441
}