{
  "aor": 0.0007223509933774834,
  "aqi": 0.00718714331125828,
  "bids_meta": {
    "AcquisitionMatrixPE": 64,
    "AcquisitionNumber": 1,
    "AcquisitionTime": "12:47:47.267500",
    "BandwidthPerPixelPhaseEncode": 40.064,
    "BaseResolution": 64,
    "BodyPartExamined": "BRAIN",
    "ConsistencyInfo": "N4_VD13A_LATEST_20120616",
    "ConversionSoftware": "dcm2niix",
    "ConversionSoftwareVersion": "v1.0.20180518 GCC4.8.5",
    "DerivedVendorReportedEchoSpacing": 0.000780002,
    "DeviceSerialNumber": "45031",
    "DwellTime": 5.4e-06,
    "EchoTime": 0.028,
    "EchoTrainLength": 32,
    "EffectiveEchoSpacing": 0.000390001,
    "FlipAngle": 64,
    "ImageOrientationPatientDICOM": [
      0.999471,
      0.0122314,
      0.0301506,
      -0.00628383,
      0.981769,
      -0.189975
    ],
    "ImageType": [
      "ORIGINAL",
      "PRIMARY",
      "M",
      "ND",
      "NORM",
      "MOSAIC"
    ],
    "InPlanePhaseEncodingDirectionDICOM": "COL",
    "InstitutionAddress": "Washington_and_Faculty_Rd._-_Building_25_25_Princeton_NJ_US_085",
    "InstitutionName": "Princeton_University_-_Neuroscience_Institute",
    "InstitutionalDepartmentName": "Department",
    "MRAcquisitionType": "2D",
    "MagneticFieldStrength": 3,
    "Manufacturer": "Siemens",
    "ManufacturersModelName": "Skyra",
    "Modality": "MR",
    "ParallelReductionFactorInPlane": 2,
    "PartialFourier": 1,
    "PatientPosition": "HFS",
    "PercentPhaseFOV": 100,
    "PhaseEncodingDirection": "j-",
    "PhaseEncodingSteps": 64,
    "PhaseResolution": 1,
    "PixelBandwidth": 1445,
    "ProcedureStepDescription": "Turk-BrowneLab_Projects",
    "ProtocolName": "epi_3x3x4_1.5s_302TR",
    "PulseSequenceDetails": "%SiemensSeq%_ep2d_bold",
    "ReceiveCoilActiveElements": "HE1-4",
    "ReceiveCoilName": "HeadNeck_20",
    "ReconMatrixPE": 64,
    "RepetitionTime": 1.5,
    "SAR": 0.0753915,
    "ScanOptions": "FS",
    "ScanningSequence": "EP",
    "SequenceName": "_epfid2d1_64",
    "SequenceVariant": "SK",
    "SeriesDescription": "epi_3x3x4_1.5s_302TR",
    "SeriesNumber": 9,
    "ShimSetting": [
      3386,
      8758,
      9265,
      450,
      163,
      -17,
      77,
      -19
    ],
    "SliceThickness": 4,
    "SliceTiming": [
      0.74,
      0,
      0.7975,
      0.0575,
      0.8525,
      0.1125,
      0.91,
      0.17,
      0.9675,
      0.2275,
      1.025,
      0.285,
      1.08,
      0.3425,
      1.1375,
      0.3975,
      1.195,
      0.455,
      1.2525,
      0.5125,
      1.31,
      0.57,
      1.365,
      0.625,
      1.4225,
      0.6825
    ],
    "SoftwareVersions": "syngo_MR_D13",
    "SpacingBetweenSlices": 4,
    "StationName": "AWP45031",
    "TotalReadoutTime": 0.0245701,
    "TxRefAmp": 356.742,
    "dataset": "ds001430",
    "modality": "bold",
    "run_id": 1,
    "subject_id": "29",
    "task_id": "phase2"
  },
  "dummy_trs": 0,
  "dvars_nstd": 20.11846636086377,
  "dvars_std": 1.1864732394019937,
  "dvars_vstd": 0.9792658664784051,
  "efc": 0.6114741509842053,
  "fber": 1661.638427734375,
  "fd_mean": 0.08422548656577415,
  "fd_num": 3,
  "fd_perc": 0.9933774834437086,
  "fwhm_avg": 1.6430188888888886,
  "fwhm_x": 1.6223566666666667,
  "fwhm_y": 1.83857,
  "fwhm_z": 1.46813,
  "gcor": 0.00579938,
  "gsr_x": 0.0025597144849598408,
  "gsr_y": 0.04336471110582352,
  "provenance": {
    "md5sum": "489368e56357e0c023b3d50b237961bf",
    "settings": {
      "fd_thres": 0.2,
      "testing": false
    },
    "software": "mriqc",
    "version": "23.0.1",
    "webapi_port": null,
    "webapi_url": "https://mriqc.nimh.nih.gov/api/v1"
  },
  "size_t": 302,
  "size_x": 64,
  "size_y": 64,
  "size_z": 26,
  "snr": 7.4319105540085095,
  "spacing_tr": 1.5,
  "spacing_x": 3.0,
  "spacing_y": 3.0,
  "spacing_z": 4.0,
  "summary_bg_k": 18.625337189577145,
  "summary_bg_mad": 12.72976045435457,
  "summary_bg_mean": 51.5236930847168,
  "summary_bg_median": 16.682119369506836,
  "summary_bg_n": 51738.0,
  "summary_bg_p05": 6.82781457901001,
  "summary_bg_p95": 223.14271087646418,
  "summary_bg_stdv": 88.02626037597656,
  "summary_fg_k": 2.960195111913457,
  "summary_fg_mad": 89.70725247768877,
  "summary_fg_mean": 718.951171875,
  "summary_fg_median": 713.802978515625,
  "summary_fg_n": 27284.0,
  "summary_fg_p05": 584.5743591308594,
  "summary_fg_p95": 870.8592864990234,
  "summary_fg_stdv": 96.04393005371094,
  "tsnr": 78.92311538010836
}