{
  "bids_meta": {
    "AcquisitionMatrixPE": 256,
    "AcquisitionNumber": 1,
    "AcquisitionTime": "14:27:1.675000",
    "BaseResolution": 256,
    "BodyPartExamined": "BRAIN",
    "ConsistencyInfo": "N4_VD13A_LATEST_20120616",
    "ConversionSoftware": "dcm2niix",
    "ConversionSoftwareVersion": "v1.0.20180518 GCC4.8.5",
    "DeviceSerialNumber": "45031",
    "DwellTime": 8.2e-06,
    "EchoTime": 0.00298,
    "FlipAngle": 9,
    "ImageOrientationPatientDICOM": [
      -0.0799263,
      0.996737,
      0.0112608,
      -0.01246,
      0.0102971,
      -0.999869
    ],
    "ImageType": [
      "ORIGINAL",
      "PRIMARY",
      "M",
      "ND",
      "NORM"
    ],
    "InPlanePhaseEncodingDirectionDICOM": "ROW",
    "InstitutionAddress": "Washington_and_Faculty_Rd._-_Building_25_25_Princeton_NJ_US_085",
    "InstitutionName": "Princeton_University_-_Neuroscience_Institute",
    "InstitutionalDepartmentName": "Department",
    "InversionTime": 0.9,
    "MRAcquisitionType": "3D",
    "MagneticFieldStrength": 3,
    "Manufacturer": "Siemens",
    "ManufacturersModelName": "Skyra",
    "Modality": "MR",
    "ParallelReductionFactorInPlane": 2,
    "PartialFourier": 1,
    "PatientPosition": "HFS",
    "PercentPhaseFOV": 100,
    "PhaseEncodingSteps": 255,
    "PhaseResolution": 1,
    "PixelBandwidth": 240,
    "ProcedureStepDescription": "Turk-BrowneLab_Projects",
    "ProtocolName": "mprage_1x1x1_medium",
    "PulseSequenceDetails": "%SiemensSeq%_tfl",
    "ReceiveCoilActiveElements": "HE1-4",
    "ReceiveCoilName": "HeadNeck_20",
    "ReconMatrixPE": 256,
    "RepetitionTime": 2.3,
    "SAR": 0.0694101,
    "ScanOptions": "IR",
    "ScanningSequence": "GR_IR",
    "SequenceName": "_tfl3d1_16ns",
    "SequenceVariant": "SK_SP_MP",
    "SeriesDescription": "mprage_1x1x1_medium",
    "SeriesNumber": 15,
    "ShimSetting": [
      3363,
      8649,
      9099,
      157,
      56,
      -422,
      264,
      166
    ],
    "SliceThickness": 1,
    "SoftwareVersions": "syngo_MR_D13",
    "StationName": "AWP45031",
    "TxRefAmp": 331.71,
    "dataset": "ds001430",
    "modality": "T1w",
    "subject_id": "26"
  },
  "cjv": 0.3354803819372184,
  "cnr": 3.9385353704260346,
  "efc": 0.4696460126038093,
  "fber": 23637.94838269271,
  "fwhm_avg": 3.688091951932028,
  "fwhm_x": 3.7467058557960846,
  "fwhm_y": 3.85034,
  "fwhm_z": 3.46723,
  "icvs_csf": 0.20252015276816968,
  "icvs_gm": 0.4340619543770169,
  "icvs_wm": 0.36341789285481346,
  "inu_med": 0.5260837078094482,
  "inu_range": 0.1722513884305954,
  "provenance": {
    "md5sum": "97b2d9f8a4d68ec36b8d6324ddd01062",
    "settings": {
      "testing": false
    },
    "software": "mriqc",
    "version": "23.0.1",
    "warnings": {
      "large_rot_frame": true,
      "small_air_mask": false
    },
    "webapi_port": null,
    "webapi_url": "https://mriqc.nimh.nih.gov/api/v1"
  },
  "qi_1": 0.0,
  "qi_2": 0.013170469661765376,
  "rpve_csf": 28.380786469958444,
  "rpve_gm": 13.844810814661141,
  "rpve_wm": 18.85973458532349,
  "size_x": 192,
  "size_y": 256,
  "size_z": 256,
  "snr_csf": 1.778719428986139,
  "snr_gm": 9.634642754491537,
  "snr_total": 11.769172386804073,
  "snr_wm": 23.89415497693454,
  "snrd_csf": 20.593012182045708,
  "snrd_gm": 58.50342924493097,
  "snrd_total": 55.186312870486375,
  "snrd_wm": 86.46249718448244,
  "spacing_x": 0.999995768070221,
  "spacing_y": 1.0,
  "spacing_z": 1.0,
  "summary_bg_k": 1020.3402433972229,
  "summary_bg_mad": 0.0,
  "summary_bg_mean": 4.072953355666761,
  "summary_bg_median": 0.0,
  "summary_bg_n": 3340640.0,
  "summary_bg_p05": 0.0,
  "summary_bg_p95": 16.719370655715466,
  "summary_bg_stdv": 7.577116044842549,
  "summary_csf_k": 8.767765270763068,
  "summary_csf_mad": 121.08606210541888,
  "summary_csf_mean": 252.09192483700232,
  "summary_csf_median": 238.1727576367557,
  "summary_csf_n": 34962.0,
  "summary_csf_p05": 62.0871011428535,
  "summary_csf_p95": 479.3481138613073,
  "summary_csf_stdv": 133.89933654801592,
  "summary_gm_k": 0.11642388672103454,
  "summary_gm_mad": 68.23711377993703,
  "summary_gm_mean": 677.6111259129977,
  "summary_gm_median": 676.6335566304624,
  "summary_gm_n": 35685.0,
  "summary_gm_p05": 562.7727638840676,
  "summary_gm_p95": 795.046777267009,
  "summary_gm_stdv": 70.22824749829866,
  "summary_wm_k": 0.33954728419332136,
  "summary_wm_mad": 40.24597118857511,
  "summary_wm_mean": 999.8688138932356,
  "summary_wm_median": 999.9999613724649,
  "summary_wm_n": 216072.0,
  "summary_wm_p05": 931.1186590455472,
  "summary_wm_p95": 1068.3489990904927,
  "summary_wm_stdv": 41.85114092930785,
  "tpm_overlap_csf": 0.15178443811734355,
  "tpm_overlap_gm": 0.47591302064881835,
  "tpm_overlap_wm": 0.5169428213197507,
  "wm2max": 0.5709816400593525
}