{
  "aor": 0.0007650462962962963,
  "aqi": 0.004222858935185185,
  "bids_meta": {
    "AcquisitionMatrixPE": 64,
    "AcquisitionNumber": 1,
    "AcquisitionTime": "11:54:33.632500",
    "BandwidthPerPixelPhaseEncode": 40.064,
    "BaseResolution": 64,
    "BodyPartExamined": "BRAIN",
    "ConsistencyInfo": "N4_VD13A_LATEST_20120616",
    "ConversionSoftware": "dcm2niix",
    "ConversionSoftwareVersion": "v1.0.20180518 GCC4.8.5",
    "DerivedVendorReportedEchoSpacing": 0.000780002,
    "DeviceSerialNumber": "45031",
    "DwellTime": 5.4e-06,
    "EchoTime": 0.028,
    "EchoTrainLength": 32,
    "EffectiveEchoSpacing": 0.000390001,
    "FlipAngle": 64,
    "ImageOrientationPatientDICOM": [
      0.994917,
      0.0114736,
      0.100044,
      -0.0208283,
      0.995451,
      0.0929702
    ],
    "ImageType": [
      "ORIGINAL",
      "PRIMARY",
      "M",
      "ND",
      "NORM",
      "MOSAIC"
    ],
    "InPlanePhaseEncodingDirectionDICOM": "COL",
    "InstitutionAddress": "Washington_and_Faculty_Rd._-_Building_25_25_Princeton_NJ_US_085",
    "InstitutionName": "Princeton_University_-_Neuroscience_Institute",
    "InstitutionalDepartmentName": "Department",
    "MRAcquisitionType": "2D",
    "MagneticFieldStrength": 3,
    "Manufacturer": "Siemens",
    "ManufacturersModelName": "Skyra",
    "Modality": "MR",
    "ParallelReductionFactorInPlane": 2,
    "PartialFourier": 1,
    "PatientPosition": "HFS",
    "PercentPhaseFOV": 100,
    "PhaseEncodingDirection": "j-",
    "PhaseEncodingSteps": 64,
    "PhaseResolution": 1,
    "PixelBandwidth": 1445,
    "ProcedureStepDescription": "Turk-BrowneLab_Projects",
    "ProtocolName": "epi_3x3x4_1.5s_216TR",
    "PulseSequenceDetails": "%SiemensSeq%_ep2d_bold",
    "ReceiveCoilActiveElements": "HE1-4",
    "ReceiveCoilName": "HeadNeck_20",
    "ReconMatrixPE": 64,
    "RepetitionTime": 1.5,
    "SAR": 0.0817607,
    "ScanOptions": "FS",
    "ScanningSequence": "EP",
    "SequenceName": "_epfid2d1_64",
    "SequenceVariant": "SK",
    "SeriesDescription": "epi_3x3x4_1.5s_216TR",
    "SeriesNumber": 15,
    "ShimSetting": [
      3434,
      8591,
      9422,
      622,
      257,
      -55,
      522,
      -39
    ],
    "SliceThickness": 4,
    "SliceTiming": [
      0.74,
      0,
      0.7975,
      0.0575,
      0.855,
      0.115,
      0.9125,
      0.1725,
      0.9675,
      0.2275,
      1.025,
      0.285,
      1.0825,
      0.3425,
      1.14,
      0.4,
      1.195,
      0.455,
      1.2525,
      0.5125,
      1.31,
      0.57,
      1.3675,
      0.6275,
      1.4225,
      0.6825
    ],
    "SoftwareVersions": "syngo_MR_D13",
    "SpacingBetweenSlices": 4,
    "StationName": "AWP45031",
    "TotalReadoutTime": 0.0245701,
    "TxRefAmp": 330.382,
    "dataset": "ds001430",
    "modality": "bold",
    "run_id": 3,
    "subject_id": "05",
    "task_id": "loc"
  },
  "dummy_trs": 0,
  "dvars_nstd": 16.48491248213953,
  "dvars_std": 1.0656337595348837,
  "dvars_vstd": 1.008278847488372,
  "efc": 0.5750710651201477,
  "fber": 2550.613037109375,
  "fd_mean": 0.06251176714372428,
  "fd_num": 0,
  "fd_perc": 0.0,
  "fwhm_avg": 1.7056011111111111,
  "fwhm_x": 1.6514433333333332,
  "fwhm_y": 1.93276,
  "fwhm_z": 1.5326,
  "gcor": 0.0113724,
  "gsr_x": 0.0015303491381928325,
  "gsr_y": 0.039792463183403015,
  "provenance": {
    "md5sum": "ee5277b762a7cefc8dc7a395105c996b",
    "settings": {
      "fd_thres": 0.2,
      "testing": false
    },
    "software": "mriqc",
    "version": "23.0.1",
    "webapi_port": null,
    "webapi_url": "https://mriqc.nimh.nih.gov/api/v1"
  },
  "size_t": 216,
  "size_x": 64,
  "size_y": 64,
  "size_z": 26,
  "snr": 7.565665377841039,
  "spacing_tr": 1.5,
  "spacing_x": 3.0,
  "spacing_y": 3.0,
  "spacing_z": 4.0,
  "summary_bg_k": 21.154110293440826,
  "summary_bg_mad": 6.932537863324968,
  "summary_bg_mean": 31.38866424560547,
  "summary_bg_median": 11.912036895751953,
  "summary_bg_n": 53974.0,
  "summary_bg_p05": 6.134259223937988,
  "summary_bg_p95": 118.50092849731438,
  "summary_bg_stdv": 56.39371109008789,
  "summary_fg_k": 3.023115324274462,
  "summary_fg_mad": 75.50285724209711,
  "summary_fg_mean": 630.7398071289062,
  "summary_fg_median": 626.7870483398438,
  "summary_fg_n": 25087.0,
  "summary_fg_p05": 515.4546508789062,
  "summary_fg_p95": 765.4277954101561,
  "summary_fg_stdv": 82.8446044921875,
  "tsnr": 92.82780765276402
}