{
  "aor": 0.001080337837837838,
  "aqi": 0.00438422777027027,
  "bids_meta": {
    "AcquisitionMatrixPE": 64,
    "AcquisitionNumber": 1,
    "AcquisitionTime": "10:47:4.405000",
    "BandwidthPerPixelPhaseEncode": 40.064,
    "BaseResolution": 64,
    "BodyPartExamined": "BRAIN",
    "ConsistencyInfo": "N4_VD13A_LATEST_20120616",
    "ConversionSoftware": "dcm2niix",
    "ConversionSoftwareVersion": "v1.0.20180518 GCC4.8.5",
    "DerivedVendorReportedEchoSpacing": 0.000780002,
    "DeviceSerialNumber": "45031",
    "DwellTime": 5.4e-06,
    "EchoTime": 0.028,
    "EchoTrainLength": 32,
    "EffectiveEchoSpacing": 0.000390001,
    "FlipAngle": 64,
    "ImageOrientationPatientDICOM": [
      0.994917,
      0.0114736,
      0.100044,
      -0.0208283,
      0.995451,
      0.0929702
    ],
    "ImageType": [
      "ORIGINAL",
      "PRIMARY",
      "M",
      "ND",
      "NORM",
      "MOSAIC"
    ],
    "InPlanePhaseEncodingDirectionDICOM": "COL",
    "InstitutionAddress": "Washington_and_Faculty_Rd._-_Building_25_25_Princeton_NJ_US_085",
    "InstitutionName": "Princeton_University_-_Neuroscience_Institute",
    "InstitutionalDepartmentName": "Department",
    "MRAcquisitionType": "2D",
    "MagneticFieldStrength": 3,
    "Manufacturer": "Siemens",
    "ManufacturersModelName": "Skyra",
    "Modality": "MR",
    "ParallelReductionFactorInPlane": 2,
    "PartialFourier": 1,
    "PatientPosition": "HFS",
    "PercentPhaseFOV": 100,
    "PhaseEncodingDirection": "j-",
    "PhaseEncodingSteps": 64,
    "PhaseResolution": 1,
    "PixelBandwidth": 1445,
    "ProcedureStepDescription": "Turk-BrowneLab_Projects",
    "ProtocolName": "epi_3x3x4_1.5s_148TR",
    "PulseSequenceDetails": "%SiemensSeq%_ep2d_bold",
    "ReceiveCoilActiveElements": "HE1-4",
    "ReceiveCoilName": "HeadNeck_20",
    "ReconMatrixPE": 64,
    "RepetitionTime": 1.5,
    "SAR": 0.0817596,
    "ScanOptions": "FS",
    "ScanningSequence": "EP",
    "SequenceName": "_epfid2d1_64",
    "SequenceVariant": "SK",
    "SeriesDescription": "epi_3x3x4_1.5s_148TR",
    "SeriesNumber": 7,
    "ShimSetting": [
      3434,
      8591,
      9422,
      622,
      257,
      -55,
      522,
      -39
    ],
    "SliceThickness": 4,
    "SliceTiming": [
      0.74,
      0,
      0.7975,
      0.0575,
      0.855,
      0.115,
      0.9125,
      0.1725,
      0.97,
      0.23,
      1.025,
      0.285,
      1.0825,
      0.3425,
      1.14,
      0.4,
      1.1975,
      0.4575,
      1.2525,
      0.5125,
      1.31,
      0.57,
      1.3675,
      0.6275,
      1.425,
      0.685
    ],
    "SoftwareVersions": "syngo_MR_D13",
    "SpacingBetweenSlices": 4,
    "StationName": "AWP45031",
    "TotalReadoutTime": 0.0245701,
    "TxRefAmp": 330.382,
    "dataset": "ds001430",
    "modality": "bold",
    "run_id": 3,
    "subject_id": "05",
    "task_id": "phase1"
  },
  "dummy_trs": 0,
  "dvars_nstd": 17.548000374829936,
  "dvars_std": 1.1047950357823122,
  "dvars_vstd": 1.0103204570068025,
  "efc": 0.5768707582205617,
  "fber": 2511.250244140625,
  "fd_mean": 0.07293329465669297,
  "fd_num": 2,
  "fd_perc": 1.3513513513513513,
  "fwhm_avg": 1.6876702777777777,
  "fwhm_x": 1.6342299999999998,
  "fwhm_y": 1.9115933333333333,
  "fwhm_z": 1.5171875,
  "gcor": 0.0102372,
  "gsr_x": -0.0018013963708654046,
  "gsr_y": 0.0344703234732151,
  "provenance": {
    "md5sum": "6657776798d34ef38c6f01b51aeda43c",
    "settings": {
      "fd_thres": 0.2,
      "testing": false
    },
    "software": "mriqc",
    "version": "23.0.1",
    "webapi_port": null,
    "webapi_url": "https://mriqc.nimh.nih.gov/api/v1"
  },
  "size_t": 148,
  "size_x": 64,
  "size_y": 64,
  "size_z": 26,
  "snr": 7.579647498179982,
  "spacing_tr": 1.5,
  "spacing_x": 3.0,
  "spacing_y": 3.0,
  "spacing_z": 4.0,
  "summary_bg_k": 21.151698719842205,
  "summary_bg_mad": 7.0523781586731245,
  "summary_bg_mean": 30.969829559326172,
  "summary_bg_median": 12.054054260253906,
  "summary_bg_n": 53591.0,
  "summary_bg_p05": 6.148648738861084,
  "summary_bg_p95": 114.7804069519043,
  "summary_bg_stdv": 55.256263732910156,
  "summary_fg_k": 3.2685601234849413,
  "summary_fg_mad": 75.50751752128735,
  "summary_fg_mean": 635.91162109375,
  "summary_fg_median": 632.2770385742188,
  "summary_fg_n": 25360.0,
  "summary_fg_p05": 521.6824340820312,
  "summary_fg_p95": 769.4909027099609,
  "summary_fg_stdv": 83.41609191894531,
  "tsnr": 92.08477971469983
}