{
  "bids_meta": {
    "AcquisitionMatrixPE": 256,
    "AcquisitionNumber": 1,
    "AcquisitionTime": "13:46:19.650000",
    "BaseResolution": 256,
    "BodyPartExamined": "BRAIN",
    "ConsistencyInfo": "N4_VD13A_LATEST_20120616",
    "ConversionSoftware": "dcm2niix",
    "ConversionSoftwareVersion": "v1.0.20180518 GCC4.8.5",
    "DeviceSerialNumber": "45031",
    "DwellTime": 8.2e-06,
    "EchoTime": 0.00298,
    "FlipAngle": 9,
    "ImageOrientationPatientDICOM": [
      -0.104902,
      0.976652,
      0.187473,
      0.0710862,
      0.195395,
      -0.978145
    ],
    "ImageType": [
      "ORIGINAL",
      "PRIMARY",
      "M",
      "ND",
      "NORM"
    ],
    "InPlanePhaseEncodingDirectionDICOM": "ROW",
    "InstitutionAddress": "Washington_and_Faculty_Rd._-_Building_25_25_Princeton_NJ_US_085",
    "InstitutionName": "Princeton_University_-_Neuroscience_Institute",
    "InstitutionalDepartmentName": "Department",
    "InversionTime": 0.9,
    "MRAcquisitionType": "3D",
    "MagneticFieldStrength": 3,
    "Manufacturer": "Siemens",
    "ManufacturersModelName": "Skyra",
    "Modality": "MR",
    "ParallelReductionFactorInPlane": 2,
    "PartialFourier": 1,
    "PatientPosition": "HFS",
    "PercentPhaseFOV": 100,
    "PhaseEncodingSteps": 255,
    "PhaseResolution": 1,
    "PixelBandwidth": 240,
    "ProcedureStepDescription": "Turk-BrowneLab_Projects",
    "ProtocolName": "mprage_1x1x1_medium",
    "PulseSequenceDetails": "%SiemensSeq%_tfl",
    "ReceiveCoilActiveElements": "HE1-4",
    "ReceiveCoilName": "HeadNeck_20",
    "ReconMatrixPE": 256,
    "RepetitionTime": 2.3,
    "SAR": 0.0811086,
    "ScanOptions": "IR",
    "ScanningSequence": "GR_IR",
    "SequenceName": "_tfl3d1_16ns",
    "SequenceVariant": "SK_SP_MP",
    "SeriesDescription": "mprage_1x1x1_medium",
    "SeriesNumber": 15,
    "ShimSetting": [
      3400,
      8539,
      9187,
      327,
      -66,
      -371,
      795,
      -16
    ],
    "SliceThickness": 1,
    "SoftwareVersions": "syngo_MR_D13",
    "StationName": "AWP45031",
    "TxRefAmp": 340.995,
    "dataset": "ds001430",
    "modality": "T1w",
    "subject_id": "06"
  },
  "cjv": 0.3221813867133731,
  "cnr": 4.064701232403057,
  "efc": 0.45324301870641526,
  "fber": 23307.111111111106,
  "fwhm_avg": 3.753927874079095,
  "fwhm_x": 3.809053622237285,
  "fwhm_y": 3.95171,
  "fwhm_z": 3.50102,
  "icvs_csf": 0.2132589217341338,
  "icvs_gm": 0.4602384534174019,
  "icvs_wm": 0.3265026248484643,
  "inu_med": 0.617941677570343,
  "inu_range": 0.23683027029037484,
  "provenance": {
    "md5sum": "58b5ecd7840e49ce6a7213086b0f4ff3",
    "settings": {
      "testing": false
    },
    "software": "mriqc",
    "version": "23.0.1",
    "warnings": {
      "large_rot_frame": true,
      "small_air_mask": false
    },
    "webapi_port": null,
    "webapi_url": "https://mriqc.nimh.nih.gov/api/v1"
  },
  "qi_1": 0.0,
  "qi_2": 0.010403384559018672,
  "rpve_csf": 27.703956343792633,
  "rpve_gm": 13.627977671164725,
  "rpve_wm": 21.067127025297268,
  "size_x": 192,
  "size_y": 256,
  "size_z": 256,
  "snr_csf": 1.956883431687946,
  "snr_gm": 10.532556492680568,
  "snr_total": 11.331285324304998,
  "snr_wm": 21.50441604854648,
  "snrd_csf": 9.1991940991724,
  "snrd_gm": 25.99510468477276,
  "snrd_total": 24.62883041957157,
  "snrd_wm": 38.692192474769556,
  "spacing_x": 0.9999964237213135,
  "spacing_y": 1.0,
  "spacing_z": 1.0,
  "summary_bg_k": 1719.4967353893965,
  "summary_bg_mad": 0.0,
  "summary_bg_mean": 4.060270170118774,
  "summary_bg_median": 0.0,
  "summary_bg_n": 3618477.0,
  "summary_bg_p05": 0.0,
  "summary_bg_p95": 17.50605957582593,
  "summary_bg_stdv": 16.932004884830445,
  "summary_csf_k": 0.5904468259952487,
  "summary_csf_mad": 120.85490600043575,
  "summary_csf_mean": 246.19486315458653,
  "summary_csf_median": 237.7532364614308,
  "summary_csf_n": 34739.0,
  "summary_csf_p05": 64.00933578237891,
  "summary_csf_p95": 459.49965024404224,
  "summary_csf_stdv": 121.49411180748282,
  "summary_gm_k": 0.17550942446497686,
  "summary_gm_mad": 61.93592098994431,
  "summary_gm_mean": 671.6618866095235,
  "summary_gm_median": 671.8436641655862,
  "summary_gm_n": 41579.0,
  "summary_gm_p05": 567.1065555922687,
  "summary_gm_p95": 777.0326385501771,
  "summary_gm_stdv": 63.78656363831957,
  "summary_wm_k": 0.6157189823176625,
  "summary_wm_mad": 43.78993840764687,
  "summary_wm_mean": 999.5250137890026,
  "summary_wm_median": 999.999987769872,
  "summary_wm_n": 172629.0,
  "summary_wm_p05": 922.3149780966341,
  "summary_wm_p95": 1074.3034850805998,
  "summary_wm_stdv": 46.501941234929355,
  "tpm_overlap_csf": 0.14471687398704108,
  "tpm_overlap_gm": 0.48260997367451813,
  "tpm_overlap_wm": 0.49576583952406755,
  "wm2max": 0.5805135833221012
}