{
  "aor": 0.0009951020408163268,
  "aqi": 0.004446312040816326,
  "bids_meta": {
    "AcquisitionMatrixPE": 64,
    "AcquisitionNumber": 1,
    "AcquisitionTime": "10:42:24.997500",
    "BandwidthPerPixelPhaseEncode": 40.064,
    "BaseResolution": 64,
    "BodyPartExamined": "BRAIN",
    "ConsistencyInfo": "N4_VD13A_LATEST_20120616",
    "ConversionSoftware": "dcm2niix",
    "ConversionSoftwareVersion": "v1.0.20180518 GCC4.8.5",
    "DerivedVendorReportedEchoSpacing": 0.000780002,
    "DeviceSerialNumber": "45031",
    "DwellTime": 5.4e-06,
    "EchoTime": 0.028,
    "EchoTrainLength": 32,
    "EffectiveEchoSpacing": 0.000390001,
    "FlipAngle": 64,
    "ImageOrientationPatientDICOM": [
      0.994917,
      0.0114736,
      0.100044,
      -0.0208283,
      0.995451,
      0.0929702
    ],
    "ImageType": [
      "ORIGINAL",
      "PRIMARY",
      "M",
      "ND",
      "NORM",
      "MOSAIC"
    ],
    "InPlanePhaseEncodingDirectionDICOM": "COL",
    "InstitutionAddress": "Washington_and_Faculty_Rd._-_Building_25_25_Princeton_NJ_US_085",
    "InstitutionName": "Princeton_University_-_Neuroscience_Institute",
    "InstitutionalDepartmentName": "Department",
    "MRAcquisitionType": "2D",
    "MagneticFieldStrength": 3,
    "Manufacturer": "Siemens",
    "ManufacturersModelName": "Skyra",
    "Modality": "MR",
    "ParallelReductionFactorInPlane": 2,
    "PartialFourier": 1,
    "PatientPosition": "HFS",
    "PercentPhaseFOV": 100,
    "PhaseEncodingDirection": "j-",
    "PhaseEncodingSteps": 64,
    "PhaseResolution": 1,
    "PixelBandwidth": 1445,
    "ProcedureStepDescription": "Turk-BrowneLab_Projects",
    "ProtocolName": "epi_3x3x4_1.5s_148TR",
    "PulseSequenceDetails": "%SiemensSeq%_ep2d_bold",
    "ReceiveCoilActiveElements": "HE1-4",
    "ReceiveCoilName": "HeadNeck_20",
    "ReconMatrixPE": 64,
    "RepetitionTime": 1.5,
    "SAR": 0.0817596,
    "ScanOptions": "FS",
    "ScanningSequence": "EP",
    "SequenceName": "_epfid2d1_64",
    "SequenceVariant": "SK",
    "SeriesDescription": "epi_3x3x4_1.5s_148TR",
    "SeriesNumber": 6,
    "ShimSetting": [
      3434,
      8591,
      9422,
      622,
      257,
      -55,
      522,
      -39
    ],
    "SliceThickness": 4,
    "SliceTiming": [
      0.74,
      0,
      0.7975,
      0.0575,
      0.8525,
      0.1125,
      0.91,
      0.17,
      0.9675,
      0.2275,
      1.025,
      0.285,
      1.0825,
      0.3425,
      1.1375,
      0.3975,
      1.195,
      0.455,
      1.2525,
      0.5125,
      1.31,
      0.57,
      1.365,
      0.625,
      1.4225,
      0.6825
    ],
    "SoftwareVersions": "syngo_MR_D13",
    "SpacingBetweenSlices": 4,
    "StationName": "AWP45031",
    "TotalReadoutTime": 0.0245701,
    "TxRefAmp": 330.382,
    "dataset": "ds001430",
    "modality": "bold",
    "run_id": 2,
    "subject_id": "05",
    "task_id": "phase1"
  },
  "dummy_trs": 1,
  "dvars_nstd": 17.658991990000004,
  "dvars_std": 1.1110621547260275,
  "dvars_vstd": 1.0193606266438362,
  "efc": 0.5763051994773677,
  "fber": 2522.586181640625,
  "fd_mean": 0.07551124858345516,
  "fd_num": 1,
  "fd_perc": 0.6802721088435374,
  "fwhm_avg": 1.6893955555555555,
  "fwhm_x": 1.63324,
  "fwhm_y": 1.9107366666666667,
  "fwhm_z": 1.52421,
  "gcor": 0.0148543,
  "gsr_x": -0.002829211065545678,
  "gsr_y": 0.03501484915614128,
  "provenance": {
    "md5sum": "9428c12543b6494e82245f86c5bb707f",
    "settings": {
      "fd_thres": 0.2,
      "testing": false
    },
    "software": "mriqc",
    "version": "23.0.1",
    "webapi_port": null,
    "webapi_url": "https://mriqc.nimh.nih.gov/api/v1"
  },
  "size_t": 147,
  "size_x": 64,
  "size_y": 64,
  "size_z": 26,
  "snr": 7.5633711708240305,
  "spacing_tr": 1.5,
  "spacing_x": 3.0,
  "spacing_y": 3.0,
  "spacing_z": 4.0,
  "summary_bg_k": 21.608999430151254,
  "summary_bg_mad": 7.009582345447742,
  "summary_bg_mean": 30.689579010009766,
  "summary_bg_median": 12.040816307067871,
  "summary_bg_n": 53616.0,
  "summary_bg_p05": 6.156462669372559,
  "summary_bg_p95": 113.39455795288086,
  "summary_bg_stdv": 54.81066131591797,
  "summary_fg_k": 3.2412827211764013,
  "summary_fg_mad": 75.14876651449626,
  "summary_fg_mean": 636.1548461914062,
  "summary_fg_median": 632.4898071289062,
  "summary_fg_n": 25357.0,
  "summary_fg_p05": 520.4625610351562,
  "summary_fg_p95": 770.3265014648437,
  "summary_fg_stdv": 83.62373352050781,
  "tsnr": 92.08658256637864
}