{
  "aor": 0.0010545864661654133,
  "aqi": 0.00872730343358396,
  "bids_meta": {
    "AcquisitionMatrixPE": 64,
    "AcquisitionNumber": 1,
    "AcquisitionTime": "11:28:52.395000",
    "BandwidthPerPixelPhaseEncode": 40.064,
    "BaseResolution": 64,
    "BodyPartExamined": "BRAIN",
    "ConsistencyInfo": "N4_VD13A_LATEST_20120616",
    "ConversionSoftware": "dcm2niix",
    "ConversionSoftwareVersion": "v1.0.20180518 GCC4.8.5",
    "DerivedVendorReportedEchoSpacing": 0.000780002,
    "DeviceSerialNumber": "45031",
    "DwellTime": 5.4e-06,
    "EchoTime": 0.028,
    "EchoTrainLength": 32,
    "EffectiveEchoSpacing": 0.000390001,
    "FlipAngle": 64,
    "ImageOrientationPatientDICOM": [
      0.994917,
      0.0114736,
      0.100044,
      -0.0208283,
      0.995451,
      0.0929702
    ],
    "ImageType": [
      "ORIGINAL",
      "PRIMARY",
      "M",
      "ND",
      "NORM",
      "MOSAIC"
    ],
    "InPlanePhaseEncodingDirectionDICOM": "COL",
    "InstitutionAddress": "Washington_and_Faculty_Rd._-_Building_25_25_Princeton_NJ_US_085",
    "InstitutionName": "Princeton_University_-_Neuroscience_Institute",
    "InstitutionalDepartmentName": "Department",
    "MRAcquisitionType": "2D",
    "MagneticFieldStrength": 3,
    "Manufacturer": "Siemens",
    "ManufacturersModelName": "Skyra",
    "Modality": "MR",
    "ParallelReductionFactorInPlane": 2,
    "PartialFourier": 1,
    "PatientPosition": "HFS",
    "PercentPhaseFOV": 100,
    "PhaseEncodingDirection": "j-",
    "PhaseEncodingSteps": 64,
    "PhaseResolution": 1,
    "PixelBandwidth": 1445,
    "ProcedureStepDescription": "Turk-BrowneLab_Projects",
    "ProtocolName": "epi_3x3x4_1.5s_400TR",
    "PulseSequenceDetails": "%SiemensSeq%_ep2d_bold",
    "ReceiveCoilActiveElements": "HE1-4",
    "ReceiveCoilName": "HeadNeck_20",
    "ReconMatrixPE": 64,
    "RepetitionTime": 1.5,
    "SAR": 0.0817619,
    "ScanOptions": "FS",
    "ScanningSequence": "EP",
    "SequenceName": "_epfid2d1_64",
    "SequenceVariant": "SK",
    "SeriesDescription": "epi_3x3x4_1.5s_400TR",
    "SeriesNumber": 12,
    "ShimSetting": [
      3434,
      8591,
      9422,
      622,
      257,
      -55,
      522,
      -39
    ],
    "SliceThickness": 4,
    "SliceTiming": [
      0.74,
      0,
      0.7975,
      0.0575,
      0.8525,
      0.1125,
      0.91,
      0.17,
      0.9675,
      0.2275,
      1.025,
      0.285,
      1.08,
      0.34,
      1.1375,
      0.3975,
      1.195,
      0.455,
      1.2525,
      0.5125,
      1.3075,
      0.5675,
      1.365,
      0.625,
      1.4225,
      0.6825
    ],
    "SoftwareVersions": "syngo_MR_D13",
    "SpacingBetweenSlices": 4,
    "StationName": "AWP45031",
    "TotalReadoutTime": 0.0245701,
    "TxRefAmp": 330.382,
    "dataset": "ds001430",
    "modality": "bold",
    "run_id": 2,
    "subject_id": "05",
    "task_id": "phase3"
  },
  "dummy_trs": 1,
  "dvars_nstd": 16.217496601080395,
  "dvars_std": 1.0318496082412056,
  "dvars_vstd": 0.9842410940452262,
  "efc": 0.5753744931054403,
  "fber": 2619.9794921875,
  "fd_mean": 0.07783809194513673,
  "fd_num": 0,
  "fd_perc": 0.0,
  "fwhm_avg": 1.6895658333333332,
  "fwhm_x": 1.6385433333333335,
  "fwhm_y": 1.9288366666666665,
  "fwhm_z": 1.5013175,
  "gcor": 0.00678159,
  "gsr_x": 0.000610021932516247,
  "gsr_y": 0.03602633997797966,
  "provenance": {
    "md5sum": "d158adaf481fc30b9a2d5e77ee010c1d",
    "settings": {
      "fd_thres": 0.2,
      "testing": false
    },
    "software": "mriqc",
    "version": "23.0.1",
    "webapi_port": null,
    "webapi_url": "https://mriqc.nimh.nih.gov/api/v1"
  },
  "size_t": 399,
  "size_x": 64,
  "size_y": 64,
  "size_z": 26,
  "snr": 7.548597682484055,
  "spacing_tr": 1.5,
  "spacing_x": 3.0,
  "spacing_y": 3.0,
  "spacing_z": 4.0,
  "summary_bg_k": 21.750485070354433,
  "summary_bg_mad": 7.230936416506794,
  "summary_bg_mean": 31.21015167236328,
  "summary_bg_median": 11.852129936218262,
  "summary_bg_n": 53823.0,
  "summary_bg_p05": 5.954887390136719,
  "summary_bg_p95": 115.89573974609323,
  "summary_bg_stdv": 55.8427848815918,
  "summary_fg_k": 3.5156864488989257,
  "summary_fg_mad": 76.2704007001882,
  "summary_fg_mean": 633.1107788085938,
  "summary_fg_median": 629.5989990234375,
  "summary_fg_n": 25224.0,
  "summary_fg_p05": 518.2822021484375,
  "summary_fg_p95": 764.8868225097656,
  "summary_fg_stdv": 83.40443420410156,
  "tsnr": 74.8531365331728
}