{
  "aor": 0.000568625,
  "aqi": 0.005585946499999999,
  "bids_meta": {
    "AcquisitionMatrixPE": 64,
    "AcquisitionNumber": 1,
    "AcquisitionTime": "11:17:46.610000",
    "BandwidthPerPixelPhaseEncode": 40.064,
    "BaseResolution": 64,
    "BodyPartExamined": "BRAIN",
    "ConsistencyInfo": "N4_VD13A_LATEST_20120616",
    "ConversionSoftware": "dcm2niix",
    "ConversionSoftwareVersion": "v1.0.20180518 GCC4.8.5",
    "DerivedVendorReportedEchoSpacing": 0.000780002,
    "DeviceSerialNumber": "45031",
    "DwellTime": 5.4e-06,
    "EchoTime": 0.028,
    "EchoTrainLength": 32,
    "EffectiveEchoSpacing": 0.000390001,
    "FlipAngle": 64,
    "ImageOrientationPatientDICOM": [
      0.994917,
      0.0114736,
      0.100044,
      -0.0208283,
      0.995451,
      0.0929702
    ],
    "ImageType": [
      "ORIGINAL",
      "PRIMARY",
      "M",
      "ND",
      "NORM",
      "MOSAIC"
    ],
    "InPlanePhaseEncodingDirectionDICOM": "COL",
    "InstitutionAddress": "Washington_and_Faculty_Rd._-_Building_25_25_Princeton_NJ_US_085",
    "InstitutionName": "Princeton_University_-_Neuroscience_Institute",
    "InstitutionalDepartmentName": "Department",
    "MRAcquisitionType": "2D",
    "MagneticFieldStrength": 3,
    "Manufacturer": "Siemens",
    "ManufacturersModelName": "Skyra",
    "Modality": "MR",
    "ParallelReductionFactorInPlane": 2,
    "PartialFourier": 1,
    "PatientPosition": "HFS",
    "PercentPhaseFOV": 100,
    "PhaseEncodingDirection": "j-",
    "PhaseEncodingSteps": 64,
    "PhaseResolution": 1,
    "PixelBandwidth": 1445,
    "ProcedureStepDescription": "Turk-BrowneLab_Projects",
    "ProtocolName": "epi_3x3x4_1.5s_400TR",
    "PulseSequenceDetails": "%SiemensSeq%_ep2d_bold",
    "ReceiveCoilActiveElements": "HE1-4",
    "ReceiveCoilName": "HeadNeck_20",
    "ReconMatrixPE": 64,
    "RepetitionTime": 1.5,
    "SAR": 0.0817619,
    "ScanOptions": "FS",
    "ScanningSequence": "EP",
    "SequenceName": "_epfid2d1_64",
    "SequenceVariant": "SK",
    "SeriesDescription": "epi_3x3x4_1.5s_400TR",
    "SeriesNumber": 11,
    "ShimSetting": [
      3434,
      8591,
      9422,
      622,
      257,
      -55,
      522,
      -39
    ],
    "SliceThickness": 4,
    "SliceTiming": [
      0.74,
      0,
      0.7975,
      0.0575,
      0.855,
      0.115,
      0.91,
      0.17,
      0.9675,
      0.2275,
      1.025,
      0.285,
      1.0825,
      0.3425,
      1.1375,
      0.3975,
      1.195,
      0.455,
      1.2525,
      0.5125,
      1.31,
      0.57,
      1.365,
      0.6275,
      1.4225,
      0.6825
    ],
    "SoftwareVersions": "syngo_MR_D13",
    "SpacingBetweenSlices": 4,
    "StationName": "AWP45031",
    "TotalReadoutTime": 0.0245701,
    "TxRefAmp": 330.382,
    "dataset": "ds001430",
    "modality": "bold",
    "run_id": 1,
    "subject_id": "05",
    "task_id": "phase3"
  },
  "dummy_trs": 0,
  "dvars_nstd": 17.24593904431077,
  "dvars_std": 1.0865226553884708,
  "dvars_vstd": 0.9985823205012542,
  "efc": 0.5781212434362011,
  "fber": 2441.974365234375,
  "fd_mean": 0.07701603062841832,
  "fd_num": 0,
  "fd_perc": 0.0,
  "fwhm_avg": 1.6926136111111114,
  "fwhm_x": 1.6453466666666667,
  "fwhm_y": 1.9019766666666669,
  "fwhm_z": 1.5305175,
  "gcor": 0.013251,
  "gsr_x": -0.000708376057446003,
  "gsr_y": 0.034661829471588135,
  "provenance": {
    "md5sum": "23e71248054486b613b23a1730c7a23f",
    "settings": {
      "fd_thres": 0.2,
      "testing": false
    },
    "software": "mriqc",
    "version": "23.0.1",
    "webapi_port": null,
    "webapi_url": "https://mriqc.nimh.nih.gov/api/v1"
  },
  "size_t": 400,
  "size_x": 64,
  "size_y": 64,
  "size_z": 26,
  "snr": 7.623396219679009,
  "spacing_tr": 1.5,
  "spacing_x": 3.0,
  "spacing_y": 3.0,
  "spacing_z": 4.0,
  "summary_bg_k": 20.822911794586233,
  "summary_bg_mad": 7.220273341411751,
  "summary_bg_mean": 31.61366844177246,
  "summary_bg_median": 12.192500114440918,
  "summary_bg_n": 53625.0,
  "summary_bg_p05": 6.197499752044678,
  "summary_bg_p95": 118.06549835205053,
  "summary_bg_stdv": 55.81641387939453,
  "summary_fg_k": 3.088965406696115,
  "summary_fg_mad": 75.07709775491028,
  "summary_fg_mean": 632.339111328125,
  "summary_fg_median": 629.2625122070312,
  "summary_fg_n": 25424.0,
  "summary_fg_p05": 516.9941101074219,
  "summary_fg_p95": 762.7745880126953,
  "summary_fg_stdv": 82.5419692993164,
  "tsnr": 83.96132449037395
}