{
  "aor": 0.0011062837837837838,
  "aqi": 0.004827990608108108,
  "bids_meta": {
    "AcquisitionMatrixPE": 64,
    "AcquisitionNumber": 1,
    "AcquisitionTime": "10:51:47.727500",
    "BandwidthPerPixelPhaseEncode": 40.064,
    "BaseResolution": 64,
    "BodyPartExamined": "BRAIN",
    "ConsistencyInfo": "N4_VD13A_LATEST_20120616",
    "ConversionSoftware": "dcm2niix",
    "ConversionSoftwareVersion": "v1.0.20180518 GCC4.8.5",
    "DerivedVendorReportedEchoSpacing": 0.000780002,
    "DeviceSerialNumber": "45031",
    "DwellTime": 5.4e-06,
    "EchoTime": 0.028,
    "EchoTrainLength": 32,
    "EffectiveEchoSpacing": 0.000390001,
    "FlipAngle": 64,
    "ImageOrientationPatientDICOM": [
      0.994917,
      0.0114736,
      0.100044,
      -0.0208283,
      0.995451,
      0.0929702
    ],
    "ImageType": [
      "ORIGINAL",
      "PRIMARY",
      "M",
      "ND",
      "NORM",
      "MOSAIC"
    ],
    "InPlanePhaseEncodingDirectionDICOM": "COL",
    "InstitutionAddress": "Washington_and_Faculty_Rd._-_Building_25_25_Princeton_NJ_US_085",
    "InstitutionName": "Princeton_University_-_Neuroscience_Institute",
    "InstitutionalDepartmentName": "Department",
    "MRAcquisitionType": "2D",
    "MagneticFieldStrength": 3,
    "Manufacturer": "Siemens",
    "ManufacturersModelName": "Skyra",
    "Modality": "MR",
    "ParallelReductionFactorInPlane": 2,
    "PartialFourier": 1,
    "PatientPosition": "HFS",
    "PercentPhaseFOV": 100,
    "PhaseEncodingDirection": "j-",
    "PhaseEncodingSteps": 64,
    "PhaseResolution": 1,
    "PixelBandwidth": 1445,
    "ProcedureStepDescription": "Turk-BrowneLab_Projects",
    "ProtocolName": "epi_3x3x4_1.5s_148TR",
    "PulseSequenceDetails": "%SiemensSeq%_ep2d_bold",
    "ReceiveCoilActiveElements": "HE1-4",
    "ReceiveCoilName": "HeadNeck_20",
    "ReconMatrixPE": 64,
    "RepetitionTime": 1.5,
    "SAR": 0.0817596,
    "ScanOptions": "FS",
    "ScanningSequence": "EP",
    "SequenceName": "_epfid2d1_64",
    "SequenceVariant": "SK",
    "SeriesDescription": "epi_3x3x4_1.5s_148TR",
    "SeriesNumber": 8,
    "ShimSetting": [
      3434,
      8591,
      9422,
      622,
      257,
      -55,
      522,
      -39
    ],
    "SliceThickness": 4,
    "SliceTiming": [
      0.74,
      0,
      0.7975,
      0.0575,
      0.855,
      0.115,
      0.9125,
      0.1725,
      0.9675,
      0.2275,
      1.025,
      0.285,
      1.0825,
      0.3425,
      1.14,
      0.4,
      1.195,
      0.455,
      1.2525,
      0.5125,
      1.31,
      0.57,
      1.3675,
      0.6275,
      1.4225,
      0.6825
    ],
    "SoftwareVersions": "syngo_MR_D13",
    "SpacingBetweenSlices": 4,
    "StationName": "AWP45031",
    "TotalReadoutTime": 0.0245701,
    "TxRefAmp": 330.382,
    "dataset": "ds001430",
    "modality": "bold",
    "run_id": 4,
    "subject_id": "05",
    "task_id": "phase1"
  },
  "dummy_trs": 0,
  "dvars_nstd": 16.99097493891156,
  "dvars_std": 1.085730449319727,
  "dvars_vstd": 1.0054614052380952,
  "efc": 0.5767426010970611,
  "fber": 2516.34912109375,
  "fd_mean": 0.08172992220808045,
  "fd_num": 0,
  "fd_perc": 0.0,
  "fwhm_avg": 1.6827261111111111,
  "fwhm_x": 1.6319,
  "fwhm_y": 1.8999033333333333,
  "fwhm_z": 1.516375,
  "gcor": 0.00991348,
  "gsr_x": -0.0019430145621299744,
  "gsr_y": 0.03365106135606766,
  "provenance": {
    "md5sum": "51cb496c1b895fff0c8886d4cd49ac95",
    "settings": {
      "fd_thres": 0.2,
      "testing": false
    },
    "software": "mriqc",
    "version": "23.0.1",
    "webapi_port": null,
    "webapi_url": "https://mriqc.nimh.nih.gov/api/v1"
  },
  "size_t": 148,
  "size_x": 64,
  "size_y": 64,
  "size_z": 26,
  "snr": 7.538868198757326,
  "spacing_tr": 1.5,
  "spacing_x": 3.0,
  "spacing_y": 3.0,
  "spacing_z": 4.0,
  "summary_bg_k": 21.024406719307432,
  "summary_bg_mad": 7.062395779444639,
  "summary_bg_mean": 31.049924850463867,
  "summary_bg_median": 12.060811042785645,
  "summary_bg_n": 53630.0,
  "summary_bg_p05": 6.141891956329346,
  "summary_bg_p95": 116.72128601074203,
  "summary_bg_stdv": 55.276817321777344,
  "summary_fg_k": 3.417627488949944,
  "summary_fg_mad": 75.75297397378348,
  "summary_fg_mean": 636.0338745117188,
  "summary_fg_median": 632.2635498046875,
  "summary_fg_n": 25345.0,
  "summary_fg_p05": 521.0432739257812,
  "summary_fg_p95": 770.3243408203125,
  "summary_fg_stdv": 83.86551666259766,
  "tsnr": 88.26230523816776
}