{
  "aor": 0.0005071760797342194,
  "aqi": 0.004137775581395349,
  "bids_meta": {
    "AcquisitionMatrixPE": 64,
    "AcquisitionNumber": 1,
    "AcquisitionTime": "10:58:16.757500",
    "BandwidthPerPixelPhaseEncode": 40.064,
    "BaseResolution": 64,
    "BodyPartExamined": "BRAIN",
    "ConsistencyInfo": "N4_VD13A_LATEST_20120616",
    "ConversionSoftware": "dcm2niix",
    "ConversionSoftwareVersion": "v1.0.20180518 GCC4.8.5",
    "DerivedVendorReportedEchoSpacing": 0.000780002,
    "DeviceSerialNumber": "45031",
    "DwellTime": 5.4e-06,
    "EchoTime": 0.028,
    "EchoTrainLength": 32,
    "EffectiveEchoSpacing": 0.000390001,
    "FlipAngle": 64,
    "ImageOrientationPatientDICOM": [
      0.994917,
      0.0114736,
      0.100044,
      -0.0208283,
      0.995451,
      0.0929702
    ],
    "ImageType": [
      "ORIGINAL",
      "PRIMARY",
      "M",
      "ND",
      "NORM",
      "MOSAIC"
    ],
    "InPlanePhaseEncodingDirectionDICOM": "COL",
    "InstitutionAddress": "Washington_and_Faculty_Rd._-_Building_25_25_Princeton_NJ_US_085",
    "InstitutionName": "Princeton_University_-_Neuroscience_Institute",
    "InstitutionalDepartmentName": "Department",
    "MRAcquisitionType": "2D",
    "MagneticFieldStrength": 3,
    "Manufacturer": "Siemens",
    "ManufacturersModelName": "Skyra",
    "Modality": "MR",
    "ParallelReductionFactorInPlane": 2,
    "PartialFourier": 1,
    "PatientPosition": "HFS",
    "PercentPhaseFOV": 100,
    "PhaseEncodingDirection": "j-",
    "PhaseEncodingSteps": 64,
    "PhaseResolution": 1,
    "PixelBandwidth": 1445,
    "ProcedureStepDescription": "Turk-BrowneLab_Projects",
    "ProtocolName": "epi_3x3x4_1.5s_302TR",
    "PulseSequenceDetails": "%SiemensSeq%_ep2d_bold",
    "ReceiveCoilActiveElements": "HE1-4",
    "ReceiveCoilName": "HeadNeck_20",
    "ReconMatrixPE": 64,
    "RepetitionTime": 1.5,
    "SAR": 0.0817614,
    "ScanOptions": "FS",
    "ScanningSequence": "EP",
    "SequenceName": "_epfid2d1_64",
    "SequenceVariant": "SK",
    "SeriesDescription": "epi_3x3x4_1.5s_302TR",
    "SeriesNumber": 9,
    "ShimSetting": [
      3434,
      8591,
      9422,
      622,
      257,
      -55,
      522,
      -39
    ],
    "SliceThickness": 4,
    "SliceTiming": [
      0.74,
      0,
      0.795,
      0.0575,
      0.8525,
      0.1125,
      0.91,
      0.17,
      0.9675,
      0.2275,
      1.025,
      0.285,
      1.08,
      0.34,
      1.1375,
      0.3975,
      1.195,
      0.455,
      1.2525,
      0.5125,
      1.3075,
      0.5675,
      1.365,
      0.625,
      1.4225,
      0.6825
    ],
    "SoftwareVersions": "syngo_MR_D13",
    "SpacingBetweenSlices": 4,
    "StationName": "AWP45031",
    "TotalReadoutTime": 0.0245701,
    "TxRefAmp": 330.382,
    "dataset": "ds001430",
    "modality": "bold",
    "run_id": 1,
    "subject_id": "05",
    "task_id": "phase2"
  },
  "dummy_trs": 1,
  "dvars_nstd": 16.682603915666665,
  "dvars_std": 1.0847459080000006,
  "dvars_vstd": 1.0073911294,
  "efc": 0.57707013528864,
  "fber": 2520.512451171875,
  "fd_mean": 0.07062877853411315,
  "fd_num": 0,
  "fd_perc": 0.0,
  "fwhm_avg": 1.6834152777777778,
  "fwhm_x": 1.63662,
  "fwhm_y": 1.8958133333333331,
  "fwhm_z": 1.5178125,
  "gcor": 0.00683218,
  "gsr_x": -0.0018829673063009977,
  "gsr_y": 0.03509194403886795,
  "provenance": {
    "md5sum": "99f0fbea0c885d0334b65066548d269b",
    "settings": {
      "fd_thres": 0.2,
      "testing": false
    },
    "software": "mriqc",
    "version": "23.0.1",
    "webapi_port": null,
    "webapi_url": "https://mriqc.nimh.nih.gov/api/v1"
  },
  "size_t": 301,
  "size_x": 64,
  "size_y": 64,
  "size_z": 26,
  "snr": 7.572123436088148,
  "spacing_tr": 1.5,
  "spacing_x": 3.0,
  "spacing_y": 3.0,
  "spacing_z": 4.0,
  "summary_bg_k": 21.138091879729064,
  "summary_bg_mad": 7.018964409333329,
  "summary_bg_mean": 31.10616683959961,
  "summary_bg_median": 12.009966850280762,
  "summary_bg_n": 53597.0,
  "summary_bg_p05": 6.159468173980713,
  "summary_bg_p95": 116.45846862792963,
  "summary_bg_stdv": 55.50025177001953,
  "summary_fg_k": 3.2300643632911497,
  "summary_fg_mad": 75.29260173338753,
  "summary_fg_mean": 635.1205444335938,
  "summary_fg_median": 631.687744140625,
  "summary_fg_n": 25390.0,
  "summary_fg_p05": 519.8918640136719,
  "summary_fg_p95": 768.7351806640623,
  "summary_fg_stdv": 83.42115783691406,
  "tsnr": 93.47558032139204
}