{
  "aor": 0.0007970945945945945,
  "aqi": 0.005162039932432433,
  "bids_meta": {
    "AcquisitionMatrixPE": 64,
    "AcquisitionNumber": 1,
    "AcquisitionTime": "12:35:56.977500",
    "BandwidthPerPixelPhaseEncode": 40.064,
    "BaseResolution": 64,
    "BodyPartExamined": "BRAIN",
    "ConsistencyInfo": "N4_VD13A_LATEST_20120616",
    "ConversionSoftware": "dcm2niix",
    "ConversionSoftwareVersion": "v1.0.20180518 GCC4.8.5",
    "DerivedVendorReportedEchoSpacing": 0.000780002,
    "DeviceSerialNumber": "45031",
    "DwellTime": 5.4e-06,
    "EchoTime": 0.028,
    "EchoTrainLength": 32,
    "EffectiveEchoSpacing": 0.000390001,
    "FlipAngle": 64,
    "ImageOrientationPatientDICOM": [
      0.996497,
      0.0833403,
      -0.00690028,
      -0.0810171,
      0.98257,
      0.167306
    ],
    "ImageType": [
      "ORIGINAL",
      "PRIMARY",
      "M",
      "ND",
      "NORM",
      "MOSAIC"
    ],
    "InPlanePhaseEncodingDirectionDICOM": "COL",
    "InstitutionAddress": "Washington_and_Faculty_Rd._-_Building_25_25_Princeton_NJ_US_085",
    "InstitutionName": "Princeton_University_-_Neuroscience_Institute",
    "InstitutionalDepartmentName": "Department",
    "MRAcquisitionType": "2D",
    "MagneticFieldStrength": 3,
    "Manufacturer": "Siemens",
    "ManufacturersModelName": "Skyra",
    "Modality": "MR",
    "ParallelReductionFactorInPlane": 2,
    "PartialFourier": 1,
    "PatientPosition": "HFS",
    "PercentPhaseFOV": 100,
    "PhaseEncodingDirection": "j-",
    "PhaseEncodingSteps": 64,
    "PhaseResolution": 1,
    "PixelBandwidth": 1445,
    "ProcedureStepDescription": "Turk-BrowneLab_Projects",
    "ProtocolName": "epi_3x3x4_1.5s_148TR",
    "PulseSequenceDetails": "%SiemensSeq%_ep2d_bold",
    "ReceiveCoilActiveElements": "HE1-4",
    "ReceiveCoilName": "HeadNeck_20",
    "ReconMatrixPE": 64,
    "RepetitionTime": 1.5,
    "SAR": 0.0962455,
    "ScanOptions": "FS",
    "ScanningSequence": "EP",
    "SequenceName": "_epfid2d1_64",
    "SequenceVariant": "SK",
    "SeriesDescription": "epi_3x3x4_1.5s_148TR",
    "SeriesNumber": 6,
    "ShimSetting": [
      3380,
      8537,
      9487,
      483,
      -128,
      -4,
      589,
      101
    ],
    "SliceThickness": 4,
    "SliceTiming": [
      0.74,
      0,
      0.7975,
      0.0575,
      0.8525,
      0.115,
      0.91,
      0.17,
      0.9675,
      0.2275,
      1.025,
      0.285,
      1.0825,
      0.3425,
      1.1375,
      0.3975,
      1.195,
      0.455,
      1.2525,
      0.5125,
      1.31,
      0.57,
      1.365,
      0.625,
      1.4225,
      0.6825
    ],
    "SoftwareVersions": "syngo_MR_D13",
    "SpacingBetweenSlices": 4,
    "StationName": "AWP45031",
    "TotalReadoutTime": 0.0245701,
    "TxRefAmp": 323.163,
    "dataset": "ds001430",
    "modality": "bold",
    "run_id": 2,
    "subject_id": "03",
    "task_id": "phase1"
  },
  "dummy_trs": 0,
  "dvars_nstd": 22.38967334979592,
  "dvars_std": 1.2218103577551016,
  "dvars_vstd": 0.9930552094557817,
  "efc": 0.5743256469343404,
  "fber": 2464.83544921875,
  "fd_mean": 0.08047832846101084,
  "fd_num": 7,
  "fd_perc": 4.72972972972973,
  "fwhm_avg": 1.7012055865237468,
  "fwhm_x": 1.6452666666666669,
  "fwhm_y": 1.8996700000000002,
  "fwhm_z": 1.5586800929045732,
  "gcor": 0.0258921,
  "gsr_x": 0.0013697571121156216,
  "gsr_y": 0.03942078724503517,
  "provenance": {
    "md5sum": "93959de7d79346b88638e565b6514439",
    "settings": {
      "fd_thres": 0.2,
      "testing": false
    },
    "software": "mriqc",
    "version": "23.0.1",
    "webapi_port": null,
    "webapi_url": "https://mriqc.nimh.nih.gov/api/v1"
  },
  "size_t": 148,
  "size_x": 64,
  "size_y": 64,
  "size_z": 26,
  "snr": 6.60885154745539,
  "spacing_tr": 1.5,
  "spacing_x": 3.0,
  "spacing_y": 3.0,
  "spacing_z": 3.999999761581421,
  "summary_bg_k": 24.386289954697872,
  "summary_bg_mad": 7.653432577124714,
  "summary_bg_mean": 30.87215232849121,
  "summary_bg_median": 12.391892433166504,
  "summary_bg_n": 53701.0,
  "summary_bg_p05": 5.925675868988037,
  "summary_bg_p95": 113.73648834228516,
  "summary_bg_stdv": 57.29294967651367,
  "summary_fg_k": 2.711978906131349,
  "summary_fg_mad": 89.16150211271028,
  "summary_fg_mean": 647.3907470703125,
  "summary_fg_median": 638.9729614257812,
  "summary_fg_n": 25658.0,
  "summary_fg_p05": 516.8378295898438,
  "summary_fg_p95": 805.3523956298828,
  "summary_fg_stdv": 96.68253326416016,
  "tsnr": 77.96129759121686
}