{
  "aor": 0.001079139072847682,
  "aqi": 0.00469541380794702,
  "bids_meta": {
    "AcquisitionMatrixPE": 64,
    "AcquisitionNumber": 1,
    "AcquisitionTime": "12:51:29.130000",
    "BandwidthPerPixelPhaseEncode": 40.064,
    "BaseResolution": 64,
    "BodyPartExamined": "BRAIN",
    "ConsistencyInfo": "N4_VD13A_LATEST_20120616",
    "ConversionSoftware": "dcm2niix",
    "ConversionSoftwareVersion": "v1.0.20180518 GCC4.8.5",
    "DerivedVendorReportedEchoSpacing": 0.000780002,
    "DeviceSerialNumber": "45031",
    "DwellTime": 5.4e-06,
    "EchoTime": 0.028,
    "EchoTrainLength": 32,
    "EffectiveEchoSpacing": 0.000390001,
    "FlipAngle": 64,
    "ImageOrientationPatientDICOM": [
      0.996497,
      0.0833403,
      -0.00690028,
      -0.0810171,
      0.98257,
      0.167306
    ],
    "ImageType": [
      "ORIGINAL",
      "PRIMARY",
      "M",
      "ND",
      "NORM",
      "MOSAIC"
    ],
    "InPlanePhaseEncodingDirectionDICOM": "COL",
    "InstitutionAddress": "Washington_and_Faculty_Rd._-_Building_25_25_Princeton_NJ_US_085",
    "InstitutionName": "Princeton_University_-_Neuroscience_Institute",
    "InstitutionalDepartmentName": "Department",
    "MRAcquisitionType": "2D",
    "MagneticFieldStrength": 3,
    "Manufacturer": "Siemens",
    "ManufacturersModelName": "Skyra",
    "Modality": "MR",
    "ParallelReductionFactorInPlane": 2,
    "PartialFourier": 1,
    "PatientPosition": "HFS",
    "PercentPhaseFOV": 100,
    "PhaseEncodingDirection": "j-",
    "PhaseEncodingSteps": 64,
    "PhaseResolution": 1,
    "PixelBandwidth": 1445,
    "ProcedureStepDescription": "Turk-BrowneLab_Projects",
    "ProtocolName": "epi_3x3x4_1.5s_302TR",
    "PulseSequenceDetails": "%SiemensSeq%_ep2d_bold",
    "ReceiveCoilActiveElements": "HE1-4",
    "ReceiveCoilName": "HeadNeck_20",
    "ReconMatrixPE": 64,
    "RepetitionTime": 1.5,
    "SAR": 0.0962476,
    "ScanOptions": "FS",
    "ScanningSequence": "EP",
    "SequenceName": "_epfid2d1_64",
    "SequenceVariant": "SK",
    "SeriesDescription": "epi_3x3x4_1.5s_302TR",
    "SeriesNumber": 9,
    "ShimSetting": [
      3380,
      8537,
      9487,
      483,
      -128,
      -4,
      589,
      101
    ],
    "SliceThickness": 4,
    "SliceTiming": [
      0.74,
      0,
      0.795,
      0.055,
      0.8525,
      0.1125,
      0.91,
      0.17,
      0.9675,
      0.2275,
      1.025,
      0.285,
      1.08,
      0.34,
      1.1375,
      0.3975,
      1.195,
      0.455,
      1.2525,
      0.5125,
      1.3075,
      0.5675,
      1.365,
      0.625,
      1.4225,
      0.6825
    ],
    "SoftwareVersions": "syngo_MR_D13",
    "SpacingBetweenSlices": 4,
    "StationName": "AWP45031",
    "TotalReadoutTime": 0.0245701,
    "TxRefAmp": 323.163,
    "dataset": "ds001430",
    "modality": "bold",
    "run_id": 1,
    "subject_id": "03",
    "task_id": "phase2"
  },
  "dummy_trs": 0,
  "dvars_nstd": 22.812747144186062,
  "dvars_std": 1.270809880132891,
  "dvars_vstd": 1.0228843204983378,
  "efc": 0.5762566639253006,
  "fber": 2352.324462890625,
  "fd_mean": 0.0867955834831555,
  "fd_num": 14,
  "fd_perc": 4.635761589403973,
  "fwhm_avg": 1.6890628085297035,
  "fwhm_x": 1.6326566666666666,
  "fwhm_y": 1.8867366666666667,
  "fwhm_z": 1.5477950922557766,
  "gcor": 0.0195259,
  "gsr_x": 0.0011146556353196502,
  "gsr_y": 0.0392218679189682,
  "provenance": {
    "md5sum": "43dbd58098d609c476a814aad15c6e4f",
    "settings": {
      "fd_thres": 0.2,
      "testing": false
    },
    "software": "mriqc",
    "version": "23.0.1",
    "webapi_port": null,
    "webapi_url": "https://mriqc.nimh.nih.gov/api/v1"
  },
  "size_t": 302,
  "size_x": 64,
  "size_y": 64,
  "size_z": 26,
  "snr": 6.567008845826255,
  "spacing_tr": 1.5,
  "spacing_x": 3.0,
  "spacing_y": 3.0,
  "spacing_z": 3.999999761581421,
  "summary_bg_k": 23.12818652212479,
  "summary_bg_mad": 7.869574233367367,
  "summary_bg_mean": 31.55890464782715,
  "summary_bg_median": 12.589404106140137,
  "summary_bg_n": 53627.0,
  "summary_bg_p05": 5.964569664001465,
  "summary_bg_p95": 116.44933929443359,
  "summary_bg_stdv": 58.02067184448242,
  "summary_fg_k": 2.719022651140005,
  "summary_fg_mad": 88.74013143213953,
  "summary_fg_mean": 644.8031005859375,
  "summary_fg_median": 636.6126098632812,
  "summary_fg_n": 25737.0,
  "summary_fg_p05": 514.1066040039062,
  "summary_fg_p95": 803.2416992187497,
  "summary_fg_stdv": 96.93914794921875,
  "tsnr": 81.64335296768695
}