{
  "aor": 0.0009479729729729731,
  "aqi": 0.004397903581081082,
  "bids_meta": {
    "AcquisitionMatrixPE": 64,
    "AcquisitionNumber": 1,
    "AcquisitionTime": "12:40:56.562500",
    "BandwidthPerPixelPhaseEncode": 40.064,
    "BaseResolution": 64,
    "BodyPartExamined": "BRAIN",
    "ConsistencyInfo": "N4_VD13A_LATEST_20120616",
    "ConversionSoftware": "dcm2niix",
    "ConversionSoftwareVersion": "v1.0.20180518 GCC4.8.5",
    "DerivedVendorReportedEchoSpacing": 0.000780002,
    "DeviceSerialNumber": "45031",
    "DwellTime": 5.4e-06,
    "EchoTime": 0.028,
    "EchoTrainLength": 32,
    "EffectiveEchoSpacing": 0.000390001,
    "FlipAngle": 64,
    "ImageOrientationPatientDICOM": [
      0.996497,
      0.0833403,
      -0.00690028,
      -0.0810171,
      0.98257,
      0.167306
    ],
    "ImageType": [
      "ORIGINAL",
      "PRIMARY",
      "M",
      "ND",
      "NORM",
      "MOSAIC"
    ],
    "InPlanePhaseEncodingDirectionDICOM": "COL",
    "InstitutionAddress": "Washington_and_Faculty_Rd._-_Building_25_25_Princeton_NJ_US_085",
    "InstitutionName": "Princeton_University_-_Neuroscience_Institute",
    "InstitutionalDepartmentName": "Department",
    "MRAcquisitionType": "2D",
    "MagneticFieldStrength": 3,
    "Manufacturer": "Siemens",
    "ManufacturersModelName": "Skyra",
    "Modality": "MR",
    "ParallelReductionFactorInPlane": 2,
    "PartialFourier": 1,
    "PatientPosition": "HFS",
    "PercentPhaseFOV": 100,
    "PhaseEncodingDirection": "j-",
    "PhaseEncodingSteps": 64,
    "PhaseResolution": 1,
    "PixelBandwidth": 1445,
    "ProcedureStepDescription": "Turk-BrowneLab_Projects",
    "ProtocolName": "epi_3x3x4_1.5s_148TR",
    "PulseSequenceDetails": "%SiemensSeq%_ep2d_bold",
    "ReceiveCoilActiveElements": "HE1-4",
    "ReceiveCoilName": "HeadNeck_20",
    "ReconMatrixPE": 64,
    "RepetitionTime": 1.5,
    "SAR": 0.0962455,
    "ScanOptions": "FS",
    "ScanningSequence": "EP",
    "SequenceName": "_epfid2d1_64",
    "SequenceVariant": "SK",
    "SeriesDescription": "epi_3x3x4_1.5s_148TR",
    "SeriesNumber": 7,
    "ShimSetting": [
      3380,
      8537,
      9487,
      483,
      -128,
      -4,
      589,
      101
    ],
    "SliceThickness": 4,
    "SliceTiming": [
      0.74,
      0,
      0.795,
      0.055,
      0.8525,
      0.1125,
      0.91,
      0.17,
      0.9675,
      0.2275,
      1.0225,
      0.2825,
      1.08,
      0.34,
      1.1375,
      0.3975,
      1.195,
      0.455,
      1.2525,
      0.5125,
      1.3075,
      0.5675,
      1.365,
      0.625,
      1.4225,
      0.6825
    ],
    "SoftwareVersions": "syngo_MR_D13",
    "SpacingBetweenSlices": 4,
    "StationName": "AWP45031",
    "TotalReadoutTime": 0.0245701,
    "TxRefAmp": 323.163,
    "dataset": "ds001430",
    "modality": "bold",
    "run_id": 3,
    "subject_id": "03",
    "task_id": "phase1"
  },
  "dummy_trs": 0,
  "dvars_nstd": 23.21762186183673,
  "dvars_std": 1.2618390694557822,
  "dvars_vstd": 1.0052043242857145,
  "efc": 0.5754852006962403,
  "fber": 2420.536376953125,
  "fd_mean": 0.0843003672431195,
  "fd_num": 6,
  "fd_perc": 4.054054054054054,
  "fwhm_avg": 1.692059197476061,
  "fwhm_x": 1.6398033333333333,
  "fwhm_y": 1.8856866666666667,
  "fwhm_z": 1.550687592428183,
  "gcor": 0.0274824,
  "gsr_x": 0.0013900314224883914,
  "gsr_y": 0.03851335495710373,
  "provenance": {
    "md5sum": "803a342fe589ad93e6d3067d457932fd",
    "settings": {
      "fd_thres": 0.2,
      "testing": false
    },
    "software": "mriqc",
    "version": "23.0.1",
    "webapi_port": null,
    "webapi_url": "https://mriqc.nimh.nih.gov/api/v1"
  },
  "size_t": 148,
  "size_x": 64,
  "size_y": 64,
  "size_z": 26,
  "snr": 6.604116117731187,
  "spacing_tr": 1.5,
  "spacing_x": 3.0,
  "spacing_y": 3.0,
  "spacing_z": 3.999999761581421,
  "summary_bg_k": 23.553997389413453,
  "summary_bg_mad": 7.653432577124714,
  "summary_bg_mean": 31.110429763793945,
  "summary_bg_median": 12.44594669342041,
  "summary_bg_n": 53595.0,
  "summary_bg_p05": 5.966216564178467,
  "summary_bg_p95": 115.06013565063468,
  "summary_bg_stdv": 57.31570816040039,
  "summary_fg_k": 2.6639378094232065,
  "summary_fg_mad": 89.02626352533501,
  "summary_fg_mean": 645.8428955078125,
  "summary_fg_median": 637.5135498046875,
  "summary_fg_n": 25739.0,
  "summary_fg_p05": 515.8270568847656,
  "summary_fg_p95": 804.0770446777343,
  "summary_fg_stdv": 96.5308837890625,
  "tsnr": 84.53585167648271
}