{
  "aor": 0.000786525,
  "aqi": 0.005243897575,
  "bids_meta": {
    "AcquisitionMatrixPE": 64,
    "AcquisitionNumber": 1,
    "AcquisitionTime": "13:06:13.307500",
    "BandwidthPerPixelPhaseEncode": 40.064,
    "BaseResolution": 64,
    "BodyPartExamined": "BRAIN",
    "ConsistencyInfo": "N4_VD13A_LATEST_20120616",
    "ConversionSoftware": "dcm2niix",
    "ConversionSoftwareVersion": "v1.0.20180518 GCC4.8.5",
    "DerivedVendorReportedEchoSpacing": 0.000780002,
    "DeviceSerialNumber": "45031",
    "DwellTime": 5.4e-06,
    "EchoTime": 0.028,
    "EchoTrainLength": 32,
    "EffectiveEchoSpacing": 0.000390001,
    "FlipAngle": 64,
    "ImageOrientationPatientDICOM": [
      0.996497,
      0.0833403,
      -0.00690028,
      -0.0810171,
      0.98257,
      0.167306
    ],
    "ImageType": [
      "ORIGINAL",
      "PRIMARY",
      "M",
      "ND",
      "NORM",
      "MOSAIC"
    ],
    "InPlanePhaseEncodingDirectionDICOM": "COL",
    "InstitutionAddress": "Washington_and_Faculty_Rd._-_Building_25_25_Princeton_NJ_US_085",
    "InstitutionName": "Princeton_University_-_Neuroscience_Institute",
    "InstitutionalDepartmentName": "Department",
    "MRAcquisitionType": "2D",
    "MagneticFieldStrength": 3,
    "Manufacturer": "Siemens",
    "ManufacturersModelName": "Skyra",
    "Modality": "MR",
    "ParallelReductionFactorInPlane": 2,
    "PartialFourier": 1,
    "PatientPosition": "HFS",
    "PercentPhaseFOV": 100,
    "PhaseEncodingDirection": "j-",
    "PhaseEncodingSteps": 64,
    "PhaseResolution": 1,
    "PixelBandwidth": 1445,
    "ProcedureStepDescription": "Turk-BrowneLab_Projects",
    "ProtocolName": "epi_3x3x4_1.5s_400TR",
    "PulseSequenceDetails": "%SiemensSeq%_ep2d_bold",
    "ReceiveCoilActiveElements": "HE1-4",
    "ReceiveCoilName": "HeadNeck_20",
    "ReconMatrixPE": 64,
    "RepetitionTime": 1.5,
    "SAR": 0.0962482,
    "ScanOptions": "FS",
    "ScanningSequence": "EP",
    "SequenceName": "_epfid2d1_64",
    "SequenceVariant": "SK",
    "SeriesDescription": "epi_3x3x4_1.5s_400TR",
    "SeriesNumber": 10,
    "ShimSetting": [
      3380,
      8537,
      9487,
      483,
      -128,
      -4,
      589,
      101
    ],
    "SliceThickness": 4,
    "SliceTiming": [
      0.74,
      0,
      0.7975,
      0.0575,
      0.8525,
      0.1125,
      0.91,
      0.17,
      0.9675,
      0.2275,
      1.025,
      0.285,
      1.08,
      0.34,
      1.1375,
      0.3975,
      1.195,
      0.455,
      1.2525,
      0.5125,
      1.31,
      0.57,
      1.365,
      0.625,
      1.4225,
      0.6825
    ],
    "SoftwareVersions": "syngo_MR_D13",
    "SpacingBetweenSlices": 4,
    "StationName": "AWP45031",
    "TotalReadoutTime": 0.0245701,
    "TxRefAmp": 323.163,
    "dataset": "ds001430",
    "modality": "bold",
    "run_id": 1,
    "subject_id": "03",
    "task_id": "phase3"
  },
  "dummy_trs": 0,
  "dvars_nstd": 23.542410867343364,
  "dvars_std": 1.253818413182957,
  "dvars_vstd": 1.0075710171679209,
  "efc": 0.5770585022668396,
  "fber": 2325.108154296875,
  "fd_mean": 0.09089613264314449,
  "fd_num": 13,
  "fd_perc": 3.25,
  "fwhm_avg": 1.6888908638928848,
  "fwhm_x": 1.6319333333333335,
  "fwhm_y": 1.8966266666666665,
  "fwhm_z": 1.5381125916786547,
  "gcor": 0.0329236,
  "gsr_x": 0.002118829870596528,
  "gsr_y": 0.03817662596702576,
  "provenance": {
    "md5sum": "be910fe3368a22876f2f60ee9cc1017b",
    "settings": {
      "fd_thres": 0.2,
      "testing": false
    },
    "software": "mriqc",
    "version": "23.0.1",
    "webapi_port": null,
    "webapi_url": "https://mriqc.nimh.nih.gov/api/v1"
  },
  "size_t": 400,
  "size_x": 64,
  "size_y": 64,
  "size_z": 26,
  "snr": 6.540738928451471,
  "spacing_tr": 1.5,
  "spacing_x": 3.0,
  "spacing_y": 3.0,
  "spacing_z": 3.999999761581421,
  "summary_bg_k": 22.645225189384323,
  "summary_bg_mad": 7.994932350177886,
  "summary_bg_mean": 31.991090774536133,
  "summary_bg_median": 12.664999961853027,
  "summary_bg_n": 53601.0,
  "summary_bg_p05": 5.944999694824219,
  "summary_bg_p95": 119.56499481201172,
  "summary_bg_stdv": 58.566707611083984,
  "summary_fg_k": 2.6667503274170015,
  "summary_fg_mad": 88.78193820856468,
  "summary_fg_mean": 642.4190673828125,
  "summary_fg_median": 633.8699951171875,
  "summary_fg_n": 25765.0,
  "summary_fg_p05": 510.78449096679685,
  "summary_fg_p95": 801.1399658203125,
  "summary_fg_stdv": 96.90918731689453,
  "tsnr": 77.58572719083168
}