{
  "aor": 0.001076925,
  "aqi": 0.009168040275,
  "bids_meta": {
    "AcquisitionMatrixPE": 64,
    "AcquisitionNumber": 1,
    "AcquisitionTime": "15:15:47.220000",
    "BandwidthPerPixelPhaseEncode": 40.064,
    "BaseResolution": 64,
    "BodyPartExamined": "BRAIN",
    "ConsistencyInfo": "N4_VD13A_LATEST_20120616",
    "ConversionSoftware": "dcm2niix",
    "ConversionSoftwareVersion": "v1.0.20180518 GCC4.8.5",
    "DerivedVendorReportedEchoSpacing": 0.000780002,
    "DeviceSerialNumber": "45031",
    "DwellTime": 5.4e-06,
    "EchoTime": 0.028,
    "EchoTrainLength": 32,
    "EffectiveEchoSpacing": 0.000390001,
    "FlipAngle": 64,
    "ImageOrientationPatientDICOM": [
      0.999223,
      0.000410479,
      0.039406,
      -0.00334265,
      0.997225,
      0.0743722
    ],
    "ImageType": [
      "ORIGINAL",
      "PRIMARY",
      "M",
      "ND",
      "NORM",
      "MOSAIC"
    ],
    "InPlanePhaseEncodingDirectionDICOM": "COL",
    "InstitutionAddress": "Washington_and_Faculty_Rd._-_Building_25_25_Princeton_NJ_US_085",
    "InstitutionName": "Princeton_University_-_Neuroscience_Institute",
    "InstitutionalDepartmentName": "Department",
    "MRAcquisitionType": "2D",
    "MagneticFieldStrength": 3,
    "Manufacturer": "Siemens",
    "ManufacturersModelName": "Skyra",
    "Modality": "MR",
    "ParallelReductionFactorInPlane": 2,
    "PartialFourier": 1,
    "PatientPosition": "HFS",
    "PercentPhaseFOV": 100,
    "PhaseEncodingDirection": "j-",
    "PhaseEncodingSteps": 64,
    "PhaseResolution": 1,
    "PixelBandwidth": 1445,
    "ProcedureStepDescription": "Turk-BrowneLab_Projects",
    "ProtocolName": "epi_3x3x4_1.5s_400TR",
    "PulseSequenceDetails": "%SiemensSeq%_ep2d_bold",
    "ReceiveCoilActiveElements": "HE1-4",
    "ReceiveCoilName": "HeadNeck_20",
    "ReconMatrixPE": 64,
    "RepetitionTime": 1.5,
    "SAR": 0.0870047,
    "ScanOptions": "FS",
    "ScanningSequence": "EP",
    "SequenceName": "_epfid2d1_64",
    "SequenceVariant": "SK",
    "SeriesDescription": "epi_3x3x4_1.5s_400TR",
    "SeriesNumber": 10,
    "ShimSetting": [
      3430,
      8570,
      9155,
      456,
      329,
      -210,
      -38,
      87
    ],
    "SliceThickness": 4,
    "SliceTiming": [
      0.74,
      0,
      0.7975,
      0.0575,
      0.855,
      0.115,
      0.9125,
      0.1725,
      0.9675,
      0.2275,
      1.025,
      0.285,
      1.0825,
      0.3425,
      1.14,
      0.4,
      1.195,
      0.455,
      1.2525,
      0.5125,
      1.31,
      0.57,
      1.3675,
      0.6275,
      1.4225,
      0.6825
    ],
    "SoftwareVersions": "syngo_MR_D13",
    "SpacingBetweenSlices": 4,
    "StationName": "AWP45031",
    "TotalReadoutTime": 0.0245701,
    "TxRefAmp": 331.427,
    "dataset": "ds001430",
    "modality": "bold",
    "run_id": 1,
    "subject_id": "31",
    "task_id": "phase3"
  },
  "dummy_trs": 0,
  "dvars_nstd": 21.964639625463686,
  "dvars_std": 1.2078855238345862,
  "dvars_vstd": 0.9872506366666665,
  "efc": 0.5958005929451917,
  "fber": 1842.0052490234375,
  "fd_mean": 0.10538878653033207,
  "fd_num": 21,
  "fd_perc": 5.25,
  "fwhm_avg": 1.6655808333333333,
  "fwhm_x": 1.6493866666666666,
  "fwhm_y": 1.8061933333333335,
  "fwhm_z": 1.5411625,
  "gcor": 0.0165198,
  "gsr_x": 0.005880799610167742,
  "gsr_y": 0.031898535788059235,
  "provenance": {
    "md5sum": "a4580cda3cff9fa8a1ccf1b031004ceb",
    "settings": {
      "fd_thres": 0.2,
      "testing": false
    },
    "software": "mriqc",
    "version": "23.0.1",
    "webapi_port": null,
    "webapi_url": "https://mriqc.nimh.nih.gov/api/v1"
  },
  "size_t": 400,
  "size_x": 64,
  "size_y": 64,
  "size_z": 26,
  "snr": 7.839130463730057,
  "spacing_tr": 1.5,
  "spacing_x": 3.0,
  "spacing_y": 3.0,
  "spacing_z": 4.0,
  "summary_bg_k": 20.17295705208807,
  "summary_bg_mad": 10.737745606061456,
  "summary_bg_mean": 40.63422393798828,
  "summary_bg_median": 15.777499198913574,
  "summary_bg_n": 52282.0,
  "summary_bg_p05": 6.944999694824219,
  "summary_bg_p95": 171.33386688232414,
  "summary_bg_stdv": 71.44615936279297,
  "summary_fg_k": 3.0274016288910968,
  "summary_fg_mad": 83.6502468932361,
  "summary_fg_mean": 712.0684814453125,
  "summary_fg_median": 705.6074829101562,
  "summary_fg_n": 26984.0,
  "summary_fg_p05": 588.5678802490235,
  "summary_fg_p95": 860.2217224121093,
  "summary_fg_stdv": 90.00926971435547,
  "tsnr": 73.08414495363832
}