{
  "aor": 0.0044444444444444444,
  "aqi": 0.009991690694444444,
  "bids_meta": {
    "AcquisitionMatrixPE": 64,
    "AcquisitionNumber": 1,
    "AcquisitionTime": "15:38:7.960000",
    "BandwidthPerPixelPhaseEncode": 40.064,
    "BaseResolution": 64,
    "BodyPartExamined": "BRAIN",
    "ConsistencyInfo": "N4_VD13A_LATEST_20120616",
    "ConversionSoftware": "dcm2niix",
    "ConversionSoftwareVersion": "v1.0.20180518 GCC4.8.5",
    "DerivedVendorReportedEchoSpacing": 0.000780002,
    "DeviceSerialNumber": "45031",
    "DwellTime": 5.4e-06,
    "EchoTime": 0.028,
    "EchoTrainLength": 32,
    "EffectiveEchoSpacing": 0.000390001,
    "FlipAngle": 64,
    "ImageOrientationPatientDICOM": [
      0.999223,
      0.000410479,
      0.039406,
      -0.00334265,
      0.997225,
      0.0743722
    ],
    "ImageType": [
      "ORIGINAL",
      "PRIMARY",
      "M",
      "ND",
      "NORM",
      "MOSAIC"
    ],
    "InPlanePhaseEncodingDirectionDICOM": "COL",
    "InstitutionAddress": "Washington_and_Faculty_Rd._-_Building_25_25_Princeton_NJ_US_085",
    "InstitutionName": "Princeton_University_-_Neuroscience_Institute",
    "InstitutionalDepartmentName": "Department",
    "MRAcquisitionType": "2D",
    "MagneticFieldStrength": 3,
    "Manufacturer": "Siemens",
    "ManufacturersModelName": "Skyra",
    "Modality": "MR",
    "ParallelReductionFactorInPlane": 2,
    "PartialFourier": 1,
    "PatientPosition": "HFS",
    "PercentPhaseFOV": 100,
    "PhaseEncodingDirection": "j-",
    "PhaseEncodingSteps": 64,
    "PhaseResolution": 1,
    "PixelBandwidth": 1445,
    "ProcedureStepDescription": "Turk-BrowneLab_Projects",
    "ProtocolName": "epi_3x3x4_1.5s_216TR",
    "PulseSequenceDetails": "%SiemensSeq%_ep2d_bold",
    "ReceiveCoilActiveElements": "HE1-4",
    "ReceiveCoilName": "HeadNeck_20",
    "ReconMatrixPE": 64,
    "RepetitionTime": 1.5,
    "SAR": 0.0870035,
    "ScanOptions": "FS",
    "ScanningSequence": "EP",
    "SequenceName": "_epfid2d1_64",
    "SequenceVariant": "SK",
    "SeriesDescription": "epi_3x3x4_1.5s_216TR",
    "SeriesNumber": 12,
    "ShimSetting": [
      3430,
      8570,
      9155,
      456,
      329,
      -210,
      -38,
      87
    ],
    "SliceThickness": 4,
    "SliceTiming": [
      0.7375,
      0,
      0.795,
      0.055,
      0.8525,
      0.1125,
      0.91,
      0.17,
      0.9675,
      0.2275,
      1.0225,
      0.2825,
      1.08,
      0.34,
      1.1375,
      0.3975,
      1.195,
      0.455,
      1.25,
      0.51,
      1.3075,
      0.5675,
      1.365,
      0.625,
      1.4225,
      0.6825
    ],
    "SoftwareVersions": "syngo_MR_D13",
    "SpacingBetweenSlices": 4,
    "StationName": "AWP45031",
    "TotalReadoutTime": 0.0245701,
    "TxRefAmp": 331.427,
    "dataset": "ds001430",
    "modality": "bold",
    "run_id": 1,
    "subject_id": "31",
    "task_id": "loc"
  },
  "dummy_trs": 0,
  "dvars_nstd": 23.23958245190698,
  "dvars_std": 1.2545318607906975,
  "dvars_vstd": 1.0353967682790703,
  "efc": 0.596011861546666,
  "fber": 1805.80712890625,
  "fd_mean": 0.14181314472851506,
  "fd_num": 33,
  "fd_perc": 15.277777777777779,
  "fwhm_avg": 1.6764669444444447,
  "fwhm_x": 1.67108,
  "fwhm_y": 1.8150933333333334,
  "fwhm_z": 1.5432275,
  "gcor": 0.0502025,
  "gsr_x": 0.006883329711854458,
  "gsr_y": 0.031857509166002274,
  "provenance": {
    "md5sum": "cca38b14a65caa563b44262b95e711e8",
    "settings": {
      "fd_thres": 0.2,
      "testing": false
    },
    "software": "mriqc",
    "version": "23.0.1",
    "webapi_port": null,
    "webapi_url": "https://mriqc.nimh.nih.gov/api/v1"
  },
  "size_t": 216,
  "size_x": 64,
  "size_y": 64,
  "size_z": 26,
  "snr": 7.786103184123212,
  "spacing_tr": 1.5,
  "spacing_x": 3.0,
  "spacing_y": 3.0,
  "spacing_z": 4.0,
  "summary_bg_k": 20.301566094987272,
  "summary_bg_mad": 10.941055941414694,
  "summary_bg_mean": 41.112579345703125,
  "summary_bg_median": 15.921296119689941,
  "summary_bg_n": 52277.0,
  "summary_bg_p05": 6.935185432434082,
  "summary_bg_p95": 171.04074401855456,
  "summary_bg_stdv": 72.56002044677734,
  "summary_fg_k": 2.8605609220826222,
  "summary_fg_mad": 83.97289204766003,
  "summary_fg_mean": 712.12158203125,
  "summary_fg_median": 705.8333129882812,
  "summary_fg_n": 27007.0,
  "summary_fg_p05": 588.3236145019531,
  "summary_fg_p95": 861.4583129882812,
  "summary_fg_stdv": 90.65128326416016,
  "tsnr": 66.67317848000675
}