{
  "aor": 0.002313040540540541,
  "aqi": 0.005888380067567568,
  "bids_meta": {
    "AcquisitionMatrixPE": 64,
    "AcquisitionNumber": 1,
    "AcquisitionTime": "14:53:49.135000",
    "BandwidthPerPixelPhaseEncode": 40.064,
    "BaseResolution": 64,
    "BodyPartExamined": "BRAIN",
    "ConsistencyInfo": "N4_VD13A_LATEST_20120616",
    "ConversionSoftware": "dcm2niix",
    "ConversionSoftwareVersion": "v1.0.20180518 GCC4.8.5",
    "DerivedVendorReportedEchoSpacing": 0.000780002,
    "DeviceSerialNumber": "45031",
    "DwellTime": 5.4e-06,
    "EchoTime": 0.028,
    "EchoTrainLength": 32,
    "EffectiveEchoSpacing": 0.000390001,
    "FlipAngle": 64,
    "ImageOrientationPatientDICOM": [
      0.999223,
      0.000410479,
      0.039406,
      -0.00334265,
      0.997225,
      0.0743722
    ],
    "ImageType": [
      "ORIGINAL",
      "PRIMARY",
      "M",
      "ND",
      "NORM",
      "MOSAIC"
    ],
    "InPlanePhaseEncodingDirectionDICOM": "COL",
    "InstitutionAddress": "Washington_and_Faculty_Rd._-_Building_25_25_Princeton_NJ_US_085",
    "InstitutionName": "Princeton_University_-_Neuroscience_Institute",
    "InstitutionalDepartmentName": "Department",
    "MRAcquisitionType": "2D",
    "MagneticFieldStrength": 3,
    "Manufacturer": "Siemens",
    "ManufacturersModelName": "Skyra",
    "Modality": "MR",
    "ParallelReductionFactorInPlane": 2,
    "PartialFourier": 1,
    "PatientPosition": "HFS",
    "PercentPhaseFOV": 100,
    "PhaseEncodingDirection": "j-",
    "PhaseEncodingSteps": 64,
    "PhaseResolution": 1,
    "PixelBandwidth": 1445,
    "ProcedureStepDescription": "Turk-BrowneLab_Projects",
    "ProtocolName": "epi_3x3x4_1.5s_148TR",
    "PulseSequenceDetails": "%SiemensSeq%_ep2d_bold",
    "ReceiveCoilActiveElements": "HE1-4",
    "ReceiveCoilName": "HeadNeck_20",
    "ReconMatrixPE": 64,
    "RepetitionTime": 1.5,
    "SAR": 0.0870023,
    "ScanOptions": "FS",
    "ScanningSequence": "EP",
    "SequenceName": "_epfid2d1_64",
    "SequenceVariant": "SK",
    "SeriesDescription": "epi_3x3x4_1.5s_148TR",
    "SeriesNumber": 7,
    "ShimSetting": [
      3430,
      8570,
      9155,
      456,
      329,
      -210,
      -38,
      87
    ],
    "SliceThickness": 4,
    "SliceTiming": [
      0.74,
      0,
      0.795,
      0.055,
      0.8525,
      0.1125,
      0.91,
      0.17,
      0.9675,
      0.2275,
      1.0225,
      0.2825,
      1.08,
      0.34,
      1.1375,
      0.3975,
      1.195,
      0.455,
      1.25,
      0.51,
      1.3075,
      0.5675,
      1.365,
      0.625,
      1.4225,
      0.6825
    ],
    "SoftwareVersions": "syngo_MR_D13",
    "SpacingBetweenSlices": 4,
    "StationName": "AWP45031",
    "TotalReadoutTime": 0.0245701,
    "TxRefAmp": 331.427,
    "dataset": "ds001430",
    "modality": "bold",
    "run_id": 3,
    "subject_id": "31",
    "task_id": "phase1"
  },
  "dummy_trs": 0,
  "dvars_nstd": 21.75634356918368,
  "dvars_std": 1.2673519817006798,
  "dvars_vstd": 1.0234507212244903,
  "efc": 0.5964005983584946,
  "fber": 1787.4970703125,
  "fd_mean": 0.09219543309340265,
  "fd_num": 2,
  "fd_perc": 1.3513513513513513,
  "fwhm_avg": 1.6725038888888892,
  "fwhm_x": 1.6735533333333334,
  "fwhm_y": 1.8112433333333333,
  "fwhm_z": 1.532715,
  "gcor": 0.0256607,
  "gsr_x": 0.00324463052675128,
  "gsr_y": 0.03221563249826431,
  "provenance": {
    "md5sum": "e0de2f65ab52a2feafbaad4ff93abf00",
    "settings": {
      "fd_thres": 0.2,
      "testing": false
    },
    "software": "mriqc",
    "version": "23.0.1",
    "webapi_port": null,
    "webapi_url": "https://mriqc.nimh.nih.gov/api/v1"
  },
  "size_t": 148,
  "size_x": 64,
  "size_y": 64,
  "size_z": 26,
  "snr": 7.878071309943465,
  "spacing_tr": 1.5,
  "spacing_x": 3.0,
  "spacing_y": 3.0,
  "spacing_z": 4.0,
  "summary_bg_k": 20.31289009451552,
  "summary_bg_mad": 11.019340431076865,
  "summary_bg_mean": 40.479366302490234,
  "summary_bg_median": 16.006757736206055,
  "summary_bg_n": 52267.0,
  "summary_bg_p05": 6.945946216583252,
  "summary_bg_p95": 170.21689758300775,
  "summary_bg_stdv": 70.50379943847656,
  "summary_fg_k": 2.9995427147184666,
  "summary_fg_mad": 82.92052861381538,
  "summary_fg_mean": 712.4214477539062,
  "summary_fg_median": 706.1182861328125,
  "summary_fg_n": 27102.0,
  "summary_fg_p05": 590.2709411621094,
  "summary_fg_p95": 860.1003662109374,
  "summary_fg_stdv": 89.62920379638672,
  "tsnr": 86.47115408629179
}