{
  "aor": 0.002124829931972789,
  "aqi": 0.006570331564625851,
  "bids_meta": {
    "AcquisitionMatrixPE": 64,
    "AcquisitionNumber": 1,
    "AcquisitionTime": "14:58:5.950000",
    "BandwidthPerPixelPhaseEncode": 40.064,
    "BaseResolution": 64,
    "BodyPartExamined": "BRAIN",
    "ConsistencyInfo": "N4_VD13A_LATEST_20120616",
    "ConversionSoftware": "dcm2niix",
    "ConversionSoftwareVersion": "v1.0.20180518 GCC4.8.5",
    "DerivedVendorReportedEchoSpacing": 0.000780002,
    "DeviceSerialNumber": "45031",
    "DwellTime": 5.4e-06,
    "EchoTime": 0.028,
    "EchoTrainLength": 32,
    "EffectiveEchoSpacing": 0.000390001,
    "FlipAngle": 64,
    "ImageOrientationPatientDICOM": [
      0.999223,
      0.000410479,
      0.039406,
      -0.00334265,
      0.997225,
      0.0743722
    ],
    "ImageType": [
      "ORIGINAL",
      "PRIMARY",
      "M",
      "ND",
      "NORM",
      "MOSAIC"
    ],
    "InPlanePhaseEncodingDirectionDICOM": "COL",
    "InstitutionAddress": "Washington_and_Faculty_Rd._-_Building_25_25_Princeton_NJ_US_085",
    "InstitutionName": "Princeton_University_-_Neuroscience_Institute",
    "InstitutionalDepartmentName": "Department",
    "MRAcquisitionType": "2D",
    "MagneticFieldStrength": 3,
    "Manufacturer": "Siemens",
    "ManufacturersModelName": "Skyra",
    "Modality": "MR",
    "ParallelReductionFactorInPlane": 2,
    "PartialFourier": 1,
    "PatientPosition": "HFS",
    "PercentPhaseFOV": 100,
    "PhaseEncodingDirection": "j-",
    "PhaseEncodingSteps": 64,
    "PhaseResolution": 1,
    "PixelBandwidth": 1445,
    "ProcedureStepDescription": "Turk-BrowneLab_Projects",
    "ProtocolName": "epi_3x3x4_1.5s_148TR",
    "PulseSequenceDetails": "%SiemensSeq%_ep2d_bold",
    "ReceiveCoilActiveElements": "HE1-4",
    "ReceiveCoilName": "HeadNeck_20",
    "ReconMatrixPE": 64,
    "RepetitionTime": 1.5,
    "SAR": 0.0870023,
    "ScanOptions": "FS",
    "ScanningSequence": "EP",
    "SequenceName": "_epfid2d1_64",
    "SequenceVariant": "SK",
    "SeriesDescription": "epi_3x3x4_1.5s_148TR",
    "SeriesNumber": 8,
    "ShimSetting": [
      3430,
      8570,
      9155,
      456,
      329,
      -210,
      -38,
      87
    ],
    "SliceThickness": 4,
    "SliceTiming": [
      0.74,
      0,
      0.7975,
      0.0575,
      0.8525,
      0.1125,
      0.91,
      0.17,
      0.9675,
      0.2275,
      1.025,
      0.285,
      1.08,
      0.34,
      1.1375,
      0.3975,
      1.195,
      0.455,
      1.2525,
      0.5125,
      1.3075,
      0.5675,
      1.365,
      0.625,
      1.4225,
      0.6825
    ],
    "SoftwareVersions": "syngo_MR_D13",
    "SpacingBetweenSlices": 4,
    "StationName": "AWP45031",
    "TotalReadoutTime": 0.0245701,
    "TxRefAmp": 331.427,
    "dataset": "ds001430",
    "modality": "bold",
    "run_id": 4,
    "subject_id": "31",
    "task_id": "phase1"
  },
  "dummy_trs": 1,
  "dvars_nstd": 22.556105351849325,
  "dvars_std": 1.284200626232877,
  "dvars_vstd": 1.0320852198630135,
  "efc": 0.5968088527957882,
  "fber": 1723.99853515625,
  "fd_mean": 0.09378086312296245,
  "fd_num": 10,
  "fd_perc": 6.802721088435374,
  "fwhm_avg": 1.6660444444444444,
  "fwhm_x": 1.6644066666666666,
  "fwhm_y": 1.8029366666666666,
  "fwhm_z": 1.53079,
  "gcor": 0.0255858,
  "gsr_x": 0.00379662262275815,
  "gsr_y": 0.032054755836725235,
  "provenance": {
    "md5sum": "cda88b709a213d6aaba5270babf1f80d",
    "settings": {
      "fd_thres": 0.2,
      "testing": false
    },
    "software": "mriqc",
    "version": "23.0.1",
    "webapi_port": null,
    "webapi_url": "https://mriqc.nimh.nih.gov/api/v1"
  },
  "size_t": 147,
  "size_x": 64,
  "size_y": 64,
  "size_z": 26,
  "snr": 7.856606527393274,
  "spacing_tr": 1.5,
  "spacing_x": 3.0,
  "spacing_y": 3.0,
  "spacing_z": 4.0,
  "summary_bg_k": 20.413955975186763,
  "summary_bg_mad": 11.21533231828425,
  "summary_bg_mean": 40.75913619995117,
  "summary_bg_median": 16.26530647277832,
  "summary_bg_n": 52321.0,
  "summary_bg_p05": 7.034013271331787,
  "summary_bg_p95": 170.0748291015625,
  "summary_bg_stdv": 70.76780700683594,
  "summary_fg_k": 3.148294364058449,
  "summary_fg_mad": 82.50635195646063,
  "summary_fg_mean": 711.1041870117188,
  "summary_fg_median": 704.2040405273438,
  "summary_fg_n": 27080.0,
  "summary_fg_p05": 588.7805877685547,
  "summary_fg_p95": 860.0091552734375,
  "summary_fg_stdv": 89.63043212890625,
  "tsnr": 82.03685882501304
}