{
  "aor": 0.0025642592592592596,
  "aqi": 0.006472752962962963,
  "bids_meta": {
    "AcquisitionMatrixPE": 64,
    "AcquisitionNumber": 1,
    "AcquisitionTime": "19:14:13.080000",
    "BandwidthPerPixelPhaseEncode": 40.064,
    "BaseResolution": 64,
    "BodyPartExamined": "BRAIN",
    "ConsistencyInfo": "N4_VD13A_LATEST_20120616",
    "ConversionSoftware": "dcm2niix",
    "ConversionSoftwareVersion": "v1.0.20180518 GCC4.8.5",
    "DerivedVendorReportedEchoSpacing": 0.000780002,
    "DeviceSerialNumber": "45031",
    "DwellTime": 5.4e-06,
    "EchoTime": 0.028,
    "EchoTrainLength": 32,
    "EffectiveEchoSpacing": 0.000390001,
    "FlipAngle": 64,
    "ImageOrientationPatientDICOM": [
      0.998644,
      0.0480829,
      -0.0199405,
      -0.0511346,
      0.977847,
      -0.20298
    ],
    "ImageType": [
      "ORIGINAL",
      "PRIMARY",
      "M",
      "ND",
      "NORM",
      "MOSAIC"
    ],
    "InPlanePhaseEncodingDirectionDICOM": "COL",
    "InstitutionAddress": "Washington_and_Faculty_Rd._-_Building_25_25_Princeton_NJ_US_085",
    "InstitutionName": "Princeton_University_-_Neuroscience_Institute",
    "InstitutionalDepartmentName": "Department",
    "MRAcquisitionType": "2D",
    "MagneticFieldStrength": 3,
    "Manufacturer": "Siemens",
    "ManufacturersModelName": "Skyra",
    "Modality": "MR",
    "ParallelReductionFactorInPlane": 2,
    "PartialFourier": 1,
    "PatientPosition": "HFS",
    "PercentPhaseFOV": 100,
    "PhaseEncodingDirection": "j-",
    "PhaseEncodingSteps": 64,
    "PhaseResolution": 1,
    "PixelBandwidth": 1445,
    "ProcedureStepDescription": "Turk-BrowneLab_Projects",
    "ProtocolName": "epi_3x3x4_1.5s_216TR",
    "PulseSequenceDetails": "%SiemensSeq%_ep2d_bold",
    "ReceiveCoilActiveElements": "HE1-4",
    "ReceiveCoilName": "HeadNeck_20",
    "ReconMatrixPE": 64,
    "RepetitionTime": 1.5,
    "SAR": 0.0808859,
    "ScanOptions": "FS",
    "ScanningSequence": "EP",
    "SequenceName": "_epfid2d1_64",
    "SequenceVariant": "SK",
    "SeriesDescription": "epi_3x3x4_1.5s_216TR",
    "SeriesNumber": 13,
    "ShimSetting": [
      3365,
      8703,
      9349,
      535,
      -38,
      404,
      280,
      101
    ],
    "SliceThickness": 4,
    "SliceTiming": [
      0.74,
      0,
      0.795,
      0.055,
      0.8525,
      0.1125,
      0.91,
      0.17,
      0.9675,
      0.2275,
      1.0225,
      0.2825,
      1.08,
      0.34,
      1.1375,
      0.3975,
      1.195,
      0.455,
      1.2525,
      0.5125,
      1.3075,
      0.5675,
      1.365,
      0.625,
      1.4225,
      0.6825
    ],
    "SoftwareVersions": "syngo_MR_D13",
    "SpacingBetweenSlices": 4,
    "StationName": "AWP45031",
    "TotalReadoutTime": 0.0245701,
    "TxRefAmp": 353.396,
    "dataset": "ds001430",
    "modality": "bold",
    "run_id": 2,
    "subject_id": "24",
    "task_id": "loc"
  },
  "dummy_trs": 0,
  "dvars_nstd": 22.813589042558156,
  "dvars_std": 1.2098336524186046,
  "dvars_vstd": 1.0139229984651161,
  "efc": 0.6416790335772353,
  "fber": 1293.9451904296875,
  "fd_mean": 0.13953215194903532,
  "fd_num": 28,
  "fd_perc": 12.962962962962964,
  "fwhm_avg": 1.840901388888889,
  "fwhm_x": 1.8383633333333333,
  "fwhm_y": 2.0507133333333334,
  "fwhm_z": 1.6336275,
  "gcor": 0.0323482,
  "gsr_x": -0.006464851088821888,
  "gsr_y": 0.05561748147010803,
  "provenance": {
    "md5sum": "63499c19a89055bcafb1b248ab1a076b",
    "settings": {
      "fd_thres": 0.2,
      "testing": false
    },
    "software": "mriqc",
    "version": "23.0.1",
    "webapi_port": null,
    "webapi_url": "https://mriqc.nimh.nih.gov/api/v1"
  },
  "size_t": 216,
  "size_x": 64,
  "size_y": 64,
  "size_z": 26,
  "snr": 5.902444861280355,
  "spacing_tr": 1.5,
  "spacing_x": 3.0,
  "spacing_y": 3.0,
  "spacing_z": 4.0,
  "summary_bg_k": 16.09521199928884,
  "summary_bg_mad": 13.10661528843692,
  "summary_bg_mean": 49.085750579833984,
  "summary_bg_median": 17.518518447875977,
  "summary_bg_n": 46924.0,
  "summary_bg_p05": 7.315509486198426,
  "summary_bg_p95": 199.710188293457,
  "summary_bg_stdv": 75.00576782226562,
  "summary_fg_k": 2.4035546474049845,
  "summary_fg_mad": 104.43423241859473,
  "summary_fg_mean": 692.1854248046875,
  "summary_fg_median": 679.932861328125,
  "summary_fg_n": 31306.0,
  "summary_fg_p05": 543.1701507568359,
  "summary_fg_p95": 894.0173797607422,
  "summary_fg_stdv": 115.19328308105469,
  "tsnr": 68.11799929267727
}