{
  "aor": 0.001725509259259259,
  "aqi": 0.005482640925925926,
  "bids_meta": {
    "AcquisitionMatrixPE": 64,
    "AcquisitionNumber": 1,
    "AcquisitionTime": "19:07:46.897500",
    "BandwidthPerPixelPhaseEncode": 40.064,
    "BaseResolution": 64,
    "BodyPartExamined": "BRAIN",
    "ConsistencyInfo": "N4_VD13A_LATEST_20120616",
    "ConversionSoftware": "dcm2niix",
    "ConversionSoftwareVersion": "v1.0.20180518 GCC4.8.5",
    "DerivedVendorReportedEchoSpacing": 0.000780002,
    "DeviceSerialNumber": "45031",
    "DwellTime": 5.4e-06,
    "EchoTime": 0.028,
    "EchoTrainLength": 32,
    "EffectiveEchoSpacing": 0.000390001,
    "FlipAngle": 64,
    "ImageOrientationPatientDICOM": [
      0.998644,
      0.0480829,
      -0.0199405,
      -0.0511346,
      0.977847,
      -0.20298
    ],
    "ImageType": [
      "ORIGINAL",
      "PRIMARY",
      "M",
      "ND",
      "NORM",
      "MOSAIC"
    ],
    "InPlanePhaseEncodingDirectionDICOM": "COL",
    "InstitutionAddress": "Washington_and_Faculty_Rd._-_Building_25_25_Princeton_NJ_US_085",
    "InstitutionName": "Princeton_University_-_Neuroscience_Institute",
    "InstitutionalDepartmentName": "Department",
    "MRAcquisitionType": "2D",
    "MagneticFieldStrength": 3,
    "Manufacturer": "Siemens",
    "ManufacturersModelName": "Skyra",
    "Modality": "MR",
    "ParallelReductionFactorInPlane": 2,
    "PartialFourier": 1,
    "PatientPosition": "HFS",
    "PercentPhaseFOV": 100,
    "PhaseEncodingDirection": "j-",
    "PhaseEncodingSteps": 64,
    "PhaseResolution": 1,
    "PixelBandwidth": 1445,
    "ProcedureStepDescription": "Turk-BrowneLab_Projects",
    "ProtocolName": "epi_3x3x4_1.5s_216TR",
    "PulseSequenceDetails": "%SiemensSeq%_ep2d_bold",
    "ReceiveCoilActiveElements": "HE1-4",
    "ReceiveCoilName": "HeadNeck_20",
    "ReconMatrixPE": 64,
    "RepetitionTime": 1.5,
    "SAR": 0.0808859,
    "ScanOptions": "FS",
    "ScanningSequence": "EP",
    "SequenceName": "_epfid2d1_64",
    "SequenceVariant": "SK",
    "SeriesDescription": "epi_3x3x4_1.5s_216TR",
    "SeriesNumber": 12,
    "ShimSetting": [
      3365,
      8703,
      9349,
      535,
      -38,
      404,
      280,
      101
    ],
    "SliceThickness": 4,
    "SliceTiming": [
      0.74,
      0,
      0.7975,
      0.0575,
      0.855,
      0.115,
      0.9125,
      0.1725,
      0.9675,
      0.2275,
      1.025,
      0.285,
      1.0825,
      0.3425,
      1.14,
      0.4,
      1.1975,
      0.4575,
      1.2525,
      0.5125,
      1.31,
      0.57,
      1.3675,
      0.6275,
      1.425,
      0.685
    ],
    "SoftwareVersions": "syngo_MR_D13",
    "SpacingBetweenSlices": 4,
    "StationName": "AWP45031",
    "TotalReadoutTime": 0.0245701,
    "TxRefAmp": 353.396,
    "dataset": "ds001430",
    "modality": "bold",
    "run_id": 1,
    "subject_id": "24",
    "task_id": "loc"
  },
  "dummy_trs": 0,
  "dvars_nstd": 22.23607120958139,
  "dvars_std": 1.2219070626511623,
  "dvars_vstd": 1.0190462242325584,
  "efc": 0.6416902788316423,
  "fber": 1293.03759765625,
  "fd_mean": 0.11777775570333181,
  "fd_num": 21,
  "fd_perc": 9.722222222222221,
  "fwhm_avg": 1.8472841666666666,
  "fwhm_x": 1.8376000000000001,
  "fwhm_y": 2.06455,
  "fwhm_z": 1.6397025,
  "gcor": 0.0242292,
  "gsr_x": -0.006304696202278137,
  "gsr_y": 0.05641007423400879,
  "provenance": {
    "md5sum": "6b831b05cfb7a270f2545cbdfd79bed2",
    "settings": {
      "fd_thres": 0.2,
      "testing": false
    },
    "software": "mriqc",
    "version": "23.0.1",
    "webapi_port": null,
    "webapi_url": "https://mriqc.nimh.nih.gov/api/v1"
  },
  "size_t": 216,
  "size_x": 64,
  "size_y": 64,
  "size_z": 26,
  "snr": 5.913599431594701,
  "spacing_tr": 1.5,
  "spacing_x": 3.0,
  "spacing_y": 3.0,
  "spacing_z": 4.0,
  "summary_bg_k": 16.427152927514975,
  "summary_bg_mad": 12.849219698355103,
  "summary_bg_mean": 48.89777374267578,
  "summary_bg_median": 17.421297073364258,
  "summary_bg_n": 46840.0,
  "summary_bg_p05": 7.490740776062012,
  "summary_bg_p95": 200.7761627197259,
  "summary_bg_stdv": 74.99223327636719,
  "summary_fg_k": 2.3522503464247952,
  "summary_fg_mad": 104.44789653816225,
  "summary_fg_mean": 692.8549194335938,
  "summary_fg_median": 680.745361328125,
  "summary_fg_n": 31371.0,
  "summary_fg_p05": 544.7314758300781,
  "summary_fg_p95": 895.379638671875,
  "summary_fg_stdv": 115.11339569091797,
  "tsnr": 73.78012222796679
}