{
  "aor": 0.0014971621621621622,
  "aqi": 0.003970315270270271,
  "bids_meta": {
    "AcquisitionMatrixPE": 64,
    "AcquisitionNumber": 1,
    "AcquisitionTime": "18:11:54.225000",
    "BandwidthPerPixelPhaseEncode": 40.064,
    "BaseResolution": 64,
    "BodyPartExamined": "BRAIN",
    "ConsistencyInfo": "N4_VD13A_LATEST_20120616",
    "ConversionSoftware": "dcm2niix",
    "ConversionSoftwareVersion": "v1.0.20180518 GCC4.8.5",
    "DerivedVendorReportedEchoSpacing": 0.000780002,
    "DeviceSerialNumber": "45031",
    "DwellTime": 5.4e-06,
    "EchoTime": 0.028,
    "EchoTrainLength": 32,
    "EffectiveEchoSpacing": 0.000390001,
    "FlipAngle": 64,
    "ImageOrientationPatientDICOM": [
      0.998644,
      0.0480829,
      -0.0199405,
      -0.0511346,
      0.977847,
      -0.20298
    ],
    "ImageType": [
      "ORIGINAL",
      "PRIMARY",
      "M",
      "ND",
      "NORM",
      "MOSAIC"
    ],
    "InPlanePhaseEncodingDirectionDICOM": "COL",
    "InstitutionAddress": "Washington_and_Faculty_Rd._-_Building_25_25_Princeton_NJ_US_085",
    "InstitutionName": "Princeton_University_-_Neuroscience_Institute",
    "InstitutionalDepartmentName": "Department",
    "MRAcquisitionType": "2D",
    "MagneticFieldStrength": 3,
    "Manufacturer": "Siemens",
    "ManufacturersModelName": "Skyra",
    "Modality": "MR",
    "ParallelReductionFactorInPlane": 2,
    "PartialFourier": 1,
    "PatientPosition": "HFS",
    "PercentPhaseFOV": 100,
    "PhaseEncodingDirection": "j-",
    "PhaseEncodingSteps": 64,
    "PhaseResolution": 1,
    "PixelBandwidth": 1445,
    "ProcedureStepDescription": "Turk-BrowneLab_Projects",
    "ProtocolName": "epi_3x3x4_1.5s_148TR",
    "PulseSequenceDetails": "%SiemensSeq%_ep2d_bold",
    "ReceiveCoilActiveElements": "HE1-4",
    "ReceiveCoilName": "HeadNeck_20",
    "ReconMatrixPE": 64,
    "RepetitionTime": 1.5,
    "SAR": 0.0808848,
    "ScanOptions": "FS",
    "ScanningSequence": "EP",
    "SequenceName": "_epfid2d1_64",
    "SequenceVariant": "SK",
    "SeriesDescription": "epi_3x3x4_1.5s_148TR",
    "SeriesNumber": 5,
    "ShimSetting": [
      3365,
      8703,
      9349,
      535,
      -38,
      404,
      280,
      101
    ],
    "SliceThickness": 4,
    "SliceTiming": [
      0.74,
      0,
      0.7975,
      0.0575,
      0.8525,
      0.1125,
      0.91,
      0.17,
      0.9675,
      0.2275,
      1.025,
      0.285,
      1.0825,
      0.3425,
      1.1375,
      0.3975,
      1.195,
      0.455,
      1.2525,
      0.5125,
      1.31,
      0.57,
      1.365,
      0.625,
      1.4225,
      0.6825
    ],
    "SoftwareVersions": "syngo_MR_D13",
    "SpacingBetweenSlices": 4,
    "StationName": "AWP45031",
    "TotalReadoutTime": 0.0245701,
    "TxRefAmp": 353.396,
    "dataset": "ds001430",
    "modality": "bold",
    "run_id": 1,
    "subject_id": "24",
    "task_id": "phase1"
  },
  "dummy_trs": 0,
  "dvars_nstd": 22.097661349183674,
  "dvars_std": 1.2267920940816326,
  "dvars_vstd": 1.0142413267346932,
  "efc": 0.6375824003223409,
  "fber": 1405.978271484375,
  "fd_mean": 0.08599828518004403,
  "fd_num": 1,
  "fd_perc": 0.6756756756756757,
  "fwhm_avg": 1.852991111111111,
  "fwhm_x": 1.8328766666666667,
  "fwhm_y": 2.078316666666667,
  "fwhm_z": 1.64778,
  "gcor": 0.0214266,
  "gsr_x": -0.00933297909796238,
  "gsr_y": 0.05560100078582764,
  "provenance": {
    "md5sum": "17adaeeeb70311fefd602557c93c4112",
    "settings": {
      "fd_thres": 0.2,
      "testing": false
    },
    "software": "mriqc",
    "version": "23.0.1",
    "webapi_port": null,
    "webapi_url": "https://mriqc.nimh.nih.gov/api/v1"
  },
  "size_t": 148,
  "size_x": 64,
  "size_y": 64,
  "size_z": 26,
  "snr": 5.930065030955228,
  "spacing_tr": 1.5,
  "spacing_x": 3.0,
  "spacing_y": 3.0,
  "spacing_z": 4.0,
  "summary_bg_k": 21.397299291580072,
  "summary_bg_mad": 11.670484367305686,
  "summary_bg_mean": 45.017276763916016,
  "summary_bg_median": 16.554054260253906,
  "summary_bg_n": 46882.0,
  "summary_bg_p05": 7.364864826202393,
  "summary_bg_p95": 182.70776824951162,
  "summary_bg_stdv": 71.06776428222656,
  "summary_fg_k": 2.398411884467092,
  "summary_fg_mad": 101.14751396288538,
  "summary_fg_mean": 686.3063354492188,
  "summary_fg_median": 674.79052734375,
  "summary_fg_n": 31314.0,
  "summary_fg_p05": 539.8621795654296,
  "summary_fg_p95": 889.7415710449218,
  "summary_fg_stdv": 113.78960418701172,
  "tsnr": 85.66705838218331
}